{
  "aor": 0.002979423076923077,
  "aqi": 0.004341503846153846,
  "bids_meta": {
    "BodyPartExamined": "HEAD",
    "CogAtlasID": "http://www.cognitiveatlas.org/term/id/trm_550b53d7dd674",
    "ConversionSoftware": "dcm2niix",
    "ConversionSoftwareVersion": "v1.0.20170411 GCC4.4.7",
    "EchoTime": 0.027,
    "EffectiveEchoSpacing": 0.000590001,
    "FlipAngle": 90,
    "ImageType": [
      "ORIGINAL",
      "PRIMARY",
      "M",
      "ND",
      "NORM",
      "MOSAIC"
    ],
    "Instructions": "In this next scan you'll be prompted to move your hands, feet, or tongue. You'll only move one of these at once. Instructions are presented on the screen. Let?s review them now. [Read on-screen instructions to participant.] Do you have any questions?",
    "MagneticFieldStrength": 3,
    "Manufacturer": "Siemens",
    "ManufacturersModelName": "TrioTim",
    "PhaseEncodingDirection": "j-",
    "ProcedureStepDescription": "head_Dosenbach_MSC",
    "ProtocolName": "Motor_104Frames_36Slices_TR2.2",
    "RepetitionTime": 2.2,
    "ScanningSequence": "EP",
    "SequenceName": "_epfid2d1_64",
    "SequenceVariant": "SK",
    "SeriesDescription": "Motor_104Frames_36Slices_TR2.2",
    "SliceTiming": [
      1.105,
      0,
      1.1675,
      0.0625,
      1.2275,
      0.1225,
      1.29,
      0.185,
      1.35,
      0.245,
      1.4125,
      0.3075,
      1.4725,
      0.37,
      1.535,
      0.43,
      1.595,
      0.4925,
      1.6575,
      0.5525,
      1.7175,
      0.615,
      1.78,
      0.675,
      1.84,
      0.7375,
      1.9025,
      0.7975,
      1.965,
      0.86,
      2.025,
      0.92,
      2.0875,
      0.9825,
      2.1475,
      1.0425
    ],
    "SoftwareVersion": "syngo MR B17",
    "TaskName": "motor",
    "modality": "bold",
    "run_id": "01",
    "session_id": "func02",
    "subject_id": "MSC03",
    "task_id": "motor"
  },
  "dummy_trs": 0,
  "dvars_nstd": 16.402280057572813,
  "dvars_std": 1.1463360776699025,
  "dvars_vstd": 0.9921743949514562,
  "efc": 0.36504999935557153,
  "fber": 44999.95703125,
  "fd_mean": 0.20725813590961276,
  "fd_num": 41,
  "fd_perc": 39.42307692307692,
  "fwhm_avg": 2.5440825931385267,
  "fwhm_x": 2.321365,
  "fwhm_y": 2.966975,
  "fwhm_z": 2.343907779415581,
  "gcor": 0.00951028,
  "gsr_x": -0.01490227784961462,
  "gsr_y": 0.01568327657878399,
  "provenance": {
    "md5sum": "ab1d97c243ec911c6ea2e4a0be9b9bf3",
    "settings": {
      "fd_thres": 0.2,
      "hmc_fsl": false
    },
    "software": "mriqc",
    "version": "0.9.6"
  },
  "size_t": 104,
  "size_x": 64,
  "size_y": 64,
  "size_z": 36,
  "snr": 4.85234858665732,
  "spacing_tr": 2.200000047683716,
  "spacing_x": 4.0,
  "spacing_y": 4.0,
  "spacing_z": 3.999999523162842,
  "summary_bg_k": 42.335986169227645,
  "summary_bg_mad": 1.724950909614563,
  "summary_bg_mean": 10.56222915649414,
  "summary_bg_median": 2.79807710647583,
  "summary_bg_n": 102701.0,
  "summary_bg_p05": 1.201923131942749,
  "summary_bg_p95": 50.615386962890625,
  "summary_bg_stdv": 24.516145706176758,
  "summary_fg_k": 3.843609432585054,
  "summary_fg_mad": 84.47267150878906,
  "summary_fg_mean": 596.623046875,
  "summary_fg_median": 615.706787109375,
  "summary_fg_n": 17492.0,
  "summary_fg_p05": 339.2173324584961,
  "summary_fg_p95": 752.2201995849609,
  "summary_fg_stdv": 126.88478088378906,
  "tsnr": 79.54853057861328
}