{
  "aor": 0.0017788019559902201,
  "aqi": 0.029156069315403422,
  "bids_meta": {
    "BodyPartExamined": "HEAD",
    "CogAtlasID": "http://www.cognitiveatlas.org/term/id/trm_4c8a834779883",
    "ConversionSoftware": "dcm2niix",
    "ConversionSoftwareVersion": "v1.0.20170411 GCC4.4.7",
    "EchoTime": 0.027,
    "EffectiveEchoSpacing": 0.000590001,
    "FlipAngle": 90,
    "ImageType": [
      "ORIGINAL",
      "PRIMARY",
      "M",
      "ND",
      "NORM",
      "MOSAIC"
    ],
    "Instructions": "During this first scan, a plus sign will be presented on the screen.  All you need to do is simply relax and look at the plus sign. Please keep your eyes open the entire time, and be as still as possible. It's extremely important that you stay awake for the entire duration of this scan. This scan will last ~30 minutes.",
    "MagneticFieldStrength": 3,
    "Manufacturer": "Siemens",
    "ManufacturersModelName": "TrioTim",
    "PhaseEncodingDirection": "j-",
    "ProcedureStepDescription": "head_Dosenbach_MSC",
    "ProtocolName": "RSFC_818Frames_36Slices_TR2.2",
    "RepetitionTime": 2.2,
    "ScanningSequence": "EP",
    "SequenceName": "_epfid2d1_64",
    "SequenceVariant": "SK",
    "SeriesDescription": "RSFC_818Frames_36Slices_TR2.2",
    "SliceTiming": [
      1.105,
      0,
      1.165,
      0.06,
      1.2275,
      0.1225,
      1.2875,
      0.185,
      1.35,
      0.245,
      1.41,
      0.3075,
      1.4725,
      0.3675,
      1.5325,
      0.43,
      1.595,
      0.49,
      1.655,
      0.5525,
      1.7175,
      0.6125,
      1.78,
      0.675,
      1.84,
      0.735,
      1.9025,
      0.7975,
      1.9625,
      0.8575,
      2.025,
      0.92,
      2.085,
      0.9825,
      2.1475,
      1.0425
    ],
    "SoftwareVersion": "syngo MR B17",
    "TaskName": "rest",
    "modality": "bold",
    "session_id": "func08",
    "subject_id": "MSC08",
    "task_id": "rest"
  },
  "dummy_trs": 0,
  "dvars_nstd": 24.03142375298659,
  "dvars_std": 1.1642654308445537,
  "dvars_vstd": 0.8977779500489584,
  "efc": 0.3936818201745099,
  "fber": 29122.365234375,
  "fd_mean": 0.18463751603336256,
  "fd_num": 291,
  "fd_perc": 35.57457212713936,
  "fwhm_avg": 2.6174595196043544,
  "fwhm_x": 2.44216,
  "fwhm_y": 2.9394751752063737,
  "fwhm_z": 2.4707433836066905,
  "gcor": 0.00767178,
  "gsr_x": -0.018632886931300163,
  "gsr_y": 0.009441525675356388,
  "provenance": {
    "md5sum": "1967eacf6684e0733eec30ea03edd069",
    "settings": {
      "fd_thres": 0.2,
      "hmc_fsl": false
    },
    "software": "mriqc",
    "version": "0.9.6"
  },
  "size_t": 818,
  "size_x": 64,
  "size_y": 64,
  "size_z": 36,
  "snr": 4.910667534771081,
  "spacing_tr": 2.200000047683716,
  "spacing_x": 4.0,
  "spacing_y": 3.999999761581421,
  "spacing_z": 3.9999985694885254,
  "summary_bg_k": 58.920737397367255,
  "summary_bg_mad": 2.6570844650268555,
  "summary_bg_mean": 12.75956916809082,
  "summary_bg_median": 3.123471975326538,
  "summary_bg_n": 99670.0,
  "summary_bg_p05": 0.976772665977478,
  "summary_bg_p95": 61.14517459869377,
  "summary_bg_stdv": 30.961233139038086,
  "summary_fg_k": 4.590794815085692,
  "summary_fg_mad": 68.06016540527344,
  "summary_fg_mean": 526.482421875,
  "summary_fg_median": 545.7750854492188,
  "summary_fg_n": 19560.0,
  "summary_fg_p05": 292.69537048339845,
  "summary_fg_p95": 655.762939453125,
  "summary_fg_stdv": 111.13787078857422,
  "tsnr": 32.88401412963867
}