{
  "aor": 0.0037469230769230774,
  "aqi": 0.006158255865384616,
  "bids_meta": {
    "BodyPartExamined": "HEAD",
    "CogAtlasID": "http://www.cognitiveatlas.org/term/id/trm_550b53d7dd674",
    "ConversionSoftware": "dcm2niix",
    "ConversionSoftwareVersion": "v1.0.20170411 GCC4.4.7",
    "EchoTime": 0.027,
    "EffectiveEchoSpacing": 0.000590001,
    "FlipAngle": 90,
    "ImageType": [
      "ORIGINAL",
      "PRIMARY",
      "M",
      "ND",
      "NORM",
      "MOSAIC"
    ],
    "Instructions": "In this next scan you'll be prompted to move your hands, feet, or tongue. You'll only move one of these at once. Instructions are presented on the screen. Let?s review them now. [Read on-screen instructions to participant.] Do you have any questions?",
    "MagneticFieldStrength": 3,
    "Manufacturer": "Siemens",
    "ManufacturersModelName": "TrioTim",
    "PhaseEncodingDirection": "j-",
    "ProcedureStepDescription": "head_Dosenbach_MSC",
    "ProtocolName": "Motor_104Frames_36Slices_TR2.2",
    "RepetitionTime": 2.2,
    "ScanningSequence": "EP",
    "SequenceName": "_epfid2d1_64",
    "SequenceVariant": "SK",
    "SeriesDescription": "Motor_104Frames_36Slices_TR2.2",
    "SliceTiming": [
      1.105,
      0,
      1.1675,
      0.0625,
      1.2275,
      0.1225,
      1.29,
      0.185,
      1.35,
      0.245,
      1.4125,
      0.3075,
      1.4725,
      0.37,
      1.535,
      0.43,
      1.595,
      0.4925,
      1.6575,
      0.5525,
      1.7175,
      0.615,
      1.78,
      0.675,
      1.84,
      0.7375,
      1.9025,
      0.7975,
      1.965,
      0.86,
      2.025,
      0.92,
      2.0875,
      0.9825,
      2.1475,
      1.0425
    ],
    "SoftwareVersion": "syngo MR B17",
    "TaskName": "motor",
    "modality": "bold",
    "run_id": "01",
    "session_id": "func05",
    "subject_id": "MSC10",
    "task_id": "motor"
  },
  "dummy_trs": 0,
  "dvars_nstd": 29.544418057184462,
  "dvars_std": 1.4670284153398059,
  "dvars_vstd": 1.0270883762135925,
  "efc": 0.42501192735265697,
  "fber": 29726.048828125,
  "fd_mean": 0.1867741189257085,
  "fd_num": 35,
  "fd_perc": 33.65384615384615,
  "fwhm_avg": 2.433856666666667,
  "fwhm_x": 2.2374575,
  "fwhm_y": 2.80795,
  "fwhm_z": 2.2561625,
  "gcor": 0.0276585,
  "gsr_x": -0.017323091626167297,
  "gsr_y": 0.017640437930822372,
  "provenance": {
    "md5sum": "93e89039629e2555c3e3482f4c40455e",
    "settings": {
      "fd_thres": 0.2,
      "hmc_fsl": false
    },
    "software": "mriqc",
    "version": "0.9.6"
  },
  "size_t": 104,
  "size_x": 64,
  "size_y": 64,
  "size_z": 36,
  "snr": 4.680687142801561,
  "spacing_tr": 2.200000047683716,
  "spacing_x": 4.0,
  "spacing_y": 4.0,
  "spacing_z": 4.0,
  "summary_bg_k": 38.65073954569591,
  "summary_bg_mad": 2.4805078506469727,
  "summary_bg_mean": 17.177526473999023,
  "summary_bg_median": 3.807692527770996,
  "summary_bg_n": 95279.0,
  "summary_bg_p05": 1.6826924085617065,
  "summary_bg_p95": 93.01923370361328,
  "summary_bg_stdv": 41.65382766723633,
  "summary_fg_k": 3.885297816013857,
  "summary_fg_mad": 99.54817962646484,
  "summary_fg_mean": 668.345703125,
  "summary_fg_median": 683.1827392578125,
  "summary_fg_n": 22823.0,
  "summary_fg_p05": 390.4961608886719,
  "summary_fg_p95": 854.8731323242188,
  "summary_fg_stdv": 145.95458984375,
  "tsnr": 71.81240844726562
}