{
  "bids_meta": {
    "BodyPartExamined": "HEAD",
    "ConversionSoftware": "dcm2niix",
    "ConversionSoftwareVersion": "v1.0.20170411 GCC4.4.7",
    "EchoTime": 0.00374,
    "FlipAngle": 8,
    "ImageType": [
      "ORIGINAL",
      "PRIMARY",
      "M",
      "ND",
      "NORM"
    ],
    "InversionTime": 1,
    "MagneticFieldStrength": 3,
    "Manufacturer": "Siemens",
    "ManufacturersModelName": "TrioTim",
    "PhaseEncodingDirection": "i-",
    "ProcedureStepDescription": "head_Dosenbach_MSC",
    "ProtocolName": "T1_.8x.8x.8_224Slices",
    "RepetitionTime": 2.4,
    "ScanningSequence": "GR_IR",
    "SequenceName": "_tfl3d1_ns",
    "SequenceVariant": "SP_MP_OSP",
    "SeriesDescription": "T1_.8x.8x.8_224Slices",
    "modality": "T1w",
    "run_id": "01",
    "session_id": "struct02",
    "subject_id": "MSC10"
  },
  "cjv": 0.7437218477596078,
  "cnr": 1.809857342538908,
  "efc": 0.6701703125168944,
  "fber": 324.5045471191406,
  "fwhm_avg": 3.4429101849707613,
  "fwhm_x": 3.540434750034235,
  "fwhm_y": 3.527130536585366,
  "fwhm_z": 3.261165268292683,
  "icvs_csf": 0.19240550058033434,
  "icvs_gm": 0.4035640823315337,
  "icvs_wm": 0.404030417088132,
  "inu_med": 1.0339622497558594,
  "inu_range": 0.5532021641731262,
  "provenance": {
    "md5sum": "ba96be956bb5167c8a7403f4c84897f8",
    "mriqc_pred": 0,
    "settings": {
      "testing": false
    },
    "software": "mriqc",
    "version": "0.9.6",
    "warnings": {
      "large_rot_frame": true,
      "small_air_mask": false
    }
  },
  "qi_1": 0.0,
  "qi_2": 0.00235102755356498,
  "rpve_csf": 17.381321299543945,
  "rpve_gm": 8.494492799231477,
  "rpve_wm": 10.023884197495386,
  "size_x": 224,
  "size_y": 256,
  "size_z": 256,
  "snr_csf": 2.8855905711533403,
  "snr_gm": 8.3517272227008,
  "snr_total": 8.169037320290089,
  "snr_wm": 13.269794167016126,
  "snrd_csf": 10.593133717372892,
  "snrd_gm": 21.954735759192488,
  "snrd_total": 20.257350497037233,
  "snrd_wm": 28.224182014546322,
  "spacing_x": 0.8000062704086304,
  "spacing_y": 0.80078125,
  "spacing_z": 0.80078125,
  "summary_bg_k": 2.7734352083532796,
  "summary_bg_mad": 23.213176727294922,
  "summary_bg_mean": 38.61396026611328,
  "summary_bg_median": 33.26008605957031,
  "summary_bg_n": 3415938.0,
  "summary_bg_p05": 4.941673803329468,
  "summary_bg_p95": 89.47311248779295,
  "summary_bg_stdv": 26.646007537841797,
  "summary_csf_k": 0.7097171635109798,
  "summary_csf_mad": 119.8735580444336,
  "summary_csf_mean": 392.3496398925781,
  "summary_csf_median": 375.3421325683594,
  "summary_csf_n": 51289.0,
  "summary_csf_p05": 208.80238342285156,
  "summary_csf_p95": 634.3991821289061,
  "summary_csf_stdv": 130.0733642578125,
  "summary_gm_k": 0.12820106892476346,
  "summary_gm_mad": 92.31013488769531,
  "summary_gm_mean": 782.7976684570312,
  "summary_gm_median": 777.9130859375,
  "summary_gm_n": 40882.0,
  "summary_gm_p05": 637.166635131836,
  "summary_gm_p95": 942.3996826171874,
  "summary_gm_stdv": 93.14283752441406,
  "summary_wm_k": 0.4340790908205818,
  "summary_wm_mad": 72.9022445678711,
  "summary_wm_mean": 1003.3031616210938,
  "summary_wm_median": 1000.0557861328125,
  "summary_wm_n": 520236.0,
  "summary_wm_p05": 885.3233489990234,
  "summary_wm_p95": 1131.9444274902344,
  "summary_wm_stdv": 75.36325073242188,
  "tpm_overlap_csf": 0.22705917060375214,
  "tpm_overlap_gm": 0.4737212359905243,
  "tpm_overlap_wm": 0.5426388382911682,
  "wm2max": 0.5803624320396802
}