{
  "aor": 0.0034759615384615384,
  "aqi": 0.003434347692307692,
  "bids_meta": {
    "BodyPartExamined": "HEAD",
    "CogAtlasID": "http://www.cognitiveatlas.org/term/id/trm_550b53d7dd674",
    "ConversionSoftware": "dcm2niix",
    "ConversionSoftwareVersion": "v1.0.20170411 GCC4.4.7",
    "EchoTime": 0.027,
    "EffectiveEchoSpacing": 0.000590001,
    "FlipAngle": 90,
    "ImageType": [
      "ORIGINAL",
      "PRIMARY",
      "M",
      "ND",
      "NORM",
      "MOSAIC"
    ],
    "Instructions": "In this next scan you'll be prompted to move your hands, feet, or tongue. You'll only move one of these at once. Instructions are presented on the screen. Let?s review them now. [Read on-screen instructions to participant.] Do you have any questions?",
    "MagneticFieldStrength": 3,
    "Manufacturer": "Siemens",
    "ManufacturersModelName": "TrioTim",
    "PhaseEncodingDirection": "j-",
    "ProcedureStepDescription": "head_Dosenbach_MSC",
    "ProtocolName": "Motor_104Frames_36Slices_TR2.2",
    "RepetitionTime": 2.2,
    "ScanningSequence": "EP",
    "SequenceName": "_epfid2d1_64",
    "SequenceVariant": "SK",
    "SeriesDescription": "Motor_104Frames_36Slices_TR2.2",
    "SliceTiming": [
      1.105,
      0,
      1.1675,
      0.0625,
      1.2275,
      0.1225,
      1.29,
      0.185,
      1.35,
      0.245,
      1.4125,
      0.3075,
      1.4725,
      0.37,
      1.535,
      0.43,
      1.595,
      0.4925,
      1.6575,
      0.5525,
      1.7175,
      0.615,
      1.78,
      0.675,
      1.84,
      0.7375,
      1.9025,
      0.7975,
      1.965,
      0.86,
      2.025,
      0.92,
      2.0875,
      0.9825,
      2.1475,
      1.0425
    ],
    "SoftwareVersion": "syngo MR B17",
    "TaskName": "motor",
    "modality": "bold",
    "run_id": "01",
    "session_id": "func07",
    "subject_id": "MSC04",
    "task_id": "motor"
  },
  "dummy_trs": 0,
  "dvars_nstd": 18.154294763980584,
  "dvars_std": 1.2715787225242718,
  "dvars_vstd": 1.000477763592233,
  "efc": 0.37062123322192,
  "fber": 46511.89453125,
  "fd_mean": 0.10360959874931716,
  "fd_num": 8,
  "fd_perc": 7.6923076923076925,
  "fwhm_avg": 2.609541570290736,
  "fwhm_x": 2.39097,
  "fwhm_y": 3.012275,
  "fwhm_z": 2.4253797108722077,
  "gcor": 0.0272511,
  "gsr_x": -0.017978420481085777,
  "gsr_y": 0.011650847271084785,
  "provenance": {
    "md5sum": "e0215dec2cdb0f675f668a814c327317",
    "settings": {
      "fd_thres": 0.2,
      "hmc_fsl": false
    },
    "software": "mriqc",
    "version": "0.9.6"
  },
  "size_t": 104,
  "size_x": 64,
  "size_y": 64,
  "size_z": 36,
  "snr": 4.45809091361208,
  "spacing_tr": 2.200000047683716,
  "spacing_x": 4.0,
  "spacing_y": 4.0,
  "spacing_z": 4.000000476837158,
  "summary_bg_k": 61.21754209450761,
  "summary_bg_mad": 1.8675086498260498,
  "summary_bg_mean": 13.137782096862793,
  "summary_bg_median": 3.230769395828247,
  "summary_bg_n": 101256.0,
  "summary_bg_p05": 1.567307710647583,
  "summary_bg_p95": 56.528846740722656,
  "summary_bg_stdv": 36.945068359375,
  "summary_fg_k": 2.9895977567220298,
  "summary_fg_mad": 106.7402114868164,
  "summary_fg_mean": 696.36865234375,
  "summary_fg_median": 731.5769653320312,
  "summary_fg_n": 18414.0,
  "summary_fg_p05": 340.3990417480469,
  "summary_fg_p95": 889.6000274658203,
  "summary_fg_stdv": 164.09649658203125,
  "tsnr": 89.69822692871094
}