{
  "bids_meta": {
    "BodyPartExamined": "HEAD",
    "ConversionSoftware": "dcm2niix",
    "ConversionSoftwareVersion": "v1.0.20170411 GCC4.4.7",
    "EchoTime": 0.479,
    "FlipAngle": 120,
    "ImageType": [
      "ORIGINAL",
      "PRIMARY",
      "M",
      "ND",
      "NORM"
    ],
    "MagneticFieldStrength": 3,
    "Manufacturer": "Siemens",
    "ManufacturersModelName": "TrioTim",
    "PhaseEncodingDirection": "i-",
    "ProcedureStepDescription": "head_Dosenbach_MSC",
    "ProtocolName": "T2_.8x.8x.8_224Slices",
    "RepetitionTime": 3.2,
    "ScanningSequence": "SE",
    "SequenceName": "_spc3d1_282ns",
    "SequenceVariant": "SK_SP",
    "SeriesDescription": "T2_.8x.8x.8_224Slices",
    "modality": "T2w",
    "run_id": "02",
    "session_id": "struct02",
    "subject_id": "MSC04"
  },
  "cjv": 0.3828450888791697,
  "cnr": 2.6852321812181597,
  "efc": 0.5447361987690974,
  "fber": 1774.7093505859375,
  "fwhm_avg": 2.1210580671386556,
  "fwhm_x": 1.9879718599525518,
  "fwhm_y": 2.3478197073170732,
  "fwhm_z": 2.0273826341463415,
  "icvs_csf": 0.40703118856678094,
  "icvs_gm": 0.11025850312737691,
  "icvs_wm": 0.4827103083058421,
  "inu_med": 1.1441367864608765,
  "inu_range": 0.3585697412490845,
  "provenance": {
    "md5sum": "6896f6d62fedfacf47ceedf9293aff63",
    "settings": {
      "testing": false
    },
    "software": "mriqc",
    "version": "0.9.6",
    "warnings": {
      "large_rot_frame": true,
      "small_air_mask": false
    }
  },
  "qi_1": 0.0,
  "qi_2": 0.05113937244149175,
  "rpve_csf": 10.131186398313831,
  "rpve_gm": 40.7583045146488,
  "rpve_wm": 9.296320007404722,
  "size_x": 224,
  "size_y": 256,
  "size_z": 256,
  "snr_csf": 8.862245719049564,
  "snr_gm": 4.171018040645412,
  "snr_total": 6.912372686358146,
  "snr_wm": 7.7038542993794605,
  "snrd_csf": 46.41278732743829,
  "snrd_gm": 86.5635660162073,
  "snrd_total": 54.267081360027454,
  "snrd_wm": 29.8248907364368,
  "spacing_x": 0.8000012636184692,
  "spacing_y": 0.80078125,
  "spacing_z": 0.80078125,
  "summary_bg_k": 4.643336737797548,
  "summary_bg_mad": 21.96595001220703,
  "summary_bg_mean": 30.152450561523438,
  "summary_bg_median": 24.434280395507812,
  "summary_bg_n": 4255280.0,
  "summary_bg_p05": 0.0,
  "summary_bg_p95": 87.86844902038573,
  "summary_bg_stdv": 29.83027458190918,
  "summary_csf_k": 0.5446835890579944,
  "summary_csf_mad": 166.4065399169922,
  "summary_csf_mean": 1559.485107421875,
  "summary_csf_median": 1556.166015625,
  "summary_csf_n": 84914.0,
  "summary_csf_p05": 1278.22548828125,
  "summary_csf_p95": 1852.909063720703,
  "summary_csf_stdv": 175.59396362304688,
  "summary_gm_k": 1.2111512688575834,
  "summary_gm_mad": 603.0475463867188,
  "summary_gm_mean": 2850.84716796875,
  "summary_gm_median": 2902.374267578125,
  "summary_gm_n": 23760.0,
  "summary_gm_p05": 1510.883953857422,
  "summary_gm_p95": 3835.463330078125,
  "summary_gm_stdv": 695.8284912109375,
  "summary_wm_k": 0.29374894114462835,
  "summary_wm_mad": 125.26962280273438,
  "summary_wm_mean": 1000.497314453125,
  "summary_wm_median": 999.993408203125,
  "summary_wm_n": 338916.0,
  "summary_wm_p05": 787.9924011230469,
  "summary_wm_p95": 1214.6690368652344,
  "summary_wm_stdv": 129.80410766601562,
  "tpm_overlap_csf": 0.11408818513154984,
  "tpm_overlap_gm": 0.11065931618213654,
  "tpm_overlap_wm": 0.49921634793281555,
  "wm2max": 0.2811995045413302
}