{
  "aor": 0.0031080769230769235,
  "aqi": 0.005915158846153846,
  "bids_meta": {
    "BodyPartExamined": "HEAD",
    "CogAtlasID": "http://www.cognitiveatlas.org/term/id/trm_550b53d7dd674",
    "ConversionSoftware": "dcm2niix",
    "ConversionSoftwareVersion": "v1.0.20170411 GCC4.4.7",
    "EchoTime": 0.027,
    "EffectiveEchoSpacing": 0.000590001,
    "FlipAngle": 90,
    "ImageType": [
      "ORIGINAL",
      "PRIMARY",
      "M",
      "ND",
      "NORM",
      "MOSAIC"
    ],
    "Instructions": "In this next scan you'll be prompted to move your hands, feet, or tongue. You'll only move one of these at once. Instructions are presented on the screen. Let?s review them now. [Read on-screen instructions to participant.] Do you have any questions?",
    "MagneticFieldStrength": 3,
    "Manufacturer": "Siemens",
    "ManufacturersModelName": "TrioTim",
    "PhaseEncodingDirection": "j-",
    "ProcedureStepDescription": "head_Dosenbach_MSC",
    "ProtocolName": "Motor_104Frames_36Slices_TR2.2",
    "RepetitionTime": 2.2,
    "ScanningSequence": "EP",
    "SequenceName": "_epfid2d1_64",
    "SequenceVariant": "SK",
    "SeriesDescription": "Motor_104Frames_36Slices_TR2.2",
    "SliceTiming": [
      1.105,
      0,
      1.1675,
      0.0625,
      1.2275,
      0.1225,
      1.29,
      0.185,
      1.35,
      0.245,
      1.4125,
      0.3075,
      1.4725,
      0.37,
      1.535,
      0.43,
      1.595,
      0.4925,
      1.6575,
      0.5525,
      1.7175,
      0.615,
      1.78,
      0.675,
      1.84,
      0.7375,
      1.9025,
      0.7975,
      1.965,
      0.86,
      2.025,
      0.92,
      2.0875,
      0.9825,
      2.1475,
      1.0425
    ],
    "SoftwareVersion": "syngo MR B17",
    "TaskName": "motor",
    "modality": "bold",
    "run_id": "02",
    "session_id": "func07",
    "subject_id": "MSC05",
    "task_id": "motor"
  },
  "dummy_trs": 0,
  "dvars_nstd": 16.89005748038835,
  "dvars_std": 1.157373728349514,
  "dvars_vstd": 0.9928249010679614,
  "efc": 0.422720791915289,
  "fber": 32912.01171875,
  "fd_mean": 0.15402719581329985,
  "fd_num": 20,
  "fd_perc": 19.23076923076923,
  "fwhm_avg": 2.448760833333333,
  "fwhm_x": 2.1797425,
  "fwhm_y": 2.82845,
  "fwhm_z": 2.33809,
  "gcor": 0.0224917,
  "gsr_x": -0.011399920098483562,
  "gsr_y": 0.015259918756783009,
  "provenance": {
    "md5sum": "8c9838e3abc819386bb45b0542176a30",
    "settings": {
      "fd_thres": 0.2,
      "hmc_fsl": false
    },
    "software": "mriqc",
    "version": "0.9.6"
  },
  "size_t": 104,
  "size_x": 64,
  "size_y": 64,
  "size_z": 36,
  "snr": 5.481840407995866,
  "spacing_tr": 2.200000047683716,
  "spacing_x": 4.0,
  "spacing_y": 4.0,
  "spacing_z": 4.0,
  "summary_bg_k": 41.18564389020639,
  "summary_bg_mad": 2.9794602394104004,
  "summary_bg_mean": 18.77490234375,
  "summary_bg_median": 4.144230842590332,
  "summary_bg_n": 95582.0,
  "summary_bg_p05": 1.576923131942749,
  "summary_bg_p95": 93.91298637390133,
  "summary_bg_stdv": 44.98442077636719,
  "summary_fg_k": 4.750090430903665,
  "summary_fg_mad": 99.85462951660156,
  "summary_fg_mean": 765.9550170898438,
  "summary_fg_median": 783.0289306640625,
  "summary_fg_n": 22802.0,
  "summary_fg_p05": 493.47548828125,
  "summary_fg_p95": 942.7062591552735,
  "summary_fg_stdv": 142.83738708496094,
  "tsnr": 76.680908203125
}