{
  "bids_meta": {
    "BodyPartExamined": "HEAD",
    "ConversionSoftware": "dcm2niix",
    "ConversionSoftwareVersion": "v1.0.20170411 GCC4.4.7",
    "EchoTime": 0.479,
    "FlipAngle": 120,
    "ImageType": [
      "ORIGINAL",
      "PRIMARY",
      "M",
      "ND",
      "NORM"
    ],
    "MagneticFieldStrength": 3,
    "Manufacturer": "Siemens",
    "ManufacturersModelName": "TrioTim",
    "PhaseEncodingDirection": "i-",
    "ProcedureStepDescription": "head_Dosenbach_MSC",
    "ProtocolName": "T2_.8x.8x.8_224Slices",
    "RepetitionTime": 3.2,
    "ScanningSequence": "SE",
    "SequenceName": "_spc3d1_282ns",
    "SequenceVariant": "SK_SP",
    "SeriesDescription": "T2_.8x.8x.8_224Slices",
    "modality": "T2w",
    "run_id": "02",
    "session_id": "struct01",
    "subject_id": "MSC08"
  },
  "cjv": 0.39090562171626136,
  "cnr": 2.5659286662265046,
  "efc": 0.6052578401018208,
  "fber": 1159.9468994140625,
  "fwhm_avg": 2.15433020623499,
  "fwhm_x": 1.99278105772936,
  "fwhm_y": 2.3804128780487805,
  "fwhm_z": 2.089796682926829,
  "icvs_csf": 0.37444941853305214,
  "icvs_gm": 0.0910014549256372,
  "icvs_wm": 0.5345491265413107,
  "inu_med": 1.1504380702972412,
  "inu_range": 0.4252066671848296,
  "provenance": {
    "md5sum": "588272d4583671e8076d7ecbf91a62d2",
    "settings": {
      "testing": false
    },
    "software": "mriqc",
    "version": "0.9.6",
    "warnings": {
      "large_rot_frame": true,
      "small_air_mask": false
    }
  },
  "qi_1": 0.011954524549913978,
  "qi_2": 0.006345404386477337,
  "rpve_csf": 10.319607850147843,
  "rpve_gm": 51.004750122668,
  "rpve_wm": 8.015234803763253,
  "size_x": 224,
  "size_y": 256,
  "size_z": 256,
  "snr_csf": 8.18533311089671,
  "snr_gm": 4.049538803964804,
  "snr_total": 6.192694872673894,
  "snr_wm": 6.343212703160171,
  "snrd_csf": 38.026805770843715,
  "snrd_gm": 68.29071765412293,
  "snrd_total": 43.3971480653251,
  "snrd_wm": 23.87392077100864,
  "spacing_x": 0.7999975681304932,
  "spacing_y": 0.80078125,
  "spacing_z": 0.80078125,
  "summary_bg_k": 71.58743222269926,
  "summary_bg_mad": 27.442045211791992,
  "summary_bg_mean": 35.187705993652344,
  "summary_bg_median": 28.339109420776367,
  "summary_bg_n": 3714371.0,
  "summary_bg_p05": 0.0,
  "summary_bg_p95": 103.33401489257812,
  "summary_bg_stdv": 43.96616744995117,
  "summary_csf_k": 0.42511860410856084,
  "summary_csf_mad": 187.1957244873047,
  "summary_csf_mean": 1592.9720458984375,
  "summary_csf_median": 1592.8489990234375,
  "summary_csf_n": 81861.0,
  "summary_csf_p05": 1274.2236328125,
  "summary_csf_p95": 1911.0255126953125,
  "summary_csf_stdv": 194.5967559814453,
  "summary_gm_k": 1.3755346973807727,
  "summary_gm_mad": 571.1884155273438,
  "summary_gm_mean": 2772.439697265625,
  "summary_gm_median": 2860.529541015625,
  "summary_gm_n": 23917.0,
  "summary_gm_p05": 1367.8717529296873,
  "summary_gm_p95": 3763.8455078125003,
  "summary_gm_stdv": 706.3692626953125,
  "summary_wm_k": 0.09599127075450475,
  "summary_wm_mad": 156.0953826904297,
  "summary_wm_mean": 999.6856689453125,
  "summary_wm_median": 1000.0195922851562,
  "summary_wm_n": 382301.0,
  "summary_wm_p05": 741.4927368164062,
  "summary_wm_p95": 1258.9058837890625,
  "summary_wm_stdv": 157.65170288085938,
  "tpm_overlap_csf": 0.11294525861740112,
  "tpm_overlap_gm": 0.08404527604579926,
  "tpm_overlap_wm": 0.4716549217700958,
  "wm2max": 0.28830086741318084
}