{
  "bids_meta": {
    "BodyPartExamined": "HEAD",
    "ConversionSoftware": "dcm2niix",
    "ConversionSoftwareVersion": "v1.0.20170411 GCC4.4.7",
    "EchoTime": 0.00374,
    "FlipAngle": 8,
    "ImageType": [
      "ORIGINAL",
      "PRIMARY",
      "M",
      "ND",
      "NORM"
    ],
    "InversionTime": 1,
    "MagneticFieldStrength": 3,
    "Manufacturer": "Siemens",
    "ManufacturersModelName": "TrioTim",
    "PhaseEncodingDirection": "i-",
    "ProcedureStepDescription": "head_Dosenbach_MSC",
    "ProtocolName": "T1_.8x.8x.8_224Slices",
    "RepetitionTime": 2.4,
    "ScanningSequence": "GR_IR",
    "SequenceName": "_tfl3d1_ns",
    "SequenceVariant": "SP_MP_OSP",
    "SeriesDescription": "T1_.8x.8x.8_224Slices",
    "modality": "T1w",
    "run_id": "01",
    "session_id": "struct01",
    "subject_id": "MSC09"
  },
  "cjv": 0.6472489969166407,
  "cnr": 2.044100357358356,
  "efc": 0.6900976889161246,
  "fber": 337.99652099609375,
  "fwhm_avg": 3.50568873141037,
  "fwhm_x": 3.5694135113042824,
  "fwhm_y": 3.667018926829268,
  "fwhm_z": 3.280633756097561,
  "icvs_csf": 0.17096471234452018,
  "icvs_gm": 0.4217309112867814,
  "icvs_wm": 0.4073043763686984,
  "inu_med": 1.042311668395996,
  "inu_range": 0.5422070741653442,
  "provenance": {
    "md5sum": "b4bff02d2e21527e46cc596ececa3f92",
    "mriqc_pred": 0,
    "settings": {
      "testing": false
    },
    "software": "mriqc",
    "version": "0.9.6",
    "warnings": {
      "large_rot_frame": true,
      "small_air_mask": false
    }
  },
  "qi_1": 0.0,
  "qi_2": 0.005882794715890931,
  "rpve_csf": 16.461912408013664,
  "rpve_gm": 7.313528579532081,
  "rpve_wm": 8.841039660165537,
  "size_x": 224,
  "size_y": 256,
  "size_z": 256,
  "snr_csf": 2.5159511458993595,
  "snr_gm": 8.8871729362214,
  "snr_total": 8.513300554151645,
  "snr_wm": 14.136777580334172,
  "snrd_csf": 9.994925802317393,
  "snrd_gm": 21.604885410051367,
  "snrd_total": 19.933488486196918,
  "snrd_wm": 28.200654246221998,
  "spacing_x": 0.8000025749206543,
  "spacing_y": 0.80078125,
  "spacing_z": 0.80078125,
  "summary_bg_k": 2.724195509442202,
  "summary_bg_mad": 23.23232650756836,
  "summary_bg_mean": 38.29103088378906,
  "summary_bg_median": 33.60409164428711,
  "summary_bg_n": 2687593.0,
  "summary_bg_p05": 4.660449600219726,
  "summary_bg_p95": 86.84080505371091,
  "summary_bg_stdv": 25.636749267578125,
  "summary_csf_k": 0.7605403372446813,
  "summary_csf_mad": 124.11888885498047,
  "summary_csf_mean": 386.2260437011719,
  "summary_csf_median": 354.438232421875,
  "summary_csf_n": 49027.0,
  "summary_csf_p05": 205.94503479003907,
  "summary_csf_p95": 655.4821044921875,
  "summary_csf_stdv": 140.875,
  "summary_gm_k": 0.2749260230631543,
  "summary_gm_mad": 83.8430404663086,
  "summary_gm_mean": 770.2757568359375,
  "summary_gm_median": 766.1484985351562,
  "summary_gm_n": 81165.0,
  "summary_gm_p05": 635.7650756835938,
  "summary_gm_p95": 918.1175170898438,
  "summary_gm_stdv": 86.20781707763672,
  "summary_wm_k": 0.5237155417471286,
  "summary_wm_mad": 67.54717254638672,
  "summary_wm_mean": 1002.0950317382812,
  "summary_wm_median": 1000.0464477539062,
  "summary_wm_n": 623937.0,
  "summary_wm_p05": 890.0904907226562,
  "summary_wm_p95": 1121.2952392578125,
  "summary_wm_stdv": 70.74070739746094,
  "tpm_overlap_csf": 0.23143981397151947,
  "tpm_overlap_gm": 0.4921764135360718,
  "tpm_overlap_wm": 0.5384736657142639,
  "wm2max": 0.5843198201582674
}