{
  "aor": 0.0015944230769230768,
  "aqi": 0.004070521346153846,
  "bids_meta": {
    "BodyPartExamined": "HEAD",
    "CogAtlasID": "http://www.cognitiveatlas.org/term/id/trm_550b53d7dd674",
    "ConversionSoftware": "dcm2niix",
    "ConversionSoftwareVersion": "v1.0.20170411 GCC4.4.7",
    "EchoTime": 0.027,
    "EffectiveEchoSpacing": 0.000590001,
    "FlipAngle": 90,
    "ImageType": [
      "ORIGINAL",
      "PRIMARY",
      "M",
      "ND",
      "NORM",
      "MOSAIC"
    ],
    "Instructions": "In this next scan you'll be prompted to move your hands, feet, or tongue. You'll only move one of these at once. Instructions are presented on the screen. Let?s review them now. [Read on-screen instructions to participant.] Do you have any questions?",
    "MagneticFieldStrength": 3,
    "Manufacturer": "Siemens",
    "ManufacturersModelName": "TrioTim",
    "PhaseEncodingDirection": "j-",
    "ProcedureStepDescription": "head_Dosenbach_MSC",
    "ProtocolName": "Motor_104Frames_36Slices_TR2.2",
    "RepetitionTime": 2.2,
    "ScanningSequence": "EP",
    "SequenceName": "_epfid2d1_64",
    "SequenceVariant": "SK",
    "SeriesDescription": "Motor_104Frames_36Slices_TR2.2",
    "SliceTiming": [
      1.105,
      0,
      1.1675,
      0.0625,
      1.2275,
      0.1225,
      1.29,
      0.185,
      1.35,
      0.245,
      1.4125,
      0.3075,
      1.4725,
      0.37,
      1.535,
      0.43,
      1.595,
      0.4925,
      1.6575,
      0.5525,
      1.7175,
      0.615,
      1.78,
      0.675,
      1.84,
      0.7375,
      1.9025,
      0.7975,
      1.965,
      0.86,
      2.025,
      0.92,
      2.0875,
      0.9825,
      2.1475,
      1.0425
    ],
    "SoftwareVersion": "syngo MR B17",
    "TaskName": "motor",
    "modality": "bold",
    "run_id": "02",
    "session_id": "func10",
    "subject_id": "MSC03",
    "task_id": "motor"
  },
  "dummy_trs": 0,
  "dvars_nstd": 17.15310974504855,
  "dvars_std": 1.10899429,
  "dvars_vstd": 0.9658416294174758,
  "efc": 0.36255415325330903,
  "fber": 45563.23828125,
  "fd_mean": 0.2567287618575399,
  "fd_num": 64,
  "fd_perc": 61.53846153846154,
  "fwhm_avg": 2.550705326631371,
  "fwhm_x": 2.3351201391840064,
  "fwhm_y": 2.9662,
  "fwhm_z": 2.350795840710106,
  "gcor": 0.0126906,
  "gsr_x": -0.015291078947484493,
  "gsr_y": 0.013739037327468395,
  "provenance": {
    "md5sum": "65e362ed5b0512f506ecd4932e06727b",
    "settings": {
      "fd_thres": 0.2,
      "hmc_fsl": false
    },
    "software": "mriqc",
    "version": "0.9.6"
  },
  "size_t": 104,
  "size_x": 64,
  "size_y": 64,
  "size_z": 36,
  "snr": 4.774618923286878,
  "spacing_tr": 2.200000047683716,
  "spacing_x": 3.999999761581421,
  "spacing_y": 4.0,
  "spacing_z": 3.9999985694885254,
  "summary_bg_k": 47.37365837215025,
  "summary_bg_mad": 1.8389971256256104,
  "summary_bg_mean": 10.757113456726074,
  "summary_bg_median": 2.846153974533081,
  "summary_bg_n": 102906.0,
  "summary_bg_p05": 1.0961538553237915,
  "summary_bg_p95": 51.105770111083984,
  "summary_bg_stdv": 25.229507446289062,
  "summary_fg_k": 3.892119415356629,
  "summary_fg_mad": 84.85762023925781,
  "summary_fg_mean": 607.9864501953125,
  "summary_fg_median": 627.9375,
  "summary_fg_n": 17240.0,
  "summary_fg_p05": 335.6341323852539,
  "summary_fg_p95": 766.7798309326172,
  "summary_fg_stdv": 131.5119171142578,
  "tsnr": 82.42636108398438
}