{
  "aor": 0.007869423076923078,
  "aqi": 0.00737446375,
  "bids_meta": {
    "BodyPartExamined": "HEAD",
    "CogAtlasID": "http://www.cognitiveatlas.org/term/id/trm_550b53d7dd674",
    "ConversionSoftware": "dcm2niix",
    "ConversionSoftwareVersion": "v1.0.20170411 GCC4.4.7",
    "EchoTime": 0.027,
    "EffectiveEchoSpacing": 0.000590001,
    "FlipAngle": 90,
    "ImageType": [
      "ORIGINAL",
      "PRIMARY",
      "M",
      "ND",
      "NORM",
      "MOSAIC"
    ],
    "Instructions": "In this next scan you'll be prompted to move your hands, feet, or tongue. You'll only move one of these at once. Instructions are presented on the screen. Let?s review them now. [Read on-screen instructions to participant.] Do you have any questions?",
    "MagneticFieldStrength": 3,
    "Manufacturer": "Siemens",
    "ManufacturersModelName": "TrioTim",
    "PhaseEncodingDirection": "j-",
    "ProcedureStepDescription": "head_Dosenbach_MSC",
    "ProtocolName": "Motor_104Frames_36Slices_TR2.2",
    "RepetitionTime": 2.2,
    "ScanningSequence": "EP",
    "SequenceName": "_epfid2d1_64",
    "SequenceVariant": "SK",
    "SeriesDescription": "Motor_104Frames_36Slices_TR2.2",
    "SliceTiming": [
      1.105,
      0,
      1.1675,
      0.0625,
      1.2275,
      0.1225,
      1.29,
      0.185,
      1.35,
      0.245,
      1.4125,
      0.3075,
      1.4725,
      0.37,
      1.535,
      0.43,
      1.595,
      0.4925,
      1.6575,
      0.5525,
      1.7175,
      0.615,
      1.78,
      0.675,
      1.84,
      0.7375,
      1.9025,
      0.7975,
      1.965,
      0.86,
      2.025,
      0.92,
      2.0875,
      0.9825,
      2.1475,
      1.0425
    ],
    "SoftwareVersion": "syngo MR B17",
    "TaskName": "motor",
    "modality": "bold",
    "run_id": "01",
    "session_id": "func02",
    "subject_id": "MSC07",
    "task_id": "motor"
  },
  "dummy_trs": 0,
  "dvars_nstd": 21.339493057378636,
  "dvars_std": 1.3172660849514566,
  "dvars_vstd": 1.0026965153398057,
  "efc": 0.40367265686376674,
  "fber": 35005.1171875,
  "fd_mean": 0.20122434899119146,
  "fd_num": 42,
  "fd_perc": 40.38461538461539,
  "fwhm_avg": 2.4753156486036825,
  "fwhm_x": 2.282985,
  "fwhm_y": 2.818525,
  "fwhm_z": 2.3244369458110463,
  "gcor": 0.0194956,
  "gsr_x": -0.021935192868113518,
  "gsr_y": 0.014100523665547371,
  "provenance": {
    "md5sum": "8a279ed74e536136322843d6eda42f42",
    "settings": {
      "fd_thres": 0.2,
      "hmc_fsl": false
    },
    "software": "mriqc",
    "version": "0.9.6"
  },
  "size_t": 104,
  "size_x": 64,
  "size_y": 64,
  "size_z": 36,
  "snr": 5.009822599286983,
  "spacing_tr": 2.200000047683716,
  "spacing_x": 4.0,
  "spacing_y": 4.0,
  "spacing_z": 4.000000953674316,
  "summary_bg_k": 41.68107563471183,
  "summary_bg_mad": 2.7656233310699463,
  "summary_bg_mean": 18.90995979309082,
  "summary_bg_median": 3.894230842590332,
  "summary_bg_n": 98269.0,
  "summary_bg_p05": 1.5384615659713745,
  "summary_bg_p95": 96.65000152587882,
  "summary_bg_stdv": 47.45451736450195,
  "summary_fg_k": 4.295040086380334,
  "summary_fg_mad": 106.36956024169922,
  "summary_fg_mean": 743.0798950195312,
  "summary_fg_median": 758.9759521484375,
  "summary_fg_n": 20618.0,
  "summary_fg_p05": 457.43318023681644,
  "summary_fg_p95": 934.0879943847656,
  "summary_fg_stdv": 151.493896484375,
  "tsnr": 65.09022521972656
}