{
  "aor": 0.0019642909535452324,
  "aqi": 0.019427212029339856,
  "bids_meta": {
    "BodyPartExamined": "HEAD",
    "CogAtlasID": "http://www.cognitiveatlas.org/term/id/trm_4c8a834779883",
    "ConversionSoftware": "dcm2niix",
    "ConversionSoftwareVersion": "v1.0.20170411 GCC4.4.7",
    "EchoTime": 0.027,
    "EffectiveEchoSpacing": 0.000590001,
    "FlipAngle": 90,
    "ImageType": [
      "ORIGINAL",
      "PRIMARY",
      "M",
      "ND",
      "NORM",
      "MOSAIC"
    ],
    "Instructions": "During this first scan, a plus sign will be presented on the screen.  All you need to do is simply relax and look at the plus sign. Please keep your eyes open the entire time, and be as still as possible. It's extremely important that you stay awake for the entire duration of this scan. This scan will last ~30 minutes.",
    "MagneticFieldStrength": 3,
    "Manufacturer": "Siemens",
    "ManufacturersModelName": "TrioTim",
    "PhaseEncodingDirection": "j-",
    "ProcedureStepDescription": "head_Dosenbach_MSC",
    "ProtocolName": "RSFC_818Frames_36Slices_TR2.2",
    "RepetitionTime": 2.2,
    "ScanningSequence": "EP",
    "SequenceName": "_epfid2d1_64",
    "SequenceVariant": "SK",
    "SeriesDescription": "RSFC_818Frames_36Slices_TR2.2",
    "SliceTiming": [
      1.105,
      0,
      1.165,
      0.06,
      1.2275,
      0.1225,
      1.2875,
      0.185,
      1.35,
      0.245,
      1.41,
      0.3075,
      1.4725,
      0.3675,
      1.5325,
      0.43,
      1.595,
      0.49,
      1.655,
      0.5525,
      1.7175,
      0.6125,
      1.78,
      0.675,
      1.84,
      0.735,
      1.9025,
      0.7975,
      1.9625,
      0.8575,
      2.025,
      0.92,
      2.085,
      0.9825,
      2.1475,
      1.0425
    ],
    "SoftwareVersion": "syngo MR B17",
    "TaskName": "rest",
    "modality": "bold",
    "session_id": "func08",
    "subject_id": "MSC07",
    "task_id": "rest"
  },
  "dummy_trs": 0,
  "dvars_nstd": 15.417235543623024,
  "dvars_std": 1.0818160604283975,
  "dvars_vstd": 0.8928907216891058,
  "efc": 0.40339179404521697,
  "fber": 31528.458984375,
  "fd_mean": 0.14969494459604077,
  "fd_num": 162,
  "fd_perc": 19.804400977995112,
  "fwhm_avg": 2.5353367713735064,
  "fwhm_x": 2.3359425,
  "fwhm_y": 2.905375173173855,
  "fwhm_z": 2.364692640946665,
  "gcor": 0.0156029,
  "gsr_x": -0.02197296917438507,
  "gsr_y": 0.013733030296862125,
  "provenance": {
    "md5sum": "8336ab89890df30cb2b16fb783da3e09",
    "settings": {
      "fd_thres": 0.2,
      "hmc_fsl": false
    },
    "software": "mriqc",
    "version": "0.9.6"
  },
  "size_t": 818,
  "size_x": 64,
  "size_y": 64,
  "size_z": 36,
  "snr": 5.0435310951296515,
  "spacing_tr": 2.200000047683716,
  "spacing_x": 4.0,
  "spacing_y": 3.999999761581421,
  "spacing_z": 3.999999761581421,
  "summary_bg_k": 38.60356410034082,
  "summary_bg_mad": 3.3313241004943848,
  "summary_bg_mean": 18.805007934570312,
  "summary_bg_median": 4.084352493286133,
  "summary_bg_n": 98467.0,
  "summary_bg_p05": 1.3520783185958862,
  "summary_bg_p95": 92.73215332031245,
  "summary_bg_stdv": 47.53860855102539,
  "summary_fg_k": 4.299955844306336,
  "summary_fg_mad": 101.51119995117188,
  "summary_fg_mean": 730.6394653320312,
  "summary_fg_median": 747.9462280273438,
  "summary_fg_n": 20485.0,
  "summary_fg_p05": 448.07802734374997,
  "summary_fg_p95": 914.8325683593749,
  "summary_fg_stdv": 148.2945098876953,
  "tsnr": 40.15536880493164
}