{
  "bids_meta": {
    "BodyPartExamined": "HEAD",
    "ConversionSoftware": "dcm2niix",
    "ConversionSoftwareVersion": "v1.0.20170411 GCC4.4.7",
    "EchoTime": 0.00374,
    "FlipAngle": 8,
    "ImageType": [
      "ORIGINAL",
      "PRIMARY",
      "M",
      "ND",
      "NORM"
    ],
    "InversionTime": 1,
    "MagneticFieldStrength": 3,
    "Manufacturer": "Siemens",
    "ManufacturersModelName": "TrioTim",
    "PhaseEncodingDirection": "i-",
    "ProcedureStepDescription": "head_Dosenbach_MSC",
    "ProtocolName": "T1_.8x.8x.8_224Slices",
    "RepetitionTime": 2.4,
    "ScanningSequence": "GR_IR",
    "SequenceName": "_tfl3d1_ns",
    "SequenceVariant": "SP_MP_OSP",
    "SeriesDescription": "T1_.8x.8x.8_224Slices",
    "modality": "T1w",
    "run_id": "01",
    "session_id": "struct02",
    "subject_id": "MSC07"
  },
  "cjv": 0.6016094548068993,
  "cnr": 2.1679133949431697,
  "efc": 0.6514826965371956,
  "fber": 416.6953125,
  "fwhm_avg": 3.5357649364586425,
  "fwhm_x": 3.6303082727905625,
  "fwhm_y": 3.657141073170732,
  "fwhm_z": 3.319845463414634,
  "icvs_csf": 0.17384303516187172,
  "icvs_gm": 0.4263821874677342,
  "icvs_wm": 0.3997747773703941,
  "inu_med": 0.9872138500213623,
  "inu_range": 0.49544408917427063,
  "provenance": {
    "md5sum": "685809e75e90dde22a4647764f64033c",
    "mriqc_pred": 0,
    "settings": {
      "testing": false
    },
    "software": "mriqc",
    "version": "0.9.6",
    "warnings": {
      "large_rot_frame": true,
      "small_air_mask": false
    }
  },
  "qi_1": 0.0,
  "qi_2": 0.0038301216546091582,
  "rpve_csf": 20.515170319681715,
  "rpve_gm": 9.105669273309083,
  "rpve_wm": 11.175406162077076,
  "size_x": 224,
  "size_y": 256,
  "size_z": 256,
  "snr_csf": 2.8748846421188277,
  "snr_gm": 8.971719358814578,
  "snr_total": 9.080310237450476,
  "snr_wm": 15.394326711418021,
  "snrd_csf": 12.467988784258948,
  "snrd_gm": 24.46148967917169,
  "snrd_total": 23.001252555338866,
  "snrd_wm": 32.074279202585956,
  "spacing_x": 0.7999954223632812,
  "spacing_y": 0.80078125,
  "spacing_z": 0.80078125,
  "summary_bg_k": 3.005571208965976,
  "summary_bg_mad": 20.42642593383789,
  "summary_bg_mean": 34.06147766113281,
  "summary_bg_median": 29.569133758544922,
  "summary_bg_n": 2707811.0,
  "summary_bg_p05": 4.515849590301514,
  "summary_bg_p95": 78.18844604492188,
  "summary_bg_stdv": 23.257600784301758,
  "summary_csf_k": 0.37605614493738493,
  "summary_csf_mad": 131.22805786132812,
  "summary_csf_mean": 409.61395263671875,
  "summary_csf_median": 388.7380676269531,
  "summary_csf_n": 37070.0,
  "summary_csf_p05": 221.97672576904296,
  "summary_csf_p95": 652.7539245605468,
  "summary_csf_stdv": 135.2168426513672,
  "summary_gm_k": 0.4169012887304353,
  "summary_gm_mad": 80.72544860839844,
  "summary_gm_mean": 768.4846801757812,
  "summary_gm_median": 762.68212890625,
  "summary_gm_n": 49667.0,
  "summary_gm_p05": 638.230126953125,
  "summary_gm_p95": 918.0484313964844,
  "summary_gm_stdv": 85.00872802734375,
  "summary_wm_k": 0.5098651618660477,
  "summary_wm_mad": 62.071571350097656,
  "summary_wm_mean": 1001.2295532226562,
  "summary_wm_median": 1000.0404663085938,
  "summary_wm_n": 472809.0,
  "summary_wm_p05": 896.9471435546875,
  "summary_wm_p95": 1109.1971923828123,
  "summary_wm_stdv": 64.96155548095703,
  "tpm_overlap_csf": 0.22523249685764313,
  "tpm_overlap_gm": 0.49661868810653687,
  "tpm_overlap_wm": 0.5444248914718628,
  "wm2max": 0.6181475287228804
}