{
  "bids_meta": {
    "BodyPartExamined": "HEAD",
    "ConversionSoftware": "dcm2niix",
    "ConversionSoftwareVersion": "v1.0.20170411 GCC4.4.7",
    "EchoTime": 0.00374,
    "FlipAngle": 8,
    "ImageType": [
      "ORIGINAL",
      "PRIMARY",
      "M",
      "ND",
      "NORM"
    ],
    "InversionTime": 1,
    "MagneticFieldStrength": 3,
    "Manufacturer": "Siemens",
    "ManufacturersModelName": "TrioTim",
    "PhaseEncodingDirection": "i-",
    "ProcedureStepDescription": "head_Dosenbach_MSC",
    "ProtocolName": "T1_.8x.8x.8_224Slices",
    "RepetitionTime": 2.4,
    "ScanningSequence": "GR_IR",
    "SequenceName": "_tfl3d1_ns",
    "SequenceVariant": "SP_MP_OSP",
    "SeriesDescription": "T1_.8x.8x.8_224Slices",
    "modality": "T1w",
    "run_id": "02",
    "session_id": "struct02",
    "subject_id": "MSC02"
  },
  "cjv": 0.7999420499074206,
  "cnr": 1.6815510339301663,
  "efc": 0.6933972239853331,
  "fber": 250.7486572265625,
  "fwhm_avg": 3.4547952454766193,
  "fwhm_x": 3.50933012667376,
  "fwhm_y": 3.559923512195122,
  "fwhm_z": 3.2951320975609755,
  "icvs_csf": 0.1991892969358806,
  "icvs_gm": 0.3886925390674212,
  "icvs_wm": 0.4121181639966982,
  "inu_med": 1.147871494293213,
  "inu_range": 0.5974987149238586,
  "provenance": {
    "md5sum": "b3ce3fe8bbcf365960842dfdca715201",
    "mriqc_pred": 1,
    "settings": {
      "testing": false
    },
    "software": "mriqc",
    "version": "0.9.6",
    "warnings": {
      "large_rot_frame": true,
      "small_air_mask": false
    }
  },
  "qi_1": 0.0,
  "qi_2": 0.0030593304316012316,
  "rpve_csf": 15.953823974436878,
  "rpve_gm": 8.064106617460915,
  "rpve_wm": 9.059287816057177,
  "size_x": 224,
  "size_y": 256,
  "size_z": 256,
  "snr_csf": 2.5900506425640226,
  "snr_gm": 7.8497252781093225,
  "snr_total": 7.386439638418943,
  "snr_wm": 11.719542994583483,
  "snrd_csf": 9.595350614764277,
  "snrd_gm": 19.355932153241447,
  "snrd_total": 17.981872281814756,
  "snrd_wm": 24.99433407743855,
  "spacing_x": 0.8000016808509827,
  "spacing_y": 0.80078125,
  "spacing_z": 0.80078125,
  "summary_bg_k": 3.4899338140149627,
  "summary_bg_mad": 26.2132625579834,
  "summary_bg_mean": 44.972137451171875,
  "summary_bg_median": 38.374900817871094,
  "summary_bg_n": 3251172.0,
  "summary_bg_p05": 8.23596558570862,
  "summary_bg_p95": 105.06255035400385,
  "summary_bg_stdv": 31.371856689453125,
  "summary_csf_k": 1.4812788709529645,
  "summary_csf_mad": 145.923095703125,
  "summary_csf_mean": 397.1829528808594,
  "summary_csf_median": 383.9283752441406,
  "summary_csf_n": 80876.0,
  "summary_csf_p05": 181.05667877197266,
  "summary_csf_p95": 653.0655364990234,
  "summary_csf_stdv": 148.2310791015625,
  "summary_gm_k": -0.008071424262742877,
  "summary_gm_mad": 99.1037826538086,
  "summary_gm_mean": 779.60498046875,
  "summary_gm_median": 774.4679565429688,
  "summary_gm_n": 41369.0,
  "summary_gm_p05": 625.2653564453125,
  "summary_gm_p95": 949.1475463867187,
  "summary_gm_stdv": 98.66059875488281,
  "summary_wm_k": 0.8515274357397233,
  "summary_wm_mad": 81.36576080322266,
  "summary_wm_mean": 1005.1690673828125,
  "summary_wm_median": 1000.0712280273438,
  "summary_wm_n": 590388.0,
  "summary_wm_p05": 874.747119140625,
  "summary_wm_p95": 1151.9201538085936,
  "summary_wm_stdv": 85.33356475830078,
  "tpm_overlap_csf": 0.23089700937271118,
  "tpm_overlap_gm": 0.478567510843277,
  "tpm_overlap_wm": 0.5524234771728516,
  "wm2max": 0.5476334767295709
}