{
  "aor": 0.01695781173594132,
  "aqi": 0.018113869315403423,
  "bids_meta": {
    "BodyPartExamined": "HEAD",
    "CogAtlasID": "http://www.cognitiveatlas.org/term/id/trm_4c8a834779883",
    "ConversionSoftware": "dcm2niix",
    "ConversionSoftwareVersion": "v1.0.20170411 GCC4.4.7",
    "EchoTime": 0.027,
    "EffectiveEchoSpacing": 0.000590001,
    "FlipAngle": 90,
    "ImageType": [
      "ORIGINAL",
      "PRIMARY",
      "M",
      "ND",
      "NORM",
      "MOSAIC"
    ],
    "Instructions": "During this first scan, a plus sign will be presented on the screen.  All you need to do is simply relax and look at the plus sign. Please keep your eyes open the entire time, and be as still as possible. It's extremely important that you stay awake for the entire duration of this scan. This scan will last ~30 minutes.",
    "MagneticFieldStrength": 3,
    "Manufacturer": "Siemens",
    "ManufacturersModelName": "TrioTim",
    "PhaseEncodingDirection": "j-",
    "ProcedureStepDescription": "head_Dosenbach_MSC",
    "ProtocolName": "RSFC_818Frames_36Slices_TR2.2",
    "RepetitionTime": 2.2,
    "ScanningSequence": "EP",
    "SequenceName": "_epfid2d1_64",
    "SequenceVariant": "SK",
    "SeriesDescription": "RSFC_818Frames_36Slices_TR2.2",
    "SliceTiming": [
      1.105,
      0,
      1.165,
      0.06,
      1.2275,
      0.1225,
      1.2875,
      0.185,
      1.35,
      0.245,
      1.41,
      0.3075,
      1.4725,
      0.3675,
      1.5325,
      0.43,
      1.595,
      0.49,
      1.655,
      0.5525,
      1.7175,
      0.6125,
      1.78,
      0.675,
      1.84,
      0.735,
      1.9025,
      0.7975,
      1.9625,
      0.8575,
      2.025,
      0.92,
      2.085,
      0.9825,
      2.1475,
      1.0425
    ],
    "SoftwareVersion": "syngo MR B17",
    "TaskName": "rest",
    "modality": "bold",
    "session_id": "func08",
    "subject_id": "MSC01",
    "task_id": "rest"
  },
  "dummy_trs": 0,
  "dvars_nstd": 22.642556957319478,
  "dvars_std": 1.2860557902203171,
  "dvars_vstd": 1.1226103579681763,
  "efc": 0.41640328831166407,
  "fber": 24643.66015625,
  "fd_mean": 0.26901262783455165,
  "fd_num": 588,
  "fd_perc": 71.88264058679707,
  "fwhm_avg": 2.3997418949632032,
  "fwhm_x": 2.1301925,
  "fwhm_y": 2.770925,
  "fwhm_z": 2.29810818488961,
  "gcor": 0.0449308,
  "gsr_x": -0.009916630573570728,
  "gsr_y": 0.01148883905261755,
  "provenance": {
    "md5sum": "20528c65e5d30ff5fe415eed037642ce",
    "settings": {
      "fd_thres": 0.2,
      "hmc_fsl": false
    },
    "software": "mriqc",
    "version": "0.9.6"
  },
  "size_t": 818,
  "size_x": 64,
  "size_y": 64,
  "size_z": 36,
  "snr": 4.9995384902411075,
  "spacing_tr": 2.200000047683716,
  "spacing_x": 4.0,
  "spacing_y": 4.0,
  "spacing_z": 3.9999988079071045,
  "summary_bg_k": 36.47804366733142,
  "summary_bg_mad": 3.0648903846740723,
  "summary_bg_mean": 17.022069931030273,
  "summary_bg_median": 4.096577167510986,
  "summary_bg_n": 97153.0,
  "summary_bg_p05": 1.6039119958877563,
  "summary_bg_p95": 76.196580505371,
  "summary_bg_stdv": 37.98780059814453,
  "summary_fg_k": 3.8939773296460842,
  "summary_fg_mad": 91.92858123779297,
  "summary_fg_mean": 655.6395874023438,
  "summary_fg_median": 671.314208984375,
  "summary_fg_n": 21585.0,
  "summary_fg_p05": 386.71762695312503,
  "summary_fg_p95": 826.4599487304687,
  "summary_fg_stdv": 134.27212524414062,
  "tsnr": 41.32966995239258
}