{
  "bids_meta": {
    "BodyPartExamined": "HEAD",
    "ConversionSoftware": "dcm2niix",
    "ConversionSoftwareVersion": "v1.0.20170411 GCC4.4.7",
    "EchoTime": 0.479,
    "FlipAngle": 120,
    "ImageType": [
      "ORIGINAL",
      "PRIMARY",
      "M",
      "ND",
      "NORM"
    ],
    "MagneticFieldStrength": 3,
    "Manufacturer": "Siemens",
    "ManufacturersModelName": "TrioTim",
    "PhaseEncodingDirection": "i-",
    "ProcedureStepDescription": "head_Dosenbach_MSC",
    "ProtocolName": "T2_.8x.8x.8_224Slices",
    "RepetitionTime": 3.2,
    "ScanningSequence": "SE",
    "SequenceName": "_spc3d1_282ns",
    "SequenceVariant": "SK_SP",
    "SeriesDescription": "T2_.8x.8x.8_224Slices",
    "modality": "T2w",
    "run_id": "03",
    "session_id": "struct01",
    "subject_id": "MSC06"
  },
  "cjv": 0.788357508512442,
  "cnr": 1.5028651610507913,
  "efc": 0.6128625348860678,
  "fber": 689.0515747070312,
  "fwhm_avg": 2.2949400941810674,
  "fwhm_x": 2.1409779410797873,
  "fwhm_y": 2.5370848780487805,
  "fwhm_z": 2.2067574634146343,
  "icvs_csf": 0.32245131290673557,
  "icvs_gm": 0.6468788626955424,
  "icvs_wm": 0.030669824397722072,
  "inu_med": 1.2522960901260376,
  "inu_range": 0.4217162072658538,
  "provenance": {
    "md5sum": "8e9ebc47ac15fde5019f2ae5b613e08c",
    "settings": {
      "testing": false
    },
    "software": "mriqc",
    "version": "0.9.6",
    "warnings": {
      "large_rot_frame": true,
      "small_air_mask": false
    }
  },
  "qi_1": 0.00048472295695409375,
  "qi_2": 0.0033380546337189046,
  "rpve_csf": 10.660907503590252,
  "rpve_gm": 6.776576332786481,
  "rpve_wm": 108.59010344112156,
  "size_x": 224,
  "size_y": 256,
  "size_z": 256,
  "snr_csf": 3.2393236029453356,
  "snr_gm": 6.058302476725043,
  "snr_total": 4.778545166526441,
  "snr_wm": 5.038009419908946,
  "snrd_csf": 61.9010312665156,
  "snrd_gm": 31.047732392721453,
  "snrd_total": 37.9882807202454,
  "snrd_wm": 21.01607850149913,
  "spacing_x": 0.7999942302703857,
  "spacing_y": 0.80078125,
  "spacing_z": 0.80078125,
  "summary_bg_k": 44.83254199847379,
  "summary_bg_mad": 31.48917007446289,
  "summary_bg_mean": 51.28383255004883,
  "summary_bg_median": 39.10871887207031,
  "summary_bg_n": 3454206.0,
  "summary_bg_p05": 0.0,
  "summary_bg_p95": 141.30963897705078,
  "summary_bg_stdv": 51.55262756347656,
  "summary_csf_k": -0.16173299313056955,
  "summary_csf_mad": 920.3751220703125,
  "summary_csf_mean": 3162.4052734375,
  "summary_csf_median": 2975.27685546875,
  "summary_csf_n": 138802.0,
  "summary_csf_p05": 2009.6232116699218,
  "summary_csf_p95": 4888.383740234374,
  "summary_csf_stdv": 918.4837646484375,
  "summary_gm_k": 0.17551618387851553,
  "summary_gm_mad": 242.708251953125,
  "summary_gm_mean": 1507.2781982421875,
  "summary_gm_median": 1492.3111572265625,
  "summary_gm_n": 575199.0,
  "summary_gm_p05": 1127.3902587890625,
  "summary_gm_p95": 1933.9665893554686,
  "summary_gm_stdv": 246.3247528076172,
  "summary_wm_k": 3.254281225452403,
  "summary_wm_mad": 137.41571044921875,
  "summary_wm_mean": 1020.6009521484375,
  "summary_wm_median": 1010.1390991210938,
  "summary_wm_n": 67.0,
  "summary_wm_p05": 728.8463500976562,
  "summary_wm_p95": 1409.2879272460937,
  "summary_wm_stdv": 199.00169372558594,
  "tpm_overlap_csf": 0.15669067203998566,
  "tpm_overlap_gm": 0.3763880729675293,
  "tpm_overlap_wm": 0.04057861492037773,
  "wm2max": 0.19479834772040236
}