{
  "aor": 0.0024529807692307694,
  "aqi": 0.005194833173076924,
  "bids_meta": {
    "BodyPartExamined": "HEAD",
    "CogAtlasID": "http://www.cognitiveatlas.org/term/id/trm_550b53d7dd674",
    "ConversionSoftware": "dcm2niix",
    "ConversionSoftwareVersion": "v1.0.20170411 GCC4.4.7",
    "EchoTime": 0.027,
    "EffectiveEchoSpacing": 0.000590001,
    "FlipAngle": 90,
    "ImageType": [
      "ORIGINAL",
      "PRIMARY",
      "M",
      "ND",
      "NORM",
      "MOSAIC"
    ],
    "Instructions": "In this next scan you'll be prompted to move your hands, feet, or tongue. You'll only move one of these at once. Instructions are presented on the screen. Let?s review them now. [Read on-screen instructions to participant.] Do you have any questions?",
    "MagneticFieldStrength": 3,
    "Manufacturer": "Siemens",
    "ManufacturersModelName": "TrioTim",
    "PhaseEncodingDirection": "j-",
    "ProcedureStepDescription": "head_Dosenbach_MSC",
    "ProtocolName": "Motor_104Frames_36Slices_TR2.2",
    "RepetitionTime": 2.2,
    "ScanningSequence": "EP",
    "SequenceName": "_epfid2d1_64",
    "SequenceVariant": "SK",
    "SeriesDescription": "Motor_104Frames_36Slices_TR2.2",
    "SliceTiming": [
      1.105,
      0,
      1.1675,
      0.0625,
      1.2275,
      0.1225,
      1.29,
      0.185,
      1.35,
      0.245,
      1.4125,
      0.3075,
      1.4725,
      0.37,
      1.535,
      0.43,
      1.595,
      0.4925,
      1.6575,
      0.5525,
      1.7175,
      0.615,
      1.78,
      0.675,
      1.84,
      0.7375,
      1.9025,
      0.7975,
      1.965,
      0.86,
      2.025,
      0.92,
      2.0875,
      0.9825,
      2.1475,
      1.0425
    ],
    "SoftwareVersion": "syngo MR B17",
    "TaskName": "motor",
    "modality": "bold",
    "run_id": "02",
    "session_id": "func05",
    "subject_id": "MSC10",
    "task_id": "motor"
  },
  "dummy_trs": 0,
  "dvars_nstd": 23.616429078834955,
  "dvars_std": 1.3162313211650476,
  "dvars_vstd": 1.0078055756310675,
  "efc": 0.4247498154326923,
  "fber": 29737.0859375,
  "fd_mean": 0.18580240101027162,
  "fd_num": 38,
  "fd_perc": 36.53846153846154,
  "fwhm_avg": 2.4425950000000003,
  "fwhm_x": 2.250775,
  "fwhm_y": 2.8125,
  "fwhm_z": 2.26451,
  "gcor": 0.0421377,
  "gsr_x": -0.017061371356248856,
  "gsr_y": 0.017215784639120102,
  "provenance": {
    "md5sum": "cf8a2dc6a30f703d0e218fbaa8de747b",
    "settings": {
      "fd_thres": 0.2,
      "hmc_fsl": false
    },
    "software": "mriqc",
    "version": "0.9.6"
  },
  "size_t": 104,
  "size_x": 64,
  "size_y": 64,
  "size_z": 36,
  "snr": 4.667104343983878,
  "spacing_tr": 2.200000047683716,
  "spacing_x": 4.0,
  "spacing_y": 4.0,
  "spacing_z": 4.0,
  "summary_bg_k": 40.31339539209863,
  "summary_bg_mad": 2.4377403259277344,
  "summary_bg_mean": 17.106243133544922,
  "summary_bg_median": 3.817307949066162,
  "summary_bg_n": 95242.0,
  "summary_bg_p05": 1.701923131942749,
  "summary_bg_p95": 92.83557891845697,
  "summary_bg_stdv": 41.68825149536133,
  "summary_fg_k": 3.7662208026665818,
  "summary_fg_mad": 100.87396240234375,
  "summary_fg_mean": 671.6385498046875,
  "summary_fg_median": 687.09619140625,
  "summary_fg_n": 22821.0,
  "summary_fg_p05": 386.6346435546875,
  "summary_fg_p95": 859.7307739257812,
  "summary_fg_stdv": 147.21786499023438,
  "tsnr": 75.90886688232422
}