{
  "aor": 0.0031679611650485434,
  "aqi": 0.005885073980582525,
  "bids_meta": {
    "BodyPartExamined": "HEAD",
    "CogAtlasID": "http://www.cognitiveatlas.org/term/id/trm_550b53d7dd674",
    "ConversionSoftware": "dcm2niix",
    "ConversionSoftwareVersion": "v1.0.20170411 GCC4.4.7",
    "EchoTime": 0.027,
    "EffectiveEchoSpacing": 0.000590001,
    "FlipAngle": 90,
    "ImageType": [
      "ORIGINAL",
      "PRIMARY",
      "M",
      "ND",
      "NORM",
      "MOSAIC"
    ],
    "Instructions": "In this next scan you'll be prompted to move your hands, feet, or tongue. You'll only move one of these at once. Instructions are presented on the screen. Let?s review them now. [Read on-screen instructions to participant.] Do you have any questions?",
    "MagneticFieldStrength": 3,
    "Manufacturer": "Siemens",
    "ManufacturersModelName": "TrioTim",
    "PhaseEncodingDirection": "j-",
    "ProcedureStepDescription": "head_Dosenbach_MSC",
    "ProtocolName": "Motor_104Frames_36Slices_TR2.2",
    "RepetitionTime": 2.2,
    "ScanningSequence": "EP",
    "SequenceName": "_epfid2d1_64",
    "SequenceVariant": "SK",
    "SeriesDescription": "Motor_104Frames_36Slices_TR2.2",
    "SliceTiming": [
      1.105,
      0,
      1.1675,
      0.0625,
      1.2275,
      0.1225,
      1.29,
      0.185,
      1.35,
      0.245,
      1.4125,
      0.3075,
      1.4725,
      0.37,
      1.535,
      0.43,
      1.595,
      0.4925,
      1.6575,
      0.5525,
      1.7175,
      0.615,
      1.78,
      0.675,
      1.84,
      0.7375,
      1.9025,
      0.7975,
      1.965,
      0.86,
      2.025,
      0.92,
      2.0875,
      0.9825,
      2.1475,
      1.0425
    ],
    "SoftwareVersion": "syngo MR B17",
    "TaskName": "motor",
    "modality": "bold",
    "run_id": "01",
    "session_id": "func10",
    "subject_id": "MSC06",
    "task_id": "motor"
  },
  "dummy_trs": 1,
  "dvars_nstd": 21.95562514166667,
  "dvars_std": 1.379126557549019,
  "dvars_vstd": 1.0114085653921567,
  "efc": 0.40097129877615745,
  "fber": 35524.75390625,
  "fd_mean": 0.10298514935217402,
  "fd_num": 8,
  "fd_perc": 7.766990291262136,
  "fwhm_avg": 2.4304575552038385,
  "fwhm_x": 2.1991875,
  "fwhm_y": 2.7785001656115154,
  "fwhm_z": 2.313685,
  "gcor": 0.0221795,
  "gsr_x": -0.016839491203427315,
  "gsr_y": 0.016912028193473816,
  "provenance": {
    "md5sum": "0931f814fa768352686ea580f2ee2f35",
    "settings": {
      "fd_thres": 0.2,
      "hmc_fsl": false
    },
    "software": "mriqc",
    "version": "0.9.6"
  },
  "size_t": 103,
  "size_x": 64,
  "size_y": 64,
  "size_z": 36,
  "snr": 5.015081322565373,
  "spacing_tr": 2.200000047683716,
  "spacing_x": 4.0,
  "spacing_y": 3.999999761581421,
  "spacing_z": 4.0,
  "summary_bg_k": 56.38883353160728,
  "summary_bg_mad": 2.2023122310638428,
  "summary_bg_mean": 14.117838859558105,
  "summary_bg_median": 3.4368932247161865,
  "summary_bg_n": 97919.0,
  "summary_bg_p05": 1.4077670574188232,
  "summary_bg_p95": 66.44757308959953,
  "summary_bg_stdv": 33.80460739135742,
  "summary_fg_k": 4.268822460262392,
  "summary_fg_mad": 93.27445220947266,
  "summary_fg_mean": 657.6133422851562,
  "summary_fg_median": 673.3106689453125,
  "summary_fg_n": 20805.0,
  "summary_fg_p05": 398.74370117187505,
  "summary_fg_p95": 827.9281860351563,
  "summary_fg_stdv": 134.2539520263672,
  "tsnr": 78.70760345458984
}