{
  "aor": 0.0039058653846153844,
  "aqi": 0.004309745192307692,
  "bids_meta": {
    "BodyPartExamined": "HEAD",
    "CogAtlasID": "http://www.cognitiveatlas.org/term/id/trm_550b53d7dd674",
    "ConversionSoftware": "dcm2niix",
    "ConversionSoftwareVersion": "v1.0.20170411 GCC4.4.7",
    "EchoTime": 0.027,
    "EffectiveEchoSpacing": 0.000590001,
    "FlipAngle": 90,
    "ImageType": [
      "ORIGINAL",
      "PRIMARY",
      "M",
      "ND",
      "NORM",
      "MOSAIC"
    ],
    "Instructions": "In this next scan you'll be prompted to move your hands, feet, or tongue. You'll only move one of these at once. Instructions are presented on the screen. Let?s review them now. [Read on-screen instructions to participant.] Do you have any questions?",
    "MagneticFieldStrength": 3,
    "Manufacturer": "Siemens",
    "ManufacturersModelName": "TrioTim",
    "PhaseEncodingDirection": "j-",
    "ProcedureStepDescription": "head_Dosenbach_MSC",
    "ProtocolName": "Motor_104Frames_36Slices_TR2.2",
    "RepetitionTime": 2.2,
    "ScanningSequence": "EP",
    "SequenceName": "_epfid2d1_64",
    "SequenceVariant": "SK",
    "SeriesDescription": "Motor_104Frames_36Slices_TR2.2",
    "SliceTiming": [
      1.105,
      0,
      1.1675,
      0.0625,
      1.2275,
      0.1225,
      1.29,
      0.185,
      1.35,
      0.245,
      1.4125,
      0.3075,
      1.4725,
      0.37,
      1.535,
      0.43,
      1.595,
      0.4925,
      1.6575,
      0.5525,
      1.7175,
      0.615,
      1.78,
      0.675,
      1.84,
      0.7375,
      1.9025,
      0.7975,
      1.965,
      0.86,
      2.025,
      0.92,
      2.0875,
      0.9825,
      2.1475,
      1.0425
    ],
    "SoftwareVersion": "syngo MR B17",
    "TaskName": "motor",
    "modality": "bold",
    "run_id": "01",
    "session_id": "func01",
    "subject_id": "MSC03",
    "task_id": "motor"
  },
  "dummy_trs": 0,
  "dvars_nstd": 16.553351244660202,
  "dvars_std": 1.1329613332038835,
  "dvars_vstd": 0.9950502677669909,
  "efc": 0.3616811680418338,
  "fber": 46446.40625,
  "fd_mean": 0.19968368179115417,
  "fd_num": 35,
  "fd_perc": 33.65384615384615,
  "fwhm_avg": 2.514065091655955,
  "fwhm_x": 2.2802426359130523,
  "fwhm_y": 2.929,
  "fwhm_z": 2.3329526390548136,
  "gcor": 0.0326215,
  "gsr_x": -0.014296292327344418,
  "gsr_y": 0.014062219299376011,
  "provenance": {
    "md5sum": "7f92a725e6004dbcb2e97d4e5740a320",
    "settings": {
      "fd_thres": 0.2,
      "hmc_fsl": false
    },
    "software": "mriqc",
    "version": "0.9.6"
  },
  "size_t": 104,
  "size_x": 64,
  "size_y": 64,
  "size_z": 36,
  "snr": 4.973469400465807,
  "spacing_tr": 2.200000047683716,
  "spacing_x": 3.999999761581421,
  "spacing_y": 4.0,
  "spacing_z": 3.999999761581421,
  "summary_bg_k": 49.454559345928224,
  "summary_bg_mad": 1.696439266204834,
  "summary_bg_mean": 9.994463920593262,
  "summary_bg_median": 2.721153974533081,
  "summary_bg_n": 103055.0,
  "summary_bg_p05": 1.067307710647583,
  "summary_bg_p95": 47.08942527770985,
  "summary_bg_stdv": 23.580625534057617,
  "summary_fg_k": 4.26028850230195,
  "summary_fg_mad": 80.26005554199219,
  "summary_fg_mean": 590.0135498046875,
  "summary_fg_median": 607.6346435546875,
  "summary_fg_n": 17239.0,
  "summary_fg_p05": 348.4740600585938,
  "summary_fg_p95": 737.3894287109373,
  "summary_fg_stdv": 122.17166137695312,
  "tsnr": 80.46763610839844
}