{
  "aor": 0.004219326923076924,
  "aqi": 0.011299525384615384,
  "bids_meta": {
    "BodyPartExamined": "HEAD",
    "CogAtlasID": "http://www.cognitiveatlas.org/term/id/trm_550b53d7dd674",
    "ConversionSoftware": "dcm2niix",
    "ConversionSoftwareVersion": "v1.0.20170411 GCC4.4.7",
    "EchoTime": 0.027,
    "EffectiveEchoSpacing": 0.000590001,
    "FlipAngle": 90,
    "ImageType": [
      "ORIGINAL",
      "PRIMARY",
      "M",
      "ND",
      "NORM",
      "MOSAIC"
    ],
    "Instructions": "In this next scan you'll be prompted to move your hands, feet, or tongue. You'll only move one of these at once. Instructions are presented on the screen. Let?s review them now. [Read on-screen instructions to participant.] Do you have any questions?",
    "MagneticFieldStrength": 3,
    "Manufacturer": "Siemens",
    "ManufacturersModelName": "TrioTim",
    "PhaseEncodingDirection": "j-",
    "ProcedureStepDescription": "head_Dosenbach_MSC",
    "ProtocolName": "Motor_104Frames_36Slices_TR2.2",
    "RepetitionTime": 2.2,
    "ScanningSequence": "EP",
    "SequenceName": "_epfid2d1_64",
    "SequenceVariant": "SK",
    "SeriesDescription": "Motor_104Frames_36Slices_TR2.2",
    "SliceTiming": [
      1.105,
      0,
      1.1675,
      0.0625,
      1.2275,
      0.1225,
      1.29,
      0.185,
      1.35,
      0.245,
      1.4125,
      0.3075,
      1.4725,
      0.37,
      1.535,
      0.43,
      1.595,
      0.4925,
      1.6575,
      0.5525,
      1.7175,
      0.615,
      1.78,
      0.675,
      1.84,
      0.7375,
      1.9025,
      0.7975,
      1.965,
      0.86,
      2.025,
      0.92,
      2.0875,
      0.9825,
      2.1475,
      1.0425
    ],
    "SoftwareVersion": "syngo MR B17",
    "TaskName": "motor",
    "modality": "bold",
    "run_id": "02",
    "session_id": "func09",
    "subject_id": "MSC08",
    "task_id": "motor"
  },
  "dummy_trs": 0,
  "dvars_nstd": 27.169262172815525,
  "dvars_std": 1.3316107204854368,
  "dvars_vstd": 0.9894289521359223,
  "efc": 0.3864632050115322,
  "fber": 36187.0546875,
  "fd_mean": 0.2639838168306418,
  "fd_num": 71,
  "fd_perc": 68.26923076923077,
  "fwhm_avg": 2.488819166666667,
  "fwhm_x": 2.3134725,
  "fwhm_y": 2.794425,
  "fwhm_z": 2.35856,
  "gcor": 0.0241816,
  "gsr_x": -0.016494687646627426,
  "gsr_y": 0.011007420718669891,
  "provenance": {
    "md5sum": "e90e974c4a6f5a0ea6385611230d6f6e",
    "settings": {
      "fd_thres": 0.2,
      "hmc_fsl": false
    },
    "software": "mriqc",
    "version": "0.9.6"
  },
  "size_t": 104,
  "size_x": 64,
  "size_y": 64,
  "size_z": 36,
  "snr": 5.042426038476669,
  "spacing_tr": 2.200000047683716,
  "spacing_x": 4.0,
  "spacing_y": 4.0,
  "spacing_z": 4.0,
  "summary_bg_k": 73.54000903986697,
  "summary_bg_mad": 2.010066509246826,
  "summary_bg_mean": 11.858264923095703,
  "summary_bg_median": 2.884615421295166,
  "summary_bg_n": 100049.0,
  "summary_bg_p05": 1.1826924085617065,
  "summary_bg_p95": 57.55384826660148,
  "summary_bg_stdv": 29.188688278198242,
  "summary_fg_k": 4.744150226192048,
  "summary_fg_mad": 68.96955871582031,
  "summary_fg_mean": 548.662841796875,
  "summary_fg_median": 566.4182739257812,
  "summary_fg_n": 19210.0,
  "summary_fg_p05": 313.67692413330076,
  "summary_fg_p95": 682.0360961914062,
  "summary_fg_stdv": 112.32758331298828,
  "tsnr": 55.310298919677734
}