{
  "aor": 0.002177029339853301,
  "aqi": 0.03630718655256724,
  "bids_meta": {
    "BodyPartExamined": "HEAD",
    "CogAtlasID": "http://www.cognitiveatlas.org/term/id/trm_4c8a834779883",
    "ConversionSoftware": "dcm2niix",
    "ConversionSoftwareVersion": "v1.0.20170411 GCC4.4.7",
    "EchoTime": 0.027,
    "EffectiveEchoSpacing": 0.000590001,
    "FlipAngle": 90,
    "ImageType": [
      "ORIGINAL",
      "PRIMARY",
      "M",
      "ND",
      "NORM",
      "MOSAIC"
    ],
    "Instructions": "During this first scan, a plus sign will be presented on the screen.  All you need to do is simply relax and look at the plus sign. Please keep your eyes open the entire time, and be as still as possible. It's extremely important that you stay awake for the entire duration of this scan. This scan will last ~30 minutes.",
    "MagneticFieldStrength": 3,
    "Manufacturer": "Siemens",
    "ManufacturersModelName": "TrioTim",
    "PhaseEncodingDirection": "j-",
    "ProcedureStepDescription": "head_Dosenbach_MSC",
    "ProtocolName": "RSFC_818Frames_36Slices_TR2.2",
    "RepetitionTime": 2.2,
    "ScanningSequence": "EP",
    "SequenceName": "_epfid2d1_64",
    "SequenceVariant": "SK",
    "SeriesDescription": "RSFC_818Frames_36Slices_TR2.2",
    "SliceTiming": [
      1.105,
      0,
      1.165,
      0.06,
      1.2275,
      0.1225,
      1.2875,
      0.185,
      1.35,
      0.245,
      1.41,
      0.3075,
      1.4725,
      0.3675,
      1.5325,
      0.43,
      1.595,
      0.49,
      1.655,
      0.5525,
      1.7175,
      0.6125,
      1.78,
      0.675,
      1.84,
      0.735,
      1.9025,
      0.7975,
      1.9625,
      0.8575,
      2.025,
      0.92,
      2.085,
      0.9825,
      2.1475,
      1.0425
    ],
    "SoftwareVersion": "syngo MR B17",
    "TaskName": "rest",
    "modality": "bold",
    "session_id": "func04",
    "subject_id": "MSC08",
    "task_id": "rest"
  },
  "dummy_trs": 0,
  "dvars_nstd": 35.16240573075887,
  "dvars_std": 1.0273695107466347,
  "dvars_vstd": 0.9276129118482247,
  "efc": 0.39086849090902515,
  "fber": 32769.015625,
  "fd_mean": 0.5023201512181255,
  "fd_num": 623,
  "fd_perc": 76.16136919315403,
  "fwhm_avg": 2.573285144986835,
  "fwhm_x": 2.374155,
  "fwhm_y": 2.913225,
  "fwhm_z": 2.432475434960503,
  "gcor": 0.028136,
  "gsr_x": -0.01693875715136528,
  "gsr_y": 0.011168102733790874,
  "provenance": {
    "md5sum": "9f11a2207aae5ede368da67de8d50190",
    "settings": {
      "fd_thres": 0.2,
      "hmc_fsl": false
    },
    "software": "mriqc",
    "version": "0.9.6"
  },
  "size_t": 818,
  "size_x": 64,
  "size_y": 64,
  "size_z": 36,
  "snr": 5.187630266451867,
  "spacing_tr": 2.200000047683716,
  "spacing_x": 4.0,
  "spacing_y": 4.0,
  "spacing_z": 3.9999992847442627,
  "summary_bg_k": 57.03632129056518,
  "summary_bg_mad": 2.773082733154297,
  "summary_bg_mean": 13.4952974319458,
  "summary_bg_median": 3.320293664932251,
  "summary_bg_n": 99758.0,
  "summary_bg_p05": 1.0965770483016968,
  "summary_bg_p95": 65.94798393249509,
  "summary_bg_stdv": 31.964052200317383,
  "summary_fg_k": 4.733102082602744,
  "summary_fg_mad": 74.77902221679688,
  "summary_fg_mean": 591.2694091796875,
  "summary_fg_median": 609.5232543945312,
  "summary_fg_n": 19433.0,
  "summary_fg_p05": 357.6000061035156,
  "summary_fg_p95": 731.3452392578124,
  "summary_fg_stdv": 117.49248504638672,
  "tsnr": 28.48801040649414
}