{
  "aor": 0.005442596153846154,
  "aqi": 0.0065441088461538465,
  "bids_meta": {
    "BodyPartExamined": "HEAD",
    "CogAtlasID": "http://www.cognitiveatlas.org/term/id/trm_550b53d7dd674",
    "ConversionSoftware": "dcm2niix",
    "ConversionSoftwareVersion": "v1.0.20170411 GCC4.4.7",
    "EchoTime": 0.027,
    "EffectiveEchoSpacing": 0.000590001,
    "FlipAngle": 90,
    "ImageType": [
      "ORIGINAL",
      "PRIMARY",
      "M",
      "ND",
      "NORM",
      "MOSAIC"
    ],
    "Instructions": "In this next scan you'll be prompted to move your hands, feet, or tongue. You'll only move one of these at once. Instructions are presented on the screen. Let?s review them now. [Read on-screen instructions to participant.] Do you have any questions?",
    "MagneticFieldStrength": 3,
    "Manufacturer": "Siemens",
    "ManufacturersModelName": "TrioTim",
    "PhaseEncodingDirection": "j-",
    "ProcedureStepDescription": "head_Dosenbach_MSC",
    "ProtocolName": "Motor_104Frames_36Slices_TR2.2",
    "RepetitionTime": 2.2,
    "ScanningSequence": "EP",
    "SequenceName": "_epfid2d1_64",
    "SequenceVariant": "SK",
    "SeriesDescription": "Motor_104Frames_36Slices_TR2.2",
    "SliceTiming": [
      1.105,
      0,
      1.1675,
      0.0625,
      1.2275,
      0.1225,
      1.29,
      0.185,
      1.35,
      0.245,
      1.4125,
      0.3075,
      1.4725,
      0.37,
      1.535,
      0.43,
      1.595,
      0.4925,
      1.6575,
      0.5525,
      1.7175,
      0.615,
      1.78,
      0.675,
      1.84,
      0.7375,
      1.9025,
      0.7975,
      1.965,
      0.86,
      2.025,
      0.92,
      2.0875,
      0.9825,
      2.1475,
      1.0425
    ],
    "SoftwareVersion": "syngo MR B17",
    "TaskName": "motor",
    "modality": "bold",
    "run_id": "01",
    "session_id": "func07",
    "subject_id": "MSC07",
    "task_id": "motor"
  },
  "dummy_trs": 0,
  "dvars_nstd": 20.032183285533986,
  "dvars_std": 1.2817472710679614,
  "dvars_vstd": 1.0089711183495147,
  "efc": 0.39477762589310283,
  "fber": 37554.03125,
  "fd_mean": 0.2085711178353321,
  "fd_num": 46,
  "fd_perc": 44.23076923076923,
  "fwhm_avg": 2.45152948559829,
  "fwhm_x": 2.23672,
  "fwhm_y": 2.824675,
  "fwhm_z": 2.2931934567948695,
  "gcor": 0.0299335,
  "gsr_x": -0.017671551555395126,
  "gsr_y": 0.014941570349037647,
  "provenance": {
    "md5sum": "72e7a3513f7c559a83169ab76fb0fb98",
    "settings": {
      "fd_thres": 0.2,
      "hmc_fsl": false
    },
    "software": "mriqc",
    "version": "0.9.6"
  },
  "size_t": 104,
  "size_x": 64,
  "size_y": 64,
  "size_z": 36,
  "snr": 5.027465223912525,
  "spacing_tr": 2.200000047683716,
  "spacing_x": 4.0,
  "spacing_y": 4.0,
  "spacing_z": 3.9999983310699463,
  "summary_bg_k": 41.28545531354875,
  "summary_bg_mad": 2.3807170391082764,
  "summary_bg_mean": 15.80591106414795,
  "summary_bg_median": 3.576923131942749,
  "summary_bg_n": 98854.0,
  "summary_bg_p05": 1.5480769872665405,
  "summary_bg_p95": 80.28557853698713,
  "summary_bg_stdv": 39.351531982421875,
  "summary_fg_k": 4.032355529496819,
  "summary_fg_mad": 101.62956237792969,
  "summary_fg_mean": 705.4768676757812,
  "summary_fg_median": 719.769287109375,
  "summary_fg_n": 20062.0,
  "summary_fg_p05": 434.35962524414066,
  "summary_fg_p95": 892.1538696289062,
  "summary_fg_stdv": 143.1638641357422,
  "tsnr": 66.93125915527344
}