{
  "aor": 0.005349134615384615,
  "aqi": 0.004918428846153846,
  "bids_meta": {
    "BodyPartExamined": "HEAD",
    "CogAtlasID": "http://www.cognitiveatlas.org/term/id/trm_550b53d7dd674",
    "ConversionSoftware": "dcm2niix",
    "ConversionSoftwareVersion": "v1.0.20170411 GCC4.4.7",
    "EchoTime": 0.027,
    "EffectiveEchoSpacing": 0.000590001,
    "FlipAngle": 90,
    "ImageType": [
      "ORIGINAL",
      "PRIMARY",
      "M",
      "ND",
      "NORM",
      "MOSAIC"
    ],
    "Instructions": "In this next scan you'll be prompted to move your hands, feet, or tongue. You'll only move one of these at once. Instructions are presented on the screen. Let?s review them now. [Read on-screen instructions to participant.] Do you have any questions?",
    "MagneticFieldStrength": 3,
    "Manufacturer": "Siemens",
    "ManufacturersModelName": "TrioTim",
    "PhaseEncodingDirection": "j-",
    "ProcedureStepDescription": "head_Dosenbach_MSC",
    "ProtocolName": "Motor_104Frames_36Slices_TR2.2",
    "RepetitionTime": 2.2,
    "ScanningSequence": "EP",
    "SequenceName": "_epfid2d1_64",
    "SequenceVariant": "SK",
    "SeriesDescription": "Motor_104Frames_36Slices_TR2.2",
    "SliceTiming": [
      1.105,
      0,
      1.1675,
      0.0625,
      1.2275,
      0.1225,
      1.29,
      0.185,
      1.35,
      0.245,
      1.4125,
      0.3075,
      1.4725,
      0.37,
      1.535,
      0.43,
      1.595,
      0.4925,
      1.6575,
      0.5525,
      1.7175,
      0.615,
      1.78,
      0.675,
      1.84,
      0.7375,
      1.9025,
      0.7975,
      1.965,
      0.86,
      2.025,
      0.92,
      2.0875,
      0.9825,
      2.1475,
      1.0425
    ],
    "SoftwareVersion": "syngo MR B17",
    "TaskName": "motor",
    "modality": "bold",
    "run_id": "02",
    "session_id": "func09",
    "subject_id": "MSC10",
    "task_id": "motor"
  },
  "dummy_trs": 0,
  "dvars_nstd": 18.92312150805825,
  "dvars_std": 1.2691847202912625,
  "dvars_vstd": 1.036341975436893,
  "efc": 0.4250276866548866,
  "fber": 28096.8671875,
  "fd_mean": 0.13712025585260404,
  "fd_num": 18,
  "fd_perc": 17.307692307692307,
  "fwhm_avg": 2.456109166666667,
  "fwhm_x": 2.247635,
  "fwhm_y": 2.8363,
  "fwhm_z": 2.2843925,
  "gcor": 0.0185296,
  "gsr_x": -0.016115061938762665,
  "gsr_y": 0.01855413243174553,
  "provenance": {
    "md5sum": "cbe77846c8c7015c5bda285d8f363339",
    "settings": {
      "fd_thres": 0.2,
      "hmc_fsl": false
    },
    "software": "mriqc",
    "version": "0.9.6"
  },
  "size_t": 104,
  "size_x": 64,
  "size_y": 64,
  "size_z": 36,
  "snr": 4.669986215262465,
  "spacing_tr": 2.200000047683716,
  "spacing_x": 4.0,
  "spacing_y": 4.0,
  "spacing_z": 4.0,
  "summary_bg_k": 47.75089713073818,
  "summary_bg_mad": 2.4947636127471924,
  "summary_bg_mean": 16.615863800048828,
  "summary_bg_median": 3.79807710647583,
  "summary_bg_n": 95136.0,
  "summary_bg_p05": 1.5576924085617065,
  "summary_bg_p95": 88.80048370361328,
  "summary_bg_stdv": 40.69776153564453,
  "summary_fg_k": 3.2876758125982875,
  "summary_fg_mad": 101.25881958007812,
  "summary_fg_mean": 653.8500366210938,
  "summary_fg_median": 669.0192260742188,
  "summary_fg_n": 22981.0,
  "summary_fg_p05": 382.7019348144531,
  "summary_fg_p95": 844.5769653320312,
  "summary_fg_stdv": 143.25624084472656,
  "tsnr": 77.25859832763672
}