{
  "aor": 0.001451772616136919,
  "aqi": 0.013223076369193154,
  "bids_meta": {
    "BodyPartExamined": "HEAD",
    "CogAtlasID": "http://www.cognitiveatlas.org/term/id/trm_4c8a834779883",
    "ConversionSoftware": "dcm2niix",
    "ConversionSoftwareVersion": "v1.0.20170411 GCC4.4.7",
    "EchoTime": 0.027,
    "EffectiveEchoSpacing": 0.000590001,
    "FlipAngle": 90,
    "ImageType": [
      "ORIGINAL",
      "PRIMARY",
      "M",
      "ND",
      "NORM",
      "MOSAIC"
    ],
    "Instructions": "During this first scan, a plus sign will be presented on the screen.  All you need to do is simply relax and look at the plus sign. Please keep your eyes open the entire time, and be as still as possible. It's extremely important that you stay awake for the entire duration of this scan. This scan will last ~30 minutes.",
    "MagneticFieldStrength": 3,
    "Manufacturer": "Siemens",
    "ManufacturersModelName": "TrioTim",
    "PhaseEncodingDirection": "j-",
    "ProcedureStepDescription": "head_Dosenbach_MSC",
    "ProtocolName": "RSFC_818Frames_36Slices_TR2.2",
    "RepetitionTime": 2.2,
    "ScanningSequence": "EP",
    "SequenceName": "_epfid2d1_64",
    "SequenceVariant": "SK",
    "SeriesDescription": "RSFC_818Frames_36Slices_TR2.2",
    "SliceTiming": [
      1.105,
      0,
      1.165,
      0.06,
      1.2275,
      0.1225,
      1.2875,
      0.185,
      1.35,
      0.245,
      1.41,
      0.3075,
      1.4725,
      0.3675,
      1.5325,
      0.43,
      1.595,
      0.49,
      1.655,
      0.5525,
      1.7175,
      0.6125,
      1.78,
      0.675,
      1.84,
      0.735,
      1.9025,
      0.7975,
      1.9625,
      0.8575,
      2.025,
      0.92,
      2.085,
      0.9825,
      2.1475,
      1.0425
    ],
    "SoftwareVersion": "syngo MR B17",
    "TaskName": "rest",
    "modality": "bold",
    "session_id": "func08",
    "subject_id": "MSC09",
    "task_id": "rest"
  },
  "dummy_trs": 0,
  "dvars_nstd": 20.262691811627917,
  "dvars_std": 1.1694999590820077,
  "dvars_vstd": 0.9557521008323132,
  "efc": 0.4350325998734231,
  "fber": 26021.10546875,
  "fd_mean": 0.19654830809907692,
  "fd_num": 328,
  "fd_perc": 40.09779951100244,
  "fwhm_avg": 2.5603108333333338,
  "fwhm_x": 2.30915,
  "fwhm_y": 2.99635,
  "fwhm_z": 2.3754325,
  "gcor": 0.0450237,
  "gsr_x": -0.017932124435901642,
  "gsr_y": 0.021945316344499588,
  "provenance": {
    "md5sum": "e5d3f6a576c7d279c8db194cc727e0f5",
    "settings": {
      "fd_thres": 0.2,
      "hmc_fsl": false
    },
    "software": "mriqc",
    "version": "0.9.6"
  },
  "size_t": 818,
  "size_x": 64,
  "size_y": 64,
  "size_z": 36,
  "snr": 5.040390518456517,
  "spacing_tr": 2.200000047683716,
  "spacing_x": 4.0,
  "spacing_y": 4.0,
  "spacing_z": 4.0,
  "summary_bg_k": 36.544678021447886,
  "summary_bg_mad": 3.552445650100708,
  "summary_bg_mean": 18.278955459594727,
  "summary_bg_median": 4.174816608428955,
  "summary_bg_n": 93855.0,
  "summary_bg_p05": 1.2860636711120605,
  "summary_bg_p95": 96.00855941772464,
  "summary_bg_stdv": 40.766788482666016,
  "summary_fg_k": 4.450216526650492,
  "summary_fg_mad": 89.97289276123047,
  "summary_fg_mean": 683.0308227539062,
  "summary_fg_median": 702.5782470703125,
  "summary_fg_n": 24065.0,
  "summary_fg_p05": 405.24989624023436,
  "summary_fg_p95": 851.1232666015625,
  "summary_fg_stdv": 139.38674926757812,
  "tsnr": 49.4827880859375
}