{
  "aor": 0.0012085574572127142,
  "aqi": 0.02343434205378973,
  "bids_meta": {
    "BodyPartExamined": "HEAD",
    "CogAtlasID": "http://www.cognitiveatlas.org/term/id/trm_4c8a834779883",
    "ConversionSoftware": "dcm2niix",
    "ConversionSoftwareVersion": "v1.0.20170411 GCC4.4.7",
    "EchoTime": 0.027,
    "EffectiveEchoSpacing": 0.000590001,
    "FlipAngle": 90,
    "ImageType": [
      "ORIGINAL",
      "PRIMARY",
      "M",
      "ND",
      "NORM",
      "MOSAIC"
    ],
    "Instructions": "During this first scan, a plus sign will be presented on the screen.  All you need to do is simply relax and look at the plus sign. Please keep your eyes open the entire time, and be as still as possible. It's extremely important that you stay awake for the entire duration of this scan. This scan will last ~30 minutes.",
    "MagneticFieldStrength": 3,
    "Manufacturer": "Siemens",
    "ManufacturersModelName": "TrioTim",
    "PhaseEncodingDirection": "j-",
    "ProcedureStepDescription": "head_Dosenbach_MSC",
    "ProtocolName": "RSFC_818Frames_36Slices_TR2.2",
    "RepetitionTime": 2.2,
    "ScanningSequence": "EP",
    "SequenceName": "_epfid2d1_64",
    "SequenceVariant": "SK",
    "SeriesDescription": "RSFC_818Frames_36Slices_TR2.2",
    "SliceTiming": [
      1.105,
      0,
      1.165,
      0.06,
      1.2275,
      0.1225,
      1.2875,
      0.185,
      1.35,
      0.245,
      1.41,
      0.3075,
      1.4725,
      0.3675,
      1.5325,
      0.43,
      1.595,
      0.49,
      1.655,
      0.5525,
      1.7175,
      0.6125,
      1.78,
      0.675,
      1.84,
      0.735,
      1.9025,
      0.7975,
      1.9625,
      0.8575,
      2.025,
      0.92,
      2.085,
      0.9825,
      2.1475,
      1.0425
    ],
    "SoftwareVersion": "syngo MR B17",
    "TaskName": "rest",
    "modality": "bold",
    "session_id": "func06",
    "subject_id": "MSC10",
    "task_id": "rest"
  },
  "dummy_trs": 0,
  "dvars_nstd": 24.433176727001214,
  "dvars_std": 1.1270550896572817,
  "dvars_vstd": 0.8980587150917999,
  "efc": 0.42527692402625017,
  "fber": 24459.0703125,
  "fd_mean": 0.29914568398739105,
  "fd_num": 545,
  "fd_perc": 66.62591687041565,
  "fwhm_avg": 2.5163700924192973,
  "fwhm_x": 2.3291525,
  "fwhm_y": 2.89415,
  "fwhm_z": 2.3258077772578925,
  "gcor": 0.0101241,
  "gsr_x": -0.015901360660791397,
  "gsr_y": 0.013505294919013977,
  "provenance": {
    "md5sum": "ae6aae76f5b91a8c60d249b5eb04de46",
    "settings": {
      "fd_thres": 0.2,
      "hmc_fsl": false
    },
    "software": "mriqc",
    "version": "0.9.6"
  },
  "size_t": 818,
  "size_x": 64,
  "size_y": 64,
  "size_z": 36,
  "snr": 4.649040774249183,
  "spacing_tr": 2.200000047683716,
  "spacing_x": 4.0,
  "spacing_y": 4.0,
  "spacing_z": 3.999999523162842,
  "summary_bg_k": 43.178952441817984,
  "summary_bg_mad": 3.5615081787109375,
  "summary_bg_mean": 16.896469116210938,
  "summary_bg_median": 4.168704509735107,
  "summary_bg_n": 95327.0,
  "summary_bg_p05": 1.1687041521072388,
  "summary_bg_p95": 84.4312980651855,
  "summary_bg_stdv": 41.062034606933594,
  "summary_fg_k": 3.5321197212807016,
  "summary_fg_mad": 99.87806701660156,
  "summary_fg_mean": 664.7737426757812,
  "summary_fg_median": 681.0324096679688,
  "summary_fg_n": 22850.0,
  "summary_fg_p05": 375.0148132324219,
  "summary_fg_p95": 854.63134765625,
  "summary_fg_stdv": 146.485595703125,
  "tsnr": 33.489234924316406
}