{
  "aor": 0.007590480769230771,
  "aqi": 0.008231493173076922,
  "bids_meta": {
    "BodyPartExamined": "HEAD",
    "CogAtlasID": "http://www.cognitiveatlas.org/term/id/trm_550b53d7dd674",
    "ConversionSoftware": "dcm2niix",
    "ConversionSoftwareVersion": "v1.0.20170411 GCC4.4.7",
    "EchoTime": 0.027,
    "EffectiveEchoSpacing": 0.000590001,
    "FlipAngle": 90,
    "ImageType": [
      "ORIGINAL",
      "PRIMARY",
      "M",
      "ND",
      "NORM",
      "MOSAIC"
    ],
    "Instructions": "In this next scan you'll be prompted to move your hands, feet, or tongue. You'll only move one of these at once. Instructions are presented on the screen. Let?s review them now. [Read on-screen instructions to participant.] Do you have any questions?",
    "MagneticFieldStrength": 3,
    "Manufacturer": "Siemens",
    "ManufacturersModelName": "TrioTim",
    "PhaseEncodingDirection": "j-",
    "ProcedureStepDescription": "head_Dosenbach_MSC",
    "ProtocolName": "Motor_104Frames_36Slices_TR2.2",
    "RepetitionTime": 2.2,
    "ScanningSequence": "EP",
    "SequenceName": "_epfid2d1_64",
    "SequenceVariant": "SK",
    "SeriesDescription": "Motor_104Frames_36Slices_TR2.2",
    "SliceTiming": [
      1.105,
      0,
      1.1675,
      0.0625,
      1.2275,
      0.1225,
      1.29,
      0.185,
      1.35,
      0.245,
      1.4125,
      0.3075,
      1.4725,
      0.37,
      1.535,
      0.43,
      1.595,
      0.4925,
      1.6575,
      0.5525,
      1.7175,
      0.615,
      1.78,
      0.675,
      1.84,
      0.7375,
      1.9025,
      0.7975,
      1.965,
      0.86,
      2.025,
      0.92,
      2.0875,
      0.9825,
      2.1475,
      1.0425
    ],
    "SoftwareVersion": "syngo MR B17",
    "TaskName": "motor",
    "modality": "bold",
    "run_id": "02",
    "session_id": "func08",
    "subject_id": "MSC07",
    "task_id": "motor"
  },
  "dummy_trs": 0,
  "dvars_nstd": 17.590849607669902,
  "dvars_std": 1.2036898945631072,
  "dvars_vstd": 0.9855508504854369,
  "efc": 0.4029308745210235,
  "fber": 35709.54296875,
  "fd_mean": 0.180450474649175,
  "fd_num": 36,
  "fd_perc": 34.61538461538461,
  "fwhm_avg": 2.515408437311953,
  "fwhm_x": 2.31281,
  "fwhm_y": 2.8770251714840636,
  "fwhm_z": 2.3563901404517975,
  "gcor": 0.0254834,
  "gsr_x": -0.02330986224114895,
  "gsr_y": 0.013790496625006199,
  "provenance": {
    "md5sum": "ebbca727575bac99c1bb6045bb21ed1b",
    "settings": {
      "fd_thres": 0.2,
      "hmc_fsl": false
    },
    "software": "mriqc",
    "version": "0.9.6"
  },
  "size_t": 104,
  "size_x": 64,
  "size_y": 64,
  "size_z": 36,
  "snr": 4.972059310799404,
  "spacing_tr": 2.200000047683716,
  "spacing_x": 4.0,
  "spacing_y": 3.999999761581421,
  "spacing_z": 3.999999761581421,
  "summary_bg_k": 36.566092199302425,
  "summary_bg_mad": 2.6515769958496094,
  "summary_bg_mean": 19.173847198486328,
  "summary_bg_median": 3.826923131942749,
  "summary_bg_n": 98513.0,
  "summary_bg_p05": 1.644230842590332,
  "summary_bg_p95": 97.17692565917963,
  "summary_bg_stdv": 48.66980743408203,
  "summary_fg_k": 4.119884413594125,
  "summary_fg_mad": 104.5662612915039,
  "summary_fg_mean": 734.2743530273438,
  "summary_fg_median": 752.394287109375,
  "summary_fg_n": 20483.0,
  "summary_fg_p05": 438.0971282958985,
  "summary_fg_p95": 923.0432922363279,
  "summary_fg_stdv": 151.32078552246094,
  "tsnr": 63.36082458496094
}