{
  "aor": 0.002282848410757946,
  "aqi": 0.016927290183374084,
  "bids_meta": {
    "BodyPartExamined": "HEAD",
    "CogAtlasID": "http://www.cognitiveatlas.org/term/id/trm_4c8a834779883",
    "ConversionSoftware": "dcm2niix",
    "ConversionSoftwareVersion": "v1.0.20170411 GCC4.4.7",
    "EchoTime": 0.027,
    "EffectiveEchoSpacing": 0.000590001,
    "FlipAngle": 90,
    "ImageType": [
      "ORIGINAL",
      "PRIMARY",
      "M",
      "ND",
      "NORM",
      "MOSAIC"
    ],
    "Instructions": "During this first scan, a plus sign will be presented on the screen.  All you need to do is simply relax and look at the plus sign. Please keep your eyes open the entire time, and be as still as possible. It's extremely important that you stay awake for the entire duration of this scan. This scan will last ~30 minutes.",
    "MagneticFieldStrength": 3,
    "Manufacturer": "Siemens",
    "ManufacturersModelName": "TrioTim",
    "PhaseEncodingDirection": "j-",
    "ProcedureStepDescription": "head_Dosenbach_MSC",
    "ProtocolName": "RSFC_818Frames_36Slices_TR2.2",
    "RepetitionTime": 2.2,
    "ScanningSequence": "EP",
    "SequenceName": "_epfid2d1_64",
    "SequenceVariant": "SK",
    "SeriesDescription": "RSFC_818Frames_36Slices_TR2.2",
    "SliceTiming": [
      1.105,
      0,
      1.165,
      0.06,
      1.2275,
      0.1225,
      1.2875,
      0.185,
      1.35,
      0.245,
      1.41,
      0.3075,
      1.4725,
      0.3675,
      1.5325,
      0.43,
      1.595,
      0.49,
      1.655,
      0.5525,
      1.7175,
      0.6125,
      1.78,
      0.675,
      1.84,
      0.735,
      1.9025,
      0.7975,
      1.9625,
      0.8575,
      2.025,
      0.92,
      2.085,
      0.9825,
      2.1475,
      1.0425
    ],
    "SoftwareVersion": "syngo MR B17",
    "TaskName": "rest",
    "modality": "bold",
    "session_id": "func01",
    "subject_id": "MSC02",
    "task_id": "rest"
  },
  "dummy_trs": 0,
  "dvars_nstd": 23.329786494418602,
  "dvars_std": 1.2230953439167687,
  "dvars_vstd": 0.9476985965728268,
  "efc": 0.4271519337527112,
  "fber": 28702.17578125,
  "fd_mean": 0.17352534903789066,
  "fd_num": 227,
  "fd_perc": 27.750611246943766,
  "fwhm_avg": 2.5407315700195348,
  "fwhm_x": 2.247315,
  "fwhm_y": 2.942675,
  "fwhm_z": 2.432204710058605,
  "gcor": 0.0417426,
  "gsr_x": -0.01620102860033512,
  "gsr_y": 0.03319011256098747,
  "provenance": {
    "md5sum": "f26bb988abcff7491cc564928c863085",
    "settings": {
      "fd_thres": 0.2,
      "hmc_fsl": false
    },
    "software": "mriqc",
    "version": "0.9.6"
  },
  "size_t": 818,
  "size_x": 64,
  "size_y": 64,
  "size_z": 36,
  "snr": 4.900375333163845,
  "spacing_tr": 2.200000047683716,
  "spacing_x": 4.0,
  "spacing_y": 4.0,
  "spacing_z": 4.000000476837158,
  "summary_bg_k": 26.95914250076029,
  "summary_bg_mad": 3.139202117919922,
  "summary_bg_mean": 19.40815544128418,
  "summary_bg_median": 3.8801958560943604,
  "summary_bg_n": 95499.0,
  "summary_bg_p05": 1.2921761274337769,
  "summary_bg_p95": 102.27298812866208,
  "summary_bg_stdv": 43.78214645385742,
  "summary_fg_k": 3.493948375541562,
  "summary_fg_mad": 101.13597869873047,
  "summary_fg_mean": 667.2926635742188,
  "summary_fg_median": 681.0770263671875,
  "summary_fg_n": 23114.0,
  "summary_fg_p05": 404.5767776489258,
  "summary_fg_p95": 849.4611206054688,
  "summary_fg_stdv": 138.98165893554688,
  "tsnr": 40.18022918701172
}