{
  "aor": 0.002893557457212714,
  "aqi": 0.01147208325183374,
  "bids_meta": {
    "BodyPartExamined": "HEAD",
    "CogAtlasID": "http://www.cognitiveatlas.org/term/id/trm_4c8a834779883",
    "ConversionSoftware": "dcm2niix",
    "ConversionSoftwareVersion": "v1.0.20170411 GCC4.4.7",
    "EchoTime": 0.027,
    "EffectiveEchoSpacing": 0.000590001,
    "FlipAngle": 90,
    "ImageType": [
      "ORIGINAL",
      "PRIMARY",
      "M",
      "ND",
      "NORM",
      "MOSAIC"
    ],
    "Instructions": "During this first scan, a plus sign will be presented on the screen.  All you need to do is simply relax and look at the plus sign. Please keep your eyes open the entire time, and be as still as possible. It's extremely important that you stay awake for the entire duration of this scan. This scan will last ~30 minutes.",
    "MagneticFieldStrength": 3,
    "Manufacturer": "Siemens",
    "ManufacturersModelName": "TrioTim",
    "PhaseEncodingDirection": "j-",
    "ProcedureStepDescription": "head_Dosenbach_MSC",
    "ProtocolName": "RSFC_818Frames_36Slices_TR2.2",
    "RepetitionTime": 2.2,
    "ScanningSequence": "EP",
    "SequenceName": "_epfid2d1_64",
    "SequenceVariant": "SK",
    "SeriesDescription": "RSFC_818Frames_36Slices_TR2.2",
    "SliceTiming": [
      1.105,
      0,
      1.165,
      0.06,
      1.2275,
      0.1225,
      1.2875,
      0.185,
      1.35,
      0.245,
      1.41,
      0.3075,
      1.4725,
      0.3675,
      1.5325,
      0.43,
      1.595,
      0.49,
      1.655,
      0.5525,
      1.7175,
      0.6125,
      1.78,
      0.675,
      1.84,
      0.735,
      1.9025,
      0.7975,
      1.9625,
      0.8575,
      2.025,
      0.92,
      2.085,
      0.9825,
      2.1475,
      1.0425
    ],
    "SoftwareVersion": "syngo MR B17",
    "TaskName": "rest",
    "modality": "bold",
    "session_id": "func07",
    "subject_id": "MSC02",
    "task_id": "rest"
  },
  "dummy_trs": 0,
  "dvars_nstd": 19.27640694996328,
  "dvars_std": 1.2756405878580166,
  "dvars_vstd": 0.9670977498776004,
  "efc": 0.41659378889387016,
  "fber": 33418.2421875,
  "fd_mean": 0.09858339905071198,
  "fd_num": 23,
  "fd_perc": 2.8117359413202934,
  "fwhm_avg": 2.500338564672269,
  "fwhm_x": 2.201797631237366,
  "fwhm_y": 2.93875,
  "fwhm_z": 2.3604680627794417,
  "gcor": 0.023048,
  "gsr_x": -0.011733943596482277,
  "gsr_y": 0.03482756018638611,
  "provenance": {
    "md5sum": "c0a1150f13d6100ad7d3e3deb0bc5e4a",
    "settings": {
      "fd_thres": 0.2,
      "hmc_fsl": false
    },
    "software": "mriqc",
    "version": "0.9.6"
  },
  "size_t": 818,
  "size_x": 64,
  "size_y": 64,
  "size_z": 36,
  "snr": 4.928890834269297,
  "spacing_tr": 2.200000047683716,
  "spacing_x": 3.999999761581421,
  "spacing_y": 4.0,
  "spacing_z": 3.9999990463256836,
  "summary_bg_k": 29.383069934970173,
  "summary_bg_mad": 3.01595401763916,
  "summary_bg_mean": 18.612110137939453,
  "summary_bg_median": 3.83496356010437,
  "summary_bg_n": 96697.0,
  "summary_bg_p05": 1.3618582487106323,
  "summary_bg_p95": 100.5782470703125,
  "summary_bg_stdv": 42.97287368774414,
  "summary_fg_k": 3.6006850735621834,
  "summary_fg_mad": 107.26664733886719,
  "summary_fg_mean": 712.2967529296875,
  "summary_fg_median": 722.9737548828125,
  "summary_fg_n": 22222.0,
  "summary_fg_p05": 452.0217941284179,
  "summary_fg_p95": 913.0944793701173,
  "summary_fg_stdv": 146.67752075195312,
  "tsnr": 50.77540588378906
}