{
  "bids_meta": {
    "BodyPartExamined": "HEAD",
    "ConversionSoftware": "dcm2niix",
    "ConversionSoftwareVersion": "v1.0.20170411 GCC4.4.7",
    "EchoTime": 0.479,
    "FlipAngle": 120,
    "ImageType": [
      "ORIGINAL",
      "PRIMARY",
      "M",
      "ND",
      "NORM"
    ],
    "MagneticFieldStrength": 3,
    "Manufacturer": "Siemens",
    "ManufacturersModelName": "TrioTim",
    "PhaseEncodingDirection": "i-",
    "ProcedureStepDescription": "head_Dosenbach_MSC",
    "ProtocolName": "T2_.8x.8x.8_224Slices",
    "RepetitionTime": 3.2,
    "ScanningSequence": "SE",
    "SequenceName": "_spc3d1_282ns",
    "SequenceVariant": "SK_SP",
    "SeriesDescription": "T2_.8x.8x.8_224Slices",
    "modality": "T2w",
    "run_id": "02",
    "session_id": "struct01",
    "subject_id": "MSC07"
  },
  "cjv": 0.8292572160748476,
  "cnr": 1.6322830348035702,
  "efc": 0.5697732655369984,
  "fber": 1798.339599609375,
  "fwhm_avg": 2.3089080748739317,
  "fwhm_x": 2.1610656880364285,
  "fwhm_y": 2.563496585365854,
  "fwhm_z": 2.2021619512195123,
  "icvs_csf": 0.2872019345421845,
  "icvs_gm": 0.6673318413167978,
  "icvs_wm": 0.045466224141017704,
  "inu_med": 1.2884711027145386,
  "inu_range": 0.4055502116680145,
  "provenance": {
    "md5sum": "fe99c1500bf5dc02da0b77ad5e0e5502",
    "settings": {
      "testing": false
    },
    "software": "mriqc",
    "version": "0.9.6",
    "warnings": {
      "large_rot_frame": true,
      "small_air_mask": false
    }
  },
  "qi_1": 0.00045797795778760854,
  "qi_2": 0.004782522301722498,
  "rpve_csf": 12.238460946726054,
  "rpve_gm": 6.972375151829974,
  "rpve_wm": 77.37023140784113,
  "size_x": 224,
  "size_y": 256,
  "size_z": 256,
  "snr_csf": 3.02910804850239,
  "snr_gm": 6.303554697043774,
  "snr_total": 4.190374278272047,
  "snr_wm": 3.2384600892699744,
  "snrd_csf": 75.57443245803277,
  "snrd_gm": 36.85593516655819,
  "snrd_total": 44.844383972613805,
  "snrd_wm": 22.10278429325045,
  "spacing_x": 0.7999988198280334,
  "spacing_y": 0.80078125,
  "spacing_z": 0.80078125,
  "summary_bg_k": 25.909739810013402,
  "summary_bg_mad": 29.57195281982422,
  "summary_bg_mean": 45.33205032348633,
  "summary_bg_median": 36.797054290771484,
  "summary_bg_n": 4080784.0,
  "summary_bg_p05": 0.0,
  "summary_bg_p95": 129.60964279174803,
  "summary_bg_stdv": 44.96187210083008,
  "summary_csf_k": -0.618440938734683,
  "summary_csf_mad": 1237.455322265625,
  "summary_csf_mean": 3621.76708984375,
  "summary_csf_median": 3411.32568359375,
  "summary_csf_n": 113922.0,
  "summary_csf_p05": 2173.833898925781,
  "summary_csf_p95": 5566.197607421876,
  "summary_csf_stdv": 1126.1766357421875,
  "summary_gm_k": 0.3509792670587357,
  "summary_gm_mad": 256.273193359375,
  "summary_gm_mean": 1686.2164306640625,
  "summary_gm_median": 1663.6260986328125,
  "summary_gm_n": 563251.0,
  "summary_gm_p05": 1291.474609375,
  "summary_gm_p95": 2151.8470458984375,
  "summary_gm_stdv": 263.9184875488281,
  "summary_wm_k": 1.9267666582675123,
  "summary_wm_mad": 295.95977783203125,
  "summary_wm_mean": 977.5838623046875,
  "summary_wm_median": 997.689208984375,
  "summary_wm_n": 687.0,
  "summary_wm_p05": 457.159033203125,
  "summary_wm_p95": 1423.5017211914062,
  "summary_wm_stdv": 307.85089111328125,
  "tpm_overlap_csf": 0.16413061320781708,
  "tpm_overlap_gm": 0.3950425088405609,
  "tpm_overlap_wm": 0.07027097046375275,
  "wm2max": 0.17234468459443977
}