{
  "aor": 0.0025972115384615387,
  "aqi": 0.004057217115384616,
  "bids_meta": {
    "BodyPartExamined": "HEAD",
    "CogAtlasID": "http://www.cognitiveatlas.org/term/id/trm_550b53d7dd674",
    "ConversionSoftware": "dcm2niix",
    "ConversionSoftwareVersion": "v1.0.20170411 GCC4.4.7",
    "EchoTime": 0.027,
    "EffectiveEchoSpacing": 0.000590001,
    "FlipAngle": 90,
    "ImageType": [
      "ORIGINAL",
      "PRIMARY",
      "M",
      "ND",
      "NORM",
      "MOSAIC"
    ],
    "Instructions": "In this next scan you'll be prompted to move your hands, feet, or tongue. You'll only move one of these at once. Instructions are presented on the screen. Let?s review them now. [Read on-screen instructions to participant.] Do you have any questions?",
    "MagneticFieldStrength": 3,
    "Manufacturer": "Siemens",
    "ManufacturersModelName": "TrioTim",
    "PhaseEncodingDirection": "j-",
    "ProcedureStepDescription": "head_Dosenbach_MSC",
    "ProtocolName": "Motor_104Frames_36Slices_TR2.2",
    "RepetitionTime": 2.2,
    "ScanningSequence": "EP",
    "SequenceName": "_epfid2d1_64",
    "SequenceVariant": "SK",
    "SeriesDescription": "Motor_104Frames_36Slices_TR2.2",
    "SliceTiming": [
      1.105,
      0,
      1.1675,
      0.0625,
      1.2275,
      0.1225,
      1.29,
      0.185,
      1.35,
      0.245,
      1.4125,
      0.3075,
      1.4725,
      0.37,
      1.535,
      0.43,
      1.595,
      0.4925,
      1.6575,
      0.5525,
      1.7175,
      0.615,
      1.78,
      0.675,
      1.84,
      0.7375,
      1.9025,
      0.7975,
      1.965,
      0.86,
      2.025,
      0.92,
      2.0875,
      0.9825,
      2.1475,
      1.0425
    ],
    "SoftwareVersion": "syngo MR B17",
    "TaskName": "motor",
    "modality": "bold",
    "run_id": "01",
    "session_id": "func01",
    "subject_id": "MSC04",
    "task_id": "motor"
  },
  "dummy_trs": 0,
  "dvars_nstd": 21.277688841650495,
  "dvars_std": 1.331489555631068,
  "dvars_vstd": 1.013410902912622,
  "efc": 0.3631019626252194,
  "fber": 53210.5234375,
  "fd_mean": 0.15153521020307634,
  "fd_num": 21,
  "fd_perc": 20.192307692307693,
  "fwhm_avg": 2.5591058804952134,
  "fwhm_x": 2.3580325,
  "fwhm_y": 2.94555,
  "fwhm_z": 2.37373514148564,
  "gcor": 0.0424806,
  "gsr_x": -0.01432033721357584,
  "gsr_y": 0.012758886441588402,
  "provenance": {
    "md5sum": "3573103f42773178170411806572f5be",
    "settings": {
      "fd_thres": 0.2,
      "hmc_fsl": false
    },
    "software": "mriqc",
    "version": "0.9.6"
  },
  "size_t": 104,
  "size_x": 64,
  "size_y": 64,
  "size_z": 36,
  "snr": 4.703058399211742,
  "spacing_tr": 2.200000047683716,
  "spacing_x": 4.0,
  "spacing_y": 4.0,
  "spacing_z": 3.999999761581421,
  "summary_bg_k": 74.6355711790322,
  "summary_bg_mad": 1.7819737195968628,
  "summary_bg_mean": 11.287452697753906,
  "summary_bg_median": 3.067307710647583,
  "summary_bg_n": 101891.0,
  "summary_bg_p05": 1.3653846979141235,
  "summary_bg_p95": 44.99519348144531,
  "summary_bg_stdv": 32.554710388183594,
  "summary_fg_k": 3.405697584486015,
  "summary_fg_mad": 104.0958023071289,
  "summary_fg_mean": 705.5567016601562,
  "summary_fg_median": 735.4327392578125,
  "summary_fg_n": 18089.0,
  "summary_fg_p05": 377.8365478515625,
  "summary_fg_p95": 891.0711791992186,
  "summary_fg_stdv": 156.3689727783203,
  "tsnr": 87.07456970214844
}