{
  "aor": 0.0020580769230769233,
  "aqi": 0.008661682115384615,
  "bids_meta": {
    "BodyPartExamined": "HEAD",
    "CogAtlasID": "http://www.cognitiveatlas.org/term/id/trm_550b53d7dd674",
    "ConversionSoftware": "dcm2niix",
    "ConversionSoftwareVersion": "v1.0.20170411 GCC4.4.7",
    "EchoTime": 0.027,
    "EffectiveEchoSpacing": 0.000590001,
    "FlipAngle": 90,
    "ImageType": [
      "ORIGINAL",
      "PRIMARY",
      "M",
      "ND",
      "NORM",
      "MOSAIC"
    ],
    "Instructions": "In this next scan you'll be prompted to move your hands, feet, or tongue. You'll only move one of these at once. Instructions are presented on the screen. Let?s review them now. [Read on-screen instructions to participant.] Do you have any questions?",
    "MagneticFieldStrength": 3,
    "Manufacturer": "Siemens",
    "ManufacturersModelName": "TrioTim",
    "PhaseEncodingDirection": "j-",
    "ProcedureStepDescription": "head_Dosenbach_MSC",
    "ProtocolName": "Motor_104Frames_36Slices_TR2.2",
    "RepetitionTime": 2.2,
    "ScanningSequence": "EP",
    "SequenceName": "_epfid2d1_64",
    "SequenceVariant": "SK",
    "SeriesDescription": "Motor_104Frames_36Slices_TR2.2",
    "SliceTiming": [
      1.105,
      0,
      1.1675,
      0.0625,
      1.2275,
      0.1225,
      1.29,
      0.185,
      1.35,
      0.245,
      1.4125,
      0.3075,
      1.4725,
      0.37,
      1.535,
      0.43,
      1.595,
      0.4925,
      1.6575,
      0.5525,
      1.7175,
      0.615,
      1.78,
      0.675,
      1.84,
      0.7375,
      1.9025,
      0.7975,
      1.965,
      0.86,
      2.025,
      0.92,
      2.0875,
      0.9825,
      2.1475,
      1.0425
    ],
    "SoftwareVersion": "syngo MR B17",
    "TaskName": "motor",
    "modality": "bold",
    "run_id": "02",
    "session_id": "func04",
    "subject_id": "MSC01",
    "task_id": "motor"
  },
  "dummy_trs": 0,
  "dvars_nstd": 18.90217619019417,
  "dvars_std": 1.107456756019418,
  "dvars_vstd": 0.9335143073786406,
  "efc": 0.4116147842631741,
  "fber": 27812.265625,
  "fd_mean": 0.19244965889150575,
  "fd_num": 38,
  "fd_perc": 36.53846153846154,
  "fwhm_avg": 2.3716553176861837,
  "fwhm_x": 2.1072525,
  "fwhm_y": 2.723475,
  "fwhm_z": 2.2842384530585513,
  "gcor": 0.0235128,
  "gsr_x": -0.008066579699516296,
  "gsr_y": 0.012992626056075096,
  "provenance": {
    "md5sum": "2ee15030d5423282a22a603c57d3197e",
    "settings": {
      "fd_thres": 0.2,
      "hmc_fsl": false
    },
    "software": "mriqc",
    "version": "0.9.6"
  },
  "size_t": 104,
  "size_x": 64,
  "size_y": 64,
  "size_z": 36,
  "snr": 4.978502694932221,
  "spacing_tr": 2.200000047683716,
  "spacing_x": 4.0,
  "spacing_y": 4.0,
  "spacing_z": 3.9999983310699463,
  "summary_bg_k": 37.37761638764904,
  "summary_bg_mad": 2.779879331588745,
  "summary_bg_mean": 15.65001392364502,
  "summary_bg_median": 3.846153974533081,
  "summary_bg_n": 97427.0,
  "summary_bg_p05": 1.4711538553237915,
  "summary_bg_p95": 71.49038696289062,
  "summary_bg_stdv": 34.40876007080078,
  "summary_fg_k": 4.113886576064106,
  "summary_fg_mad": 91.47943115234375,
  "summary_fg_mean": 651.322265625,
  "summary_fg_median": 665.3365478515625,
  "summary_fg_n": 21424.0,
  "summary_fg_p05": 393.5495376586914,
  "summary_fg_p95": 822.9601104736328,
  "summary_fg_stdv": 133.63877868652344,
  "tsnr": 61.92721176147461
}