{
  "aor": 0.0028930769230769227,
  "aqi": 0.003213985576923077,
  "bids_meta": {
    "BodyPartExamined": "HEAD",
    "CogAtlasID": "http://www.cognitiveatlas.org/term/id/trm_550b53d7dd674",
    "ConversionSoftware": "dcm2niix",
    "ConversionSoftwareVersion": "v1.0.20170411 GCC4.4.7",
    "EchoTime": 0.027,
    "EffectiveEchoSpacing": 0.000590001,
    "FlipAngle": 90,
    "ImageType": [
      "ORIGINAL",
      "PRIMARY",
      "M",
      "ND",
      "NORM",
      "MOSAIC"
    ],
    "Instructions": "In this next scan you'll be prompted to move your hands, feet, or tongue. You'll only move one of these at once. Instructions are presented on the screen. Let?s review them now. [Read on-screen instructions to participant.] Do you have any questions?",
    "MagneticFieldStrength": 3,
    "Manufacturer": "Siemens",
    "ManufacturersModelName": "TrioTim",
    "PhaseEncodingDirection": "j-",
    "ProcedureStepDescription": "head_Dosenbach_MSC",
    "ProtocolName": "Motor_104Frames_36Slices_TR2.2",
    "RepetitionTime": 2.2,
    "ScanningSequence": "EP",
    "SequenceName": "_epfid2d1_64",
    "SequenceVariant": "SK",
    "SeriesDescription": "Motor_104Frames_36Slices_TR2.2",
    "SliceTiming": [
      1.105,
      0,
      1.1675,
      0.0625,
      1.2275,
      0.1225,
      1.29,
      0.185,
      1.35,
      0.245,
      1.4125,
      0.3075,
      1.4725,
      0.37,
      1.535,
      0.43,
      1.595,
      0.4925,
      1.6575,
      0.5525,
      1.7175,
      0.615,
      1.78,
      0.675,
      1.84,
      0.7375,
      1.9025,
      0.7975,
      1.965,
      0.86,
      2.025,
      0.92,
      2.0875,
      0.9825,
      2.1475,
      1.0425
    ],
    "SoftwareVersion": "syngo MR B17",
    "TaskName": "motor",
    "modality": "bold",
    "run_id": "02",
    "session_id": "func04",
    "subject_id": "MSC02",
    "task_id": "motor"
  },
  "dummy_trs": 0,
  "dvars_nstd": 19.91338760398059,
  "dvars_std": 1.3980836140776702,
  "dvars_vstd": 1.002636205242719,
  "efc": 0.4235842948347447,
  "fber": 30045.03125,
  "fd_mean": 0.07625403845204849,
  "fd_num": 4,
  "fd_perc": 3.8461538461538463,
  "fwhm_avg": 2.462139539273755,
  "fwhm_x": 2.2007325,
  "fwhm_y": 2.866775,
  "fwhm_z": 2.3189111178212656,
  "gcor": 0.0300662,
  "gsr_x": -0.016561711207032204,
  "gsr_y": 0.028539014980196953,
  "provenance": {
    "md5sum": "1af28b03bc9192e71b5fda7f6620da11",
    "settings": {
      "fd_thres": 0.2,
      "hmc_fsl": false
    },
    "software": "mriqc",
    "version": "0.9.6"
  },
  "size_t": 104,
  "size_x": 64,
  "size_y": 64,
  "size_z": 36,
  "snr": 4.766803040911795,
  "spacing_tr": 2.200000047683716,
  "spacing_x": 4.0,
  "spacing_y": 4.0,
  "spacing_z": 4.000002384185791,
  "summary_bg_k": 26.423958034617243,
  "summary_bg_mad": 2.60880970954895,
  "summary_bg_mean": 18.75985336303711,
  "summary_bg_median": 3.788461685180664,
  "summary_bg_n": 95647.0,
  "summary_bg_p05": 1.528846263885498,
  "summary_bg_p95": 100.92980957031247,
  "summary_bg_stdv": 42.03266906738281,
  "summary_fg_k": 3.4984331315813195,
  "summary_fg_mad": 104.2098159790039,
  "summary_fg_mean": 673.6181640625,
  "summary_fg_median": 687.2596435546875,
  "summary_fg_n": 22851.0,
  "summary_fg_p05": 400.9038543701172,
  "summary_fg_p95": 865.6346435546875,
  "summary_fg_stdv": 144.17306518554688,
  "tsnr": 92.14946746826172
}