{
  "bids_meta": {
    "BodyPartExamined": "HEAD",
    "ConversionSoftware": "dcm2niix",
    "ConversionSoftwareVersion": "v1.0.20170411 GCC4.4.7",
    "EchoTime": 0.479,
    "FlipAngle": 120,
    "ImageType": [
      "ORIGINAL",
      "PRIMARY",
      "M",
      "ND",
      "NORM"
    ],
    "MagneticFieldStrength": 3,
    "Manufacturer": "Siemens",
    "ManufacturersModelName": "TrioTim",
    "PhaseEncodingDirection": "i-",
    "ProcedureStepDescription": "head_Dosenbach_MSC",
    "ProtocolName": "T2_.8x.8x.8_224Slices",
    "RepetitionTime": 3.2,
    "ScanningSequence": "SE",
    "SequenceName": "_spc3d1_282ns",
    "SequenceVariant": "SK_SP",
    "SeriesDescription": "T2_.8x.8x.8_224Slices",
    "modality": "T2w",
    "run_id": "02",
    "session_id": "struct01",
    "subject_id": "MSC01"
  },
  "cjv": 0.9421085239158066,
  "cnr": 1.3647295815409959,
  "efc": 0.6414716458014217,
  "fber": 661.9338989257812,
  "fwhm_avg": 2.399730684094358,
  "fwhm_x": 2.265672442526976,
  "fwhm_y": 2.6038696585365853,
  "fwhm_z": 2.3296499512195123,
  "icvs_csf": 0.3156358917397442,
  "icvs_gm": 0.6298068844040613,
  "icvs_wm": 0.05455722385619454,
  "inu_med": 1.3212018013000488,
  "inu_range": 0.38831249475479135,
  "provenance": {
    "md5sum": "ae3e323299b097f4d206813ea18c1cd5",
    "settings": {
      "testing": false
    },
    "software": "mriqc",
    "version": "0.9.6",
    "warnings": {
      "large_rot_frame": true,
      "small_air_mask": false
    }
  },
  "qi_1": 0.00011366343514561563,
  "qi_2": 0.003253456963994545,
  "rpve_csf": 10.445134949989185,
  "rpve_gm": 6.543552967958485,
  "rpve_wm": 60.43816353676975,
  "size_x": 224,
  "size_y": 256,
  "size_z": 256,
  "snr_csf": 3.122508100852999,
  "snr_gm": 5.999033564696726,
  "snr_total": 4.19487786525071,
  "snr_wm": 3.463091930202406,
  "snrd_csf": 66.23147540532872,
  "snrd_gm": 30.555695100399877,
  "snrd_total": 38.904665266958936,
  "snrd_wm": 19.926825295148216,
  "spacing_x": 0.800005316734314,
  "spacing_y": 0.80078125,
  "spacing_z": 0.80078125,
  "summary_bg_k": 60.98460590539223,
  "summary_bg_mad": 32.86323547363281,
  "summary_bg_mean": 57.70368194580078,
  "summary_bg_median": 40.72802734375,
  "summary_bg_n": 3989166.0,
  "summary_bg_p05": 0.0,
  "summary_bg_p95": 162.55177307128906,
  "summary_bg_stdv": 65.4294204711914,
  "summary_csf_k": -0.33334847614364804,
  "summary_csf_mad": 1104.6414794921875,
  "summary_csf_mean": 3487.06884765625,
  "summary_csf_median": 3322.33203125,
  "summary_csf_n": 134176.0,
  "summary_csf_p05": 2083.3513793945312,
  "summary_csf_p95": 5454.078125,
  "summary_csf_stdv": 1063.99072265625,
  "summary_gm_k": 0.5639833782921233,
  "summary_gm_mad": 244.9234619140625,
  "summary_gm_mean": 1547.8153076171875,
  "summary_gm_median": 1532.748046875,
  "summary_gm_n": 490690.0,
  "summary_gm_p05": 1155.7075256347657,
  "summary_gm_p95": 1989.9795898437499,
  "summary_gm_stdv": 255.4989013671875,
  "summary_wm_k": 1.8252905554270287,
  "summary_wm_mad": 257.3805236816406,
  "summary_wm_mean": 992.6031494140625,
  "summary_wm_median": 999.5780639648438,
  "summary_wm_n": 343.0,
  "summary_wm_p05": 500.85243225097656,
  "summary_wm_p95": 1456.3602416992182,
  "summary_wm_stdv": 288.2164001464844,
  "tpm_overlap_csf": 0.1747598946094513,
  "tpm_overlap_gm": 0.3783101737499237,
  "tpm_overlap_wm": 0.07916250824928284,
  "wm2max": 0.1801594774152464
}