{
  "aor": 0.004511760391198044,
  "aqi": 0.01623926194376528,
  "bids_meta": {
    "BodyPartExamined": "HEAD",
    "CogAtlasID": "http://www.cognitiveatlas.org/term/id/trm_4c8a834779883",
    "ConversionSoftware": "dcm2niix",
    "ConversionSoftwareVersion": "v1.0.20170411 GCC4.4.7",
    "EchoTime": 0.027,
    "EffectiveEchoSpacing": 0.000590001,
    "FlipAngle": 90,
    "ImageType": [
      "ORIGINAL",
      "PRIMARY",
      "M",
      "ND",
      "NORM",
      "MOSAIC"
    ],
    "Instructions": "During this first scan, a plus sign will be presented on the screen.  All you need to do is simply relax and look at the plus sign. Please keep your eyes open the entire time, and be as still as possible. It's extremely important that you stay awake for the entire duration of this scan. This scan will last ~30 minutes.",
    "MagneticFieldStrength": 3,
    "Manufacturer": "Siemens",
    "ManufacturersModelName": "TrioTim",
    "PhaseEncodingDirection": "j-",
    "ProcedureStepDescription": "head_Dosenbach_MSC",
    "ProtocolName": "RSFC_818Frames_36Slices_TR2.2",
    "RepetitionTime": 2.2,
    "ScanningSequence": "EP",
    "SequenceName": "_epfid2d1_64",
    "SequenceVariant": "SK",
    "SeriesDescription": "RSFC_818Frames_36Slices_TR2.2",
    "SliceTiming": [
      1.105,
      0,
      1.165,
      0.06,
      1.2275,
      0.1225,
      1.2875,
      0.185,
      1.35,
      0.245,
      1.41,
      0.3075,
      1.4725,
      0.3675,
      1.5325,
      0.43,
      1.595,
      0.49,
      1.655,
      0.5525,
      1.7175,
      0.6125,
      1.78,
      0.675,
      1.84,
      0.735,
      1.9025,
      0.7975,
      1.9625,
      0.8575,
      2.025,
      0.92,
      2.085,
      0.9825,
      2.1475,
      1.0425
    ],
    "SoftwareVersion": "syngo MR B17",
    "TaskName": "rest",
    "modality": "bold",
    "session_id": "func10",
    "subject_id": "MSC04",
    "task_id": "rest"
  },
  "dummy_trs": 0,
  "dvars_nstd": 17.318643482239885,
  "dvars_std": 1.1077126274051403,
  "dvars_vstd": 0.9420408571236232,
  "efc": 0.36040426390100916,
  "fber": 55837.13671875,
  "fd_mean": 0.13628373560929957,
  "fd_num": 136,
  "fd_perc": 16.625916870415647,
  "fwhm_avg": 2.6169100000000003,
  "fwhm_x": 2.3764575,
  "fwhm_y": 3.043975,
  "fwhm_z": 2.4302975,
  "gcor": 0.021676,
  "gsr_x": -0.012430076487362385,
  "gsr_y": 0.013585096225142479,
  "provenance": {
    "md5sum": "f213edfaa617cebb8dca5825e64f009d",
    "settings": {
      "fd_thres": 0.2,
      "hmc_fsl": false
    },
    "software": "mriqc",
    "version": "0.9.6"
  },
  "size_t": 818,
  "size_x": 64,
  "size_y": 64,
  "size_z": 36,
  "snr": 4.746473683441489,
  "spacing_tr": 2.200000047683716,
  "spacing_x": 4.0,
  "spacing_y": 4.0,
  "spacing_z": 4.0,
  "summary_bg_k": 86.37150464140241,
  "summary_bg_mad": 2.2021536827087402,
  "summary_bg_mean": 10.975038528442383,
  "summary_bg_median": 3.1833741664886475,
  "summary_bg_n": 102157.0,
  "summary_bg_p05": 1.1479218006134033,
  "summary_bg_p95": 41.69462280273437,
  "summary_bg_stdv": 31.678123474121094,
  "summary_fg_k": 3.408479938763479,
  "summary_fg_mad": 105.99700927734375,
  "summary_fg_mean": 746.4971923828125,
  "summary_fg_median": 777.3997802734375,
  "summary_fg_n": 17994.0,
  "summary_fg_p05": 406.78571624755864,
  "summary_fg_p95": 944.2567749023438,
  "summary_fg_stdv": 163.7801513671875,
  "tsnr": 43.73632049560547
}