{
  "bids_meta": {
    "BodyPartExamined": "HEAD",
    "ConversionSoftware": "dcm2niix",
    "ConversionSoftwareVersion": "v1.0.20170411 GCC4.4.7",
    "EchoTime": 0.479,
    "FlipAngle": 120,
    "ImageType": [
      "ORIGINAL",
      "PRIMARY",
      "M",
      "ND",
      "NORM"
    ],
    "MagneticFieldStrength": 3,
    "Manufacturer": "Siemens",
    "ManufacturersModelName": "TrioTim",
    "PhaseEncodingDirection": "i-",
    "ProcedureStepDescription": "head_Dosenbach_MSC",
    "ProtocolName": "T2_.8x.8x.8_224Slices",
    "RepetitionTime": 3.2,
    "ScanningSequence": "SE",
    "SequenceName": "_spc3d1_282ns",
    "SequenceVariant": "SK_SP",
    "SeriesDescription": "T2_.8x.8x.8_224Slices",
    "modality": "T2w",
    "run_id": "01",
    "session_id": "struct02",
    "subject_id": "MSC07"
  },
  "cjv": 0.31742645335963676,
  "cnr": 3.497886513629113,
  "efc": 0.57810589146016,
  "fber": 1896.7940673828125,
  "fwhm_avg": 2.325463480785642,
  "fwhm_x": 2.1845699545520483,
  "fwhm_y": 2.571526243902439,
  "fwhm_z": 2.220294243902439,
  "icvs_csf": 0.293353137423722,
  "icvs_gm": 0.09298923761587491,
  "icvs_wm": 0.6136576249604031,
  "inu_med": 1.2493853569030762,
  "inu_range": 0.4355290591716767,
  "provenance": {
    "md5sum": "1e6846919d144e277039f2381923e560",
    "settings": {
      "testing": false
    },
    "software": "mriqc",
    "version": "0.9.6",
    "warnings": {
      "large_rot_frame": true,
      "small_air_mask": false
    }
  },
  "qi_1": 0.0,
  "qi_2": 0.11801170310063454,
  "rpve_csf": 11.423577695223859,
  "rpve_gm": 51.35210202323676,
  "rpve_wm": 7.021928279460339,
  "size_x": 224,
  "size_y": 256,
  "size_z": 256,
  "snr_csf": 7.535485502202289,
  "snr_gm": 5.5197778038099425,
  "snr_total": 6.558016508543588,
  "snr_wm": 6.618786219618533,
  "snrd_csf": 58.68517919598176,
  "snrd_gm": 101.99404204877693,
  "snrd_total": 65.1349917457931,
  "snrd_wm": 34.7257539926206,
  "spacing_x": 0.7999972701072693,
  "spacing_y": 0.80078125,
  "spacing_z": 0.80078125,
  "summary_bg_k": 3.886511764978218,
  "summary_bg_mad": 18.869861602783203,
  "summary_bg_mean": 28.03462028503418,
  "summary_bg_median": 23.15367889404297,
  "summary_bg_n": 3871982.0,
  "summary_bg_p05": 0.0,
  "summary_bg_p95": 81.21864624023435,
  "summary_bg_stdv": 27.130420684814453,
  "summary_csf_k": 1.6991305452720953,
  "summary_csf_mad": 201.41644287109375,
  "summary_csf_mean": 1703.9168701171875,
  "summary_csf_median": 1690.306396484375,
  "summary_csf_n": 61564.0,
  "summary_csf_p05": 1371.2848510742188,
  "summary_csf_p95": 2090.681359863281,
  "summary_csf_stdv": 224.31105041503906,
  "summary_gm_k": 3.3702049332365833,
  "summary_gm_mad": 469.9143371582031,
  "summary_gm_mean": 2928.718994140625,
  "summary_gm_median": 2937.7294921875,
  "summary_gm_n": 30979.0,
  "summary_gm_p05": 2114.063720703125,
  "summary_gm_p95": 3700.4967529296873,
  "summary_gm_stdv": 532.210205078125,
  "summary_wm_k": 0.36199047187929256,
  "summary_wm_mad": 145.10743713378906,
  "summary_wm_mean": 1007.9014892578125,
  "summary_wm_median": 1000.2042236328125,
  "summary_wm_n": 585610.0,
  "summary_wm_p05": 773.3773986816407,
  "summary_wm_p95": 1270.2277648925779,
  "summary_wm_stdv": 151.11582946777344,
  "tpm_overlap_csf": 0.12715354561805725,
  "tpm_overlap_gm": 0.08191791921854019,
  "tpm_overlap_wm": 0.4837040901184082,
  "wm2max": 0.2758079304250255
}