{
  "aor": 0.002084230769230769,
  "aqi": 0.0038771977884615384,
  "bids_meta": {
    "BodyPartExamined": "HEAD",
    "CogAtlasID": "http://www.cognitiveatlas.org/term/id/trm_550b53d7dd674",
    "ConversionSoftware": "dcm2niix",
    "ConversionSoftwareVersion": "v1.0.20170411 GCC4.4.7",
    "EchoTime": 0.027,
    "EffectiveEchoSpacing": 0.000590001,
    "FlipAngle": 90,
    "ImageType": [
      "ORIGINAL",
      "PRIMARY",
      "M",
      "ND",
      "NORM",
      "MOSAIC"
    ],
    "Instructions": "In this next scan you'll be prompted to move your hands, feet, or tongue. You'll only move one of these at once. Instructions are presented on the screen. Let?s review them now. [Read on-screen instructions to participant.] Do you have any questions?",
    "MagneticFieldStrength": 3,
    "Manufacturer": "Siemens",
    "ManufacturersModelName": "TrioTim",
    "PhaseEncodingDirection": "j-",
    "ProcedureStepDescription": "head_Dosenbach_MSC",
    "ProtocolName": "Motor_104Frames_36Slices_TR2.2",
    "RepetitionTime": 2.2,
    "ScanningSequence": "EP",
    "SequenceName": "_epfid2d1_64",
    "SequenceVariant": "SK",
    "SeriesDescription": "Motor_104Frames_36Slices_TR2.2",
    "SliceTiming": [
      1.105,
      0,
      1.1675,
      0.0625,
      1.2275,
      0.1225,
      1.29,
      0.185,
      1.35,
      0.245,
      1.4125,
      0.3075,
      1.4725,
      0.37,
      1.535,
      0.43,
      1.595,
      0.4925,
      1.6575,
      0.5525,
      1.7175,
      0.615,
      1.78,
      0.675,
      1.84,
      0.7375,
      1.9025,
      0.7975,
      1.965,
      0.86,
      2.025,
      0.92,
      2.0875,
      0.9825,
      2.1475,
      1.0425
    ],
    "SoftwareVersion": "syngo MR B17",
    "TaskName": "motor",
    "modality": "bold",
    "run_id": "02",
    "session_id": "func08",
    "subject_id": "MSC05",
    "task_id": "motor"
  },
  "dummy_trs": 0,
  "dvars_nstd": 18.483641216601942,
  "dvars_std": 1.2907127473786406,
  "dvars_vstd": 1.0059546939805826,
  "efc": 0.42026666789791234,
  "fber": 36569.87109375,
  "fd_mean": 0.1544824259738015,
  "fd_num": 29,
  "fd_perc": 27.884615384615383,
  "fwhm_avg": 2.469862737409593,
  "fwhm_x": 2.18622,
  "fwhm_y": 2.833525,
  "fwhm_z": 2.3898432122287785,
  "gcor": 0.0354823,
  "gsr_x": -0.010548092424869537,
  "gsr_y": 0.01877344585955143,
  "provenance": {
    "md5sum": "e6a9228a7b4a893f94af3b46bba66106",
    "settings": {
      "fd_thres": 0.2,
      "hmc_fsl": false
    },
    "software": "mriqc",
    "version": "0.9.6"
  },
  "size_t": 104,
  "size_x": 64,
  "size_y": 64,
  "size_z": 36,
  "snr": 5.420231293037314,
  "spacing_tr": 2.200000047683716,
  "spacing_x": 4.0,
  "spacing_y": 4.0,
  "spacing_z": 3.9999988079071045,
  "summary_bg_k": 38.88068731448452,
  "summary_bg_mad": 2.7513678073883057,
  "summary_bg_mean": 17.625093460083008,
  "summary_bg_median": 3.846153974533081,
  "summary_bg_n": 95772.0,
  "summary_bg_p05": 1.5,
  "summary_bg_p95": 88.92308044433594,
  "summary_bg_stdv": 42.26641082763672,
  "summary_fg_k": 4.799254976294713,
  "summary_fg_mad": 98.81402587890625,
  "summary_fg_mean": 748.747314453125,
  "summary_fg_median": 764.0144653320312,
  "summary_fg_n": 22802.0,
  "summary_fg_p05": 487.56251678466793,
  "summary_fg_p95": 926.6591857910157,
  "summary_fg_stdv": 140.95297241210938,
  "tsnr": 92.55169677734375
}