{
  "aor": 0.0034232692307692306,
  "aqi": 0.008164291153846155,
  "bids_meta": {
    "BodyPartExamined": "HEAD",
    "CogAtlasID": "http://www.cognitiveatlas.org/term/id/trm_550b53d7dd674",
    "ConversionSoftware": "dcm2niix",
    "ConversionSoftwareVersion": "v1.0.20170411 GCC4.4.7",
    "EchoTime": 0.027,
    "EffectiveEchoSpacing": 0.000590001,
    "FlipAngle": 90,
    "ImageType": [
      "ORIGINAL",
      "PRIMARY",
      "M",
      "ND",
      "NORM",
      "MOSAIC"
    ],
    "Instructions": "In this next scan you'll be prompted to move your hands, feet, or tongue. You'll only move one of these at once. Instructions are presented on the screen. Let?s review them now. [Read on-screen instructions to participant.] Do you have any questions?",
    "MagneticFieldStrength": 3,
    "Manufacturer": "Siemens",
    "ManufacturersModelName": "TrioTim",
    "PhaseEncodingDirection": "j-",
    "ProcedureStepDescription": "head_Dosenbach_MSC",
    "ProtocolName": "Motor_104Frames_36Slices_TR2.2",
    "RepetitionTime": 2.2,
    "ScanningSequence": "EP",
    "SequenceName": "_epfid2d1_64",
    "SequenceVariant": "SK",
    "SeriesDescription": "Motor_104Frames_36Slices_TR2.2",
    "SliceTiming": [
      1.105,
      0,
      1.1675,
      0.0625,
      1.2275,
      0.1225,
      1.29,
      0.185,
      1.35,
      0.245,
      1.4125,
      0.3075,
      1.4725,
      0.37,
      1.535,
      0.43,
      1.595,
      0.4925,
      1.6575,
      0.5525,
      1.7175,
      0.615,
      1.78,
      0.675,
      1.84,
      0.7375,
      1.9025,
      0.7975,
      1.965,
      0.86,
      2.025,
      0.92,
      2.0875,
      0.9825,
      2.1475,
      1.0425
    ],
    "SoftwareVersion": "syngo MR B17",
    "TaskName": "motor",
    "modality": "bold",
    "run_id": "01",
    "session_id": "func07",
    "subject_id": "MSC05",
    "task_id": "motor"
  },
  "dummy_trs": 0,
  "dvars_nstd": 17.735937869126214,
  "dvars_std": 1.1397940936893205,
  "dvars_vstd": 0.9755539699029128,
  "efc": 0.4202382744432173,
  "fber": 32899.60546875,
  "fd_mean": 0.1533915551622567,
  "fd_num": 21,
  "fd_perc": 20.192307692307693,
  "fwhm_avg": 2.4718491666666664,
  "fwhm_x": 2.2109325,
  "fwhm_y": 2.865575,
  "fwhm_z": 2.33904,
  "gcor": 0.0305385,
  "gsr_x": -0.01202270295470953,
  "gsr_y": 0.01395252626389265,
  "provenance": {
    "md5sum": "4bc8d5f54f09cfcc4a066b6cfe492683",
    "settings": {
      "fd_thres": 0.2,
      "hmc_fsl": false
    },
    "software": "mriqc",
    "version": "0.9.6"
  },
  "size_t": 104,
  "size_x": 64,
  "size_y": 64,
  "size_z": 36,
  "snr": 5.385138042206182,
  "spacing_tr": 2.200000047683716,
  "spacing_x": 4.0,
  "spacing_y": 4.0,
  "spacing_z": 4.0,
  "summary_bg_k": 42.93982204120291,
  "summary_bg_mad": 3.007972002029419,
  "summary_bg_mean": 18.580808639526367,
  "summary_bg_median": 4.153846263885498,
  "summary_bg_n": 95839.0,
  "summary_bg_p05": 1.6057692766189575,
  "summary_bg_p95": 93.1259620666503,
  "summary_bg_stdv": 44.71258544921875,
  "summary_fg_k": 4.593426695944368,
  "summary_fg_mad": 100.6102294921875,
  "summary_fg_mean": 769.3568725585938,
  "summary_fg_median": 787.8269653320312,
  "summary_fg_n": 22628.0,
  "summary_fg_p05": 479.64906311035156,
  "summary_fg_p95": 949.6692810058594,
  "summary_fg_stdv": 146.2932891845703,
  "tsnr": 65.1063232421875
}