{
  "bids_meta": {
    "BodyPartExamined": "HEAD",
    "ConversionSoftware": "dcm2niix",
    "ConversionSoftwareVersion": "v1.0.20170411 GCC4.4.7",
    "EchoTime": 0.00374,
    "FlipAngle": 8,
    "ImageType": [
      "ORIGINAL",
      "PRIMARY",
      "M",
      "ND",
      "NORM"
    ],
    "InversionTime": 1,
    "MagneticFieldStrength": 3,
    "Manufacturer": "Siemens",
    "ManufacturersModelName": "TrioTim",
    "PhaseEncodingDirection": "i-",
    "ProcedureStepDescription": "head_Dosenbach_MSC",
    "ProtocolName": "T1_.8x.8x.8_224Slices",
    "RepetitionTime": 2.4,
    "ScanningSequence": "GR_IR",
    "SequenceName": "_tfl3d1_ns",
    "SequenceVariant": "SP_MP_OSP",
    "SeriesDescription": "T1_.8x.8x.8_224Slices",
    "modality": "T1w",
    "run_id": "01",
    "session_id": "struct01",
    "subject_id": "MSC04"
  },
  "cjv": 0.5823983080033419,
  "cnr": 2.309061673841504,
  "efc": 0.5637644180820174,
  "fber": 884.0447998046875,
  "fwhm_avg": 3.5750932209163526,
  "fwhm_x": 3.65583341884662,
  "fwhm_y": 3.7180316097560975,
  "fwhm_z": 3.3514146341463413,
  "icvs_csf": 0.1838165326916381,
  "icvs_gm": 0.4185358151494657,
  "icvs_wm": 0.3976476521588962,
  "inu_med": 0.9070462584495544,
  "inu_range": 0.42936942577362047,
  "provenance": {
    "md5sum": "5084cdbd644ddbb3764447128b5f4704",
    "mriqc_pred": 0,
    "settings": {
      "testing": false
    },
    "software": "mriqc",
    "version": "0.9.6",
    "warnings": {
      "large_rot_frame": true,
      "small_air_mask": false
    }
  },
  "qi_1": 0.0,
  "qi_2": 0.006603360356103382,
  "rpve_csf": 20.38488236968007,
  "rpve_gm": 9.549399337543178,
  "rpve_wm": 11.780239140340095,
  "size_x": 224,
  "size_y": 256,
  "size_z": 256,
  "snr_csf": 3.153196918595013,
  "snr_gm": 9.335398679069915,
  "snr_total": 9.567195885456508,
  "snr_wm": 16.212992058704597,
  "snrd_csf": 18.579396198373253,
  "snrd_gm": 33.120020815165745,
  "snrd_total": 31.745108751433843,
  "snrd_wm": 43.53590924076252,
  "spacing_x": 0.7999954223632812,
  "spacing_y": 0.80078125,
  "spacing_z": 0.80078125,
  "summary_bg_k": 2.946961799251783,
  "summary_bg_mad": 15.048500061035156,
  "summary_bg_mean": 24.424039840698242,
  "summary_bg_median": 21.07632064819336,
  "summary_bg_n": 4950721.0,
  "summary_bg_p05": 3.4169108867645264,
  "summary_bg_p95": 56.944725036621094,
  "summary_bg_stdv": 17.04937744140625,
  "summary_csf_k": -0.1798000501165835,
  "summary_csf_mad": 149.181884765625,
  "summary_csf_mean": 430.6240234375,
  "summary_csf_median": 426.76922607421875,
  "summary_csf_n": 38386.0,
  "summary_csf_p05": 224.22620010375977,
  "summary_csf_p95": 651.6601867675781,
  "summary_csf_stdv": 135.34317016601562,
  "summary_gm_k": 0.22190723952863411,
  "summary_gm_mad": 79.93772888183594,
  "summary_gm_mean": 764.7926635742188,
  "summary_gm_median": 760.7677612304688,
  "summary_gm_n": 44860.0,
  "summary_gm_p05": 637.5185546875,
  "summary_gm_p95": 905.6518737792968,
  "summary_gm_stdv": 81.49188995361328,
  "summary_wm_k": 0.3955869409099195,
  "summary_wm_mad": 59.402950286865234,
  "summary_wm_mean": 1000.29296875,
  "summary_wm_median": 1000.02099609375,
  "summary_wm_n": 452412.0,
  "summary_wm_p05": 899.5713928222656,
  "summary_wm_p95": 1101.4805236816405,
  "summary_wm_stdv": 61.68015670776367,
  "tpm_overlap_csf": 0.22350721061229706,
  "tpm_overlap_gm": 0.4926542043685913,
  "tpm_overlap_wm": 0.5404924750328064,
  "wm2max": 0.6607142435916445
}