{
  "aor": 0.002249755501222494,
  "aqi": 0.030596346332518336,
  "bids_meta": {
    "BodyPartExamined": "HEAD",
    "CogAtlasID": "http://www.cognitiveatlas.org/term/id/trm_4c8a834779883",
    "ConversionSoftware": "dcm2niix",
    "ConversionSoftwareVersion": "v1.0.20170411 GCC4.4.7",
    "EchoTime": 0.027,
    "EffectiveEchoSpacing": 0.000590001,
    "FlipAngle": 90,
    "ImageType": [
      "ORIGINAL",
      "PRIMARY",
      "M",
      "ND",
      "NORM",
      "MOSAIC"
    ],
    "Instructions": "During this first scan, a plus sign will be presented on the screen.  All you need to do is simply relax and look at the plus sign. Please keep your eyes open the entire time, and be as still as possible. It's extremely important that you stay awake for the entire duration of this scan. This scan will last ~30 minutes.",
    "MagneticFieldStrength": 3,
    "Manufacturer": "Siemens",
    "ManufacturersModelName": "TrioTim",
    "PhaseEncodingDirection": "j-",
    "ProcedureStepDescription": "head_Dosenbach_MSC",
    "ProtocolName": "RSFC_818Frames_36Slices_TR2.2",
    "RepetitionTime": 2.2,
    "ScanningSequence": "EP",
    "SequenceName": "_epfid2d1_64",
    "SequenceVariant": "SK",
    "SeriesDescription": "RSFC_818Frames_36Slices_TR2.2",
    "SliceTiming": [
      1.105,
      0,
      1.165,
      0.06,
      1.2275,
      0.1225,
      1.2875,
      0.185,
      1.35,
      0.245,
      1.41,
      0.3075,
      1.4725,
      0.3675,
      1.5325,
      0.43,
      1.595,
      0.49,
      1.655,
      0.5525,
      1.7175,
      0.6125,
      1.78,
      0.675,
      1.84,
      0.735,
      1.9025,
      0.7975,
      1.9625,
      0.8575,
      2.025,
      0.92,
      2.085,
      0.9825,
      2.1475,
      1.0425
    ],
    "SoftwareVersion": "syngo MR B17",
    "TaskName": "rest",
    "modality": "bold",
    "session_id": "func03",
    "subject_id": "MSC08",
    "task_id": "rest"
  },
  "dummy_trs": 0,
  "dvars_nstd": 24.63539303764994,
  "dvars_std": 1.0302784892656063,
  "dvars_vstd": 0.8707523821297436,
  "efc": 0.38817730959116076,
  "fber": 35237.6875,
  "fd_mean": 0.28931018388987884,
  "fd_num": 467,
  "fd_perc": 57.090464547677264,
  "fwhm_avg": 2.573527740061752,
  "fwhm_x": 2.3576175,
  "fwhm_y": 2.946425,
  "fwhm_z": 2.416540720185256,
  "gcor": 0.026514,
  "gsr_x": -0.014155227690935135,
  "gsr_y": 0.015733899548649788,
  "provenance": {
    "md5sum": "6b4950b2f1667fa77871659bce298bfd",
    "settings": {
      "fd_thres": 0.2,
      "hmc_fsl": false
    },
    "software": "mriqc",
    "version": "0.9.6"
  },
  "size_t": 818,
  "size_x": 64,
  "size_y": 64,
  "size_z": 36,
  "snr": 5.100490911141766,
  "spacing_tr": 2.200000047683716,
  "spacing_x": 4.0,
  "spacing_y": 4.0,
  "spacing_z": 3.9999988079071045,
  "summary_bg_k": 74.51585920645945,
  "summary_bg_mad": 2.3145270347595215,
  "summary_bg_mean": 11.44541072845459,
  "summary_bg_median": 2.9315404891967773,
  "summary_bg_n": 99829.0,
  "summary_bg_p05": 1.1075794696807861,
  "summary_bg_p95": 55.66039276123034,
  "summary_bg_stdv": 27.18045997619629,
  "summary_fg_k": 4.669158078716687,
  "summary_fg_mad": 69.35789489746094,
  "summary_fg_mean": 541.7432861328125,
  "summary_fg_median": 559.0611572265625,
  "summary_fg_n": 19569.0,
  "summary_fg_p05": 320.086328125,
  "summary_fg_p95": 672.5479492187499,
  "summary_fg_stdv": 109.60648345947266,
  "tsnr": 32.895809173583984
}