{
  "aor": 0.009255232273838631,
  "aqi": 0.016433392457212714,
  "bids_meta": {
    "BodyPartExamined": "HEAD",
    "CogAtlasID": "http://www.cognitiveatlas.org/term/id/trm_4c8a834779883",
    "ConversionSoftware": "dcm2niix",
    "ConversionSoftwareVersion": "v1.0.20170411 GCC4.4.7",
    "EchoTime": 0.027,
    "EffectiveEchoSpacing": 0.000590001,
    "FlipAngle": 90,
    "ImageType": [
      "ORIGINAL",
      "PRIMARY",
      "M",
      "ND",
      "NORM",
      "MOSAIC"
    ],
    "Instructions": "During this first scan, a plus sign will be presented on the screen.  All you need to do is simply relax and look at the plus sign. Please keep your eyes open the entire time, and be as still as possible. It's extremely important that you stay awake for the entire duration of this scan. This scan will last ~30 minutes.",
    "MagneticFieldStrength": 3,
    "Manufacturer": "Siemens",
    "ManufacturersModelName": "TrioTim",
    "PhaseEncodingDirection": "j-",
    "ProcedureStepDescription": "head_Dosenbach_MSC",
    "ProtocolName": "RSFC_818Frames_36Slices_TR2.2",
    "RepetitionTime": 2.2,
    "ScanningSequence": "EP",
    "SequenceName": "_epfid2d1_64",
    "SequenceVariant": "SK",
    "SeriesDescription": "RSFC_818Frames_36Slices_TR2.2",
    "SliceTiming": [
      1.105,
      0,
      1.165,
      0.06,
      1.2275,
      0.1225,
      1.2875,
      0.185,
      1.35,
      0.245,
      1.41,
      0.3075,
      1.4725,
      0.3675,
      1.5325,
      0.43,
      1.595,
      0.49,
      1.655,
      0.5525,
      1.7175,
      0.6125,
      1.78,
      0.675,
      1.84,
      0.735,
      1.9025,
      0.7975,
      1.9625,
      0.8575,
      2.025,
      0.92,
      2.085,
      0.9825,
      2.1475,
      1.0425
    ],
    "SoftwareVersion": "syngo MR B17",
    "TaskName": "rest",
    "modality": "bold",
    "session_id": "func01",
    "subject_id": "MSC01",
    "task_id": "rest"
  },
  "dummy_trs": 0,
  "dvars_nstd": 22.826759032386775,
  "dvars_std": 1.1941868844308459,
  "dvars_vstd": 1.029892784235006,
  "efc": 0.41730210275238677,
  "fber": 16530.52734375,
  "fd_mean": 0.2316135075915376,
  "fd_num": 450,
  "fd_perc": 55.012224938875306,
  "fwhm_avg": 2.383647590075146,
  "fwhm_x": 2.1282025,
  "fwhm_y": 2.755925,
  "fwhm_z": 2.266815270225438,
  "gcor": 0.0188953,
  "gsr_x": -0.009160616435110569,
  "gsr_y": 0.012851233594119549,
  "provenance": {
    "md5sum": "189c28b6f216af59264df68c6e0e6092",
    "settings": {
      "fd_thres": 0.2,
      "hmc_fsl": false
    },
    "software": "mriqc",
    "version": "0.9.6"
  },
  "size_t": 818,
  "size_x": 64,
  "size_y": 64,
  "size_z": 36,
  "snr": 4.81343199012893,
  "spacing_tr": 2.200000047683716,
  "spacing_x": 4.0,
  "spacing_y": 4.0,
  "spacing_z": 3.999999523162842,
  "summary_bg_k": 40.13329132059553,
  "summary_bg_mad": 3.3077614307403564,
  "summary_bg_mean": 15.933023452758789,
  "summary_bg_median": 4.645476818084717,
  "summary_bg_n": 97120.0,
  "summary_bg_p05": 1.9572128057479858,
  "summary_bg_p95": 68.52690124511719,
  "summary_bg_stdv": 33.898155212402344,
  "summary_fg_k": 3.588655822842517,
  "summary_fg_mad": 91.36038208007812,
  "summary_fg_mean": 612.0493774414062,
  "summary_fg_median": 625.2965087890625,
  "summary_fg_n": 21618.0,
  "summary_fg_p05": 352.0494079589844,
  "summary_fg_p95": 781.7590942382812,
  "summary_fg_stdv": 129.90357971191406,
  "tsnr": 42.57596969604492
}