{
  "aor": 0.007517596153846155,
  "aqi": 0.005033397884615385,
  "bids_meta": {
    "BodyPartExamined": "HEAD",
    "CogAtlasID": "http://www.cognitiveatlas.org/term/id/trm_550b53d7dd674",
    "ConversionSoftware": "dcm2niix",
    "ConversionSoftwareVersion": "v1.0.20170411 GCC4.4.7",
    "EchoTime": 0.027,
    "EffectiveEchoSpacing": 0.000590001,
    "FlipAngle": 90,
    "ImageType": [
      "ORIGINAL",
      "PRIMARY",
      "M",
      "ND",
      "NORM",
      "MOSAIC"
    ],
    "Instructions": "In this next scan you'll be prompted to move your hands, feet, or tongue. You'll only move one of these at once. Instructions are presented on the screen. Let?s review them now. [Read on-screen instructions to participant.] Do you have any questions?",
    "MagneticFieldStrength": 3,
    "Manufacturer": "Siemens",
    "ManufacturersModelName": "TrioTim",
    "PhaseEncodingDirection": "j-",
    "ProcedureStepDescription": "head_Dosenbach_MSC",
    "ProtocolName": "Motor_104Frames_36Slices_TR2.2",
    "RepetitionTime": 2.2,
    "ScanningSequence": "EP",
    "SequenceName": "_epfid2d1_64",
    "SequenceVariant": "SK",
    "SeriesDescription": "Motor_104Frames_36Slices_TR2.2",
    "SliceTiming": [
      1.105,
      0,
      1.1675,
      0.0625,
      1.2275,
      0.1225,
      1.29,
      0.185,
      1.35,
      0.245,
      1.4125,
      0.3075,
      1.4725,
      0.37,
      1.535,
      0.43,
      1.595,
      0.4925,
      1.6575,
      0.5525,
      1.7175,
      0.615,
      1.78,
      0.675,
      1.84,
      0.7375,
      1.9025,
      0.7975,
      1.965,
      0.86,
      2.025,
      0.92,
      2.0875,
      0.9825,
      2.1475,
      1.0425
    ],
    "SoftwareVersion": "syngo MR B17",
    "TaskName": "motor",
    "modality": "bold",
    "run_id": "02",
    "session_id": "func04",
    "subject_id": "MSC03",
    "task_id": "motor"
  },
  "dummy_trs": 0,
  "dvars_nstd": 20.095328377475724,
  "dvars_std": 1.2144762683495145,
  "dvars_vstd": 1.0328187235922328,
  "efc": 0.3658204956811908,
  "fber": 44170.2734375,
  "fd_mean": 0.24757600862825038,
  "fd_num": 53,
  "fd_perc": 50.96153846153846,
  "fwhm_avg": 2.5480691666666666,
  "fwhm_x": 2.32031,
  "fwhm_y": 2.965,
  "fwhm_z": 2.3588975,
  "gcor": 0.0111469,
  "gsr_x": -0.015187118202447891,
  "gsr_y": 0.015377499163150787,
  "provenance": {
    "md5sum": "3128cc2c82850f8c98ea8570720fcebc",
    "settings": {
      "fd_thres": 0.2,
      "hmc_fsl": false
    },
    "software": "mriqc",
    "version": "0.9.6"
  },
  "size_t": 104,
  "size_x": 64,
  "size_y": 64,
  "size_z": 36,
  "snr": 4.788421958211645,
  "spacing_tr": 2.200000047683716,
  "spacing_x": 4.0,
  "spacing_y": 4.0,
  "spacing_z": 4.0,
  "summary_bg_k": 41.49446527686865,
  "summary_bg_mad": 1.8675086498260498,
  "summary_bg_mean": 10.652175903320312,
  "summary_bg_median": 2.778846263885498,
  "summary_bg_n": 102646.0,
  "summary_bg_p05": 1.0288461446762085,
  "summary_bg_p95": 51.54567623138428,
  "summary_bg_stdv": 24.5937557220459,
  "summary_fg_k": 3.6231646724062774,
  "summary_fg_mad": 82.24877166748047,
  "summary_fg_mean": 581.3372802734375,
  "summary_fg_median": 601.7788696289062,
  "summary_fg_n": 17460.0,
  "summary_fg_p05": 325.2322143554688,
  "summary_fg_p95": 733.5774444580078,
  "summary_fg_stdv": 125.67013549804688,
  "tsnr": 74.02220153808594
}