{
  "aor": 0.0013714669926650365,
  "aqi": 0.010615807053789731,
  "bids_meta": {
    "BodyPartExamined": "HEAD",
    "CogAtlasID": "http://www.cognitiveatlas.org/term/id/trm_4c8a834779883",
    "ConversionSoftware": "dcm2niix",
    "ConversionSoftwareVersion": "v1.0.20170411 GCC4.4.7",
    "EchoTime": 0.027,
    "EffectiveEchoSpacing": 0.000590001,
    "FlipAngle": 90,
    "ImageType": [
      "ORIGINAL",
      "PRIMARY",
      "M",
      "ND",
      "NORM",
      "MOSAIC"
    ],
    "Instructions": "During this first scan, a plus sign will be presented on the screen.  All you need to do is simply relax and look at the plus sign. Please keep your eyes open the entire time, and be as still as possible. It's extremely important that you stay awake for the entire duration of this scan. This scan will last ~30 minutes.",
    "MagneticFieldStrength": 3,
    "Manufacturer": "Siemens",
    "ManufacturersModelName": "TrioTim",
    "PhaseEncodingDirection": "j-",
    "ProcedureStepDescription": "head_Dosenbach_MSC",
    "ProtocolName": "RSFC_818Frames_36Slices_TR2.2",
    "RepetitionTime": 2.2,
    "ScanningSequence": "EP",
    "SequenceName": "_epfid2d1_64",
    "SequenceVariant": "SK",
    "SeriesDescription": "RSFC_818Frames_36Slices_TR2.2",
    "SliceTiming": [
      1.105,
      0,
      1.165,
      0.06,
      1.2275,
      0.1225,
      1.2875,
      0.185,
      1.35,
      0.245,
      1.41,
      0.3075,
      1.4725,
      0.3675,
      1.5325,
      0.43,
      1.595,
      0.49,
      1.655,
      0.5525,
      1.7175,
      0.6125,
      1.78,
      0.675,
      1.84,
      0.735,
      1.9025,
      0.7975,
      1.9625,
      0.8575,
      2.025,
      0.92,
      2.085,
      0.9825,
      2.1475,
      1.0425
    ],
    "SoftwareVersion": "syngo MR B17",
    "TaskName": "rest",
    "modality": "bold",
    "session_id": "func01",
    "subject_id": "MSC06",
    "task_id": "rest"
  },
  "dummy_trs": 0,
  "dvars_nstd": 23.846463860697675,
  "dvars_std": 1.406856079167685,
  "dvars_vstd": 0.9337841125581388,
  "efc": 0.4056032782296211,
  "fber": 32333.9453125,
  "fd_mean": 0.14824399153133558,
  "fd_num": 210,
  "fd_perc": 25.672371638141808,
  "fwhm_avg": 2.5013480494806193,
  "fwhm_x": 2.26349,
  "fwhm_y": 2.859425,
  "fwhm_z": 2.381129148441858,
  "gcor": 0.0541491,
  "gsr_x": -0.01671391911804676,
  "gsr_y": 0.01780552603304386,
  "provenance": {
    "md5sum": "18cbdfc79902770b89c17b3f5e8ab3e2",
    "settings": {
      "fd_thres": 0.2,
      "hmc_fsl": false
    },
    "software": "mriqc",
    "version": "0.9.6"
  },
  "size_t": 818,
  "size_x": 64,
  "size_y": 64,
  "size_z": 36,
  "snr": 4.889587251989613,
  "spacing_tr": 2.200000047683716,
  "spacing_x": 4.0,
  "spacing_y": 4.0,
  "spacing_z": 4.000001430511475,
  "summary_bg_k": 55.30236285557963,
  "summary_bg_mad": 2.865518808364868,
  "summary_bg_mean": 15.41751480102539,
  "summary_bg_median": 3.712714195251465,
  "summary_bg_n": 97507.0,
  "summary_bg_p05": 1.2958436012268066,
  "summary_bg_p95": 72.32640914916989,
  "summary_bg_stdv": 37.128517150878906,
  "summary_fg_k": 4.109096080325917,
  "summary_fg_mad": 97.31440734863281,
  "summary_fg_mean": 671.2534790039062,
  "summary_fg_median": 688.66748046875,
  "summary_fg_n": 21302.0,
  "summary_fg_p05": 394.9553253173828,
  "summary_fg_p95": 848.1239593505859,
  "summary_fg_stdv": 140.8403778076172,
  "tsnr": 53.708953857421875
}