{
  "aor": 0.016281577017114916,
  "aqi": 0.016709523838630808,
  "bids_meta": {
    "BodyPartExamined": "HEAD",
    "CogAtlasID": "http://www.cognitiveatlas.org/term/id/trm_4c8a834779883",
    "ConversionSoftware": "dcm2niix",
    "ConversionSoftwareVersion": "v1.0.20170411 GCC4.4.7",
    "EchoTime": 0.027,
    "EffectiveEchoSpacing": 0.000590001,
    "FlipAngle": 90,
    "ImageType": [
      "ORIGINAL",
      "PRIMARY",
      "M",
      "ND",
      "NORM",
      "MOSAIC"
    ],
    "Instructions": "During this first scan, a plus sign will be presented on the screen.  All you need to do is simply relax and look at the plus sign. Please keep your eyes open the entire time, and be as still as possible. It's extremely important that you stay awake for the entire duration of this scan. This scan will last ~30 minutes.",
    "MagneticFieldStrength": 3,
    "Manufacturer": "Siemens",
    "ManufacturersModelName": "TrioTim",
    "PhaseEncodingDirection": "j-",
    "ProcedureStepDescription": "head_Dosenbach_MSC",
    "ProtocolName": "RSFC_818Frames_36Slices_TR2.2",
    "RepetitionTime": 2.2,
    "ScanningSequence": "EP",
    "SequenceName": "_epfid2d1_64",
    "SequenceVariant": "SK",
    "SeriesDescription": "RSFC_818Frames_36Slices_TR2.2",
    "SliceTiming": [
      1.105,
      0,
      1.165,
      0.06,
      1.2275,
      0.1225,
      1.2875,
      0.185,
      1.35,
      0.245,
      1.41,
      0.3075,
      1.4725,
      0.3675,
      1.5325,
      0.43,
      1.595,
      0.49,
      1.655,
      0.5525,
      1.7175,
      0.6125,
      1.78,
      0.675,
      1.84,
      0.735,
      1.9025,
      0.7975,
      1.9625,
      0.8575,
      2.025,
      0.92,
      2.085,
      0.9825,
      2.1475,
      1.0425
    ],
    "SoftwareVersion": "syngo MR B17",
    "TaskName": "rest",
    "modality": "bold",
    "session_id": "func02",
    "subject_id": "MSC07",
    "task_id": "rest"
  },
  "dummy_trs": 0,
  "dvars_nstd": 21.228346772129747,
  "dvars_std": 1.4288632666952263,
  "dvars_vstd": 1.1962450822399022,
  "efc": 0.4039574194418513,
  "fber": 31139.6015625,
  "fd_mean": 0.16958498964506602,
  "fd_num": 248,
  "fd_perc": 30.317848410757946,
  "fwhm_avg": 2.5154681459608126,
  "fwhm_x": 2.3328875,
  "fwhm_y": 2.855825,
  "fwhm_z": 2.3576919378824384,
  "gcor": 0.0210316,
  "gsr_x": -0.02053559385240078,
  "gsr_y": 0.013859685510396957,
  "provenance": {
    "md5sum": "f9843e5e1dc6a30f2f576d05a4ce7050",
    "settings": {
      "fd_thres": 0.2,
      "hmc_fsl": false
    },
    "software": "mriqc",
    "version": "0.9.6"
  },
  "size_t": 818,
  "size_x": 64,
  "size_y": 64,
  "size_z": 36,
  "snr": 5.044998061562727,
  "spacing_tr": 2.200000047683716,
  "spacing_x": 4.0,
  "spacing_y": 4.0,
  "spacing_z": 4.000000953674316,
  "summary_bg_k": 38.86294355298352,
  "summary_bg_mad": 3.8859405517578125,
  "summary_bg_mean": 19.184946060180664,
  "summary_bg_median": 4.209046840667725,
  "summary_bg_n": 98308.0,
  "summary_bg_p05": 0.9462103247642517,
  "summary_bg_p95": 94.73221969604461,
  "summary_bg_stdv": 48.730220794677734,
  "summary_fg_k": 4.155167279731018,
  "summary_fg_mad": 105.74508666992188,
  "summary_fg_mean": 742.5271606445312,
  "summary_fg_median": 759.49755859375,
  "summary_fg_n": 20609.0,
  "summary_fg_p05": 459.99170532226566,
  "summary_fg_p95": 934.7379272460936,
  "summary_fg_stdv": 150.541015625,
  "tsnr": 41.311519622802734
}