{
  "bids_meta": {
    "BodyPartExamined": "HEAD",
    "ConversionSoftware": "dcm2niix",
    "ConversionSoftwareVersion": "v1.0.20170411 GCC4.4.7",
    "EchoTime": 0.479,
    "FlipAngle": 120,
    "ImageType": [
      "ORIGINAL",
      "PRIMARY",
      "M",
      "ND",
      "NORM"
    ],
    "MagneticFieldStrength": 3,
    "Manufacturer": "Siemens",
    "ManufacturersModelName": "TrioTim",
    "PhaseEncodingDirection": "i-",
    "ProcedureStepDescription": "head_Dosenbach_MSC",
    "ProtocolName": "T2_.8x.8x.8_224Slices",
    "RepetitionTime": 3.2,
    "ScanningSequence": "SE",
    "SequenceName": "_spc3d1_282ns",
    "SequenceVariant": "SK_SP",
    "SeriesDescription": "T2_.8x.8x.8_224Slices",
    "modality": "T2w",
    "run_id": "01",
    "session_id": "struct01",
    "subject_id": "MSC01"
  },
  "cjv": 0.17726161878629249,
  "cnr": 6.616637201871237,
  "efc": 0.6354385159989286,
  "fber": 664.503173828125,
  "fwhm_avg": 2.3281327739359075,
  "fwhm_x": 2.184747980344307,
  "fwhm_y": 2.579618341463415,
  "fwhm_z": 2.2200320000000002,
  "icvs_csf": 0.3072833828846839,
  "icvs_gm": 0.028680211043563945,
  "icvs_wm": 0.6640364060717522,
  "inu_med": 1.3437312841415405,
  "inu_range": 0.3972887098789215,
  "provenance": {
    "md5sum": "ef8576212abf39ea652fd9a477d8adf3",
    "settings": {
      "testing": false
    },
    "software": "mriqc",
    "version": "0.9.6",
    "warnings": {
      "large_rot_frame": true,
      "small_air_mask": false
    }
  },
  "qi_1": 5.787411926546072e-05,
  "qi_2": 0.0031081803279252897,
  "rpve_csf": 10.119034712305709,
  "rpve_gm": 144.02114895580712,
  "rpve_wm": 6.195598113083195,
  "size_x": 224,
  "size_y": 256,
  "size_z": 256,
  "snr_csf": 3.7863012836594216,
  "snr_gm": 10.374433072694343,
  "snr_total": 6.715659139003368,
  "snr_wm": 5.986243060656344,
  "snrd_csf": 60.661301462110906,
  "snrd_gm": 106.4999200411101,
  "snrd_total": 65.83234643590343,
  "snrd_wm": 30.335817804489277,
  "spacing_x": 0.800005316734314,
  "spacing_y": 0.80078125,
  "spacing_z": 0.80078125,
  "summary_bg_k": 57.24223608897986,
  "summary_bg_mad": 21.606407165527344,
  "summary_bg_mean": 36.97168731689453,
  "summary_bg_median": 27.001028060913086,
  "summary_bg_n": 3880266.0,
  "summary_bg_p05": 0.0,
  "summary_bg_p95": 104.8774642944336,
  "summary_bg_stdv": 39.69773483276367,
  "summary_csf_k": -0.33087181821099776,
  "summary_csf_mad": 568.1177368164062,
  "summary_csf_mean": 2102.941162109375,
  "summary_csf_median": 2000.610595703125,
  "summary_csf_n": 79628.0,
  "summary_csf_p05": 1388.0207153320312,
  "summary_csf_p95": 2989.76142578125,
  "summary_csf_stdv": 528.3779296875,
  "summary_gm_k": 12.331905971198232,
  "summary_gm_mad": 282.00787353515625,
  "summary_gm_mean": 3499.572509765625,
  "summary_gm_median": 3512.368896484375,
  "summary_gm_n": 11685.0,
  "summary_gm_p05": 3011.1703613281247,
  "summary_gm_p95": 3988.2446777343744,
  "summary_gm_stdv": 338.54559326171875,
  "summary_wm_k": 0.3324537726328738,
  "summary_wm_mad": 163.25437927246094,
  "summary_wm_mean": 1010.1997680664062,
  "summary_wm_median": 1000.4757080078125,
  "summary_wm_n": 692859.0,
  "summary_wm_p05": 753.2217163085938,
  "summary_wm_p95": 1299.3527099609373,
  "summary_wm_stdv": 167.1290283203125,
  "tpm_overlap_csf": 0.15599960088729858,
  "tpm_overlap_gm": 0.018201733008027077,
  "tpm_overlap_wm": 0.48473671078681946,
  "wm2max": 0.2663375677384657
}