{
  "bids_meta": {
    "BodyPartExamined": "HEAD",
    "ConversionSoftware": "dcm2niix",
    "ConversionSoftwareVersion": "v1.0.20170411 GCC4.4.7",
    "EchoTime": 0.00374,
    "FlipAngle": 8,
    "ImageType": [
      "ORIGINAL",
      "PRIMARY",
      "M",
      "ND",
      "NORM"
    ],
    "InversionTime": 1,
    "MagneticFieldStrength": 3,
    "Manufacturer": "Siemens",
    "ManufacturersModelName": "TrioTim",
    "PhaseEncodingDirection": "i-",
    "ProcedureStepDescription": "head_Dosenbach_MSC",
    "ProtocolName": "T1_.8x.8x.8_224Slices",
    "RepetitionTime": 2.4,
    "ScanningSequence": "GR_IR",
    "SequenceName": "_tfl3d1_ns",
    "SequenceVariant": "SP_MP_OSP",
    "SeriesDescription": "T1_.8x.8x.8_224Slices",
    "modality": "T1w",
    "run_id": "01",
    "session_id": "struct02",
    "subject_id": "MSC09"
  },
  "cjv": 0.6004566076521445,
  "cnr": 2.210532503138956,
  "efc": 0.7008759807355237,
  "fber": 347.2713317871094,
  "fwhm_avg": 3.6471320834086782,
  "fwhm_x": 3.696696152665058,
  "fwhm_y": 3.8187582439024395,
  "fwhm_z": 3.4259418536585367,
  "icvs_csf": 0.17590263491966743,
  "icvs_gm": 0.41609313990428165,
  "icvs_wm": 0.4080042251760509,
  "inu_med": 1.0542649030685425,
  "inu_range": 0.5919720232486724,
  "provenance": {
    "md5sum": "136a2e1b0d20c7bfd6e08115fb2a4c59",
    "mriqc_pred": 0,
    "settings": {
      "testing": false
    },
    "software": "mriqc",
    "version": "0.9.6",
    "warnings": {
      "large_rot_frame": true,
      "small_air_mask": false
    }
  },
  "qi_1": 0.0,
  "qi_2": 0.00438562879454732,
  "rpve_csf": 16.169294911097488,
  "rpve_gm": 7.35852478528465,
  "rpve_wm": 8.800954402265491,
  "size_x": 224,
  "size_y": 256,
  "size_z": 256,
  "snr_csf": 2.60732377450402,
  "snr_gm": 9.046251867810884,
  "snr_total": 8.723952399642931,
  "snr_wm": 14.518281556613887,
  "snrd_csf": 10.58596426285145,
  "snrd_gm": 22.88226279854722,
  "snrd_total": 21.261862756041484,
  "snrd_wm": 30.31736120672579,
  "spacing_x": 0.7999954223632812,
  "spacing_y": 0.80078125,
  "spacing_z": 0.80078125,
  "summary_bg_k": 2.7954725510494596,
  "summary_bg_mad": 21.610198974609375,
  "summary_bg_mean": 36.30648422241211,
  "summary_bg_median": 31.54229736328125,
  "summary_bg_n": 2640813.0,
  "summary_bg_p05": 4.486162948608399,
  "summary_bg_p95": 82.78669738769531,
  "summary_bg_stdv": 24.557018280029297,
  "summary_csf_k": 0.823173256472657,
  "summary_csf_mad": 119.63864135742188,
  "summary_csf_mean": 376.78131103515625,
  "summary_csf_median": 349.1865234375,
  "summary_csf_n": 48725.0,
  "summary_csf_p05": 202.65201721191406,
  "summary_csf_p95": 632.2553100585934,
  "summary_csf_stdv": 133.92388916015625,
  "summary_gm_k": 0.18558002188028055,
  "summary_gm_mad": 81.27775573730469,
  "summary_gm_mean": 758.6348266601562,
  "summary_gm_median": 754.789794921875,
  "summary_gm_n": 74076.0,
  "summary_gm_p05": 628.1446380615234,
  "summary_gm_p95": 902.4338073730469,
  "summary_gm_stdv": 83.4361801147461,
  "summary_wm_k": 0.5079752151776473,
  "summary_wm_mad": 65.98583984375,
  "summary_wm_mean": 1001.2060546875,
  "summary_wm_median": 1000.04248046875,
  "summary_wm_n": 624022.0,
  "summary_wm_p05": 890.5507446289063,
  "summary_wm_p95": 1115.6122802734376,
  "summary_wm_stdv": 68.88154602050781,
  "tpm_overlap_csf": 0.23563212156295776,
  "tpm_overlap_gm": 0.49312859773635864,
  "tpm_overlap_wm": 0.5428367257118225,
  "wm2max": 0.5859023313931004
}