{
  "aor": 0.002451826923076923,
  "aqi": 0.004045356249999999,
  "bids_meta": {
    "BodyPartExamined": "HEAD",
    "CogAtlasID": "http://www.cognitiveatlas.org/term/id/trm_550b53d7dd674",
    "ConversionSoftware": "dcm2niix",
    "ConversionSoftwareVersion": "v1.0.20170411 GCC4.4.7",
    "EchoTime": 0.027,
    "EffectiveEchoSpacing": 0.000590001,
    "FlipAngle": 90,
    "ImageType": [
      "ORIGINAL",
      "PRIMARY",
      "M",
      "ND",
      "NORM",
      "MOSAIC"
    ],
    "Instructions": "In this next scan you'll be prompted to move your hands, feet, or tongue. You'll only move one of these at once. Instructions are presented on the screen. Let?s review them now. [Read on-screen instructions to participant.] Do you have any questions?",
    "MagneticFieldStrength": 3,
    "Manufacturer": "Siemens",
    "ManufacturersModelName": "TrioTim",
    "PhaseEncodingDirection": "j-",
    "ProcedureStepDescription": "head_Dosenbach_MSC",
    "ProtocolName": "Motor_104Frames_36Slices_TR2.2",
    "RepetitionTime": 2.2,
    "ScanningSequence": "EP",
    "SequenceName": "_epfid2d1_64",
    "SequenceVariant": "SK",
    "SeriesDescription": "Motor_104Frames_36Slices_TR2.2",
    "SliceTiming": [
      1.105,
      0,
      1.1675,
      0.0625,
      1.2275,
      0.1225,
      1.29,
      0.185,
      1.35,
      0.245,
      1.4125,
      0.3075,
      1.4725,
      0.37,
      1.535,
      0.43,
      1.595,
      0.4925,
      1.6575,
      0.5525,
      1.7175,
      0.615,
      1.78,
      0.675,
      1.84,
      0.7375,
      1.9025,
      0.7975,
      1.965,
      0.86,
      2.025,
      0.92,
      2.0875,
      0.9825,
      2.1475,
      1.0425
    ],
    "SoftwareVersion": "syngo MR B17",
    "TaskName": "motor",
    "modality": "bold",
    "run_id": "01",
    "session_id": "func09",
    "subject_id": "MSC10",
    "task_id": "motor"
  },
  "dummy_trs": 0,
  "dvars_nstd": 21.807981805922324,
  "dvars_std": 1.2886488480582532,
  "dvars_vstd": 1.010863341650485,
  "efc": 0.4242860645762338,
  "fber": 28296.533203125,
  "fd_mean": 0.15852429218818836,
  "fd_num": 26,
  "fd_perc": 25.0,
  "fwhm_avg": 2.4500775000000004,
  "fwhm_x": 2.2425825,
  "fwhm_y": 2.82345,
  "fwhm_z": 2.2842,
  "gcor": 0.0231474,
  "gsr_x": -0.016063261777162552,
  "gsr_y": 0.018535634502768517,
  "provenance": {
    "md5sum": "d1112ab9ac2b2f4ba671c2c562b08fef",
    "settings": {
      "fd_thres": 0.2,
      "hmc_fsl": false
    },
    "software": "mriqc",
    "version": "0.9.6"
  },
  "size_t": 104,
  "size_x": 64,
  "size_y": 64,
  "size_z": 36,
  "snr": 4.673771739051238,
  "spacing_tr": 2.200000047683716,
  "spacing_x": 4.0,
  "spacing_y": 4.0,
  "spacing_z": 4.0,
  "summary_bg_k": 48.82071317775259,
  "summary_bg_mad": 2.466252088546753,
  "summary_bg_mean": 16.229568481445312,
  "summary_bg_median": 3.778846263885498,
  "summary_bg_n": 95108.0,
  "summary_bg_p05": 1.5480769872665405,
  "summary_bg_p95": 85.94856262207026,
  "summary_bg_stdv": 39.76310348510742,
  "summary_fg_k": 3.3345698982157925,
  "summary_fg_mad": 101.7293701171875,
  "summary_fg_mean": 653.1275634765625,
  "summary_fg_median": 668.5288696289062,
  "summary_fg_n": 22963.0,
  "summary_fg_p05": 381.8432800292969,
  "summary_fg_p95": 843.5519714355468,
  "summary_fg_stdv": 143.03529357910156,
  "tsnr": 85.5728530883789
}