{
  "aor": 0.0033632762836185814,
  "aqi": 0.015540592530562346,
  "bids_meta": {
    "BodyPartExamined": "HEAD",
    "CogAtlasID": "http://www.cognitiveatlas.org/term/id/trm_4c8a834779883",
    "ConversionSoftware": "dcm2niix",
    "ConversionSoftwareVersion": "v1.0.20170411 GCC4.4.7",
    "EchoTime": 0.027,
    "EffectiveEchoSpacing": 0.000590001,
    "FlipAngle": 90,
    "ImageType": [
      "ORIGINAL",
      "PRIMARY",
      "M",
      "ND",
      "NORM",
      "MOSAIC"
    ],
    "Instructions": "During this first scan, a plus sign will be presented on the screen.  All you need to do is simply relax and look at the plus sign. Please keep your eyes open the entire time, and be as still as possible. It's extremely important that you stay awake for the entire duration of this scan. This scan will last ~30 minutes.",
    "MagneticFieldStrength": 3,
    "Manufacturer": "Siemens",
    "ManufacturersModelName": "TrioTim",
    "PhaseEncodingDirection": "j-",
    "ProcedureStepDescription": "head_Dosenbach_MSC",
    "ProtocolName": "RSFC_818Frames_36Slices_TR2.2",
    "RepetitionTime": 2.2,
    "ScanningSequence": "EP",
    "SequenceName": "_epfid2d1_64",
    "SequenceVariant": "SK",
    "SeriesDescription": "RSFC_818Frames_36Slices_TR2.2",
    "SliceTiming": [
      1.105,
      0,
      1.165,
      0.06,
      1.2275,
      0.1225,
      1.2875,
      0.185,
      1.35,
      0.245,
      1.41,
      0.3075,
      1.4725,
      0.3675,
      1.5325,
      0.43,
      1.595,
      0.49,
      1.655,
      0.5525,
      1.7175,
      0.6125,
      1.78,
      0.675,
      1.84,
      0.735,
      1.9025,
      0.7975,
      1.9625,
      0.8575,
      2.025,
      0.92,
      2.085,
      0.9825,
      2.1475,
      1.0425
    ],
    "SoftwareVersion": "syngo MR B17",
    "TaskName": "rest",
    "modality": "bold",
    "session_id": "func01",
    "subject_id": "MSC09",
    "task_id": "rest"
  },
  "dummy_trs": 0,
  "dvars_nstd": 20.910655282044043,
  "dvars_std": 1.168466848616892,
  "dvars_vstd": 0.9551587386046501,
  "efc": 0.43517982915120207,
  "fber": 27511.6953125,
  "fd_mean": 0.2377104951949651,
  "fd_num": 447,
  "fd_perc": 54.645476772616135,
  "fwhm_avg": 2.6080869100940953,
  "fwhm_x": 2.31924,
  "fwhm_y": 3.0546,
  "fwhm_z": 2.4504207302822856,
  "gcor": 0.0341322,
  "gsr_x": -0.01903391256928444,
  "gsr_y": 0.02109643630683422,
  "provenance": {
    "md5sum": "05c88f6e1e755472f4f158d2463cb37c",
    "settings": {
      "fd_thres": 0.2,
      "hmc_fsl": false
    },
    "software": "mriqc",
    "version": "0.9.6"
  },
  "size_t": 818,
  "size_x": 64,
  "size_y": 64,
  "size_z": 36,
  "snr": 4.985848162045414,
  "spacing_tr": 2.200000047683716,
  "spacing_x": 4.0,
  "spacing_y": 4.0,
  "spacing_z": 3.9999988079071045,
  "summary_bg_k": 35.02834123043585,
  "summary_bg_mad": 3.420135259628296,
  "summary_bg_mean": 18.74460792541504,
  "summary_bg_median": 4.129584312438965,
  "summary_bg_n": 93887.0,
  "summary_bg_p05": 1.4193154573440552,
  "summary_bg_p95": 96.06112976074215,
  "summary_bg_stdv": 42.03527069091797,
  "summary_fg_k": 4.28959466544095,
  "summary_fg_mad": 92.9952392578125,
  "summary_fg_mean": 691.0675659179688,
  "summary_fg_median": 712.234130859375,
  "summary_fg_n": 24030.0,
  "summary_fg_p05": 397.52734832763673,
  "summary_fg_p95": 863.5632934570312,
  "summary_fg_stdv": 142.84817504882812,
  "tsnr": 46.6461181640625
}