{
  "bids_meta": {
    "BodyPartExamined": "HEAD",
    "ConversionSoftware": "dcm2niix",
    "ConversionSoftwareVersion": "v1.0.20170411 GCC4.4.7",
    "EchoTime": 0.479,
    "FlipAngle": 120,
    "ImageType": [
      "ORIGINAL",
      "PRIMARY",
      "M",
      "ND",
      "NORM"
    ],
    "MagneticFieldStrength": 3,
    "Manufacturer": "Siemens",
    "ManufacturersModelName": "TrioTim",
    "PhaseEncodingDirection": "i-",
    "ProcedureStepDescription": "head_Dosenbach_MSC",
    "ProtocolName": "T2_.8x.8x.8_224Slices",
    "RepetitionTime": 3.2,
    "ScanningSequence": "SE",
    "SequenceName": "_spc3d1_282ns",
    "SequenceVariant": "SK_SP",
    "SeriesDescription": "T2_.8x.8x.8_224Slices",
    "modality": "T2w",
    "run_id": "01",
    "session_id": "struct02",
    "subject_id": "MSC08"
  },
  "cjv": 0.39203234744855553,
  "cnr": 2.475692252535701,
  "efc": 0.6137477186444155,
  "fber": 1007.2688598632812,
  "fwhm_avg": 2.1751335978328874,
  "fwhm_x": 2.0346862569132966,
  "fwhm_y": 2.432512,
  "fwhm_z": 2.0582025365853656,
  "icvs_csf": 0.3778062497445392,
  "icvs_gm": 0.10242530614418172,
  "icvs_wm": 0.5197684441112791,
  "inu_med": 1.1500803232192993,
  "inu_range": 0.4090269684791563,
  "provenance": {
    "md5sum": "9a77320d46755baf5d287b776bae0400",
    "settings": {
      "testing": false
    },
    "software": "mriqc",
    "version": "0.9.6",
    "warnings": {
      "large_rot_frame": true,
      "small_air_mask": false
    }
  },
  "qi_1": 0.00020671827479426693,
  "qi_2": 0.005219942593997883,
  "rpve_csf": 10.357881259347934,
  "rpve_gm": 43.962104498533705,
  "rpve_wm": 8.492591891914122,
  "size_x": 224,
  "size_y": 256,
  "size_z": 256,
  "snr_csf": 8.526830270147657,
  "snr_gm": 3.929767647664124,
  "snr_total": 6.47269533101935,
  "snr_wm": 6.961488075246268,
  "snrd_csf": 33.54714999048524,
  "snrd_gm": 59.23759731845439,
  "snrd_total": 37.97025516234883,
  "snrd_wm": 21.126018178106854,
  "spacing_x": 0.8000004887580872,
  "spacing_y": 0.80078125,
  "spacing_z": 0.80078125,
  "summary_bg_k": 8.484526093057182,
  "summary_bg_mad": 31.010713577270508,
  "summary_bg_mean": 34.52958679199219,
  "summary_bg_median": 30.062122344970703,
  "summary_bg_n": 2617379.0,
  "summary_bg_p05": 0.0,
  "summary_bg_p95": 102.14484481811525,
  "summary_bg_stdv": 35.32121658325195,
  "summary_csf_k": 0.49357964747919736,
  "summary_csf_mad": 178.96902465820312,
  "summary_csf_mean": 1591.23876953125,
  "summary_csf_median": 1587.94580078125,
  "summary_csf_n": 79563.0,
  "summary_csf_p05": 1291.2593261718748,
  "summary_csf_p95": 1898.6363525390623,
  "summary_csf_stdv": 186.2281494140625,
  "summary_gm_k": 1.3879123420120258,
  "summary_gm_mad": 565.2428588867188,
  "summary_gm_mean": 2740.536865234375,
  "summary_gm_median": 2803.99658203125,
  "summary_gm_n": 25345.0,
  "summary_gm_p05": 1339.2979736328125,
  "summary_gm_p95": 3779.441455078125,
  "summary_gm_stdv": 713.5132446289062,
  "summary_wm_k": 0.1712219585703667,
  "summary_wm_mad": 141.98423767089844,
  "summary_wm_mean": 1001.4949340820312,
  "summary_wm_median": 999.9946899414062,
  "summary_wm_n": 385893.0,
  "summary_wm_p05": 768.9469238281249,
  "summary_wm_p95": 1238.8467529296875,
  "summary_wm_stdv": 143.64649963378906,
  "tpm_overlap_csf": 0.11217992007732391,
  "tpm_overlap_gm": 0.10001926124095917,
  "tpm_overlap_wm": 0.47693169116973877,
  "wm2max": 0.2827123255557957
}