{
  "aor": 0.0017960513447432764,
  "aqi": 0.016763816136919314,
  "bids_meta": {
    "BodyPartExamined": "HEAD",
    "CogAtlasID": "http://www.cognitiveatlas.org/term/id/trm_4c8a834779883",
    "ConversionSoftware": "dcm2niix",
    "ConversionSoftwareVersion": "v1.0.20170411 GCC4.4.7",
    "EchoTime": 0.027,
    "EffectiveEchoSpacing": 0.000590001,
    "FlipAngle": 90,
    "ImageType": [
      "ORIGINAL",
      "PRIMARY",
      "M",
      "ND",
      "NORM",
      "MOSAIC"
    ],
    "Instructions": "During this first scan, a plus sign will be presented on the screen.  All you need to do is simply relax and look at the plus sign. Please keep your eyes open the entire time, and be as still as possible. It's extremely important that you stay awake for the entire duration of this scan. This scan will last ~30 minutes.",
    "MagneticFieldStrength": 3,
    "Manufacturer": "Siemens",
    "ManufacturersModelName": "TrioTim",
    "PhaseEncodingDirection": "j-",
    "ProcedureStepDescription": "head_Dosenbach_MSC",
    "ProtocolName": "RSFC_818Frames_36Slices_TR2.2",
    "RepetitionTime": 2.2,
    "ScanningSequence": "EP",
    "SequenceName": "_epfid2d1_64",
    "SequenceVariant": "SK",
    "SeriesDescription": "RSFC_818Frames_36Slices_TR2.2",
    "SliceTiming": [
      1.105,
      0,
      1.165,
      0.06,
      1.2275,
      0.1225,
      1.2875,
      0.185,
      1.35,
      0.245,
      1.41,
      0.3075,
      1.4725,
      0.3675,
      1.5325,
      0.43,
      1.595,
      0.49,
      1.655,
      0.5525,
      1.7175,
      0.6125,
      1.78,
      0.675,
      1.84,
      0.735,
      1.9025,
      0.7975,
      1.9625,
      0.8575,
      2.025,
      0.92,
      2.085,
      0.9825,
      2.1475,
      1.0425
    ],
    "SoftwareVersion": "syngo MR B17",
    "TaskName": "rest",
    "modality": "bold",
    "session_id": "func08",
    "subject_id": "MSC10",
    "task_id": "rest"
  },
  "dummy_trs": 0,
  "dvars_nstd": 23.034139549045253,
  "dvars_std": 1.099045899118728,
  "dvars_vstd": 0.9531600704895956,
  "efc": 0.4253406824235757,
  "fber": 26036.447265625,
  "fd_mean": 0.2865838858438952,
  "fd_num": 563,
  "fd_perc": 68.82640586797066,
  "fwhm_avg": 2.516680971168801,
  "fwhm_x": 2.3253725,
  "fwhm_y": 2.912175,
  "fwhm_z": 2.312495413506403,
  "gcor": 0.0244331,
  "gsr_x": -0.015263804234564304,
  "gsr_y": 0.009682955220341682,
  "provenance": {
    "md5sum": "c31f5e116d682ab72c2231d7fad48492",
    "settings": {
      "fd_thres": 0.2,
      "hmc_fsl": false
    },
    "software": "mriqc",
    "version": "0.9.6"
  },
  "size_t": 818,
  "size_x": 64,
  "size_y": 64,
  "size_z": 36,
  "snr": 4.6106301711363065,
  "spacing_tr": 2.200000047683716,
  "spacing_x": 4.0,
  "spacing_y": 4.0,
  "spacing_z": 3.9999992847442627,
  "summary_bg_k": 44.51564139127846,
  "summary_bg_mad": 3.0685153007507324,
  "summary_bg_mean": 14.90810489654541,
  "summary_bg_median": 3.6308069229125977,
  "summary_bg_n": 95031.0,
  "summary_bg_p05": 0.9743276834487915,
  "summary_bg_p95": 74.66992950439453,
  "summary_bg_stdv": 36.66963577270508,
  "summary_fg_k": 3.3416908973061688,
  "summary_fg_mad": 92.83113098144531,
  "summary_fg_mean": 602.3679809570312,
  "summary_fg_median": 616.4230346679688,
  "summary_fg_n": 23030.0,
  "summary_fg_p05": 344.01206359863284,
  "summary_fg_p95": 781.544711303711,
  "summary_fg_stdv": 133.69314575195312,
  "tsnr": 37.73567199707031
}