{
  "bids_meta": {
    "BodyPartExamined": "HEAD",
    "ConversionSoftware": "dcm2niix",
    "ConversionSoftwareVersion": "v1.0.20170411 GCC4.4.7",
    "EchoTime": 0.479,
    "FlipAngle": 120,
    "ImageType": [
      "ORIGINAL",
      "PRIMARY",
      "M",
      "ND",
      "NORM"
    ],
    "MagneticFieldStrength": 3,
    "Manufacturer": "Siemens",
    "ManufacturersModelName": "TrioTim",
    "PhaseEncodingDirection": "i-",
    "ProcedureStepDescription": "head_Dosenbach_MSC",
    "ProtocolName": "T2_.8x.8x.8_224Slices",
    "RepetitionTime": 3.2,
    "ScanningSequence": "SE",
    "SequenceName": "_spc3d1_282ns",
    "SequenceVariant": "SK_SP",
    "SeriesDescription": "T2_.8x.8x.8_224Slices",
    "modality": "T2w",
    "run_id": "01",
    "session_id": "struct01",
    "subject_id": "MSC05"
  },
  "cjv": 0.46053486030155455,
  "cnr": 2.521034486705866,
  "efc": 0.626058956624812,
  "fber": 794.8204345703125,
  "fwhm_avg": 2.3228891981073545,
  "fwhm_x": 2.1463518870049914,
  "fwhm_y": 2.595402926829268,
  "fwhm_z": 2.2269127804878046,
  "icvs_csf": 0.40153849254211993,
  "icvs_gm": 0.09074526409010322,
  "icvs_wm": 0.5077162433677769,
  "inu_med": 1.168999433517456,
  "inu_range": 0.4449164718389511,
  "provenance": {
    "md5sum": "4f000e1cbf53bb22c6a36def67431144",
    "settings": {
      "testing": false
    },
    "software": "mriqc",
    "version": "0.9.6",
    "warnings": {
      "large_rot_frame": true,
      "small_air_mask": false
    }
  },
  "qi_1": 0.0,
  "qi_2": 0.005757395519358674,
  "rpve_csf": 8.649738323709494,
  "rpve_gm": 41.43768011731334,
  "rpve_wm": 7.495379098893104,
  "size_x": 224,
  "size_y": 256,
  "size_z": 256,
  "snr_csf": 8.739760994835125,
  "snr_gm": 3.78599259259502,
  "snr_total": 6.613247510940738,
  "snr_wm": 7.31398894539207,
  "snrd_csf": 30.071559433358736,
  "snrd_gm": 58.290787950897965,
  "snrd_total": 35.7460883637518,
  "snrd_wm": 18.875917706998706,
  "spacing_x": 0.7999992966651917,
  "spacing_y": 0.80078125,
  "spacing_z": 0.80078125,
  "summary_bg_k": 14.061761160394948,
  "summary_bg_mad": 34.705406188964844,
  "summary_bg_mean": 39.847198486328125,
  "summary_bg_median": 26.041702270507812,
  "summary_bg_n": 3700967.0,
  "summary_bg_p05": 0.0,
  "summary_bg_p95": 127.38544616699218,
  "summary_bg_stdv": 45.38325119018555,
  "summary_csf_k": 0.42895344418988657,
  "summary_csf_mad": 175.99105834960938,
  "summary_csf_mean": 1595.7923583984375,
  "summary_csf_median": 1593.0205078125,
  "summary_csf_n": 125160.0,
  "summary_csf_p05": 1303.1363647460937,
  "summary_csf_p95": 1898.649572753906,
  "summary_csf_stdv": 182.2720489501953,
  "summary_gm_k": 0.511456590114546,
  "summary_gm_mad": 827.8147583007812,
  "summary_gm_mean": 3011.005126953125,
  "summary_gm_median": 3087.9150390625,
  "summary_gm_n": 23543.0,
  "summary_gm_p05": 1516.2738159179687,
  "summary_gm_p95": 4123.747802734375,
  "summary_gm_stdv": 815.598388671875,
  "summary_wm_k": 0.16520097393661315,
  "summary_wm_mad": 133.77101135253906,
  "summary_wm_mean": 997.79833984375,
  "summary_wm_median": 999.93896484375,
  "summary_wm_n": 463785.0,
  "summary_wm_p05": 769.6336669921875,
  "summary_wm_p95": 1219.6427978515624,
  "summary_wm_stdv": 136.71580505371094,
  "tpm_overlap_csf": 0.11807872354984283,
  "tpm_overlap_gm": 0.09092426300048828,
  "tpm_overlap_wm": 0.48626160621643066,
  "wm2max": 0.2625041786773886
}