{
  "bids_meta": {
    "BodyPartExamined": "HEAD",
    "ConversionSoftware": "dcm2niix",
    "ConversionSoftwareVersion": "v1.0.20170411 GCC4.4.7",
    "EchoTime": 0.00374,
    "FlipAngle": 8,
    "ImageType": [
      "ORIGINAL",
      "PRIMARY",
      "M",
      "ND",
      "NORM"
    ],
    "InversionTime": 1,
    "MagneticFieldStrength": 3,
    "Manufacturer": "Siemens",
    "ManufacturersModelName": "TrioTim",
    "PhaseEncodingDirection": "i-",
    "ProcedureStepDescription": "head_Dosenbach_MSC",
    "ProtocolName": "T1_.8x.8x.8_224Slices",
    "RepetitionTime": 2.4,
    "ScanningSequence": "GR_IR",
    "SequenceName": "_tfl3d1_ns",
    "SequenceVariant": "SP_MP_OSP",
    "SeriesDescription": "T1_.8x.8x.8_224Slices",
    "modality": "T1w",
    "run_id": "02",
    "session_id": "struct02",
    "subject_id": "MSC01"
  },
  "cjv": 0.6462912323719919,
  "cnr": 2.0665437639295385,
  "efc": 0.7064857829347262,
  "fber": 352.5745849609375,
  "fwhm_avg": 3.3246340508618357,
  "fwhm_x": 3.402569469658678,
  "fwhm_y": 3.454776195121951,
  "fwhm_z": 3.1165564878048784,
  "icvs_csf": 0.1823529151332332,
  "icvs_gm": 0.41319126258343336,
  "icvs_wm": 0.40445582228333343,
  "inu_med": 1.1071162223815918,
  "inu_range": 0.5233895421028139,
  "provenance": {
    "md5sum": "70c2491ad67d7248353aa7901c0c8e1e",
    "mriqc_pred": 0,
    "settings": {
      "testing": false
    },
    "software": "mriqc",
    "version": "0.9.6",
    "warnings": {
      "large_rot_frame": true,
      "small_air_mask": false
    }
  },
  "qi_1": 0.0,
  "qi_2": 0.003117977928048414,
  "rpve_csf": 17.86929266582182,
  "rpve_gm": 8.374354808990809,
  "rpve_wm": 10.031497837089542,
  "size_x": 224,
  "size_y": 256,
  "size_z": 256,
  "snr_csf": 2.692515761395029,
  "snr_gm": 8.936218690474437,
  "snr_total": 8.41763820914046,
  "snr_wm": 13.624180175551913,
  "snrd_csf": 10.867195069271835,
  "snrd_gm": 22.510598391108324,
  "snrd_total": 20.975668651791953,
  "snrd_wm": 29.549212494995697,
  "spacing_x": 0.7999954223632812,
  "spacing_y": 0.80078125,
  "spacing_z": 0.80078125,
  "summary_bg_k": 2.641438879600617,
  "summary_bg_mad": 22.172252655029297,
  "summary_bg_mean": 37.966922760009766,
  "summary_bg_median": 33.263893127441406,
  "summary_bg_n": 3262408.0,
  "summary_bg_p05": 7.097228336334229,
  "summary_bg_p95": 85.64681892395018,
  "summary_bg_stdv": 25.129451751708984,
  "summary_csf_k": 0.8774902865787104,
  "summary_csf_mad": 127.99090576171875,
  "summary_csf_mean": 387.1642150878906,
  "summary_csf_median": 367.78631591796875,
  "summary_csf_n": 39039.0,
  "summary_csf_p05": 199.3155014038086,
  "summary_csf_p95": 637.5885864257812,
  "summary_csf_stdv": 136.5940399169922,
  "summary_gm_k": 0.338992389595417,
  "summary_gm_mad": 82.09159088134766,
  "summary_gm_mean": 764.7727661132812,
  "summary_gm_median": 761.8424072265625,
  "summary_gm_n": 43800.0,
  "summary_gm_p05": 630.448861694336,
  "summary_gm_p95": 910.3457214355468,
  "summary_gm_stdv": 85.25235748291016,
  "summary_wm_k": 0.2572749545307458,
  "summary_wm_mad": 71.86331176757812,
  "summary_wm_mean": 1001.9593505859375,
  "summary_wm_median": 1000.0552978515625,
  "summary_wm_n": 524488.0,
  "summary_wm_p05": 884.8317810058593,
  "summary_wm_p95": 1125.5593200683593,
  "summary_wm_stdv": 73.40290069580078,
  "tpm_overlap_csf": 0.22617840766906738,
  "tpm_overlap_gm": 0.48903295397758484,
  "tpm_overlap_wm": 0.5479786396026611,
  "wm2max": 0.5803977748056506
}