{
  "aor": 0.014561577017114916,
  "aqi": 0.011832105244498776,
  "bids_meta": {
    "BodyPartExamined": "HEAD",
    "CogAtlasID": "http://www.cognitiveatlas.org/term/id/trm_4c8a834779883",
    "ConversionSoftware": "dcm2niix",
    "ConversionSoftwareVersion": "v1.0.20170411 GCC4.4.7",
    "EchoTime": 0.027,
    "EffectiveEchoSpacing": 0.000590001,
    "FlipAngle": 90,
    "ImageType": [
      "ORIGINAL",
      "PRIMARY",
      "M",
      "ND",
      "NORM",
      "MOSAIC"
    ],
    "Instructions": "During this first scan, a plus sign will be presented on the screen.  All you need to do is simply relax and look at the plus sign. Please keep your eyes open the entire time, and be as still as possible. It's extremely important that you stay awake for the entire duration of this scan. This scan will last ~30 minutes.",
    "MagneticFieldStrength": 3,
    "Manufacturer": "Siemens",
    "ManufacturersModelName": "TrioTim",
    "PhaseEncodingDirection": "j-",
    "ProcedureStepDescription": "head_Dosenbach_MSC",
    "ProtocolName": "RSFC_818Frames_36Slices_TR2.2",
    "RepetitionTime": 2.2,
    "ScanningSequence": "EP",
    "SequenceName": "_epfid2d1_64",
    "SequenceVariant": "SK",
    "SeriesDescription": "RSFC_818Frames_36Slices_TR2.2",
    "SliceTiming": [
      1.105,
      0,
      1.165,
      0.06,
      1.2275,
      0.1225,
      1.2875,
      0.185,
      1.35,
      0.245,
      1.41,
      0.3075,
      1.4725,
      0.3675,
      1.5325,
      0.43,
      1.595,
      0.49,
      1.655,
      0.5525,
      1.7175,
      0.6125,
      1.78,
      0.675,
      1.84,
      0.735,
      1.9025,
      0.7975,
      1.9625,
      0.8575,
      2.025,
      0.92,
      2.085,
      0.9825,
      2.1475,
      1.0425
    ],
    "SoftwareVersion": "syngo MR B17",
    "TaskName": "rest",
    "modality": "bold",
    "session_id": "func09",
    "subject_id": "MSC04",
    "task_id": "rest"
  },
  "dummy_trs": 0,
  "dvars_nstd": 17.509596504920438,
  "dvars_std": 1.2982281762545893,
  "dvars_vstd": 1.1643058370624237,
  "efc": 0.37220098307237065,
  "fber": 43642.42578125,
  "fd_mean": 0.14417893999833528,
  "fd_num": 154,
  "fd_perc": 18.82640586797066,
  "fwhm_avg": 2.620552793082323,
  "fwhm_x": 2.3968376428626565,
  "fwhm_y": 2.993925,
  "fwhm_z": 2.470895736384313,
  "gcor": 0.027516,
  "gsr_x": -0.01916682906448841,
  "gsr_y": 0.009494484402239323,
  "provenance": {
    "md5sum": "ed8c4241571f914daf53283bbd538633",
    "settings": {
      "fd_thres": 0.2,
      "hmc_fsl": false
    },
    "software": "mriqc",
    "version": "0.9.6"
  },
  "size_t": 818,
  "size_x": 64,
  "size_y": 64,
  "size_z": 36,
  "snr": 4.5061939760591,
  "spacing_tr": 2.200000047683716,
  "spacing_x": 3.999999761581421,
  "spacing_y": 4.0,
  "spacing_z": 3.9999988079071045,
  "summary_bg_k": 56.04820716818295,
  "summary_bg_mad": 2.8782060146331787,
  "summary_bg_mean": 14.800676345825195,
  "summary_bg_median": 3.5965771675109863,
  "summary_bg_n": 101423.0,
  "summary_bg_p05": 1.0636920332908635,
  "summary_bg_p95": 63.41002731323231,
  "summary_bg_stdv": 41.771148681640625,
  "summary_fg_k": 3.3134316303549527,
  "summary_fg_mad": 110.54997253417969,
  "summary_fg_mean": 737.5374755859375,
  "summary_fg_median": 769.92236328125,
  "summary_fg_n": 18382.0,
  "summary_fg_p05": 364.439372253418,
  "summary_fg_p95": 939.2549407958984,
  "summary_fg_stdv": 170.85403442382812,
  "tsnr": 46.4323616027832
}