{
  "aor": 0.0077323227383863085,
  "aqi": 0.025224317444987772,
  "bids_meta": {
    "BodyPartExamined": "HEAD",
    "CogAtlasID": "http://www.cognitiveatlas.org/term/id/trm_4c8a834779883",
    "ConversionSoftware": "dcm2niix",
    "ConversionSoftwareVersion": "v1.0.20170411 GCC4.4.7",
    "EchoTime": 0.027,
    "EffectiveEchoSpacing": 0.000590001,
    "FlipAngle": 90,
    "ImageType": [
      "ORIGINAL",
      "PRIMARY",
      "M",
      "ND",
      "NORM",
      "MOSAIC"
    ],
    "Instructions": "During this first scan, a plus sign will be presented on the screen.  All you need to do is simply relax and look at the plus sign. Please keep your eyes open the entire time, and be as still as possible. It's extremely important that you stay awake for the entire duration of this scan. This scan will last ~30 minutes.",
    "MagneticFieldStrength": 3,
    "Manufacturer": "Siemens",
    "ManufacturersModelName": "TrioTim",
    "PhaseEncodingDirection": "j-",
    "ProcedureStepDescription": "head_Dosenbach_MSC",
    "ProtocolName": "RSFC_818Frames_36Slices_TR2.2",
    "RepetitionTime": 2.2,
    "ScanningSequence": "EP",
    "SequenceName": "_epfid2d1_64",
    "SequenceVariant": "SK",
    "SeriesDescription": "RSFC_818Frames_36Slices_TR2.2",
    "SliceTiming": [
      1.105,
      0,
      1.165,
      0.06,
      1.2275,
      0.1225,
      1.2875,
      0.185,
      1.35,
      0.245,
      1.41,
      0.3075,
      1.4725,
      0.3675,
      1.5325,
      0.43,
      1.595,
      0.49,
      1.655,
      0.5525,
      1.7175,
      0.6125,
      1.78,
      0.675,
      1.84,
      0.735,
      1.9025,
      0.7975,
      1.9625,
      0.8575,
      2.025,
      0.92,
      2.085,
      0.9825,
      2.1475,
      1.0425
    ],
    "SoftwareVersion": "syngo MR B17",
    "TaskName": "rest",
    "modality": "bold",
    "session_id": "func01",
    "subject_id": "MSC07",
    "task_id": "rest"
  },
  "dummy_trs": 0,
  "dvars_nstd": 20.352280518898425,
  "dvars_std": 1.1117089993757638,
  "dvars_vstd": 0.9404273229498163,
  "efc": 0.3993211395686267,
  "fber": 34459.7734375,
  "fd_mean": 0.23214030714580908,
  "fd_num": 428,
  "fd_perc": 52.32273838630807,
  "fwhm_avg": 2.523128706950525,
  "fwhm_x": 2.320365,
  "fwhm_y": 2.898425,
  "fwhm_z": 2.3505961208515744,
  "gcor": 0.0166464,
  "gsr_x": -0.01790352165699005,
  "gsr_y": 0.01858881115913391,
  "provenance": {
    "md5sum": "92914a3cf0ef454e714addc26a4d3dd8",
    "settings": {
      "fd_thres": 0.2,
      "hmc_fsl": false
    },
    "software": "mriqc",
    "version": "0.9.6"
  },
  "size_t": 818,
  "size_x": 64,
  "size_y": 64,
  "size_z": 36,
  "snr": 5.046365194279429,
  "spacing_tr": 2.200000047683716,
  "spacing_x": 4.0,
  "spacing_y": 4.0,
  "spacing_z": 3.999998092651367,
  "summary_bg_k": 43.124956037340375,
  "summary_bg_mad": 3.3621363639831543,
  "summary_bg_mean": 17.723102569580078,
  "summary_bg_median": 4.149144649505615,
  "summary_bg_n": 98175.0,
  "summary_bg_p05": 1.3321515917778013,
  "summary_bg_p95": 85.83557815551762,
  "summary_bg_stdv": 44.654083251953125,
  "summary_fg_k": 4.074933510567736,
  "summary_fg_mad": 112.60519409179688,
  "summary_fg_mean": 771.1978759765625,
  "summary_fg_median": 788.9444580078125,
  "summary_fg_n": 20682.0,
  "summary_fg_p05": 480.0960403442383,
  "summary_fg_p95": 966.6904296875,
  "summary_fg_stdv": 156.3353729248047,
  "tsnr": 33.98158264160156
}