{
  "aor": 0.0046796153846153845,
  "aqi": 0.004187459615384615,
  "bids_meta": {
    "BodyPartExamined": "HEAD",
    "CogAtlasID": "http://www.cognitiveatlas.org/term/id/trm_550b53d7dd674",
    "ConversionSoftware": "dcm2niix",
    "ConversionSoftwareVersion": "v1.0.20170411 GCC4.4.7",
    "EchoTime": 0.027,
    "EffectiveEchoSpacing": 0.000590001,
    "FlipAngle": 90,
    "ImageType": [
      "ORIGINAL",
      "PRIMARY",
      "M",
      "ND",
      "NORM",
      "MOSAIC"
    ],
    "Instructions": "In this next scan you'll be prompted to move your hands, feet, or tongue. You'll only move one of these at once. Instructions are presented on the screen. Let?s review them now. [Read on-screen instructions to participant.] Do you have any questions?",
    "MagneticFieldStrength": 3,
    "Manufacturer": "Siemens",
    "ManufacturersModelName": "TrioTim",
    "PhaseEncodingDirection": "j-",
    "ProcedureStepDescription": "head_Dosenbach_MSC",
    "ProtocolName": "Motor_104Frames_36Slices_TR2.2",
    "RepetitionTime": 2.2,
    "ScanningSequence": "EP",
    "SequenceName": "_epfid2d1_64",
    "SequenceVariant": "SK",
    "SeriesDescription": "Motor_104Frames_36Slices_TR2.2",
    "SliceTiming": [
      1.105,
      0,
      1.1675,
      0.0625,
      1.2275,
      0.1225,
      1.29,
      0.185,
      1.35,
      0.245,
      1.4125,
      0.3075,
      1.4725,
      0.37,
      1.535,
      0.43,
      1.595,
      0.4925,
      1.6575,
      0.5525,
      1.7175,
      0.615,
      1.78,
      0.675,
      1.84,
      0.7375,
      1.9025,
      0.7975,
      1.965,
      0.86,
      2.025,
      0.92,
      2.0875,
      0.9825,
      2.1475,
      1.0425
    ],
    "SoftwareVersion": "syngo MR B17",
    "TaskName": "motor",
    "modality": "bold",
    "run_id": "02",
    "session_id": "func07",
    "subject_id": "MSC02",
    "task_id": "motor"
  },
  "dummy_trs": 0,
  "dvars_nstd": 20.610358340097086,
  "dvars_std": 1.3733451836893202,
  "dvars_vstd": 1.0161139234951455,
  "efc": 0.4164678747401237,
  "fber": 35141.6015625,
  "fd_mean": 0.10714424489811544,
  "fd_num": 9,
  "fd_perc": 8.653846153846153,
  "fwhm_avg": 2.4820768974292258,
  "fwhm_x": 2.180087629943349,
  "fwhm_y": 2.9075,
  "fwhm_z": 2.3586430623443277,
  "gcor": 0.0261192,
  "gsr_x": -0.012457909062504768,
  "gsr_y": 0.035382095724344254,
  "provenance": {
    "md5sum": "6bae94f480a951786a34842d980f638a",
    "settings": {
      "fd_thres": 0.2,
      "hmc_fsl": false
    },
    "software": "mriqc",
    "version": "0.9.6"
  },
  "size_t": 104,
  "size_x": 64,
  "size_y": 64,
  "size_z": 36,
  "snr": 4.868617319734885,
  "spacing_tr": 2.200000047683716,
  "spacing_x": 3.999999761581421,
  "spacing_y": 4.0,
  "spacing_z": 3.9999990463256836,
  "summary_bg_k": 27.751946770476625,
  "summary_bg_mad": 2.4947633743286133,
  "summary_bg_mean": 19.02861785888672,
  "summary_bg_median": 3.721153974533081,
  "summary_bg_n": 96912.0,
  "summary_bg_p05": 1.519230842590332,
  "summary_bg_p95": 105.47452125549307,
  "summary_bg_stdv": 44.099159240722656,
  "summary_fg_k": 3.4497290926338877,
  "summary_fg_mad": 110.48951721191406,
  "summary_fg_mean": 710.1356201171875,
  "summary_fg_median": 721.8029174804688,
  "summary_fg_n": 22162.0,
  "summary_fg_p05": 443.2485610961914,
  "summary_fg_p95": 909.6052947998047,
  "summary_fg_stdv": 148.25289916992188,
  "tsnr": 83.60601043701172
}