{
  "bids_meta": {
    "BodyPartExamined": "HEAD",
    "ConversionSoftware": "dcm2niix",
    "ConversionSoftwareVersion": "v1.0.20170411 GCC4.4.7",
    "EchoTime": 0.00374,
    "FlipAngle": 8,
    "ImageType": [
      "ORIGINAL",
      "PRIMARY",
      "M",
      "ND",
      "NORM"
    ],
    "InversionTime": 1,
    "MagneticFieldStrength": 3,
    "Manufacturer": "Siemens",
    "ManufacturersModelName": "TrioTim",
    "PhaseEncodingDirection": "i-",
    "ProcedureStepDescription": "head_Dosenbach_MSC",
    "ProtocolName": "T1_.8x.8x.8_224Slices",
    "RepetitionTime": 2.4,
    "ScanningSequence": "GR_IR",
    "SequenceName": "_tfl3d1_ns",
    "SequenceVariant": "SP_MP_OSP",
    "SeriesDescription": "T1_.8x.8x.8_224Slices",
    "modality": "T1w",
    "run_id": "02",
    "session_id": "struct01",
    "subject_id": "MSC01"
  },
  "cjv": 0.6560484817854779,
  "cnr": 2.0533426877513667,
  "efc": 0.6786284090233276,
  "fber": 402.97967529296875,
  "fwhm_avg": 3.331639546414042,
  "fwhm_x": 3.4067898587543217,
  "fwhm_y": 3.4988456585365855,
  "fwhm_z": 3.0892831219512193,
  "icvs_csf": 0.1911449280998114,
  "icvs_gm": 0.40040792426921756,
  "icvs_wm": 0.40844714763097106,
  "inu_med": 1.125277042388916,
  "inu_range": 0.5202460706233978,
  "provenance": {
    "md5sum": "a5f94cb6fd8dd5d21ac1a78ddf20671e",
    "mriqc_pred": 0,
    "settings": {
      "testing": false
    },
    "software": "mriqc",
    "version": "0.9.6",
    "warnings": {
      "large_rot_frame": true,
      "small_air_mask": false
    }
  },
  "qi_1": 0.0,
  "qi_2": 0.001868549569216825,
  "rpve_csf": 17.557560532131475,
  "rpve_gm": 8.520914829382148,
  "rpve_wm": 9.934455965822524,
  "size_x": 224,
  "size_y": 256,
  "size_z": 256,
  "snr_csf": 2.667938157941318,
  "snr_gm": 8.754835085606965,
  "snr_total": 8.159379702904701,
  "snr_wm": 13.05536586516582,
  "snrd_csf": 11.350674375638363,
  "snrd_gm": 23.239702215488563,
  "snrd_total": 21.756472119314594,
  "snrd_wm": 30.679039766816853,
  "spacing_x": 0.800005316734314,
  "spacing_y": 0.80078125,
  "spacing_z": 0.80078125,
  "summary_bg_k": 4.831107202066165,
  "summary_bg_mad": 21.355478286743164,
  "summary_bg_mean": 35.398033142089844,
  "summary_bg_median": 30.5694522857666,
  "summary_bg_n": 3941131.0,
  "summary_bg_p05": 6.203869581222534,
  "summary_bg_p95": 81.47514724731445,
  "summary_bg_stdv": 24.35274314880371,
  "summary_csf_k": 1.359267921789293,
  "summary_csf_mad": 131.5949249267578,
  "summary_csf_mean": 384.6040344238281,
  "summary_csf_median": 369.9978942871094,
  "summary_csf_n": 44703.0,
  "summary_csf_p05": 183.21339721679686,
  "summary_csf_p95": 621.8564025878909,
  "summary_csf_stdv": 138.68153381347656,
  "summary_gm_k": 0.20149294090072756,
  "summary_gm_mad": 84.87020111083984,
  "summary_gm_mean": 760.3587036132812,
  "summary_gm_median": 757.5444946289062,
  "summary_gm_n": 34222.0,
  "summary_gm_p05": 622.6616302490235,
  "summary_gm_p95": 907.2791351318359,
  "summary_gm_stdv": 86.52743530273438,
  "summary_wm_k": 0.45864704368833253,
  "summary_wm_mad": 74.22159576416016,
  "summary_wm_mean": 1002.3892211914062,
  "summary_wm_median": 1000.0445556640625,
  "summary_wm_n": 520534.0,
  "summary_wm_p05": 880.8986755371094,
  "summary_wm_p95": 1131.0572143554687,
  "summary_wm_stdv": 76.6001968383789,
  "tpm_overlap_csf": 0.2233763486146927,
  "tpm_overlap_gm": 0.4846436381340027,
  "tpm_overlap_wm": 0.5512151718139648,
  "wm2max": 0.5675903790482556
}