{
  "bids_meta": {
    "BodyPartExamined": "HEAD",
    "ConversionSoftware": "dcm2niix",
    "ConversionSoftwareVersion": "v1.0.20170411 GCC4.4.7",
    "EchoTime": 0.479,
    "FlipAngle": 120,
    "ImageType": [
      "ORIGINAL",
      "PRIMARY",
      "M",
      "ND",
      "NORM"
    ],
    "MagneticFieldStrength": 3,
    "Manufacturer": "Siemens",
    "ManufacturersModelName": "TrioTim",
    "PhaseEncodingDirection": "i-",
    "ProcedureStepDescription": "head_Dosenbach_MSC",
    "ProtocolName": "T2_.8x.8x.8_224Slices",
    "RepetitionTime": 3.2,
    "ScanningSequence": "SE",
    "SequenceName": "_spc3d1_282ns",
    "SequenceVariant": "SK_SP",
    "SeriesDescription": "T2_.8x.8x.8_224Slices",
    "modality": "T2w",
    "run_id": "02",
    "session_id": "struct01",
    "subject_id": "MSC06"
  },
  "cjv": 0.8666180141453231,
  "cnr": 1.4920310489242612,
  "efc": 0.6093504995789544,
  "fber": 674.6011962890625,
  "fwhm_avg": 2.292653355431687,
  "fwhm_x": 2.1532865053194516,
  "fwhm_y": 2.520613463414634,
  "fwhm_z": 2.2040600975609754,
  "icvs_csf": 0.31302456153506764,
  "icvs_gm": 0.6257940612593033,
  "icvs_wm": 0.061181377205629175,
  "inu_med": 1.265213131904602,
  "inu_range": 0.3841183006763458,
  "provenance": {
    "md5sum": "665ec4386c37ac369ca6467df3315bb4",
    "settings": {
      "testing": false
    },
    "software": "mriqc",
    "version": "0.9.6",
    "warnings": {
      "large_rot_frame": true,
      "small_air_mask": false
    }
  },
  "qi_1": 0.0010233058143085273,
  "qi_2": 0.0034429451787147273,
  "rpve_csf": 10.935048211075534,
  "rpve_gm": 6.812328450171354,
  "rpve_wm": 55.27992408633289,
  "size_x": 224,
  "size_y": 256,
  "size_z": 256,
  "snr_csf": 3.223540059490607,
  "snr_gm": 6.351494455694233,
  "snr_total": 4.774914788724832,
  "snr_wm": 4.749709850989655,
  "snrd_csf": 60.14275384157582,
  "snrd_gm": 30.93364904869594,
  "snrd_total": 37.34890596717153,
  "snrd_wm": 20.970315011242832,
  "spacing_x": 0.8000003695487976,
  "spacing_y": 0.80078125,
  "spacing_z": 0.80078125,
  "summary_bg_k": 56.5802186282636,
  "summary_bg_mad": 31.26511573791504,
  "summary_bg_mean": 54.56003189086914,
  "summary_bg_median": 38.574100494384766,
  "summary_bg_n": 3783491.0,
  "summary_bg_p05": 0.0,
  "summary_bg_p95": 151.24615478515625,
  "summary_bg_stdv": 56.66347122192383,
  "summary_csf_k": -0.16938594206703694,
  "summary_csf_mad": 892.7940673828125,
  "summary_csf_mean": 3056.56640625,
  "summary_csf_median": 2870.196533203125,
  "summary_csf_n": 134268.0,
  "summary_csf_p05": 1938.940295410156,
  "summary_csf_p95": 4726.631933593749,
  "summary_csf_stdv": 890.3831787109375,
  "summary_gm_k": 0.23476991918827572,
  "summary_gm_mad": 228.15821838378906,
  "summary_gm_mean": 1491.3221435546875,
  "summary_gm_median": 1476.24853515625,
  "summary_gm_n": 449643.0,
  "summary_gm_p05": 1135.3485717773438,
  "summary_gm_p95": 1894.8291015625,
  "summary_gm_stdv": 232.4251251220703,
  "summary_wm_k": 1.405537357248769,
  "summary_wm_mad": 183.90203857421875,
  "summary_wm_mean": 984.995849609375,
  "summary_wm_median": 1000.7677001953125,
  "summary_wm_n": 635.0,
  "summary_wm_p05": 628.6324584960937,
  "summary_wm_p95": 1300.7970214843747,
  "summary_wm_stdv": 210.5348358154297,
  "tpm_overlap_csf": 0.15801763534545898,
  "tpm_overlap_gm": 0.3829251527786255,
  "tpm_overlap_wm": 0.09496568143367767,
  "wm2max": 0.1997297086236224
}