{
  "aor": 0.003958461538461538,
  "aqi": 0.007223542403846154,
  "bids_meta": {
    "BodyPartExamined": "HEAD",
    "CogAtlasID": "http://www.cognitiveatlas.org/term/id/trm_550b53d7dd674",
    "ConversionSoftware": "dcm2niix",
    "ConversionSoftwareVersion": "v1.0.20170411 GCC4.4.7",
    "EchoTime": 0.027,
    "EffectiveEchoSpacing": 0.000590001,
    "FlipAngle": 90,
    "ImageType": [
      "ORIGINAL",
      "PRIMARY",
      "M",
      "ND",
      "NORM",
      "MOSAIC"
    ],
    "Instructions": "In this next scan you'll be prompted to move your hands, feet, or tongue. You'll only move one of these at once. Instructions are presented on the screen. Let?s review them now. [Read on-screen instructions to participant.] Do you have any questions?",
    "MagneticFieldStrength": 3,
    "Manufacturer": "Siemens",
    "ManufacturersModelName": "TrioTim",
    "PhaseEncodingDirection": "j-",
    "ProcedureStepDescription": "head_Dosenbach_MSC",
    "ProtocolName": "Motor_104Frames_36Slices_TR2.2",
    "RepetitionTime": 2.2,
    "ScanningSequence": "EP",
    "SequenceName": "_epfid2d1_64",
    "SequenceVariant": "SK",
    "SeriesDescription": "Motor_104Frames_36Slices_TR2.2",
    "SliceTiming": [
      1.105,
      0,
      1.1675,
      0.0625,
      1.2275,
      0.1225,
      1.29,
      0.185,
      1.35,
      0.245,
      1.4125,
      0.3075,
      1.4725,
      0.37,
      1.535,
      0.43,
      1.595,
      0.4925,
      1.6575,
      0.5525,
      1.7175,
      0.615,
      1.78,
      0.675,
      1.84,
      0.7375,
      1.9025,
      0.7975,
      1.965,
      0.86,
      2.025,
      0.92,
      2.0875,
      0.9825,
      2.1475,
      1.0425
    ],
    "SoftwareVersion": "syngo MR B17",
    "TaskName": "motor",
    "modality": "bold",
    "run_id": "02",
    "session_id": "func09",
    "subject_id": "MSC07",
    "task_id": "motor"
  },
  "dummy_trs": 0,
  "dvars_nstd": 16.839683903300966,
  "dvars_std": 1.1259049863106791,
  "dvars_vstd": 0.9319546702912628,
  "efc": 0.40209426925808506,
  "fber": 37741.4296875,
  "fd_mean": 0.15353119268741866,
  "fd_num": 24,
  "fd_perc": 23.076923076923077,
  "fwhm_avg": 2.505305,
  "fwhm_x": 2.3123425,
  "fwhm_y": 2.82535,
  "fwhm_z": 2.3782225,
  "gcor": 0.0282133,
  "gsr_x": -0.021481359377503395,
  "gsr_y": 0.015035523101687431,
  "provenance": {
    "md5sum": "80eabb548b95381e306f8a8943a19da0",
    "settings": {
      "fd_thres": 0.2,
      "hmc_fsl": false
    },
    "software": "mriqc",
    "version": "0.9.6"
  },
  "size_t": 104,
  "size_x": 64,
  "size_y": 64,
  "size_z": 36,
  "snr": 5.0163172173499975,
  "spacing_tr": 2.200000047683716,
  "spacing_x": 4.0,
  "spacing_y": 4.0,
  "spacing_z": 4.0,
  "summary_bg_k": 41.70843999391147,
  "summary_bg_mad": 2.993716239929199,
  "summary_bg_mean": 18.117671966552734,
  "summary_bg_median": 3.692307949066162,
  "summary_bg_n": 98258.0,
  "summary_bg_p05": 1.201923131942749,
  "summary_bg_p95": 90.14567565917963,
  "summary_bg_stdv": 47.28144836425781,
  "summary_fg_k": 4.298605576919249,
  "summary_fg_mad": 102.5489501953125,
  "summary_fg_mean": 728.7479248046875,
  "summary_fg_median": 747.6923828125,
  "summary_fg_n": 20662.0,
  "summary_fg_p05": 440.646662902832,
  "summary_fg_p95": 913.286590576172,
  "summary_fg_stdv": 149.04844665527344,
  "tsnr": 65.49419403076172
}