{
  "aor": 0.010290892420537897,
  "aqi": 0.013100368753056235,
  "bids_meta": {
    "BodyPartExamined": "HEAD",
    "CogAtlasID": "http://www.cognitiveatlas.org/term/id/trm_4c8a834779883",
    "ConversionSoftware": "dcm2niix",
    "ConversionSoftwareVersion": "v1.0.20170411 GCC4.4.7",
    "EchoTime": 0.027,
    "EffectiveEchoSpacing": 0.000590001,
    "FlipAngle": 90,
    "ImageType": [
      "ORIGINAL",
      "PRIMARY",
      "M",
      "ND",
      "NORM",
      "MOSAIC"
    ],
    "Instructions": "During this first scan, a plus sign will be presented on the screen.  All you need to do is simply relax and look at the plus sign. Please keep your eyes open the entire time, and be as still as possible. It's extremely important that you stay awake for the entire duration of this scan. This scan will last ~30 minutes.",
    "MagneticFieldStrength": 3,
    "Manufacturer": "Siemens",
    "ManufacturersModelName": "TrioTim",
    "PhaseEncodingDirection": "j-",
    "ProcedureStepDescription": "head_Dosenbach_MSC",
    "ProtocolName": "RSFC_818Frames_36Slices_TR2.2",
    "RepetitionTime": 2.2,
    "ScanningSequence": "EP",
    "SequenceName": "_epfid2d1_64",
    "SequenceVariant": "SK",
    "SeriesDescription": "RSFC_818Frames_36Slices_TR2.2",
    "SliceTiming": [
      1.105,
      0,
      1.165,
      0.06,
      1.2275,
      0.1225,
      1.2875,
      0.185,
      1.35,
      0.245,
      1.41,
      0.3075,
      1.4725,
      0.3675,
      1.5325,
      0.43,
      1.595,
      0.49,
      1.655,
      0.5525,
      1.7175,
      0.6125,
      1.78,
      0.675,
      1.84,
      0.735,
      1.9025,
      0.7975,
      1.9625,
      0.8575,
      2.025,
      0.92,
      2.085,
      0.9825,
      2.1475,
      1.0425
    ],
    "SoftwareVersion": "syngo MR B17",
    "TaskName": "rest",
    "modality": "bold",
    "session_id": "func06",
    "subject_id": "MSC06",
    "task_id": "rest"
  },
  "dummy_trs": 0,
  "dvars_nstd": 18.319550340391686,
  "dvars_std": 1.31951224858017,
  "dvars_vstd": 1.0239199709547122,
  "efc": 0.40314912750156273,
  "fber": 32448.33203125,
  "fd_mean": 0.10179590096177842,
  "fd_num": 55,
  "fd_perc": 6.723716381418093,
  "fwhm_avg": 2.488455330914894,
  "fwhm_x": 2.232985,
  "fwhm_y": 2.853025,
  "fwhm_z": 2.379355992744681,
  "gcor": 0.0413603,
  "gsr_x": -0.014609867706894875,
  "gsr_y": 0.01851980946958065,
  "provenance": {
    "md5sum": "70234c51b4bbe15cb31ef7b4bdd89ad0",
    "settings": {
      "fd_thres": 0.2,
      "hmc_fsl": false
    },
    "software": "mriqc",
    "version": "0.9.6"
  },
  "size_t": 818,
  "size_x": 64,
  "size_y": 64,
  "size_z": 36,
  "snr": 4.93567183637339,
  "spacing_tr": 2.200000047683716,
  "spacing_x": 4.0,
  "spacing_y": 4.0,
  "spacing_z": 3.9999983310699463,
  "summary_bg_k": 55.74468251476873,
  "summary_bg_mad": 2.738645553588867,
  "summary_bg_mean": 14.653595924377441,
  "summary_bg_median": 3.6271395683288574,
  "summary_bg_n": 97733.0,
  "summary_bg_p05": 1.3985331058502197,
  "summary_bg_p95": 68.52494354248043,
  "summary_bg_stdv": 35.12492370605469,
  "summary_fg_k": 4.135249849431051,
  "summary_fg_mad": 94.96988677978516,
  "summary_fg_mean": 659.0448608398438,
  "summary_fg_median": 674.654052734375,
  "summary_fg_n": 21135.0,
  "summary_fg_p05": 394.0694488525391,
  "summary_fg_p95": 832.4596740722656,
  "summary_fg_stdv": 136.68617248535156,
  "tsnr": 49.26697540283203
}