{
  "bids_meta": {
    "BodyPartExamined": "HEAD",
    "ConversionSoftware": "dcm2niix",
    "ConversionSoftwareVersion": "v1.0.20170411 GCC4.4.7",
    "EchoTime": 0.479,
    "FlipAngle": 120,
    "ImageType": [
      "ORIGINAL",
      "PRIMARY",
      "M",
      "ND",
      "NORM"
    ],
    "MagneticFieldStrength": 3,
    "Manufacturer": "Siemens",
    "ManufacturersModelName": "TrioTim",
    "PhaseEncodingDirection": "i-",
    "ProcedureStepDescription": "head_Dosenbach_MSC",
    "ProtocolName": "T2_.8x.8x.8_224Slices",
    "RepetitionTime": 3.2,
    "ScanningSequence": "SE",
    "SequenceName": "_spc3d1_282ns",
    "SequenceVariant": "SK_SP",
    "SeriesDescription": "T2_.8x.8x.8_224Slices",
    "modality": "T2w",
    "run_id": "01",
    "session_id": "struct02",
    "subject_id": "MSC03"
  },
  "cjv": 0.25666808543826286,
  "cnr": 3.558116862863561,
  "efc": 0.5638531298890108,
  "fber": 1341.16015625,
  "fwhm_avg": 2.282081970956996,
  "fwhm_x": 2.126192839700255,
  "fwhm_y": 2.554867512195122,
  "fwhm_z": 2.1651855609756097,
  "icvs_csf": 0.38676453120410514,
  "icvs_gm": 0.09576754095028832,
  "icvs_wm": 0.5174679278456066,
  "inu_med": 1.2085745334625244,
  "inu_range": 0.35892605781555154,
  "provenance": {
    "md5sum": "dc9b35056cd229d33ea3c4172b64c99a",
    "settings": {
      "testing": false
    },
    "software": "mriqc",
    "version": "0.9.6",
    "warnings": {
      "large_rot_frame": true,
      "small_air_mask": false
    }
  },
  "qi_1": 0.00018593270852757462,
  "qi_2": 0.007778408514468807,
  "rpve_csf": 10.90096490585999,
  "rpve_gm": 49.523054141225636,
  "rpve_wm": 9.117104503718863,
  "size_x": 224,
  "size_y": 256,
  "size_z": 256,
  "snr_csf": 8.65792965811464,
  "snr_gm": 5.118413769682922,
  "snr_total": 7.01421421440472,
  "snr_wm": 7.266299215416599,
  "snrd_csf": 43.74636086594977,
  "snrd_gm": 91.70357606768569,
  "snrd_total": 54.00539650074763,
  "snrd_wm": 26.566252568607435,
  "spacing_x": 0.8000026941299438,
  "spacing_y": 0.80078125,
  "spacing_z": 0.80078125,
  "summary_bg_k": 74.89960040942684,
  "summary_bg_mad": 24.66002082824707,
  "summary_bg_mean": 29.57202911376953,
  "summary_bg_median": 16.632930755615234,
  "summary_bg_n": 4511248.0,
  "summary_bg_p05": 0.0,
  "summary_bg_p95": 83.66947898864746,
  "summary_bg_stdv": 33.33515930175781,
  "summary_csf_k": 0.6694277961203676,
  "summary_csf_mad": 181.1547393798828,
  "summary_csf_mean": 1650.681640625,
  "summary_csf_median": 1646.658935546875,
  "summary_csf_n": 77853.0,
  "summary_csf_p05": 1349.67392578125,
  "summary_csf_p95": 1967.1304443359372,
  "summary_csf_stdv": 190.1896209716797,
  "summary_gm_k": 3.1954843266227186,
  "summary_gm_mad": 495.277099609375,
  "summary_gm_mean": 3274.518798828125,
  "summary_gm_median": 3451.81884765625,
  "summary_gm_n": 22690.0,
  "summary_gm_p05": 1946.2390991210937,
  "summary_gm_p95": 4032.2689819335938,
  "summary_gm_stdv": 674.37744140625,
  "summary_wm_k": 0.28342618559176325,
  "summary_wm_mad": 134.03126525878906,
  "summary_wm_mean": 1000.5059204101562,
  "summary_wm_median": 999.9816284179688,
  "summary_wm_n": 411095.0,
  "summary_wm_p05": 776.0767333984375,
  "summary_wm_p95": 1226.74599609375,
  "summary_wm_stdv": 137.6189422607422,
  "tpm_overlap_csf": 0.1169237568974495,
  "tpm_overlap_gm": 0.09148750454187393,
  "tpm_overlap_wm": 0.4934532046318054,
  "wm2max": 0.26225924630813374
}