{
  "aor": 0.003415232273838631,
  "aqi": 0.007122043105134474,
  "bids_meta": {
    "BodyPartExamined": "HEAD",
    "CogAtlasID": "http://www.cognitiveatlas.org/term/id/trm_4c8a834779883",
    "ConversionSoftware": "dcm2niix",
    "ConversionSoftwareVersion": "v1.0.20170411 GCC4.4.7",
    "EchoTime": 0.027,
    "EffectiveEchoSpacing": 0.000590001,
    "FlipAngle": 90,
    "ImageType": [
      "ORIGINAL",
      "PRIMARY",
      "M",
      "ND",
      "NORM",
      "MOSAIC"
    ],
    "Instructions": "During this first scan, a plus sign will be presented on the screen.  All you need to do is simply relax and look at the plus sign. Please keep your eyes open the entire time, and be as still as possible. It's extremely important that you stay awake for the entire duration of this scan. This scan will last ~30 minutes.",
    "MagneticFieldStrength": 3,
    "Manufacturer": "Siemens",
    "ManufacturersModelName": "TrioTim",
    "PhaseEncodingDirection": "j-",
    "ProcedureStepDescription": "head_Dosenbach_MSC",
    "ProtocolName": "RSFC_818Frames_36Slices_TR2.2",
    "RepetitionTime": 2.2,
    "ScanningSequence": "EP",
    "SequenceName": "_epfid2d1_64",
    "SequenceVariant": "SK",
    "SeriesDescription": "RSFC_818Frames_36Slices_TR2.2",
    "SliceTiming": [
      1.105,
      0,
      1.165,
      0.06,
      1.2275,
      0.1225,
      1.2875,
      0.185,
      1.35,
      0.245,
      1.41,
      0.3075,
      1.4725,
      0.3675,
      1.5325,
      0.43,
      1.595,
      0.49,
      1.655,
      0.5525,
      1.7175,
      0.6125,
      1.78,
      0.675,
      1.84,
      0.735,
      1.9025,
      0.7975,
      1.9625,
      0.8575,
      2.025,
      0.92,
      2.085,
      0.9825,
      2.1475,
      1.0425
    ],
    "SoftwareVersion": "syngo MR B17",
    "TaskName": "rest",
    "modality": "bold",
    "session_id": "func03",
    "subject_id": "MSC06",
    "task_id": "rest"
  },
  "dummy_trs": 0,
  "dvars_nstd": 23.289442337882484,
  "dvars_std": 1.5470416570134644,
  "dvars_vstd": 1.0106741772337815,
  "efc": 0.40283132381015946,
  "fber": 35563.80859375,
  "fd_mean": 0.07332026006660503,
  "fd_num": 6,
  "fd_perc": 0.7334963325183375,
  "fwhm_avg": 2.4716870424367787,
  "fwhm_x": 2.22667,
  "fwhm_y": 2.82425,
  "fwhm_z": 2.3641411273103365,
  "gcor": 0.060073,
  "gsr_x": -0.015476038679480553,
  "gsr_y": 0.01840786822140217,
  "provenance": {
    "md5sum": "08a0d253ec6e92353abe64cacbc99c0c",
    "settings": {
      "fd_thres": 0.2,
      "hmc_fsl": false
    },
    "software": "mriqc",
    "version": "0.9.6"
  },
  "size_t": 818,
  "size_x": 64,
  "size_y": 64,
  "size_z": 36,
  "snr": 4.9864149051972495,
  "spacing_tr": 2.200000047683716,
  "spacing_x": 4.0,
  "spacing_y": 4.0,
  "spacing_z": 3.999998092651367,
  "summary_bg_k": 59.136651219658695,
  "summary_bg_mad": 2.4468374252319336,
  "summary_bg_mean": 13.823334693908691,
  "summary_bg_median": 3.396088123321533,
  "summary_bg_n": 97544.0,
  "summary_bg_p05": 1.3337409496307373,
  "summary_bg_p95": 65.51901130676266,
  "summary_bg_stdv": 33.4060173034668,
  "summary_fg_k": 4.242239652929034,
  "summary_fg_mad": 93.98118591308594,
  "summary_fg_mean": 648.5902099609375,
  "summary_fg_median": 663.957275390625,
  "summary_fg_n": 21242.0,
  "summary_fg_p05": 396.870246887207,
  "summary_fg_p95": 817.608822631836,
  "summary_fg_stdv": 133.1501007080078,
  "tsnr": 65.68222045898438
}