{
  "aor": 0.001359423076923077,
  "aqi": 0.006700470192307692,
  "bids_meta": {
    "BodyPartExamined": "HEAD",
    "CogAtlasID": "http://www.cognitiveatlas.org/term/id/trm_550b53d7dd674",
    "ConversionSoftware": "dcm2niix",
    "ConversionSoftwareVersion": "v1.0.20170411 GCC4.4.7",
    "EchoTime": 0.027,
    "EffectiveEchoSpacing": 0.000590001,
    "FlipAngle": 90,
    "ImageType": [
      "ORIGINAL",
      "PRIMARY",
      "M",
      "ND",
      "NORM",
      "MOSAIC"
    ],
    "Instructions": "In this next scan you'll be prompted to move your hands, feet, or tongue. You'll only move one of these at once. Instructions are presented on the screen. Let?s review them now. [Read on-screen instructions to participant.] Do you have any questions?",
    "MagneticFieldStrength": 3,
    "Manufacturer": "Siemens",
    "ManufacturersModelName": "TrioTim",
    "PhaseEncodingDirection": "j-",
    "ProcedureStepDescription": "head_Dosenbach_MSC",
    "ProtocolName": "Motor_104Frames_36Slices_TR2.2",
    "RepetitionTime": 2.2,
    "ScanningSequence": "EP",
    "SequenceName": "_epfid2d1_64",
    "SequenceVariant": "SK",
    "SeriesDescription": "Motor_104Frames_36Slices_TR2.2",
    "SliceTiming": [
      1.105,
      0,
      1.1675,
      0.0625,
      1.2275,
      0.1225,
      1.29,
      0.185,
      1.35,
      0.245,
      1.4125,
      0.3075,
      1.4725,
      0.37,
      1.535,
      0.43,
      1.595,
      0.4925,
      1.6575,
      0.5525,
      1.7175,
      0.615,
      1.78,
      0.675,
      1.84,
      0.7375,
      1.9025,
      0.7975,
      1.965,
      0.86,
      2.025,
      0.92,
      2.0875,
      0.9825,
      2.1475,
      1.0425
    ],
    "SoftwareVersion": "syngo MR B17",
    "TaskName": "motor",
    "modality": "bold",
    "run_id": "02",
    "session_id": "func01",
    "subject_id": "MSC04",
    "task_id": "motor"
  },
  "dummy_trs": 0,
  "dvars_nstd": 18.18388984291262,
  "dvars_std": 1.1706315447572817,
  "dvars_vstd": 0.9181005567961165,
  "efc": 0.3657423402264046,
  "fber": 50911.0078125,
  "fd_mean": 0.10216192499204366,
  "fd_num": 7,
  "fd_perc": 6.730769230769231,
  "fwhm_avg": 2.5870725480958847,
  "fwhm_x": 2.3720475,
  "fwhm_y": 2.968425,
  "fwhm_z": 2.4207451442876544,
  "gcor": 0.0225852,
  "gsr_x": -0.01547037810087204,
  "gsr_y": 0.012871664948761463,
  "provenance": {
    "md5sum": "4a469db41ccda92ee4a17e74432cd763",
    "settings": {
      "fd_thres": 0.2,
      "hmc_fsl": false
    },
    "software": "mriqc",
    "version": "0.9.6"
  },
  "size_t": 104,
  "size_x": 64,
  "size_y": 64,
  "size_z": 36,
  "snr": 4.659794175636012,
  "spacing_tr": 2.200000047683716,
  "spacing_x": 4.0,
  "spacing_y": 4.0,
  "spacing_z": 3.999999761581421,
  "summary_bg_k": 71.85603110739828,
  "summary_bg_mad": 1.9530436992645264,
  "summary_bg_mean": 11.759041786193848,
  "summary_bg_median": 3.153846263885498,
  "summary_bg_n": 101663.0,
  "summary_bg_p05": 1.3461538553237915,
  "summary_bg_p95": 47.325962066650334,
  "summary_bg_stdv": 33.28361892700195,
  "summary_fg_k": 3.3202892100464476,
  "summary_fg_mad": 103.6181869506836,
  "summary_fg_mean": 704.0076904296875,
  "summary_fg_median": 735.75,
  "summary_fg_n": 18194.0,
  "summary_fg_p05": 368.48990631103516,
  "summary_fg_p95": 889.0836944580078,
  "summary_fg_stdv": 157.88890075683594,
  "tsnr": 68.38557434082031
}