{
  "aor": 0.007315961538461539,
  "aqi": 0.01215973826923077,
  "bids_meta": {
    "BodyPartExamined": "HEAD",
    "CogAtlasID": "http://www.cognitiveatlas.org/term/id/trm_550b53d7dd674",
    "ConversionSoftware": "dcm2niix",
    "ConversionSoftwareVersion": "v1.0.20170411 GCC4.4.7",
    "EchoTime": 0.027,
    "EffectiveEchoSpacing": 0.000590001,
    "FlipAngle": 90,
    "ImageType": [
      "ORIGINAL",
      "PRIMARY",
      "M",
      "ND",
      "NORM",
      "MOSAIC"
    ],
    "Instructions": "In this next scan you'll be prompted to move your hands, feet, or tongue. You'll only move one of these at once. Instructions are presented on the screen. Let?s review them now. [Read on-screen instructions to participant.] Do you have any questions?",
    "MagneticFieldStrength": 3,
    "Manufacturer": "Siemens",
    "ManufacturersModelName": "TrioTim",
    "PhaseEncodingDirection": "j-",
    "ProcedureStepDescription": "head_Dosenbach_MSC",
    "ProtocolName": "Motor_104Frames_36Slices_TR2.2",
    "RepetitionTime": 2.2,
    "ScanningSequence": "EP",
    "SequenceName": "_epfid2d1_64",
    "SequenceVariant": "SK",
    "SeriesDescription": "Motor_104Frames_36Slices_TR2.2",
    "SliceTiming": [
      1.105,
      0,
      1.1675,
      0.0625,
      1.2275,
      0.1225,
      1.29,
      0.185,
      1.35,
      0.245,
      1.4125,
      0.3075,
      1.4725,
      0.37,
      1.535,
      0.43,
      1.595,
      0.4925,
      1.6575,
      0.5525,
      1.7175,
      0.615,
      1.78,
      0.675,
      1.84,
      0.7375,
      1.9025,
      0.7975,
      1.965,
      0.86,
      2.025,
      0.92,
      2.0875,
      0.9825,
      2.1475,
      1.0425
    ],
    "SoftwareVersion": "syngo MR B17",
    "TaskName": "motor",
    "modality": "bold",
    "run_id": "01",
    "session_id": "func10",
    "subject_id": "MSC08",
    "task_id": "motor"
  },
  "dummy_trs": 0,
  "dvars_nstd": 25.76274107029127,
  "dvars_std": 1.2321040557281553,
  "dvars_vstd": 1.0135518677669906,
  "efc": 0.38914362192465335,
  "fber": 33279.3046875,
  "fd_mean": 0.33312648813116974,
  "fd_num": 80,
  "fd_perc": 76.92307692307692,
  "fwhm_avg": 2.5147266666666668,
  "fwhm_x": 2.3383575,
  "fwhm_y": 2.8266,
  "fwhm_z": 2.3792225,
  "gcor": 0.0219993,
  "gsr_x": -0.016934694722294807,
  "gsr_y": 0.009808270260691643,
  "provenance": {
    "md5sum": "b944a62af3446e0daa8ac8942d9b22c0",
    "settings": {
      "fd_thres": 0.2,
      "hmc_fsl": false
    },
    "software": "mriqc",
    "version": "0.9.6"
  },
  "size_t": 104,
  "size_x": 64,
  "size_y": 64,
  "size_z": 36,
  "snr": 5.060928247667484,
  "spacing_tr": 2.200000047683716,
  "spacing_x": 4.0,
  "spacing_y": 4.0,
  "spacing_z": 4.0,
  "summary_bg_k": 57.31424763941037,
  "summary_bg_mad": 2.4947636127471924,
  "summary_bg_mean": 12.92404556274414,
  "summary_bg_median": 3.153846263885498,
  "summary_bg_n": 99853.0,
  "summary_bg_p05": 1.067307710647583,
  "summary_bg_p95": 62.99807891845692,
  "summary_bg_stdv": 30.71040153503418,
  "summary_fg_k": 4.629455728225115,
  "summary_fg_mad": 73.52423095703125,
  "summary_fg_mean": 574.5955810546875,
  "summary_fg_median": 594.5288696289062,
  "summary_fg_n": 19296.0,
  "summary_fg_p05": 333.77164459228516,
  "summary_fg_p95": 712.7452087402344,
  "summary_fg_stdv": 117.47122955322266,
  "tsnr": 53.012264251708984
}