{
  "aor": 0.0018178846153846155,
  "aqi": 0.004059924903846154,
  "bids_meta": {
    "BodyPartExamined": "HEAD",
    "CogAtlasID": "http://www.cognitiveatlas.org/term/id/trm_550b53d7dd674",
    "ConversionSoftware": "dcm2niix",
    "ConversionSoftwareVersion": "v1.0.20170411 GCC4.4.7",
    "EchoTime": 0.027,
    "EffectiveEchoSpacing": 0.000590001,
    "FlipAngle": 90,
    "ImageType": [
      "ORIGINAL",
      "PRIMARY",
      "M",
      "ND",
      "NORM",
      "MOSAIC"
    ],
    "Instructions": "In this next scan you'll be prompted to move your hands, feet, or tongue. You'll only move one of these at once. Instructions are presented on the screen. Let?s review them now. [Read on-screen instructions to participant.] Do you have any questions?",
    "MagneticFieldStrength": 3,
    "Manufacturer": "Siemens",
    "ManufacturersModelName": "TrioTim",
    "PhaseEncodingDirection": "j-",
    "ProcedureStepDescription": "head_Dosenbach_MSC",
    "ProtocolName": "Motor_104Frames_36Slices_TR2.2",
    "RepetitionTime": 2.2,
    "ScanningSequence": "EP",
    "SequenceName": "_epfid2d1_64",
    "SequenceVariant": "SK",
    "SeriesDescription": "Motor_104Frames_36Slices_TR2.2",
    "SliceTiming": [
      1.105,
      0,
      1.1675,
      0.0625,
      1.2275,
      0.1225,
      1.29,
      0.185,
      1.35,
      0.245,
      1.4125,
      0.3075,
      1.4725,
      0.37,
      1.535,
      0.43,
      1.595,
      0.4925,
      1.6575,
      0.5525,
      1.7175,
      0.615,
      1.78,
      0.675,
      1.84,
      0.7375,
      1.9025,
      0.7975,
      1.965,
      0.86,
      2.025,
      0.92,
      2.0875,
      0.9825,
      2.1475,
      1.0425
    ],
    "SoftwareVersion": "syngo MR B17",
    "TaskName": "motor",
    "modality": "bold",
    "run_id": "02",
    "session_id": "func04",
    "subject_id": "MSC05",
    "task_id": "motor"
  },
  "dummy_trs": 0,
  "dvars_nstd": 17.132500935631064,
  "dvars_std": 1.2684675040776698,
  "dvars_vstd": 0.9809541821359222,
  "efc": 0.4176466438362169,
  "fber": 36131.50390625,
  "fd_mean": 0.1092371760988044,
  "fd_num": 2,
  "fd_perc": 1.9230769230769231,
  "fwhm_avg": 2.4445789830414895,
  "fwhm_x": 2.2140475,
  "fwhm_y": 2.80915,
  "fwhm_z": 2.3105394491244677,
  "gcor": 0.0234392,
  "gsr_x": -0.01395980454981327,
  "gsr_y": 0.013454769738018513,
  "provenance": {
    "md5sum": "5b66267265981ebf99a0b063971f096f",
    "settings": {
      "fd_thres": 0.2,
      "hmc_fsl": false
    },
    "software": "mriqc",
    "version": "0.9.6"
  },
  "size_t": 104,
  "size_x": 64,
  "size_y": 64,
  "size_z": 36,
  "snr": 5.387396560540428,
  "spacing_tr": 2.200000047683716,
  "spacing_x": 4.0,
  "spacing_y": 4.0,
  "spacing_z": 4.000000953674316,
  "summary_bg_k": 42.68139275684162,
  "summary_bg_mad": 2.509019136428833,
  "summary_bg_mean": 16.84855079650879,
  "summary_bg_median": 3.596153974533081,
  "summary_bg_n": 96140.0,
  "summary_bg_p05": 1.4230769872665405,
  "summary_bg_p95": 83.77932777404787,
  "summary_bg_stdv": 41.06342697143555,
  "summary_fg_k": 5.176033595305647,
  "summary_fg_mad": 87.98670959472656,
  "summary_fg_mean": 694.2794799804688,
  "summary_fg_median": 710.9038696289062,
  "summary_fg_n": 22289.0,
  "summary_fg_p05": 442.2961669921875,
  "summary_fg_p95": 855.453857421875,
  "summary_fg_stdv": 131.95388793945312,
  "tsnr": 95.2182388305664
}