{
  "aor": 0.002024326923076923,
  "aqi": 0.004156606538461538,
  "bids_meta": {
    "BodyPartExamined": "HEAD",
    "CogAtlasID": "http://www.cognitiveatlas.org/term/id/trm_550b53d7dd674",
    "ConversionSoftware": "dcm2niix",
    "ConversionSoftwareVersion": "v1.0.20170411 GCC4.4.7",
    "EchoTime": 0.027,
    "EffectiveEchoSpacing": 0.000590001,
    "FlipAngle": 90,
    "ImageType": [
      "ORIGINAL",
      "PRIMARY",
      "M",
      "ND",
      "NORM",
      "MOSAIC"
    ],
    "Instructions": "In this next scan you'll be prompted to move your hands, feet, or tongue. You'll only move one of these at once. Instructions are presented on the screen. Let?s review them now. [Read on-screen instructions to participant.] Do you have any questions?",
    "MagneticFieldStrength": 3,
    "Manufacturer": "Siemens",
    "ManufacturersModelName": "TrioTim",
    "PhaseEncodingDirection": "j-",
    "ProcedureStepDescription": "head_Dosenbach_MSC",
    "ProtocolName": "Motor_104Frames_36Slices_TR2.2",
    "RepetitionTime": 2.2,
    "ScanningSequence": "EP",
    "SequenceName": "_epfid2d1_64",
    "SequenceVariant": "SK",
    "SeriesDescription": "Motor_104Frames_36Slices_TR2.2",
    "SliceTiming": [
      1.105,
      0,
      1.1675,
      0.0625,
      1.2275,
      0.1225,
      1.29,
      0.185,
      1.35,
      0.245,
      1.4125,
      0.3075,
      1.4725,
      0.37,
      1.535,
      0.43,
      1.595,
      0.4925,
      1.6575,
      0.5525,
      1.7175,
      0.615,
      1.78,
      0.675,
      1.84,
      0.7375,
      1.9025,
      0.7975,
      1.965,
      0.86,
      2.025,
      0.92,
      2.0875,
      0.9825,
      2.1475,
      1.0425
    ],
    "SoftwareVersion": "syngo MR B17",
    "TaskName": "motor",
    "modality": "bold",
    "run_id": "02",
    "session_id": "func05",
    "subject_id": "MSC06",
    "task_id": "motor"
  },
  "dummy_trs": 0,
  "dvars_nstd": 22.60095057475729,
  "dvars_std": 1.4622225631067953,
  "dvars_vstd": 1.000961515242718,
  "efc": 0.40115768591337475,
  "fber": 36869.484375,
  "fd_mean": 0.11233921761746231,
  "fd_num": 4,
  "fd_perc": 3.8461538461538463,
  "fwhm_avg": 2.4503845936600186,
  "fwhm_x": 2.2147,
  "fwhm_y": 2.800050166895996,
  "fwhm_z": 2.33640361408406,
  "gcor": 0.0920769,
  "gsr_x": -0.014859103597700596,
  "gsr_y": 0.020645897835493088,
  "provenance": {
    "md5sum": "176240fad0c664bb9948357fa735a19a",
    "settings": {
      "fd_thres": 0.2,
      "hmc_fsl": false
    },
    "software": "mriqc",
    "version": "0.9.6"
  },
  "size_t": 104,
  "size_x": 64,
  "size_y": 64,
  "size_z": 36,
  "snr": 5.040709840665668,
  "spacing_tr": 2.200000047683716,
  "spacing_x": 4.0,
  "spacing_y": 3.999999761581421,
  "spacing_z": 3.999998092651367,
  "summary_bg_k": 63.94590392408516,
  "summary_bg_mad": 2.0956015586853027,
  "summary_bg_mean": 14.34499454498291,
  "summary_bg_median": 3.384615421295166,
  "summary_bg_n": 97836.0,
  "summary_bg_p05": 1.5384615659713745,
  "summary_bg_p95": 69.32933044433594,
  "summary_bg_stdv": 35.2434196472168,
  "summary_fg_k": 4.366995251123407,
  "summary_fg_mad": 93.18305206298828,
  "summary_fg_mean": 658.4244995117188,
  "summary_fg_median": 674.9759521484375,
  "summary_fg_n": 21076.0,
  "summary_fg_p05": 403.4711608886719,
  "summary_fg_p95": 826.0745391845703,
  "summary_fg_stdv": 133.90176391601562,
  "tsnr": 83.08450317382812
}