{
  "aor": 0.002471625916870416,
  "aqi": 0.006255654682151589,
  "bids_meta": {
    "BodyPartExamined": "HEAD",
    "CogAtlasID": "http://www.cognitiveatlas.org/term/id/trm_4c8a834779883",
    "ConversionSoftware": "dcm2niix",
    "ConversionSoftwareVersion": "v1.0.20170411 GCC4.4.7",
    "EchoTime": 0.027,
    "EffectiveEchoSpacing": 0.000590001,
    "FlipAngle": 90,
    "ImageType": [
      "ORIGINAL",
      "PRIMARY",
      "M",
      "ND",
      "NORM",
      "MOSAIC"
    ],
    "Instructions": "During this first scan, a plus sign will be presented on the screen.  All you need to do is simply relax and look at the plus sign. Please keep your eyes open the entire time, and be as still as possible. It's extremely important that you stay awake for the entire duration of this scan. This scan will last ~30 minutes.",
    "MagneticFieldStrength": 3,
    "Manufacturer": "Siemens",
    "ManufacturersModelName": "TrioTim",
    "PhaseEncodingDirection": "j-",
    "ProcedureStepDescription": "head_Dosenbach_MSC",
    "ProtocolName": "RSFC_818Frames_36Slices_TR2.2",
    "RepetitionTime": 2.2,
    "ScanningSequence": "EP",
    "SequenceName": "_epfid2d1_64",
    "SequenceVariant": "SK",
    "SeriesDescription": "RSFC_818Frames_36Slices_TR2.2",
    "SliceTiming": [
      1.105,
      0,
      1.165,
      0.06,
      1.2275,
      0.1225,
      1.2875,
      0.185,
      1.35,
      0.245,
      1.41,
      0.3075,
      1.4725,
      0.3675,
      1.5325,
      0.43,
      1.595,
      0.49,
      1.655,
      0.5525,
      1.7175,
      0.6125,
      1.78,
      0.675,
      1.84,
      0.735,
      1.9025,
      0.7975,
      1.9625,
      0.8575,
      2.025,
      0.92,
      2.085,
      0.9825,
      2.1475,
      1.0425
    ],
    "SoftwareVersion": "syngo MR B17",
    "TaskName": "rest",
    "modality": "bold",
    "session_id": "func01",
    "subject_id": "MSC04",
    "task_id": "rest"
  },
  "dummy_trs": 0,
  "dvars_nstd": 20.010757495299885,
  "dvars_std": 1.2846599154100355,
  "dvars_vstd": 1.011545909436965,
  "efc": 0.3633091306728344,
  "fber": 54897.52734375,
  "fd_mean": 0.1317854504404459,
  "fd_num": 109,
  "fd_perc": 13.32518337408313,
  "fwhm_avg": 2.5748750478644697,
  "fwhm_x": 2.3522775,
  "fwhm_y": 2.96325,
  "fwhm_z": 2.4090976435934093,
  "gcor": 0.0384823,
  "gsr_x": -0.01434716023504734,
  "gsr_y": 0.01329271774739027,
  "provenance": {
    "md5sum": "38ffbccd0c52737a264c68f61dbcf515",
    "settings": {
      "fd_thres": 0.2,
      "hmc_fsl": false
    },
    "software": "mriqc",
    "version": "0.9.6"
  },
  "size_t": 818,
  "size_x": 64,
  "size_y": 64,
  "size_z": 36,
  "snr": 4.721625481703028,
  "spacing_tr": 2.200000047683716,
  "spacing_x": 4.0,
  "spacing_y": 4.0,
  "spacing_z": 3.999999761581421,
  "summary_bg_k": 76.10103706505961,
  "summary_bg_mad": 1.7961599826812744,
  "summary_bg_mean": 11.14999008178711,
  "summary_bg_median": 3.011002540588379,
  "summary_bg_n": 101905.0,
  "summary_bg_p05": 1.2897311449050903,
  "summary_bg_p95": 43.8997566223141,
  "summary_bg_stdv": 32.6861686706543,
  "summary_fg_k": 3.2718841017942166,
  "summary_fg_mad": 103.26292419433594,
  "summary_fg_mean": 702.3460083007812,
  "summary_fg_median": 733.24755859375,
  "summary_fg_n": 18174.0,
  "summary_fg_p05": 376.59690246582034,
  "summary_fg_p95": 887.7265228271483,
  "summary_fg_stdv": 155.2913055419922,
  "tsnr": 67.40036010742188
}