{
  "aor": 0.0005582986536107711,
  "aqi": 0.008118837270501836,
  "bids_meta": {
    "BodyPartExamined": "HEAD",
    "CogAtlasID": "http://www.cognitiveatlas.org/term/id/trm_4c8a834779883",
    "ConversionSoftware": "dcm2niix",
    "ConversionSoftwareVersion": "v1.0.20170411 GCC4.4.7",
    "EchoTime": 0.027,
    "EffectiveEchoSpacing": 0.000590001,
    "FlipAngle": 90,
    "ImageType": [
      "ORIGINAL",
      "PRIMARY",
      "M",
      "ND",
      "NORM",
      "MOSAIC"
    ],
    "Instructions": "During this first scan, a plus sign will be presented on the screen.  All you need to do is simply relax and look at the plus sign. Please keep your eyes open the entire time, and be as still as possible. It's extremely important that you stay awake for the entire duration of this scan. This scan will last ~30 minutes.",
    "MagneticFieldStrength": 3,
    "Manufacturer": "Siemens",
    "ManufacturersModelName": "TrioTim",
    "PhaseEncodingDirection": "j-",
    "ProcedureStepDescription": "head_Dosenbach_MSC",
    "ProtocolName": "RSFC_818Frames_36Slices_TR2.2",
    "RepetitionTime": 2.2,
    "ScanningSequence": "EP",
    "SequenceName": "_epfid2d1_64",
    "SequenceVariant": "SK",
    "SeriesDescription": "RSFC_818Frames_36Slices_TR2.2",
    "SliceTiming": [
      1.105,
      0,
      1.165,
      0.06,
      1.2275,
      0.1225,
      1.2875,
      0.185,
      1.35,
      0.245,
      1.41,
      0.3075,
      1.4725,
      0.3675,
      1.5325,
      0.43,
      1.595,
      0.49,
      1.655,
      0.5525,
      1.7175,
      0.6125,
      1.78,
      0.675,
      1.84,
      0.735,
      1.9025,
      0.7975,
      1.9625,
      0.8575,
      2.025,
      0.92,
      2.085,
      0.9825,
      2.1475,
      1.0425
    ],
    "SoftwareVersion": "syngo MR B17",
    "TaskName": "rest",
    "modality": "bold",
    "session_id": "func07",
    "subject_id": "MSC06",
    "task_id": "rest"
  },
  "dummy_trs": 1,
  "dvars_nstd": 18.621713408051495,
  "dvars_std": 1.2388013524509796,
  "dvars_vstd": 0.9383880062009815,
  "efc": 0.40032407224679184,
  "fber": 35382.55859375,
  "fd_mean": 0.08651642430451634,
  "fd_num": 23,
  "fd_perc": 2.8151774785801713,
  "fwhm_avg": 2.4612475000000003,
  "fwhm_x": 2.22885,
  "fwhm_y": 2.7971,
  "fwhm_z": 2.3577925,
  "gcor": 0.0199971,
  "gsr_x": -0.015920771285891533,
  "gsr_y": 0.016956372186541557,
  "provenance": {
    "md5sum": "1120477ea7aa18a1fc47b045ed5fa6ab",
    "settings": {
      "fd_thres": 0.2,
      "hmc_fsl": false
    },
    "software": "mriqc",
    "version": "0.9.6"
  },
  "size_t": 817,
  "size_x": 64,
  "size_y": 64,
  "size_z": 36,
  "snr": 4.884383356016523,
  "spacing_tr": 2.200000047683716,
  "spacing_x": 4.0,
  "spacing_y": 4.0,
  "spacing_z": 4.0,
  "summary_bg_k": 57.54795874810236,
  "summary_bg_mad": 2.1921463012695312,
  "summary_bg_mean": 13.88031005859375,
  "summary_bg_median": 3.4075887203216553,
  "summary_bg_n": 98000.0,
  "summary_bg_p05": 1.516523838043213,
  "summary_bg_p95": 64.5181133270264,
  "summary_bg_stdv": 33.39076614379883,
  "summary_fg_k": 4.228788805108588,
  "summary_fg_mad": 92.74344635009766,
  "summary_fg_mean": 648.0027465820312,
  "summary_fg_median": 666.443115234375,
  "summary_fg_n": 20957.0,
  "summary_fg_p05": 378.703564453125,
  "summary_fg_p95": 816.1493164062501,
  "summary_fg_stdv": 136.44039916992188,
  "tsnr": 66.95008087158203
}