{
  "bids_meta": {
    "BodyPartExamined": "HEAD",
    "ConversionSoftware": "dcm2niix",
    "ConversionSoftwareVersion": "v1.0.20170411 GCC4.4.7",
    "EchoTime": 0.479,
    "FlipAngle": 120,
    "ImageType": [
      "ORIGINAL",
      "PRIMARY",
      "M",
      "ND",
      "NORM"
    ],
    "MagneticFieldStrength": 3,
    "Manufacturer": "Siemens",
    "ManufacturersModelName": "TrioTim",
    "PhaseEncodingDirection": "i-",
    "ProcedureStepDescription": "head_Dosenbach_MSC",
    "ProtocolName": "T2_.8x.8x.8_224Slices",
    "RepetitionTime": 3.2,
    "ScanningSequence": "SE",
    "SequenceName": "_spc3d1_282ns",
    "SequenceVariant": "SK_SP",
    "SeriesDescription": "T2_.8x.8x.8_224Slices",
    "modality": "T2w",
    "run_id": "01",
    "session_id": "struct02",
    "subject_id": "MSC10"
  },
  "cjv": 0.4243540287116216,
  "cnr": 2.8237194663668257,
  "efc": 0.6300095734543337,
  "fber": 395.5876159667969,
  "fwhm_avg": 2.3562621348484534,
  "fwhm_x": 2.1802603557648736,
  "fwhm_y": 2.6208780487804875,
  "fwhm_z": 2.267648,
  "icvs_csf": 0.3069988810221662,
  "icvs_gm": 0.11718432878383073,
  "icvs_wm": 0.575816790194003,
  "inu_med": 1.2739322185516357,
  "inu_range": 0.44767812490463266,
  "provenance": {
    "md5sum": "e4745965a9bda0bc866c6fd2d61dd39a",
    "settings": {
      "testing": false
    },
    "software": "mriqc",
    "version": "0.9.6",
    "warnings": {
      "large_rot_frame": true,
      "small_air_mask": false
    }
  },
  "qi_1": 0.0,
  "qi_2": 0.009909676172915651,
  "rpve_csf": 10.312182059854884,
  "rpve_gm": 34.772753174475035,
  "rpve_wm": 6.803329073997818,
  "size_x": 224,
  "size_y": 256,
  "size_z": 256,
  "snr_csf": 7.273361854605031,
  "snr_gm": 4.524999033453534,
  "snr_total": 6.067186819221017,
  "snr_wm": 6.403199569604486,
  "snrd_csf": 26.223588016889302,
  "snrd_gm": 44.96400319283059,
  "snrd_total": 29.040631454919335,
  "snrd_wm": 15.93430315503812,
  "spacing_x": 0.800000786781311,
  "spacing_y": 0.80078125,
  "spacing_z": 0.80078125,
  "summary_bg_k": 8.279978331502855,
  "summary_bg_mad": 41.12000274658203,
  "summary_bg_mean": 47.118995666503906,
  "summary_bg_median": 29.3563175201416,
  "summary_bg_n": 2631932.0,
  "summary_bg_p05": 0.0,
  "summary_bg_p95": 157.4195213317868,
  "summary_bg_stdv": 54.763572692871094,
  "summary_csf_k": 0.6785325453859765,
  "summary_csf_mad": 215.14401245117188,
  "summary_csf_mean": 1653.8330078125,
  "summary_csf_median": 1645.938232421875,
  "summary_csf_n": 66471.0,
  "summary_csf_p05": 1300.2547607421875,
  "summary_csf_p95": 2034.638916015625,
  "summary_csf_stdv": 226.29505920410156,
  "summary_gm_k": 1.2430925312108192,
  "summary_gm_mad": 618.248779296875,
  "summary_gm_mean": 2817.845947265625,
  "summary_gm_median": 2822.19091796875,
  "summary_gm_n": 53660.0,
  "summary_gm_p05": 1842.580633544922,
  "summary_gm_p95": 3756.6824218750003,
  "summary_gm_stdv": 623.6829223632812,
  "summary_wm_k": 0.08329162383393429,
  "summary_wm_mad": 154.9520263671875,
  "summary_wm_mean": 1001.963623046875,
  "summary_wm_median": 1000.12548828125,
  "summary_wm_n": 594810.0,
  "summary_wm_p05": 748.2579803466797,
  "summary_wm_p95": 1261.5497985839838,
  "summary_wm_stdv": 156.19139099121094,
  "tpm_overlap_csf": 0.10808079689741135,
  "tpm_overlap_gm": 0.10484392195940018,
  "tpm_overlap_wm": 0.47243732213974,
  "wm2max": 0.2680960436383605
}