{
  "aor": 0.0014866346153846156,
  "aqi": 0.004324894230769231,
  "bids_meta": {
    "BodyPartExamined": "HEAD",
    "CogAtlasID": "http://www.cognitiveatlas.org/term/id/trm_550b53d7dd674",
    "ConversionSoftware": "dcm2niix",
    "ConversionSoftwareVersion": "v1.0.20170411 GCC4.4.7",
    "EchoTime": 0.027,
    "EffectiveEchoSpacing": 0.000590001,
    "FlipAngle": 90,
    "ImageType": [
      "ORIGINAL",
      "PRIMARY",
      "M",
      "ND",
      "NORM",
      "MOSAIC"
    ],
    "Instructions": "In this next scan you'll be prompted to move your hands, feet, or tongue. You'll only move one of these at once. Instructions are presented on the screen. Let?s review them now. [Read on-screen instructions to participant.] Do you have any questions?",
    "MagneticFieldStrength": 3,
    "Manufacturer": "Siemens",
    "ManufacturersModelName": "TrioTim",
    "PhaseEncodingDirection": "j-",
    "ProcedureStepDescription": "head_Dosenbach_MSC",
    "ProtocolName": "Motor_104Frames_36Slices_TR2.2",
    "RepetitionTime": 2.2,
    "ScanningSequence": "EP",
    "SequenceName": "_epfid2d1_64",
    "SequenceVariant": "SK",
    "SeriesDescription": "Motor_104Frames_36Slices_TR2.2",
    "SliceTiming": [
      1.105,
      0,
      1.1675,
      0.0625,
      1.2275,
      0.1225,
      1.29,
      0.185,
      1.35,
      0.245,
      1.4125,
      0.3075,
      1.4725,
      0.37,
      1.535,
      0.43,
      1.595,
      0.4925,
      1.6575,
      0.5525,
      1.7175,
      0.615,
      1.78,
      0.675,
      1.84,
      0.7375,
      1.9025,
      0.7975,
      1.965,
      0.86,
      2.025,
      0.92,
      2.0875,
      0.9825,
      2.1475,
      1.0425
    ],
    "SoftwareVersion": "syngo MR B17",
    "TaskName": "motor",
    "modality": "bold",
    "run_id": "01",
    "session_id": "func04",
    "subject_id": "MSC04",
    "task_id": "motor"
  },
  "dummy_trs": 0,
  "dvars_nstd": 21.195779448640792,
  "dvars_std": 1.2927273495145633,
  "dvars_vstd": 0.9812023291262137,
  "efc": 0.36776441896655415,
  "fber": 52370.8671875,
  "fd_mean": 0.14205535271219596,
  "fd_num": 14,
  "fd_perc": 13.461538461538462,
  "fwhm_avg": 2.514609644567699,
  "fwhm_x": 2.3216125,
  "fwhm_y": 2.868300170964013,
  "fwhm_z": 2.353916262739084,
  "gcor": 0.0347381,
  "gsr_x": -0.01684381626546383,
  "gsr_y": 0.014030275866389275,
  "provenance": {
    "md5sum": "b657574ad8607eac75a6ab52f9970841",
    "settings": {
      "fd_thres": 0.2,
      "hmc_fsl": false
    },
    "software": "mriqc",
    "version": "0.9.6"
  },
  "size_t": 104,
  "size_x": 64,
  "size_y": 64,
  "size_z": 36,
  "snr": 4.821538962320722,
  "spacing_tr": 2.200000047683716,
  "spacing_x": 4.0,
  "spacing_y": 3.999999761581421,
  "spacing_z": 3.999997854232788,
  "summary_bg_k": 70.70952565729957,
  "summary_bg_mad": 2.024322509765625,
  "summary_bg_mean": 13.400108337402344,
  "summary_bg_median": 3.365384817123413,
  "summary_bg_n": 101654.0,
  "summary_bg_p05": 1.394230842590332,
  "summary_bg_p95": 55.46827068328841,
  "summary_bg_stdv": 39.346282958984375,
  "summary_fg_k": 3.5051294111576006,
  "summary_fg_mad": 110.5464859008789,
  "summary_fg_mean": 769.2305297851562,
  "summary_fg_median": 798.4663696289062,
  "summary_fg_n": 18340.0,
  "summary_fg_p05": 414.4471267700195,
  "summary_fg_p95": 968.8971710205078,
  "summary_fg_stdv": 165.5995330810547,
  "tsnr": 88.35242462158203
}