{
  "aor": 0.0037911538461538464,
  "aqi": 0.006197927596153846,
  "bids_meta": {
    "BodyPartExamined": "HEAD",
    "CogAtlasID": "http://www.cognitiveatlas.org/term/id/trm_550b53d7dd674",
    "ConversionSoftware": "dcm2niix",
    "ConversionSoftwareVersion": "v1.0.20170411 GCC4.4.7",
    "EchoTime": 0.027,
    "EffectiveEchoSpacing": 0.000590001,
    "FlipAngle": 90,
    "ImageType": [
      "ORIGINAL",
      "PRIMARY",
      "M",
      "ND",
      "NORM",
      "MOSAIC"
    ],
    "Instructions": "In this next scan you'll be prompted to move your hands, feet, or tongue. You'll only move one of these at once. Instructions are presented on the screen. Let?s review them now. [Read on-screen instructions to participant.] Do you have any questions?",
    "MagneticFieldStrength": 3,
    "Manufacturer": "Siemens",
    "ManufacturersModelName": "TrioTim",
    "PhaseEncodingDirection": "j-",
    "ProcedureStepDescription": "head_Dosenbach_MSC",
    "ProtocolName": "Motor_104Frames_36Slices_TR2.2",
    "RepetitionTime": 2.2,
    "ScanningSequence": "EP",
    "SequenceName": "_epfid2d1_64",
    "SequenceVariant": "SK",
    "SeriesDescription": "Motor_104Frames_36Slices_TR2.2",
    "SliceTiming": [
      1.105,
      0,
      1.1675,
      0.0625,
      1.2275,
      0.1225,
      1.29,
      0.185,
      1.35,
      0.245,
      1.4125,
      0.3075,
      1.4725,
      0.37,
      1.535,
      0.43,
      1.595,
      0.4925,
      1.6575,
      0.5525,
      1.7175,
      0.615,
      1.78,
      0.675,
      1.84,
      0.7375,
      1.9025,
      0.7975,
      1.965,
      0.86,
      2.025,
      0.92,
      2.0875,
      0.9825,
      2.1475,
      1.0425
    ],
    "SoftwareVersion": "syngo MR B17",
    "TaskName": "motor",
    "modality": "bold",
    "run_id": "02",
    "session_id": "func06",
    "subject_id": "MSC04",
    "task_id": "motor"
  },
  "dummy_trs": 0,
  "dvars_nstd": 16.82601918572816,
  "dvars_std": 1.1668887213592232,
  "dvars_vstd": 0.9611222920388348,
  "efc": 0.357640643214252,
  "fber": 54653.3203125,
  "fd_mean": 0.1288747046307773,
  "fd_num": 12,
  "fd_perc": 11.538461538461538,
  "fwhm_avg": 2.572105143040742,
  "fwhm_x": 2.353865,
  "fwhm_y": 2.962625,
  "fwhm_z": 2.3998254291222265,
  "gcor": 0.0306338,
  "gsr_x": -0.013256676495075226,
  "gsr_y": 0.014798521995544434,
  "provenance": {
    "md5sum": "e463718fed9e023a2d9befb04826c727",
    "settings": {
      "fd_thres": 0.2,
      "hmc_fsl": false
    },
    "software": "mriqc",
    "version": "0.9.6"
  },
  "size_t": 104,
  "size_x": 64,
  "size_y": 64,
  "size_z": 36,
  "snr": 4.6272874180544665,
  "spacing_tr": 2.200000047683716,
  "spacing_x": 4.0,
  "spacing_y": 4.0,
  "spacing_z": 3.9999992847442627,
  "summary_bg_k": 84.91428795448188,
  "summary_bg_mad": 1.8960202932357788,
  "summary_bg_mean": 10.897829055786133,
  "summary_bg_median": 3.182692527770996,
  "summary_bg_n": 102497.0,
  "summary_bg_p05": 1.5,
  "summary_bg_p95": 43.00961685180664,
  "summary_bg_stdv": 30.835399627685547,
  "summary_fg_k": 3.5335435734308787,
  "summary_fg_mad": 107.6026840209961,
  "summary_fg_mean": 743.2267456054688,
  "summary_fg_median": 775.5673217773438,
  "summary_fg_n": 17749.0,
  "summary_fg_p05": 385.678857421875,
  "summary_fg_p95": 941.5115966796875,
  "summary_fg_stdv": 167.6026153564453,
  "tsnr": 70.02583312988281
}