{
  "bids_meta": {
    "BodyPartExamined": "HEAD",
    "ConversionSoftware": "dcm2niix",
    "ConversionSoftwareVersion": "v1.0.20170411 GCC4.4.7",
    "EchoTime": 0.479,
    "FlipAngle": 120,
    "ImageType": [
      "ORIGINAL",
      "PRIMARY",
      "M",
      "ND",
      "NORM"
    ],
    "MagneticFieldStrength": 3,
    "Manufacturer": "Siemens",
    "ManufacturersModelName": "TrioTim",
    "PhaseEncodingDirection": "i-",
    "ProcedureStepDescription": "head_Dosenbach_MSC",
    "ProtocolName": "T2_.8x.8x.8_224Slices",
    "RepetitionTime": 3.2,
    "ScanningSequence": "SE",
    "SequenceName": "_spc3d1_282ns",
    "SequenceVariant": "SK_SP",
    "SeriesDescription": "T2_.8x.8x.8_224Slices",
    "modality": "T2w",
    "run_id": "01",
    "session_id": "struct01",
    "subject_id": "MSC02"
  },
  "cjv": 0.8999629282861753,
  "cnr": 1.4969564623745892,
  "efc": 0.6231122986531856,
  "fber": 602.5868530273438,
  "fwhm_avg": 2.582537154899262,
  "fwhm_x": 2.3980106842099813,
  "fwhm_y": 2.8944858536585367,
  "fwhm_z": 2.4551149268292685,
  "icvs_csf": 0.23021057791333227,
  "icvs_gm": 0.6069880208137705,
  "icvs_wm": 0.16280140127289722,
  "inu_med": 1.2228761911392212,
  "inu_range": 0.4904475510120392,
  "provenance": {
    "md5sum": "840f26feff9830074ef4de4680ef7953",
    "settings": {
      "testing": false
    },
    "software": "mriqc",
    "version": "0.9.6",
    "warnings": {
      "large_rot_frame": true,
      "small_air_mask": false
    }
  },
  "qi_1": 1.1824809415444167e-05,
  "qi_2": 0.0032399665113561314,
  "rpve_csf": 12.440712521693273,
  "rpve_gm": 5.888750691846361,
  "rpve_wm": 17.640842514929226,
  "size_x": 224,
  "size_y": 256,
  "size_z": 256,
  "snr_csf": 3.7414874566769276,
  "snr_gm": 6.342106747896763,
  "snr_total": 5.009991772885695,
  "snr_wm": 4.946381114083395,
  "snrd_csf": 66.22920359100303,
  "snrd_gm": 25.294073434743872,
  "snrd_total": 36.25590754519805,
  "snrd_wm": 17.24444560984723,
  "spacing_x": 0.7999964356422424,
  "spacing_y": 0.80078125,
  "spacing_z": 0.80078125,
  "summary_bg_k": 26.318992859378756,
  "summary_bg_mad": 37.98799514770508,
  "summary_bg_mean": 51.43877410888672,
  "summary_bg_median": 34.06747817993164,
  "summary_bg_n": 3828187.0,
  "summary_bg_p05": 0.0,
  "summary_bg_p95": 148.78785400390618,
  "summary_bg_stdv": 53.656150817871094,
  "summary_csf_k": -0.6746239525787234,
  "summary_csf_mad": 1134.9906005859375,
  "summary_csf_mean": 3646.390625,
  "summary_csf_median": 3840.29150390625,
  "summary_csf_n": 79609.0,
  "summary_csf_p05": 1913.1285888671878,
  "summary_csf_p95": 4991.484765625,
  "summary_csf_stdv": 1026.4012451171875,
  "summary_gm_k": 0.25842998678934137,
  "summary_gm_mad": 225.58773803710938,
  "summary_gm_mean": 1477.0865478515625,
  "summary_gm_median": 1466.6734619140625,
  "summary_gm_n": 209342.0,
  "summary_gm_p05": 1115.8979248046876,
  "summary_gm_p95": 1874.3075805664062,
  "summary_gm_stdv": 231.2591094970703,
  "summary_wm_k": 0.48808430464754204,
  "summary_wm_mad": 194.47589111328125,
  "summary_wm_mean": 998.55712890625,
  "summary_wm_median": 999.9168701171875,
  "summary_wm_n": 12360.0,
  "summary_wm_p05": 668.1650024414063,
  "summary_wm_p95": 1324.7036499023434,
  "summary_wm_stdv": 202.1430206298828,
  "tpm_overlap_csf": 0.2007371485233307,
  "tpm_overlap_gm": 0.4370976686477661,
  "tpm_overlap_wm": 0.26120296120643616,
  "wm2max": 0.2023124384183696
}