{
  "bids_meta": {
    "BodyPartExamined": "HEAD",
    "ConversionSoftware": "dcm2niix",
    "ConversionSoftwareVersion": "v1.0.20170411 GCC4.4.7",
    "EchoTime": 0.00374,
    "FlipAngle": 8,
    "ImageType": [
      "ORIGINAL",
      "PRIMARY",
      "M",
      "ND",
      "NORM"
    ],
    "InversionTime": 1,
    "MagneticFieldStrength": 3,
    "Manufacturer": "Siemens",
    "ManufacturersModelName": "TrioTim",
    "PhaseEncodingDirection": "i-",
    "ProcedureStepDescription": "head_Dosenbach_MSC",
    "ProtocolName": "T1_.8x.8x.8_224Slices",
    "RepetitionTime": 2.4,
    "ScanningSequence": "GR_IR",
    "SequenceName": "_tfl3d1_ns",
    "SequenceVariant": "SP_MP_OSP",
    "SeriesDescription": "T1_.8x.8x.8_224Slices",
    "modality": "T1w",
    "run_id": "02",
    "session_id": "struct01",
    "subject_id": "MSC09"
  },
  "cjv": 0.6844022203766742,
  "cnr": 1.9423291924935557,
  "efc": 0.693879770405429,
  "fber": 314.0493469238281,
  "fwhm_avg": 3.4734983921626323,
  "fwhm_x": 3.5408261033171664,
  "fwhm_y": 3.6245978536585364,
  "fwhm_z": 3.2550712195121947,
  "icvs_csf": 0.17354154563871793,
  "icvs_gm": 0.4207295952265859,
  "icvs_wm": 0.4057288591346962,
  "inu_med": 1.0514442920684814,
  "inu_range": 0.5511547207832337,
  "provenance": {
    "md5sum": "189cf9a1635c1078389a120881a9f3b9",
    "mriqc_pred": 0,
    "settings": {
      "testing": false
    },
    "software": "mriqc",
    "version": "0.9.6",
    "warnings": {
      "large_rot_frame": true,
      "small_air_mask": false
    }
  },
  "qi_1": 0.0,
  "qi_2": 0.002978864307391393,
  "rpve_csf": 16.35576838521291,
  "rpve_gm": 7.332141159032947,
  "rpve_wm": 8.873779833353844,
  "size_x": 224,
  "size_y": 256,
  "size_z": 256,
  "snr_csf": 2.4628636888408626,
  "snr_gm": 8.584022119987653,
  "snr_total": 8.279930486076807,
  "snr_wm": 13.792905649401904,
  "snrd_csf": 10.036391279633875,
  "snrd_gm": 20.99940226019698,
  "snrd_total": 19.433564890734054,
  "snrd_wm": 27.26490113237131,
  "spacing_x": 0.8000025749206543,
  "spacing_y": 0.80078125,
  "spacing_z": 0.80078125,
  "summary_bg_k": 2.6409559568121246,
  "summary_bg_mad": 24.029577255249023,
  "summary_bg_mean": 39.54352951049805,
  "summary_bg_median": 34.88320541381836,
  "summary_bg_n": 2634887.0,
  "summary_bg_p05": 7.72253961563111,
  "summary_bg_p95": 89.1192199707031,
  "summary_bg_stdv": 26.286352157592773,
  "summary_csf_k": 0.5499105799028241,
  "summary_csf_mad": 138.00303649902344,
  "summary_csf_mean": 399.1369323730469,
  "summary_csf_median": 368.1221923828125,
  "summary_csf_n": 49199.0,
  "summary_csf_p05": 203.5485778808594,
  "summary_csf_p95": 678.3078857421875,
  "summary_csf_stdv": 149.4676513671875,
  "summary_gm_k": 0.23991303002912678,
  "summary_gm_mad": 88.260986328125,
  "summary_gm_mean": 774.9637451171875,
  "summary_gm_median": 770.2316284179688,
  "summary_gm_n": 81673.0,
  "summary_gm_p05": 635.6687377929688,
  "summary_gm_p95": 929.3042114257812,
  "summary_gm_stdv": 89.72797393798828,
  "summary_wm_k": 0.5259193472239452,
  "summary_wm_mad": 69.02190399169922,
  "summary_wm_mean": 1002.8495483398438,
  "summary_wm_median": 1000.042236328125,
  "summary_wm_n": 621885.0,
  "summary_wm_p05": 889.1072631835938,
  "summary_wm_p95": 1126.3030517578125,
  "summary_wm_stdv": 72.50404357910156,
  "tpm_overlap_csf": 0.23057511448860168,
  "tpm_overlap_gm": 0.49135181307792664,
  "tpm_overlap_wm": 0.5383769273757935,
  "wm2max": 0.5808751663183347
}