{
  "aor": 0.0036975961538461533,
  "aqi": 0.0051770625,
  "bids_meta": {
    "BodyPartExamined": "HEAD",
    "CogAtlasID": "http://www.cognitiveatlas.org/term/id/trm_550b53d7dd674",
    "ConversionSoftware": "dcm2niix",
    "ConversionSoftwareVersion": "v1.0.20170411 GCC4.4.7",
    "EchoTime": 0.027,
    "EffectiveEchoSpacing": 0.000590001,
    "FlipAngle": 90,
    "ImageType": [
      "ORIGINAL",
      "PRIMARY",
      "M",
      "ND",
      "NORM",
      "MOSAIC"
    ],
    "Instructions": "In this next scan you'll be prompted to move your hands, feet, or tongue. You'll only move one of these at once. Instructions are presented on the screen. Let?s review them now. [Read on-screen instructions to participant.] Do you have any questions?",
    "MagneticFieldStrength": 3,
    "Manufacturer": "Siemens",
    "ManufacturersModelName": "TrioTim",
    "PhaseEncodingDirection": "j-",
    "ProcedureStepDescription": "head_Dosenbach_MSC",
    "ProtocolName": "Motor_104Frames_36Slices_TR2.2",
    "RepetitionTime": 2.2,
    "ScanningSequence": "EP",
    "SequenceName": "_epfid2d1_64",
    "SequenceVariant": "SK",
    "SeriesDescription": "Motor_104Frames_36Slices_TR2.2",
    "SliceTiming": [
      1.105,
      0,
      1.1675,
      0.0625,
      1.2275,
      0.1225,
      1.29,
      0.185,
      1.35,
      0.245,
      1.4125,
      0.3075,
      1.4725,
      0.37,
      1.535,
      0.43,
      1.595,
      0.4925,
      1.6575,
      0.5525,
      1.7175,
      0.615,
      1.78,
      0.675,
      1.84,
      0.7375,
      1.9025,
      0.7975,
      1.965,
      0.86,
      2.025,
      0.92,
      2.0875,
      0.9825,
      2.1475,
      1.0425
    ],
    "SoftwareVersion": "syngo MR B17",
    "TaskName": "motor",
    "modality": "bold",
    "run_id": "01",
    "session_id": "func09",
    "subject_id": "MSC06",
    "task_id": "motor"
  },
  "dummy_trs": 0,
  "dvars_nstd": 20.076952008252434,
  "dvars_std": 1.347206767184466,
  "dvars_vstd": 1.0200658779611655,
  "efc": 0.4009879662415664,
  "fber": 33595.29296875,
  "fd_mean": 0.10638083279448657,
  "fd_num": 9,
  "fd_perc": 8.653846153846153,
  "fwhm_avg": 2.462171666666667,
  "fwhm_x": 2.2407925,
  "fwhm_y": 2.79075,
  "fwhm_z": 2.3549725,
  "gcor": 0.0246533,
  "gsr_x": -0.016115320846438408,
  "gsr_y": 0.013160557486116886,
  "provenance": {
    "md5sum": "e4e4cc7114f1a0a1aa7dd6017f9f3f27",
    "settings": {
      "fd_thres": 0.2,
      "hmc_fsl": false
    },
    "software": "mriqc",
    "version": "0.9.6"
  },
  "size_t": 104,
  "size_x": 64,
  "size_y": 64,
  "size_z": 36,
  "snr": 4.925468644736751,
  "spacing_tr": 2.200000047683716,
  "spacing_x": 4.0,
  "spacing_y": 4.0,
  "spacing_z": 4.0,
  "summary_bg_k": 53.019372862786035,
  "summary_bg_mad": 2.3664615154266357,
  "summary_bg_mean": 13.955041885375977,
  "summary_bg_median": 3.538461685180664,
  "summary_bg_n": 97827.0,
  "summary_bg_p05": 1.384615421295166,
  "summary_bg_p95": 64.4201965332031,
  "summary_bg_stdv": 33.337947845458984,
  "summary_fg_k": 4.084276049631993,
  "summary_fg_mad": 94.01692962646484,
  "summary_fg_mean": 659.6738891601562,
  "summary_fg_median": 677.2404174804688,
  "summary_fg_n": 20985.0,
  "summary_fg_p05": 386.7576965332032,
  "summary_fg_p95": 830.9231201171874,
  "summary_fg_stdv": 137.494384765625,
  "tsnr": 83.41595458984375
}