{
  "bids_meta": {
    "BodyPartExamined": "HEAD",
    "ConversionSoftware": "dcm2niix",
    "ConversionSoftwareVersion": "v1.0.20170411 GCC4.4.7",
    "EchoTime": 0.00374,
    "FlipAngle": 8,
    "ImageType": [
      "ORIGINAL",
      "PRIMARY",
      "M",
      "ND",
      "NORM"
    ],
    "InversionTime": 1,
    "MagneticFieldStrength": 3,
    "Manufacturer": "Siemens",
    "ManufacturersModelName": "TrioTim",
    "PhaseEncodingDirection": "i-",
    "ProcedureStepDescription": "head_Dosenbach_MSC",
    "ProtocolName": "T1_.8x.8x.8_224Slices",
    "RepetitionTime": 2.4,
    "ScanningSequence": "GR_IR",
    "SequenceName": "_tfl3d1_ns",
    "SequenceVariant": "SP_MP_OSP",
    "SeriesDescription": "T1_.8x.8x.8_224Slices",
    "modality": "T1w",
    "run_id": "02",
    "session_id": "struct02",
    "subject_id": "MSC10"
  },
  "cjv": 0.7410284136840216,
  "cnr": 1.817966599463642,
  "efc": 0.6795854491104825,
  "fber": 270.09991455078125,
  "fwhm_avg": 3.4326363744108863,
  "fwhm_x": 3.513047464696073,
  "fwhm_y": 3.5552031219512195,
  "fwhm_z": 3.229658536585366,
  "icvs_csf": 0.19172930510104072,
  "icvs_gm": 0.4046791367175435,
  "icvs_wm": 0.40359155818141573,
  "inu_med": 1.0831873416900635,
  "inu_range": 0.5668558120727539,
  "provenance": {
    "md5sum": "d75e68e68dd6be79e1e2a519467b9cd8",
    "mriqc_pred": 0,
    "settings": {
      "testing": false
    },
    "software": "mriqc",
    "version": "0.9.6",
    "warnings": {
      "large_rot_frame": true,
      "small_air_mask": false
    }
  },
  "qi_1": 0.0,
  "qi_2": 0.004726270218477198,
  "rpve_csf": 17.386322507133418,
  "rpve_gm": 8.451443282222238,
  "rpve_wm": 9.969452608388817,
  "size_x": 224,
  "size_y": 256,
  "size_z": 256,
  "snr_csf": 2.8051630949099713,
  "snr_gm": 8.183169933105539,
  "snr_total": 8.061602558782129,
  "snr_wm": 13.196474648330874,
  "snrd_csf": 9.778782004449324,
  "snrd_gm": 20.662311910530224,
  "snrd_total": 19.04689229396736,
  "snrd_wm": 26.69958296692253,
  "spacing_x": 0.8000062704086304,
  "spacing_y": 0.80078125,
  "spacing_z": 0.80078125,
  "summary_bg_k": 2.4455119294823557,
  "summary_bg_mad": 24.538509368896484,
  "summary_bg_mean": 40.82281494140625,
  "summary_bg_median": 35.122737884521484,
  "summary_bg_n": 3268336.0,
  "summary_bg_p05": 5.141097545623779,
  "summary_bg_p95": 94.44209098815918,
  "summary_bg_stdv": 28.016809463500977,
  "summary_csf_k": 2.058099645808257,
  "summary_csf_mad": 119.291748046875,
  "summary_csf_mean": 384.3659973144531,
  "summary_csf_median": 366.2698974609375,
  "summary_csf_n": 51717.0,
  "summary_csf_p05": 204.70419311523438,
  "summary_csf_p95": 626.9986328124999,
  "summary_csf_stdv": 130.5686492919922,
  "summary_gm_k": 0.09350761075884195,
  "summary_gm_mad": 94.79822540283203,
  "summary_gm_mean": 779.4667358398438,
  "summary_gm_median": 773.9187622070312,
  "summary_gm_n": 39037.0,
  "summary_gm_p05": 633.1125366210938,
  "summary_gm_p95": 941.406066894531,
  "summary_gm_stdv": 94.57323455810547,
  "summary_wm_k": 0.5086281422795862,
  "summary_wm_mad": 72.77012634277344,
  "summary_wm_mean": 1003.5327758789062,
  "summary_wm_median": 1000.0482177734375,
  "summary_wm_n": 520648.0,
  "summary_wm_p05": 885.389227294922,
  "summary_wm_p95": 1133.4388427734375,
  "summary_wm_stdv": 75.7813949584961,
  "tpm_overlap_csf": 0.22635963559150696,
  "tpm_overlap_gm": 0.47458869218826294,
  "tpm_overlap_wm": 0.5431022644042969,
  "wm2max": 0.586602746074082
}