{
  "bids_meta": {
    "BodyPartExamined": "HEAD",
    "ConversionSoftware": "dcm2niix",
    "ConversionSoftwareVersion": "v1.0.20170411 GCC4.4.7",
    "EchoTime": 0.00374,
    "FlipAngle": 8,
    "ImageType": [
      "ORIGINAL",
      "PRIMARY",
      "M",
      "ND",
      "NORM"
    ],
    "InversionTime": 1,
    "MagneticFieldStrength": 3,
    "Manufacturer": "Siemens",
    "ManufacturersModelName": "TrioTim",
    "PhaseEncodingDirection": "i-",
    "ProcedureStepDescription": "head_Dosenbach_MSC",
    "ProtocolName": "T1_.8x.8x.8_224Slices",
    "RepetitionTime": 2.4,
    "ScanningSequence": "GR_IR",
    "SequenceName": "_tfl3d1_ns",
    "SequenceVariant": "SP_MP_OSP",
    "SeriesDescription": "T1_.8x.8x.8_224Slices",
    "modality": "T1w",
    "run_id": "02",
    "session_id": "struct01",
    "subject_id": "MSC08"
  },
  "cjv": 0.5664534407334121,
  "cnr": 2.3280226782277764,
  "efc": 0.6396930736300918,
  "fber": 495.0908203125,
  "fwhm_avg": 3.377320322057366,
  "fwhm_x": 3.4859137466599037,
  "fwhm_y": 3.4535274146341464,
  "fwhm_z": 3.1925198048780485,
  "icvs_csf": 0.1687743061936459,
  "icvs_gm": 0.4194904221528974,
  "icvs_wm": 0.41173527165345675,
  "inu_med": 1.0154647827148438,
  "inu_range": 0.4680353045463561,
  "provenance": {
    "md5sum": "f2614398addc5f1aa92d244fe9e8e689",
    "mriqc_pred": 0,
    "settings": {
      "testing": false
    },
    "software": "mriqc",
    "version": "0.9.6",
    "warnings": {
      "large_rot_frame": true,
      "small_air_mask": false
    }
  },
  "qi_1": 0.0,
  "qi_2": 0.004047958150803488,
  "rpve_csf": 20.788766116812944,
  "rpve_gm": 8.976893930646842,
  "rpve_wm": 10.644098678460608,
  "size_x": 224,
  "size_y": 256,
  "size_z": 256,
  "snr_csf": 3.074221465529791,
  "snr_gm": 9.621875773115136,
  "snr_total": 9.2588070461009,
  "snr_wm": 15.080323899657774,
  "snrd_csf": 14.40036884247106,
  "snrd_gm": 25.21837903993966,
  "snrd_total": 24.34104333548917,
  "snrd_wm": 33.404382124056795,
  "spacing_x": 0.7999997138977051,
  "spacing_y": 0.80078125,
  "spacing_z": 0.80078125,
  "summary_bg_k": 3.625467967722966,
  "summary_bg_mad": 19.613161087036133,
  "summary_bg_mean": 32.89826965332031,
  "summary_bg_median": 28.247556686401367,
  "summary_bg_n": 3429609.0,
  "summary_bg_p05": 4.38188362121582,
  "summary_bg_p95": 76.23353881835936,
  "summary_bg_stdv": 22.966087341308594,
  "summary_csf_k": 0.3929876333434641,
  "summary_csf_mad": 143.6338348388672,
  "summary_csf_mean": 436.900390625,
  "summary_csf_median": 431.11138916015625,
  "summary_csf_n": 35876.0,
  "summary_csf_p05": 219.52710723876953,
  "summary_csf_p95": 666.4857940673828,
  "summary_csf_stdv": 140.2323760986328,
  "summary_gm_k": 0.39817261511592017,
  "summary_gm_mad": 75.36517333984375,
  "summary_gm_mean": 758.1572875976562,
  "summary_gm_median": 754.975830078125,
  "summary_gm_n": 38062.0,
  "summary_gm_p05": 635.1162506103516,
  "summary_gm_p95": 892.5328399658204,
  "summary_gm_stdv": 78.46348571777344,
  "summary_wm_k": 0.49198748512856083,
  "summary_wm_mad": 63.45481491088867,
  "summary_wm_mean": 1001.3727416992188,
  "summary_wm_median": 1000.0444946289062,
  "summary_wm_n": 470709.0,
  "summary_wm_p05": 895.1200805664063,
  "summary_wm_p95": 1111.901220703125,
  "summary_wm_stdv": 66.314453125,
  "tpm_overlap_csf": 0.21453742682933807,
  "tpm_overlap_gm": 0.4910212457180023,
  "tpm_overlap_wm": 0.5348175168037415,
  "wm2max": 0.6594873230938634
}