{
  "aor": 0.0015547310513447433,
  "aqi": 0.010420533190709047,
  "bids_meta": {
    "BodyPartExamined": "HEAD",
    "CogAtlasID": "http://www.cognitiveatlas.org/term/id/trm_4c8a834779883",
    "ConversionSoftware": "dcm2niix",
    "ConversionSoftwareVersion": "v1.0.20170411 GCC4.4.7",
    "EchoTime": 0.027,
    "EffectiveEchoSpacing": 0.000590001,
    "FlipAngle": 90,
    "ImageType": [
      "ORIGINAL",
      "PRIMARY",
      "M",
      "ND",
      "NORM",
      "MOSAIC"
    ],
    "Instructions": "During this first scan, a plus sign will be presented on the screen.  All you need to do is simply relax and look at the plus sign. Please keep your eyes open the entire time, and be as still as possible. It's extremely important that you stay awake for the entire duration of this scan. This scan will last ~30 minutes.",
    "MagneticFieldStrength": 3,
    "Manufacturer": "Siemens",
    "ManufacturersModelName": "TrioTim",
    "PhaseEncodingDirection": "j-",
    "ProcedureStepDescription": "head_Dosenbach_MSC",
    "ProtocolName": "RSFC_818Frames_36Slices_TR2.2",
    "RepetitionTime": 2.2,
    "ScanningSequence": "EP",
    "SequenceName": "_epfid2d1_64",
    "SequenceVariant": "SK",
    "SeriesDescription": "RSFC_818Frames_36Slices_TR2.2",
    "SliceTiming": [
      1.105,
      0,
      1.165,
      0.06,
      1.2275,
      0.1225,
      1.2875,
      0.185,
      1.35,
      0.245,
      1.41,
      0.3075,
      1.4725,
      0.3675,
      1.5325,
      0.43,
      1.595,
      0.49,
      1.655,
      0.5525,
      1.7175,
      0.6125,
      1.78,
      0.675,
      1.84,
      0.735,
      1.9025,
      0.7975,
      1.9625,
      0.8575,
      2.025,
      0.92,
      2.085,
      0.9825,
      2.1475,
      1.0425
    ],
    "SoftwareVersion": "syngo MR B17",
    "TaskName": "rest",
    "modality": "bold",
    "session_id": "func04",
    "subject_id": "MSC02",
    "task_id": "rest"
  },
  "dummy_trs": 0,
  "dvars_nstd": 21.027669493414933,
  "dvars_std": 1.3157513362423499,
  "dvars_vstd": 0.9522482360465107,
  "efc": 0.42543483757672723,
  "fber": 27090.263671875,
  "fd_mean": 0.10739424750350032,
  "fd_num": 60,
  "fd_perc": 7.334963325183374,
  "fwhm_avg": 2.4707600463072983,
  "fwhm_x": 2.1990575,
  "fwhm_y": 2.8825,
  "fwhm_z": 2.3307226389218947,
  "gcor": 0.0362677,
  "gsr_x": -0.017080694437026978,
  "gsr_y": 0.030817119404673576,
  "provenance": {
    "md5sum": "6c2897927edeef3a1dbcce29cf168986",
    "settings": {
      "fd_thres": 0.2,
      "hmc_fsl": false
    },
    "software": "mriqc",
    "version": "0.9.6"
  },
  "size_t": 818,
  "size_x": 64,
  "size_y": 64,
  "size_z": 36,
  "snr": 4.842641048281919,
  "spacing_tr": 2.200000047683716,
  "spacing_x": 4.0,
  "spacing_y": 4.0,
  "spacing_z": 3.999999761581421,
  "summary_bg_k": 25.064000856002096,
  "summary_bg_mad": 3.204451084136963,
  "summary_bg_mean": 20.001331329345703,
  "summary_bg_median": 4.14669942855835,
  "summary_bg_n": 95715.0,
  "summary_bg_p05": 1.5069683194160457,
  "summary_bg_p95": 106.9855827331543,
  "summary_bg_stdv": 44.18939208984375,
  "summary_fg_k": 3.575471399768463,
  "summary_fg_mad": 105.36810302734375,
  "summary_fg_mean": 692.7254028320312,
  "summary_fg_median": 705.979248046875,
  "summary_fg_n": 22781.0,
  "summary_fg_p05": 424.2408447265625,
  "summary_fg_p95": 885.6027221679688,
  "summary_fg_stdv": 145.78073120117188,
  "tsnr": 54.85047912597656
}