{
  "aor": 0.004879022004889975,
  "aqi": 0.004728176699266504,
  "bids_meta": {
    "BodyPartExamined": "HEAD",
    "CogAtlasID": "http://www.cognitiveatlas.org/term/id/trm_4c8a834779883",
    "ConversionSoftware": "dcm2niix",
    "ConversionSoftwareVersion": "v1.0.20170411 GCC4.4.7",
    "EchoTime": 0.027,
    "EffectiveEchoSpacing": 0.000590001,
    "FlipAngle": 90,
    "ImageType": [
      "ORIGINAL",
      "PRIMARY",
      "M",
      "ND",
      "NORM",
      "MOSAIC"
    ],
    "Instructions": "During this first scan, a plus sign will be presented on the screen.  All you need to do is simply relax and look at the plus sign. Please keep your eyes open the entire time, and be as still as possible. It's extremely important that you stay awake for the entire duration of this scan. This scan will last ~30 minutes.",
    "MagneticFieldStrength": 3,
    "Manufacturer": "Siemens",
    "ManufacturersModelName": "TrioTim",
    "PhaseEncodingDirection": "j-",
    "ProcedureStepDescription": "head_Dosenbach_MSC",
    "ProtocolName": "RSFC_818Frames_36Slices_TR2.2",
    "RepetitionTime": 2.2,
    "ScanningSequence": "EP",
    "SequenceName": "_epfid2d1_64",
    "SequenceVariant": "SK",
    "SeriesDescription": "RSFC_818Frames_36Slices_TR2.2",
    "SliceTiming": [
      1.105,
      0,
      1.165,
      0.06,
      1.2275,
      0.1225,
      1.2875,
      0.185,
      1.35,
      0.245,
      1.41,
      0.3075,
      1.4725,
      0.3675,
      1.5325,
      0.43,
      1.595,
      0.49,
      1.655,
      0.5525,
      1.7175,
      0.6125,
      1.78,
      0.675,
      1.84,
      0.735,
      1.9025,
      0.7975,
      1.9625,
      0.8575,
      2.025,
      0.92,
      2.085,
      0.9825,
      2.1475,
      1.0425
    ],
    "SoftwareVersion": "syngo MR B17",
    "TaskName": "rest",
    "modality": "bold",
    "session_id": "func08",
    "subject_id": "MSC03",
    "task_id": "rest"
  },
  "dummy_trs": 0,
  "dvars_nstd": 17.81693547028151,
  "dvars_std": 1.2099658345777244,
  "dvars_vstd": 1.052302189045288,
  "efc": 0.36547216168055285,
  "fber": 45587.27734375,
  "fd_mean": 0.2614622407958995,
  "fd_num": 575,
  "fd_perc": 70.29339853300733,
  "fwhm_avg": 2.560922125435849,
  "fwhm_x": 2.3388125,
  "fwhm_y": 2.9874,
  "fwhm_z": 2.3565538763075464,
  "gcor": 0.0620363,
  "gsr_x": -0.014226103201508522,
  "gsr_y": 0.01420528907328844,
  "provenance": {
    "md5sum": "079ccc51e6b466a3daff9b71d525f478",
    "settings": {
      "fd_thres": 0.2,
      "hmc_fsl": false
    },
    "software": "mriqc",
    "version": "0.9.6"
  },
  "size_t": 818,
  "size_x": 64,
  "size_y": 64,
  "size_z": 36,
  "snr": 4.754866163241409,
  "spacing_tr": 2.200000047683716,
  "spacing_x": 4.0,
  "spacing_y": 4.0,
  "spacing_z": 4.000001907348633,
  "summary_bg_k": 46.92929949318882,
  "summary_bg_mad": 1.8994708061218262,
  "summary_bg_mean": 9.909963607788086,
  "summary_bg_median": 2.6381418704986572,
  "summary_bg_n": 102403.0,
  "summary_bg_p05": 1.0574572086334229,
  "summary_bg_p95": 46.33716545104979,
  "summary_bg_stdv": 23.399333953857422,
  "summary_fg_k": 3.738690796864649,
  "summary_fg_mad": 80.27711486816406,
  "summary_fg_mean": 561.6211547851562,
  "summary_fg_median": 582.4376831054688,
  "summary_fg_n": 17578.0,
  "summary_fg_p05": 310.89794464111327,
  "summary_fg_p95": 708.9249542236327,
  "summary_fg_stdv": 122.48948669433594,
  "tsnr": 70.8992691040039
}