{
  "bids_meta": {
    "BodyPartExamined": "HEAD",
    "ConversionSoftware": "dcm2niix",
    "ConversionSoftwareVersion": "v1.0.20170411 GCC4.4.7",
    "EchoTime": 0.00374,
    "FlipAngle": 8,
    "ImageType": [
      "ORIGINAL",
      "PRIMARY",
      "M",
      "ND",
      "NORM"
    ],
    "InversionTime": 1,
    "MagneticFieldStrength": 3,
    "Manufacturer": "Siemens",
    "ManufacturersModelName": "TrioTim",
    "PhaseEncodingDirection": "i-",
    "ProcedureStepDescription": "head_Dosenbach_MSC",
    "ProtocolName": "T1_.8x.8x.8_224Slices",
    "RepetitionTime": 2.4,
    "ScanningSequence": "GR_IR",
    "SequenceName": "_tfl3d1_ns",
    "SequenceVariant": "SP_MP_OSP",
    "SeriesDescription": "T1_.8x.8x.8_224Slices",
    "modality": "T1w",
    "run_id": "02",
    "session_id": "struct01",
    "subject_id": "MSC06"
  },
  "cjv": 0.5846762003083019,
  "cnr": 2.2747383374415113,
  "efc": 0.6866646228873512,
  "fber": 313.7790222167969,
  "fwhm_avg": 3.332744867327559,
  "fwhm_x": 3.459794797104628,
  "fwhm_y": 3.410407024390244,
  "fwhm_z": 3.1280327804878048,
  "icvs_csf": 0.18275096957518452,
  "icvs_gm": 0.42265895195645925,
  "icvs_wm": 0.39459007846835625,
  "inu_med": 1.0610876083374023,
  "inu_range": 0.4897401243448257,
  "provenance": {
    "md5sum": "4d4aa7d824a6a95f896b9caf572ed97b",
    "mriqc_pred": 0,
    "settings": {
      "testing": false
    },
    "software": "mriqc",
    "version": "0.9.6",
    "warnings": {
      "large_rot_frame": true,
      "small_air_mask": false
    }
  },
  "qi_1": 0.0,
  "qi_2": 0.00775185992151464,
  "rpve_csf": 18.563136212964086,
  "rpve_gm": 8.538168893217605,
  "rpve_wm": 10.619426862222417,
  "size_x": 224,
  "size_y": 256,
  "size_z": 256,
  "snr_csf": 3.017884816242633,
  "snr_gm": 9.136996820412596,
  "snr_total": 8.86043279385837,
  "snr_wm": 14.42641674491988,
  "snrd_csf": 10.784375824412068,
  "snrd_gm": 21.745459655084172,
  "snrd_total": 20.522612675199614,
  "snrd_wm": 29.038002546102607,
  "spacing_x": 0.7999954223632812,
  "spacing_y": 0.80078125,
  "spacing_z": 0.80078125,
  "summary_bg_k": 3.0840178947849024,
  "summary_bg_mad": 22.56218719482422,
  "summary_bg_mean": 37.73420715332031,
  "summary_bg_median": 32.6577262878418,
  "summary_bg_n": 2513358.0,
  "summary_bg_p05": 7.073783302307129,
  "summary_bg_p95": 86.91930809020994,
  "summary_bg_stdv": 25.822547912597656,
  "summary_csf_k": 3.229031656221909,
  "summary_csf_mad": 111.40834045410156,
  "summary_csf_mean": 384.9200439453125,
  "summary_csf_median": 371.4022216796875,
  "summary_csf_n": 39904.0,
  "summary_csf_p05": 209.77507858276368,
  "summary_csf_p95": 602.7778717041015,
  "summary_csf_stdv": 123.06552124023438,
  "summary_gm_k": 0.17465369619860693,
  "summary_gm_mad": 79.70951080322266,
  "summary_gm_mean": 750.964111328125,
  "summary_gm_median": 748.8900756835938,
  "summary_gm_n": 47086.0,
  "summary_gm_p05": 619.6749725341797,
  "summary_gm_p95": 889.8573303222656,
  "summary_gm_stdv": 81.96151733398438,
  "summary_wm_k": 0.36932530764840354,
  "summary_wm_mad": 67.13032531738281,
  "summary_wm_mean": 1000.8202514648438,
  "summary_wm_median": 1000.037353515625,
  "summary_wm_n": 494654.0,
  "summary_wm_p05": 888.5075805664062,
  "summary_wm_p95": 1115.3534790039062,
  "summary_wm_stdv": 69.3198013305664,
  "tpm_overlap_csf": 0.2216702699661255,
  "tpm_overlap_gm": 0.4956744611263275,
  "tpm_overlap_wm": 0.5489538908004761,
  "wm2max": 0.6109275130904838
}