{
  "bids_meta": {
    "BodyPartExamined": "HEAD",
    "ConversionSoftware": "dcm2niix",
    "ConversionSoftwareVersion": "v1.0.20170411 GCC4.4.7",
    "EchoTime": 0.479,
    "FlipAngle": 120,
    "ImageType": [
      "ORIGINAL",
      "PRIMARY",
      "M",
      "ND",
      "NORM"
    ],
    "MagneticFieldStrength": 3,
    "Manufacturer": "Siemens",
    "ManufacturersModelName": "TrioTim",
    "PhaseEncodingDirection": "i-",
    "ProcedureStepDescription": "head_Dosenbach_MSC",
    "ProtocolName": "T2_.8x.8x.8_224Slices",
    "RepetitionTime": 3.2,
    "ScanningSequence": "SE",
    "SequenceName": "_spc3d1_282ns",
    "SequenceVariant": "SK_SP",
    "SeriesDescription": "T2_.8x.8x.8_224Slices",
    "modality": "T2w",
    "run_id": "02",
    "session_id": "struct01",
    "subject_id": "MSC09"
  },
  "cjv": 0.213498722181404,
  "cnr": 3.7093022519994556,
  "efc": 0.6657997709414356,
  "fber": 501.89215087890625,
  "fwhm_avg": 2.4385936571622473,
  "fwhm_x": 2.252013556852596,
  "fwhm_y": 2.7201810731707314,
  "fwhm_z": 2.3435863414634146,
  "icvs_csf": 0.3986005593243681,
  "icvs_gm": 0.09948697173296435,
  "icvs_wm": 0.5019124689426675,
  "inu_med": 1.1758776903152466,
  "inu_range": 0.5181476950645446,
  "provenance": {
    "md5sum": "f755cc9ca564fbf88a8c5e0c739618ae",
    "settings": {
      "testing": false
    },
    "software": "mriqc",
    "version": "0.9.6",
    "warnings": {
      "large_rot_frame": true,
      "small_air_mask": false
    }
  },
  "qi_1": 0.0,
  "qi_2": 0.02099589434807624,
  "rpve_csf": 8.010946478923511,
  "rpve_gm": 34.66759413090518,
  "rpve_wm": 6.977269237048416,
  "size_x": 224,
  "size_y": 256,
  "size_z": 256,
  "snr_csf": 9.011084087851685,
  "snr_gm": 5.571435587858501,
  "snr_total": 7.386647513643683,
  "snr_wm": 7.577422865220865,
  "snrd_csf": 27.768407748462902,
  "snrd_gm": 57.924038295647634,
  "snrd_total": 34.64151792130096,
  "snrd_wm": 18.232107719792342,
  "spacing_x": 0.8000040650367737,
  "spacing_y": 0.80078125,
  "spacing_z": 0.80078125,
  "summary_bg_k": 4.599698856641703,
  "summary_bg_mad": 35.933570861816406,
  "summary_bg_mean": 43.12488555908203,
  "summary_bg_median": 28.595033645629883,
  "summary_bg_n": 2728796.0,
  "summary_bg_p05": 0.0,
  "summary_bg_p95": 129.85327529907227,
  "summary_bg_stdv": 43.45017623901367,
  "summary_csf_k": 0.44919164068467454,
  "summary_csf_mad": 162.19491577148438,
  "summary_csf_mean": 1526.1107177734375,
  "summary_csf_median": 1523.0692138671875,
  "summary_csf_n": 116613.0,
  "summary_csf_p05": 1255.5376708984375,
  "summary_csf_p95": 1809.3207763671876,
  "summary_csf_stdv": 169.02102661132812,
  "summary_gm_k": 4.308439322798592,
  "summary_gm_mad": 335.441650390625,
  "summary_gm_mean": 3006.175048828125,
  "summary_gm_median": 3177.0751953125,
  "summary_gm_n": 42358.0,
  "summary_gm_p05": 1842.2535217285156,
  "summary_gm_p95": 3592.140417480469,
  "summary_gm_stdv": 570.23681640625,
  "summary_wm_k": 0.23603110569267605,
  "summary_wm_mad": 129.3583984375,
  "summary_wm_mean": 1000.3233642578125,
  "summary_wm_median": 1000.0127563476562,
  "summary_wm_n": 472474.0,
  "summary_wm_p05": 784.5028991699219,
  "summary_wm_p95": 1216.9490966796875,
  "summary_wm_stdv": 131.9725341796875,
  "tpm_overlap_csf": 0.11527085304260254,
  "tpm_overlap_gm": 0.09437920153141022,
  "tpm_overlap_wm": 0.48569193482398987,
  "wm2max": 0.2855622790635489
}