{
  "aor": 0.005438173076923077,
  "aqi": 0.006721932692307693,
  "bids_meta": {
    "BodyPartExamined": "HEAD",
    "CogAtlasID": "http://www.cognitiveatlas.org/term/id/trm_550b53d7dd674",
    "ConversionSoftware": "dcm2niix",
    "ConversionSoftwareVersion": "v1.0.20170411 GCC4.4.7",
    "EchoTime": 0.027,
    "EffectiveEchoSpacing": 0.000590001,
    "FlipAngle": 90,
    "ImageType": [
      "ORIGINAL",
      "PRIMARY",
      "M",
      "ND",
      "NORM",
      "MOSAIC"
    ],
    "Instructions": "In this next scan you'll be prompted to move your hands, feet, or tongue. You'll only move one of these at once. Instructions are presented on the screen. Let?s review them now. [Read on-screen instructions to participant.] Do you have any questions?",
    "MagneticFieldStrength": 3,
    "Manufacturer": "Siemens",
    "ManufacturersModelName": "TrioTim",
    "PhaseEncodingDirection": "j-",
    "ProcedureStepDescription": "head_Dosenbach_MSC",
    "ProtocolName": "Motor_104Frames_36Slices_TR2.2",
    "RepetitionTime": 2.2,
    "ScanningSequence": "EP",
    "SequenceName": "_epfid2d1_64",
    "SequenceVariant": "SK",
    "SeriesDescription": "Motor_104Frames_36Slices_TR2.2",
    "SliceTiming": [
      1.105,
      0,
      1.1675,
      0.0625,
      1.2275,
      0.1225,
      1.29,
      0.185,
      1.35,
      0.245,
      1.4125,
      0.3075,
      1.4725,
      0.37,
      1.535,
      0.43,
      1.595,
      0.4925,
      1.6575,
      0.5525,
      1.7175,
      0.615,
      1.78,
      0.675,
      1.84,
      0.7375,
      1.9025,
      0.7975,
      1.965,
      0.86,
      2.025,
      0.92,
      2.0875,
      0.9825,
      2.1475,
      1.0425
    ],
    "SoftwareVersion": "syngo MR B17",
    "TaskName": "motor",
    "modality": "bold",
    "run_id": "02",
    "session_id": "func02",
    "subject_id": "MSC02",
    "task_id": "motor"
  },
  "dummy_trs": 0,
  "dvars_nstd": 23.358481249708735,
  "dvars_std": 1.3758659002912623,
  "dvars_vstd": 1.0035048638834954,
  "efc": 0.4279803655470356,
  "fber": 27587.427734375,
  "fd_mean": 0.13132749230103807,
  "fd_num": 17,
  "fd_perc": 16.346153846153847,
  "fwhm_avg": 2.486848982473855,
  "fwhm_x": 2.228065,
  "fwhm_y": 2.9148,
  "fwhm_z": 2.3176819474215633,
  "gcor": 0.0259835,
  "gsr_x": -0.020207207649946213,
  "gsr_y": 0.028264569118618965,
  "provenance": {
    "md5sum": "235b4f0e7cf9eaed002efe40cdde658e",
    "settings": {
      "fd_thres": 0.2,
      "hmc_fsl": false
    },
    "software": "mriqc",
    "version": "0.9.6"
  },
  "size_t": 104,
  "size_x": 64,
  "size_y": 64,
  "size_z": 36,
  "snr": 4.780946741976807,
  "spacing_tr": 2.200000047683716,
  "spacing_x": 4.0,
  "spacing_y": 4.0,
  "spacing_z": 4.000000953674316,
  "summary_bg_k": 22.107487705825932,
  "summary_bg_mad": 2.623065710067749,
  "summary_bg_mean": 19.16486167907715,
  "summary_bg_median": 3.750000238418579,
  "summary_bg_n": 95431.0,
  "summary_bg_p05": 1.5384615659713745,
  "summary_bg_p95": 103.81250381469727,
  "summary_bg_stdv": 41.524967193603516,
  "summary_fg_k": 3.750100235485596,
  "summary_fg_mad": 94.46598815917969,
  "summary_fg_mean": 638.4652099609375,
  "summary_fg_median": 652.625,
  "summary_fg_n": 22910.0,
  "summary_fg_p05": 382.18751525878906,
  "summary_fg_p95": 816.1221496582029,
  "summary_fg_stdv": 136.50241088867188,
  "tsnr": 68.13771057128906
}