{
  "aor": 0.0011595354523227382,
  "aqi": 0.026409706112469435,
  "bids_meta": {
    "BodyPartExamined": "HEAD",
    "CogAtlasID": "http://www.cognitiveatlas.org/term/id/trm_4c8a834779883",
    "ConversionSoftware": "dcm2niix",
    "ConversionSoftwareVersion": "v1.0.20170411 GCC4.4.7",
    "EchoTime": 0.027,
    "EffectiveEchoSpacing": 0.000590001,
    "FlipAngle": 90,
    "ImageType": [
      "ORIGINAL",
      "PRIMARY",
      "M",
      "ND",
      "NORM",
      "MOSAIC"
    ],
    "Instructions": "During this first scan, a plus sign will be presented on the screen.  All you need to do is simply relax and look at the plus sign. Please keep your eyes open the entire time, and be as still as possible. It's extremely important that you stay awake for the entire duration of this scan. This scan will last ~30 minutes.",
    "MagneticFieldStrength": 3,
    "Manufacturer": "Siemens",
    "ManufacturersModelName": "TrioTim",
    "PhaseEncodingDirection": "j-",
    "ProcedureStepDescription": "head_Dosenbach_MSC",
    "ProtocolName": "RSFC_818Frames_36Slices_TR2.2",
    "RepetitionTime": 2.2,
    "ScanningSequence": "EP",
    "SequenceName": "_epfid2d1_64",
    "SequenceVariant": "SK",
    "SeriesDescription": "RSFC_818Frames_36Slices_TR2.2",
    "SliceTiming": [
      1.105,
      0,
      1.165,
      0.06,
      1.2275,
      0.1225,
      1.2875,
      0.185,
      1.35,
      0.245,
      1.41,
      0.3075,
      1.4725,
      0.3675,
      1.5325,
      0.43,
      1.595,
      0.49,
      1.655,
      0.5525,
      1.7175,
      0.6125,
      1.78,
      0.675,
      1.84,
      0.735,
      1.9025,
      0.7975,
      1.9625,
      0.8575,
      2.025,
      0.92,
      2.085,
      0.9825,
      2.1475,
      1.0425
    ],
    "SoftwareVersion": "syngo MR B17",
    "TaskName": "rest",
    "modality": "bold",
    "session_id": "func07",
    "subject_id": "MSC09",
    "task_id": "rest"
  },
  "dummy_trs": 0,
  "dvars_nstd": 26.405072087454105,
  "dvars_std": 1.101034998200734,
  "dvars_vstd": 0.8953253770746628,
  "efc": 0.43762171967633945,
  "fber": 26594.701171875,
  "fd_mean": 0.31734049089017946,
  "fd_num": 573,
  "fd_perc": 70.04889975550122,
  "fwhm_avg": 2.6428209326383594,
  "fwhm_x": 2.346895,
  "fwhm_y": 3.082475,
  "fwhm_z": 2.499092797915077,
  "gcor": 0.0674547,
  "gsr_x": -0.01938585191965103,
  "gsr_y": 0.022693531587719917,
  "provenance": {
    "md5sum": "2ed68918af1bf9bb31475b7cebda12ef",
    "settings": {
      "fd_thres": 0.2,
      "hmc_fsl": false
    },
    "software": "mriqc",
    "version": "0.9.6"
  },
  "size_t": 818,
  "size_x": 64,
  "size_y": 64,
  "size_z": 36,
  "snr": 5.037764497802648,
  "spacing_tr": 2.200000047683716,
  "spacing_x": 4.0,
  "spacing_y": 4.0,
  "spacing_z": 3.999999523162842,
  "summary_bg_k": 31.403039760456927,
  "summary_bg_mad": 3.38297963142395,
  "summary_bg_mean": 19.295265197753906,
  "summary_bg_median": 4.153423309326172,
  "summary_bg_n": 93716.0,
  "summary_bg_p05": 1.3704156875610352,
  "summary_bg_p95": 100.8147964477539,
  "summary_bg_stdv": 42.45844650268555,
  "summary_fg_k": 4.034403178975441,
  "summary_fg_mad": 92.2339859008789,
  "summary_fg_mean": 681.4573974609375,
  "summary_fg_median": 701.0978393554688,
  "summary_fg_n": 24250.0,
  "summary_fg_p05": 398.1118759155273,
  "summary_fg_p95": 852.3105529785155,
  "summary_fg_stdv": 139.1655731201172,
  "tsnr": 33.68750762939453
}