{
  "aor": 0.0038508190709046456,
  "aqi": 0.012069024767726162,
  "bids_meta": {
    "BodyPartExamined": "HEAD",
    "CogAtlasID": "http://www.cognitiveatlas.org/term/id/trm_4c8a834779883",
    "ConversionSoftware": "dcm2niix",
    "ConversionSoftwareVersion": "v1.0.20170411 GCC4.4.7",
    "EchoTime": 0.027,
    "EffectiveEchoSpacing": 0.000590001,
    "FlipAngle": 90,
    "ImageType": [
      "ORIGINAL",
      "PRIMARY",
      "M",
      "ND",
      "NORM",
      "MOSAIC"
    ],
    "Instructions": "During this first scan, a plus sign will be presented on the screen.  All you need to do is simply relax and look at the plus sign. Please keep your eyes open the entire time, and be as still as possible. It's extremely important that you stay awake for the entire duration of this scan. This scan will last ~30 minutes.",
    "MagneticFieldStrength": 3,
    "Manufacturer": "Siemens",
    "ManufacturersModelName": "TrioTim",
    "PhaseEncodingDirection": "j-",
    "ProcedureStepDescription": "head_Dosenbach_MSC",
    "ProtocolName": "RSFC_818Frames_36Slices_TR2.2",
    "RepetitionTime": 2.2,
    "ScanningSequence": "EP",
    "SequenceName": "_epfid2d1_64",
    "SequenceVariant": "SK",
    "SeriesDescription": "RSFC_818Frames_36Slices_TR2.2",
    "SliceTiming": [
      1.105,
      0,
      1.165,
      0.06,
      1.2275,
      0.1225,
      1.2875,
      0.185,
      1.35,
      0.245,
      1.41,
      0.3075,
      1.4725,
      0.3675,
      1.5325,
      0.43,
      1.595,
      0.49,
      1.655,
      0.5525,
      1.7175,
      0.6125,
      1.78,
      0.675,
      1.84,
      0.735,
      1.9025,
      0.7975,
      1.9625,
      0.8575,
      2.025,
      0.92,
      2.085,
      0.9825,
      2.1475,
      1.0425
    ],
    "SoftwareVersion": "syngo MR B17",
    "TaskName": "rest",
    "modality": "bold",
    "session_id": "func04",
    "subject_id": "MSC05",
    "task_id": "rest"
  },
  "dummy_trs": 0,
  "dvars_nstd": 16.378201892154227,
  "dvars_std": 1.165817269069767,
  "dvars_vstd": 1.0115620359241124,
  "efc": 0.4200015376709105,
  "fber": 35726.2265625,
  "fd_mean": 0.13804658765121997,
  "fd_num": 132,
  "fd_perc": 16.13691931540342,
  "fwhm_avg": 2.485398975692437,
  "fwhm_x": 2.209885,
  "fwhm_y": 2.8433,
  "fwhm_z": 2.4030119270773107,
  "gcor": 0.0420719,
  "gsr_x": -0.012147722765803337,
  "gsr_y": 0.01712426170706749,
  "provenance": {
    "md5sum": "bc5f157040395789c18a0eed13aacce5",
    "settings": {
      "fd_thres": 0.2,
      "hmc_fsl": false
    },
    "software": "mriqc",
    "version": "0.9.6"
  },
  "size_t": 818,
  "size_x": 64,
  "size_y": 64,
  "size_z": 36,
  "snr": 5.342667309722361,
  "spacing_tr": 2.200000047683716,
  "spacing_x": 4.0,
  "spacing_y": 4.0,
  "spacing_z": 4.000000953674316,
  "summary_bg_k": 42.75285009611951,
  "summary_bg_mad": 2.4812748432159424,
  "summary_bg_mean": 16.030118942260742,
  "summary_bg_median": 3.5378975868225098,
  "summary_bg_n": 95647.0,
  "summary_bg_p05": 1.3569682836532593,
  "summary_bg_p95": 80.38361892700193,
  "summary_bg_stdv": 38.85728073120117,
  "summary_fg_k": 4.926918481626416,
  "summary_fg_mad": 85.81781768798828,
  "summary_fg_mean": 677.8966674804688,
  "summary_fg_median": 693.731689453125,
  "summary_fg_n": 22872.0,
  "summary_fg_p05": 426.4423080444336,
  "summary_fg_p95": 838.7493560791015,
  "summary_fg_stdv": 129.8446044921875,
  "tsnr": 53.21828842163086
}