{
  "aor": 0.00405723716381418,
  "aqi": 0.008371636136919316,
  "bids_meta": {
    "BodyPartExamined": "HEAD",
    "CogAtlasID": "http://www.cognitiveatlas.org/term/id/trm_4c8a834779883",
    "ConversionSoftware": "dcm2niix",
    "ConversionSoftwareVersion": "v1.0.20170411 GCC4.4.7",
    "EchoTime": 0.027,
    "EffectiveEchoSpacing": 0.000590001,
    "FlipAngle": 90,
    "ImageType": [
      "ORIGINAL",
      "PRIMARY",
      "M",
      "ND",
      "NORM",
      "MOSAIC"
    ],
    "Instructions": "During this first scan, a plus sign will be presented on the screen.  All you need to do is simply relax and look at the plus sign. Please keep your eyes open the entire time, and be as still as possible. It's extremely important that you stay awake for the entire duration of this scan. This scan will last ~30 minutes.",
    "MagneticFieldStrength": 3,
    "Manufacturer": "Siemens",
    "ManufacturersModelName": "TrioTim",
    "PhaseEncodingDirection": "j-",
    "ProcedureStepDescription": "head_Dosenbach_MSC",
    "ProtocolName": "RSFC_818Frames_36Slices_TR2.2",
    "RepetitionTime": 2.2,
    "ScanningSequence": "EP",
    "SequenceName": "_epfid2d1_64",
    "SequenceVariant": "SK",
    "SeriesDescription": "RSFC_818Frames_36Slices_TR2.2",
    "SliceTiming": [
      1.105,
      0,
      1.165,
      0.06,
      1.2275,
      0.1225,
      1.2875,
      0.185,
      1.35,
      0.245,
      1.41,
      0.3075,
      1.4725,
      0.3675,
      1.5325,
      0.43,
      1.595,
      0.49,
      1.655,
      0.5525,
      1.7175,
      0.6125,
      1.78,
      0.675,
      1.84,
      0.735,
      1.9025,
      0.7975,
      1.9625,
      0.8575,
      2.025,
      0.92,
      2.085,
      0.9825,
      2.1475,
      1.0425
    ],
    "SoftwareVersion": "syngo MR B17",
    "TaskName": "rest",
    "modality": "bold",
    "session_id": "func05",
    "subject_id": "MSC06",
    "task_id": "rest"
  },
  "dummy_trs": 0,
  "dvars_nstd": 23.02300456919216,
  "dvars_std": 1.535329170966951,
  "dvars_vstd": 1.0168992439167701,
  "efc": 0.40223185597975414,
  "fber": 34749.046875,
  "fd_mean": 0.08439941250606597,
  "fd_num": 18,
  "fd_perc": 2.2004889975550124,
  "fwhm_avg": 2.477266264930351,
  "fwhm_x": 2.236325,
  "fwhm_y": 2.8344001689434153,
  "fwhm_z": 2.3610736258476384,
  "gcor": 0.0788978,
  "gsr_x": -0.015145884826779366,
  "gsr_y": 0.02096695639193058,
  "provenance": {
    "md5sum": "73239180b6360f509a79c407a33a3547",
    "settings": {
      "fd_thres": 0.2,
      "hmc_fsl": false
    },
    "software": "mriqc",
    "version": "0.9.6"
  },
  "size_t": 818,
  "size_x": 64,
  "size_y": 64,
  "size_z": 36,
  "snr": 4.923819002371392,
  "spacing_tr": 2.200000047683716,
  "spacing_x": 4.0,
  "spacing_y": 3.999999761581421,
  "spacing_z": 3.999998092651367,
  "summary_bg_k": 63.7320095429651,
  "summary_bg_mad": 2.62717866897583,
  "summary_bg_mean": 14.28328800201416,
  "summary_bg_median": 3.471271514892578,
  "summary_bg_n": 97694.0,
  "summary_bg_p05": 1.301956057548523,
  "summary_bg_p95": 67.62231445312497,
  "summary_bg_stdv": 35.036354064941406,
  "summary_fg_k": 4.245260253070289,
  "summary_fg_mad": 92.98886108398438,
  "summary_fg_mean": 652.0223388671875,
  "summary_fg_median": 669.30078125,
  "summary_fg_n": 21191.0,
  "summary_fg_p05": 384.99757385253906,
  "summary_fg_p95": 821.2084655761719,
  "summary_fg_stdv": 135.9280242919922,
  "tsnr": 59.16608428955078
}