{
  "aor": 0.0021234615384615385,
  "aqi": 0.005921237307692308,
  "bids_meta": {
    "BodyPartExamined": "HEAD",
    "CogAtlasID": "http://www.cognitiveatlas.org/term/id/trm_550b53d7dd674",
    "ConversionSoftware": "dcm2niix",
    "ConversionSoftwareVersion": "v1.0.20170411 GCC4.4.7",
    "EchoTime": 0.027,
    "EffectiveEchoSpacing": 0.000590001,
    "FlipAngle": 90,
    "ImageType": [
      "ORIGINAL",
      "PRIMARY",
      "M",
      "ND",
      "NORM",
      "MOSAIC"
    ],
    "Instructions": "In this next scan you'll be prompted to move your hands, feet, or tongue. You'll only move one of these at once. Instructions are presented on the screen. Let?s review them now. [Read on-screen instructions to participant.] Do you have any questions?",
    "MagneticFieldStrength": 3,
    "Manufacturer": "Siemens",
    "ManufacturersModelName": "TrioTim",
    "PhaseEncodingDirection": "j-",
    "ProcedureStepDescription": "head_Dosenbach_MSC",
    "ProtocolName": "Motor_104Frames_36Slices_TR2.2",
    "RepetitionTime": 2.2,
    "ScanningSequence": "EP",
    "SequenceName": "_epfid2d1_64",
    "SequenceVariant": "SK",
    "SeriesDescription": "Motor_104Frames_36Slices_TR2.2",
    "SliceTiming": [
      1.105,
      0,
      1.1675,
      0.0625,
      1.2275,
      0.1225,
      1.29,
      0.185,
      1.35,
      0.245,
      1.4125,
      0.3075,
      1.4725,
      0.37,
      1.535,
      0.43,
      1.595,
      0.4925,
      1.6575,
      0.5525,
      1.7175,
      0.615,
      1.78,
      0.675,
      1.84,
      0.7375,
      1.9025,
      0.7975,
      1.965,
      0.86,
      2.025,
      0.92,
      2.0875,
      0.9825,
      2.1475,
      1.0425
    ],
    "SoftwareVersion": "syngo MR B17",
    "TaskName": "motor",
    "modality": "bold",
    "run_id": "01",
    "session_id": "func09",
    "subject_id": "MSC03",
    "task_id": "motor"
  },
  "dummy_trs": 0,
  "dvars_nstd": 16.859299687766985,
  "dvars_std": 1.0843608650485432,
  "dvars_vstd": 0.9522498799999999,
  "efc": 0.362276041634979,
  "fber": 47587.08984375,
  "fd_mean": 0.2831980067217459,
  "fd_num": 74,
  "fd_perc": 71.15384615384616,
  "fwhm_avg": 2.5614844495817044,
  "fwhm_x": 2.33509,
  "fwhm_y": 2.9761,
  "fwhm_z": 2.3732633487451134,
  "gcor": 0.0129171,
  "gsr_x": -0.014604211784899235,
  "gsr_y": 0.014192458242177963,
  "provenance": {
    "md5sum": "d3e0bb8c9d8bf063d540c4ac9501738c",
    "settings": {
      "fd_thres": 0.2,
      "hmc_fsl": false
    },
    "software": "mriqc",
    "version": "0.9.6"
  },
  "size_t": 104,
  "size_x": 64,
  "size_y": 64,
  "size_z": 36,
  "snr": 4.816422900647987,
  "spacing_tr": 2.200000047683716,
  "spacing_x": 4.0,
  "spacing_y": 4.0,
  "spacing_z": 3.9999985694885254,
  "summary_bg_k": 47.75940530419566,
  "summary_bg_mad": 1.7106950283050537,
  "summary_bg_mean": 10.162210464477539,
  "summary_bg_median": 2.730769395828247,
  "summary_bg_n": 102862.0,
  "summary_bg_p05": 1.076923131942749,
  "summary_bg_p95": 48.32596187591547,
  "summary_bg_stdv": 24.085243225097656,
  "summary_fg_k": 3.864403824547712,
  "summary_fg_mad": 83.80982971191406,
  "summary_fg_mean": 595.5613403320312,
  "summary_fg_median": 614.6346435546875,
  "summary_fg_n": 17423.0,
  "summary_fg_p05": 340.0711669921875,
  "summary_fg_p95": 750.5827026367188,
  "summary_fg_stdv": 127.60860443115234,
  "tsnr": 69.27760314941406
}