{
  "aor": 0.0036660576923076924,
  "aqi": 0.004029069903846153,
  "bids_meta": {
    "BodyPartExamined": "HEAD",
    "CogAtlasID": "http://www.cognitiveatlas.org/term/id/trm_550b53d7dd674",
    "ConversionSoftware": "dcm2niix",
    "ConversionSoftwareVersion": "v1.0.20170411 GCC4.4.7",
    "EchoTime": 0.027,
    "EffectiveEchoSpacing": 0.000590001,
    "FlipAngle": 90,
    "ImageType": [
      "ORIGINAL",
      "PRIMARY",
      "M",
      "ND",
      "NORM",
      "MOSAIC"
    ],
    "Instructions": "In this next scan you'll be prompted to move your hands, feet, or tongue. You'll only move one of these at once. Instructions are presented on the screen. Let?s review them now. [Read on-screen instructions to participant.] Do you have any questions?",
    "MagneticFieldStrength": 3,
    "Manufacturer": "Siemens",
    "ManufacturersModelName": "TrioTim",
    "PhaseEncodingDirection": "j-",
    "ProcedureStepDescription": "head_Dosenbach_MSC",
    "ProtocolName": "Motor_104Frames_36Slices_TR2.2",
    "RepetitionTime": 2.2,
    "ScanningSequence": "EP",
    "SequenceName": "_epfid2d1_64",
    "SequenceVariant": "SK",
    "SeriesDescription": "Motor_104Frames_36Slices_TR2.2",
    "SliceTiming": [
      1.105,
      0,
      1.1675,
      0.0625,
      1.2275,
      0.1225,
      1.29,
      0.185,
      1.35,
      0.245,
      1.4125,
      0.3075,
      1.4725,
      0.37,
      1.535,
      0.43,
      1.595,
      0.4925,
      1.6575,
      0.5525,
      1.7175,
      0.615,
      1.78,
      0.675,
      1.84,
      0.7375,
      1.9025,
      0.7975,
      1.965,
      0.86,
      2.025,
      0.92,
      2.0875,
      0.9825,
      2.1475,
      1.0425
    ],
    "SoftwareVersion": "syngo MR B17",
    "TaskName": "motor",
    "modality": "bold",
    "run_id": "01",
    "session_id": "func07",
    "subject_id": "MSC06",
    "task_id": "motor"
  },
  "dummy_trs": 0,
  "dvars_nstd": 18.47095621902913,
  "dvars_std": 1.3258060022330094,
  "dvars_vstd": 1.0244103768932038,
  "efc": 0.40188707449978833,
  "fber": 34710.1953125,
  "fd_mean": 0.08265867099747992,
  "fd_num": 5,
  "fd_perc": 4.8076923076923075,
  "fwhm_avg": 2.4418141666666666,
  "fwhm_x": 2.215705,
  "fwhm_y": 2.78275,
  "fwhm_z": 2.3269875,
  "gcor": 0.0848758,
  "gsr_x": -0.01671646162867546,
  "gsr_y": 0.017093950882554054,
  "provenance": {
    "md5sum": "7bf96f69fb72665109c7eb6012cd93cf",
    "settings": {
      "fd_thres": 0.2,
      "hmc_fsl": false
    },
    "software": "mriqc",
    "version": "0.9.6"
  },
  "size_t": 104,
  "size_x": 64,
  "size_y": 64,
  "size_z": 36,
  "snr": 5.058232039390163,
  "spacing_tr": 2.200000047683716,
  "spacing_x": 4.0,
  "spacing_y": 4.0,
  "spacing_z": 4.0,
  "summary_bg_k": 56.437052065777024,
  "summary_bg_mad": 2.181136131286621,
  "summary_bg_mean": 14.207205772399902,
  "summary_bg_median": 3.451923131942749,
  "summary_bg_n": 97895.0,
  "summary_bg_p05": 1.509615421295166,
  "summary_bg_p95": 67.0,
  "summary_bg_stdv": 33.685733795166016,
  "summary_fg_k": 4.332666255491976,
  "summary_fg_mad": 92.50582122802734,
  "summary_fg_mean": 653.3983764648438,
  "summary_fg_median": 669.0096435546875,
  "summary_fg_n": 20899.0,
  "summary_fg_p05": 402.5942321777344,
  "summary_fg_p95": 820.5029418945312,
  "summary_fg_stdv": 132.25839233398438,
  "tsnr": 89.4366455078125
}