{
  "aor": 0.0018387530562347185,
  "aqi": 0.004355554278728606,
  "bids_meta": {
    "BodyPartExamined": "HEAD",
    "CogAtlasID": "http://www.cognitiveatlas.org/term/id/trm_4c8a834779883",
    "ConversionSoftware": "dcm2niix",
    "ConversionSoftwareVersion": "v1.0.20170411 GCC4.4.7",
    "EchoTime": 0.027,
    "EffectiveEchoSpacing": 0.000590001,
    "FlipAngle": 90,
    "ImageType": [
      "ORIGINAL",
      "PRIMARY",
      "M",
      "ND",
      "NORM",
      "MOSAIC"
    ],
    "Instructions": "During this first scan, a plus sign will be presented on the screen.  All you need to do is simply relax and look at the plus sign. Please keep your eyes open the entire time, and be as still as possible. It's extremely important that you stay awake for the entire duration of this scan. This scan will last ~30 minutes.",
    "MagneticFieldStrength": 3,
    "Manufacturer": "Siemens",
    "ManufacturersModelName": "TrioTim",
    "PhaseEncodingDirection": "j-",
    "ProcedureStepDescription": "head_Dosenbach_MSC",
    "ProtocolName": "RSFC_818Frames_36Slices_TR2.2",
    "RepetitionTime": 2.2,
    "ScanningSequence": "EP",
    "SequenceName": "_epfid2d1_64",
    "SequenceVariant": "SK",
    "SeriesDescription": "RSFC_818Frames_36Slices_TR2.2",
    "SliceTiming": [
      1.105,
      0,
      1.165,
      0.06,
      1.2275,
      0.1225,
      1.2875,
      0.185,
      1.35,
      0.245,
      1.41,
      0.3075,
      1.4725,
      0.3675,
      1.5325,
      0.43,
      1.595,
      0.49,
      1.655,
      0.5525,
      1.7175,
      0.6125,
      1.78,
      0.675,
      1.84,
      0.735,
      1.9025,
      0.7975,
      1.9625,
      0.8575,
      2.025,
      0.92,
      2.085,
      0.9825,
      2.1475,
      1.0425
    ],
    "SoftwareVersion": "syngo MR B17",
    "TaskName": "rest",
    "modality": "bold",
    "session_id": "func04",
    "subject_id": "MSC01",
    "task_id": "rest"
  },
  "dummy_trs": 0,
  "dvars_nstd": 18.14260510445535,
  "dvars_std": 1.2262378299388026,
  "dvars_vstd": 1.00755367003672,
  "efc": 0.41407157934872524,
  "fber": 25645.947265625,
  "fd_mean": 0.20135929935201993,
  "fd_num": 421,
  "fd_perc": 51.46699266503668,
  "fwhm_avg": 2.363934481404406,
  "fwhm_x": 2.111015,
  "fwhm_y": 2.71775,
  "fwhm_z": 2.263038444213218,
  "gcor": 0.101753,
  "gsr_x": -0.009887457825243473,
  "gsr_y": 0.01082744263112545,
  "provenance": {
    "md5sum": "988ce26fc2b23e052a1b57f8a3f44b79",
    "settings": {
      "fd_thres": 0.2,
      "hmc_fsl": false
    },
    "software": "mriqc",
    "version": "0.9.6"
  },
  "size_t": 818,
  "size_x": 64,
  "size_y": 64,
  "size_z": 36,
  "snr": 4.973883258479382,
  "spacing_tr": 2.200000047683716,
  "spacing_x": 4.0,
  "spacing_y": 4.0,
  "spacing_z": 3.9999983310699463,
  "summary_bg_k": 37.75298722145951,
  "summary_bg_mad": 3.1482644081115723,
  "summary_bg_mean": 16.094724655151367,
  "summary_bg_median": 3.9816627502441406,
  "summary_bg_n": 97105.0,
  "summary_bg_p05": 1.4168704748153687,
  "summary_bg_p95": 72.06552886962892,
  "summary_bg_stdv": 35.97794723510742,
  "summary_fg_k": 4.038898734727389,
  "summary_fg_mad": 93.59243774414062,
  "summary_fg_mean": 652.4136352539062,
  "summary_fg_median": 666.3630981445312,
  "summary_fg_n": 21575.0,
  "summary_fg_p05": 391.5083251953125,
  "summary_fg_p95": 825.3968505859375,
  "summary_fg_stdv": 133.96929931640625,
  "tsnr": 75.70445251464844
}