{
  "bids_meta": {
    "BodyPartExamined": "HEAD",
    "ConversionSoftware": "dcm2niix",
    "ConversionSoftwareVersion": "v1.0.20170411 GCC4.4.7",
    "EchoTime": 0.479,
    "FlipAngle": 120,
    "ImageType": [
      "ORIGINAL",
      "PRIMARY",
      "M",
      "ND",
      "NORM"
    ],
    "MagneticFieldStrength": 3,
    "Manufacturer": "Siemens",
    "ManufacturersModelName": "TrioTim",
    "PhaseEncodingDirection": "i-",
    "ProcedureStepDescription": "head_Dosenbach_MSC",
    "ProtocolName": "T2_.8x.8x.8_224Slices",
    "RepetitionTime": 3.2,
    "ScanningSequence": "SE",
    "SequenceName": "_spc3d1_282ns",
    "SequenceVariant": "SK_SP",
    "SeriesDescription": "T2_.8x.8x.8_224Slices",
    "modality": "T2w",
    "run_id": "01",
    "session_id": "struct01",
    "subject_id": "MSC09"
  },
  "cjv": 0.22111935758867696,
  "cnr": 3.6951384734353723,
  "efc": 0.6518870709308966,
  "fber": 635.4147338867188,
  "fwhm_avg": 2.4598090300453888,
  "fwhm_x": 2.2862633828190932,
  "fwhm_y": 2.7651746341463417,
  "fwhm_z": 2.327989073170732,
  "icvs_csf": 0.3528187178023431,
  "icvs_gm": 0.09887881250138258,
  "icvs_wm": 0.5483024696962744,
  "inu_med": 1.2010066509246826,
  "inu_range": 0.49857966303825385,
  "provenance": {
    "md5sum": "febb650f47494e375a008157e054c889",
    "settings": {
      "testing": false
    },
    "software": "mriqc",
    "version": "0.9.6",
    "warnings": {
      "large_rot_frame": true,
      "small_air_mask": false
    }
  },
  "qi_1": 0.0,
  "qi_2": 0.012494533709891443,
  "rpve_csf": 9.206523254490317,
  "rpve_gm": 39.01607831851805,
  "rpve_wm": 6.736196419397168,
  "size_x": 224,
  "size_y": 256,
  "size_z": 256,
  "snr_csf": 8.47376790537992,
  "snr_gm": 5.450073229988153,
  "snr_total": 6.926812384302998,
  "snr_wm": 6.856596017540922,
  "snrd_csf": 43.237264607645464,
  "snrd_gm": 91.99638387063759,
  "snrd_total": 54.32243888080401,
  "snrd_wm": 27.73366816412898,
  "spacing_x": 0.8000040650367737,
  "spacing_y": 0.80078125,
  "spacing_z": 0.80078125,
  "summary_bg_k": 5.445361769575825,
  "summary_bg_mad": 23.62248992919922,
  "summary_bg_mean": 39.4673957824707,
  "summary_bg_median": 28.268386840820312,
  "summary_bg_n": 2781797.0,
  "summary_bg_p05": 0.0,
  "summary_bg_p95": 114.16093139648434,
  "summary_bg_stdv": 38.98740005493164,
  "summary_csf_k": 0.7148051267221129,
  "summary_csf_mad": 174.84083557128906,
  "summary_csf_mean": 1562.39013671875,
  "summary_csf_median": 1559.021728515625,
  "summary_csf_n": 99173.0,
  "summary_csf_p05": 1269.6855224609376,
  "summary_csf_p95": 1865.40361328125,
  "summary_csf_stdv": 183.98118591308594,
  "summary_gm_k": 3.864873679473712,
  "summary_gm_mad": 369.74945068359375,
  "summary_gm_mean": 3131.87451171875,
  "summary_gm_median": 3317.14697265625,
  "summary_gm_n": 43336.0,
  "summary_gm_p05": 1872.7768859863281,
  "summary_gm_p95": 3755.441650390625,
  "summary_gm_stdv": 608.6356201171875,
  "summary_wm_k": 0.23223145922309696,
  "summary_wm_mad": 142.61595153808594,
  "summary_wm_mean": 1001.3905639648438,
  "summary_wm_median": 1000.0029296875,
  "summary_wm_n": 557700.0,
  "summary_wm_p05": 764.28232421875,
  "summary_wm_p95": 1242.8653259277341,
  "summary_wm_stdv": 145.8452606201172,
  "tpm_overlap_csf": 0.119203582406044,
  "tpm_overlap_gm": 0.09194223582744598,
  "tpm_overlap_wm": 0.4748997390270233,
  "wm2max": 0.27221270336179226
}