{
  "aor": 0.002460195599022005,
  "aqi": 0.018120567334963325,
  "bids_meta": {
    "BodyPartExamined": "HEAD",
    "CogAtlasID": "http://www.cognitiveatlas.org/term/id/trm_4c8a834779883",
    "ConversionSoftware": "dcm2niix",
    "ConversionSoftwareVersion": "v1.0.20170411 GCC4.4.7",
    "EchoTime": 0.027,
    "EffectiveEchoSpacing": 0.000590001,
    "FlipAngle": 90,
    "ImageType": [
      "ORIGINAL",
      "PRIMARY",
      "M",
      "ND",
      "NORM",
      "MOSAIC"
    ],
    "Instructions": "During this first scan, a plus sign will be presented on the screen.  All you need to do is simply relax and look at the plus sign. Please keep your eyes open the entire time, and be as still as possible. It's extremely important that you stay awake for the entire duration of this scan. This scan will last ~30 minutes.",
    "MagneticFieldStrength": 3,
    "Manufacturer": "Siemens",
    "ManufacturersModelName": "TrioTim",
    "PhaseEncodingDirection": "j-",
    "ProcedureStepDescription": "head_Dosenbach_MSC",
    "ProtocolName": "RSFC_818Frames_36Slices_TR2.2",
    "RepetitionTime": 2.2,
    "ScanningSequence": "EP",
    "SequenceName": "_epfid2d1_64",
    "SequenceVariant": "SK",
    "SeriesDescription": "RSFC_818Frames_36Slices_TR2.2",
    "SliceTiming": [
      1.105,
      0,
      1.165,
      0.06,
      1.2275,
      0.1225,
      1.2875,
      0.185,
      1.35,
      0.245,
      1.41,
      0.3075,
      1.4725,
      0.3675,
      1.5325,
      0.43,
      1.595,
      0.49,
      1.655,
      0.5525,
      1.7175,
      0.6125,
      1.78,
      0.675,
      1.84,
      0.735,
      1.9025,
      0.7975,
      1.9625,
      0.8575,
      2.025,
      0.92,
      2.085,
      0.9825,
      2.1475,
      1.0425
    ],
    "SoftwareVersion": "syngo MR B17",
    "TaskName": "rest",
    "modality": "bold",
    "session_id": "func10",
    "subject_id": "MSC10",
    "task_id": "rest"
  },
  "dummy_trs": 0,
  "dvars_nstd": 21.358095577760103,
  "dvars_std": 1.104365472325581,
  "dvars_vstd": 0.9219421095471246,
  "efc": 0.4232567684551862,
  "fber": 28249.546875,
  "fd_mean": 0.2535071391357163,
  "fd_num": 489,
  "fd_perc": 59.779951100244496,
  "fwhm_avg": 2.494707080512964,
  "fwhm_x": 2.2921,
  "fwhm_y": 2.877625,
  "fwhm_z": 2.314396241538893,
  "gcor": 0.0195777,
  "gsr_x": -0.0158575177192688,
  "gsr_y": 0.012921195477247238,
  "provenance": {
    "md5sum": "a39d3b6a49775a28d18bae0394968ed0",
    "settings": {
      "fd_thres": 0.2,
      "hmc_fsl": false
    },
    "software": "mriqc",
    "version": "0.9.6"
  },
  "size_t": 818,
  "size_x": 64,
  "size_y": 64,
  "size_z": 36,
  "snr": 4.685929629275041,
  "spacing_tr": 2.200000047683716,
  "spacing_x": 4.0,
  "spacing_y": 4.0,
  "spacing_z": 3.999997854232788,
  "summary_bg_k": 47.20634011705461,
  "summary_bg_mad": 3.122889757156372,
  "summary_bg_mean": 15.801482200622559,
  "summary_bg_median": 3.711491584777832,
  "summary_bg_n": 95300.0,
  "summary_bg_p05": 1.025672435760498,
  "summary_bg_p95": 80.76002655029302,
  "summary_bg_stdv": 38.976837158203125,
  "summary_fg_k": 3.569632151136564,
  "summary_fg_mad": 96.78784942626953,
  "summary_fg_mean": 640.3765258789062,
  "summary_fg_median": 654.158935546875,
  "summary_fg_n": 22783.0,
  "summary_fg_p05": 371.3508605957031,
  "summary_fg_p95": 824.4821716308593,
  "summary_fg_stdv": 139.5976104736328,
  "tsnr": 39.14268493652344
}