{
  "aor": 0.004874903846153846,
  "aqi": 0.004303632884615384,
  "bids_meta": {
    "BodyPartExamined": "HEAD",
    "CogAtlasID": "http://www.cognitiveatlas.org/term/id/trm_550b53d7dd674",
    "ConversionSoftware": "dcm2niix",
    "ConversionSoftwareVersion": "v1.0.20170411 GCC4.4.7",
    "EchoTime": 0.027,
    "EffectiveEchoSpacing": 0.000590001,
    "FlipAngle": 90,
    "ImageType": [
      "ORIGINAL",
      "PRIMARY",
      "M",
      "ND",
      "NORM",
      "MOSAIC"
    ],
    "Instructions": "In this next scan you'll be prompted to move your hands, feet, or tongue. You'll only move one of these at once. Instructions are presented on the screen. Let?s review them now. [Read on-screen instructions to participant.] Do you have any questions?",
    "MagneticFieldStrength": 3,
    "Manufacturer": "Siemens",
    "ManufacturersModelName": "TrioTim",
    "PhaseEncodingDirection": "j-",
    "ProcedureStepDescription": "head_Dosenbach_MSC",
    "ProtocolName": "Motor_104Frames_36Slices_TR2.2",
    "RepetitionTime": 2.2,
    "ScanningSequence": "EP",
    "SequenceName": "_epfid2d1_64",
    "SequenceVariant": "SK",
    "SeriesDescription": "Motor_104Frames_36Slices_TR2.2",
    "SliceTiming": [
      1.105,
      0,
      1.1675,
      0.0625,
      1.2275,
      0.1225,
      1.29,
      0.185,
      1.35,
      0.245,
      1.4125,
      0.3075,
      1.4725,
      0.37,
      1.535,
      0.43,
      1.595,
      0.4925,
      1.6575,
      0.5525,
      1.7175,
      0.615,
      1.78,
      0.675,
      1.84,
      0.7375,
      1.9025,
      0.7975,
      1.965,
      0.86,
      2.025,
      0.92,
      2.0875,
      0.9825,
      2.1475,
      1.0425
    ],
    "SoftwareVersion": "syngo MR B17",
    "TaskName": "motor",
    "modality": "bold",
    "run_id": "01",
    "session_id": "func05",
    "subject_id": "MSC02",
    "task_id": "motor"
  },
  "dummy_trs": 0,
  "dvars_nstd": 22.011971908737863,
  "dvars_std": 1.441173337378641,
  "dvars_vstd": 1.0215228917475723,
  "efc": 0.4280359771864289,
  "fber": 27458.958984375,
  "fd_mean": 0.08191404581453289,
  "fd_num": 2,
  "fd_perc": 1.9230769230769231,
  "fwhm_avg": 2.4236850000000003,
  "fwhm_x": 2.17118,
  "fwhm_y": 2.827525,
  "fwhm_z": 2.27235,
  "gcor": 0.0208663,
  "gsr_x": -0.01898694783449173,
  "gsr_y": 0.030735328793525696,
  "provenance": {
    "md5sum": "9e8b85c0cca6903d91142a627d465a63",
    "settings": {
      "fd_thres": 0.2,
      "hmc_fsl": false
    },
    "software": "mriqc",
    "version": "0.9.6"
  },
  "size_t": 104,
  "size_x": 64,
  "size_y": 64,
  "size_z": 36,
  "snr": 4.879929868486567,
  "spacing_tr": 2.200000047683716,
  "spacing_x": 4.0,
  "spacing_y": 4.0,
  "spacing_z": 4.0,
  "summary_bg_k": 27.16564779562982,
  "summary_bg_mad": 2.722856283187866,
  "summary_bg_mean": 19.271881103515625,
  "summary_bg_median": 3.971153974533081,
  "summary_bg_n": 94684.0,
  "summary_bg_p05": 1.759615421295166,
  "summary_bg_p95": 100.14279174804679,
  "summary_bg_stdv": 43.50534439086914,
  "summary_fg_k": 3.45160249111892,
  "summary_fg_mad": 101.30162048339844,
  "summary_fg_mean": 679.7189331054688,
  "summary_fg_median": 694.3846435546875,
  "summary_fg_n": 23051.0,
  "summary_fg_p05": 410.3942413330078,
  "summary_fg_p95": 866.53369140625,
  "summary_fg_stdv": 142.2908935546875,
  "tsnr": 84.97941589355469
}