{
  "aor": 0.0031751923076923077,
  "aqi": 0.0053381241346153845,
  "bids_meta": {
    "BodyPartExamined": "HEAD",
    "CogAtlasID": "http://www.cognitiveatlas.org/term/id/trm_550b53d7dd674",
    "ConversionSoftware": "dcm2niix",
    "ConversionSoftwareVersion": "v1.0.20170411 GCC4.4.7",
    "EchoTime": 0.027,
    "EffectiveEchoSpacing": 0.000590001,
    "FlipAngle": 90,
    "ImageType": [
      "ORIGINAL",
      "PRIMARY",
      "M",
      "ND",
      "NORM",
      "MOSAIC"
    ],
    "Instructions": "In this next scan you'll be prompted to move your hands, feet, or tongue. You'll only move one of these at once. Instructions are presented on the screen. Let?s review them now. [Read on-screen instructions to participant.] Do you have any questions?",
    "MagneticFieldStrength": 3,
    "Manufacturer": "Siemens",
    "ManufacturersModelName": "TrioTim",
    "PhaseEncodingDirection": "j-",
    "ProcedureStepDescription": "head_Dosenbach_MSC",
    "ProtocolName": "Motor_104Frames_36Slices_TR2.2",
    "RepetitionTime": 2.2,
    "ScanningSequence": "EP",
    "SequenceName": "_epfid2d1_64",
    "SequenceVariant": "SK",
    "SeriesDescription": "Motor_104Frames_36Slices_TR2.2",
    "SliceTiming": [
      1.105,
      0,
      1.1675,
      0.0625,
      1.2275,
      0.1225,
      1.29,
      0.185,
      1.35,
      0.245,
      1.4125,
      0.3075,
      1.4725,
      0.37,
      1.535,
      0.43,
      1.595,
      0.4925,
      1.6575,
      0.5525,
      1.7175,
      0.615,
      1.78,
      0.675,
      1.84,
      0.7375,
      1.9025,
      0.7975,
      1.965,
      0.86,
      2.025,
      0.92,
      2.0875,
      0.9825,
      2.1475,
      1.0425
    ],
    "SoftwareVersion": "syngo MR B17",
    "TaskName": "motor",
    "modality": "bold",
    "run_id": "02",
    "session_id": "func01",
    "subject_id": "MSC03",
    "task_id": "motor"
  },
  "dummy_trs": 0,
  "dvars_nstd": 15.70988108834952,
  "dvars_std": 1.0975487800970873,
  "dvars_vstd": 0.9647136001941745,
  "efc": 0.36561041616926554,
  "fber": 43612.58203125,
  "fd_mean": 0.14383235898128988,
  "fd_num": 22,
  "fd_perc": 21.153846153846153,
  "fwhm_avg": 2.551060926243718,
  "fwhm_x": 2.3139226379205367,
  "fwhm_y": 2.97685,
  "fwhm_z": 2.3624101408106175,
  "gcor": 0.0175348,
  "gsr_x": -0.015654072165489197,
  "gsr_y": 0.013109162449836731,
  "provenance": {
    "md5sum": "36fca67f204556c77b64ac9fbaa47d7f",
    "settings": {
      "fd_thres": 0.2,
      "hmc_fsl": false
    },
    "software": "mriqc",
    "version": "0.9.6"
  },
  "size_t": 104,
  "size_x": 64,
  "size_y": 64,
  "size_z": 36,
  "snr": 4.836780450656701,
  "spacing_tr": 2.200000047683716,
  "spacing_x": 3.999999761581421,
  "spacing_y": 4.0,
  "spacing_z": 3.999999761581421,
  "summary_bg_k": 46.302805488169085,
  "summary_bg_mad": 1.7677180767059326,
  "summary_bg_mean": 10.515066146850586,
  "summary_bg_median": 2.788461685180664,
  "summary_bg_n": 102580.0,
  "summary_bg_p05": 1.086538553237915,
  "summary_bg_p95": 50.028846740722656,
  "summary_bg_stdv": 24.847686767578125,
  "summary_fg_k": 4.001644973090334,
  "summary_fg_mad": 81.735595703125,
  "summary_fg_mean": 585.0481567382812,
  "summary_fg_median": 603.8221435546875,
  "summary_fg_n": 17442.0,
  "summary_fg_p05": 331.21250915527344,
  "summary_fg_p95": 734.1630310058595,
  "summary_fg_stdv": 124.83610534667969,
  "tsnr": 73.51194763183594
}