{
  "aor": 0.003405,
  "aqi": 0.004330635865384616,
  "bids_meta": {
    "BodyPartExamined": "HEAD",
    "CogAtlasID": "http://www.cognitiveatlas.org/term/id/trm_550b53d7dd674",
    "ConversionSoftware": "dcm2niix",
    "ConversionSoftwareVersion": "v1.0.20170411 GCC4.4.7",
    "EchoTime": 0.027,
    "EffectiveEchoSpacing": 0.000590001,
    "FlipAngle": 90,
    "ImageType": [
      "ORIGINAL",
      "PRIMARY",
      "M",
      "ND",
      "NORM",
      "MOSAIC"
    ],
    "Instructions": "In this next scan you'll be prompted to move your hands, feet, or tongue. You'll only move one of these at once. Instructions are presented on the screen. Let?s review them now. [Read on-screen instructions to participant.] Do you have any questions?",
    "MagneticFieldStrength": 3,
    "Manufacturer": "Siemens",
    "ManufacturersModelName": "TrioTim",
    "PhaseEncodingDirection": "j-",
    "ProcedureStepDescription": "head_Dosenbach_MSC",
    "ProtocolName": "Motor_104Frames_36Slices_TR2.2",
    "RepetitionTime": 2.2,
    "ScanningSequence": "EP",
    "SequenceName": "_epfid2d1_64",
    "SequenceVariant": "SK",
    "SeriesDescription": "Motor_104Frames_36Slices_TR2.2",
    "SliceTiming": [
      1.105,
      0,
      1.1675,
      0.0625,
      1.2275,
      0.1225,
      1.29,
      0.185,
      1.35,
      0.245,
      1.4125,
      0.3075,
      1.4725,
      0.37,
      1.535,
      0.43,
      1.595,
      0.4925,
      1.6575,
      0.5525,
      1.7175,
      0.615,
      1.78,
      0.675,
      1.84,
      0.7375,
      1.9025,
      0.7975,
      1.965,
      0.86,
      2.025,
      0.92,
      2.0875,
      0.9825,
      2.1475,
      1.0425
    ],
    "SoftwareVersion": "syngo MR B17",
    "TaskName": "motor",
    "modality": "bold",
    "run_id": "01",
    "session_id": "func05",
    "subject_id": "MSC06",
    "task_id": "motor"
  },
  "dummy_trs": 0,
  "dvars_nstd": 21.372317471553394,
  "dvars_std": 1.4295654994174758,
  "dvars_vstd": 1.0100243737864079,
  "efc": 0.4011748875924186,
  "fber": 37226.81640625,
  "fd_mean": 0.1029452453591288,
  "fd_num": 3,
  "fd_perc": 2.8846153846153846,
  "fwhm_avg": 2.4375845910550957,
  "fwhm_x": 2.2081325,
  "fwhm_y": 2.7824001658439736,
  "fwhm_z": 2.322221107321314,
  "gcor": 0.0797057,
  "gsr_x": -0.01437298208475113,
  "gsr_y": 0.02191142737865448,
  "provenance": {
    "md5sum": "b7ea9fe80e14793ffa101989b8ec469f",
    "settings": {
      "fd_thres": 0.2,
      "hmc_fsl": false
    },
    "software": "mriqc",
    "version": "0.9.6"
  },
  "size_t": 104,
  "size_x": 64,
  "size_y": 64,
  "size_z": 36,
  "snr": 4.978722694240326,
  "spacing_tr": 2.200000047683716,
  "spacing_x": 4.0,
  "spacing_y": 3.999999761581421,
  "spacing_z": 3.999998092651367,
  "summary_bg_k": 64.03030517878612,
  "summary_bg_mad": 2.0956015586853027,
  "summary_bg_mean": 14.212236404418945,
  "summary_bg_median": 3.375000238418579,
  "summary_bg_n": 97862.0,
  "summary_bg_p05": 1.5384615659713745,
  "summary_bg_p95": 68.34567260742186,
  "summary_bg_stdv": 34.972442626953125,
  "summary_fg_k": 4.365964910955063,
  "summary_fg_mad": 93.54646301269531,
  "summary_fg_mean": 656.7296752929688,
  "summary_fg_median": 673.6827392578125,
  "summary_fg_n": 21103.0,
  "summary_fg_p05": 395.1557922363281,
  "summary_fg_p95": 827.4673461914061,
  "summary_fg_stdv": 135.3091583251953,
  "tsnr": 82.74549865722656
}