{
  "aor": 0.010020288461538462,
  "aqi": 0.018504460961538464,
  "bids_meta": {
    "BodyPartExamined": "HEAD",
    "CogAtlasID": "http://www.cognitiveatlas.org/term/id/trm_550b53d7dd674",
    "ConversionSoftware": "dcm2niix",
    "ConversionSoftwareVersion": "v1.0.20170411 GCC4.4.7",
    "EchoTime": 0.027,
    "EffectiveEchoSpacing": 0.000590001,
    "FlipAngle": 90,
    "ImageType": [
      "ORIGINAL",
      "PRIMARY",
      "M",
      "ND",
      "NORM",
      "MOSAIC"
    ],
    "Instructions": "In this next scan you'll be prompted to move your hands, feet, or tongue. You'll only move one of these at once. Instructions are presented on the screen. Let?s review them now. [Read on-screen instructions to participant.] Do you have any questions?",
    "MagneticFieldStrength": 3,
    "Manufacturer": "Siemens",
    "ManufacturersModelName": "TrioTim",
    "PhaseEncodingDirection": "j-",
    "ProcedureStepDescription": "head_Dosenbach_MSC",
    "ProtocolName": "Motor_104Frames_36Slices_TR2.2",
    "RepetitionTime": 2.2,
    "ScanningSequence": "EP",
    "SequenceName": "_epfid2d1_64",
    "SequenceVariant": "SK",
    "SeriesDescription": "Motor_104Frames_36Slices_TR2.2",
    "SliceTiming": [
      1.105,
      0,
      1.1675,
      0.0625,
      1.2275,
      0.1225,
      1.29,
      0.185,
      1.35,
      0.245,
      1.4125,
      0.3075,
      1.4725,
      0.37,
      1.535,
      0.43,
      1.595,
      0.4925,
      1.6575,
      0.5525,
      1.7175,
      0.615,
      1.78,
      0.675,
      1.84,
      0.7375,
      1.9025,
      0.7975,
      1.965,
      0.86,
      2.025,
      0.92,
      2.0875,
      0.9825,
      2.1475,
      1.0425
    ],
    "SoftwareVersion": "syngo MR B17",
    "TaskName": "motor",
    "modality": "bold",
    "run_id": "02",
    "session_id": "func03",
    "subject_id": "MSC09",
    "task_id": "motor"
  },
  "dummy_trs": 0,
  "dvars_nstd": 28.05282853912622,
  "dvars_std": 1.1712019883495142,
  "dvars_vstd": 0.9501745854368933,
  "efc": 0.4395530088092374,
  "fber": 25700.669921875,
  "fd_mean": 0.3629673095844043,
  "fd_num": 72,
  "fd_perc": 69.23076923076923,
  "fwhm_avg": 2.607471824529385,
  "fwhm_x": 2.32722,
  "fwhm_y": 3.0449001814901937,
  "fwhm_z": 2.450295292097961,
  "gcor": 0.01067,
  "gsr_x": -0.018190810456871986,
  "gsr_y": 0.022228991612792015,
  "provenance": {
    "md5sum": "9bf01cd690e5a330149e58df2a9fa73c",
    "settings": {
      "fd_thres": 0.2,
      "hmc_fsl": false
    },
    "software": "mriqc",
    "version": "0.9.6"
  },
  "size_t": 104,
  "size_x": 64,
  "size_y": 64,
  "size_z": 36,
  "snr": 5.025006753328729,
  "spacing_tr": 2.200000047683716,
  "spacing_x": 4.0,
  "spacing_y": 3.999999761581421,
  "spacing_z": 3.999999523162842,
  "summary_bg_k": 31.16216804116928,
  "summary_bg_mad": 3.4784128665924072,
  "summary_bg_mean": 20.526878356933594,
  "summary_bg_median": 4.384615421295166,
  "summary_bg_n": 93698.0,
  "summary_bg_p05": 1.692307710647583,
  "summary_bg_p95": 106.5096206665039,
  "summary_bg_stdv": 45.076778411865234,
  "summary_fg_k": 4.352628877625971,
  "summary_fg_mad": 94.5657958984375,
  "summary_fg_mean": 711.164794921875,
  "summary_fg_median": 730.0096435546875,
  "summary_fg_n": 24200.0,
  "summary_fg_p05": 428.38896789550785,
  "summary_fg_p95": 891.1639923095704,
  "summary_fg_stdv": 145.27235412597656,
  "tsnr": 41.13386917114258
}