{
  "aor": 0.000671479217603912,
  "aqi": 0.011003991149144254,
  "bids_meta": {
    "BodyPartExamined": "HEAD",
    "CogAtlasID": "http://www.cognitiveatlas.org/term/id/trm_4c8a834779883",
    "ConversionSoftware": "dcm2niix",
    "ConversionSoftwareVersion": "v1.0.20170411 GCC4.4.7",
    "EchoTime": 0.027,
    "EffectiveEchoSpacing": 0.000590001,
    "FlipAngle": 90,
    "ImageType": [
      "ORIGINAL",
      "PRIMARY",
      "M",
      "ND",
      "NORM",
      "MOSAIC"
    ],
    "Instructions": "During this first scan, a plus sign will be presented on the screen.  All you need to do is simply relax and look at the plus sign. Please keep your eyes open the entire time, and be as still as possible. It's extremely important that you stay awake for the entire duration of this scan. This scan will last ~30 minutes.",
    "MagneticFieldStrength": 3,
    "Manufacturer": "Siemens",
    "ManufacturersModelName": "TrioTim",
    "PhaseEncodingDirection": "j-",
    "ProcedureStepDescription": "head_Dosenbach_MSC",
    "ProtocolName": "RSFC_818Frames_36Slices_TR2.2",
    "RepetitionTime": 2.2,
    "ScanningSequence": "EP",
    "SequenceName": "_epfid2d1_64",
    "SequenceVariant": "SK",
    "SeriesDescription": "RSFC_818Frames_36Slices_TR2.2",
    "SliceTiming": [
      1.105,
      0,
      1.165,
      0.06,
      1.2275,
      0.1225,
      1.2875,
      0.185,
      1.35,
      0.245,
      1.41,
      0.3075,
      1.4725,
      0.3675,
      1.5325,
      0.43,
      1.595,
      0.49,
      1.655,
      0.5525,
      1.7175,
      0.6125,
      1.78,
      0.675,
      1.84,
      0.735,
      1.9025,
      0.7975,
      1.9625,
      0.8575,
      2.025,
      0.92,
      2.085,
      0.9825,
      2.1475,
      1.0425
    ],
    "SoftwareVersion": "syngo MR B17",
    "TaskName": "rest",
    "modality": "bold",
    "session_id": "func09",
    "subject_id": "MSC05",
    "task_id": "rest"
  },
  "dummy_trs": 0,
  "dvars_nstd": 19.171135114283956,
  "dvars_std": 1.22513804510404,
  "dvars_vstd": 0.9151015629130974,
  "efc": 0.4175743647314146,
  "fber": 32730.630859375,
  "fd_mean": 0.1284559320917722,
  "fd_num": 104,
  "fd_perc": 12.71393643031785,
  "fwhm_avg": 2.5070579732701024,
  "fwhm_x": 2.2269775,
  "fwhm_y": 2.91215,
  "fwhm_z": 2.3820464198103073,
  "gcor": 0.027255,
  "gsr_x": -0.009818067774176598,
  "gsr_y": 0.015354589559137821,
  "provenance": {
    "md5sum": "15fda5d42ce38cf7095fd240a66a853c",
    "settings": {
      "fd_thres": 0.2,
      "hmc_fsl": false
    },
    "software": "mriqc",
    "version": "0.9.6"
  },
  "size_t": 818,
  "size_x": 64,
  "size_y": 64,
  "size_z": 36,
  "snr": 5.289102722799618,
  "spacing_tr": 2.200000047683716,
  "spacing_x": 4.0,
  "spacing_y": 4.0,
  "spacing_z": 3.999997615814209,
  "summary_bg_k": 51.06208358433887,
  "summary_bg_mad": 3.423760175704956,
  "summary_bg_mean": 16.6273250579834,
  "summary_bg_median": 4.097799777984619,
  "summary_bg_n": 95729.0,
  "summary_bg_p05": 1.34596586227417,
  "summary_bg_p95": 77.32494049072262,
  "summary_bg_stdv": 40.18471908569336,
  "summary_fg_k": 4.74513758184589,
  "summary_fg_mad": 97.4267578125,
  "summary_fg_mean": 752.29345703125,
  "summary_fg_median": 771.1998901367188,
  "summary_fg_n": 22818.0,
  "summary_fg_p05": 466.9455673217774,
  "summary_fg_p95": 929.4989898681639,
  "summary_fg_stdv": 145.80601501464844,
  "tsnr": 58.071815490722656
}