{
  "bids_meta": {
    "BodyPartExamined": "HEAD",
    "ConversionSoftware": "dcm2niix",
    "ConversionSoftwareVersion": "v1.0.20170411 GCC4.4.7",
    "EchoTime": 0.00374,
    "FlipAngle": 8,
    "ImageType": [
      "ORIGINAL",
      "PRIMARY",
      "M",
      "ND",
      "NORM"
    ],
    "InversionTime": 1,
    "MagneticFieldStrength": 3,
    "Manufacturer": "Siemens",
    "ManufacturersModelName": "TrioTim",
    "PhaseEncodingDirection": "i-",
    "ProcedureStepDescription": "head_Dosenbach_MSC",
    "ProtocolName": "T1_.8x.8x.8_224Slices",
    "RepetitionTime": 2.4,
    "ScanningSequence": "GR_IR",
    "SequenceName": "_tfl3d1_ns",
    "SequenceVariant": "SP_MP_OSP",
    "SeriesDescription": "T1_.8x.8x.8_224Slices",
    "modality": "T1w",
    "run_id": "01",
    "session_id": "struct02",
    "subject_id": "MSC06"
  },
  "cjv": 0.6385270359326533,
  "cnr": 2.095756698292911,
  "efc": 0.6635907902704148,
  "fber": 316.01055908203125,
  "fwhm_avg": 3.2058277840079064,
  "fwhm_x": 3.3216441325115227,
  "fwhm_y": 3.2692448780487804,
  "fwhm_z": 3.026594341463414,
  "icvs_csf": 0.18035675304624016,
  "icvs_gm": 0.42323461539734936,
  "icvs_wm": 0.3964086315564105,
  "inu_med": 1.0921685695648193,
  "inu_range": 0.50371915102005,
  "provenance": {
    "md5sum": "7721a02a91d956a782a7d9ce9fabf39c",
    "mriqc_pred": 0,
    "settings": {
      "testing": false
    },
    "software": "mriqc",
    "version": "0.9.6",
    "warnings": {
      "large_rot_frame": true,
      "small_air_mask": false
    }
  },
  "qi_1": 0.0,
  "qi_2": 0.004543718750378689,
  "rpve_csf": 18.745626830617795,
  "rpve_gm": 8.530184756204267,
  "rpve_wm": 10.555896245960056,
  "size_x": 224,
  "size_y": 256,
  "size_z": 256,
  "snr_csf": 2.957255656051,
  "snr_gm": 8.877638710854802,
  "snr_total": 8.397588971965517,
  "snr_wm": 13.357872548990748,
  "snrd_csf": 10.7197617548975,
  "snrd_gm": 21.831816334625763,
  "snrd_total": 20.475782743558632,
  "snrd_wm": 28.875770141152636,
  "spacing_x": 0.79999840259552,
  "spacing_y": 0.80078125,
  "spacing_z": 0.80078125,
  "summary_bg_k": 3.204480763918534,
  "summary_bg_mad": 22.688974380493164,
  "summary_bg_mean": 38.921905517578125,
  "summary_bg_median": 33.85042953491211,
  "summary_bg_n": 3559383.0,
  "summary_bg_p05": 7.279747533798218,
  "summary_bg_p95": 88.6800682067871,
  "summary_bg_stdv": 26.289783477783203,
  "summary_csf_k": 0.9711753131268845,
  "summary_csf_mad": 114.69236755371094,
  "summary_csf_mean": 383.8880615234375,
  "summary_csf_median": 371.2515563964844,
  "summary_csf_n": 38788.0,
  "summary_csf_p05": 201.47478637695315,
  "summary_csf_p95": 610.314453125,
  "summary_csf_stdv": 125.53759765625,
  "summary_gm_k": 0.13496514531075166,
  "summary_gm_mad": 83.1054458618164,
  "summary_gm_mean": 757.5223388671875,
  "summary_gm_median": 756.0891723632812,
  "summary_gm_n": 44997.0,
  "summary_gm_p05": 620.4008544921875,
  "summary_gm_p95": 900.1702758789062,
  "summary_gm_stdv": 85.16687774658203,
  "summary_wm_k": 0.28833610976051105,
  "summary_wm_mad": 72.66280364990234,
  "summary_wm_mean": 1001.33349609375,
  "summary_wm_median": 1000.0385131835938,
  "summary_wm_n": 497191.0,
  "summary_wm_p05": 880.6272583007812,
  "summary_wm_p95": 1126.3242797851562,
  "summary_wm_stdv": 74.86502838134766,
  "tpm_overlap_csf": 0.22132597863674164,
  "tpm_overlap_gm": 0.4935569167137146,
  "tpm_overlap_wm": 0.5475415587425232,
  "wm2max": 0.6171132141621803
}