{
  "aor": 0.0028039423076923076,
  "aqi": 0.006843545,
  "bids_meta": {
    "BodyPartExamined": "HEAD",
    "CogAtlasID": "http://www.cognitiveatlas.org/term/id/trm_550b53d7dd674",
    "ConversionSoftware": "dcm2niix",
    "ConversionSoftwareVersion": "v1.0.20170411 GCC4.4.7",
    "EchoTime": 0.027,
    "EffectiveEchoSpacing": 0.000590001,
    "FlipAngle": 90,
    "ImageType": [
      "ORIGINAL",
      "PRIMARY",
      "M",
      "ND",
      "NORM",
      "MOSAIC"
    ],
    "Instructions": "In this next scan you'll be prompted to move your hands, feet, or tongue. You'll only move one of these at once. Instructions are presented on the screen. Let?s review them now. [Read on-screen instructions to participant.] Do you have any questions?",
    "MagneticFieldStrength": 3,
    "Manufacturer": "Siemens",
    "ManufacturersModelName": "TrioTim",
    "PhaseEncodingDirection": "j-",
    "ProcedureStepDescription": "head_Dosenbach_MSC",
    "ProtocolName": "Motor_104Frames_36Slices_TR2.2",
    "RepetitionTime": 2.2,
    "ScanningSequence": "EP",
    "SequenceName": "_epfid2d1_64",
    "SequenceVariant": "SK",
    "SeriesDescription": "Motor_104Frames_36Slices_TR2.2",
    "SliceTiming": [
      1.105,
      0,
      1.1675,
      0.0625,
      1.2275,
      0.1225,
      1.29,
      0.185,
      1.35,
      0.245,
      1.4125,
      0.3075,
      1.4725,
      0.37,
      1.535,
      0.43,
      1.595,
      0.4925,
      1.6575,
      0.5525,
      1.7175,
      0.615,
      1.78,
      0.675,
      1.84,
      0.7375,
      1.9025,
      0.7975,
      1.965,
      0.86,
      2.025,
      0.92,
      2.0875,
      0.9825,
      2.1475,
      1.0425
    ],
    "SoftwareVersion": "syngo MR B17",
    "TaskName": "motor",
    "modality": "bold",
    "run_id": "02",
    "session_id": "func10",
    "subject_id": "MSC01",
    "task_id": "motor"
  },
  "dummy_trs": 0,
  "dvars_nstd": 19.7998662323301,
  "dvars_std": 1.197177037961165,
  "dvars_vstd": 0.9885570407766994,
  "efc": 0.41494395021452035,
  "fber": 26655.90625,
  "fd_mean": 0.1940300176598217,
  "fd_num": 43,
  "fd_perc": 41.34615384615385,
  "fwhm_avg": 2.3575890775608124,
  "fwhm_x": 2.09792,
  "fwhm_y": 2.732425,
  "fwhm_z": 2.2424222326824386,
  "gcor": 0.0394373,
  "gsr_x": -0.010132805444300175,
  "gsr_y": 0.013341527432203293,
  "provenance": {
    "md5sum": "d4d6d741f554eee325fb6b38a0dfb6b4",
    "settings": {
      "fd_thres": 0.2,
      "hmc_fsl": false
    },
    "software": "mriqc",
    "version": "0.9.6"
  },
  "size_t": 104,
  "size_x": 64,
  "size_y": 64,
  "size_z": 36,
  "snr": 5.028558519306747,
  "spacing_tr": 2.200000047683716,
  "spacing_x": 4.0,
  "spacing_y": 4.0,
  "spacing_z": 4.000000476837158,
  "summary_bg_k": 32.976715259137265,
  "summary_bg_mad": 2.993715763092041,
  "summary_bg_mean": 17.201618194580078,
  "summary_bg_median": 4.115384578704834,
  "summary_bg_n": 97249.0,
  "summary_bg_p05": 1.509615421295166,
  "summary_bg_p95": 79.59615325927734,
  "summary_bg_stdv": 37.38025665283203,
  "summary_fg_k": 4.307492717556079,
  "summary_fg_mad": 93.860107421875,
  "summary_fg_mean": 684.01171875,
  "summary_fg_median": 699.394287109375,
  "summary_fg_n": 21559.0,
  "summary_fg_p05": 407.3288482666016,
  "summary_fg_p95": 861.7442382812499,
  "summary_fg_stdv": 139.0812225341797,
  "tsnr": 69.623291015625
}