{
  "aor": 0.005377115384615385,
  "aqi": 0.006056265673076922,
  "bids_meta": {
    "BodyPartExamined": "HEAD",
    "CogAtlasID": "http://www.cognitiveatlas.org/term/id/trm_550b53d7dd674",
    "ConversionSoftware": "dcm2niix",
    "ConversionSoftwareVersion": "v1.0.20170411 GCC4.4.7",
    "EchoTime": 0.027,
    "EffectiveEchoSpacing": 0.000590001,
    "FlipAngle": 90,
    "ImageType": [
      "ORIGINAL",
      "PRIMARY",
      "M",
      "ND",
      "NORM",
      "MOSAIC"
    ],
    "Instructions": "In this next scan you'll be prompted to move your hands, feet, or tongue. You'll only move one of these at once. Instructions are presented on the screen. Let?s review them now. [Read on-screen instructions to participant.] Do you have any questions?",
    "MagneticFieldStrength": 3,
    "Manufacturer": "Siemens",
    "ManufacturersModelName": "TrioTim",
    "PhaseEncodingDirection": "j-",
    "ProcedureStepDescription": "head_Dosenbach_MSC",
    "ProtocolName": "Motor_104Frames_36Slices_TR2.2",
    "RepetitionTime": 2.2,
    "ScanningSequence": "EP",
    "SequenceName": "_epfid2d1_64",
    "SequenceVariant": "SK",
    "SeriesDescription": "Motor_104Frames_36Slices_TR2.2",
    "SliceTiming": [
      1.105,
      0,
      1.1675,
      0.0625,
      1.2275,
      0.1225,
      1.29,
      0.185,
      1.35,
      0.245,
      1.4125,
      0.3075,
      1.4725,
      0.37,
      1.535,
      0.43,
      1.595,
      0.4925,
      1.6575,
      0.5525,
      1.7175,
      0.615,
      1.78,
      0.675,
      1.84,
      0.7375,
      1.9025,
      0.7975,
      1.965,
      0.86,
      2.025,
      0.92,
      2.0875,
      0.9825,
      2.1475,
      1.0425
    ],
    "SoftwareVersion": "syngo MR B17",
    "TaskName": "motor",
    "modality": "bold",
    "run_id": "02",
    "session_id": "func05",
    "subject_id": "MSC04",
    "task_id": "motor"
  },
  "dummy_trs": 0,
  "dvars_nstd": 17.442237363009703,
  "dvars_std": 1.1991604629126216,
  "dvars_vstd": 0.961791373106796,
  "efc": 0.3595300232874919,
  "fber": 60320.625,
  "fd_mean": 0.10765391081422948,
  "fd_num": 9,
  "fd_perc": 8.653846153846153,
  "fwhm_avg": 2.556724808605359,
  "fwhm_x": 2.3440475,
  "fwhm_y": 2.917825,
  "fwhm_z": 2.408301925816077,
  "gcor": 0.0242477,
  "gsr_x": -0.013403862714767456,
  "gsr_y": 0.016834361478686333,
  "provenance": {
    "md5sum": "2fe6dc674776534e05702eaf339a6272",
    "settings": {
      "fd_thres": 0.2,
      "hmc_fsl": false
    },
    "software": "mriqc",
    "version": "0.9.6"
  },
  "size_t": 104,
  "size_x": 64,
  "size_y": 64,
  "size_z": 36,
  "snr": 4.757796470024938,
  "spacing_tr": 2.200000047683716,
  "spacing_x": 4.0,
  "spacing_y": 4.0,
  "spacing_z": 4.000000953674316,
  "summary_bg_k": 81.06218035465844,
  "summary_bg_mad": 1.8960202932357788,
  "summary_bg_mean": 10.952543258666992,
  "summary_bg_median": 3.038461685180664,
  "summary_bg_n": 102287.0,
  "summary_bg_p05": 1.2884615659713745,
  "summary_bg_p95": 42.97788619995114,
  "summary_bg_stdv": 32.31669616699219,
  "summary_fg_k": 3.5839067373753437,
  "summary_fg_mad": 105.20774841308594,
  "summary_fg_mean": 740.5589599609375,
  "summary_fg_median": 772.0529174804688,
  "summary_fg_n": 17994.0,
  "summary_fg_p05": 396.6937530517578,
  "summary_fg_p95": 932.7404174804688,
  "summary_fg_stdv": 162.2666015625,
  "tsnr": 71.6630630493164
}