{
  "aor": 0.0064285576923076935,
  "aqi": 0.013368705096153847,
  "bids_meta": {
    "BodyPartExamined": "HEAD",
    "CogAtlasID": "http://www.cognitiveatlas.org/term/id/trm_550b53d7dd674",
    "ConversionSoftware": "dcm2niix",
    "ConversionSoftwareVersion": "v1.0.20170411 GCC4.4.7",
    "EchoTime": 0.027,
    "EffectiveEchoSpacing": 0.000590001,
    "FlipAngle": 90,
    "ImageType": [
      "ORIGINAL",
      "PRIMARY",
      "M",
      "ND",
      "NORM",
      "MOSAIC"
    ],
    "Instructions": "In this next scan you'll be prompted to move your hands, feet, or tongue. You'll only move one of these at once. Instructions are presented on the screen. Let?s review them now. [Read on-screen instructions to participant.] Do you have any questions?",
    "MagneticFieldStrength": 3,
    "Manufacturer": "Siemens",
    "ManufacturersModelName": "TrioTim",
    "PhaseEncodingDirection": "j-",
    "ProcedureStepDescription": "head_Dosenbach_MSC",
    "ProtocolName": "Motor_104Frames_36Slices_TR2.2",
    "RepetitionTime": 2.2,
    "ScanningSequence": "EP",
    "SequenceName": "_epfid2d1_64",
    "SequenceVariant": "SK",
    "SeriesDescription": "Motor_104Frames_36Slices_TR2.2",
    "SliceTiming": [
      1.105,
      0,
      1.1675,
      0.0625,
      1.2275,
      0.1225,
      1.29,
      0.185,
      1.35,
      0.245,
      1.4125,
      0.3075,
      1.4725,
      0.37,
      1.535,
      0.43,
      1.595,
      0.4925,
      1.6575,
      0.5525,
      1.7175,
      0.615,
      1.78,
      0.675,
      1.84,
      0.7375,
      1.9025,
      0.7975,
      1.965,
      0.86,
      2.025,
      0.92,
      2.0875,
      0.9825,
      2.1475,
      1.0425
    ],
    "SoftwareVersion": "syngo MR B17",
    "TaskName": "motor",
    "modality": "bold",
    "run_id": "01",
    "session_id": "func06",
    "subject_id": "MSC07",
    "task_id": "motor"
  },
  "dummy_trs": 0,
  "dvars_nstd": 18.338617991165044,
  "dvars_std": 1.0982777067961165,
  "dvars_vstd": 0.9411747662135923,
  "efc": 0.401328260326999,
  "fber": 32893.16796875,
  "fd_mean": 0.2121317196366111,
  "fd_num": 40,
  "fd_perc": 38.46153846153846,
  "fwhm_avg": 2.4946736086508623,
  "fwhm_x": 2.28784,
  "fwhm_y": 2.88665,
  "fwhm_z": 2.309530825952587,
  "gcor": 0.0151603,
  "gsr_x": -0.02072751149535179,
  "gsr_y": 0.015793072059750557,
  "provenance": {
    "md5sum": "bd7167f9438080dcde8399f5ad8932a0",
    "settings": {
      "fd_thres": 0.2,
      "hmc_fsl": false
    },
    "software": "mriqc",
    "version": "0.9.6"
  },
  "size_t": 104,
  "size_x": 64,
  "size_y": 64,
  "size_z": 36,
  "snr": 5.064006853598189,
  "spacing_tr": 2.200000047683716,
  "spacing_x": 4.0,
  "spacing_y": 4.0,
  "spacing_z": 3.9999985694885254,
  "summary_bg_k": 38.62130861527476,
  "summary_bg_mad": 3.093506336212158,
  "summary_bg_mean": 17.917404174804688,
  "summary_bg_median": 4.0,
  "summary_bg_n": 98353.0,
  "summary_bg_p05": 1.4230769872665405,
  "summary_bg_p95": 90.09038848876948,
  "summary_bg_stdv": 44.206268310546875,
  "summary_fg_k": 4.6081866579828334,
  "summary_fg_mad": 101.32306671142578,
  "summary_fg_mean": 737.3002319335938,
  "summary_fg_median": 753.3990478515625,
  "summary_fg_n": 20408.0,
  "summary_fg_p05": 462.47981414794924,
  "summary_fg_p95": 925.8452301025391,
  "summary_fg_stdv": 148.77163696289062,
  "tsnr": 49.39778518676758
}