{
  "bids_meta": {
    "BodyPartExamined": "HEAD",
    "ConversionSoftware": "dcm2niix",
    "ConversionSoftwareVersion": "v1.0.20170411 GCC4.4.7",
    "EchoTime": 0.479,
    "FlipAngle": 120,
    "ImageType": [
      "ORIGINAL",
      "PRIMARY",
      "M",
      "ND",
      "NORM"
    ],
    "MagneticFieldStrength": 3,
    "Manufacturer": "Siemens",
    "ManufacturersModelName": "TrioTim",
    "PhaseEncodingDirection": "i-",
    "ProcedureStepDescription": "head_Dosenbach_MSC",
    "ProtocolName": "T2_.8x.8x.8_224Slices",
    "RepetitionTime": 3.2,
    "ScanningSequence": "SE",
    "SequenceName": "_spc3d1_282ns",
    "SequenceVariant": "SK_SP",
    "SeriesDescription": "T2_.8x.8x.8_224Slices",
    "modality": "T2w",
    "run_id": "01",
    "session_id": "struct02",
    "subject_id": "MSC06"
  },
  "cjv": 0.834272420570901,
  "cnr": 1.7438438097879896,
  "efc": 0.6122457785333794,
  "fber": 725.398681640625,
  "fwhm_avg": 2.2860941807788797,
  "fwhm_x": 2.140552200873224,
  "fwhm_y": 2.5248718048780487,
  "fwhm_z": 2.1928585365853657,
  "icvs_csf": 0.32762266395972633,
  "icvs_gm": 0.6489256731110626,
  "icvs_wm": 0.023451662929210963,
  "inu_med": 1.2774699926376343,
  "inu_range": 0.3232861280441286,
  "provenance": {
    "md5sum": "845f7478b855a7f36309548aebb9e6f0",
    "settings": {
      "testing": false
    },
    "software": "mriqc",
    "version": "0.9.6",
    "warnings": {
      "large_rot_frame": true,
      "small_air_mask": false
    }
  },
  "qi_1": 0.0004971532671341551,
  "qi_2": 0.0017443778042771408,
  "rpve_csf": 10.670892240837773,
  "rpve_gm": 6.876458056788881,
  "rpve_wm": 144.87594493907923,
  "size_x": 224,
  "size_y": 256,
  "size_z": 256,
  "snr_csf": 3.2278970598913803,
  "snr_gm": 6.070374343120026,
  "snr_total": 4.109460481821248,
  "snr_wm": 3.030110042452338,
  "snrd_csf": 63.552182039292816,
  "snrd_gm": 30.904336553090506,
  "snrd_total": 37.281407354174355,
  "snrd_wm": 17.387703470139748,
  "spacing_x": 0.7999991774559021,
  "spacing_y": 0.80078125,
  "spacing_z": 0.80078125,
  "summary_bg_k": 128.24976936448334,
  "summary_bg_mad": 39.167938232421875,
  "summary_bg_mean": 69.52423858642578,
  "summary_bg_median": 46.656951904296875,
  "summary_bg_n": 3203896.0,
  "summary_bg_p05": 0.0,
  "summary_bg_p95": 189.76772689819336,
  "summary_bg_stdv": 74.87281036376953,
  "summary_csf_k": 0.0367530840772714,
  "summary_csf_mad": 1151.963134765625,
  "summary_csf_mean": 4033.14794921875,
  "summary_csf_median": 3799.5263671875,
  "summary_csf_n": 130799.0,
  "summary_csf_p05": 2548.3642578125,
  "summary_csf_p95": 6300.841552734372,
  "summary_csf_stdv": 1177.0858154296875,
  "summary_gm_k": 0.12003891180285375,
  "summary_gm_mad": 299.1037902832031,
  "summary_gm_mean": 1863.2239990234375,
  "summary_gm_median": 1847.64453125,
  "summary_gm_n": 587385.0,
  "summary_gm_p05": 1387.6547607421874,
  "summary_gm_p95": 2386.9899902343745,
  "summary_gm_stdv": 304.3705139160156,
  "summary_wm_k": -0.1573057789701795,
  "summary_wm_mad": 375.07550048828125,
  "summary_wm_mean": 1035.57177734375,
  "summary_wm_median": 1039.5400390625,
  "summary_wm_n": 98.0,
  "summary_wm_p05": 418.1593200683594,
  "summary_wm_p95": 1526.133477783203,
  "summary_wm_stdv": 341.3152160644531,
  "tpm_overlap_csf": 0.15738509595394135,
  "tpm_overlap_gm": 0.3745102882385254,
  "tpm_overlap_wm": 0.029895713552832603,
  "wm2max": 0.1551413824469725
}