{
  "aor": 0.0021231784841075794,
  "aqi": 0.024834830819070904,
  "bids_meta": {
    "BodyPartExamined": "HEAD",
    "CogAtlasID": "http://www.cognitiveatlas.org/term/id/trm_4c8a834779883",
    "ConversionSoftware": "dcm2niix",
    "ConversionSoftwareVersion": "v1.0.20170411 GCC4.4.7",
    "EchoTime": 0.027,
    "EffectiveEchoSpacing": 0.000590001,
    "FlipAngle": 90,
    "ImageType": [
      "ORIGINAL",
      "PRIMARY",
      "M",
      "ND",
      "NORM",
      "MOSAIC"
    ],
    "Instructions": "During this first scan, a plus sign will be presented on the screen.  All you need to do is simply relax and look at the plus sign. Please keep your eyes open the entire time, and be as still as possible. It's extremely important that you stay awake for the entire duration of this scan. This scan will last ~30 minutes.",
    "MagneticFieldStrength": 3,
    "Manufacturer": "Siemens",
    "ManufacturersModelName": "TrioTim",
    "PhaseEncodingDirection": "j-",
    "ProcedureStepDescription": "head_Dosenbach_MSC",
    "ProtocolName": "RSFC_818Frames_36Slices_TR2.2",
    "RepetitionTime": 2.2,
    "ScanningSequence": "EP",
    "SequenceName": "_epfid2d1_64",
    "SequenceVariant": "SK",
    "SeriesDescription": "RSFC_818Frames_36Slices_TR2.2",
    "SliceTiming": [
      1.105,
      0,
      1.165,
      0.06,
      1.2275,
      0.1225,
      1.2875,
      0.185,
      1.35,
      0.245,
      1.41,
      0.3075,
      1.4725,
      0.3675,
      1.5325,
      0.43,
      1.595,
      0.49,
      1.655,
      0.5525,
      1.7175,
      0.6125,
      1.78,
      0.675,
      1.84,
      0.735,
      1.9025,
      0.7975,
      1.9625,
      0.8575,
      2.025,
      0.92,
      2.085,
      0.9825,
      2.1475,
      1.0425
    ],
    "SoftwareVersion": "syngo MR B17",
    "TaskName": "rest",
    "modality": "bold",
    "session_id": "func02",
    "subject_id": "MSC08",
    "task_id": "rest"
  },
  "dummy_trs": 0,
  "dvars_nstd": 25.548748144871478,
  "dvars_std": 1.0711387721787013,
  "dvars_vstd": 0.8954493810771124,
  "efc": 0.3967302568607151,
  "fber": 29416.80078125,
  "fd_mean": 0.3377740344408854,
  "fd_num": 501,
  "fd_perc": 61.24694376528117,
  "fwhm_avg": 2.603218045458789,
  "fwhm_x": 2.417145,
  "fwhm_y": 2.941250175312172,
  "fwhm_z": 2.4512589610641964,
  "gcor": 0.0175292,
  "gsr_x": -0.020225120708346367,
  "gsr_y": 0.011117702350020409,
  "provenance": {
    "md5sum": "ead412ae1b102c43b6cf0fa253381c0b",
    "settings": {
      "fd_thres": 0.2,
      "hmc_fsl": false
    },
    "software": "mriqc",
    "version": "0.9.6"
  },
  "size_t": 818,
  "size_x": 64,
  "size_y": 64,
  "size_z": 36,
  "snr": 4.980837884005086,
  "spacing_tr": 2.200000047683716,
  "spacing_x": 4.0,
  "spacing_y": 3.999999761581421,
  "spacing_z": 3.999997615814209,
  "summary_bg_k": 59.064696445740346,
  "summary_bg_mad": 3.0866403579711914,
  "summary_bg_mean": 14.475306510925293,
  "summary_bg_median": 3.396088123321533,
  "summary_bg_n": 99601.0,
  "summary_bg_p05": 0.9009780287742615,
  "summary_bg_p95": 69.2628402709961,
  "summary_bg_stdv": 35.05467987060547,
  "summary_fg_k": 4.322629963586207,
  "summary_fg_mad": 75.4368896484375,
  "summary_fg_mean": 582.4288940429688,
  "summary_fg_median": 602.30322265625,
  "summary_fg_n": 19734.0,
  "summary_fg_p05": 330.68748321533207,
  "summary_fg_p95": 727.6616638183593,
  "summary_fg_stdv": 120.92101287841797,
  "tsnr": 34.549442291259766
}