{
  "aor": 0.0017810576923076925,
  "aqi": 0.004665982788461538,
  "bids_meta": {
    "BodyPartExamined": "HEAD",
    "CogAtlasID": "http://www.cognitiveatlas.org/term/id/trm_550b53d7dd674",
    "ConversionSoftware": "dcm2niix",
    "ConversionSoftwareVersion": "v1.0.20170411 GCC4.4.7",
    "EchoTime": 0.027,
    "EffectiveEchoSpacing": 0.000590001,
    "FlipAngle": 90,
    "ImageType": [
      "ORIGINAL",
      "PRIMARY",
      "M",
      "ND",
      "NORM",
      "MOSAIC"
    ],
    "Instructions": "In this next scan you'll be prompted to move your hands, feet, or tongue. You'll only move one of these at once. Instructions are presented on the screen. Let?s review them now. [Read on-screen instructions to participant.] Do you have any questions?",
    "MagneticFieldStrength": 3,
    "Manufacturer": "Siemens",
    "ManufacturersModelName": "TrioTim",
    "PhaseEncodingDirection": "j-",
    "ProcedureStepDescription": "head_Dosenbach_MSC",
    "ProtocolName": "Motor_104Frames_36Slices_TR2.2",
    "RepetitionTime": 2.2,
    "ScanningSequence": "EP",
    "SequenceName": "_epfid2d1_64",
    "SequenceVariant": "SK",
    "SeriesDescription": "Motor_104Frames_36Slices_TR2.2",
    "SliceTiming": [
      1.105,
      0,
      1.1675,
      0.0625,
      1.2275,
      0.1225,
      1.29,
      0.185,
      1.35,
      0.245,
      1.4125,
      0.3075,
      1.4725,
      0.37,
      1.535,
      0.43,
      1.595,
      0.4925,
      1.6575,
      0.5525,
      1.7175,
      0.615,
      1.78,
      0.675,
      1.84,
      0.7375,
      1.9025,
      0.7975,
      1.965,
      0.86,
      2.025,
      0.92,
      2.0875,
      0.9825,
      2.1475,
      1.0425
    ],
    "SoftwareVersion": "syngo MR B17",
    "TaskName": "motor",
    "modality": "bold",
    "run_id": "01",
    "session_id": "func03",
    "subject_id": "MSC04",
    "task_id": "motor"
  },
  "dummy_trs": 0,
  "dvars_nstd": 20.92851512902914,
  "dvars_std": 1.2392169181553399,
  "dvars_vstd": 0.9787690924271845,
  "efc": 0.3636730370009297,
  "fber": 58687.41015625,
  "fd_mean": 0.16879622851628165,
  "fd_num": 32,
  "fd_perc": 30.76923076923077,
  "fwhm_avg": 2.5295897160832106,
  "fwhm_x": 2.3231775,
  "fwhm_y": 2.883925,
  "fwhm_z": 2.3816666482496327,
  "gcor": 0.0260895,
  "gsr_x": -0.015177145600318909,
  "gsr_y": 0.014420080929994583,
  "provenance": {
    "md5sum": "eda188da5367d8c42732485d512bf0e5",
    "settings": {
      "fd_thres": 0.2,
      "hmc_fsl": false
    },
    "software": "mriqc",
    "version": "0.9.6"
  },
  "size_t": 104,
  "size_x": 64,
  "size_y": 64,
  "size_z": 36,
  "snr": 4.786844358018734,
  "spacing_tr": 2.200000047683716,
  "spacing_x": 4.0,
  "spacing_y": 4.0,
  "spacing_z": 4.000001430511475,
  "summary_bg_k": 73.69035853332197,
  "summary_bg_mad": 1.8389970064163208,
  "summary_bg_mean": 12.210625648498535,
  "summary_bg_median": 3.019230842590332,
  "summary_bg_n": 102259.0,
  "summary_bg_p05": 1.326923131942749,
  "summary_bg_p95": 49.980770111083984,
  "summary_bg_stdv": 36.62821578979492,
  "summary_fg_k": 3.4792252394683887,
  "summary_fg_mad": 104.85130310058594,
  "summary_fg_mean": 728.9886474609375,
  "summary_fg_median": 758.206787109375,
  "summary_fg_n": 17994.0,
  "summary_fg_p05": 396.1985794067383,
  "summary_fg_p95": 920.4524261474609,
  "summary_fg_stdv": 158.38946533203125,
  "tsnr": 81.57478332519531
}