{
  "bids_meta": {
    "BodyPartExamined": "HEAD",
    "ConversionSoftware": "dcm2niix",
    "ConversionSoftwareVersion": "v1.0.20170411 GCC4.4.7",
    "EchoTime": 0.00374,
    "FlipAngle": 8,
    "ImageType": [
      "ORIGINAL",
      "PRIMARY",
      "M",
      "ND",
      "NORM"
    ],
    "InversionTime": 1,
    "MagneticFieldStrength": 3,
    "Manufacturer": "Siemens",
    "ManufacturersModelName": "TrioTim",
    "PhaseEncodingDirection": "i-",
    "ProcedureStepDescription": "head_Dosenbach_MSC",
    "ProtocolName": "T1_.8x.8x.8_224Slices",
    "RepetitionTime": 2.4,
    "ScanningSequence": "GR_IR",
    "SequenceName": "_tfl3d1_ns",
    "SequenceVariant": "SP_MP_OSP",
    "SeriesDescription": "T1_.8x.8x.8_224Slices",
    "modality": "T1w",
    "run_id": "02",
    "session_id": "struct01",
    "subject_id": "MSC02"
  },
  "cjv": 0.7978391925856467,
  "cnr": 1.6973322040824963,
  "efc": 0.6669774925767926,
  "fber": 362.66839599609375,
  "fwhm_avg": 3.3594262873479184,
  "fwhm_x": 3.4451315449705837,
  "fwhm_y": 3.479352195121951,
  "fwhm_z": 3.1537951219512195,
  "icvs_csf": 0.18342792792159499,
  "icvs_gm": 0.3958209001987762,
  "icvs_wm": 0.42075117187962885,
  "inu_med": 1.0686671733856201,
  "inu_range": 0.5746849447488784,
  "provenance": {
    "md5sum": "8299f9b53be9899bb9892b2d18001f0a",
    "mriqc_pred": 0,
    "settings": {
      "testing": false
    },
    "software": "mriqc",
    "version": "0.9.6",
    "warnings": {
      "large_rot_frame": true,
      "small_air_mask": false
    }
  },
  "qi_1": 0.0,
  "qi_2": 0.005086855574087812,
  "rpve_csf": 17.083947500608776,
  "rpve_gm": 8.167822171233201,
  "rpve_wm": 9.129983980260155,
  "size_x": 224,
  "size_y": 256,
  "size_z": 256,
  "snr_csf": 2.504415045656685,
  "snr_gm": 7.967944858754056,
  "snr_total": 7.948612012024498,
  "snr_wm": 13.373476131662754,
  "snrd_csf": 9.890736081557922,
  "snrd_gm": 21.583235189826894,
  "snrd_total": 19.656745983614496,
  "snrd_wm": 27.496266679458675,
  "spacing_x": 0.8000013828277588,
  "spacing_y": 0.80078125,
  "spacing_z": 0.80078125,
  "summary_bg_k": 10.665359839517986,
  "summary_bg_mad": 23.827653884887695,
  "summary_bg_mean": 39.651092529296875,
  "summary_bg_median": 34.162105560302734,
  "summary_bg_n": 4090977.0,
  "summary_bg_p05": 7.333191013336181,
  "summary_bg_p95": 92.02973175048824,
  "summary_bg_stdv": 27.50391387939453,
  "summary_csf_k": 7.865097230599828,
  "summary_csf_mad": 122.09909057617188,
  "summary_csf_mean": 386.3188781738281,
  "summary_csf_median": 359.73126220703125,
  "summary_csf_n": 59011.0,
  "summary_csf_p05": 202.41297149658203,
  "summary_csf_p95": 649.1451416015625,
  "summary_csf_stdv": 143.6376190185547,
  "summary_gm_k": 0.042315372845045385,
  "summary_gm_mad": 98.6763916015625,
  "summary_gm_mean": 789.9884033203125,
  "summary_gm_median": 784.9935913085938,
  "summary_gm_n": 42671.0,
  "summary_gm_p05": 637.0764770507812,
  "summary_gm_p95": 959.2614440917969,
  "summary_gm_stdv": 98.5177993774414,
  "summary_wm_k": 0.3382369932575422,
  "summary_wm_mad": 72.90695190429688,
  "summary_wm_mean": 1002.6072387695312,
  "summary_wm_median": 1000.0536499023438,
  "summary_wm_n": 599584.0,
  "summary_wm_p05": 884.6548004150391,
  "summary_wm_p95": 1129.312237548828,
  "summary_wm_stdv": 74.77882385253906,
  "tpm_overlap_csf": 0.23271580040454865,
  "tpm_overlap_gm": 0.4734877049922943,
  "tpm_overlap_wm": 0.5434942841529846,
  "wm2max": 0.5614785342927867
}