{
  "aor": 0.006022019230769231,
  "aqi": 0.0037996462499999997,
  "bids_meta": {
    "BodyPartExamined": "HEAD",
    "CogAtlasID": "http://www.cognitiveatlas.org/term/id/trm_550b53d7dd674",
    "ConversionSoftware": "dcm2niix",
    "ConversionSoftwareVersion": "v1.0.20170411 GCC4.4.7",
    "EchoTime": 0.027,
    "EffectiveEchoSpacing": 0.000590001,
    "FlipAngle": 90,
    "ImageType": [
      "ORIGINAL",
      "PRIMARY",
      "M",
      "ND",
      "NORM",
      "MOSAIC"
    ],
    "Instructions": "In this next scan you'll be prompted to move your hands, feet, or tongue. You'll only move one of these at once. Instructions are presented on the screen. Let?s review them now. [Read on-screen instructions to participant.] Do you have any questions?",
    "MagneticFieldStrength": 3,
    "Manufacturer": "Siemens",
    "ManufacturersModelName": "TrioTim",
    "PhaseEncodingDirection": "j-",
    "ProcedureStepDescription": "head_Dosenbach_MSC",
    "ProtocolName": "Motor_104Frames_36Slices_TR2.2",
    "RepetitionTime": 2.2,
    "ScanningSequence": "EP",
    "SequenceName": "_epfid2d1_64",
    "SequenceVariant": "SK",
    "SeriesDescription": "Motor_104Frames_36Slices_TR2.2",
    "SliceTiming": [
      1.105,
      0,
      1.1675,
      0.0625,
      1.2275,
      0.1225,
      1.29,
      0.185,
      1.35,
      0.245,
      1.4125,
      0.3075,
      1.4725,
      0.37,
      1.535,
      0.43,
      1.595,
      0.4925,
      1.6575,
      0.5525,
      1.7175,
      0.615,
      1.78,
      0.675,
      1.84,
      0.7375,
      1.9025,
      0.7975,
      1.965,
      0.86,
      2.025,
      0.92,
      2.0875,
      0.9825,
      2.1475,
      1.0425
    ],
    "SoftwareVersion": "syngo MR B17",
    "TaskName": "motor",
    "modality": "bold",
    "run_id": "02",
    "session_id": "func07",
    "subject_id": "MSC04",
    "task_id": "motor"
  },
  "dummy_trs": 0,
  "dvars_nstd": 18.368119128834948,
  "dvars_std": 1.2984545768932036,
  "dvars_vstd": 1.0120295646601944,
  "efc": 0.368651587550036,
  "fber": 47423.23828125,
  "fd_mean": 0.11778164644322703,
  "fd_num": 16,
  "fd_perc": 15.384615384615385,
  "fwhm_avg": 2.5753740706582975,
  "fwhm_x": 2.3577425,
  "fwhm_y": 2.95225,
  "fwhm_z": 2.4161297119748935,
  "gcor": 0.0369493,
  "gsr_x": -0.017467128112912178,
  "gsr_y": 0.012252249754965305,
  "provenance": {
    "md5sum": "9153f2b92de1f23225b54642dc4d9516",
    "settings": {
      "fd_thres": 0.2,
      "hmc_fsl": false
    },
    "software": "mriqc",
    "version": "0.9.6"
  },
  "size_t": 104,
  "size_x": 64,
  "size_y": 64,
  "size_z": 36,
  "snr": 4.574285667945361,
  "spacing_tr": 2.200000047683716,
  "spacing_x": 4.0,
  "spacing_y": 4.0,
  "spacing_z": 4.000000476837158,
  "summary_bg_k": 64.42351048651899,
  "summary_bg_mad": 1.8817641735076904,
  "summary_bg_mean": 12.746639251708984,
  "summary_bg_median": 3.230769395828247,
  "summary_bg_n": 101354.0,
  "summary_bg_p05": 1.567307710647583,
  "summary_bg_p95": 54.19567489624015,
  "summary_bg_stdv": 35.95541000366211,
  "summary_fg_k": 3.0690826401958704,
  "summary_fg_mad": 106.47647857666016,
  "summary_fg_mean": 702.2816772460938,
  "summary_fg_median": 735.2452392578125,
  "summary_fg_n": 18214.0,
  "summary_fg_p05": 360.0543441772461,
  "summary_fg_p95": 894.3336944580078,
  "summary_fg_stdv": 160.7300262451172,
  "tsnr": 84.36573028564453
}