{
  "bids_meta": {
    "BodyPartExamined": "HEAD",
    "ConversionSoftware": "dcm2niix",
    "ConversionSoftwareVersion": "v1.0.20170411 GCC4.4.7",
    "EchoTime": 0.00374,
    "FlipAngle": 8,
    "ImageType": [
      "ORIGINAL",
      "PRIMARY",
      "M",
      "ND",
      "NORM"
    ],
    "InversionTime": 1,
    "MagneticFieldStrength": 3,
    "Manufacturer": "Siemens",
    "ManufacturersModelName": "TrioTim",
    "PhaseEncodingDirection": "i-",
    "ProcedureStepDescription": "head_Dosenbach_MSC",
    "ProtocolName": "T1_.8x.8x.8_224Slices",
    "RepetitionTime": 2.4,
    "ScanningSequence": "GR_IR",
    "SequenceName": "_tfl3d1_ns",
    "SequenceVariant": "SP_MP_OSP",
    "SeriesDescription": "T1_.8x.8x.8_224Slices",
    "modality": "T1w",
    "run_id": "01",
    "session_id": "struct01",
    "subject_id": "MSC01"
  },
  "cjv": 0.5996642063165176,
  "cnr": 2.225964751695034,
  "efc": 0.6755521435192363,
  "fber": 425.2293395996094,
  "fwhm_avg": 3.2382649877263403,
  "fwhm_x": 3.34520276805707,
  "fwhm_y": 3.3445838048780487,
  "fwhm_z": 3.0250083902439022,
  "icvs_csf": 0.1754568726122203,
  "icvs_gm": 0.4138821524988711,
  "icvs_wm": 0.41066097488890857,
  "inu_med": 1.105820655822754,
  "inu_range": 0.4980464011430741,
  "provenance": {
    "md5sum": "219ea6efabd35602bed2838f729705f2",
    "mriqc_pred": 0,
    "settings": {
      "testing": false
    },
    "software": "mriqc",
    "version": "0.9.6",
    "warnings": {
      "large_rot_frame": true,
      "small_air_mask": false
    }
  },
  "qi_1": 0.0,
  "qi_2": 0.0030598970936904844,
  "rpve_csf": 18.61249394697938,
  "rpve_gm": 8.475128990933477,
  "rpve_wm": 10.046843704365038,
  "size_x": 224,
  "size_y": 256,
  "size_z": 256,
  "snr_csf": 2.6864385654810548,
  "snr_gm": 9.41992200715727,
  "snr_total": 8.72138763808807,
  "snr_wm": 14.057802341625885,
  "snrd_csf": 11.350722852735354,
  "snrd_gm": 24.218182607600887,
  "snrd_total": 22.537382249054218,
  "snrd_wm": 32.04324128682641,
  "spacing_x": 0.800005316734314,
  "spacing_y": 0.80078125,
  "spacing_z": 0.80078125,
  "summary_bg_k": 12.260760870794604,
  "summary_bg_mad": 20.446245193481445,
  "summary_bg_mean": 34.04457473754883,
  "summary_bg_median": 29.535144805908203,
  "summary_bg_n": 3848129.0,
  "summary_bg_p05": 6.06981544494629,
  "summary_bg_p95": 77.87370300292966,
  "summary_bg_stdv": 23.197532653808594,
  "summary_csf_k": 1.2985352526118366,
  "summary_csf_mad": 120.1072998046875,
  "summary_csf_mean": 374.36614990234375,
  "summary_csf_median": 354.246337890625,
  "summary_csf_n": 33735.0,
  "summary_csf_p05": 195.17852783203125,
  "summary_csf_p95": 617.2462707519531,
  "summary_csf_stdv": 131.8627166748047,
  "summary_gm_k": 0.44172575171930184,
  "summary_gm_mad": 76.74466705322266,
  "summary_gm_mean": 757.5615234375,
  "summary_gm_median": 755.8287353515625,
  "summary_gm_n": 37507.0,
  "summary_gm_p05": 628.7389831542969,
  "summary_gm_p95": 892.092950439453,
  "summary_gm_stdv": 80.23619079589844,
  "summary_wm_k": 0.2002861540162928,
  "summary_wm_mad": 69.70135498046875,
  "summary_wm_mean": 1000.740478515625,
  "summary_wm_median": 1000.0421142578125,
  "summary_wm_n": 524692.0,
  "summary_wm_p05": 884.8990356445313,
  "summary_wm_p95": 1118.556005859375,
  "summary_wm_stdv": 71.13780212402344,
  "tpm_overlap_csf": 0.23182529211044312,
  "tpm_overlap_gm": 0.4904019832611084,
  "tpm_overlap_wm": 0.5511052012443542,
  "wm2max": 0.5826637542062275
}