{
  "aor": 0.01726625,
  "aqi": 0.018842676923076923,
  "bids_meta": {
    "BodyPartExamined": "HEAD",
    "CogAtlasID": "http://www.cognitiveatlas.org/term/id/trm_550b53d7dd674",
    "ConversionSoftware": "dcm2niix",
    "ConversionSoftwareVersion": "v1.0.20170411 GCC4.4.7",
    "EchoTime": 0.027,
    "EffectiveEchoSpacing": 0.000590001,
    "FlipAngle": 90,
    "ImageType": [
      "ORIGINAL",
      "PRIMARY",
      "M",
      "ND",
      "NORM",
      "MOSAIC"
    ],
    "Instructions": "In this next scan you'll be prompted to move your hands, feet, or tongue. You'll only move one of these at once. Instructions are presented on the screen. Let?s review them now. [Read on-screen instructions to participant.] Do you have any questions?",
    "MagneticFieldStrength": 3,
    "Manufacturer": "Siemens",
    "ManufacturersModelName": "TrioTim",
    "PhaseEncodingDirection": "j-",
    "ProcedureStepDescription": "head_Dosenbach_MSC",
    "ProtocolName": "Motor_104Frames_36Slices_TR2.2",
    "RepetitionTime": 2.2,
    "ScanningSequence": "EP",
    "SequenceName": "_epfid2d1_64",
    "SequenceVariant": "SK",
    "SeriesDescription": "Motor_104Frames_36Slices_TR2.2",
    "SliceTiming": [
      1.105,
      0,
      1.1675,
      0.0625,
      1.2275,
      0.1225,
      1.29,
      0.185,
      1.35,
      0.245,
      1.4125,
      0.3075,
      1.4725,
      0.37,
      1.535,
      0.43,
      1.595,
      0.4925,
      1.6575,
      0.5525,
      1.7175,
      0.615,
      1.78,
      0.675,
      1.84,
      0.7375,
      1.9025,
      0.7975,
      1.965,
      0.86,
      2.025,
      0.92,
      2.0875,
      0.9825,
      2.1475,
      1.0425
    ],
    "SoftwareVersion": "syngo MR B17",
    "TaskName": "motor",
    "modality": "bold",
    "run_id": "02",
    "session_id": "func10",
    "subject_id": "MSC09",
    "task_id": "motor"
  },
  "dummy_trs": 0,
  "dvars_nstd": 22.208109568543694,
  "dvars_std": 1.0272053298058252,
  "dvars_vstd": 0.8871512941747572,
  "efc": 0.4401962020256595,
  "fber": 28803.16796875,
  "fd_mean": 0.259601597684489,
  "fd_num": 48,
  "fd_perc": 46.15384615384615,
  "fwhm_avg": 2.56785209726471,
  "fwhm_x": 2.2845275,
  "fwhm_y": 3.01095,
  "fwhm_z": 2.408078791794129,
  "gcor": 0.0161243,
  "gsr_x": -0.020164843648672104,
  "gsr_y": 0.024600105360150337,
  "provenance": {
    "md5sum": "b13791848cd554689421771b5be8e8d5",
    "settings": {
      "fd_thres": 0.2,
      "hmc_fsl": false
    },
    "software": "mriqc",
    "version": "0.9.6"
  },
  "size_t": 104,
  "size_x": 64,
  "size_y": 64,
  "size_z": 36,
  "snr": 5.332150601065268,
  "spacing_tr": 2.200000047683716,
  "spacing_x": 4.0,
  "spacing_y": 4.0,
  "spacing_z": 3.999997854232788,
  "summary_bg_k": 29.84438128491783,
  "summary_bg_mad": 3.0792505741119385,
  "summary_bg_mean": 20.129703521728516,
  "summary_bg_median": 4.115384578704834,
  "summary_bg_n": 93567.0,
  "summary_bg_p05": 1.567307710647583,
  "summary_bg_p95": 105.94231414794922,
  "summary_bg_stdv": 44.402435302734375,
  "summary_fg_k": 4.6683261086207555,
  "summary_fg_mad": 88.69950103759766,
  "summary_fg_mean": 706.8814086914062,
  "summary_fg_median": 724.65869140625,
  "summary_fg_n": 24184.0,
  "summary_fg_p05": 446.38512420654297,
  "summary_fg_p95": 873.0164031982422,
  "summary_fg_stdv": 135.9008331298828,
  "tsnr": 46.67747116088867
}