{
  "aor": 0.0029786538461538457,
  "aqi": 0.006528794711538462,
  "bids_meta": {
    "BodyPartExamined": "HEAD",
    "CogAtlasID": "http://www.cognitiveatlas.org/term/id/trm_550b53d7dd674",
    "ConversionSoftware": "dcm2niix",
    "ConversionSoftwareVersion": "v1.0.20170411 GCC4.4.7",
    "EchoTime": 0.027,
    "EffectiveEchoSpacing": 0.000590001,
    "FlipAngle": 90,
    "ImageType": [
      "ORIGINAL",
      "PRIMARY",
      "M",
      "ND",
      "NORM",
      "MOSAIC"
    ],
    "Instructions": "In this next scan you'll be prompted to move your hands, feet, or tongue. You'll only move one of these at once. Instructions are presented on the screen. Let?s review them now. [Read on-screen instructions to participant.] Do you have any questions?",
    "MagneticFieldStrength": 3,
    "Manufacturer": "Siemens",
    "ManufacturersModelName": "TrioTim",
    "PhaseEncodingDirection": "j-",
    "ProcedureStepDescription": "head_Dosenbach_MSC",
    "ProtocolName": "Motor_104Frames_36Slices_TR2.2",
    "RepetitionTime": 2.2,
    "ScanningSequence": "EP",
    "SequenceName": "_epfid2d1_64",
    "SequenceVariant": "SK",
    "SeriesDescription": "Motor_104Frames_36Slices_TR2.2",
    "SliceTiming": [
      1.105,
      0,
      1.1675,
      0.0625,
      1.2275,
      0.1225,
      1.29,
      0.185,
      1.35,
      0.245,
      1.4125,
      0.3075,
      1.4725,
      0.37,
      1.535,
      0.43,
      1.595,
      0.4925,
      1.6575,
      0.5525,
      1.7175,
      0.615,
      1.78,
      0.675,
      1.84,
      0.7375,
      1.9025,
      0.7975,
      1.965,
      0.86,
      2.025,
      0.92,
      2.0875,
      0.9825,
      2.1475,
      1.0425
    ],
    "SoftwareVersion": "syngo MR B17",
    "TaskName": "motor",
    "modality": "bold",
    "run_id": "02",
    "session_id": "func01",
    "subject_id": "MSC01",
    "task_id": "motor"
  },
  "dummy_trs": 0,
  "dvars_nstd": 23.073564233106797,
  "dvars_std": 1.2342335055339808,
  "dvars_vstd": 0.9913179136893202,
  "efc": 0.4154140582132341,
  "fber": 18778.607421875,
  "fd_mean": 0.17279458575915865,
  "fd_num": 33,
  "fd_perc": 31.73076923076923,
  "fwhm_avg": 2.381923651412064,
  "fwhm_x": 2.119185,
  "fwhm_y": 2.739525,
  "fwhm_z": 2.2870609542361904,
  "gcor": 0.0222503,
  "gsr_x": -0.00850780587643385,
  "gsr_y": 0.012206785380840302,
  "provenance": {
    "md5sum": "76e0e15fa368b417aafe603cbea64e47",
    "settings": {
      "fd_thres": 0.2,
      "hmc_fsl": false
    },
    "software": "mriqc",
    "version": "0.9.6"
  },
  "size_t": 104,
  "size_x": 64,
  "size_y": 64,
  "size_z": 36,
  "snr": 4.692242325777683,
  "spacing_tr": 2.200000047683716,
  "spacing_x": 4.0,
  "spacing_y": 4.0,
  "spacing_z": 3.9999983310699463,
  "summary_bg_k": 35.962875217104354,
  "summary_bg_mad": 2.7513675689697266,
  "summary_bg_mean": 15.081336975097656,
  "summary_bg_median": 4.144230842590332,
  "summary_bg_n": 97373.0,
  "summary_bg_p05": 1.759615421295166,
  "summary_bg_p95": 68.8826934814452,
  "summary_bg_stdv": 32.1358642578125,
  "summary_fg_k": 3.148175948286558,
  "summary_fg_mad": 90.68821716308594,
  "summary_fg_mean": 579.296142578125,
  "summary_fg_median": 591.2115478515625,
  "summary_fg_n": 21552.0,
  "summary_fg_p05": 330.26635894775393,
  "summary_fg_p95": 749.7471466064453,
  "summary_fg_stdv": 125.99473571777344,
  "tsnr": 66.41749572753906
}