{
  "aor": 0.0033704807692307693,
  "aqi": 0.002888416923076923,
  "bids_meta": {
    "BodyPartExamined": "HEAD",
    "CogAtlasID": "http://www.cognitiveatlas.org/term/id/trm_550b53d7dd674",
    "ConversionSoftware": "dcm2niix",
    "ConversionSoftwareVersion": "v1.0.20170411 GCC4.4.7",
    "EchoTime": 0.027,
    "EffectiveEchoSpacing": 0.000590001,
    "FlipAngle": 90,
    "ImageType": [
      "ORIGINAL",
      "PRIMARY",
      "M",
      "ND",
      "NORM",
      "MOSAIC"
    ],
    "Instructions": "In this next scan you'll be prompted to move your hands, feet, or tongue. You'll only move one of these at once. Instructions are presented on the screen. Let?s review them now. [Read on-screen instructions to participant.] Do you have any questions?",
    "MagneticFieldStrength": 3,
    "Manufacturer": "Siemens",
    "ManufacturersModelName": "TrioTim",
    "PhaseEncodingDirection": "j-",
    "ProcedureStepDescription": "head_Dosenbach_MSC",
    "ProtocolName": "Motor_104Frames_36Slices_TR2.2",
    "RepetitionTime": 2.2,
    "ScanningSequence": "EP",
    "SequenceName": "_epfid2d1_64",
    "SequenceVariant": "SK",
    "SeriesDescription": "Motor_104Frames_36Slices_TR2.2",
    "SliceTiming": [
      1.105,
      0,
      1.1675,
      0.0625,
      1.2275,
      0.1225,
      1.29,
      0.185,
      1.35,
      0.245,
      1.4125,
      0.3075,
      1.4725,
      0.37,
      1.535,
      0.43,
      1.595,
      0.4925,
      1.6575,
      0.5525,
      1.7175,
      0.615,
      1.78,
      0.675,
      1.84,
      0.7375,
      1.9025,
      0.7975,
      1.965,
      0.86,
      2.025,
      0.92,
      2.0875,
      0.9825,
      2.1475,
      1.0425
    ],
    "SoftwareVersion": "syngo MR B17",
    "TaskName": "motor",
    "modality": "bold",
    "run_id": "02",
    "session_id": "func08",
    "subject_id": "MSC02",
    "task_id": "motor"
  },
  "dummy_trs": 0,
  "dvars_nstd": 19.444714000388345,
  "dvars_std": 1.3478818436893196,
  "dvars_vstd": 1.0215997457281556,
  "efc": 0.4233666027785221,
  "fber": 30999.2265625,
  "fd_mean": 0.09395909606665848,
  "fd_num": 1,
  "fd_perc": 0.9615384615384616,
  "fwhm_avg": 2.449548563658912,
  "fwhm_x": 2.1899625,
  "fwhm_y": 2.84015,
  "fwhm_z": 2.318533190976736,
  "gcor": 0.0298104,
  "gsr_x": -0.016061488538980484,
  "gsr_y": 0.03496992588043213,
  "provenance": {
    "md5sum": "a05a34d4344f42c0f5d6e5070afa8504",
    "settings": {
      "fd_thres": 0.2,
      "hmc_fsl": false
    },
    "software": "mriqc",
    "version": "0.9.6"
  },
  "size_t": 104,
  "size_x": 64,
  "size_y": 64,
  "size_z": 36,
  "snr": 4.834525762884306,
  "spacing_tr": 2.200000047683716,
  "spacing_x": 4.0,
  "spacing_y": 4.0,
  "spacing_z": 3.9999988079071045,
  "summary_bg_k": 22.677422710736558,
  "summary_bg_mad": 2.4805076122283936,
  "summary_bg_mean": 18.984638214111328,
  "summary_bg_median": 3.653846263885498,
  "summary_bg_n": 96108.0,
  "summary_bg_p05": 1.586538553237915,
  "summary_bg_p95": 103.64423370361328,
  "summary_bg_stdv": 41.932376861572266,
  "summary_fg_k": 3.1873877921520553,
  "summary_fg_mad": 106.10587310791016,
  "summary_fg_mean": 659.766845703125,
  "summary_fg_median": 671.2404174804688,
  "summary_fg_n": 22558.0,
  "summary_fg_p05": 409.48559722900393,
  "summary_fg_p95": 848.2062866210937,
  "summary_fg_stdv": 138.83999633789062,
  "tsnr": 95.63764190673828
}