{
  "aor": 0.003099320388349515,
  "aqi": 0.004340894077669902,
  "bids_meta": {
    "BodyPartExamined": "HEAD",
    "CogAtlasID": "http://www.cognitiveatlas.org/term/id/trm_550b53d7dd674",
    "ConversionSoftware": "dcm2niix",
    "ConversionSoftwareVersion": "v1.0.20170411 GCC4.4.7",
    "EchoTime": 0.027,
    "EffectiveEchoSpacing": 0.000590001,
    "FlipAngle": 90,
    "ImageType": [
      "ORIGINAL",
      "PRIMARY",
      "M",
      "ND",
      "NORM",
      "MOSAIC"
    ],
    "Instructions": "In this next scan you'll be prompted to move your hands, feet, or tongue. You'll only move one of these at once. Instructions are presented on the screen. Let?s review them now. [Read on-screen instructions to participant.] Do you have any questions?",
    "MagneticFieldStrength": 3,
    "Manufacturer": "Siemens",
    "ManufacturersModelName": "TrioTim",
    "PhaseEncodingDirection": "j-",
    "ProcedureStepDescription": "head_Dosenbach_MSC",
    "ProtocolName": "Motor_104Frames_36Slices_TR2.2",
    "RepetitionTime": 2.2,
    "ScanningSequence": "EP",
    "SequenceName": "_epfid2d1_64",
    "SequenceVariant": "SK",
    "SeriesDescription": "Motor_104Frames_36Slices_TR2.2",
    "SliceTiming": [
      1.105,
      0,
      1.1675,
      0.0625,
      1.2275,
      0.1225,
      1.29,
      0.185,
      1.35,
      0.245,
      1.4125,
      0.3075,
      1.4725,
      0.37,
      1.535,
      0.43,
      1.595,
      0.4925,
      1.6575,
      0.5525,
      1.7175,
      0.615,
      1.78,
      0.675,
      1.84,
      0.7375,
      1.9025,
      0.7975,
      1.965,
      0.86,
      2.025,
      0.92,
      2.0875,
      0.9825,
      2.1475,
      1.0425
    ],
    "SoftwareVersion": "syngo MR B17",
    "TaskName": "motor",
    "modality": "bold",
    "run_id": "02",
    "session_id": "func10",
    "subject_id": "MSC05",
    "task_id": "motor"
  },
  "dummy_trs": 1,
  "dvars_nstd": 19.592464914117638,
  "dvars_std": 1.322721300686274,
  "dvars_vstd": 1.028235916470588,
  "efc": 0.4256963618616935,
  "fber": 31320.30859375,
  "fd_mean": 0.1601045762908752,
  "fd_num": 28,
  "fd_perc": 27.184466019417474,
  "fwhm_avg": 2.482303333333333,
  "fwhm_x": 2.207005,
  "fwhm_y": 2.882675,
  "fwhm_z": 2.35723,
  "gcor": 0.0368609,
  "gsr_x": -0.012330586090683937,
  "gsr_y": 0.01735202595591545,
  "provenance": {
    "md5sum": "e9fe0c850581397b43ac1252d9954871",
    "settings": {
      "fd_thres": 0.2,
      "hmc_fsl": false
    },
    "software": "mriqc",
    "version": "0.9.6"
  },
  "size_t": 103,
  "size_x": 64,
  "size_y": 64,
  "size_z": 36,
  "snr": 5.323723065906483,
  "spacing_tr": 2.200000047683716,
  "spacing_x": 4.0,
  "spacing_y": 4.0,
  "spacing_z": 4.0,
  "summary_bg_k": 41.08124072286233,
  "summary_bg_mad": 3.051569938659668,
  "summary_bg_mean": 19.437225341796875,
  "summary_bg_median": 4.339806079864502,
  "summary_bg_n": 95121.0,
  "summary_bg_p05": 1.7475727796554565,
  "summary_bg_p95": 94.66990661621094,
  "summary_bg_stdv": 45.72949981689453,
  "summary_fg_k": 4.8518377476959405,
  "summary_fg_mad": 100.25554656982422,
  "summary_fg_mean": 780.3008422851562,
  "summary_fg_median": 800.2330322265625,
  "summary_fg_n": 23202.0,
  "summary_fg_p05": 492.0946533203125,
  "summary_fg_p95": 964.2684539794922,
  "summary_fg_stdv": 150.31130981445312,
  "tsnr": 88.09284210205078
}