{
  "aor": 0.00658576923076923,
  "aqi": 0.016755975576923075,
  "bids_meta": {
    "BodyPartExamined": "HEAD",
    "CogAtlasID": "http://www.cognitiveatlas.org/term/id/trm_550b53d7dd674",
    "ConversionSoftware": "dcm2niix",
    "ConversionSoftwareVersion": "v1.0.20170411 GCC4.4.7",
    "EchoTime": 0.027,
    "EffectiveEchoSpacing": 0.000590001,
    "FlipAngle": 90,
    "ImageType": [
      "ORIGINAL",
      "PRIMARY",
      "M",
      "ND",
      "NORM",
      "MOSAIC"
    ],
    "Instructions": "In this next scan you'll be prompted to move your hands, feet, or tongue. You'll only move one of these at once. Instructions are presented on the screen. Let?s review them now. [Read on-screen instructions to participant.] Do you have any questions?",
    "MagneticFieldStrength": 3,
    "Manufacturer": "Siemens",
    "ManufacturersModelName": "TrioTim",
    "PhaseEncodingDirection": "j-",
    "ProcedureStepDescription": "head_Dosenbach_MSC",
    "ProtocolName": "Motor_104Frames_36Slices_TR2.2",
    "RepetitionTime": 2.2,
    "ScanningSequence": "EP",
    "SequenceName": "_epfid2d1_64",
    "SequenceVariant": "SK",
    "SeriesDescription": "Motor_104Frames_36Slices_TR2.2",
    "SliceTiming": [
      1.105,
      0,
      1.1675,
      0.0625,
      1.2275,
      0.1225,
      1.29,
      0.185,
      1.35,
      0.245,
      1.4125,
      0.3075,
      1.4725,
      0.37,
      1.535,
      0.43,
      1.595,
      0.4925,
      1.6575,
      0.5525,
      1.7175,
      0.615,
      1.78,
      0.675,
      1.84,
      0.7375,
      1.9025,
      0.7975,
      1.965,
      0.86,
      2.025,
      0.92,
      2.0875,
      0.9825,
      2.1475,
      1.0425
    ],
    "SoftwareVersion": "syngo MR B17",
    "TaskName": "motor",
    "modality": "bold",
    "run_id": "01",
    "session_id": "func07",
    "subject_id": "MSC09",
    "task_id": "motor"
  },
  "dummy_trs": 0,
  "dvars_nstd": 28.45249335281553,
  "dvars_std": 1.1863705238834952,
  "dvars_vstd": 0.9779277413592234,
  "efc": 0.43803875355042576,
  "fber": 28905.376953125,
  "fd_mean": 0.3729098476670568,
  "fd_num": 76,
  "fd_perc": 73.07692307692308,
  "fwhm_avg": 2.6010442642692837,
  "fwhm_x": 2.3142575,
  "fwhm_y": 3.032625,
  "fwhm_z": 2.456250292807852,
  "gcor": 0.0199978,
  "gsr_x": -0.018814917653799057,
  "gsr_y": 0.026089973747730255,
  "provenance": {
    "md5sum": "fa097d37d394911d9195c10c88e146fb",
    "settings": {
      "fd_thres": 0.2,
      "hmc_fsl": false
    },
    "software": "mriqc",
    "version": "0.9.6"
  },
  "size_t": 104,
  "size_x": 64,
  "size_y": 64,
  "size_z": 36,
  "snr": 5.12974361856538,
  "spacing_tr": 2.200000047683716,
  "spacing_x": 4.0,
  "spacing_y": 4.0,
  "spacing_z": 3.999999523162842,
  "summary_bg_k": 28.191987067024538,
  "summary_bg_mad": 2.9224374294281006,
  "summary_bg_mean": 18.920608520507812,
  "summary_bg_median": 3.942307949066162,
  "summary_bg_n": 93599.0,
  "summary_bg_p05": 1.528846263885498,
  "summary_bg_p95": 100.41346740722656,
  "summary_bg_stdv": 41.521427154541016,
  "summary_fg_k": 4.207463418085706,
  "summary_fg_mad": 93.28992462158203,
  "summary_fg_mean": 681.38916015625,
  "summary_fg_median": 700.34619140625,
  "summary_fg_n": 24197.0,
  "summary_fg_p05": 414.4615539550781,
  "summary_fg_p95": 849.9250244140625,
  "summary_fg_stdv": 136.5237274169922,
  "tsnr": 44.19013214111328
}