{
  "aor": 0.0016186430317848407,
  "aqi": 0.008197166674816627,
  "bids_meta": {
    "BodyPartExamined": "HEAD",
    "CogAtlasID": "http://www.cognitiveatlas.org/term/id/trm_4c8a834779883",
    "ConversionSoftware": "dcm2niix",
    "ConversionSoftwareVersion": "v1.0.20170411 GCC4.4.7",
    "EchoTime": 0.027,
    "EffectiveEchoSpacing": 0.000590001,
    "FlipAngle": 90,
    "ImageType": [
      "ORIGINAL",
      "PRIMARY",
      "M",
      "ND",
      "NORM",
      "MOSAIC"
    ],
    "Instructions": "During this first scan, a plus sign will be presented on the screen.  All you need to do is simply relax and look at the plus sign. Please keep your eyes open the entire time, and be as still as possible. It's extremely important that you stay awake for the entire duration of this scan. This scan will last ~30 minutes.",
    "MagneticFieldStrength": 3,
    "Manufacturer": "Siemens",
    "ManufacturersModelName": "TrioTim",
    "PhaseEncodingDirection": "j-",
    "ProcedureStepDescription": "head_Dosenbach_MSC",
    "ProtocolName": "RSFC_818Frames_36Slices_TR2.2",
    "RepetitionTime": 2.2,
    "ScanningSequence": "EP",
    "SequenceName": "_epfid2d1_64",
    "SequenceVariant": "SK",
    "SeriesDescription": "RSFC_818Frames_36Slices_TR2.2",
    "SliceTiming": [
      1.105,
      0,
      1.165,
      0.06,
      1.2275,
      0.1225,
      1.2875,
      0.185,
      1.35,
      0.245,
      1.41,
      0.3075,
      1.4725,
      0.3675,
      1.5325,
      0.43,
      1.595,
      0.49,
      1.655,
      0.5525,
      1.7175,
      0.6125,
      1.78,
      0.675,
      1.84,
      0.735,
      1.9025,
      0.7975,
      1.9625,
      0.8575,
      2.025,
      0.92,
      2.085,
      0.9825,
      2.1475,
      1.0425
    ],
    "SoftwareVersion": "syngo MR B17",
    "TaskName": "rest",
    "modality": "bold",
    "session_id": "func09",
    "subject_id": "MSC02",
    "task_id": "rest"
  },
  "dummy_trs": 0,
  "dvars_nstd": 20.7238222281885,
  "dvars_std": 1.3480173017870256,
  "dvars_vstd": 0.960826798690331,
  "efc": 0.42936606229460805,
  "fber": 28631.931640625,
  "fd_mean": 0.10615735100724608,
  "fd_num": 49,
  "fd_perc": 5.990220048899755,
  "fwhm_avg": 2.4679244431780774,
  "fwhm_x": 2.1873775,
  "fwhm_y": 2.89685,
  "fwhm_z": 2.3195458295342313,
  "gcor": 0.0159606,
  "gsr_x": -0.015515870414674282,
  "gsr_y": 0.03250894322991371,
  "provenance": {
    "md5sum": "87ed3af23e5065198f07c49d352ab27c",
    "settings": {
      "fd_thres": 0.2,
      "hmc_fsl": false
    },
    "software": "mriqc",
    "version": "0.9.6"
  },
  "size_t": 818,
  "size_x": 64,
  "size_y": 64,
  "size_z": 36,
  "snr": 4.9747187240865705,
  "spacing_tr": 2.200000047683716,
  "spacing_x": 4.0,
  "spacing_y": 4.0,
  "spacing_z": 3.9999985694885254,
  "summary_bg_k": 25.243420645263328,
  "summary_bg_mad": 2.90539288520813,
  "summary_bg_mean": 19.92871856689453,
  "summary_bg_median": 3.8484108448028564,
  "summary_bg_n": 95397.0,
  "summary_bg_p05": 1.4022005796432495,
  "summary_bg_p95": 107.29242706298828,
  "summary_bg_stdv": 45.02069091796875,
  "summary_fg_k": 3.9511319777041187,
  "summary_fg_mad": 96.18246459960938,
  "summary_fg_mean": 663.1024780273438,
  "summary_fg_median": 676.0354614257812,
  "summary_fg_n": 22975.0,
  "summary_fg_p05": 414.4710418701172,
  "summary_fg_p95": 839.3332702636718,
  "summary_fg_stdv": 135.89125061035156,
  "tsnr": 62.79352569580078
}