{
  "aor": 0.0030880440097799523,
  "aqi": 0.00727969924205379,
  "bids_meta": {
    "BodyPartExamined": "HEAD",
    "CogAtlasID": "http://www.cognitiveatlas.org/term/id/trm_4c8a834779883",
    "ConversionSoftware": "dcm2niix",
    "ConversionSoftwareVersion": "v1.0.20170411 GCC4.4.7",
    "EchoTime": 0.027,
    "EffectiveEchoSpacing": 0.000590001,
    "FlipAngle": 90,
    "ImageType": [
      "ORIGINAL",
      "PRIMARY",
      "M",
      "ND",
      "NORM",
      "MOSAIC"
    ],
    "Instructions": "During this first scan, a plus sign will be presented on the screen.  All you need to do is simply relax and look at the plus sign. Please keep your eyes open the entire time, and be as still as possible. It's extremely important that you stay awake for the entire duration of this scan. This scan will last ~30 minutes.",
    "MagneticFieldStrength": 3,
    "Manufacturer": "Siemens",
    "ManufacturersModelName": "TrioTim",
    "PhaseEncodingDirection": "j-",
    "ProcedureStepDescription": "head_Dosenbach_MSC",
    "ProtocolName": "RSFC_818Frames_36Slices_TR2.2",
    "RepetitionTime": 2.2,
    "ScanningSequence": "EP",
    "SequenceName": "_epfid2d1_64",
    "SequenceVariant": "SK",
    "SeriesDescription": "RSFC_818Frames_36Slices_TR2.2",
    "SliceTiming": [
      1.105,
      0,
      1.165,
      0.06,
      1.2275,
      0.1225,
      1.2875,
      0.185,
      1.35,
      0.245,
      1.41,
      0.3075,
      1.4725,
      0.3675,
      1.5325,
      0.43,
      1.595,
      0.49,
      1.655,
      0.5525,
      1.7175,
      0.6125,
      1.78,
      0.675,
      1.84,
      0.735,
      1.9025,
      0.7975,
      1.9625,
      0.8575,
      2.025,
      0.92,
      2.085,
      0.9825,
      2.1475,
      1.0425
    ],
    "SoftwareVersion": "syngo MR B17",
    "TaskName": "rest",
    "modality": "bold",
    "session_id": "func04",
    "subject_id": "MSC03",
    "task_id": "rest"
  },
  "dummy_trs": 0,
  "dvars_nstd": 18.922549851260722,
  "dvars_std": 1.2004163104773564,
  "dvars_vstd": 1.0009637203059985,
  "efc": 0.36640655474936007,
  "fber": 43277.63671875,
  "fd_mean": 0.19341878718052627,
  "fd_num": 331,
  "fd_perc": 40.46454767726161,
  "fwhm_avg": 2.56931,
  "fwhm_x": 2.344085,
  "fwhm_y": 2.99205,
  "fwhm_z": 2.371795,
  "gcor": 0.0460443,
  "gsr_x": -0.014667036943137646,
  "gsr_y": 0.015621062368154526,
  "provenance": {
    "md5sum": "59a16efd715215c403b9c0e84ff17a7e",
    "settings": {
      "fd_thres": 0.2,
      "hmc_fsl": false
    },
    "software": "mriqc",
    "version": "0.9.6"
  },
  "size_t": 818,
  "size_x": 64,
  "size_y": 64,
  "size_z": 36,
  "snr": 4.764606033488755,
  "spacing_tr": 2.200000047683716,
  "spacing_x": 4.0,
  "spacing_y": 4.0,
  "spacing_z": 4.0,
  "summary_bg_k": 45.92179310997736,
  "summary_bg_mad": 1.9919071197509766,
  "summary_bg_mean": 10.22565746307373,
  "summary_bg_median": 2.746943950653076,
  "summary_bg_n": 102391.0,
  "summary_bg_p05": 0.9914425611495972,
  "summary_bg_p95": 48.88264274597168,
  "summary_bg_stdv": 23.768409729003906,
  "summary_fg_k": 3.729908696483017,
  "summary_fg_mad": 79.5221939086914,
  "summary_fg_mean": 568.6944580078125,
  "summary_fg_median": 589.5183715820312,
  "summary_fg_n": 17653.0,
  "summary_fg_p05": 313.44036865234375,
  "summary_fg_p95": 718.5938964843749,
  "summary_fg_stdv": 123.72516632080078,
  "tsnr": 60.34406280517578
}