{
  "aor": 0.004262980769230769,
  "aqi": 0.008944368749999999,
  "bids_meta": {
    "BodyPartExamined": "HEAD",
    "CogAtlasID": "http://www.cognitiveatlas.org/term/id/trm_550b53d7dd674",
    "ConversionSoftware": "dcm2niix",
    "ConversionSoftwareVersion": "v1.0.20170411 GCC4.4.7",
    "EchoTime": 0.027,
    "EffectiveEchoSpacing": 0.000590001,
    "FlipAngle": 90,
    "ImageType": [
      "ORIGINAL",
      "PRIMARY",
      "M",
      "ND",
      "NORM",
      "MOSAIC"
    ],
    "Instructions": "In this next scan you'll be prompted to move your hands, feet, or tongue. You'll only move one of these at once. Instructions are presented on the screen. Let?s review them now. [Read on-screen instructions to participant.] Do you have any questions?",
    "MagneticFieldStrength": 3,
    "Manufacturer": "Siemens",
    "ManufacturersModelName": "TrioTim",
    "PhaseEncodingDirection": "j-",
    "ProcedureStepDescription": "head_Dosenbach_MSC",
    "ProtocolName": "Motor_104Frames_36Slices_TR2.2",
    "RepetitionTime": 2.2,
    "ScanningSequence": "EP",
    "SequenceName": "_epfid2d1_64",
    "SequenceVariant": "SK",
    "SeriesDescription": "Motor_104Frames_36Slices_TR2.2",
    "SliceTiming": [
      1.105,
      0,
      1.1675,
      0.0625,
      1.2275,
      0.1225,
      1.29,
      0.185,
      1.35,
      0.245,
      1.4125,
      0.3075,
      1.4725,
      0.37,
      1.535,
      0.43,
      1.595,
      0.4925,
      1.6575,
      0.5525,
      1.7175,
      0.615,
      1.78,
      0.675,
      1.84,
      0.7375,
      1.9025,
      0.7975,
      1.965,
      0.86,
      2.025,
      0.92,
      2.0875,
      0.9825,
      2.1475,
      1.0425
    ],
    "SoftwareVersion": "syngo MR B17",
    "TaskName": "motor",
    "modality": "bold",
    "run_id": "01",
    "session_id": "func04",
    "subject_id": "MSC08",
    "task_id": "motor"
  },
  "dummy_trs": 0,
  "dvars_nstd": 23.26037329135923,
  "dvars_std": 1.2426307401941747,
  "dvars_vstd": 0.9856902359223305,
  "efc": 0.3893941948301042,
  "fber": 36316.53515625,
  "fd_mean": 0.22986756129314254,
  "fd_num": 57,
  "fd_perc": 54.80769230769231,
  "fwhm_avg": 2.476096806097304,
  "fwhm_x": 2.2904575,
  "fwhm_y": 2.798575,
  "fwhm_z": 2.3392579182919118,
  "gcor": 0.0167645,
  "gsr_x": -0.017004122957587242,
  "gsr_y": 0.011291652917861938,
  "provenance": {
    "md5sum": "0f23f0f1c417ec50c9e3b7b5f2855a05",
    "settings": {
      "fd_thres": 0.2,
      "hmc_fsl": false
    },
    "software": "mriqc",
    "version": "0.9.6"
  },
  "size_t": 104,
  "size_x": 64,
  "size_y": 64,
  "size_z": 36,
  "snr": 5.2256132960069905,
  "spacing_tr": 2.200000047683716,
  "spacing_x": 4.0,
  "spacing_y": 4.0,
  "spacing_z": 3.9999992847442627,
  "summary_bg_k": 63.099661363004415,
  "summary_bg_mad": 2.394973039627075,
  "summary_bg_mean": 13.026494979858398,
  "summary_bg_median": 3.096153974533081,
  "summary_bg_n": 99791.0,
  "summary_bg_p05": 1.1634615659713745,
  "summary_bg_p95": 64.98077011108398,
  "summary_bg_stdv": 31.10478973388672,
  "summary_fg_k": 4.982340100879908,
  "summary_fg_mad": 75.62701416015625,
  "summary_fg_mean": 593.0888671875,
  "summary_fg_median": 610.5288696289062,
  "summary_fg_n": 19328.0,
  "summary_fg_p05": 364.7331787109375,
  "summary_fg_p95": 733.2788696289062,
  "summary_fg_stdv": 116.83089447021484,
  "tsnr": 63.92685317993164
}