{
  "aor": 0.013137555012224938,
  "aqi": 0.015438021772616137,
  "bids_meta": {
    "BodyPartExamined": "HEAD",
    "CogAtlasID": "http://www.cognitiveatlas.org/term/id/trm_4c8a834779883",
    "ConversionSoftware": "dcm2niix",
    "ConversionSoftwareVersion": "v1.0.20170411 GCC4.4.7",
    "EchoTime": 0.027,
    "EffectiveEchoSpacing": 0.000590001,
    "FlipAngle": 90,
    "ImageType": [
      "ORIGINAL",
      "PRIMARY",
      "M",
      "ND",
      "NORM",
      "MOSAIC"
    ],
    "Instructions": "During this first scan, a plus sign will be presented on the screen.  All you need to do is simply relax and look at the plus sign. Please keep your eyes open the entire time, and be as still as possible. It's extremely important that you stay awake for the entire duration of this scan. This scan will last ~30 minutes.",
    "MagneticFieldStrength": 3,
    "Manufacturer": "Siemens",
    "ManufacturersModelName": "TrioTim",
    "PhaseEncodingDirection": "j-",
    "ProcedureStepDescription": "head_Dosenbach_MSC",
    "ProtocolName": "RSFC_818Frames_36Slices_TR2.2",
    "RepetitionTime": 2.2,
    "ScanningSequence": "EP",
    "SequenceName": "_epfid2d1_64",
    "SequenceVariant": "SK",
    "SeriesDescription": "RSFC_818Frames_36Slices_TR2.2",
    "SliceTiming": [
      1.105,
      0,
      1.165,
      0.06,
      1.2275,
      0.1225,
      1.2875,
      0.185,
      1.35,
      0.245,
      1.41,
      0.3075,
      1.4725,
      0.3675,
      1.5325,
      0.43,
      1.595,
      0.49,
      1.655,
      0.5525,
      1.7175,
      0.6125,
      1.78,
      0.675,
      1.84,
      0.735,
      1.9025,
      0.7975,
      1.9625,
      0.8575,
      2.025,
      0.92,
      2.085,
      0.9825,
      2.1475,
      1.0425
    ],
    "SoftwareVersion": "syngo MR B17",
    "TaskName": "rest",
    "modality": "bold",
    "session_id": "func03",
    "subject_id": "MSC07",
    "task_id": "rest"
  },
  "dummy_trs": 0,
  "dvars_nstd": 19.12451474085678,
  "dvars_std": 1.323656501395347,
  "dvars_vstd": 1.0733999025459002,
  "efc": 0.39204157062990663,
  "fber": 36902.3515625,
  "fd_mean": 0.1773541055715509,
  "fd_num": 298,
  "fd_perc": 36.43031784841076,
  "fwhm_avg": 2.393314166666667,
  "fwhm_x": 2.21567,
  "fwhm_y": 2.70765,
  "fwhm_z": 2.2566225,
  "gcor": 0.0229729,
  "gsr_x": -0.016833465546369553,
  "gsr_y": 0.017562327906489372,
  "provenance": {
    "md5sum": "189ce7558cb5faa53c16243d204d1fb5",
    "settings": {
      "fd_thres": 0.2,
      "hmc_fsl": false
    },
    "software": "mriqc",
    "version": "0.9.6"
  },
  "size_t": 818,
  "size_x": 64,
  "size_y": 64,
  "size_z": 36,
  "snr": 5.248187980594616,
  "spacing_tr": 2.200000047683716,
  "spacing_x": 4.0,
  "spacing_y": 4.0,
  "spacing_z": 4.0,
  "summary_bg_k": 53.87885876436646,
  "summary_bg_mad": 3.353073835372925,
  "summary_bg_mean": 16.760955810546875,
  "summary_bg_median": 3.9254281520843506,
  "summary_bg_n": 99213.0,
  "summary_bg_p05": 1.064792275428772,
  "summary_bg_p95": 81.65746307373045,
  "summary_bg_stdv": 43.50706100463867,
  "summary_fg_k": 4.415363094830288,
  "summary_fg_mad": 106.55520629882812,
  "summary_fg_mean": 768.2092895507812,
  "summary_fg_median": 780.6712036132812,
  "summary_fg_n": 19696.0,
  "summary_fg_p05": 495.55167388916016,
  "summary_fg_p95": 964.8548583984375,
  "summary_fg_stdv": 148.74684143066406,
  "tsnr": 46.301185607910156
}