{
  "aor": 0.001718129584352078,
  "aqi": 0.011693417811735942,
  "bids_meta": {
    "BodyPartExamined": "HEAD",
    "CogAtlasID": "http://www.cognitiveatlas.org/term/id/trm_4c8a834779883",
    "ConversionSoftware": "dcm2niix",
    "ConversionSoftwareVersion": "v1.0.20170411 GCC4.4.7",
    "EchoTime": 0.027,
    "EffectiveEchoSpacing": 0.000590001,
    "FlipAngle": 90,
    "ImageType": [
      "ORIGINAL",
      "PRIMARY",
      "M",
      "ND",
      "NORM",
      "MOSAIC"
    ],
    "Instructions": "During this first scan, a plus sign will be presented on the screen.  All you need to do is simply relax and look at the plus sign. Please keep your eyes open the entire time, and be as still as possible. It's extremely important that you stay awake for the entire duration of this scan. This scan will last ~30 minutes.",
    "MagneticFieldStrength": 3,
    "Manufacturer": "Siemens",
    "ManufacturersModelName": "TrioTim",
    "PhaseEncodingDirection": "j-",
    "ProcedureStepDescription": "head_Dosenbach_MSC",
    "ProtocolName": "RSFC_818Frames_36Slices_TR2.2",
    "RepetitionTime": 2.2,
    "ScanningSequence": "EP",
    "SequenceName": "_epfid2d1_64",
    "SequenceVariant": "SK",
    "SeriesDescription": "RSFC_818Frames_36Slices_TR2.2",
    "SliceTiming": [
      1.105,
      0,
      1.165,
      0.06,
      1.2275,
      0.1225,
      1.2875,
      0.185,
      1.35,
      0.245,
      1.41,
      0.3075,
      1.4725,
      0.3675,
      1.5325,
      0.43,
      1.595,
      0.49,
      1.655,
      0.5525,
      1.7175,
      0.6125,
      1.78,
      0.675,
      1.84,
      0.735,
      1.9025,
      0.7975,
      1.9625,
      0.8575,
      2.025,
      0.92,
      2.085,
      0.9825,
      2.1475,
      1.0425
    ],
    "SoftwareVersion": "syngo MR B17",
    "TaskName": "rest",
    "modality": "bold",
    "session_id": "func10",
    "subject_id": "MSC09",
    "task_id": "rest"
  },
  "dummy_trs": 0,
  "dvars_nstd": 21.352600578690367,
  "dvars_std": 1.2901237686536113,
  "dvars_vstd": 0.9727791866340275,
  "efc": 0.43500599603440493,
  "fber": 28519.720703125,
  "fd_mean": 0.14313575489607175,
  "fd_num": 157,
  "fd_perc": 19.193154034229828,
  "fwhm_avg": 2.564068763254118,
  "fwhm_x": 2.29999,
  "fwhm_y": 2.987925,
  "fwhm_z": 2.4042912897623543,
  "gcor": 0.0591437,
  "gsr_x": -0.019036561250686646,
  "gsr_y": 0.022012298926711082,
  "provenance": {
    "md5sum": "dadb1d16a87bcab7508ce5952c37294f",
    "settings": {
      "fd_thres": 0.2,
      "hmc_fsl": false
    },
    "software": "mriqc",
    "version": "0.9.6"
  },
  "size_t": 818,
  "size_x": 64,
  "size_y": 64,
  "size_z": 36,
  "snr": 5.090514792063179,
  "spacing_tr": 2.200000047683716,
  "spacing_x": 4.0,
  "spacing_y": 4.0,
  "spacing_z": 3.999997854232788,
  "summary_bg_k": 37.48630615263685,
  "summary_bg_mad": 3.2986996173858643,
  "summary_bg_mean": 19.060707092285156,
  "summary_bg_median": 4.1528120040893555,
  "summary_bg_n": 93822.0,
  "summary_bg_p05": 1.3850855827331543,
  "summary_bg_p95": 98.82268486022949,
  "summary_bg_stdv": 42.51616287231445,
  "summary_fg_k": 4.7195433400116835,
  "summary_fg_mad": 89.14462280273438,
  "summary_fg_mean": 706.7398681640625,
  "summary_fg_median": 727.6766967773438,
  "summary_fg_n": 24064.0,
  "summary_fg_p05": 412.22928314208986,
  "summary_fg_p95": 874.907583618164,
  "summary_fg_stdv": 142.94459533691406,
  "tsnr": 55.555519104003906
}