{
  "aor": 0.010085961538461538,
  "aqi": 0.007579556634615384,
  "bids_meta": {
    "BodyPartExamined": "HEAD",
    "CogAtlasID": "http://www.cognitiveatlas.org/term/id/trm_550b53d7dd674",
    "ConversionSoftware": "dcm2niix",
    "ConversionSoftwareVersion": "v1.0.20170411 GCC4.4.7",
    "EchoTime": 0.027,
    "EffectiveEchoSpacing": 0.000590001,
    "FlipAngle": 90,
    "ImageType": [
      "ORIGINAL",
      "PRIMARY",
      "M",
      "ND",
      "NORM",
      "MOSAIC"
    ],
    "Instructions": "In this next scan you'll be prompted to move your hands, feet, or tongue. You'll only move one of these at once. Instructions are presented on the screen. Let?s review them now. [Read on-screen instructions to participant.] Do you have any questions?",
    "MagneticFieldStrength": 3,
    "Manufacturer": "Siemens",
    "ManufacturersModelName": "TrioTim",
    "PhaseEncodingDirection": "j-",
    "ProcedureStepDescription": "head_Dosenbach_MSC",
    "ProtocolName": "Motor_104Frames_36Slices_TR2.2",
    "RepetitionTime": 2.2,
    "ScanningSequence": "EP",
    "SequenceName": "_epfid2d1_64",
    "SequenceVariant": "SK",
    "SeriesDescription": "Motor_104Frames_36Slices_TR2.2",
    "SliceTiming": [
      1.105,
      0,
      1.1675,
      0.0625,
      1.2275,
      0.1225,
      1.29,
      0.185,
      1.35,
      0.245,
      1.4125,
      0.3075,
      1.4725,
      0.37,
      1.535,
      0.43,
      1.595,
      0.4925,
      1.6575,
      0.5525,
      1.7175,
      0.615,
      1.78,
      0.675,
      1.84,
      0.7375,
      1.9025,
      0.7975,
      1.965,
      0.86,
      2.025,
      0.92,
      2.0875,
      0.9825,
      2.1475,
      1.0425
    ],
    "SoftwareVersion": "syngo MR B17",
    "TaskName": "motor",
    "modality": "bold",
    "run_id": "02",
    "session_id": "func05",
    "subject_id": "MSC07",
    "task_id": "motor"
  },
  "dummy_trs": 0,
  "dvars_nstd": 21.493257883883494,
  "dvars_std": 1.324257568252428,
  "dvars_vstd": 1.0395407285436895,
  "efc": 0.4039715761031762,
  "fber": 33799.20703125,
  "fd_mean": 0.23153198939812808,
  "fd_num": 50,
  "fd_perc": 48.07692307692308,
  "fwhm_avg": 2.477912730459192,
  "fwhm_x": 2.300985,
  "fwhm_y": 2.812875,
  "fwhm_z": 2.3198781913775774,
  "gcor": 0.0411929,
  "gsr_x": -0.02415895275771618,
  "gsr_y": 0.011015929281711578,
  "provenance": {
    "md5sum": "4705abb9f70036fcfbfaf1a7a938417a",
    "settings": {
      "fd_thres": 0.2,
      "hmc_fsl": false
    },
    "software": "mriqc",
    "version": "0.9.6"
  },
  "size_t": 104,
  "size_x": 64,
  "size_y": 64,
  "size_z": 36,
  "snr": 5.02791679909668,
  "spacing_tr": 2.200000047683716,
  "spacing_x": 4.0,
  "spacing_y": 4.0,
  "spacing_z": 3.9999988079071045,
  "summary_bg_k": 35.10905615542631,
  "summary_bg_mad": 2.851158380508423,
  "summary_bg_mean": 20.382417678833008,
  "summary_bg_median": 4.076923370361328,
  "summary_bg_n": 98794.0,
  "summary_bg_p05": 1.653846263885498,
  "summary_bg_p95": 104.17692832946744,
  "summary_bg_stdv": 51.91094970703125,
  "summary_fg_k": 4.281769776534306,
  "summary_fg_mad": 107.14651489257812,
  "summary_fg_mean": 760.6195678710938,
  "summary_fg_median": 778.1394653320312,
  "summary_fg_n": 20382.0,
  "summary_fg_p05": 468.89954528808596,
  "summary_fg_p95": 954.700521850586,
  "summary_fg_stdv": 154.75999450683594,
  "tsnr": 63.351318359375
}