{
  "bids_meta": {
    "BodyPartExamined": "HEAD",
    "ConversionSoftware": "dcm2niix",
    "ConversionSoftwareVersion": "v1.0.20170411 GCC4.4.7",
    "EchoTime": 0.00374,
    "FlipAngle": 8,
    "ImageType": [
      "ORIGINAL",
      "PRIMARY",
      "M",
      "ND",
      "NORM"
    ],
    "InversionTime": 1,
    "MagneticFieldStrength": 3,
    "Manufacturer": "Siemens",
    "ManufacturersModelName": "TrioTim",
    "PhaseEncodingDirection": "i-",
    "ProcedureStepDescription": "head_Dosenbach_MSC",
    "ProtocolName": "T1_.8x.8x.8_224Slices",
    "RepetitionTime": 2.4,
    "ScanningSequence": "GR_IR",
    "SequenceName": "_tfl3d1_ns",
    "SequenceVariant": "SP_MP_OSP",
    "SeriesDescription": "T1_.8x.8x.8_224Slices",
    "modality": "T1w",
    "run_id": "02",
    "session_id": "struct02",
    "subject_id": "MSC08"
  },
  "cjv": 0.58129239341543,
  "cnr": 2.2750805519190727,
  "efc": 0.6554743620852773,
  "fber": 446.5618896484375,
  "fwhm_avg": 3.538327884384721,
  "fwhm_x": 3.5978987751053806,
  "fwhm_y": 3.6325650731707317,
  "fwhm_z": 3.3845198048780487,
  "icvs_csf": 0.1830709032864852,
  "icvs_gm": 0.40794269765197677,
  "icvs_wm": 0.408986399061538,
  "inu_med": 1.0160229206085205,
  "inu_range": 0.4654805511236191,
  "provenance": {
    "md5sum": "124712ea38651cb4ff9d8a6d984ebb64",
    "mriqc_pred": 0,
    "settings": {
      "testing": false
    },
    "software": "mriqc",
    "version": "0.9.6",
    "warnings": {
      "large_rot_frame": true,
      "small_air_mask": false
    }
  },
  "qi_1": 0.0,
  "qi_2": 0.006783920392772829,
  "rpve_csf": 19.690596375939094,
  "rpve_gm": 9.14724908489467,
  "rpve_wm": 10.747809971174771,
  "size_x": 224,
  "size_y": 256,
  "size_z": 256,
  "snr_csf": 3.079580264843845,
  "snr_gm": 9.442497464374496,
  "snr_total": 9.247597900534814,
  "snr_wm": 15.220715972386097,
  "snrd_csf": 12.892742188185377,
  "snrd_gm": 23.558500548741886,
  "snrd_total": 22.513789508881462,
  "snrd_wm": 31.09012578971713,
  "spacing_x": 0.8000030517578125,
  "spacing_y": 0.80078125,
  "spacing_z": 0.80078125,
  "summary_bg_k": 3.621448516342748,
  "summary_bg_mad": 21.07308578491211,
  "summary_bg_mean": 34.14314270019531,
  "summary_bg_median": 29.256576538085938,
  "summary_bg_n": 2998536.0,
  "summary_bg_p05": 4.635045766830444,
  "summary_bg_p95": 80.01273155212402,
  "summary_bg_stdv": 24.125125885009766,
  "summary_csf_k": 0.4162721180856943,
  "summary_csf_mad": 135.162841796875,
  "summary_csf_mean": 420.9396667480469,
  "summary_csf_median": 414.70733642578125,
  "summary_csf_n": 42396.0,
  "summary_csf_p05": 213.32576751708984,
  "summary_csf_p95": 642.5283660888672,
  "summary_csf_stdv": 134.66200256347656,
  "summary_gm_k": 0.18359379889334093,
  "summary_gm_mad": 77.93828582763672,
  "summary_gm_mean": 760.0994873046875,
  "summary_gm_median": 757.7816162109375,
  "summary_gm_n": 26670.0,
  "summary_gm_p05": 632.4768371582031,
  "summary_gm_p95": 896.8718627929687,
  "summary_gm_stdv": 80.25074005126953,
  "summary_wm_k": 0.5866539867913385,
  "summary_wm_mad": 62.886714935302734,
  "summary_wm_mean": 1001.4744262695312,
  "summary_wm_median": 1000.0435180664062,
  "summary_wm_n": 467940.0,
  "summary_wm_p05": 896.4887054443359,
  "summary_wm_p95": 1110.7472900390626,
  "summary_wm_stdv": 65.70272064208984,
  "tpm_overlap_csf": 0.21318967640399933,
  "tpm_overlap_gm": 0.4832289218902588,
  "tpm_overlap_wm": 0.5358747243881226,
  "wm2max": 0.6600558864053868
}