{
  "aor": 0.0003771026894865526,
  "aqi": 0.00462711369193154,
  "bids_meta": {
    "BodyPartExamined": "HEAD",
    "CogAtlasID": "http://www.cognitiveatlas.org/term/id/trm_4c8a834779883",
    "ConversionSoftware": "dcm2niix",
    "ConversionSoftwareVersion": "v1.0.20170411 GCC4.4.7",
    "EchoTime": 0.027,
    "EffectiveEchoSpacing": 0.000590001,
    "FlipAngle": 90,
    "ImageType": [
      "ORIGINAL",
      "PRIMARY",
      "M",
      "ND",
      "NORM",
      "MOSAIC"
    ],
    "Instructions": "During this first scan, a plus sign will be presented on the screen.  All you need to do is simply relax and look at the plus sign. Please keep your eyes open the entire time, and be as still as possible. It's extremely important that you stay awake for the entire duration of this scan. This scan will last ~30 minutes.",
    "MagneticFieldStrength": 3,
    "Manufacturer": "Siemens",
    "ManufacturersModelName": "TrioTim",
    "PhaseEncodingDirection": "j-",
    "ProcedureStepDescription": "head_Dosenbach_MSC",
    "ProtocolName": "RSFC_818Frames_36Slices_TR2.2",
    "RepetitionTime": 2.2,
    "ScanningSequence": "EP",
    "SequenceName": "_epfid2d1_64",
    "SequenceVariant": "SK",
    "SeriesDescription": "RSFC_818Frames_36Slices_TR2.2",
    "SliceTiming": [
      1.105,
      0,
      1.165,
      0.06,
      1.2275,
      0.1225,
      1.2875,
      0.185,
      1.35,
      0.245,
      1.41,
      0.3075,
      1.4725,
      0.3675,
      1.5325,
      0.43,
      1.595,
      0.49,
      1.655,
      0.5525,
      1.7175,
      0.6125,
      1.78,
      0.675,
      1.84,
      0.735,
      1.9025,
      0.7975,
      1.9625,
      0.8575,
      2.025,
      0.92,
      2.085,
      0.9825,
      2.1475,
      1.0425
    ],
    "SoftwareVersion": "syngo MR B17",
    "TaskName": "rest",
    "modality": "bold",
    "session_id": "func02",
    "subject_id": "MSC01",
    "task_id": "rest"
  },
  "dummy_trs": 0,
  "dvars_nstd": 20.775050930134654,
  "dvars_std": 1.1455589746144426,
  "dvars_vstd": 0.9477341889228883,
  "efc": 0.41253042643339627,
  "fber": 26424.501953125,
  "fd_mean": 0.25527339645717095,
  "fd_num": 565,
  "fd_perc": 69.07090464547677,
  "fwhm_avg": 2.375530563822982,
  "fwhm_x": 2.12345,
  "fwhm_y": 2.742325,
  "fwhm_z": 2.260816691468945,
  "gcor": 0.150257,
  "gsr_x": -0.010365605354309082,
  "gsr_y": 0.010214175097644329,
  "provenance": {
    "md5sum": "88338b426a161d916abc62e4b0178dab",
    "settings": {
      "fd_thres": 0.2,
      "hmc_fsl": false
    },
    "software": "mriqc",
    "version": "0.9.6"
  },
  "size_t": 818,
  "size_x": 64,
  "size_y": 64,
  "size_z": 36,
  "snr": 4.850058248974094,
  "spacing_tr": 2.200000047683716,
  "spacing_x": 4.0,
  "spacing_y": 4.0,
  "spacing_z": 4.000001430511475,
  "summary_bg_k": 37.85073276273647,
  "summary_bg_mad": 2.7060210704803467,
  "summary_bg_mean": 15.783867835998535,
  "summary_bg_median": 3.897310733795166,
  "summary_bg_n": 97142.0,
  "summary_bg_p05": 1.5660147666931152,
  "summary_bg_p95": 71.41748695373532,
  "summary_bg_stdv": 35.47200393676758,
  "summary_fg_k": 3.8612718592713673,
  "summary_fg_mad": 95.14208984375,
  "summary_fg_mean": 649.2681274414062,
  "summary_fg_median": 663.641845703125,
  "summary_fg_n": 21551.0,
  "summary_fg_p05": 384.3563690185547,
  "summary_fg_p95": 826.9835205078125,
  "summary_fg_stdv": 136.82855224609375,
  "tsnr": 67.48714447021484
}