{
  "aor": 0.0029177884615384617,
  "aqi": 0.009326165096153848,
  "bids_meta": {
    "BodyPartExamined": "HEAD",
    "CogAtlasID": "http://www.cognitiveatlas.org/term/id/trm_550b53d7dd674",
    "ConversionSoftware": "dcm2niix",
    "ConversionSoftwareVersion": "v1.0.20170411 GCC4.4.7",
    "EchoTime": 0.027,
    "EffectiveEchoSpacing": 0.000590001,
    "FlipAngle": 90,
    "ImageType": [
      "ORIGINAL",
      "PRIMARY",
      "M",
      "ND",
      "NORM",
      "MOSAIC"
    ],
    "Instructions": "In this next scan you'll be prompted to move your hands, feet, or tongue. You'll only move one of these at once. Instructions are presented on the screen. Let?s review them now. [Read on-screen instructions to participant.] Do you have any questions?",
    "MagneticFieldStrength": 3,
    "Manufacturer": "Siemens",
    "ManufacturersModelName": "TrioTim",
    "PhaseEncodingDirection": "j-",
    "ProcedureStepDescription": "head_Dosenbach_MSC",
    "ProtocolName": "Motor_104Frames_36Slices_TR2.2",
    "RepetitionTime": 2.2,
    "ScanningSequence": "EP",
    "SequenceName": "_epfid2d1_64",
    "SequenceVariant": "SK",
    "SeriesDescription": "Motor_104Frames_36Slices_TR2.2",
    "SliceTiming": [
      1.105,
      0,
      1.1675,
      0.0625,
      1.2275,
      0.1225,
      1.29,
      0.185,
      1.35,
      0.245,
      1.4125,
      0.3075,
      1.4725,
      0.37,
      1.535,
      0.43,
      1.595,
      0.4925,
      1.6575,
      0.5525,
      1.7175,
      0.615,
      1.78,
      0.675,
      1.84,
      0.7375,
      1.9025,
      0.7975,
      1.965,
      0.86,
      2.025,
      0.92,
      2.0875,
      0.9825,
      2.1475,
      1.0425
    ],
    "SoftwareVersion": "syngo MR B17",
    "TaskName": "motor",
    "modality": "bold",
    "run_id": "01",
    "session_id": "func09",
    "subject_id": "MSC01",
    "task_id": "motor"
  },
  "dummy_trs": 0,
  "dvars_nstd": 22.231116387475737,
  "dvars_std": 1.158545953398058,
  "dvars_vstd": 0.9638031665048542,
  "efc": 0.4127073579892758,
  "fber": 25828.640625,
  "fd_mean": 0.21402941032438014,
  "fd_num": 43,
  "fd_perc": 41.34615384615385,
  "fwhm_avg": 2.372869401403811,
  "fwhm_x": 2.1197375,
  "fwhm_y": 2.726925162537406,
  "fwhm_z": 2.271945541674028,
  "gcor": 0.0215194,
  "gsr_x": -0.008828943595290184,
  "gsr_y": 0.014384577050805092,
  "provenance": {
    "md5sum": "8c6561fc7c6a6ad124b24a43d62cf017",
    "settings": {
      "fd_thres": 0.2,
      "hmc_fsl": false
    },
    "software": "mriqc",
    "version": "0.9.6"
  },
  "size_t": 104,
  "size_x": 64,
  "size_y": 64,
  "size_z": 36,
  "snr": 4.914202472342551,
  "spacing_tr": 2.200000047683716,
  "spacing_x": 4.0,
  "spacing_y": 3.999999761581421,
  "spacing_z": 3.9999990463256836,
  "summary_bg_k": 41.004867452444756,
  "summary_bg_mad": 2.8083908557891846,
  "summary_bg_mean": 16.080738067626953,
  "summary_bg_median": 4.019230842590332,
  "summary_bg_n": 97327.0,
  "summary_bg_p05": 1.634615421295166,
  "summary_bg_p95": 74.02596282958982,
  "summary_bg_stdv": 35.576812744140625,
  "summary_fg_k": 4.06141753487967,
  "summary_fg_mad": 90.8307876586914,
  "summary_fg_mean": 655.0708618164062,
  "summary_fg_median": 672.1827392578125,
  "summary_fg_n": 21570.0,
  "summary_fg_p05": 376.1605987548828,
  "summary_fg_p95": 825.8322357177734,
  "summary_fg_stdv": 136.780517578125,
  "tsnr": 59.50331115722656
}