{
  "aor": 0.0008462591687041565,
  "aqi": 0.005807655513447432,
  "bids_meta": {
    "BodyPartExamined": "HEAD",
    "CogAtlasID": "http://www.cognitiveatlas.org/term/id/trm_4c8a834779883",
    "ConversionSoftware": "dcm2niix",
    "ConversionSoftwareVersion": "v1.0.20170411 GCC4.4.7",
    "EchoTime": 0.027,
    "EffectiveEchoSpacing": 0.000590001,
    "FlipAngle": 90,
    "ImageType": [
      "ORIGINAL",
      "PRIMARY",
      "M",
      "ND",
      "NORM",
      "MOSAIC"
    ],
    "Instructions": "During this first scan, a plus sign will be presented on the screen.  All you need to do is simply relax and look at the plus sign. Please keep your eyes open the entire time, and be as still as possible. It's extremely important that you stay awake for the entire duration of this scan. This scan will last ~30 minutes.",
    "MagneticFieldStrength": 3,
    "Manufacturer": "Siemens",
    "ManufacturersModelName": "TrioTim",
    "PhaseEncodingDirection": "j-",
    "ProcedureStepDescription": "head_Dosenbach_MSC",
    "ProtocolName": "RSFC_818Frames_36Slices_TR2.2",
    "RepetitionTime": 2.2,
    "ScanningSequence": "EP",
    "SequenceName": "_epfid2d1_64",
    "SequenceVariant": "SK",
    "SeriesDescription": "RSFC_818Frames_36Slices_TR2.2",
    "SliceTiming": [
      1.105,
      0,
      1.165,
      0.06,
      1.2275,
      0.1225,
      1.2875,
      0.185,
      1.35,
      0.245,
      1.41,
      0.3075,
      1.4725,
      0.3675,
      1.5325,
      0.43,
      1.595,
      0.49,
      1.655,
      0.5525,
      1.7175,
      0.6125,
      1.78,
      0.675,
      1.84,
      0.735,
      1.9025,
      0.7975,
      1.9625,
      0.8575,
      2.025,
      0.92,
      2.085,
      0.9825,
      2.1475,
      1.0425
    ],
    "SoftwareVersion": "syngo MR B17",
    "TaskName": "rest",
    "modality": "bold",
    "session_id": "func02",
    "subject_id": "MSC06",
    "task_id": "rest"
  },
  "dummy_trs": 0,
  "dvars_nstd": 22.50791509294984,
  "dvars_std": 1.5063247965728273,
  "dvars_vstd": 0.9755870048714813,
  "efc": 0.404204332983903,
  "fber": 35288.90625,
  "fd_mean": 0.08794890253474352,
  "fd_num": 33,
  "fd_perc": 4.034229828850855,
  "fwhm_avg": 2.479089905978651,
  "fwhm_x": 2.253795,
  "fwhm_y": 2.81735,
  "fwhm_z": 2.366124717935953,
  "gcor": 0.0425641,
  "gsr_x": -0.016122085973620415,
  "gsr_y": 0.017751922830939293,
  "provenance": {
    "md5sum": "f2875b8b86a101bc306833d0bceaf8cf",
    "settings": {
      "fd_thres": 0.2,
      "hmc_fsl": false
    },
    "software": "mriqc",
    "version": "0.9.6"
  },
  "size_t": 818,
  "size_x": 64,
  "size_y": 64,
  "size_z": 36,
  "snr": 4.824674106706052,
  "spacing_tr": 2.200000047683716,
  "spacing_x": 4.0,
  "spacing_y": 4.0,
  "spacing_z": 4.000000476837158,
  "summary_bg_k": 55.806069603101776,
  "summary_bg_mad": 2.2927775382995605,
  "summary_bg_mean": 14.63408374786377,
  "summary_bg_median": 3.48533034324646,
  "summary_bg_n": 97427.0,
  "summary_bg_p05": 1.4779951572418213,
  "summary_bg_p95": 67.73594665527344,
  "summary_bg_stdv": 35.557525634765625,
  "summary_fg_k": 4.103417910199063,
  "summary_fg_mad": 97.78107452392578,
  "summary_fg_mean": 663.63916015625,
  "summary_fg_median": 682.3557739257812,
  "summary_fg_n": 21435.0,
  "summary_fg_p05": 382.6458709716797,
  "summary_fg_p95": 838.796630859375,
  "summary_fg_stdv": 141.42713928222656,
  "tsnr": 73.21504974365234
}