{
  "bids_meta": {
    "BodyPartExamined": "HEAD",
    "ConversionSoftware": "dcm2niix",
    "ConversionSoftwareVersion": "v1.0.20170411 GCC4.4.7",
    "EchoTime": 0.00374,
    "FlipAngle": 8,
    "ImageType": [
      "ORIGINAL",
      "PRIMARY",
      "M",
      "ND",
      "NORM"
    ],
    "InversionTime": 1,
    "MagneticFieldStrength": 3,
    "Manufacturer": "Siemens",
    "ManufacturersModelName": "TrioTim",
    "PhaseEncodingDirection": "i-",
    "ProcedureStepDescription": "head_Dosenbach_MSC",
    "ProtocolName": "T1_.8x.8x.8_224Slices",
    "RepetitionTime": 2.4,
    "ScanningSequence": "GR_IR",
    "SequenceName": "_tfl3d1_ns",
    "SequenceVariant": "SP_MP_OSP",
    "SeriesDescription": "T1_.8x.8x.8_224Slices",
    "modality": "T1w",
    "run_id": "01",
    "session_id": "struct01",
    "subject_id": "MSC10"
  },
  "cjv": 0.7671457638864984,
  "cnr": 1.74825387668704,
  "efc": 0.6718910338651545,
  "fber": 292.8313293457031,
  "fwhm_avg": 3.372513124211983,
  "fwhm_x": 3.468732348245706,
  "fwhm_y": 3.4592967804878048,
  "fwhm_z": 3.189510243902439,
  "icvs_csf": 0.18754458597199894,
  "icvs_gm": 0.41183564864981437,
  "icvs_wm": 0.4006197653781867,
  "inu_med": 1.0573251247406006,
  "inu_range": 0.5255273342132567,
  "provenance": {
    "md5sum": "85b72c976291afb04e3bd9a87980ff10",
    "mriqc_pred": 0,
    "settings": {
      "testing": false
    },
    "software": "mriqc",
    "version": "0.9.6",
    "warnings": {
      "large_rot_frame": true,
      "small_air_mask": false
    }
  },
  "qi_1": 0.0,
  "qi_2": 0.006753192762809391,
  "rpve_csf": 17.807840105086964,
  "rpve_gm": 8.448132375200224,
  "rpve_wm": 10.118139553689753,
  "size_x": 224,
  "size_y": 256,
  "size_z": 256,
  "snr_csf": 2.9369698244499127,
  "snr_gm": 8.256524947328135,
  "snr_total": 8.318346762628511,
  "snr_wm": 13.761545516107487,
  "snrd_csf": 10.39761908918859,
  "snrd_gm": 21.593039513664483,
  "snrd_total": 19.827007871629487,
  "snrd_wm": 27.49036501203539,
  "spacing_x": 0.7999954223632812,
  "spacing_y": 0.80078125,
  "spacing_z": 0.80078125,
  "summary_bg_k": 2.713748403757239,
  "summary_bg_mad": 23.833038330078125,
  "summary_bg_mean": 39.95922088623047,
  "summary_bg_median": 34.83460235595703,
  "summary_bg_n": 2933108.0,
  "summary_bg_p05": 7.473058819770813,
  "summary_bg_p95": 91.1269779205322,
  "summary_bg_stdv": 26.95366096496582,
  "summary_csf_k": 0.7233595246898705,
  "summary_csf_mad": 117.59552001953125,
  "summary_csf_mean": 397.2131042480469,
  "summary_csf_median": 378.2523193359375,
  "summary_csf_n": 52168.0,
  "summary_csf_p05": 219.6559913635254,
  "summary_csf_p95": 638.8475189208981,
  "summary_csf_stdv": 128.78875732421875,
  "summary_gm_k": 0.042272649824037334,
  "summary_gm_mad": 94.54742431640625,
  "summary_gm_mean": 791.4743041992188,
  "summary_gm_median": 785.5276489257812,
  "summary_gm_n": 43696.0,
  "summary_gm_p05": 644.2985992431641,
  "summary_gm_p95": 956.1383819580078,
  "summary_gm_stdv": 95.1391372680664,
  "summary_wm_k": 0.602488605057852,
  "summary_wm_mad": 70.03395080566406,
  "summary_wm_mean": 1002.9368896484375,
  "summary_wm_median": 1000.06494140625,
  "summary_wm_n": 520938.0,
  "summary_wm_p05": 889.60546875,
  "summary_wm_p95": 1126.1170227050782,
  "summary_wm_stdv": 72.67090606689453,
  "tpm_overlap_csf": 0.23087427020072937,
  "tpm_overlap_gm": 0.47963812947273254,
  "tpm_overlap_wm": 0.5452743768692017,
  "wm2max": 0.5912629708190088
}