{
  "bids_meta": {
    "BodyPartExamined": "HEAD",
    "ConversionSoftware": "dcm2niix",
    "ConversionSoftwareVersion": "v1.0.20170411 GCC4.4.7",
    "EchoTime": 0.00374,
    "FlipAngle": 8,
    "ImageType": [
      "ORIGINAL",
      "PRIMARY",
      "M",
      "ND",
      "NORM"
    ],
    "InversionTime": 1,
    "MagneticFieldStrength": 3,
    "Manufacturer": "Siemens",
    "ManufacturersModelName": "TrioTim",
    "PhaseEncodingDirection": "i-",
    "ProcedureStepDescription": "head_Dosenbach_MSC",
    "ProtocolName": "T1_.8x.8x.8_224Slices",
    "RepetitionTime": 2.4,
    "ScanningSequence": "GR_IR",
    "SequenceName": "_tfl3d1_ns",
    "SequenceVariant": "SP_MP_OSP",
    "SeriesDescription": "T1_.8x.8x.8_224Slices",
    "modality": "T1w",
    "run_id": "02",
    "session_id": "struct01",
    "subject_id": "MSC07"
  },
  "cjv": 0.6501467162167628,
  "cnr": 2.0387822217310485,
  "efc": 0.6181717190798086,
  "fber": 539.1593017578125,
  "fwhm_avg": 3.5060888723962482,
  "fwhm_x": 3.616331787920452,
  "fwhm_y": 3.62387356097561,
  "fwhm_z": 3.278061268292683,
  "icvs_csf": 0.17773238140631598,
  "icvs_gm": 0.42474059180442425,
  "icvs_wm": 0.3975270267892598,
  "inu_med": 1.0074801445007324,
  "inu_range": 0.49237541556358333,
  "provenance": {
    "md5sum": "fe99a8a5e7f2aa209f78359d0bfeac3a",
    "mriqc_pred": 0,
    "settings": {
      "testing": false
    },
    "software": "mriqc",
    "version": "0.9.6",
    "warnings": {
      "large_rot_frame": true,
      "small_air_mask": false
    }
  },
  "qi_1": 0.0,
  "qi_2": 0.0018424200849833368,
  "rpve_csf": 20.186791104326407,
  "rpve_gm": 9.129277605118192,
  "rpve_wm": 11.20646695740254,
  "size_x": 224,
  "size_y": 256,
  "size_z": 256,
  "snr_csf": 2.84020604788436,
  "snr_gm": 8.95150564260203,
  "snr_total": 8.865656393485516,
  "snr_wm": 14.805257489970158,
  "snrd_csf": 13.69499630065108,
  "snrd_gm": 26.528849519871667,
  "snrd_total": 24.860113301764596,
  "snrd_wm": 34.35649408477103,
  "spacing_x": 0.8000012636184692,
  "spacing_y": 0.80078125,
  "spacing_z": 0.80078125,
  "summary_bg_k": 2.8624719128174094,
  "summary_bg_mad": 19.06976318359375,
  "summary_bg_mean": 31.742599487304688,
  "summary_bg_median": 27.297985076904297,
  "summary_bg_n": 4445191.0,
  "summary_bg_p05": 3.9897695779800415,
  "summary_bg_p95": 73.88049697875977,
  "summary_bg_stdv": 22.03265380859375,
  "summary_csf_k": -0.02125777355265246,
  "summary_csf_mad": 140.16427612304688,
  "summary_csf_mean": 420.52557373046875,
  "summary_csf_median": 398.63507080078125,
  "summary_csf_n": 42585.0,
  "summary_csf_p05": 225.83900756835936,
  "summary_csf_p95": 676.1249633789056,
  "summary_csf_stdv": 140.35263061523438,
  "summary_gm_k": 0.25622295082391977,
  "summary_gm_mad": 82.99803924560547,
  "summary_gm_mean": 778.572509765625,
  "summary_gm_median": 772.2039184570312,
  "summary_gm_n": 48937.0,
  "summary_gm_p05": 647.0394165039063,
  "summary_gm_p95": 931.4630004882812,
  "summary_gm_stdv": 86.26437377929688,
  "summary_wm_k": 0.42470497015929043,
  "summary_wm_mad": 65.13640594482422,
  "summary_wm_mean": 1001.721435546875,
  "summary_wm_median": 1000.0516357421875,
  "summary_wm_n": 469774.0,
  "summary_wm_p05": 894.2773132324219,
  "summary_wm_p95": 1115.032958984375,
  "summary_wm_stdv": 67.54698944091797,
  "tpm_overlap_csf": 0.22532154619693756,
  "tpm_overlap_gm": 0.49556466937065125,
  "tpm_overlap_wm": 0.5426361560821533,
  "wm2max": 0.6295523781057704
}