{
  "aor": 0.004071747572815534,
  "aqi": 0.005115813980582525,
  "bids_meta": {
    "BodyPartExamined": "HEAD",
    "CogAtlasID": "http://www.cognitiveatlas.org/term/id/trm_550b53d7dd674",
    "ConversionSoftware": "dcm2niix",
    "ConversionSoftwareVersion": "v1.0.20170411 GCC4.4.7",
    "EchoTime": 0.027,
    "EffectiveEchoSpacing": 0.000590001,
    "FlipAngle": 90,
    "ImageType": [
      "ORIGINAL",
      "PRIMARY",
      "M",
      "ND",
      "NORM",
      "MOSAIC"
    ],
    "Instructions": "In this next scan you'll be prompted to move your hands, feet, or tongue. You'll only move one of these at once. Instructions are presented on the screen. Let?s review them now. [Read on-screen instructions to participant.] Do you have any questions?",
    "MagneticFieldStrength": 3,
    "Manufacturer": "Siemens",
    "ManufacturersModelName": "TrioTim",
    "PhaseEncodingDirection": "j-",
    "ProcedureStepDescription": "head_Dosenbach_MSC",
    "ProtocolName": "Motor_104Frames_36Slices_TR2.2",
    "RepetitionTime": 2.2,
    "ScanningSequence": "EP",
    "SequenceName": "_epfid2d1_64",
    "SequenceVariant": "SK",
    "SeriesDescription": "Motor_104Frames_36Slices_TR2.2",
    "SliceTiming": [
      1.105,
      0,
      1.1675,
      0.0625,
      1.2275,
      0.1225,
      1.29,
      0.185,
      1.35,
      0.245,
      1.4125,
      0.3075,
      1.4725,
      0.37,
      1.535,
      0.43,
      1.595,
      0.4925,
      1.6575,
      0.5525,
      1.7175,
      0.615,
      1.78,
      0.675,
      1.84,
      0.7375,
      1.9025,
      0.7975,
      1.965,
      0.86,
      2.025,
      0.92,
      2.0875,
      0.9825,
      2.1475,
      1.0425
    ],
    "SoftwareVersion": "syngo MR B17",
    "TaskName": "motor",
    "modality": "bold",
    "run_id": "02",
    "session_id": "func10",
    "subject_id": "MSC06",
    "task_id": "motor"
  },
  "dummy_trs": 1,
  "dvars_nstd": 22.827743539607855,
  "dvars_std": 1.4792697196078433,
  "dvars_vstd": 1.032513489411765,
  "efc": 0.40004080546688503,
  "fber": 35868.69140625,
  "fd_mean": 0.09531636200364949,
  "fd_num": 6,
  "fd_perc": 5.825242718446602,
  "fwhm_avg": 2.462638333333333,
  "fwhm_x": 2.2373,
  "fwhm_y": 2.80185,
  "fwhm_z": 2.348765,
  "gcor": 0.0250937,
  "gsr_x": -0.016736388206481934,
  "gsr_y": 0.017592307180166245,
  "provenance": {
    "md5sum": "aeb44352e6f57fdac942bf0eb0cb50ee",
    "settings": {
      "fd_thres": 0.2,
      "hmc_fsl": false
    },
    "software": "mriqc",
    "version": "0.9.6"
  },
  "size_t": 103,
  "size_x": 64,
  "size_y": 64,
  "size_z": 36,
  "snr": 4.873201980659041,
  "spacing_tr": 2.200000047683716,
  "spacing_x": 4.0,
  "spacing_y": 4.0,
  "spacing_z": 4.0,
  "summary_bg_k": 56.41763892063554,
  "summary_bg_mad": 2.144735336303711,
  "summary_bg_mean": 13.969132423400879,
  "summary_bg_median": 3.427184581756592,
  "summary_bg_n": 97885.0,
  "summary_bg_p05": 1.456310749053955,
  "summary_bg_p95": 66.67961120605469,
  "summary_bg_stdv": 33.38918685913086,
  "summary_fg_k": 4.194598086336989,
  "summary_fg_mad": 93.57669067382812,
  "summary_fg_mean": 656.1312255859375,
  "summary_fg_median": 674.330078125,
  "summary_fg_n": 20882.0,
  "summary_fg_p05": 381.35146026611324,
  "summary_fg_p95": 827.5019683837891,
  "summary_fg_stdv": 138.37184143066406,
  "tsnr": 87.12672424316406
}