{
  "aor": 0.0020275961538461537,
  "aqi": 0.004594424807692307,
  "bids_meta": {
    "BodyPartExamined": "HEAD",
    "CogAtlasID": "http://www.cognitiveatlas.org/term/id/trm_550b53d7dd674",
    "ConversionSoftware": "dcm2niix",
    "ConversionSoftwareVersion": "v1.0.20170411 GCC4.4.7",
    "EchoTime": 0.027,
    "EffectiveEchoSpacing": 0.000590001,
    "FlipAngle": 90,
    "ImageType": [
      "ORIGINAL",
      "PRIMARY",
      "M",
      "ND",
      "NORM",
      "MOSAIC"
    ],
    "Instructions": "In this next scan you'll be prompted to move your hands, feet, or tongue. You'll only move one of these at once. Instructions are presented on the screen. Let?s review them now. [Read on-screen instructions to participant.] Do you have any questions?",
    "MagneticFieldStrength": 3,
    "Manufacturer": "Siemens",
    "ManufacturersModelName": "TrioTim",
    "PhaseEncodingDirection": "j-",
    "ProcedureStepDescription": "head_Dosenbach_MSC",
    "ProtocolName": "Motor_104Frames_36Slices_TR2.2",
    "RepetitionTime": 2.2,
    "ScanningSequence": "EP",
    "SequenceName": "_epfid2d1_64",
    "SequenceVariant": "SK",
    "SeriesDescription": "Motor_104Frames_36Slices_TR2.2",
    "SliceTiming": [
      1.105,
      0,
      1.1675,
      0.0625,
      1.2275,
      0.1225,
      1.29,
      0.185,
      1.35,
      0.245,
      1.4125,
      0.3075,
      1.4725,
      0.37,
      1.535,
      0.43,
      1.595,
      0.4925,
      1.6575,
      0.5525,
      1.7175,
      0.615,
      1.78,
      0.675,
      1.84,
      0.7375,
      1.9025,
      0.7975,
      1.965,
      0.86,
      2.025,
      0.92,
      2.0875,
      0.9825,
      2.1475,
      1.0425
    ],
    "SoftwareVersion": "syngo MR B17",
    "TaskName": "motor",
    "modality": "bold",
    "run_id": "02",
    "session_id": "func07",
    "subject_id": "MSC06",
    "task_id": "motor"
  },
  "dummy_trs": 0,
  "dvars_nstd": 19.965920781747574,
  "dvars_std": 1.3433883989320385,
  "dvars_vstd": 0.9925066054368932,
  "efc": 0.399123159995532,
  "fber": 36262.5703125,
  "fd_mean": 0.09299701582723673,
  "fd_num": 6,
  "fd_perc": 5.769230769230769,
  "fwhm_avg": 2.4387208333333334,
  "fwhm_x": 2.20587,
  "fwhm_y": 2.7678,
  "fwhm_z": 2.3424925,
  "gcor": 0.0268924,
  "gsr_x": -0.015128866769373417,
  "gsr_y": 0.018030215054750443,
  "provenance": {
    "md5sum": "e462be1052d1d8859feaed2d272e0276",
    "settings": {
      "fd_thres": 0.2,
      "hmc_fsl": false
    },
    "software": "mriqc",
    "version": "0.9.6"
  },
  "size_t": 104,
  "size_x": 64,
  "size_y": 64,
  "size_z": 36,
  "snr": 5.02146559692437,
  "spacing_tr": 2.200000047683716,
  "spacing_x": 4.0,
  "spacing_y": 4.0,
  "spacing_z": 4.0,
  "summary_bg_k": 59.68530364729103,
  "summary_bg_mad": 2.138368606567383,
  "summary_bg_mean": 13.815725326538086,
  "summary_bg_median": 3.384615421295166,
  "summary_bg_n": 98118.0,
  "summary_bg_p05": 1.4807692766189575,
  "summary_bg_p95": 66.26923370361328,
  "summary_bg_stdv": 32.83184814453125,
  "summary_fg_k": 4.264422187663668,
  "summary_fg_mad": 92.47026062011719,
  "summary_fg_mean": 654.947509765625,
  "summary_fg_median": 671.4952392578125,
  "summary_fg_n": 20830.0,
  "summary_fg_p05": 396.9288604736328,
  "summary_fg_p95": 821.1952362060547,
  "summary_fg_stdv": 133.72174072265625,
  "tsnr": 87.97332000732422
}