{
  "aor": 0.003380288461538462,
  "aqi": 0.009367722980769232,
  "bids_meta": {
    "BodyPartExamined": "HEAD",
    "CogAtlasID": "http://www.cognitiveatlas.org/term/id/trm_550b53d7dd674",
    "ConversionSoftware": "dcm2niix",
    "ConversionSoftwareVersion": "v1.0.20170411 GCC4.4.7",
    "EchoTime": 0.027,
    "EffectiveEchoSpacing": 0.000590001,
    "FlipAngle": 90,
    "ImageType": [
      "ORIGINAL",
      "PRIMARY",
      "M",
      "ND",
      "NORM",
      "MOSAIC"
    ],
    "Instructions": "In this next scan you'll be prompted to move your hands, feet, or tongue. You'll only move one of these at once. Instructions are presented on the screen. Let?s review them now. [Read on-screen instructions to participant.] Do you have any questions?",
    "MagneticFieldStrength": 3,
    "Manufacturer": "Siemens",
    "ManufacturersModelName": "TrioTim",
    "PhaseEncodingDirection": "j-",
    "ProcedureStepDescription": "head_Dosenbach_MSC",
    "ProtocolName": "Motor_104Frames_36Slices_TR2.2",
    "RepetitionTime": 2.2,
    "ScanningSequence": "EP",
    "SequenceName": "_epfid2d1_64",
    "SequenceVariant": "SK",
    "SeriesDescription": "Motor_104Frames_36Slices_TR2.2",
    "SliceTiming": [
      1.105,
      0,
      1.1675,
      0.0625,
      1.2275,
      0.1225,
      1.29,
      0.185,
      1.35,
      0.245,
      1.4125,
      0.3075,
      1.4725,
      0.37,
      1.535,
      0.43,
      1.595,
      0.4925,
      1.6575,
      0.5525,
      1.7175,
      0.615,
      1.78,
      0.675,
      1.84,
      0.7375,
      1.9025,
      0.7975,
      1.965,
      0.86,
      2.025,
      0.92,
      2.0875,
      0.9825,
      2.1475,
      1.0425
    ],
    "SoftwareVersion": "syngo MR B17",
    "TaskName": "motor",
    "modality": "bold",
    "run_id": "01",
    "session_id": "func05",
    "subject_id": "MSC07",
    "task_id": "motor"
  },
  "dummy_trs": 0,
  "dvars_nstd": 21.284761234466018,
  "dvars_std": 1.2125975564077671,
  "dvars_vstd": 0.9567648661165047,
  "efc": 0.40408274596059934,
  "fber": 33292.078125,
  "fd_mean": 0.2296904304237089,
  "fd_num": 52,
  "fd_perc": 50.0,
  "fwhm_avg": 2.4646177298000644,
  "fwhm_x": 2.277535,
  "fwhm_y": 2.803075,
  "fwhm_z": 2.313243189400193,
  "gcor": 0.0269148,
  "gsr_x": -0.02364467829465866,
  "gsr_y": 0.011240721680223942,
  "provenance": {
    "md5sum": "44f409530c5574b28aa04fc4336d9761",
    "settings": {
      "fd_thres": 0.2,
      "hmc_fsl": false
    },
    "software": "mriqc",
    "version": "0.9.6"
  },
  "size_t": 104,
  "size_x": 64,
  "size_y": 64,
  "size_z": 36,
  "snr": 5.121300989110501,
  "spacing_tr": 2.200000047683716,
  "spacing_x": 4.0,
  "spacing_y": 4.0,
  "spacing_z": 3.9999988079071045,
  "summary_bg_k": 34.36345916021283,
  "summary_bg_mad": 3.0222275257110596,
  "summary_bg_mean": 20.525386810302734,
  "summary_bg_median": 4.115384578704834,
  "summary_bg_n": 98987.0,
  "summary_bg_p05": 1.6057692766189575,
  "summary_bg_p95": 105.45577239990229,
  "summary_bg_stdv": 51.617610931396484,
  "summary_fg_k": 4.5028854977338435,
  "summary_fg_mad": 105.80643463134766,
  "summary_fg_mean": 762.5684204101562,
  "summary_fg_median": 778.5288696289062,
  "summary_fg_n": 20247.0,
  "summary_fg_p05": 480.94617614746096,
  "summary_fg_p95": 952.4788818359375,
  "summary_fg_stdv": 152.0140380859375,
  "tsnr": 59.885292053222656
}