{
  "aor": 0.002469807692307692,
  "aqi": 0.008494211442307692,
  "bids_meta": {
    "BodyPartExamined": "HEAD",
    "CogAtlasID": "http://www.cognitiveatlas.org/term/id/trm_550b53d7dd674",
    "ConversionSoftware": "dcm2niix",
    "ConversionSoftwareVersion": "v1.0.20170411 GCC4.4.7",
    "EchoTime": 0.027,
    "EffectiveEchoSpacing": 0.000590001,
    "FlipAngle": 90,
    "ImageType": [
      "ORIGINAL",
      "PRIMARY",
      "M",
      "ND",
      "NORM",
      "MOSAIC"
    ],
    "Instructions": "In this next scan you'll be prompted to move your hands, feet, or tongue. You'll only move one of these at once. Instructions are presented on the screen. Let?s review them now. [Read on-screen instructions to participant.] Do you have any questions?",
    "MagneticFieldStrength": 3,
    "Manufacturer": "Siemens",
    "ManufacturersModelName": "TrioTim",
    "PhaseEncodingDirection": "j-",
    "ProcedureStepDescription": "head_Dosenbach_MSC",
    "ProtocolName": "Motor_104Frames_36Slices_TR2.2",
    "RepetitionTime": 2.2,
    "ScanningSequence": "EP",
    "SequenceName": "_epfid2d1_64",
    "SequenceVariant": "SK",
    "SeriesDescription": "Motor_104Frames_36Slices_TR2.2",
    "SliceTiming": [
      1.105,
      0,
      1.1675,
      0.0625,
      1.2275,
      0.1225,
      1.29,
      0.185,
      1.35,
      0.245,
      1.4125,
      0.3075,
      1.4725,
      0.37,
      1.535,
      0.43,
      1.595,
      0.4925,
      1.6575,
      0.5525,
      1.7175,
      0.615,
      1.78,
      0.675,
      1.84,
      0.7375,
      1.9025,
      0.7975,
      1.965,
      0.86,
      2.025,
      0.92,
      2.0875,
      0.9825,
      2.1475,
      1.0425
    ],
    "SoftwareVersion": "syngo MR B17",
    "TaskName": "motor",
    "modality": "bold",
    "run_id": "01",
    "session_id": "func04",
    "subject_id": "MSC07",
    "task_id": "motor"
  },
  "dummy_trs": 0,
  "dvars_nstd": 18.730496165922325,
  "dvars_std": 1.1673293348543692,
  "dvars_vstd": 0.9313182071844656,
  "efc": 0.3926500933814236,
  "fber": 35733.2578125,
  "fd_mean": 0.20519844778533414,
  "fd_num": 43,
  "fd_perc": 41.34615384615385,
  "fwhm_avg": 2.4203508333333335,
  "fwhm_x": 2.2379475,
  "fwhm_y": 2.72885,
  "fwhm_z": 2.294255,
  "gcor": 0.016271,
  "gsr_x": -0.016535969451069832,
  "gsr_y": 0.014477402903139591,
  "provenance": {
    "md5sum": "c4ee4e6a0682f82409c09b2006aa6c2a",
    "settings": {
      "fd_thres": 0.2,
      "hmc_fsl": false
    },
    "software": "mriqc",
    "version": "0.9.6"
  },
  "size_t": 104,
  "size_x": 64,
  "size_y": 64,
  "size_z": 36,
  "snr": 5.139962308646078,
  "spacing_tr": 2.200000047683716,
  "spacing_x": 4.0,
  "spacing_y": 4.0,
  "spacing_z": 4.0,
  "summary_bg_k": 41.67970202075419,
  "summary_bg_mad": 2.8226468563079834,
  "summary_bg_mean": 16.32924461364746,
  "summary_bg_median": 3.875000238418579,
  "summary_bg_n": 99347.0,
  "summary_bg_p05": 1.5384615659713745,
  "summary_bg_p95": 79.44615707397455,
  "summary_bg_stdv": 40.32704162597656,
  "summary_fg_k": 4.482083650706854,
  "summary_fg_mad": 103.22618103027344,
  "summary_fg_mean": 743.4695434570312,
  "summary_fg_median": 760.7596435546875,
  "summary_fg_n": 19829.0,
  "summary_fg_p05": 465.8000183105469,
  "summary_fg_p95": 927.9731323242186,
  "summary_fg_stdv": 148.00506591796875,
  "tsnr": 64.12181091308594
}