{
  "aor": 0.002890192307692307,
  "aqi": 0.004639710384615385,
  "bids_meta": {
    "BodyPartExamined": "HEAD",
    "CogAtlasID": "http://www.cognitiveatlas.org/term/id/trm_550b53d7dd674",
    "ConversionSoftware": "dcm2niix",
    "ConversionSoftwareVersion": "v1.0.20170411 GCC4.4.7",
    "EchoTime": 0.027,
    "EffectiveEchoSpacing": 0.000590001,
    "FlipAngle": 90,
    "ImageType": [
      "ORIGINAL",
      "PRIMARY",
      "M",
      "ND",
      "NORM",
      "MOSAIC"
    ],
    "Instructions": "In this next scan you'll be prompted to move your hands, feet, or tongue. You'll only move one of these at once. Instructions are presented on the screen. Let?s review them now. [Read on-screen instructions to participant.] Do you have any questions?",
    "MagneticFieldStrength": 3,
    "Manufacturer": "Siemens",
    "ManufacturersModelName": "TrioTim",
    "PhaseEncodingDirection": "j-",
    "ProcedureStepDescription": "head_Dosenbach_MSC",
    "ProtocolName": "Motor_104Frames_36Slices_TR2.2",
    "RepetitionTime": 2.2,
    "ScanningSequence": "EP",
    "SequenceName": "_epfid2d1_64",
    "SequenceVariant": "SK",
    "SeriesDescription": "Motor_104Frames_36Slices_TR2.2",
    "SliceTiming": [
      1.105,
      0,
      1.1675,
      0.0625,
      1.2275,
      0.1225,
      1.29,
      0.185,
      1.35,
      0.245,
      1.4125,
      0.3075,
      1.4725,
      0.37,
      1.535,
      0.43,
      1.595,
      0.4925,
      1.6575,
      0.5525,
      1.7175,
      0.615,
      1.78,
      0.675,
      1.84,
      0.7375,
      1.9025,
      0.7975,
      1.965,
      0.86,
      2.025,
      0.92,
      2.0875,
      0.9825,
      2.1475,
      1.0425
    ],
    "SoftwareVersion": "syngo MR B17",
    "TaskName": "motor",
    "modality": "bold",
    "run_id": "02",
    "session_id": "func02",
    "subject_id": "MSC05",
    "task_id": "motor"
  },
  "dummy_trs": 0,
  "dvars_nstd": 14.257730558543688,
  "dvars_std": 1.1305257212621365,
  "dvars_vstd": 0.9824042450485435,
  "efc": 0.4077554647005511,
  "fber": 39594.90234375,
  "fd_mean": 0.11458034192605711,
  "fd_num": 3,
  "fd_perc": 2.8846153846153846,
  "fwhm_avg": 2.4903015712692453,
  "fwhm_x": 2.194925,
  "fwhm_y": 2.875225,
  "fwhm_z": 2.4007547138077365,
  "gcor": 0.018394,
  "gsr_x": -0.008859995752573013,
  "gsr_y": 0.01630174182355404,
  "provenance": {
    "md5sum": "f42f454f9e89900710e2da980f287063",
    "settings": {
      "fd_thres": 0.2,
      "hmc_fsl": false
    },
    "software": "mriqc",
    "version": "0.9.6"
  },
  "size_t": 104,
  "size_x": 64,
  "size_y": 64,
  "size_z": 36,
  "snr": 5.421106260464675,
  "spacing_tr": 2.200000047683716,
  "spacing_x": 4.0,
  "spacing_y": 4.0,
  "spacing_z": 4.000000476837158,
  "summary_bg_k": 54.5788744447833,
  "summary_bg_mad": 2.195391893386841,
  "summary_bg_mean": 14.838517189025879,
  "summary_bg_median": 3.461538553237915,
  "summary_bg_n": 97111.0,
  "summary_bg_p05": 1.6057692766189575,
  "summary_bg_p95": 72.15865707397461,
  "summary_bg_stdv": 36.71262741088867,
  "summary_fg_k": 5.087514710555771,
  "summary_fg_mad": 89.55491638183594,
  "summary_fg_mean": 697.9960327148438,
  "summary_fg_median": 714.644287109375,
  "summary_fg_n": 21787.0,
  "summary_fg_p05": 447.99231872558596,
  "summary_fg_p95": 860.2481079101562,
  "summary_fg_stdv": 131.82325744628906,
  "tsnr": 88.42898559570312
}