{
  "aor": 0.0031019230769230768,
  "aqi": 0.009702780096153846,
  "bids_meta": {
    "BodyPartExamined": "HEAD",
    "CogAtlasID": "http://www.cognitiveatlas.org/term/id/trm_550b53d7dd674",
    "ConversionSoftware": "dcm2niix",
    "ConversionSoftwareVersion": "v1.0.20170411 GCC4.4.7",
    "EchoTime": 0.027,
    "EffectiveEchoSpacing": 0.000590001,
    "FlipAngle": 90,
    "ImageType": [
      "ORIGINAL",
      "PRIMARY",
      "M",
      "ND",
      "NORM",
      "MOSAIC"
    ],
    "Instructions": "In this next scan you'll be prompted to move your hands, feet, or tongue. You'll only move one of these at once. Instructions are presented on the screen. Let?s review them now. [Read on-screen instructions to participant.] Do you have any questions?",
    "MagneticFieldStrength": 3,
    "Manufacturer": "Siemens",
    "ManufacturersModelName": "TrioTim",
    "PhaseEncodingDirection": "j-",
    "ProcedureStepDescription": "head_Dosenbach_MSC",
    "ProtocolName": "Motor_104Frames_36Slices_TR2.2",
    "RepetitionTime": 2.2,
    "ScanningSequence": "EP",
    "SequenceName": "_epfid2d1_64",
    "SequenceVariant": "SK",
    "SeriesDescription": "Motor_104Frames_36Slices_TR2.2",
    "SliceTiming": [
      1.105,
      0,
      1.1675,
      0.0625,
      1.2275,
      0.1225,
      1.29,
      0.185,
      1.35,
      0.245,
      1.4125,
      0.3075,
      1.4725,
      0.37,
      1.535,
      0.43,
      1.595,
      0.4925,
      1.6575,
      0.5525,
      1.7175,
      0.615,
      1.78,
      0.675,
      1.84,
      0.7375,
      1.9025,
      0.7975,
      1.965,
      0.86,
      2.025,
      0.92,
      2.0875,
      0.9825,
      2.1475,
      1.0425
    ],
    "SoftwareVersion": "syngo MR B17",
    "TaskName": "motor",
    "modality": "bold",
    "run_id": "01",
    "session_id": "func01",
    "subject_id": "MSC09",
    "task_id": "motor"
  },
  "dummy_trs": 0,
  "dvars_nstd": 21.318611098834953,
  "dvars_std": 1.1961384452427186,
  "dvars_vstd": 0.9455024520388345,
  "efc": 0.4324517069604842,
  "fber": 30432.546875,
  "fd_mean": 0.1940846917024815,
  "fd_num": 44,
  "fd_perc": 42.30769230769231,
  "fwhm_avg": 2.5486935738724195,
  "fwhm_x": 2.268435,
  "fwhm_y": 2.9563,
  "fwhm_z": 2.421345721617258,
  "gcor": 0.0197487,
  "gsr_x": -0.01733621209859848,
  "gsr_y": 0.021161630749702454,
  "provenance": {
    "md5sum": "db34cc43dc00d638f17f68d95081e924",
    "settings": {
      "fd_thres": 0.2,
      "hmc_fsl": false
    },
    "software": "mriqc",
    "version": "0.9.6"
  },
  "size_t": 104,
  "size_x": 64,
  "size_y": 64,
  "size_z": 36,
  "snr": 5.190768396030864,
  "spacing_tr": 2.200000047683716,
  "spacing_x": 4.0,
  "spacing_y": 4.0,
  "spacing_z": 3.9999988079071045,
  "summary_bg_k": 36.13628398271427,
  "summary_bg_mad": 2.9652044773101807,
  "summary_bg_mean": 18.53611183166504,
  "summary_bg_median": 3.971153974533081,
  "summary_bg_n": 94192.0,
  "summary_bg_p05": 1.634615421295166,
  "summary_bg_p95": 95.43269348144531,
  "summary_bg_stdv": 41.719390869140625,
  "summary_fg_k": 4.384111041329119,
  "summary_fg_mad": 94.01692962646484,
  "summary_fg_mean": 705.8308715820312,
  "summary_fg_median": 722.9327392578125,
  "summary_fg_n": 23666.0,
  "summary_fg_p05": 439.7860794067383,
  "summary_fg_p95": 878.8437805175781,
  "summary_fg_stdv": 139.26983642578125,
  "tsnr": 61.09868621826172
}