{
  "aor": 0.0033722115384615388,
  "aqi": 0.003562200480769231,
  "bids_meta": {
    "BodyPartExamined": "HEAD",
    "CogAtlasID": "http://www.cognitiveatlas.org/term/id/trm_550b53d7dd674",
    "ConversionSoftware": "dcm2niix",
    "ConversionSoftwareVersion": "v1.0.20170411 GCC4.4.7",
    "EchoTime": 0.027,
    "EffectiveEchoSpacing": 0.000590001,
    "FlipAngle": 90,
    "ImageType": [
      "ORIGINAL",
      "PRIMARY",
      "M",
      "ND",
      "NORM",
      "MOSAIC"
    ],
    "Instructions": "In this next scan you'll be prompted to move your hands, feet, or tongue. You'll only move one of these at once. Instructions are presented on the screen. Let?s review them now. [Read on-screen instructions to participant.] Do you have any questions?",
    "MagneticFieldStrength": 3,
    "Manufacturer": "Siemens",
    "ManufacturersModelName": "TrioTim",
    "PhaseEncodingDirection": "j-",
    "ProcedureStepDescription": "head_Dosenbach_MSC",
    "ProtocolName": "Motor_104Frames_36Slices_TR2.2",
    "RepetitionTime": 2.2,
    "ScanningSequence": "EP",
    "SequenceName": "_epfid2d1_64",
    "SequenceVariant": "SK",
    "SeriesDescription": "Motor_104Frames_36Slices_TR2.2",
    "SliceTiming": [
      1.105,
      0,
      1.1675,
      0.0625,
      1.2275,
      0.1225,
      1.29,
      0.185,
      1.35,
      0.245,
      1.4125,
      0.3075,
      1.4725,
      0.37,
      1.535,
      0.43,
      1.595,
      0.4925,
      1.6575,
      0.5525,
      1.7175,
      0.615,
      1.78,
      0.675,
      1.84,
      0.7375,
      1.9025,
      0.7975,
      1.965,
      0.86,
      2.025,
      0.92,
      2.0875,
      0.9825,
      2.1475,
      1.0425
    ],
    "SoftwareVersion": "syngo MR B17",
    "TaskName": "motor",
    "modality": "bold",
    "run_id": "01",
    "session_id": "func04",
    "subject_id": "MSC06",
    "task_id": "motor"
  },
  "dummy_trs": 0,
  "dvars_nstd": 21.504071207961157,
  "dvars_std": 1.470870168737864,
  "dvars_vstd": 1.0199825061165044,
  "efc": 0.4034245413410365,
  "fber": 35017.0859375,
  "fd_mean": 0.09077169646153761,
  "fd_num": 5,
  "fd_perc": 4.8076923076923075,
  "fwhm_avg": 2.4804183807683517,
  "fwhm_x": 2.2391475,
  "fwhm_y": 2.814625,
  "fwhm_z": 2.387482642305055,
  "gcor": 0.0432681,
  "gsr_x": -0.014283914119005203,
  "gsr_y": 0.018910463899374008,
  "provenance": {
    "md5sum": "021a6c211955ce4a156ba2ad2277cfd0",
    "settings": {
      "fd_thres": 0.2,
      "hmc_fsl": false
    },
    "software": "mriqc",
    "version": "0.9.6"
  },
  "size_t": 104,
  "size_x": 64,
  "size_y": 64,
  "size_z": 36,
  "snr": 4.866417879987736,
  "spacing_tr": 2.200000047683716,
  "spacing_x": 4.0,
  "spacing_y": 4.0,
  "spacing_z": 3.999999761581421,
  "summary_bg_k": 51.81049843199957,
  "summary_bg_mad": 2.1383683681488037,
  "summary_bg_mean": 14.164274215698242,
  "summary_bg_median": 3.42307710647583,
  "summary_bg_n": 97539.0,
  "summary_bg_p05": 1.586538553237915,
  "summary_bg_p95": 68.40384674072266,
  "summary_bg_stdv": 33.548126220703125,
  "summary_fg_k": 4.002333945446835,
  "summary_fg_mad": 95.88447570800781,
  "summary_fg_mean": 648.1612548828125,
  "summary_fg_median": 666.173095703125,
  "summary_fg_n": 21331.0,
  "summary_fg_p05": 379.4711608886719,
  "summary_fg_p95": 818.4952087402344,
  "summary_fg_stdv": 136.888671875,
  "tsnr": 91.56375885009766
}