{
  "aor": 0.01028002444987775,
  "aqi": 0.007393907139364303,
  "bids_meta": {
    "BodyPartExamined": "HEAD",
    "CogAtlasID": "http://www.cognitiveatlas.org/term/id/trm_4c8a834779883",
    "ConversionSoftware": "dcm2niix",
    "ConversionSoftwareVersion": "v1.0.20170411 GCC4.4.7",
    "EchoTime": 0.027,
    "EffectiveEchoSpacing": 0.000590001,
    "FlipAngle": 90,
    "ImageType": [
      "ORIGINAL",
      "PRIMARY",
      "M",
      "ND",
      "NORM",
      "MOSAIC"
    ],
    "Instructions": "During this first scan, a plus sign will be presented on the screen.  All you need to do is simply relax and look at the plus sign. Please keep your eyes open the entire time, and be as still as possible. It's extremely important that you stay awake for the entire duration of this scan. This scan will last ~30 minutes.",
    "MagneticFieldStrength": 3,
    "Manufacturer": "Siemens",
    "ManufacturersModelName": "TrioTim",
    "PhaseEncodingDirection": "j-",
    "ProcedureStepDescription": "head_Dosenbach_MSC",
    "ProtocolName": "RSFC_818Frames_36Slices_TR2.2",
    "RepetitionTime": 2.2,
    "ScanningSequence": "EP",
    "SequenceName": "_epfid2d1_64",
    "SequenceVariant": "SK",
    "SeriesDescription": "RSFC_818Frames_36Slices_TR2.2",
    "SliceTiming": [
      1.105,
      0,
      1.165,
      0.06,
      1.2275,
      0.1225,
      1.2875,
      0.185,
      1.35,
      0.245,
      1.41,
      0.3075,
      1.4725,
      0.3675,
      1.5325,
      0.43,
      1.595,
      0.49,
      1.655,
      0.5525,
      1.7175,
      0.6125,
      1.78,
      0.675,
      1.84,
      0.735,
      1.9025,
      0.7975,
      1.9625,
      0.8575,
      2.025,
      0.92,
      2.085,
      0.9825,
      2.1475,
      1.0425
    ],
    "SoftwareVersion": "syngo MR B17",
    "TaskName": "rest",
    "modality": "bold",
    "session_id": "func10",
    "subject_id": "MSC05",
    "task_id": "rest"
  },
  "dummy_trs": 0,
  "dvars_nstd": 17.684821267613213,
  "dvars_std": 1.3797488045777215,
  "dvars_vstd": 1.153847564283965,
  "efc": 0.4285596133913599,
  "fber": 28333.275390625,
  "fd_mean": 0.1333796624949038,
  "fd_num": 99,
  "fd_perc": 12.102689486552567,
  "fwhm_avg": 2.535461666666667,
  "fwhm_x": 2.2663025,
  "fwhm_y": 2.9571,
  "fwhm_z": 2.3829825,
  "gcor": 0.122084,
  "gsr_x": -0.01571834832429886,
  "gsr_y": 0.010608869604766369,
  "provenance": {
    "md5sum": "5a0fcee8860b31e33b0e7ae5dac66c9e",
    "settings": {
      "fd_thres": 0.2,
      "hmc_fsl": false
    },
    "software": "mriqc",
    "version": "0.9.6"
  },
  "size_t": 818,
  "size_x": 64,
  "size_y": 64,
  "size_z": 36,
  "snr": 5.101932552052911,
  "spacing_tr": 2.200000047683716,
  "spacing_x": 4.0,
  "spacing_y": 4.0,
  "spacing_z": 4.0,
  "summary_bg_k": 58.015610528031196,
  "summary_bg_mad": 3.682943820953369,
  "summary_bg_mean": 20.34648323059082,
  "summary_bg_median": 4.5134477615356445,
  "summary_bg_n": 95036.0,
  "summary_bg_p05": 1.495110034942627,
  "summary_bg_p95": 95.99786376953125,
  "summary_bg_stdv": 48.78744888305664,
  "summary_fg_k": 4.382185033450838,
  "summary_fg_mad": 102.32946014404297,
  "summary_fg_mean": 772.7770385742188,
  "summary_fg_median": 796.560546875,
  "summary_fg_n": 23366.0,
  "summary_fg_p05": 456.98351287841797,
  "summary_fg_p95": 958.814208984375,
  "summary_fg_stdv": 156.12583923339844,
  "tsnr": 61.38470458984375
}