{
  "aor": 0.001035158924205379,
  "aqi": 0.014109991344743276,
  "bids_meta": {
    "BodyPartExamined": "HEAD",
    "CogAtlasID": "http://www.cognitiveatlas.org/term/id/trm_4c8a834779883",
    "ConversionSoftware": "dcm2niix",
    "ConversionSoftwareVersion": "v1.0.20170411 GCC4.4.7",
    "EchoTime": 0.027,
    "EffectiveEchoSpacing": 0.000590001,
    "FlipAngle": 90,
    "ImageType": [
      "ORIGINAL",
      "PRIMARY",
      "M",
      "ND",
      "NORM",
      "MOSAIC"
    ],
    "Instructions": "During this first scan, a plus sign will be presented on the screen.  All you need to do is simply relax and look at the plus sign. Please keep your eyes open the entire time, and be as still as possible. It's extremely important that you stay awake for the entire duration of this scan. This scan will last ~30 minutes.",
    "MagneticFieldStrength": 3,
    "Manufacturer": "Siemens",
    "ManufacturersModelName": "TrioTim",
    "PhaseEncodingDirection": "j-",
    "ProcedureStepDescription": "head_Dosenbach_MSC",
    "ProtocolName": "RSFC_818Frames_36Slices_TR2.2",
    "RepetitionTime": 2.2,
    "ScanningSequence": "EP",
    "SequenceName": "_epfid2d1_64",
    "SequenceVariant": "SK",
    "SeriesDescription": "RSFC_818Frames_36Slices_TR2.2",
    "SliceTiming": [
      1.105,
      0,
      1.165,
      0.06,
      1.2275,
      0.1225,
      1.2875,
      0.185,
      1.35,
      0.245,
      1.41,
      0.3075,
      1.4725,
      0.3675,
      1.5325,
      0.43,
      1.595,
      0.49,
      1.655,
      0.5525,
      1.7175,
      0.6125,
      1.78,
      0.675,
      1.84,
      0.735,
      1.9025,
      0.7975,
      1.9625,
      0.8575,
      2.025,
      0.92,
      2.085,
      0.9825,
      2.1475,
      1.0425
    ],
    "SoftwareVersion": "syngo MR B17",
    "TaskName": "rest",
    "modality": "bold",
    "session_id": "func03",
    "subject_id": "MSC09",
    "task_id": "rest"
  },
  "dummy_trs": 0,
  "dvars_nstd": 21.82490878893518,
  "dvars_std": 1.1734834932313327,
  "dvars_vstd": 0.9414306423745411,
  "efc": 0.43806989820534054,
  "fber": 25695.345703125,
  "fd_mean": 0.22761138197507633,
  "fd_num": 372,
  "fd_perc": 45.47677261613692,
  "fwhm_avg": 2.5545968213473906,
  "fwhm_x": 2.276435,
  "fwhm_y": 2.9893751781806457,
  "fwhm_z": 2.3979802858615265,
  "gcor": 0.0366328,
  "gsr_x": -0.019498489797115326,
  "gsr_y": 0.021749556064605713,
  "provenance": {
    "md5sum": "fdd1110fa45505d6c3be5b28b7daa5dc",
    "settings": {
      "fd_thres": 0.2,
      "hmc_fsl": false
    },
    "software": "mriqc",
    "version": "0.9.6"
  },
  "size_t": 818,
  "size_x": 64,
  "size_y": 64,
  "size_z": 36,
  "snr": 5.051038108486715,
  "spacing_tr": 2.200000047683716,
  "spacing_x": 4.0,
  "spacing_y": 3.999999761581421,
  "spacing_z": 3.999999523162842,
  "summary_bg_k": 34.646960610832245,
  "summary_bg_mad": 3.3838858604431152,
  "summary_bg_mean": 20.11608123779297,
  "summary_bg_median": 4.312958717346191,
  "summary_bg_n": 93924.0,
  "summary_bg_p05": 1.613692045211792,
  "summary_bg_p95": 103.94425849914546,
  "summary_bg_stdv": 45.044960021972656,
  "summary_fg_k": 4.4569126454561125,
  "summary_fg_mad": 89.4310302734375,
  "summary_fg_mean": 699.0362548828125,
  "summary_fg_median": 718.9498901367188,
  "summary_fg_n": 24011.0,
  "summary_fg_p05": 413.4181213378906,
  "summary_fg_p95": 869.6015014648438,
  "summary_fg_stdv": 142.33409118652344,
  "tsnr": 48.76396942138672
}