{
  "aor": 0.005183846153846154,
  "aqi": 0.00813638346153846,
  "bids_meta": {
    "BodyPartExamined": "HEAD",
    "CogAtlasID": "http://www.cognitiveatlas.org/term/id/trm_550b53d7dd674",
    "ConversionSoftware": "dcm2niix",
    "ConversionSoftwareVersion": "v1.0.20170411 GCC4.4.7",
    "EchoTime": 0.027,
    "EffectiveEchoSpacing": 0.000590001,
    "FlipAngle": 90,
    "ImageType": [
      "ORIGINAL",
      "PRIMARY",
      "M",
      "ND",
      "NORM",
      "MOSAIC"
    ],
    "Instructions": "In this next scan you'll be prompted to move your hands, feet, or tongue. You'll only move one of these at once. Instructions are presented on the screen. Let?s review them now. [Read on-screen instructions to participant.] Do you have any questions?",
    "MagneticFieldStrength": 3,
    "Manufacturer": "Siemens",
    "ManufacturersModelName": "TrioTim",
    "PhaseEncodingDirection": "j-",
    "ProcedureStepDescription": "head_Dosenbach_MSC",
    "ProtocolName": "Motor_104Frames_36Slices_TR2.2",
    "RepetitionTime": 2.2,
    "ScanningSequence": "EP",
    "SequenceName": "_epfid2d1_64",
    "SequenceVariant": "SK",
    "SeriesDescription": "Motor_104Frames_36Slices_TR2.2",
    "SliceTiming": [
      1.105,
      0,
      1.1675,
      0.0625,
      1.2275,
      0.1225,
      1.29,
      0.185,
      1.35,
      0.245,
      1.4125,
      0.3075,
      1.4725,
      0.37,
      1.535,
      0.43,
      1.595,
      0.4925,
      1.6575,
      0.5525,
      1.7175,
      0.615,
      1.78,
      0.675,
      1.84,
      0.7375,
      1.9025,
      0.7975,
      1.965,
      0.86,
      2.025,
      0.92,
      2.0875,
      0.9825,
      2.1475,
      1.0425
    ],
    "SoftwareVersion": "syngo MR B17",
    "TaskName": "motor",
    "modality": "bold",
    "run_id": "02",
    "session_id": "func10",
    "subject_id": "MSC10",
    "task_id": "motor"
  },
  "dummy_trs": 0,
  "dvars_nstd": 20.204938055145632,
  "dvars_std": 1.193884446504854,
  "dvars_vstd": 0.9813587651456307,
  "efc": 0.4233908560775467,
  "fber": 31241.28515625,
  "fd_mean": 0.19504806017199994,
  "fd_num": 41,
  "fd_perc": 39.42307692307692,
  "fwhm_avg": 2.4317445722960125,
  "fwhm_x": 2.23189,
  "fwhm_y": 2.7949,
  "fwhm_z": 2.2684437168880374,
  "gcor": 0.0306116,
  "gsr_x": -0.017596721649169922,
  "gsr_y": 0.013255436904728413,
  "provenance": {
    "md5sum": "bbf97040de94e26d300eea460c95acf5",
    "settings": {
      "fd_thres": 0.2,
      "hmc_fsl": false
    },
    "software": "mriqc",
    "version": "0.9.6"
  },
  "size_t": 104,
  "size_x": 64,
  "size_y": 64,
  "size_z": 36,
  "snr": 4.74655063690083,
  "spacing_tr": 2.200000047683716,
  "spacing_x": 4.0,
  "spacing_y": 4.0,
  "spacing_z": 3.999997854232788,
  "summary_bg_k": 47.46755380343175,
  "summary_bg_mad": 2.2381591796875,
  "summary_bg_mean": 16.059755325317383,
  "summary_bg_median": 3.519230842590332,
  "summary_bg_n": 95459.0,
  "summary_bg_p05": 1.451923131942749,
  "summary_bg_p95": 83.8480766296385,
  "summary_bg_stdv": 40.12260055541992,
  "summary_fg_k": 3.5918198901211094,
  "summary_fg_mad": 96.3834457397461,
  "summary_fg_mean": 638.5355834960938,
  "summary_fg_median": 652.0,
  "summary_fg_n": 22669.0,
  "summary_fg_p05": 376.0711669921875,
  "summary_fg_p95": 820.1981079101563,
  "summary_fg_stdv": 137.35987854003906,
  "tsnr": 59.75617980957031
}