{
  "bids_meta": {
    "BodyPartExamined": "HEAD",
    "ConversionSoftware": "dcm2niix",
    "ConversionSoftwareVersion": "v1.0.20170411 GCC4.4.7",
    "EchoTime": 0.00374,
    "FlipAngle": 8,
    "ImageType": [
      "ORIGINAL",
      "PRIMARY",
      "M",
      "ND",
      "NORM"
    ],
    "InversionTime": 1,
    "MagneticFieldStrength": 3,
    "Manufacturer": "Siemens",
    "ManufacturersModelName": "TrioTim",
    "PhaseEncodingDirection": "i-",
    "ProcedureStepDescription": "head_Dosenbach_MSC",
    "ProtocolName": "T1_.8x.8x.8_224Slices",
    "RepetitionTime": 2.4,
    "ScanningSequence": "GR_IR",
    "SequenceName": "_tfl3d1_ns",
    "SequenceVariant": "SP_MP_OSP",
    "SeriesDescription": "T1_.8x.8x.8_224Slices",
    "modality": "T1w",
    "run_id": "01",
    "session_id": "struct01",
    "subject_id": "MSC07"
  },
  "cjv": 0.6622783486387152,
  "cnr": 2.0139665379985545,
  "efc": 0.6256768533171084,
  "fber": 455.713134765625,
  "fwhm_avg": 3.5231185343725344,
  "fwhm_x": 3.646728481166385,
  "fwhm_y": 3.6419683902439024,
  "fwhm_z": 3.280658731707317,
  "icvs_csf": 0.1780780322800387,
  "icvs_gm": 0.4241299448774159,
  "icvs_wm": 0.3977920228425454,
  "inu_med": 0.9955618977546692,
  "inu_range": 0.5000037431716919,
  "provenance": {
    "md5sum": "f8671bceac248bf4d87979fa44b2ccda",
    "mriqc_pred": 0,
    "settings": {
      "testing": false
    },
    "software": "mriqc",
    "version": "0.9.6",
    "warnings": {
      "large_rot_frame": true,
      "small_air_mask": false
    }
  },
  "qi_1": 0.0,
  "qi_2": 0.0037179623789048303,
  "rpve_csf": 20.280710168730604,
  "rpve_gm": 9.200544185692824,
  "rpve_wm": 11.303761706948347,
  "size_x": 224,
  "size_y": 256,
  "size_z": 256,
  "snr_csf": 2.917211953570256,
  "snr_gm": 8.782039011080961,
  "snr_total": 8.808158466028098,
  "snr_wm": 14.72522443343308,
  "snrd_csf": 13.443659156413108,
  "snrd_gm": 25.62928024126806,
  "snrd_total": 24.09495748818674,
  "snrd_wm": 33.211933066879055,
  "spacing_x": 0.8000047206878662,
  "spacing_y": 0.80078125,
  "spacing_z": 0.80078125,
  "summary_bg_k": 2.9096101810199846,
  "summary_bg_mad": 19.726945877075195,
  "summary_bg_mean": 33.00436782836914,
  "summary_bg_median": 28.44794464111328,
  "summary_bg_n": 3890385.0,
  "summary_bg_p05": 4.143558502197266,
  "summary_bg_p95": 76.4658187866211,
  "summary_bg_stdv": 22.767953872680664,
  "summary_csf_k": -0.15694481252023484,
  "summary_csf_mad": 144.38592529296875,
  "summary_csf_mean": 424.2665710449219,
  "summary_csf_median": 404.8047790527344,
  "summary_csf_n": 42096.0,
  "summary_csf_p05": 227.93199920654297,
  "summary_csf_p95": 669.8021392822266,
  "summary_csf_stdv": 138.7626190185547,
  "summary_gm_k": 0.2829517900804839,
  "summary_gm_mad": 85.71986389160156,
  "summary_gm_mean": 777.4155883789062,
  "summary_gm_median": 771.728515625,
  "summary_gm_n": 47186.0,
  "summary_gm_p05": 643.8762817382812,
  "summary_gm_p95": 931.0671844482422,
  "summary_gm_stdv": 87.87484741210938,
  "summary_wm_k": 0.32848833079763295,
  "summary_wm_mad": 65.49339294433594,
  "summary_wm_mean": 1001.8818359375,
  "summary_wm_median": 1000.0513305664062,
  "summary_wm_n": 467887.0,
  "summary_wm_p05": 893.5556884765625,
  "summary_wm_p95": 1116.576318359375,
  "summary_wm_stdv": 67.91409301757812,
  "tpm_overlap_csf": 0.22550882399082184,
  "tpm_overlap_gm": 0.49496588110923767,
  "tpm_overlap_wm": 0.5438738465309143,
  "wm2max": 0.6233090024730822
}