{
  "aor": 0.0025221153846153844,
  "aqi": 0.005311794615384616,
  "bids_meta": {
    "BodyPartExamined": "HEAD",
    "CogAtlasID": "http://www.cognitiveatlas.org/term/id/trm_550b53d7dd674",
    "ConversionSoftware": "dcm2niix",
    "ConversionSoftwareVersion": "v1.0.20170411 GCC4.4.7",
    "EchoTime": 0.027,
    "EffectiveEchoSpacing": 0.000590001,
    "FlipAngle": 90,
    "ImageType": [
      "ORIGINAL",
      "PRIMARY",
      "M",
      "ND",
      "NORM",
      "MOSAIC"
    ],
    "Instructions": "In this next scan you'll be prompted to move your hands, feet, or tongue. You'll only move one of these at once. Instructions are presented on the screen. Let?s review them now. [Read on-screen instructions to participant.] Do you have any questions?",
    "MagneticFieldStrength": 3,
    "Manufacturer": "Siemens",
    "ManufacturersModelName": "TrioTim",
    "PhaseEncodingDirection": "j-",
    "ProcedureStepDescription": "head_Dosenbach_MSC",
    "ProtocolName": "Motor_104Frames_36Slices_TR2.2",
    "RepetitionTime": 2.2,
    "ScanningSequence": "EP",
    "SequenceName": "_epfid2d1_64",
    "SequenceVariant": "SK",
    "SeriesDescription": "Motor_104Frames_36Slices_TR2.2",
    "SliceTiming": [
      1.105,
      0,
      1.1675,
      0.0625,
      1.2275,
      0.1225,
      1.29,
      0.185,
      1.35,
      0.245,
      1.4125,
      0.3075,
      1.4725,
      0.37,
      1.535,
      0.43,
      1.595,
      0.4925,
      1.6575,
      0.5525,
      1.7175,
      0.615,
      1.78,
      0.675,
      1.84,
      0.7375,
      1.9025,
      0.7975,
      1.965,
      0.86,
      2.025,
      0.92,
      2.0875,
      0.9825,
      2.1475,
      1.0425
    ],
    "SoftwareVersion": "syngo MR B17",
    "TaskName": "motor",
    "modality": "bold",
    "run_id": "02",
    "session_id": "func02",
    "subject_id": "MSC10",
    "task_id": "motor"
  },
  "dummy_trs": 0,
  "dvars_nstd": 19.424716578932042,
  "dvars_std": 1.167789051747573,
  "dvars_vstd": 1.004745366407767,
  "efc": 0.42600735432925174,
  "fber": 30018.857421875,
  "fd_mean": 0.21417767286941428,
  "fd_num": 44,
  "fd_perc": 42.30769230769231,
  "fwhm_avg": 2.4354902244609766,
  "fwhm_x": 2.2233725,
  "fwhm_y": 2.8236,
  "fwhm_z": 2.25949817338293,
  "gcor": 0.0229306,
  "gsr_x": -0.016124865040183067,
  "gsr_y": 0.01639596000313759,
  "provenance": {
    "md5sum": "341947aec06d7f927718fa52a689d774",
    "settings": {
      "fd_thres": 0.2,
      "hmc_fsl": false
    },
    "software": "mriqc",
    "version": "0.9.6"
  },
  "size_t": 104,
  "size_x": 64,
  "size_y": 64,
  "size_z": 36,
  "snr": 4.678021309459307,
  "spacing_tr": 2.200000047683716,
  "spacing_x": 4.0,
  "spacing_y": 4.0,
  "spacing_z": 3.9999988079071045,
  "summary_bg_k": 37.064378127269435,
  "summary_bg_mad": 2.295182466506958,
  "summary_bg_mean": 16.37466812133789,
  "summary_bg_median": 3.538461685180664,
  "summary_bg_n": 95186.0,
  "summary_bg_p05": 1.6153846979141235,
  "summary_bg_p95": 90.16346740722656,
  "summary_bg_stdv": 40.07014083862305,
  "summary_fg_k": 3.743259598712429,
  "summary_fg_mad": 94.10963439941406,
  "summary_fg_mean": 627.3656005859375,
  "summary_fg_median": 641.0577392578125,
  "summary_fg_n": 22904.0,
  "summary_fg_p05": 365.8956985473633,
  "summary_fg_p95": 805.3514526367187,
  "summary_fg_stdv": 137.03309631347656,
  "tsnr": 72.93310546875
}