{
  "bids_meta": {
    "BodyPartExamined": "HEAD",
    "ConversionSoftware": "dcm2niix",
    "ConversionSoftwareVersion": "v1.0.20170411 GCC4.4.7",
    "EchoTime": 0.479,
    "FlipAngle": 120,
    "ImageType": [
      "ORIGINAL",
      "PRIMARY",
      "M",
      "ND",
      "NORM"
    ],
    "MagneticFieldStrength": 3,
    "Manufacturer": "Siemens",
    "ManufacturersModelName": "TrioTim",
    "PhaseEncodingDirection": "i-",
    "ProcedureStepDescription": "head_Dosenbach_MSC",
    "ProtocolName": "T2_.8x.8x.8_224Slices",
    "RepetitionTime": 3.2,
    "ScanningSequence": "SE",
    "SequenceName": "_spc3d1_282ns",
    "SequenceVariant": "SK_SP",
    "SeriesDescription": "T2_.8x.8x.8_224Slices",
    "modality": "T2w",
    "run_id": "01",
    "session_id": "struct01",
    "subject_id": "MSC07"
  },
  "cjv": 0.8865828763943195,
  "cnr": 1.3397857643405244,
  "efc": 0.5659559399799874,
  "fber": 1915.9241943359375,
  "fwhm_avg": 2.346047629576857,
  "fwhm_x": 2.2057994740964237,
  "fwhm_y": 2.597176195121951,
  "fwhm_z": 2.235167219512195,
  "icvs_csf": 0.29549524544988703,
  "icvs_gm": 0.667187338867595,
  "icvs_wm": 0.03731741568251806,
  "inu_med": 1.2505751848220825,
  "inu_range": 0.41247376799583435,
  "provenance": {
    "md5sum": "08acdc14cd68ba91e464c96a606e9c67",
    "settings": {
      "testing": false
    },
    "software": "mriqc",
    "version": "0.9.6",
    "warnings": {
      "large_rot_frame": true,
      "small_air_mask": false
    }
  },
  "qi_1": 0.00038792646680358686,
  "qi_2": 0.004798477024120819,
  "rpve_csf": 11.826426229186783,
  "rpve_gm": 6.944077730359602,
  "rpve_wm": 93.45275593062492,
  "size_x": 224,
  "size_y": 256,
  "size_z": 256,
  "snr_csf": 3.101046535726207,
  "snr_gm": 6.3780816498196,
  "snr_total": 4.205586972817403,
  "snr_wm": 3.1376327329063995,
  "snrd_csf": 75.2372866012599,
  "snrd_gm": 36.70530685013792,
  "snrd_total": 45.272206798966884,
  "snrd_wm": 23.874026945502813,
  "spacing_x": 0.8000001907348633,
  "spacing_y": 0.80078125,
  "spacing_z": 0.80078125,
  "summary_bg_k": 50.715919049882345,
  "summary_bg_mad": 27.612991333007812,
  "summary_bg_mean": 40.45537567138672,
  "summary_bg_median": 33.616451263427734,
  "summary_bg_n": 4437861.0,
  "summary_bg_p05": 0.0,
  "summary_bg_p95": 118.03726959228516,
  "summary_bg_stdv": 42.380245208740234,
  "summary_csf_k": -0.6256480743097321,
  "summary_csf_mad": 1116.140869140625,
  "summary_csf_mean": 3356.864990234375,
  "summary_csf_median": 3171.135986328125,
  "summary_csf_n": 124962.0,
  "summary_csf_p05": 2042.5716918945313,
  "summary_csf_p95": 5155.700366210937,
  "summary_csf_stdv": 1022.5977783203125,
  "summary_gm_k": 0.5809500130680565,
  "summary_gm_mad": 233.83209228515625,
  "summary_gm_mean": 1567.378662109375,
  "summary_gm_median": 1547.072265625,
  "summary_gm_n": 598420.0,
  "summary_gm_p05": 1205.6947875976562,
  "summary_gm_p95": 1992.9915832519525,
  "summary_gm_stdv": 242.560546875,
  "summary_wm_k": 0.6820199976859254,
  "summary_wm_mad": 245.64852905273438,
  "summary_wm_mean": 954.3903198242188,
  "summary_wm_median": 1006.2535400390625,
  "summary_wm_n": 190.0,
  "summary_wm_p05": 269.4709632873536,
  "summary_wm_p95": 1360.722991943359,
  "summary_wm_stdv": 319.859619140625,
  "tpm_overlap_csf": 0.1647736132144928,
  "tpm_overlap_gm": 0.3896928131580353,
  "tpm_overlap_wm": 0.05414288491010666,
  "wm2max": 0.1882596028663426
}