{
  "bids_meta": {
    "BodyPartExamined": "HEAD",
    "ConversionSoftware": "dcm2niix",
    "ConversionSoftwareVersion": "v1.0.20170411 GCC4.4.7",
    "EchoTime": 0.479,
    "FlipAngle": 120,
    "ImageType": [
      "ORIGINAL",
      "PRIMARY",
      "M",
      "ND",
      "NORM"
    ],
    "MagneticFieldStrength": 3,
    "Manufacturer": "Siemens",
    "ManufacturersModelName": "TrioTim",
    "PhaseEncodingDirection": "i-",
    "ProcedureStepDescription": "head_Dosenbach_MSC",
    "ProtocolName": "T2_.8x.8x.8_224Slices",
    "RepetitionTime": 3.2,
    "ScanningSequence": "SE",
    "SequenceName": "_spc3d1_282ns",
    "SequenceVariant": "SK_SP",
    "SeriesDescription": "T2_.8x.8x.8_224Slices",
    "modality": "T2w",
    "run_id": "01",
    "session_id": "struct02",
    "subject_id": "MSC02"
  },
  "cjv": 0.9566551017876227,
  "cnr": 1.3311905711691472,
  "efc": 0.6560261913152675,
  "fber": 205.62083435058594,
  "fwhm_avg": 2.5096473908104184,
  "fwhm_x": 2.3034826602361336,
  "fwhm_y": 2.8290747317073173,
  "fwhm_z": 2.396384780487805,
  "icvs_csf": 0.25875656284898974,
  "icvs_gm": 0.6685141746553945,
  "icvs_wm": 0.0727292624956157,
  "inu_med": 1.2718026638031006,
  "inu_range": 0.5350030958652496,
  "provenance": {
    "md5sum": "37912602195d8c13b93668aa7f43b74c",
    "settings": {
      "testing": false
    },
    "software": "mriqc",
    "version": "0.9.6",
    "warnings": {
      "large_rot_frame": true,
      "small_air_mask": false
    }
  },
  "qi_1": 0.0,
  "qi_2": 0.0034111373043487075,
  "rpve_csf": 11.525614449987074,
  "rpve_gm": 5.875034546819322,
  "rpve_wm": 40.91562240803425,
  "size_x": 224,
  "size_y": 256,
  "size_z": 256,
  "snr_csf": 3.101610321178306,
  "snr_gm": 6.026867631942966,
  "snr_total": 4.485399129297351,
  "snr_wm": 4.32771943477078,
  "snrd_csf": 37.351584253184285,
  "snrd_gm": 16.47307085878541,
  "snrd_total": 21.659163122662502,
  "snrd_wm": 11.152834256017815,
  "spacing_x": 0.8000016808509827,
  "spacing_y": 0.80078125,
  "spacing_z": 0.80078125,
  "summary_bg_k": 4.5312879376810455,
  "summary_bg_mad": 58.7023811340332,
  "summary_bg_mean": 105.52865600585938,
  "summary_bg_median": 58.08509826660156,
  "summary_bg_n": 3647064.0,
  "summary_bg_p05": 0.0,
  "summary_bg_p95": 372.63509674072264,
  "summary_bg_stdv": 122.41374969482422,
  "summary_csf_k": -1.069035455566157,
  "summary_csf_mad": 1403.3778076171875,
  "summary_csf_mean": 3414.093505859375,
  "summary_csf_median": 3346.8251953125,
  "summary_csf_n": 106129.0,
  "summary_csf_p05": 1944.3697509765625,
  "summary_csf_p95": 5066.24228515625,
  "summary_csf_stdv": 1079.055419921875,
  "summary_gm_k": 0.19343710848314677,
  "summary_gm_mad": 241.2448272705078,
  "summary_gm_mean": 1487.3331298828125,
  "summary_gm_median": 1476.04150390625,
  "summary_gm_n": 554863.0,
  "summary_gm_p05": 1103.6382934570313,
  "summary_gm_p95": 1907.8077392578125,
  "summary_gm_stdv": 244.91000366210938,
  "summary_wm_k": 1.1831471079253033,
  "summary_wm_mad": 214.80294799804688,
  "summary_wm_mean": 991.5794067382812,
  "summary_wm_median": 999.3307495117188,
  "summary_wm_n": 1171.0,
  "summary_wm_p05": 588.137451171875,
  "summary_wm_p95": 1359.5184326171875,
  "summary_wm_stdv": 230.81532287597656,
  "tpm_overlap_csf": 0.18822237849235535,
  "tpm_overlap_gm": 0.4030795395374298,
  "tpm_overlap_wm": 0.10860256850719452,
  "wm2max": 0.194586768392984
}