{
  "aor": 0.0011841442542787285,
  "aqi": 0.014387994205378974,
  "bids_meta": {
    "BodyPartExamined": "HEAD",
    "CogAtlasID": "http://www.cognitiveatlas.org/term/id/trm_4c8a834779883",
    "ConversionSoftware": "dcm2niix",
    "ConversionSoftwareVersion": "v1.0.20170411 GCC4.4.7",
    "EchoTime": 0.027,
    "EffectiveEchoSpacing": 0.000590001,
    "FlipAngle": 90,
    "ImageType": [
      "ORIGINAL",
      "PRIMARY",
      "M",
      "ND",
      "NORM",
      "MOSAIC"
    ],
    "Instructions": "During this first scan, a plus sign will be presented on the screen.  All you need to do is simply relax and look at the plus sign. Please keep your eyes open the entire time, and be as still as possible. It's extremely important that you stay awake for the entire duration of this scan. This scan will last ~30 minutes.",
    "MagneticFieldStrength": 3,
    "Manufacturer": "Siemens",
    "ManufacturersModelName": "TrioTim",
    "PhaseEncodingDirection": "j-",
    "ProcedureStepDescription": "head_Dosenbach_MSC",
    "ProtocolName": "RSFC_818Frames_36Slices_TR2.2",
    "RepetitionTime": 2.2,
    "ScanningSequence": "EP",
    "SequenceName": "_epfid2d1_64",
    "SequenceVariant": "SK",
    "SeriesDescription": "RSFC_818Frames_36Slices_TR2.2",
    "SliceTiming": [
      1.105,
      0,
      1.165,
      0.06,
      1.2275,
      0.1225,
      1.2875,
      0.185,
      1.35,
      0.245,
      1.41,
      0.3075,
      1.4725,
      0.3675,
      1.5325,
      0.43,
      1.595,
      0.49,
      1.655,
      0.5525,
      1.7175,
      0.6125,
      1.78,
      0.675,
      1.84,
      0.735,
      1.9025,
      0.7975,
      1.9625,
      0.8575,
      2.025,
      0.92,
      2.085,
      0.9825,
      2.1475,
      1.0425
    ],
    "SoftwareVersion": "syngo MR B17",
    "TaskName": "rest",
    "modality": "bold",
    "session_id": "func02",
    "subject_id": "MSC09",
    "task_id": "rest"
  },
  "dummy_trs": 0,
  "dvars_nstd": 20.613325253194617,
  "dvars_std": 1.1551295249204405,
  "dvars_vstd": 0.8986607246511635,
  "efc": 0.43488454256451,
  "fber": 27586.2421875,
  "fd_mean": 0.1685514839129234,
  "fd_num": 246,
  "fd_perc": 30.073349633251834,
  "fwhm_avg": 2.6101714186152907,
  "fwhm_x": 2.3033676372914096,
  "fwhm_y": 3.058525,
  "fwhm_z": 2.468621618554461,
  "gcor": 0.0425854,
  "gsr_x": -0.019244611263275146,
  "gsr_y": 0.018706774339079857,
  "provenance": {
    "md5sum": "9c2f3c9f1442de8069d4d627eff6053a",
    "settings": {
      "fd_thres": 0.2,
      "hmc_fsl": false
    },
    "software": "mriqc",
    "version": "0.9.6"
  },
  "size_t": 818,
  "size_x": 64,
  "size_y": 64,
  "size_z": 36,
  "snr": 5.036368433628728,
  "spacing_tr": 2.200000047683716,
  "spacing_x": 3.999999761581421,
  "spacing_y": 4.0,
  "spacing_z": 3.99999737739563,
  "summary_bg_k": 35.546411343246255,
  "summary_bg_mad": 3.3893232345581055,
  "summary_bg_mean": 18.466365814208984,
  "summary_bg_median": 4.123472213745117,
  "summary_bg_n": 93869.0,
  "summary_bg_p05": 1.389975666999817,
  "summary_bg_p95": 94.7256759643553,
  "summary_bg_stdv": 41.45863342285156,
  "summary_fg_k": 4.334344399122138,
  "summary_fg_mad": 90.53302764892578,
  "summary_fg_mean": 690.11083984375,
  "summary_fg_median": 711.7481689453125,
  "summary_fg_n": 24095.0,
  "summary_fg_p05": 403.357470703125,
  "summary_fg_p95": 860.4944030761719,
  "summary_fg_stdv": 141.3187713623047,
  "tsnr": 48.410400390625
}