{
  "aor": 0.004628076923076923,
  "aqi": 0.004635832307692308,
  "bids_meta": {
    "BodyPartExamined": "HEAD",
    "CogAtlasID": "http://www.cognitiveatlas.org/term/id/trm_550b53d7dd674",
    "ConversionSoftware": "dcm2niix",
    "ConversionSoftwareVersion": "v1.0.20170411 GCC4.4.7",
    "EchoTime": 0.027,
    "EffectiveEchoSpacing": 0.000590001,
    "FlipAngle": 90,
    "ImageType": [
      "ORIGINAL",
      "PRIMARY",
      "M",
      "ND",
      "NORM",
      "MOSAIC"
    ],
    "Instructions": "In this next scan you'll be prompted to move your hands, feet, or tongue. You'll only move one of these at once. Instructions are presented on the screen. Let?s review them now. [Read on-screen instructions to participant.] Do you have any questions?",
    "MagneticFieldStrength": 3,
    "Manufacturer": "Siemens",
    "ManufacturersModelName": "TrioTim",
    "PhaseEncodingDirection": "j-",
    "ProcedureStepDescription": "head_Dosenbach_MSC",
    "ProtocolName": "Motor_104Frames_36Slices_TR2.2",
    "RepetitionTime": 2.2,
    "ScanningSequence": "EP",
    "SequenceName": "_epfid2d1_64",
    "SequenceVariant": "SK",
    "SeriesDescription": "Motor_104Frames_36Slices_TR2.2",
    "SliceTiming": [
      1.105,
      0,
      1.1675,
      0.0625,
      1.2275,
      0.1225,
      1.29,
      0.185,
      1.35,
      0.245,
      1.4125,
      0.3075,
      1.4725,
      0.37,
      1.535,
      0.43,
      1.595,
      0.4925,
      1.6575,
      0.5525,
      1.7175,
      0.615,
      1.78,
      0.675,
      1.84,
      0.7375,
      1.9025,
      0.7975,
      1.965,
      0.86,
      2.025,
      0.92,
      2.0875,
      0.9825,
      2.1475,
      1.0425
    ],
    "SoftwareVersion": "syngo MR B17",
    "TaskName": "motor",
    "modality": "bold",
    "run_id": "01",
    "session_id": "func04",
    "subject_id": "MSC01",
    "task_id": "motor"
  },
  "dummy_trs": 0,
  "dvars_nstd": 20.200179387184466,
  "dvars_std": 1.288836016990291,
  "dvars_vstd": 1.0232050189320392,
  "efc": 0.4140409956181271,
  "fber": 25972.859375,
  "fd_mean": 0.20131526899210855,
  "fd_num": 49,
  "fd_perc": 47.11538461538461,
  "fwhm_avg": 2.3594336475415347,
  "fwhm_x": 2.10842,
  "fwhm_y": 2.71065,
  "fwhm_z": 2.2592309426246047,
  "gcor": 0.0447417,
  "gsr_x": -0.009878745302557945,
  "gsr_y": 0.011056242510676384,
  "provenance": {
    "md5sum": "9dfb83409703668d44834c8f43149ec4",
    "settings": {
      "fd_thres": 0.2,
      "hmc_fsl": false
    },
    "software": "mriqc",
    "version": "0.9.6"
  },
  "size_t": 104,
  "size_x": 64,
  "size_y": 64,
  "size_z": 36,
  "snr": 4.933768390549086,
  "spacing_tr": 2.200000047683716,
  "spacing_x": 4.0,
  "spacing_y": 4.0,
  "spacing_z": 3.9999983310699463,
  "summary_bg_k": 36.16057320484871,
  "summary_bg_mad": 2.893925189971924,
  "summary_bg_mean": 16.170127868652344,
  "summary_bg_median": 3.932692527770996,
  "summary_bg_n": 97278.0,
  "summary_bg_p05": 1.4903846979141235,
  "summary_bg_p95": 73.3269271850586,
  "summary_bg_stdv": 35.73577117919922,
  "summary_fg_k": 4.12528428735142,
  "summary_fg_mad": 91.5220947265625,
  "summary_fg_mean": 647.1031494140625,
  "summary_fg_median": 662.2692260742188,
  "summary_fg_n": 21519.0,
  "summary_fg_p05": 380.9875,
  "summary_fg_p95": 817.3288879394531,
  "summary_fg_stdv": 134.2288055419922,
  "tsnr": 83.56765747070312
}