{
  "aor": 0.005854168704156478,
  "aqi": 0.02265004535452323,
  "bids_meta": {
    "BodyPartExamined": "HEAD",
    "CogAtlasID": "http://www.cognitiveatlas.org/term/id/trm_4c8a834779883",
    "ConversionSoftware": "dcm2niix",
    "ConversionSoftwareVersion": "v1.0.20170411 GCC4.4.7",
    "EchoTime": 0.027,
    "EffectiveEchoSpacing": 0.000590001,
    "FlipAngle": 90,
    "ImageType": [
      "ORIGINAL",
      "PRIMARY",
      "M",
      "ND",
      "NORM",
      "MOSAIC"
    ],
    "Instructions": "During this first scan, a plus sign will be presented on the screen.  All you need to do is simply relax and look at the plus sign. Please keep your eyes open the entire time, and be as still as possible. It's extremely important that you stay awake for the entire duration of this scan. This scan will last ~30 minutes.",
    "MagneticFieldStrength": 3,
    "Manufacturer": "Siemens",
    "ManufacturersModelName": "TrioTim",
    "PhaseEncodingDirection": "j-",
    "ProcedureStepDescription": "head_Dosenbach_MSC",
    "ProtocolName": "RSFC_818Frames_36Slices_TR2.2",
    "RepetitionTime": 2.2,
    "ScanningSequence": "EP",
    "SequenceName": "_epfid2d1_64",
    "SequenceVariant": "SK",
    "SeriesDescription": "RSFC_818Frames_36Slices_TR2.2",
    "SliceTiming": [
      1.105,
      0,
      1.165,
      0.06,
      1.2275,
      0.1225,
      1.2875,
      0.185,
      1.35,
      0.245,
      1.41,
      0.3075,
      1.4725,
      0.3675,
      1.5325,
      0.43,
      1.595,
      0.49,
      1.655,
      0.5525,
      1.7175,
      0.6125,
      1.78,
      0.675,
      1.84,
      0.735,
      1.9025,
      0.7975,
      1.9625,
      0.8575,
      2.025,
      0.92,
      2.085,
      0.9825,
      2.1475,
      1.0425
    ],
    "SoftwareVersion": "syngo MR B17",
    "TaskName": "rest",
    "modality": "bold",
    "session_id": "func04",
    "subject_id": "MSC09",
    "task_id": "rest"
  },
  "dummy_trs": 0,
  "dvars_nstd": 24.246972849608312,
  "dvars_std": 1.217101552423501,
  "dvars_vstd": 0.9860717008690327,
  "efc": 0.4385219497831947,
  "fber": 25756.75,
  "fd_mean": 0.22930499792102643,
  "fd_num": 412,
  "fd_perc": 50.36674816625917,
  "fwhm_avg": 2.6213714362385954,
  "fwhm_x": 2.34516,
  "fwhm_y": 3.0737001832068076,
  "fwhm_z": 2.4452541255089786,
  "gcor": 0.024639,
  "gsr_x": -0.01717320643365383,
  "gsr_y": 0.021199600771069527,
  "provenance": {
    "md5sum": "9f8369adfe74f69da24f60636e08fee9",
    "settings": {
      "fd_thres": 0.2,
      "hmc_fsl": false
    },
    "software": "mriqc",
    "version": "0.9.6"
  },
  "size_t": 818,
  "size_x": 64,
  "size_y": 64,
  "size_z": 36,
  "snr": 4.996154150242788,
  "spacing_tr": 2.200000047683716,
  "spacing_x": 4.0,
  "spacing_y": 3.999999761581421,
  "spacing_z": 4.000001430511475,
  "summary_bg_k": 32.08978035621073,
  "summary_bg_mad": 3.3313241004943848,
  "summary_bg_mean": 20.23212242126465,
  "summary_bg_median": 4.331295967102051,
  "summary_bg_n": 93711.0,
  "summary_bg_p05": 1.5953545570373535,
  "summary_bg_p95": 105.45232772827148,
  "summary_bg_stdv": 44.93659591674805,
  "summary_fg_k": 4.311185599112388,
  "summary_fg_mad": 91.60045623779297,
  "summary_fg_mean": 691.6151123046875,
  "summary_fg_median": 712.0868530273438,
  "summary_fg_n": 24281.0,
  "summary_fg_p05": 403.2164001464844,
  "summary_fg_p95": 863.2322998046875,
  "summary_fg_stdv": 142.52406311035156,
  "tsnr": 36.8900146484375
}