{
  "aor": 0.005211057692307692,
  "aqi": 0.019765816826923074,
  "bids_meta": {
    "BodyPartExamined": "HEAD",
    "CogAtlasID": "http://www.cognitiveatlas.org/term/id/trm_550b53d7dd674",
    "ConversionSoftware": "dcm2niix",
    "ConversionSoftwareVersion": "v1.0.20170411 GCC4.4.7",
    "EchoTime": 0.027,
    "EffectiveEchoSpacing": 0.000590001,
    "FlipAngle": 90,
    "ImageType": [
      "ORIGINAL",
      "PRIMARY",
      "M",
      "ND",
      "NORM",
      "MOSAIC"
    ],
    "Instructions": "In this next scan you'll be prompted to move your hands, feet, or tongue. You'll only move one of these at once. Instructions are presented on the screen. Let?s review them now. [Read on-screen instructions to participant.] Do you have any questions?",
    "MagneticFieldStrength": 3,
    "Manufacturer": "Siemens",
    "ManufacturersModelName": "TrioTim",
    "PhaseEncodingDirection": "j-",
    "ProcedureStepDescription": "head_Dosenbach_MSC",
    "ProtocolName": "Motor_104Frames_36Slices_TR2.2",
    "RepetitionTime": 2.2,
    "ScanningSequence": "EP",
    "SequenceName": "_epfid2d1_64",
    "SequenceVariant": "SK",
    "SeriesDescription": "Motor_104Frames_36Slices_TR2.2",
    "SliceTiming": [
      1.105,
      0,
      1.1675,
      0.0625,
      1.2275,
      0.1225,
      1.29,
      0.185,
      1.35,
      0.245,
      1.4125,
      0.3075,
      1.4725,
      0.37,
      1.535,
      0.43,
      1.595,
      0.4925,
      1.6575,
      0.5525,
      1.7175,
      0.615,
      1.78,
      0.675,
      1.84,
      0.7375,
      1.9025,
      0.7975,
      1.965,
      0.86,
      2.025,
      0.92,
      2.0875,
      0.9825,
      2.1475,
      1.0425
    ],
    "SoftwareVersion": "syngo MR B17",
    "TaskName": "motor",
    "modality": "bold",
    "run_id": "02",
    "session_id": "func06",
    "subject_id": "MSC05",
    "task_id": "motor"
  },
  "dummy_trs": 0,
  "dvars_nstd": 19.081438721747567,
  "dvars_std": 1.010537773592233,
  "dvars_vstd": 0.8750439653398052,
  "efc": 0.4243821696091527,
  "fber": 27310.91015625,
  "fd_mean": 0.21594591231774335,
  "fd_num": 51,
  "fd_perc": 49.03846153846154,
  "fwhm_avg": 2.5548838796024556,
  "fwhm_x": 2.2987075,
  "fwhm_y": 2.957875,
  "fwhm_z": 2.4080691388073663,
  "gcor": 0.00757516,
  "gsr_x": -0.01374093722552061,
  "gsr_y": 0.01594514399766922,
  "provenance": {
    "md5sum": "41255b1450aa5ed20f00d1022a088b10",
    "settings": {
      "fd_thres": 0.2,
      "hmc_fsl": false
    },
    "software": "mriqc",
    "version": "0.9.6"
  },
  "size_t": 104,
  "size_x": 64,
  "size_y": 64,
  "size_z": 36,
  "snr": 5.158826883971007,
  "spacing_tr": 2.200000047683716,
  "spacing_x": 4.0,
  "spacing_y": 4.0,
  "spacing_z": 4.000001430511475,
  "summary_bg_k": 39.749945038661544,
  "summary_bg_mad": 4.134179592132568,
  "summary_bg_mean": 19.795549392700195,
  "summary_bg_median": 4.54807710647583,
  "summary_bg_n": 95578.0,
  "summary_bg_p05": 1.1538461446762085,
  "summary_bg_p95": 96.65528984069819,
  "summary_bg_stdv": 46.3892707824707,
  "summary_fg_k": 4.355069281536538,
  "summary_fg_mad": 101.96456146240234,
  "summary_fg_mean": 756.7334594726562,
  "summary_fg_median": 777.0288696289062,
  "summary_fg_n": 22832.0,
  "summary_fg_p05": 457.46829376220705,
  "summary_fg_p95": 940.9736083984376,
  "summary_fg_stdv": 150.61793518066406,
  "tsnr": 41.533329010009766
}