{
  "bids_meta": {
    "BodyPartExamined": "HEAD",
    "ConversionSoftware": "dcm2niix",
    "ConversionSoftwareVersion": "v1.0.20170411 GCC4.4.7",
    "EchoTime": 0.479,
    "FlipAngle": 120,
    "ImageType": [
      "ORIGINAL",
      "PRIMARY",
      "M",
      "ND",
      "NORM"
    ],
    "MagneticFieldStrength": 3,
    "Manufacturer": "Siemens",
    "ManufacturersModelName": "TrioTim",
    "PhaseEncodingDirection": "i-",
    "ProcedureStepDescription": "head_Dosenbach_MSC",
    "ProtocolName": "T2_.8x.8x.8_224Slices",
    "RepetitionTime": 3.2,
    "ScanningSequence": "SE",
    "SequenceName": "_spc3d1_282ns",
    "SequenceVariant": "SK_SP",
    "SeriesDescription": "T2_.8x.8x.8_224Slices",
    "modality": "T2w",
    "run_id": "02",
    "session_id": "struct02",
    "subject_id": "MSC05"
  },
  "cjv": 0.4022809973995622,
  "cnr": 2.705971927358319,
  "efc": 0.6385255953301283,
  "fber": 892.9214477539062,
  "fwhm_avg": 2.3212392302924725,
  "fwhm_x": 2.1616447152676614,
  "fwhm_y": 2.5764339512195122,
  "fwhm_z": 2.2256390243902437,
  "icvs_csf": 0.40195651313909725,
  "icvs_gm": 0.09583839233517685,
  "icvs_wm": 0.5022050945257258,
  "inu_med": 1.168283224105835,
  "inu_range": 0.48532798290252677,
  "provenance": {
    "md5sum": "b5bbd617db245700a454907abdb236b3",
    "settings": {
      "testing": false
    },
    "software": "mriqc",
    "version": "0.9.6",
    "warnings": {
      "large_rot_frame": true,
      "small_air_mask": false
    }
  },
  "qi_1": 7.180435838264799e-05,
  "qi_2": 0.0015425051027454062,
  "rpve_csf": 8.372240987025414,
  "rpve_gm": 38.32580556464812,
  "rpve_wm": 7.385144161421453,
  "size_x": 224,
  "size_y": 256,
  "size_z": 256,
  "snr_csf": 8.774210872032688,
  "snr_gm": 4.185210881430451,
  "snr_total": 6.848594842986633,
  "snr_wm": 7.586362775496762,
  "snrd_csf": 46.264878891880485,
  "snrd_gm": 86.52579690511192,
  "snrd_total": 54.102492147835356,
  "snrd_wm": 29.516800646513666,
  "spacing_x": 0.7999973297119141,
  "spacing_y": 0.80078125,
  "spacing_z": 0.80078125,
  "summary_bg_k": 124.92666404205931,
  "summary_bg_mad": 22.194087982177734,
  "summary_bg_mean": 34.642704010009766,
  "summary_bg_median": 26.86157989501953,
  "summary_bg_n": 3212237.0,
  "summary_bg_p05": 0.0,
  "summary_bg_p95": 98.23249206542957,
  "summary_bg_stdv": 38.79380416870117,
  "summary_csf_k": 0.44164479942819046,
  "summary_csf_mad": 172.45132446289062,
  "summary_csf_mean": 1571.357666015625,
  "summary_csf_median": 1567.317626953125,
  "summary_csf_n": 117470.0,
  "summary_csf_p05": 1286.5519165039063,
  "summary_csf_p95": 1868.6677062988279,
  "summary_csf_stdv": 178.6269989013672,
  "summary_gm_k": 1.3050110228771912,
  "summary_gm_mad": 647.1971435546875,
  "summary_gm_mean": 2840.911865234375,
  "summary_gm_median": 2931.23876953125,
  "summary_gm_n": 25171.0,
  "summary_gm_p05": 1510.49462890625,
  "summary_gm_p95": 3767.4110107421875,
  "summary_gm_stdv": 700.3662719726562,
  "summary_wm_k": 0.20544761216282437,
  "summary_wm_mad": 129.72679138183594,
  "summary_wm_mean": 1000.4630737304688,
  "summary_wm_median": 999.942138671875,
  "summary_wm_n": 479101.0,
  "summary_wm_p05": 784.8873901367188,
  "summary_wm_p95": 1216.9737548828125,
  "summary_wm_stdv": 131.80770874023438,
  "tpm_overlap_csf": 0.11757524311542511,
  "tpm_overlap_gm": 0.09666841477155685,
  "tpm_overlap_wm": 0.4907672703266144,
  "wm2max": 0.2814766957337253
}