{
  "aor": 0.003990480769230769,
  "aqi": 0.009944765961538461,
  "bids_meta": {
    "BodyPartExamined": "HEAD",
    "CogAtlasID": "http://www.cognitiveatlas.org/term/id/trm_550b53d7dd674",
    "ConversionSoftware": "dcm2niix",
    "ConversionSoftwareVersion": "v1.0.20170411 GCC4.4.7",
    "EchoTime": 0.027,
    "EffectiveEchoSpacing": 0.000590001,
    "FlipAngle": 90,
    "ImageType": [
      "ORIGINAL",
      "PRIMARY",
      "M",
      "ND",
      "NORM",
      "MOSAIC"
    ],
    "Instructions": "In this next scan you'll be prompted to move your hands, feet, or tongue. You'll only move one of these at once. Instructions are presented on the screen. Let?s review them now. [Read on-screen instructions to participant.] Do you have any questions?",
    "MagneticFieldStrength": 3,
    "Manufacturer": "Siemens",
    "ManufacturersModelName": "TrioTim",
    "PhaseEncodingDirection": "j-",
    "ProcedureStepDescription": "head_Dosenbach_MSC",
    "ProtocolName": "Motor_104Frames_36Slices_TR2.2",
    "RepetitionTime": 2.2,
    "ScanningSequence": "EP",
    "SequenceName": "_epfid2d1_64",
    "SequenceVariant": "SK",
    "SeriesDescription": "Motor_104Frames_36Slices_TR2.2",
    "SliceTiming": [
      1.105,
      0,
      1.1675,
      0.0625,
      1.2275,
      0.1225,
      1.29,
      0.185,
      1.35,
      0.245,
      1.4125,
      0.3075,
      1.4725,
      0.37,
      1.535,
      0.43,
      1.595,
      0.4925,
      1.6575,
      0.5525,
      1.7175,
      0.615,
      1.78,
      0.675,
      1.84,
      0.7375,
      1.9025,
      0.7975,
      1.965,
      0.86,
      2.025,
      0.92,
      2.0875,
      0.9825,
      2.1475,
      1.0425
    ],
    "SoftwareVersion": "syngo MR B17",
    "TaskName": "motor",
    "modality": "bold",
    "run_id": "02",
    "session_id": "func04",
    "subject_id": "MSC07",
    "task_id": "motor"
  },
  "dummy_trs": 0,
  "dvars_nstd": 19.01495115980583,
  "dvars_std": 1.1365124042718444,
  "dvars_vstd": 0.918573753883495,
  "efc": 0.39226057150953475,
  "fber": 37425.47265625,
  "fd_mean": 0.2120014341627984,
  "fd_num": 40,
  "fd_perc": 38.46153846153846,
  "fwhm_avg": 2.4125541666666668,
  "fwhm_x": 2.2158125,
  "fwhm_y": 2.71685,
  "fwhm_z": 2.305,
  "gcor": 0.0212469,
  "gsr_x": -0.015755847096443176,
  "gsr_y": 0.015283512882888317,
  "provenance": {
    "md5sum": "7e4f6777c5a0b47c887680dfb9d13463",
    "settings": {
      "fd_thres": 0.2,
      "hmc_fsl": false
    },
    "software": "mriqc",
    "version": "0.9.6"
  },
  "size_t": 104,
  "size_x": 64,
  "size_y": 64,
  "size_z": 36,
  "snr": 5.324767660595212,
  "spacing_tr": 2.200000047683716,
  "spacing_x": 4.0,
  "spacing_y": 4.0,
  "spacing_z": 4.0,
  "summary_bg_k": 42.19676861641817,
  "summary_bg_mad": 2.7656233310699463,
  "summary_bg_mean": 15.776534080505371,
  "summary_bg_median": 3.769230842590332,
  "summary_bg_n": 98890.0,
  "summary_bg_p05": 1.461538553237915,
  "summary_bg_p95": 76.62067413330067,
  "summary_bg_stdv": 39.35215377807617,
  "summary_fg_k": 4.225344242738719,
  "summary_fg_mad": 102.77001953125,
  "summary_fg_mean": 745.6929321289062,
  "summary_fg_median": 760.9327392578125,
  "summary_fg_n": 19935.0,
  "summary_fg_p05": 481.3452117919922,
  "summary_fg_p95": 928.0250244140624,
  "summary_fg_stdv": 142.90081787109375,
  "tsnr": 60.51954650878906
}