{
  "aor": 0.004063461538461538,
  "aqi": 0.007008931057692309,
  "bids_meta": {
    "BodyPartExamined": "HEAD",
    "CogAtlasID": "http://www.cognitiveatlas.org/term/id/trm_550b53d7dd674",
    "ConversionSoftware": "dcm2niix",
    "ConversionSoftwareVersion": "v1.0.20170411 GCC4.4.7",
    "EchoTime": 0.027,
    "EffectiveEchoSpacing": 0.000590001,
    "FlipAngle": 90,
    "ImageType": [
      "ORIGINAL",
      "PRIMARY",
      "M",
      "ND",
      "NORM",
      "MOSAIC"
    ],
    "Instructions": "In this next scan you'll be prompted to move your hands, feet, or tongue. You'll only move one of these at once. Instructions are presented on the screen. Let?s review them now. [Read on-screen instructions to participant.] Do you have any questions?",
    "MagneticFieldStrength": 3,
    "Manufacturer": "Siemens",
    "ManufacturersModelName": "TrioTim",
    "PhaseEncodingDirection": "j-",
    "ProcedureStepDescription": "head_Dosenbach_MSC",
    "ProtocolName": "Motor_104Frames_36Slices_TR2.2",
    "RepetitionTime": 2.2,
    "ScanningSequence": "EP",
    "SequenceName": "_epfid2d1_64",
    "SequenceVariant": "SK",
    "SeriesDescription": "Motor_104Frames_36Slices_TR2.2",
    "SliceTiming": [
      1.105,
      0,
      1.1675,
      0.0625,
      1.2275,
      0.1225,
      1.29,
      0.185,
      1.35,
      0.245,
      1.4125,
      0.3075,
      1.4725,
      0.37,
      1.535,
      0.43,
      1.595,
      0.4925,
      1.6575,
      0.5525,
      1.7175,
      0.615,
      1.78,
      0.675,
      1.84,
      0.7375,
      1.9025,
      0.7975,
      1.965,
      0.86,
      2.025,
      0.92,
      2.0875,
      0.9825,
      2.1475,
      1.0425
    ],
    "SoftwareVersion": "syngo MR B17",
    "TaskName": "motor",
    "modality": "bold",
    "run_id": "02",
    "session_id": "func04",
    "subject_id": "MSC09",
    "task_id": "motor"
  },
  "dummy_trs": 0,
  "dvars_nstd": 21.190188519029128,
  "dvars_std": 1.263743250970874,
  "dvars_vstd": 1.0029598113592233,
  "efc": 0.4355960349941543,
  "fber": 27045.369140625,
  "fd_mean": 0.1850253014991176,
  "fd_num": 37,
  "fd_perc": 35.57692307692308,
  "fwhm_avg": 2.504102272883262,
  "fwhm_x": 2.26018,
  "fwhm_y": 2.868800170993815,
  "fwhm_z": 2.383326647655971,
  "gcor": 0.0141747,
  "gsr_x": -0.01770802028477192,
  "gsr_y": 0.01921546459197998,
  "provenance": {
    "md5sum": "3d59ec002c72d5535aa70782d97961fe",
    "settings": {
      "fd_thres": 0.2,
      "hmc_fsl": false
    },
    "software": "mriqc",
    "version": "0.9.6"
  },
  "size_t": 104,
  "size_x": 64,
  "size_y": 64,
  "size_z": 36,
  "snr": 5.138597122989495,
  "spacing_tr": 2.200000047683716,
  "spacing_x": 4.0,
  "spacing_y": 3.999999761581421,
  "spacing_z": 4.000001430511475,
  "summary_bg_k": 30.23882812930802,
  "summary_bg_mad": 3.0507395267486572,
  "summary_bg_mean": 20.64809226989746,
  "summary_bg_median": 4.240384578704834,
  "summary_bg_n": 94585.0,
  "summary_bg_p05": 1.6634615659713745,
  "summary_bg_p95": 110.7596206665039,
  "summary_bg_stdv": 45.83777618408203,
  "summary_fg_k": 4.556152055943188,
  "summary_fg_mad": 92.79095458984375,
  "summary_fg_mean": 708.6852416992188,
  "summary_fg_median": 726.860595703125,
  "summary_fg_n": 23512.0,
  "summary_fg_p05": 432.6062576293945,
  "summary_fg_p95": 880.7428344726563,
  "summary_fg_stdv": 141.4481658935547,
  "tsnr": 73.21984100341797
}