{
  "aor": 0.004048653846153847,
  "aqi": 0.004799305961538462,
  "bids_meta": {
    "BodyPartExamined": "HEAD",
    "CogAtlasID": "http://www.cognitiveatlas.org/term/id/trm_550b53d7dd674",
    "ConversionSoftware": "dcm2niix",
    "ConversionSoftwareVersion": "v1.0.20170411 GCC4.4.7",
    "EchoTime": 0.027,
    "EffectiveEchoSpacing": 0.000590001,
    "FlipAngle": 90,
    "ImageType": [
      "ORIGINAL",
      "PRIMARY",
      "M",
      "ND",
      "NORM",
      "MOSAIC"
    ],
    "Instructions": "In this next scan you'll be prompted to move your hands, feet, or tongue. You'll only move one of these at once. Instructions are presented on the screen. Let?s review them now. [Read on-screen instructions to participant.] Do you have any questions?",
    "MagneticFieldStrength": 3,
    "Manufacturer": "Siemens",
    "ManufacturersModelName": "TrioTim",
    "PhaseEncodingDirection": "j-",
    "ProcedureStepDescription": "head_Dosenbach_MSC",
    "ProtocolName": "Motor_104Frames_36Slices_TR2.2",
    "RepetitionTime": 2.2,
    "ScanningSequence": "EP",
    "SequenceName": "_epfid2d1_64",
    "SequenceVariant": "SK",
    "SeriesDescription": "Motor_104Frames_36Slices_TR2.2",
    "SliceTiming": [
      1.105,
      0,
      1.1675,
      0.0625,
      1.2275,
      0.1225,
      1.29,
      0.185,
      1.35,
      0.245,
      1.4125,
      0.3075,
      1.4725,
      0.37,
      1.535,
      0.43,
      1.595,
      0.4925,
      1.6575,
      0.5525,
      1.7175,
      0.615,
      1.78,
      0.675,
      1.84,
      0.7375,
      1.9025,
      0.7975,
      1.965,
      0.86,
      2.025,
      0.92,
      2.0875,
      0.9825,
      2.1475,
      1.0425
    ],
    "SoftwareVersion": "syngo MR B17",
    "TaskName": "motor",
    "modality": "bold",
    "run_id": "01",
    "session_id": "func06",
    "subject_id": "MSC03",
    "task_id": "motor"
  },
  "dummy_trs": 0,
  "dvars_nstd": 19.526128898155346,
  "dvars_std": 1.1990067516504856,
  "dvars_vstd": 0.9988455544660199,
  "efc": 0.3700910528999614,
  "fber": 42323.84765625,
  "fd_mean": 0.26970844346485023,
  "fd_num": 65,
  "fd_perc": 62.5,
  "fwhm_avg": 2.552729813138688,
  "fwhm_x": 2.313505,
  "fwhm_y": 2.993425,
  "fwhm_z": 2.351259439416065,
  "gcor": 0.011754,
  "gsr_x": -0.016914285719394684,
  "gsr_y": 0.014704623259603977,
  "provenance": {
    "md5sum": "b7c177328387fe28e9d5d7af2455debf",
    "settings": {
      "fd_thres": 0.2,
      "hmc_fsl": false
    },
    "software": "mriqc",
    "version": "0.9.6"
  },
  "size_t": 104,
  "size_x": 64,
  "size_y": 64,
  "size_z": 36,
  "snr": 4.8321283873214815,
  "spacing_tr": 2.200000047683716,
  "spacing_x": 4.0,
  "spacing_y": 4.0,
  "spacing_z": 4.000000953674316,
  "summary_bg_k": 46.76489039344036,
  "summary_bg_mad": 1.7534621953964233,
  "summary_bg_mean": 10.502873420715332,
  "summary_bg_median": 2.701923131942749,
  "summary_bg_n": 102139.0,
  "summary_bg_p05": 1.076923131942749,
  "summary_bg_p95": 49.66442527770988,
  "summary_bg_stdv": 24.668428421020508,
  "summary_fg_k": 3.677714429503191,
  "summary_fg_mad": 79.17660522460938,
  "summary_fg_mean": 560.354248046875,
  "summary_fg_median": 579.2692260742188,
  "summary_fg_n": 17703.0,
  "summary_fg_p05": 319.18078918457036,
  "summary_fg_p95": 707.2471191406249,
  "summary_fg_stdv": 119.87530517578125,
  "tsnr": 74.61870574951172
}