{
  "aor": 0.002846730769230769,
  "aqi": 0.008939009326923077,
  "bids_meta": {
    "BodyPartExamined": "HEAD",
    "CogAtlasID": "http://www.cognitiveatlas.org/term/id/trm_550b53d7dd674",
    "ConversionSoftware": "dcm2niix",
    "ConversionSoftwareVersion": "v1.0.20170411 GCC4.4.7",
    "EchoTime": 0.027,
    "EffectiveEchoSpacing": 0.000590001,
    "FlipAngle": 90,
    "ImageType": [
      "ORIGINAL",
      "PRIMARY",
      "M",
      "ND",
      "NORM",
      "MOSAIC"
    ],
    "Instructions": "In this next scan you'll be prompted to move your hands, feet, or tongue. You'll only move one of these at once. Instructions are presented on the screen. Let?s review them now. [Read on-screen instructions to participant.] Do you have any questions?",
    "MagneticFieldStrength": 3,
    "Manufacturer": "Siemens",
    "ManufacturersModelName": "TrioTim",
    "PhaseEncodingDirection": "j-",
    "ProcedureStepDescription": "head_Dosenbach_MSC",
    "ProtocolName": "Motor_104Frames_36Slices_TR2.2",
    "RepetitionTime": 2.2,
    "ScanningSequence": "EP",
    "SequenceName": "_epfid2d1_64",
    "SequenceVariant": "SK",
    "SeriesDescription": "Motor_104Frames_36Slices_TR2.2",
    "SliceTiming": [
      1.105,
      0,
      1.1675,
      0.0625,
      1.2275,
      0.1225,
      1.29,
      0.185,
      1.35,
      0.245,
      1.4125,
      0.3075,
      1.4725,
      0.37,
      1.535,
      0.43,
      1.595,
      0.4925,
      1.6575,
      0.5525,
      1.7175,
      0.615,
      1.78,
      0.675,
      1.84,
      0.7375,
      1.9025,
      0.7975,
      1.965,
      0.86,
      2.025,
      0.92,
      2.0875,
      0.9825,
      2.1475,
      1.0425
    ],
    "SoftwareVersion": "syngo MR B17",
    "TaskName": "motor",
    "modality": "bold",
    "run_id": "01",
    "session_id": "func08",
    "subject_id": "MSC05",
    "task_id": "motor"
  },
  "dummy_trs": 0,
  "dvars_nstd": 19.73472848951457,
  "dvars_std": 1.1521684621359225,
  "dvars_vstd": 0.9337203891262136,
  "efc": 0.4255717832420344,
  "fber": 31587.548828125,
  "fd_mean": 0.19119231276979473,
  "fd_num": 39,
  "fd_perc": 37.5,
  "fwhm_avg": 2.520082738091073,
  "fwhm_x": 2.253545,
  "fwhm_y": 2.91,
  "fwhm_z": 2.3967032142732188,
  "gcor": 0.0145848,
  "gsr_x": -0.013733291067183018,
  "gsr_y": 0.015099878422915936,
  "provenance": {
    "md5sum": "98c29261a3d4f833b3677e32aecc0add",
    "settings": {
      "fd_thres": 0.2,
      "hmc_fsl": false
    },
    "software": "mriqc",
    "version": "0.9.6"
  },
  "size_t": 104,
  "size_x": 64,
  "size_y": 64,
  "size_z": 36,
  "snr": 5.159146355575037,
  "spacing_tr": 2.200000047683716,
  "spacing_x": 4.0,
  "spacing_y": 4.0,
  "spacing_z": 3.9999988079071045,
  "summary_bg_k": 39.49231928945619,
  "summary_bg_mad": 3.0222277641296387,
  "summary_bg_mean": 18.662385940551758,
  "summary_bg_median": 4.086538791656494,
  "summary_bg_n": 95152.0,
  "summary_bg_p05": 1.5576924085617065,
  "summary_bg_p95": 92.2639465332031,
  "summary_bg_stdv": 44.47595977783203,
  "summary_fg_k": 4.368925855627527,
  "summary_fg_mad": 96.41905212402344,
  "summary_fg_mean": 737.1967163085938,
  "summary_fg_median": 757.8029174804688,
  "summary_fg_n": 23250.0,
  "summary_fg_p05": 441.0490676879883,
  "summary_fg_p95": 914.864923095703,
  "summary_fg_stdv": 146.88217163085938,
  "tsnr": 63.53668212890625
}