{
  "aor": 0.0031882692307692306,
  "aqi": 0.004214979230769231,
  "bids_meta": {
    "BodyPartExamined": "HEAD",
    "CogAtlasID": "http://www.cognitiveatlas.org/term/id/trm_550b53d7dd674",
    "ConversionSoftware": "dcm2niix",
    "ConversionSoftwareVersion": "v1.0.20170411 GCC4.4.7",
    "EchoTime": 0.027,
    "EffectiveEchoSpacing": 0.000590001,
    "FlipAngle": 90,
    "ImageType": [
      "ORIGINAL",
      "PRIMARY",
      "M",
      "ND",
      "NORM",
      "MOSAIC"
    ],
    "Instructions": "In this next scan you'll be prompted to move your hands, feet, or tongue. You'll only move one of these at once. Instructions are presented on the screen. Let?s review them now. [Read on-screen instructions to participant.] Do you have any questions?",
    "MagneticFieldStrength": 3,
    "Manufacturer": "Siemens",
    "ManufacturersModelName": "TrioTim",
    "PhaseEncodingDirection": "j-",
    "ProcedureStepDescription": "head_Dosenbach_MSC",
    "ProtocolName": "Motor_104Frames_36Slices_TR2.2",
    "RepetitionTime": 2.2,
    "ScanningSequence": "EP",
    "SequenceName": "_epfid2d1_64",
    "SequenceVariant": "SK",
    "SeriesDescription": "Motor_104Frames_36Slices_TR2.2",
    "SliceTiming": [
      1.105,
      0,
      1.1675,
      0.0625,
      1.2275,
      0.1225,
      1.29,
      0.185,
      1.35,
      0.245,
      1.4125,
      0.3075,
      1.4725,
      0.37,
      1.535,
      0.43,
      1.595,
      0.4925,
      1.6575,
      0.5525,
      1.7175,
      0.615,
      1.78,
      0.675,
      1.84,
      0.7375,
      1.9025,
      0.7975,
      1.965,
      0.86,
      2.025,
      0.92,
      2.0875,
      0.9825,
      2.1475,
      1.0425
    ],
    "SoftwareVersion": "syngo MR B17",
    "TaskName": "motor",
    "modality": "bold",
    "run_id": "02",
    "session_id": "func04",
    "subject_id": "MSC04",
    "task_id": "motor"
  },
  "dummy_trs": 0,
  "dvars_nstd": 20.546824602912633,
  "dvars_std": 1.3145029546601947,
  "dvars_vstd": 1.0135723924271842,
  "efc": 0.3676181779839997,
  "fber": 52348.65234375,
  "fd_mean": 0.12537254312342008,
  "fd_num": 15,
  "fd_perc": 14.423076923076923,
  "fwhm_avg": 2.507738436696983,
  "fwhm_x": 2.3207525,
  "fwhm_y": 2.8532001700639826,
  "fwhm_z": 2.349262640026965,
  "gcor": 0.0496857,
  "gsr_x": -0.01684214174747467,
  "gsr_y": 0.01406855694949627,
  "provenance": {
    "md5sum": "aaa17a0bbd6036b531b704e7159c6ea7",
    "settings": {
      "fd_thres": 0.2,
      "hmc_fsl": false
    },
    "software": "mriqc",
    "version": "0.9.6"
  },
  "size_t": 104,
  "size_x": 64,
  "size_y": 64,
  "size_z": 36,
  "snr": 4.832367590292494,
  "spacing_tr": 2.200000047683716,
  "spacing_x": 4.0,
  "spacing_y": 3.999999761581421,
  "spacing_z": 3.999999761581421,
  "summary_bg_k": 71.20006514059388,
  "summary_bg_mad": 1.9815551042556763,
  "summary_bg_mean": 13.323285102844238,
  "summary_bg_median": 3.365384817123413,
  "summary_bg_n": 101712.0,
  "summary_bg_p05": 1.4326924085617065,
  "summary_bg_p95": 54.59615707397461,
  "summary_bg_stdv": 39.393829345703125,
  "summary_fg_k": 3.7238296640524133,
  "summary_fg_mad": 109.6840591430664,
  "summary_fg_mean": 770.7284545898438,
  "summary_fg_median": 801.4904174804688,
  "summary_fg_n": 18261.0,
  "summary_fg_p05": 423.3365478515625,
  "summary_fg_p95": 967.9038696289062,
  "summary_fg_stdv": 165.8542022705078,
  "tsnr": 86.75558471679688
}