{
  "aor": 0.004530673076923077,
  "aqi": 0.015282937211538462,
  "bids_meta": {
    "BodyPartExamined": "HEAD",
    "CogAtlasID": "http://www.cognitiveatlas.org/term/id/trm_550b53d7dd674",
    "ConversionSoftware": "dcm2niix",
    "ConversionSoftwareVersion": "v1.0.20170411 GCC4.4.7",
    "EchoTime": 0.027,
    "EffectiveEchoSpacing": 0.000590001,
    "FlipAngle": 90,
    "ImageType": [
      "ORIGINAL",
      "PRIMARY",
      "M",
      "ND",
      "NORM",
      "MOSAIC"
    ],
    "Instructions": "In this next scan you'll be prompted to move your hands, feet, or tongue. You'll only move one of these at once. Instructions are presented on the screen. Let?s review them now. [Read on-screen instructions to participant.] Do you have any questions?",
    "MagneticFieldStrength": 3,
    "Manufacturer": "Siemens",
    "ManufacturersModelName": "TrioTim",
    "PhaseEncodingDirection": "j-",
    "ProcedureStepDescription": "head_Dosenbach_MSC",
    "ProtocolName": "Motor_104Frames_36Slices_TR2.2",
    "RepetitionTime": 2.2,
    "ScanningSequence": "EP",
    "SequenceName": "_epfid2d1_64",
    "SequenceVariant": "SK",
    "SeriesDescription": "Motor_104Frames_36Slices_TR2.2",
    "SliceTiming": [
      1.105,
      0,
      1.1675,
      0.0625,
      1.2275,
      0.1225,
      1.29,
      0.185,
      1.35,
      0.245,
      1.4125,
      0.3075,
      1.4725,
      0.37,
      1.535,
      0.43,
      1.595,
      0.4925,
      1.6575,
      0.5525,
      1.7175,
      0.615,
      1.78,
      0.675,
      1.84,
      0.7375,
      1.9025,
      0.7975,
      1.965,
      0.86,
      2.025,
      0.92,
      2.0875,
      0.9825,
      2.1475,
      1.0425
    ],
    "SoftwareVersion": "syngo MR B17",
    "TaskName": "motor",
    "modality": "bold",
    "run_id": "02",
    "session_id": "func06",
    "subject_id": "MSC08",
    "task_id": "motor"
  },
  "dummy_trs": 0,
  "dvars_nstd": 20.88830103417475,
  "dvars_std": 1.134909077961165,
  "dvars_vstd": 0.9354192363106795,
  "efc": 0.38881494698577984,
  "fber": 39416.83984375,
  "fd_mean": 0.23911063450887482,
  "fd_num": 59,
  "fd_perc": 56.73076923076923,
  "fwhm_avg": 2.50936209440145,
  "fwhm_x": 2.321845,
  "fwhm_y": 2.814175,
  "fwhm_z": 2.39206628320435,
  "gcor": 0.00768944,
  "gsr_x": -0.014570239931344986,
  "gsr_y": 0.014186816290020943,
  "provenance": {
    "md5sum": "384a4c4ffe238b4b783a3021c3259ca5",
    "settings": {
      "fd_thres": 0.2,
      "hmc_fsl": false
    },
    "software": "mriqc",
    "version": "0.9.6"
  },
  "size_t": 104,
  "size_x": 64,
  "size_y": 64,
  "size_z": 36,
  "snr": 5.065413790522114,
  "spacing_tr": 2.200000047683716,
  "spacing_x": 4.0,
  "spacing_y": 4.0,
  "spacing_z": 3.999997854232788,
  "summary_bg_k": 72.96574065121474,
  "summary_bg_mad": 2.1526246070861816,
  "summary_bg_mean": 12.947903633117676,
  "summary_bg_median": 3.057692527770996,
  "summary_bg_n": 99817.0,
  "summary_bg_p05": 1.201923131942749,
  "summary_bg_p95": 63.14615631103513,
  "summary_bg_stdv": 31.378087997436523,
  "summary_fg_k": 4.910762814708228,
  "summary_fg_mad": 75.0068359375,
  "summary_fg_mean": 601.9349975585938,
  "summary_fg_median": 621.673095703125,
  "summary_fg_n": 19542.0,
  "summary_fg_p05": 348.1841400146485,
  "summary_fg_p95": 746.8533721923828,
  "summary_fg_stdv": 122.72584533691406,
  "tsnr": 50.24301528930664
}