{
  "aor": 0.004060769230769231,
  "aqi": 0.007673122596153847,
  "bids_meta": {
    "BodyPartExamined": "HEAD",
    "CogAtlasID": "http://www.cognitiveatlas.org/term/id/trm_550b53d7dd674",
    "ConversionSoftware": "dcm2niix",
    "ConversionSoftwareVersion": "v1.0.20170411 GCC4.4.7",
    "EchoTime": 0.027,
    "EffectiveEchoSpacing": 0.000590001,
    "FlipAngle": 90,
    "ImageType": [
      "ORIGINAL",
      "PRIMARY",
      "M",
      "ND",
      "NORM",
      "MOSAIC"
    ],
    "Instructions": "In this next scan you'll be prompted to move your hands, feet, or tongue. You'll only move one of these at once. Instructions are presented on the screen. Let?s review them now. [Read on-screen instructions to participant.] Do you have any questions?",
    "MagneticFieldStrength": 3,
    "Manufacturer": "Siemens",
    "ManufacturersModelName": "TrioTim",
    "PhaseEncodingDirection": "j-",
    "ProcedureStepDescription": "head_Dosenbach_MSC",
    "ProtocolName": "Motor_104Frames_36Slices_TR2.2",
    "RepetitionTime": 2.2,
    "ScanningSequence": "EP",
    "SequenceName": "_epfid2d1_64",
    "SequenceVariant": "SK",
    "SeriesDescription": "Motor_104Frames_36Slices_TR2.2",
    "SliceTiming": [
      1.105,
      0,
      1.1675,
      0.0625,
      1.2275,
      0.1225,
      1.29,
      0.185,
      1.35,
      0.245,
      1.4125,
      0.3075,
      1.4725,
      0.37,
      1.535,
      0.43,
      1.595,
      0.4925,
      1.6575,
      0.5525,
      1.7175,
      0.615,
      1.78,
      0.675,
      1.84,
      0.7375,
      1.9025,
      0.7975,
      1.965,
      0.86,
      2.025,
      0.92,
      2.0875,
      0.9825,
      2.1475,
      1.0425
    ],
    "SoftwareVersion": "syngo MR B17",
    "TaskName": "motor",
    "modality": "bold",
    "run_id": "01",
    "session_id": "func10",
    "subject_id": "MSC05",
    "task_id": "motor"
  },
  "dummy_trs": 0,
  "dvars_nstd": 21.450426527766993,
  "dvars_std": 1.2112961149514565,
  "dvars_vstd": 0.9708400844660194,
  "efc": 0.4280607112777249,
  "fber": 28895.65234375,
  "fd_mean": 0.2251061540571521,
  "fd_num": 43,
  "fd_perc": 41.34615384615385,
  "fwhm_avg": 2.4876616666666664,
  "fwhm_x": 2.219465,
  "fwhm_y": 2.8786,
  "fwhm_z": 2.36492,
  "gcor": 0.0159833,
  "gsr_x": -0.012897699140012264,
  "gsr_y": 0.017316177487373352,
  "provenance": {
    "md5sum": "49271178bee74bbe9afa091c209b2fc6",
    "settings": {
      "fd_thres": 0.2,
      "hmc_fsl": false
    },
    "software": "mriqc",
    "version": "0.9.6"
  },
  "size_t": 104,
  "size_x": 64,
  "size_y": 64,
  "size_z": 36,
  "snr": 5.31727979332161,
  "spacing_tr": 2.200000047683716,
  "spacing_x": 4.0,
  "spacing_y": 4.0,
  "spacing_z": 4.0,
  "summary_bg_k": 39.620813586337945,
  "summary_bg_mad": 3.2289373874664307,
  "summary_bg_mean": 19.97156524658203,
  "summary_bg_median": 4.504807472229004,
  "summary_bg_n": 94970.0,
  "summary_bg_p05": 1.826923131942749,
  "summary_bg_p95": 96.74134826660162,
  "summary_bg_stdv": 46.60929870605469,
  "summary_fg_k": 4.707764898211975,
  "summary_fg_mad": 100.19681549072266,
  "summary_fg_mean": 776.854736328125,
  "summary_fg_median": 797.5433349609375,
  "summary_fg_n": 23340.0,
  "summary_fg_p05": 481.5187728881836,
  "summary_fg_p95": 958.9966674804687,
  "summary_fg_stdv": 149.98764038085938,
  "tsnr": 66.77303314208984
}