{
  "aor": 0.005936057692307693,
  "aqi": 0.005596112115384615,
  "bids_meta": {
    "BodyPartExamined": "HEAD",
    "CogAtlasID": "http://www.cognitiveatlas.org/term/id/trm_550b53d7dd674",
    "ConversionSoftware": "dcm2niix",
    "ConversionSoftwareVersion": "v1.0.20170411 GCC4.4.7",
    "EchoTime": 0.027,
    "EffectiveEchoSpacing": 0.000590001,
    "FlipAngle": 90,
    "ImageType": [
      "ORIGINAL",
      "PRIMARY",
      "M",
      "ND",
      "NORM",
      "MOSAIC"
    ],
    "Instructions": "In this next scan you'll be prompted to move your hands, feet, or tongue. You'll only move one of these at once. Instructions are presented on the screen. Let?s review them now. [Read on-screen instructions to participant.] Do you have any questions?",
    "MagneticFieldStrength": 3,
    "Manufacturer": "Siemens",
    "ManufacturersModelName": "TrioTim",
    "PhaseEncodingDirection": "j-",
    "ProcedureStepDescription": "head_Dosenbach_MSC",
    "ProtocolName": "Motor_104Frames_36Slices_TR2.2",
    "RepetitionTime": 2.2,
    "ScanningSequence": "EP",
    "SequenceName": "_epfid2d1_64",
    "SequenceVariant": "SK",
    "SeriesDescription": "Motor_104Frames_36Slices_TR2.2",
    "SliceTiming": [
      1.105,
      0,
      1.1675,
      0.0625,
      1.2275,
      0.1225,
      1.29,
      0.185,
      1.35,
      0.245,
      1.4125,
      0.3075,
      1.4725,
      0.37,
      1.535,
      0.43,
      1.595,
      0.4925,
      1.6575,
      0.5525,
      1.7175,
      0.615,
      1.78,
      0.675,
      1.84,
      0.7375,
      1.9025,
      0.7975,
      1.965,
      0.86,
      2.025,
      0.92,
      2.0875,
      0.9825,
      2.1475,
      1.0425
    ],
    "SoftwareVersion": "syngo MR B17",
    "TaskName": "motor",
    "modality": "bold",
    "run_id": "02",
    "session_id": "func02",
    "subject_id": "MSC04",
    "task_id": "motor"
  },
  "dummy_trs": 0,
  "dvars_nstd": 21.422258441747584,
  "dvars_std": 1.306449842718446,
  "dvars_vstd": 1.0099900634951453,
  "efc": 0.36607029397687096,
  "fber": 53135.70703125,
  "fd_mean": 0.17287469222368532,
  "fd_num": 34,
  "fd_perc": 32.69230769230769,
  "fwhm_avg": 2.5308142135693656,
  "fwhm_x": 2.3294775,
  "fwhm_y": 2.902275,
  "fwhm_z": 2.360690140708097,
  "gcor": 0.0318221,
  "gsr_x": -0.014933448284864426,
  "gsr_y": 0.012553157284855843,
  "provenance": {
    "md5sum": "dfba9a75f0a7353b9f2b5fc1f42620a4",
    "settings": {
      "fd_thres": 0.2,
      "hmc_fsl": false
    },
    "software": "mriqc",
    "version": "0.9.6"
  },
  "size_t": 104,
  "size_x": 64,
  "size_y": 64,
  "size_z": 36,
  "snr": 4.797397464535304,
  "spacing_tr": 2.200000047683716,
  "spacing_x": 4.0,
  "spacing_y": 4.0,
  "spacing_z": 3.999999761581421,
  "summary_bg_k": 71.69666790495829,
  "summary_bg_mad": 1.967299222946167,
  "summary_bg_mean": 12.547440528869629,
  "summary_bg_median": 3.288461685180664,
  "summary_bg_n": 101761.0,
  "summary_bg_p05": 1.442307710647583,
  "summary_bg_p95": 51.96154022216797,
  "summary_bg_stdv": 36.28171157836914,
  "summary_fg_k": 3.658142864008453,
  "summary_fg_mad": 109.02827453613281,
  "summary_fg_mean": 757.0280151367188,
  "summary_fg_median": 785.6154174804688,
  "summary_fg_n": 18249.0,
  "summary_fg_p05": 420.49232177734376,
  "summary_fg_p95": 954.8712036132813,
  "summary_fg_stdv": 163.75418090820312,
  "tsnr": 74.092529296875
}