{
  "aor": 0.0025149038461538464,
  "aqi": 0.0046730052884615386,
  "bids_meta": {
    "BodyPartExamined": "HEAD",
    "CogAtlasID": "http://www.cognitiveatlas.org/term/id/trm_550b53d7dd674",
    "ConversionSoftware": "dcm2niix",
    "ConversionSoftwareVersion": "v1.0.20170411 GCC4.4.7",
    "EchoTime": 0.027,
    "EffectiveEchoSpacing": 0.000590001,
    "FlipAngle": 90,
    "ImageType": [
      "ORIGINAL",
      "PRIMARY",
      "M",
      "ND",
      "NORM",
      "MOSAIC"
    ],
    "Instructions": "In this next scan you'll be prompted to move your hands, feet, or tongue. You'll only move one of these at once. Instructions are presented on the screen. Let?s review them now. [Read on-screen instructions to participant.] Do you have any questions?",
    "MagneticFieldStrength": 3,
    "Manufacturer": "Siemens",
    "ManufacturersModelName": "TrioTim",
    "PhaseEncodingDirection": "j-",
    "ProcedureStepDescription": "head_Dosenbach_MSC",
    "ProtocolName": "Motor_104Frames_36Slices_TR2.2",
    "RepetitionTime": 2.2,
    "ScanningSequence": "EP",
    "SequenceName": "_epfid2d1_64",
    "SequenceVariant": "SK",
    "SeriesDescription": "Motor_104Frames_36Slices_TR2.2",
    "SliceTiming": [
      1.105,
      0,
      1.1675,
      0.0625,
      1.2275,
      0.1225,
      1.29,
      0.185,
      1.35,
      0.245,
      1.4125,
      0.3075,
      1.4725,
      0.37,
      1.535,
      0.43,
      1.595,
      0.4925,
      1.6575,
      0.5525,
      1.7175,
      0.615,
      1.78,
      0.675,
      1.84,
      0.7375,
      1.9025,
      0.7975,
      1.965,
      0.86,
      2.025,
      0.92,
      2.0875,
      0.9825,
      2.1475,
      1.0425
    ],
    "SoftwareVersion": "syngo MR B17",
    "TaskName": "motor",
    "modality": "bold",
    "run_id": "02",
    "session_id": "func05",
    "subject_id": "MSC02",
    "task_id": "motor"
  },
  "dummy_trs": 0,
  "dvars_nstd": 22.512899824660185,
  "dvars_std": 1.389546533300971,
  "dvars_vstd": 1.0063205238834947,
  "efc": 0.4291086247439488,
  "fber": 27356.845703125,
  "fd_mean": 0.12105988027450386,
  "fd_num": 8,
  "fd_perc": 7.6923076923076925,
  "fwhm_avg": 2.40757,
  "fwhm_x": 2.147425,
  "fwhm_y": 2.820075,
  "fwhm_z": 2.25521,
  "gcor": 0.0262285,
  "gsr_x": -0.02007388137280941,
  "gsr_y": 0.03246394544839859,
  "provenance": {
    "md5sum": "803bb33d69e6fb66dd8613221edbc647",
    "settings": {
      "fd_thres": 0.2,
      "hmc_fsl": false
    },
    "software": "mriqc",
    "version": "0.9.6"
  },
  "size_t": 104,
  "size_x": 64,
  "size_y": 64,
  "size_z": 36,
  "snr": 4.963217499542981,
  "spacing_tr": 2.200000047683716,
  "spacing_x": 4.0,
  "spacing_y": 4.0,
  "spacing_z": 4.0,
  "summary_bg_k": 25.193368873928424,
  "summary_bg_mad": 2.665832757949829,
  "summary_bg_mean": 19.669788360595703,
  "summary_bg_median": 3.961538553237915,
  "summary_bg_n": 94847.0,
  "summary_bg_p05": 1.778846263885498,
  "summary_bg_p95": 103.78558120727536,
  "summary_bg_stdv": 43.92973709106445,
  "summary_fg_k": 3.519998293543998,
  "summary_fg_mad": 99.43415832519531,
  "summary_fg_mean": 677.3726806640625,
  "summary_fg_median": 691.7740478515625,
  "summary_fg_n": 22934.0,
  "summary_fg_p05": 414.1230972290039,
  "summary_fg_p95": 861.6899291992187,
  "summary_fg_stdv": 139.3771209716797,
  "tsnr": 85.27828216552734
}