{
  "aor": 0.0011748533007334965,
  "aqi": 0.020394555904645475,
  "bids_meta": {
    "BodyPartExamined": "HEAD",
    "CogAtlasID": "http://www.cognitiveatlas.org/term/id/trm_4c8a834779883",
    "ConversionSoftware": "dcm2niix",
    "ConversionSoftwareVersion": "v1.0.20170411 GCC4.4.7",
    "EchoTime": 0.027,
    "EffectiveEchoSpacing": 0.000590001,
    "FlipAngle": 90,
    "ImageType": [
      "ORIGINAL",
      "PRIMARY",
      "M",
      "ND",
      "NORM",
      "MOSAIC"
    ],
    "Instructions": "During this first scan, a plus sign will be presented on the screen.  All you need to do is simply relax and look at the plus sign. Please keep your eyes open the entire time, and be as still as possible. It's extremely important that you stay awake for the entire duration of this scan. This scan will last ~30 minutes.",
    "MagneticFieldStrength": 3,
    "Manufacturer": "Siemens",
    "ManufacturersModelName": "TrioTim",
    "PhaseEncodingDirection": "j-",
    "ProcedureStepDescription": "head_Dosenbach_MSC",
    "ProtocolName": "RSFC_818Frames_36Slices_TR2.2",
    "RepetitionTime": 2.2,
    "ScanningSequence": "EP",
    "SequenceName": "_epfid2d1_64",
    "SequenceVariant": "SK",
    "SeriesDescription": "RSFC_818Frames_36Slices_TR2.2",
    "SliceTiming": [
      1.105,
      0,
      1.165,
      0.06,
      1.2275,
      0.1225,
      1.2875,
      0.185,
      1.35,
      0.245,
      1.41,
      0.3075,
      1.4725,
      0.3675,
      1.5325,
      0.43,
      1.595,
      0.49,
      1.655,
      0.5525,
      1.7175,
      0.6125,
      1.78,
      0.675,
      1.84,
      0.735,
      1.9025,
      0.7975,
      1.9625,
      0.8575,
      2.025,
      0.92,
      2.085,
      0.9825,
      2.1475,
      1.0425
    ],
    "SoftwareVersion": "syngo MR B17",
    "TaskName": "rest",
    "modality": "bold",
    "session_id": "func06",
    "subject_id": "MSC09",
    "task_id": "rest"
  },
  "dummy_trs": 0,
  "dvars_nstd": 19.955556504002452,
  "dvars_std": 1.1077505141860455,
  "dvars_vstd": 0.8943316990942474,
  "efc": 0.4424448140576893,
  "fber": 22891.765625,
  "fd_mean": 0.18304226146810576,
  "fd_num": 277,
  "fd_perc": 33.863080684596575,
  "fwhm_avg": 2.584973236892136,
  "fwhm_x": 2.3040725,
  "fwhm_y": 3.023825,
  "fwhm_z": 2.4270222106764066,
  "gcor": 0.0239945,
  "gsr_x": -0.02039976604282856,
  "gsr_y": 0.020951656624674797,
  "provenance": {
    "md5sum": "221a1ad497c8581c9d2b186f531a2eda",
    "settings": {
      "fd_thres": 0.2,
      "hmc_fsl": false
    },
    "software": "mriqc",
    "version": "0.9.6"
  },
  "size_t": 818,
  "size_x": 64,
  "size_y": 64,
  "size_z": 36,
  "snr": 5.075296900100556,
  "spacing_tr": 2.200000047683716,
  "spacing_x": 4.0,
  "spacing_y": 4.0,
  "spacing_z": 4.000000476837158,
  "summary_bg_k": 29.467550780186258,
  "summary_bg_mad": 3.9548146724700928,
  "summary_bg_mean": 20.69281768798828,
  "summary_bg_median": 4.438875675201416,
  "summary_bg_n": 93789.0,
  "summary_bg_p05": 1.239608883857727,
  "summary_bg_p95": 105.46968536376946,
  "summary_bg_stdv": 45.299991607666016,
  "summary_fg_k": 4.0256577099435065,
  "summary_fg_mad": 91.87509155273438,
  "summary_fg_mean": 676.6543579101562,
  "summary_fg_median": 694.207275390625,
  "summary_fg_n": 24160.0,
  "summary_fg_p05": 405.98209686279296,
  "summary_fg_p95": 849.7249176025391,
  "summary_fg_stdv": 136.77877807617188,
  "tsnr": 39.73915100097656
}