{
  "aor": 0.0024100961538461537,
  "aqi": 0.0047710766346153845,
  "bids_meta": {
    "BodyPartExamined": "HEAD",
    "CogAtlasID": "http://www.cognitiveatlas.org/term/id/trm_550b53d7dd674",
    "ConversionSoftware": "dcm2niix",
    "ConversionSoftwareVersion": "v1.0.20170411 GCC4.4.7",
    "EchoTime": 0.027,
    "EffectiveEchoSpacing": 0.000590001,
    "FlipAngle": 90,
    "ImageType": [
      "ORIGINAL",
      "PRIMARY",
      "M",
      "ND",
      "NORM",
      "MOSAIC"
    ],
    "Instructions": "In this next scan you'll be prompted to move your hands, feet, or tongue. You'll only move one of these at once. Instructions are presented on the screen. Let?s review them now. [Read on-screen instructions to participant.] Do you have any questions?",
    "MagneticFieldStrength": 3,
    "Manufacturer": "Siemens",
    "ManufacturersModelName": "TrioTim",
    "PhaseEncodingDirection": "j-",
    "ProcedureStepDescription": "head_Dosenbach_MSC",
    "ProtocolName": "Motor_104Frames_36Slices_TR2.2",
    "RepetitionTime": 2.2,
    "ScanningSequence": "EP",
    "SequenceName": "_epfid2d1_64",
    "SequenceVariant": "SK",
    "SeriesDescription": "Motor_104Frames_36Slices_TR2.2",
    "SliceTiming": [
      1.105,
      0,
      1.1675,
      0.0625,
      1.2275,
      0.1225,
      1.29,
      0.185,
      1.35,
      0.245,
      1.4125,
      0.3075,
      1.4725,
      0.37,
      1.535,
      0.43,
      1.595,
      0.4925,
      1.6575,
      0.5525,
      1.7175,
      0.615,
      1.78,
      0.675,
      1.84,
      0.7375,
      1.9025,
      0.7975,
      1.965,
      0.86,
      2.025,
      0.92,
      2.0875,
      0.9825,
      2.1475,
      1.0425
    ],
    "SoftwareVersion": "syngo MR B17",
    "TaskName": "motor",
    "modality": "bold",
    "run_id": "02",
    "session_id": "func11",
    "subject_id": "MSC10",
    "task_id": "motor"
  },
  "dummy_trs": 0,
  "dvars_nstd": 21.033934704854364,
  "dvars_std": 1.2333986539805828,
  "dvars_vstd": 0.9981680732038835,
  "efc": 0.4247957578052939,
  "fber": 29556.205078125,
  "fd_mean": 0.21421630241570425,
  "fd_num": 47,
  "fd_perc": 45.19230769230769,
  "fwhm_avg": 2.424310044819765,
  "fwhm_x": 2.2380025,
  "fwhm_y": 2.779075,
  "fwhm_z": 2.255852634459295,
  "gcor": 0.0234944,
  "gsr_x": -0.01688266173005104,
  "gsr_y": 0.014222103171050549,
  "provenance": {
    "md5sum": "9aedcedcb880217d713c0a9272379dd2",
    "settings": {
      "fd_thres": 0.2,
      "hmc_fsl": false
    },
    "software": "mriqc",
    "version": "0.9.6"
  },
  "size_t": 104,
  "size_x": 64,
  "size_y": 64,
  "size_z": 36,
  "snr": 4.674043082001538,
  "spacing_tr": 2.200000047683716,
  "spacing_x": 4.0,
  "spacing_y": 4.0,
  "spacing_z": 3.999999761581421,
  "summary_bg_k": 44.030408024095664,
  "summary_bg_mad": 2.56604266166687,
  "summary_bg_mean": 17.10520362854004,
  "summary_bg_median": 3.817307949066162,
  "summary_bg_n": 95363.0,
  "summary_bg_p05": 1.451923131942749,
  "summary_bg_p95": 90.83461761474598,
  "summary_bg_stdv": 42.19314956665039,
  "summary_fg_k": 3.634014651752026,
  "summary_fg_mad": 100.50331115722656,
  "summary_fg_mean": 668.7052612304688,
  "summary_fg_median": 684.4375,
  "summary_fg_n": 22844.0,
  "summary_fg_p05": 385.93511657714845,
  "summary_fg_p95": 858.8048553466796,
  "summary_fg_stdv": 146.43051147460938,
  "tsnr": 79.1081314086914
}