{
  "aor": 0.0069241931540342284,
  "aqi": 0.013015623826405871,
  "bids_meta": {
    "BodyPartExamined": "HEAD",
    "CogAtlasID": "http://www.cognitiveatlas.org/term/id/trm_4c8a834779883",
    "ConversionSoftware": "dcm2niix",
    "ConversionSoftwareVersion": "v1.0.20170411 GCC4.4.7",
    "EchoTime": 0.027,
    "EffectiveEchoSpacing": 0.000590001,
    "FlipAngle": 90,
    "ImageType": [
      "ORIGINAL",
      "PRIMARY",
      "M",
      "ND",
      "NORM",
      "MOSAIC"
    ],
    "Instructions": "During this first scan, a plus sign will be presented on the screen.  All you need to do is simply relax and look at the plus sign. Please keep your eyes open the entire time, and be as still as possible. It's extremely important that you stay awake for the entire duration of this scan. This scan will last ~30 minutes.",
    "MagneticFieldStrength": 3,
    "Manufacturer": "Siemens",
    "ManufacturersModelName": "TrioTim",
    "PhaseEncodingDirection": "j-",
    "ProcedureStepDescription": "head_Dosenbach_MSC",
    "ProtocolName": "RSFC_818Frames_36Slices_TR2.2",
    "RepetitionTime": 2.2,
    "ScanningSequence": "EP",
    "SequenceName": "_epfid2d1_64",
    "SequenceVariant": "SK",
    "SeriesDescription": "RSFC_818Frames_36Slices_TR2.2",
    "SliceTiming": [
      1.105,
      0,
      1.165,
      0.06,
      1.2275,
      0.1225,
      1.2875,
      0.185,
      1.35,
      0.245,
      1.41,
      0.3075,
      1.4725,
      0.3675,
      1.5325,
      0.43,
      1.595,
      0.49,
      1.655,
      0.5525,
      1.7175,
      0.6125,
      1.78,
      0.675,
      1.84,
      0.735,
      1.9025,
      0.7975,
      1.9625,
      0.8575,
      2.025,
      0.92,
      2.085,
      0.9825,
      2.1475,
      1.0425
    ],
    "SoftwareVersion": "syngo MR B17",
    "TaskName": "rest",
    "modality": "bold",
    "session_id": "func03",
    "subject_id": "MSC02",
    "task_id": "rest"
  },
  "dummy_trs": 0,
  "dvars_nstd": 19.231384807258248,
  "dvars_std": 1.3386416731334132,
  "dvars_vstd": 1.0695885104528786,
  "efc": 0.42301439572903116,
  "fber": 30557.2890625,
  "fd_mean": 0.08873170575759297,
  "fd_num": 30,
  "fd_perc": 3.667481662591687,
  "fwhm_avg": 2.4899621241007055,
  "fwhm_x": 2.2071075,
  "fwhm_y": 2.897825,
  "fwhm_z": 2.364953872302116,
  "gcor": 0.0278351,
  "gsr_x": -0.014838689006865025,
  "gsr_y": 0.03107326477766037,
  "provenance": {
    "md5sum": "0a4428d50cd42637772d28c240340189",
    "settings": {
      "fd_thres": 0.2,
      "hmc_fsl": false
    },
    "software": "mriqc",
    "version": "0.9.6"
  },
  "size_t": 818,
  "size_x": 64,
  "size_y": 64,
  "size_z": 36,
  "snr": 4.834143255590072,
  "spacing_tr": 2.200000047683716,
  "spacing_x": 4.0,
  "spacing_y": 4.0,
  "spacing_z": 4.000001907348633,
  "summary_bg_k": 26.5539127531815,
  "summary_bg_mad": 2.8301756381988525,
  "summary_bg_mean": 18.792226791381836,
  "summary_bg_median": 3.781785011291504,
  "summary_bg_n": 95962.0,
  "summary_bg_p05": 1.4608802795410156,
  "summary_bg_p95": 101.5373527526855,
  "summary_bg_stdv": 41.99856185913086,
  "summary_fg_k": 3.5943919416534804,
  "summary_fg_mad": 99.64971160888672,
  "summary_fg_mean": 667.798828125,
  "summary_fg_median": 680.3729248046875,
  "summary_fg_n": 22700.0,
  "summary_fg_p05": 409.092626953125,
  "summary_fg_p95": 855.3782989501952,
  "summary_fg_stdv": 140.74012756347656,
  "tsnr": 48.561336517333984
}