{
  "aor": 0.010381923076923077,
  "aqi": 0.013842543076923076,
  "bids_meta": {
    "BodyPartExamined": "HEAD",
    "CogAtlasID": "http://www.cognitiveatlas.org/term/id/trm_550b53d7dd674",
    "ConversionSoftware": "dcm2niix",
    "ConversionSoftwareVersion": "v1.0.20170411 GCC4.4.7",
    "EchoTime": 0.027,
    "EffectiveEchoSpacing": 0.000590001,
    "FlipAngle": 90,
    "ImageType": [
      "ORIGINAL",
      "PRIMARY",
      "M",
      "ND",
      "NORM",
      "MOSAIC"
    ],
    "Instructions": "In this next scan you'll be prompted to move your hands, feet, or tongue. You'll only move one of these at once. Instructions are presented on the screen. Let?s review them now. [Read on-screen instructions to participant.] Do you have any questions?",
    "MagneticFieldStrength": 3,
    "Manufacturer": "Siemens",
    "ManufacturersModelName": "TrioTim",
    "PhaseEncodingDirection": "j-",
    "ProcedureStepDescription": "head_Dosenbach_MSC",
    "ProtocolName": "Motor_104Frames_36Slices_TR2.2",
    "RepetitionTime": 2.2,
    "ScanningSequence": "EP",
    "SequenceName": "_epfid2d1_64",
    "SequenceVariant": "SK",
    "SeriesDescription": "Motor_104Frames_36Slices_TR2.2",
    "SliceTiming": [
      1.105,
      0,
      1.1675,
      0.0625,
      1.2275,
      0.1225,
      1.29,
      0.185,
      1.35,
      0.245,
      1.4125,
      0.3075,
      1.4725,
      0.37,
      1.535,
      0.43,
      1.595,
      0.4925,
      1.6575,
      0.5525,
      1.7175,
      0.615,
      1.78,
      0.675,
      1.84,
      0.7375,
      1.9025,
      0.7975,
      1.965,
      0.86,
      2.025,
      0.92,
      2.0875,
      0.9825,
      2.1475,
      1.0425
    ],
    "SoftwareVersion": "syngo MR B17",
    "TaskName": "motor",
    "modality": "bold",
    "run_id": "02",
    "session_id": "func09",
    "subject_id": "MSC01",
    "task_id": "motor"
  },
  "dummy_trs": 0,
  "dvars_nstd": 21.94963869116506,
  "dvars_std": 1.1690847160194178,
  "dvars_vstd": 1.023204733300971,
  "efc": 0.4139969497039294,
  "fber": 25634.212890625,
  "fd_mean": 0.2752582606207955,
  "fd_num": 59,
  "fd_perc": 56.73076923076923,
  "fwhm_avg": 2.3641227344920703,
  "fwhm_x": 2.1028625,
  "fwhm_y": 2.7185501620382166,
  "fwhm_z": 2.2709555414379934,
  "gcor": 0.0188285,
  "gsr_x": -0.008860320784151554,
  "gsr_y": 0.014286879450082779,
  "provenance": {
    "md5sum": "e9b9518f8421c8346b40d432f5d40559",
    "settings": {
      "fd_thres": 0.2,
      "hmc_fsl": false
    },
    "software": "mriqc",
    "version": "0.9.6"
  },
  "size_t": 104,
  "size_x": 64,
  "size_y": 64,
  "size_z": 36,
  "snr": 5.0753416317573,
  "spacing_tr": 2.200000047683716,
  "spacing_x": 4.0,
  "spacing_y": 3.999999761581421,
  "spacing_z": 3.9999990463256836,
  "summary_bg_k": 38.60925631086809,
  "summary_bg_mad": 3.079251289367676,
  "summary_bg_mean": 16.71039390563965,
  "summary_bg_median": 4.086538791656494,
  "summary_bg_n": 97426.0,
  "summary_bg_p05": 1.5480769872665405,
  "summary_bg_p95": 76.45673370361328,
  "summary_bg_stdv": 36.948829650878906,
  "summary_fg_k": 4.132951013028328,
  "summary_fg_mad": 91.72176361083984,
  "summary_fg_mean": 660.6637573242188,
  "summary_fg_median": 675.4279174804688,
  "summary_fg_n": 21414.0,
  "summary_fg_p05": 400.63319091796876,
  "summary_fg_p95": 830.1841613769529,
  "summary_fg_stdv": 133.07717895507812,
  "tsnr": 48.432891845703125
}