{
  "aor": 0.003050865384615385,
  "aqi": 0.006356352596153848,
  "bids_meta": {
    "BodyPartExamined": "HEAD",
    "CogAtlasID": "http://www.cognitiveatlas.org/term/id/trm_550b53d7dd674",
    "ConversionSoftware": "dcm2niix",
    "ConversionSoftwareVersion": "v1.0.20170411 GCC4.4.7",
    "EchoTime": 0.027,
    "EffectiveEchoSpacing": 0.000590001,
    "FlipAngle": 90,
    "ImageType": [
      "ORIGINAL",
      "PRIMARY",
      "M",
      "ND",
      "NORM",
      "MOSAIC"
    ],
    "Instructions": "In this next scan you'll be prompted to move your hands, feet, or tongue. You'll only move one of these at once. Instructions are presented on the screen. Let?s review them now. [Read on-screen instructions to participant.] Do you have any questions?",
    "MagneticFieldStrength": 3,
    "Manufacturer": "Siemens",
    "ManufacturersModelName": "TrioTim",
    "PhaseEncodingDirection": "j-",
    "ProcedureStepDescription": "head_Dosenbach_MSC",
    "ProtocolName": "Motor_104Frames_36Slices_TR2.2",
    "RepetitionTime": 2.2,
    "ScanningSequence": "EP",
    "SequenceName": "_epfid2d1_64",
    "SequenceVariant": "SK",
    "SeriesDescription": "Motor_104Frames_36Slices_TR2.2",
    "SliceTiming": [
      1.105,
      0,
      1.1675,
      0.0625,
      1.2275,
      0.1225,
      1.29,
      0.185,
      1.35,
      0.245,
      1.4125,
      0.3075,
      1.4725,
      0.37,
      1.535,
      0.43,
      1.595,
      0.4925,
      1.6575,
      0.5525,
      1.7175,
      0.615,
      1.78,
      0.675,
      1.84,
      0.7375,
      1.9025,
      0.7975,
      1.965,
      0.86,
      2.025,
      0.92,
      2.0875,
      0.9825,
      2.1475,
      1.0425
    ],
    "SoftwareVersion": "syngo MR B17",
    "TaskName": "motor",
    "modality": "bold",
    "run_id": "01",
    "session_id": "func08",
    "subject_id": "MSC09",
    "task_id": "motor"
  },
  "dummy_trs": 0,
  "dvars_nstd": 20.38866256951457,
  "dvars_std": 1.2162462509708736,
  "dvars_vstd": 0.998181629126213,
  "efc": 0.43477513561208203,
  "fber": 29989.38671875,
  "fd_mean": 0.1988750125518443,
  "fd_num": 43,
  "fd_perc": 41.34615384615385,
  "fwhm_avg": 2.4907341666666665,
  "fwhm_x": 2.2363725,
  "fwhm_y": 2.894925,
  "fwhm_z": 2.340905,
  "gcor": 0.0158289,
  "gsr_x": -0.017671555280685425,
  "gsr_y": 0.024113481864333153,
  "provenance": {
    "md5sum": "e807eb42d96618d7881d5811168ce572",
    "settings": {
      "fd_thres": 0.2,
      "hmc_fsl": false
    },
    "software": "mriqc",
    "version": "0.9.6"
  },
  "size_t": 104,
  "size_x": 64,
  "size_y": 64,
  "size_z": 36,
  "snr": 5.208873937728871,
  "spacing_tr": 2.200000047683716,
  "spacing_x": 4.0,
  "spacing_y": 4.0,
  "spacing_z": 4.0,
  "summary_bg_k": 35.84072826234971,
  "summary_bg_mad": 2.7086002826690674,
  "summary_bg_mean": 18.6888484954834,
  "summary_bg_median": 3.894230842590332,
  "summary_bg_n": 93986.0,
  "summary_bg_p05": 1.653846263885498,
  "summary_bg_p95": 99.76202201843262,
  "summary_bg_stdv": 42.136844635009766,
  "summary_fg_k": 4.579675221583717,
  "summary_fg_mad": 89.24832916259766,
  "summary_fg_mean": 688.1161499023438,
  "summary_fg_median": 705.7259521484375,
  "summary_fg_n": 23878.0,
  "summary_fg_p05": 426.0062744140625,
  "summary_fg_p95": 854.9947479248046,
  "summary_fg_stdv": 135.48248291015625,
  "tsnr": 76.51575469970703
}