{
  "aor": 0.004809320388349514,
  "aqi": 0.005562980970873786,
  "bids_meta": {
    "BodyPartExamined": "HEAD",
    "CogAtlasID": "http://www.cognitiveatlas.org/term/id/trm_550b53d7dd674",
    "ConversionSoftware": "dcm2niix",
    "ConversionSoftwareVersion": "v1.0.20170411 GCC4.4.7",
    "EchoTime": 0.027,
    "EffectiveEchoSpacing": 0.000590001,
    "FlipAngle": 90,
    "ImageType": [
      "ORIGINAL",
      "PRIMARY",
      "M",
      "ND",
      "NORM",
      "MOSAIC"
    ],
    "Instructions": "In this next scan you'll be prompted to move your hands, feet, or tongue. You'll only move one of these at once. Instructions are presented on the screen. Let?s review them now. [Read on-screen instructions to participant.] Do you have any questions?",
    "MagneticFieldStrength": 3,
    "Manufacturer": "Siemens",
    "ManufacturersModelName": "TrioTim",
    "PhaseEncodingDirection": "j-",
    "ProcedureStepDescription": "head_Dosenbach_MSC",
    "ProtocolName": "Motor_104Frames_36Slices_TR2.2",
    "RepetitionTime": 2.2,
    "ScanningSequence": "EP",
    "SequenceName": "_epfid2d1_64",
    "SequenceVariant": "SK",
    "SeriesDescription": "Motor_104Frames_36Slices_TR2.2",
    "SliceTiming": [
      1.105,
      0,
      1.1675,
      0.0625,
      1.2275,
      0.1225,
      1.29,
      0.185,
      1.35,
      0.245,
      1.4125,
      0.3075,
      1.4725,
      0.37,
      1.535,
      0.43,
      1.595,
      0.4925,
      1.6575,
      0.5525,
      1.7175,
      0.615,
      1.78,
      0.675,
      1.84,
      0.7375,
      1.9025,
      0.7975,
      1.965,
      0.86,
      2.025,
      0.92,
      2.0875,
      0.9825,
      2.1475,
      1.0425
    ],
    "SoftwareVersion": "syngo MR B17",
    "TaskName": "motor",
    "modality": "bold",
    "run_id": "01",
    "session_id": "func07",
    "subject_id": "MSC02",
    "task_id": "motor"
  },
  "dummy_trs": 1,
  "dvars_nstd": 19.741225794215694,
  "dvars_std": 1.3146366585294111,
  "dvars_vstd": 0.9915983211764708,
  "efc": 0.4109779214783256,
  "fber": 38605.8046875,
  "fd_mean": 0.09492247196210037,
  "fd_num": 2,
  "fd_perc": 1.941747572815534,
  "fwhm_avg": 2.4869435641077633,
  "fwhm_x": 2.1894551305016954,
  "fwhm_y": 2.914925,
  "fwhm_z": 2.3564505618215947,
  "gcor": 0.0246572,
  "gsr_x": -0.010829662904143333,
  "gsr_y": 0.037817757576704025,
  "provenance": {
    "md5sum": "913f82e33af64fbb20c9dd84e3f27c8a",
    "settings": {
      "fd_thres": 0.2,
      "hmc_fsl": false
    },
    "software": "mriqc",
    "version": "0.9.6"
  },
  "size_t": 103,
  "size_x": 64,
  "size_y": 64,
  "size_z": 36,
  "snr": 4.856910723778014,
  "spacing_tr": 2.200000047683716,
  "spacing_x": 3.999999761581421,
  "spacing_y": 4.0,
  "spacing_z": 3.9999990463256836,
  "summary_bg_k": 29.35501625774964,
  "summary_bg_mad": 2.37504243850708,
  "summary_bg_mean": 17.957170486450195,
  "summary_bg_median": 3.6019418239593506,
  "summary_bg_n": 97403.0,
  "summary_bg_p05": 1.4951456785202026,
  "summary_bg_p95": 99.72718582153315,
  "summary_bg_stdv": 42.154747009277344,
  "summary_fg_k": 3.5761804525879466,
  "summary_fg_mad": 110.41785430908203,
  "summary_fg_mean": 717.4298706054688,
  "summary_fg_median": 729.4077758789062,
  "summary_fg_n": 21875.0,
  "summary_fg_p05": 451.99708862304686,
  "summary_fg_p95": 921.9737976074218,
  "summary_fg_stdv": 150.17593383789062,
  "tsnr": 73.87626647949219
}