{
  "bids_meta": {
    "BodyPartExamined": "HEAD",
    "ConversionSoftware": "dcm2niix",
    "ConversionSoftwareVersion": "v1.0.20170411 GCC4.4.7",
    "EchoTime": 0.00374,
    "FlipAngle": 8,
    "ImageType": [
      "ORIGINAL",
      "PRIMARY",
      "M",
      "ND",
      "NORM"
    ],
    "InversionTime": 1,
    "MagneticFieldStrength": 3,
    "Manufacturer": "Siemens",
    "ManufacturersModelName": "TrioTim",
    "PhaseEncodingDirection": "i-",
    "ProcedureStepDescription": "head_Dosenbach_MSC",
    "ProtocolName": "T1_.8x.8x.8_224Slices",
    "RepetitionTime": 2.4,
    "ScanningSequence": "GR_IR",
    "SequenceName": "_tfl3d1_ns",
    "SequenceVariant": "SP_MP_OSP",
    "SeriesDescription": "T1_.8x.8x.8_224Slices",
    "modality": "T1w",
    "run_id": "01",
    "session_id": "struct02",
    "subject_id": "MSC05"
  },
  "cjv": 0.6905227492455653,
  "cnr": 1.90456616550823,
  "efc": 0.6585249814635212,
  "fber": 537.2529296875,
  "fwhm_avg": 3.4906577366142613,
  "fwhm_x": 3.5636321366720525,
  "fwhm_y": 3.602232195121951,
  "fwhm_z": 3.306108878048781,
  "icvs_csf": 0.1699967488327467,
  "icvs_gm": 0.39644543550342987,
  "icvs_wm": 0.4335578156638234,
  "inu_med": 1.0097559690475464,
  "inu_range": 0.48772714138031004,
  "provenance": {
    "md5sum": "6653e837c8c0a2d29e32cf86d7205b63",
    "mriqc_pred": 0,
    "settings": {
      "testing": false
    },
    "software": "mriqc",
    "version": "0.9.6",
    "warnings": {
      "large_rot_frame": true,
      "small_air_mask": false
    }
  },
  "qi_1": 0.0,
  "qi_2": 0.005089458004123606,
  "rpve_csf": 17.73737367568637,
  "rpve_gm": 8.125167558045277,
  "rpve_wm": 8.88363230003827,
  "size_x": 224,
  "size_y": 256,
  "size_z": 256,
  "snr_csf": 2.845303316147568,
  "snr_gm": 8.6098490445507,
  "snr_total": 8.835291323884869,
  "snr_wm": 15.050721610956343,
  "snrd_csf": 14.044217610486312,
  "snrd_gm": 26.384576617620443,
  "snrd_total": 24.729860708643344,
  "snrd_wm": 33.76078789782328,
  "spacing_x": 0.8000012040138245,
  "spacing_y": 0.80078125,
  "spacing_z": 0.80078125,
  "summary_bg_k": 3.525844942115752,
  "summary_bg_mad": 19.406230926513672,
  "summary_bg_mean": 33.020721435546875,
  "summary_bg_median": 28.683012008666992,
  "summary_bg_n": 3729858.0,
  "summary_bg_p05": 4.215601921081543,
  "summary_bg_p95": 75.5873893737793,
  "summary_bg_stdv": 22.50151252746582,
  "summary_csf_k": 0.8742529813432873,
  "summary_csf_mad": 151.9035186767578,
  "summary_csf_mean": 433.4149169921875,
  "summary_csf_median": 416.01312255859375,
  "summary_csf_n": 40924.0,
  "summary_csf_p05": 223.36884765625,
  "summary_csf_p95": 682.3470886230468,
  "summary_csf_stdv": 146.20867919921875,
  "summary_gm_k": 0.3590942493470468,
  "summary_gm_mad": 86.60753631591797,
  "summary_gm_mean": 788.7252807617188,
  "summary_gm_median": 781.5551147460938,
  "summary_gm_n": 46866.0,
  "summary_gm_p05": 652.6563568115234,
  "summary_gm_p95": 952.9756469726562,
  "summary_gm_stdv": 90.77357482910156,
  "summary_wm_k": 0.4162395743658758,
  "summary_wm_mad": 64.26869201660156,
  "summary_wm_mean": 1001.5906982421875,
  "summary_wm_median": 1000.05078125,
  "summary_wm_n": 653089.0,
  "summary_wm_p05": 895.5100830078125,
  "summary_wm_p95": 1112.62177734375,
  "summary_wm_stdv": 66.44532012939453,
  "tpm_overlap_csf": 0.21862822771072388,
  "tpm_overlap_gm": 0.4789082109928131,
  "tpm_overlap_wm": 0.5483109354972839,
  "wm2max": 0.6123474488062162
}