{
  "aor": 0.0024696153846153843,
  "aqi": 0.0031147755769230768,
  "bids_meta": {
    "BodyPartExamined": "HEAD",
    "CogAtlasID": "http://www.cognitiveatlas.org/term/id/trm_550b53d7dd674",
    "ConversionSoftware": "dcm2niix",
    "ConversionSoftwareVersion": "v1.0.20170411 GCC4.4.7",
    "EchoTime": 0.027,
    "EffectiveEchoSpacing": 0.000590001,
    "FlipAngle": 90,
    "ImageType": [
      "ORIGINAL",
      "PRIMARY",
      "M",
      "ND",
      "NORM",
      "MOSAIC"
    ],
    "Instructions": "In this next scan you'll be prompted to move your hands, feet, or tongue. You'll only move one of these at once. Instructions are presented on the screen. Let?s review them now. [Read on-screen instructions to participant.] Do you have any questions?",
    "MagneticFieldStrength": 3,
    "Manufacturer": "Siemens",
    "ManufacturersModelName": "TrioTim",
    "PhaseEncodingDirection": "j-",
    "ProcedureStepDescription": "head_Dosenbach_MSC",
    "ProtocolName": "Motor_104Frames_36Slices_TR2.2",
    "RepetitionTime": 2.2,
    "ScanningSequence": "EP",
    "SequenceName": "_epfid2d1_64",
    "SequenceVariant": "SK",
    "SeriesDescription": "Motor_104Frames_36Slices_TR2.2",
    "SliceTiming": [
      1.105,
      0,
      1.1675,
      0.0625,
      1.2275,
      0.1225,
      1.29,
      0.185,
      1.35,
      0.245,
      1.4125,
      0.3075,
      1.4725,
      0.37,
      1.535,
      0.43,
      1.595,
      0.4925,
      1.6575,
      0.5525,
      1.7175,
      0.615,
      1.78,
      0.675,
      1.84,
      0.7375,
      1.9025,
      0.7975,
      1.965,
      0.86,
      2.025,
      0.92,
      2.0875,
      0.9825,
      2.1475,
      1.0425
    ],
    "SoftwareVersion": "syngo MR B17",
    "TaskName": "motor",
    "modality": "bold",
    "run_id": "02",
    "session_id": "func08",
    "subject_id": "MSC04",
    "task_id": "motor"
  },
  "dummy_trs": 0,
  "dvars_nstd": 15.88672271252427,
  "dvars_std": 1.245295403009708,
  "dvars_vstd": 0.9974402893203889,
  "efc": 0.37159224663539975,
  "fber": 47352.2109375,
  "fd_mean": 0.10486565311389726,
  "fd_num": 7,
  "fd_perc": 6.730769230769231,
  "fwhm_avg": 2.600585436538692,
  "fwhm_x": 2.38818,
  "fwhm_y": 2.972275,
  "fwhm_z": 2.441301309616076,
  "gcor": 0.0481225,
  "gsr_x": -0.018721874803304672,
  "gsr_y": 0.011202523484826088,
  "provenance": {
    "md5sum": "3116cda6b2208a87ac0dbc3f7d616729",
    "settings": {
      "fd_thres": 0.2,
      "hmc_fsl": false
    },
    "software": "mriqc",
    "version": "0.9.6"
  },
  "size_t": 104,
  "size_x": 64,
  "size_y": 64,
  "size_z": 36,
  "snr": 4.565575708518744,
  "spacing_tr": 2.200000047683716,
  "spacing_x": 4.0,
  "spacing_y": 4.0,
  "spacing_z": 3.999997854232788,
  "summary_bg_k": 61.900442778153305,
  "summary_bg_mad": 2.1098570823669434,
  "summary_bg_mean": 14.191367149353027,
  "summary_bg_median": 3.451923131942749,
  "summary_bg_n": 101151.0,
  "summary_bg_p05": 1.567307710647583,
  "summary_bg_p95": 59.09615707397461,
  "summary_bg_stdv": 40.64058303833008,
  "summary_fg_k": 3.3895782667141328,
  "summary_fg_mad": 110.29705047607422,
  "summary_fg_mean": 747.1721801757812,
  "summary_fg_median": 782.519287109375,
  "summary_fg_n": 18431.0,
  "summary_fg_p05": 377.63462829589844,
  "summary_fg_p95": 945.0625305175781,
  "summary_fg_stdv": 171.39088439941406,
  "tsnr": 95.28285217285156
}