{
  "aor": 0.0021890384615384615,
  "aqi": 0.005601675865384615,
  "bids_meta": {
    "BodyPartExamined": "HEAD",
    "CogAtlasID": "http://www.cognitiveatlas.org/term/id/trm_550b53d7dd674",
    "ConversionSoftware": "dcm2niix",
    "ConversionSoftwareVersion": "v1.0.20170411 GCC4.4.7",
    "EchoTime": 0.027,
    "EffectiveEchoSpacing": 0.000590001,
    "FlipAngle": 90,
    "ImageType": [
      "ORIGINAL",
      "PRIMARY",
      "M",
      "ND",
      "NORM",
      "MOSAIC"
    ],
    "Instructions": "In this next scan you'll be prompted to move your hands, feet, or tongue. You'll only move one of these at once. Instructions are presented on the screen. Let?s review them now. [Read on-screen instructions to participant.] Do you have any questions?",
    "MagneticFieldStrength": 3,
    "Manufacturer": "Siemens",
    "ManufacturersModelName": "TrioTim",
    "PhaseEncodingDirection": "j-",
    "ProcedureStepDescription": "head_Dosenbach_MSC",
    "ProtocolName": "Motor_104Frames_36Slices_TR2.2",
    "RepetitionTime": 2.2,
    "ScanningSequence": "EP",
    "SequenceName": "_epfid2d1_64",
    "SequenceVariant": "SK",
    "SeriesDescription": "Motor_104Frames_36Slices_TR2.2",
    "SliceTiming": [
      1.105,
      0,
      1.1675,
      0.0625,
      1.2275,
      0.1225,
      1.29,
      0.185,
      1.35,
      0.245,
      1.4125,
      0.3075,
      1.4725,
      0.37,
      1.535,
      0.43,
      1.595,
      0.4925,
      1.6575,
      0.5525,
      1.7175,
      0.615,
      1.78,
      0.675,
      1.84,
      0.7375,
      1.9025,
      0.7975,
      1.965,
      0.86,
      2.025,
      0.92,
      2.0875,
      0.9825,
      2.1475,
      1.0425
    ],
    "SoftwareVersion": "syngo MR B17",
    "TaskName": "motor",
    "modality": "bold",
    "run_id": "01",
    "session_id": "func08",
    "subject_id": "MSC10",
    "task_id": "motor"
  },
  "dummy_trs": 0,
  "dvars_nstd": 21.201570751844667,
  "dvars_std": 1.184674057475728,
  "dvars_vstd": 0.999574031553398,
  "efc": 0.42430174374641816,
  "fber": 27748.640625,
  "fd_mean": 0.19252114964014252,
  "fd_num": 32,
  "fd_perc": 30.76923076923077,
  "fwhm_avg": 2.4337993008552234,
  "fwhm_x": 2.2293375,
  "fwhm_y": 2.82075,
  "fwhm_z": 2.2513104025656707,
  "gcor": 0.0147305,
  "gsr_x": -0.017027806490659714,
  "gsr_y": 0.011204918846487999,
  "provenance": {
    "md5sum": "f187a01d02800d665416ea1336303be5",
    "settings": {
      "fd_thres": 0.2,
      "hmc_fsl": false
    },
    "software": "mriqc",
    "version": "0.9.6"
  },
  "size_t": 104,
  "size_x": 64,
  "size_y": 64,
  "size_z": 36,
  "snr": 4.692533875706045,
  "spacing_tr": 2.200000047683716,
  "spacing_x": 4.0,
  "spacing_y": 4.0,
  "spacing_z": 3.9999992847442627,
  "summary_bg_k": 51.93929004220421,
  "summary_bg_mad": 2.4234845638275146,
  "summary_bg_mean": 14.993498802185059,
  "summary_bg_median": 3.519230842590332,
  "summary_bg_n": 95219.0,
  "summary_bg_p05": 1.528846263885498,
  "summary_bg_p95": 77.26058197021476,
  "summary_bg_stdv": 37.49884033203125,
  "summary_fg_k": 3.5395497385918304,
  "summary_fg_mad": 91.15153503417969,
  "summary_fg_mean": 601.48388671875,
  "summary_fg_median": 614.8557739257812,
  "summary_fg_n": 22819.0,
  "summary_fg_p05": 351.3711791992188,
  "summary_fg_p95": 778.0481262207029,
  "summary_fg_stdv": 131.02565002441406,
  "tsnr": 70.90702819824219
}