{
  "bids_meta": {
    "BodyPartExamined": "HEAD",
    "ConversionSoftware": "dcm2niix",
    "ConversionSoftwareVersion": "v1.0.20170411 GCC4.4.7",
    "EchoTime": 0.479,
    "FlipAngle": 120,
    "ImageType": [
      "ORIGINAL",
      "PRIMARY",
      "M",
      "ND",
      "NORM"
    ],
    "MagneticFieldStrength": 3,
    "Manufacturer": "Siemens",
    "ManufacturersModelName": "TrioTim",
    "PhaseEncodingDirection": "i-",
    "ProcedureStepDescription": "head_Dosenbach_MSC",
    "ProtocolName": "T2_.8x.8x.8_224Slices",
    "RepetitionTime": 3.2,
    "ScanningSequence": "SE",
    "SequenceName": "_spc3d1_282ns",
    "SequenceVariant": "SK_SP",
    "SeriesDescription": "T2_.8x.8x.8_224Slices",
    "modality": "T2w",
    "run_id": "01",
    "session_id": "struct02",
    "subject_id": "MSC01"
  },
  "cjv": 0.8725769549919609,
  "cnr": 1.494444939570627,
  "efc": 0.6576693361825646,
  "fber": 517.6581420898438,
  "fwhm_avg": 2.339469103052698,
  "fwhm_x": 2.200200089645899,
  "fwhm_y": 2.5683168780487806,
  "fwhm_z": 2.2498903414634146,
  "icvs_csf": 0.29149425710202126,
  "icvs_gm": 0.6435083364890553,
  "icvs_wm": 0.0649974064089235,
  "inu_med": 1.3006113767623901,
  "inu_range": 0.3919422924518585,
  "provenance": {
    "md5sum": "230d621745f0a9d37bf83db12be6b243",
    "settings": {
      "testing": false
    },
    "software": "mriqc",
    "version": "0.9.6",
    "warnings": {
      "large_rot_frame": true,
      "small_air_mask": false
    }
  },
  "qi_1": 6.141017868128899e-06,
  "qi_2": 0.0012846350850281507,
  "rpve_csf": 11.067614925073594,
  "rpve_gm": 6.440682450062692,
  "rpve_wm": 49.96668433018239,
  "size_x": 224,
  "size_y": 256,
  "size_z": 256,
  "snr_csf": 2.958762893852093,
  "snr_gm": 5.986313180884753,
  "snr_total": 4.447225185276271,
  "snr_wm": 4.396599481091968,
  "snrd_csf": 54.016744593523555,
  "snrd_gm": 25.651348539183218,
  "snrd_total": 32.19864087188967,
  "snrd_wm": 16.92782948296225,
  "spacing_x": 0.7999954223632812,
  "spacing_y": 0.80078125,
  "spacing_z": 0.80078125,
  "summary_bg_k": 44.982925173680655,
  "summary_bg_mad": 38.518646240234375,
  "summary_bg_mean": 57.20016860961914,
  "summary_bg_median": 38.548316955566406,
  "summary_bg_n": 3285860.0,
  "summary_bg_p05": 0.0,
  "summary_bg_p95": 160.2425605773925,
  "summary_bg_stdv": 56.03340530395508,
  "summary_csf_k": -0.5864857343817529,
  "summary_csf_mad": 1146.5213623046875,
  "summary_csf_mean": 3358.289794921875,
  "summary_csf_median": 3175.906494140625,
  "summary_csf_n": 116139.0,
  "summary_csf_p05": 1988.1432861328126,
  "summary_csf_p95": 5278.130761718749,
  "summary_csf_stdv": 1073.3853759765625,
  "summary_gm_k": 0.7743590447270723,
  "summary_gm_mad": 236.4581298828125,
  "summary_gm_mean": 1528.18017578125,
  "summary_gm_median": 1508.167236328125,
  "summary_gm_n": 498756.0,
  "summary_gm_p05": 1152.190185546875,
  "summary_gm_p95": 1972.604248046875,
  "summary_gm_stdv": 251.93565368652344,
  "summary_wm_k": 0.722629700074851,
  "summary_wm_mad": 211.08485412597656,
  "summary_wm_mean": 981.5750732421875,
  "summary_wm_median": 995.2692260742188,
  "summary_wm_n": 759.0,
  "summary_wm_p05": 560.2379455566406,
  "summary_wm_p95": 1316.2429199218752,
  "summary_wm_stdv": 226.22332763671875,
  "tpm_overlap_csf": 0.18024709820747375,
  "tpm_overlap_gm": 0.39204415678977966,
  "tpm_overlap_wm": 0.103434719145298,
  "wm2max": 0.18426749788096
}