{
  "aor": 0.003460480769230769,
  "aqi": 0.005242492980769231,
  "bids_meta": {
    "BodyPartExamined": "HEAD",
    "CogAtlasID": "http://www.cognitiveatlas.org/term/id/trm_550b53d7dd674",
    "ConversionSoftware": "dcm2niix",
    "ConversionSoftwareVersion": "v1.0.20170411 GCC4.4.7",
    "EchoTime": 0.027,
    "EffectiveEchoSpacing": 0.000590001,
    "FlipAngle": 90,
    "ImageType": [
      "ORIGINAL",
      "PRIMARY",
      "M",
      "ND",
      "NORM",
      "MOSAIC"
    ],
    "Instructions": "In this next scan you'll be prompted to move your hands, feet, or tongue. You'll only move one of these at once. Instructions are presented on the screen. Let?s review them now. [Read on-screen instructions to participant.] Do you have any questions?",
    "MagneticFieldStrength": 3,
    "Manufacturer": "Siemens",
    "ManufacturersModelName": "TrioTim",
    "PhaseEncodingDirection": "j-",
    "ProcedureStepDescription": "head_Dosenbach_MSC",
    "ProtocolName": "Motor_104Frames_36Slices_TR2.2",
    "RepetitionTime": 2.2,
    "ScanningSequence": "EP",
    "SequenceName": "_epfid2d1_64",
    "SequenceVariant": "SK",
    "SeriesDescription": "Motor_104Frames_36Slices_TR2.2",
    "SliceTiming": [
      1.105,
      0,
      1.1675,
      0.0625,
      1.2275,
      0.1225,
      1.29,
      0.185,
      1.35,
      0.245,
      1.4125,
      0.3075,
      1.4725,
      0.37,
      1.535,
      0.43,
      1.595,
      0.4925,
      1.6575,
      0.5525,
      1.7175,
      0.615,
      1.78,
      0.675,
      1.84,
      0.7375,
      1.9025,
      0.7975,
      1.965,
      0.86,
      2.025,
      0.92,
      2.0875,
      0.9825,
      2.1475,
      1.0425
    ],
    "SoftwareVersion": "syngo MR B17",
    "TaskName": "motor",
    "modality": "bold",
    "run_id": "02",
    "session_id": "func09",
    "subject_id": "MSC06",
    "task_id": "motor"
  },
  "dummy_trs": 0,
  "dvars_nstd": 20.878308037184464,
  "dvars_std": 1.3618222666019413,
  "dvars_vstd": 1.0070250928155342,
  "efc": 0.39996254316937185,
  "fber": 34285.50390625,
  "fd_mean": 0.1093772057757752,
  "fd_num": 13,
  "fd_perc": 12.5,
  "fwhm_avg": 2.4572616666666662,
  "fwhm_x": 2.2451375,
  "fwhm_y": 2.77775,
  "fwhm_z": 2.3488975,
  "gcor": 0.0310647,
  "gsr_x": -0.015129687264561653,
  "gsr_y": 0.015581551939249039,
  "provenance": {
    "md5sum": "7b29e48fa2e53157ab3dcb696637e8ee",
    "settings": {
      "fd_thres": 0.2,
      "hmc_fsl": false
    },
    "software": "mriqc",
    "version": "0.9.6"
  },
  "size_t": 104,
  "size_x": 64,
  "size_y": 64,
  "size_z": 36,
  "snr": 4.842273126531481,
  "spacing_tr": 2.200000047683716,
  "spacing_x": 4.0,
  "spacing_y": 4.0,
  "spacing_z": 4.0,
  "summary_bg_k": 55.56000822006435,
  "summary_bg_mad": 2.2524149417877197,
  "summary_bg_mean": 13.621374130249023,
  "summary_bg_median": 3.509615421295166,
  "summary_bg_n": 97712.0,
  "summary_bg_p05": 1.442307710647583,
  "summary_bg_p95": 62.903846740722656,
  "summary_bg_stdv": 32.47412109375,
  "summary_fg_k": 4.055097252964201,
  "summary_fg_mad": 94.97206115722656,
  "summary_fg_mean": 660.2796020507812,
  "summary_fg_median": 678.9038696289062,
  "summary_fg_n": 21009.0,
  "summary_fg_p05": 376.40386962890625,
  "summary_fg_p95": 833.092333984375,
  "summary_fg_stdv": 140.20021057128906,
  "tsnr": 84.4267578125
}