{
  "aor": 0.008675865384615384,
  "aqi": 0.011266353557692309,
  "bids_meta": {
    "BodyPartExamined": "HEAD",
    "CogAtlasID": "http://www.cognitiveatlas.org/term/id/trm_550b53d7dd674",
    "ConversionSoftware": "dcm2niix",
    "ConversionSoftwareVersion": "v1.0.20170411 GCC4.4.7",
    "EchoTime": 0.027,
    "EffectiveEchoSpacing": 0.000590001,
    "FlipAngle": 90,
    "ImageType": [
      "ORIGINAL",
      "PRIMARY",
      "M",
      "ND",
      "NORM",
      "MOSAIC"
    ],
    "Instructions": "In this next scan you'll be prompted to move your hands, feet, or tongue. You'll only move one of these at once. Instructions are presented on the screen. Let?s review them now. [Read on-screen instructions to participant.] Do you have any questions?",
    "MagneticFieldStrength": 3,
    "Manufacturer": "Siemens",
    "ManufacturersModelName": "TrioTim",
    "PhaseEncodingDirection": "j-",
    "ProcedureStepDescription": "head_Dosenbach_MSC",
    "ProtocolName": "Motor_104Frames_36Slices_TR2.2",
    "RepetitionTime": 2.2,
    "ScanningSequence": "EP",
    "SequenceName": "_epfid2d1_64",
    "SequenceVariant": "SK",
    "SeriesDescription": "Motor_104Frames_36Slices_TR2.2",
    "SliceTiming": [
      1.105,
      0,
      1.1675,
      0.0625,
      1.2275,
      0.1225,
      1.29,
      0.185,
      1.35,
      0.245,
      1.4125,
      0.3075,
      1.4725,
      0.37,
      1.535,
      0.43,
      1.595,
      0.4925,
      1.6575,
      0.5525,
      1.7175,
      0.615,
      1.78,
      0.675,
      1.84,
      0.7375,
      1.9025,
      0.7975,
      1.965,
      0.86,
      2.025,
      0.92,
      2.0875,
      0.9825,
      2.1475,
      1.0425
    ],
    "SoftwareVersion": "syngo MR B17",
    "TaskName": "motor",
    "modality": "bold",
    "run_id": "02",
    "session_id": "func03",
    "subject_id": "MSC08",
    "task_id": "motor"
  },
  "dummy_trs": 0,
  "dvars_nstd": 20.481172987669908,
  "dvars_std": 1.2231500643689321,
  "dvars_vstd": 0.9677048217475726,
  "efc": 0.3851643714009948,
  "fber": 40019.22265625,
  "fd_mean": 0.20216687922783289,
  "fd_num": 46,
  "fd_perc": 44.23076923076923,
  "fwhm_avg": 2.4692085647151565,
  "fwhm_x": 2.287335,
  "fwhm_y": 2.791125,
  "fwhm_z": 2.3291656941454693,
  "gcor": 0.0135884,
  "gsr_x": -0.012620512396097183,
  "gsr_y": 0.013598660938441753,
  "provenance": {
    "md5sum": "f93824b88b732c68877917b07326707f",
    "settings": {
      "fd_thres": 0.2,
      "hmc_fsl": false
    },
    "software": "mriqc",
    "version": "0.9.6"
  },
  "size_t": 104,
  "size_x": 64,
  "size_y": 64,
  "size_z": 36,
  "snr": 5.1800140234287655,
  "spacing_tr": 2.200000047683716,
  "spacing_x": 4.0,
  "spacing_y": 4.0,
  "spacing_z": 3.9999988079071045,
  "summary_bg_k": 63.763871727086695,
  "summary_bg_mad": 1.9387876987457275,
  "summary_bg_mean": 11.022932052612305,
  "summary_bg_median": 2.730769395828247,
  "summary_bg_n": 100144.0,
  "summary_bg_p05": 1.1730769872665405,
  "summary_bg_p95": 54.6634635925293,
  "summary_bg_stdv": 25.908546447753906,
  "summary_fg_k": 4.927994881840505,
  "summary_fg_mad": 69.21184539794922,
  "summary_fg_mean": 547.094970703125,
  "summary_fg_median": 563.34619140625,
  "summary_fg_n": 19335.0,
  "summary_fg_p05": 333.18654479980466,
  "summary_fg_p95": 678.9346313476562,
  "summary_fg_stdv": 108.75098419189453,
  "tsnr": 57.680870056152344
}