{
  "bids_meta": {
    "BodyPartExamined": "HEAD",
    "ConversionSoftware": "dcm2niix",
    "ConversionSoftwareVersion": "v1.0.20170411 GCC4.4.7",
    "EchoTime": 0.00374,
    "FlipAngle": 8,
    "ImageType": [
      "ORIGINAL",
      "PRIMARY",
      "M",
      "ND",
      "NORM"
    ],
    "InversionTime": 1,
    "MagneticFieldStrength": 3,
    "Manufacturer": "Siemens",
    "ManufacturersModelName": "TrioTim",
    "PhaseEncodingDirection": "i-",
    "ProcedureStepDescription": "head_Dosenbach_MSC",
    "ProtocolName": "T1_.8x.8x.8_224Slices",
    "RepetitionTime": 2.4,
    "ScanningSequence": "GR_IR",
    "SequenceName": "_tfl3d1_ns",
    "SequenceVariant": "SP_MP_OSP",
    "SeriesDescription": "T1_.8x.8x.8_224Slices",
    "modality": "T1w",
    "run_id": "02",
    "session_id": "struct02",
    "subject_id": "MSC05"
  },
  "cjv": 0.7040992824262611,
  "cnr": 1.8674011436304454,
  "efc": 0.6627152523452002,
  "fber": 506.2632751464844,
  "fwhm_avg": 3.476707502936383,
  "fwhm_x": 3.5594571429554906,
  "fwhm_y": 3.584499512195122,
  "fwhm_z": 3.2861658536585363,
  "icvs_csf": 0.16720254912427823,
  "icvs_gm": 0.39743930408932604,
  "icvs_wm": 0.4353581467863958,
  "inu_med": 1.0206650495529175,
  "inu_range": 0.4937845587730405,
  "provenance": {
    "md5sum": "805ce4a96ed4f7a1c05e9b979d65ceda",
    "mriqc_pred": 0,
    "settings": {
      "testing": false
    },
    "software": "mriqc",
    "version": "0.9.6",
    "warnings": {
      "large_rot_frame": true,
      "small_air_mask": false
    }
  },
  "qi_1": 0.0,
  "qi_2": 0.007389434014053069,
  "rpve_csf": 17.953724970517193,
  "rpve_gm": 8.103256251937102,
  "rpve_wm": 8.823541648419024,
  "size_x": 224,
  "size_y": 256,
  "size_z": 256,
  "snr_csf": 2.810747343223979,
  "snr_gm": 8.518399225226199,
  "snr_total": 8.658719893901782,
  "snr_wm": 14.647013113255168,
  "snrd_csf": 13.552122411461617,
  "snrd_gm": 25.661800510597157,
  "snrd_total": 24.00956412886117,
  "snrd_wm": 32.81476946452474,
  "spacing_x": 0.8000012040138245,
  "spacing_y": 0.80078125,
  "spacing_z": 0.80078125,
  "summary_bg_k": 3.069214234158421,
  "summary_bg_mad": 19.96597671508789,
  "summary_bg_mean": 33.912017822265625,
  "summary_bg_median": 29.416629791259766,
  "summary_bg_n": 3650571.0,
  "summary_bg_p05": 4.308465003967285,
  "summary_bg_p95": 77.84427642822266,
  "summary_bg_stdv": 23.168807983398438,
  "summary_csf_k": 0.9930833182223457,
  "summary_csf_mad": 151.3348388671875,
  "summary_csf_mean": 430.73260498046875,
  "summary_csf_median": 413.01531982421875,
  "summary_csf_n": 42778.0,
  "summary_csf_p05": 221.26315689086914,
  "summary_csf_p95": 681.0425689697266,
  "summary_csf_stdv": 146.9397430419922,
  "summary_gm_k": 0.4315751759497579,
  "summary_gm_mad": 87.21102142333984,
  "summary_gm_mean": 789.6805419921875,
  "summary_gm_median": 782.0706176757812,
  "summary_gm_n": 50269.0,
  "summary_gm_p05": 651.8561889648438,
  "summary_gm_p95": 954.4376342773437,
  "summary_gm_stdv": 91.80866241455078,
  "summary_wm_k": 0.3936322291529817,
  "summary_wm_mad": 66.27862548828125,
  "summary_wm_mean": 1001.5374755859375,
  "summary_wm_median": 1000.06494140625,
  "summary_wm_n": 654914.0,
  "summary_wm_p05": 892.3867919921875,
  "summary_wm_p95": 1115.68623046875,
  "summary_wm_stdv": 68.2776870727539,
  "tpm_overlap_csf": 0.21726694703102112,
  "tpm_overlap_gm": 0.47852927446365356,
  "tpm_overlap_wm": 0.5457714796066284,
  "wm2max": 0.6139999801429741
}