{
  "aor": 0.00981356968215159,
  "aqi": 0.014799876491442545,
  "bids_meta": {
    "BodyPartExamined": "HEAD",
    "CogAtlasID": "http://www.cognitiveatlas.org/term/id/trm_4c8a834779883",
    "ConversionSoftware": "dcm2niix",
    "ConversionSoftwareVersion": "v1.0.20170411 GCC4.4.7",
    "EchoTime": 0.027,
    "EffectiveEchoSpacing": 0.000590001,
    "FlipAngle": 90,
    "ImageType": [
      "ORIGINAL",
      "PRIMARY",
      "M",
      "ND",
      "NORM",
      "MOSAIC"
    ],
    "Instructions": "During this first scan, a plus sign will be presented on the screen.  All you need to do is simply relax and look at the plus sign. Please keep your eyes open the entire time, and be as still as possible. It's extremely important that you stay awake for the entire duration of this scan. This scan will last ~30 minutes.",
    "MagneticFieldStrength": 3,
    "Manufacturer": "Siemens",
    "ManufacturersModelName": "TrioTim",
    "PhaseEncodingDirection": "j-",
    "ProcedureStepDescription": "head_Dosenbach_MSC",
    "ProtocolName": "RSFC_818Frames_36Slices_TR2.2",
    "RepetitionTime": 2.2,
    "ScanningSequence": "EP",
    "SequenceName": "_epfid2d1_64",
    "SequenceVariant": "SK",
    "SeriesDescription": "RSFC_818Frames_36Slices_TR2.2",
    "SliceTiming": [
      1.105,
      0,
      1.165,
      0.06,
      1.2275,
      0.1225,
      1.2875,
      0.185,
      1.35,
      0.245,
      1.41,
      0.3075,
      1.4725,
      0.3675,
      1.5325,
      0.43,
      1.595,
      0.49,
      1.655,
      0.5525,
      1.7175,
      0.6125,
      1.78,
      0.675,
      1.84,
      0.735,
      1.9025,
      0.7975,
      1.9625,
      0.8575,
      2.025,
      0.92,
      2.085,
      0.9825,
      2.1475,
      1.0425
    ],
    "SoftwareVersion": "syngo MR B17",
    "TaskName": "rest",
    "modality": "bold",
    "session_id": "func10",
    "subject_id": "MSC03",
    "task_id": "rest"
  },
  "dummy_trs": 0,
  "dvars_nstd": 17.463446663892285,
  "dvars_std": 1.1412122275764982,
  "dvars_vstd": 1.088398379449204,
  "efc": 0.3679078820382071,
  "fber": 43464.33984375,
  "fd_mean": 0.2457766697983113,
  "fd_num": 474,
  "fd_perc": 57.946210268948654,
  "fwhm_avg": 2.624675334792938,
  "fwhm_x": 2.396435142838665,
  "fwhm_y": 3.06855,
  "fwhm_z": 2.409040861540149,
  "gcor": 0.0197997,
  "gsr_x": -0.015032070688903332,
  "gsr_y": 0.01614093780517578,
  "provenance": {
    "md5sum": "f9ad3d91f641c70149785d4a0e47949f",
    "settings": {
      "fd_thres": 0.2,
      "hmc_fsl": false
    },
    "software": "mriqc",
    "version": "0.9.6"
  },
  "size_t": 818,
  "size_x": 64,
  "size_y": 64,
  "size_z": 36,
  "snr": 4.802592421790221,
  "spacing_tr": 2.200000047683716,
  "spacing_x": 3.999999761581421,
  "spacing_y": 4.0,
  "spacing_z": 3.9999985694885254,
  "summary_bg_k": 47.75735102966726,
  "summary_bg_mad": 2.372526168823242,
  "summary_bg_mean": 11.071300506591797,
  "summary_bg_median": 2.8887531757354736,
  "summary_bg_n": 102326.0,
  "summary_bg_p05": 0.8569682240486145,
  "summary_bg_p95": 51.799818992614746,
  "summary_bg_stdv": 26.05927848815918,
  "summary_fg_k": 3.4185450638116643,
  "summary_fg_mad": 84.82559204101562,
  "summary_fg_mean": 593.8222045898438,
  "summary_fg_median": 613.6699829101562,
  "summary_fg_n": 17699.0,
  "summary_fg_p05": 331.8957458496094,
  "summary_fg_p95": 752.3794738769529,
  "summary_fg_stdv": 127.7752914428711,
  "tsnr": 41.90196228027344
}