{
  "aor": 0.003021153846153846,
  "aqi": 0.004748264134615384,
  "bids_meta": {
    "BodyPartExamined": "HEAD",
    "CogAtlasID": "http://www.cognitiveatlas.org/term/id/trm_550b53d7dd674",
    "ConversionSoftware": "dcm2niix",
    "ConversionSoftwareVersion": "v1.0.20170411 GCC4.4.7",
    "EchoTime": 0.027,
    "EffectiveEchoSpacing": 0.000590001,
    "FlipAngle": 90,
    "ImageType": [
      "ORIGINAL",
      "PRIMARY",
      "M",
      "ND",
      "NORM",
      "MOSAIC"
    ],
    "Instructions": "In this next scan you'll be prompted to move your hands, feet, or tongue. You'll only move one of these at once. Instructions are presented on the screen. Let?s review them now. [Read on-screen instructions to participant.] Do you have any questions?",
    "MagneticFieldStrength": 3,
    "Manufacturer": "Siemens",
    "ManufacturersModelName": "TrioTim",
    "PhaseEncodingDirection": "j-",
    "ProcedureStepDescription": "head_Dosenbach_MSC",
    "ProtocolName": "Motor_104Frames_36Slices_TR2.2",
    "RepetitionTime": 2.2,
    "ScanningSequence": "EP",
    "SequenceName": "_epfid2d1_64",
    "SequenceVariant": "SK",
    "SeriesDescription": "Motor_104Frames_36Slices_TR2.2",
    "SliceTiming": [
      1.105,
      0,
      1.1675,
      0.0625,
      1.2275,
      0.1225,
      1.29,
      0.185,
      1.35,
      0.245,
      1.4125,
      0.3075,
      1.4725,
      0.37,
      1.535,
      0.43,
      1.595,
      0.4925,
      1.6575,
      0.5525,
      1.7175,
      0.615,
      1.78,
      0.675,
      1.84,
      0.7375,
      1.9025,
      0.7975,
      1.965,
      0.86,
      2.025,
      0.92,
      2.0875,
      0.9825,
      2.1475,
      1.0425
    ],
    "SoftwareVersion": "syngo MR B17",
    "TaskName": "motor",
    "modality": "bold",
    "run_id": "01",
    "session_id": "func07",
    "subject_id": "MSC01",
    "task_id": "motor"
  },
  "dummy_trs": 0,
  "dvars_nstd": 20.585860659902917,
  "dvars_std": 1.284395559126214,
  "dvars_vstd": 1.0134537290291263,
  "efc": 0.415852407211353,
  "fber": 24763.314453125,
  "fd_mean": 0.1853938081459686,
  "fd_num": 38,
  "fd_perc": 36.53846153846154,
  "fwhm_avg": 2.3487492994554082,
  "fwhm_x": 2.0877975,
  "fwhm_y": 2.730625,
  "fwhm_z": 2.2278253983662246,
  "gcor": 0.0250037,
  "gsr_x": -0.011154978536069393,
  "gsr_y": 0.012400350533425808,
  "provenance": {
    "md5sum": "e8cae2a479484947caf9348dd7b8ab38",
    "settings": {
      "fd_thres": 0.2,
      "hmc_fsl": false
    },
    "software": "mriqc",
    "version": "0.9.6"
  },
  "size_t": 104,
  "size_x": 64,
  "size_y": 64,
  "size_z": 36,
  "snr": 4.937300125625666,
  "spacing_tr": 2.200000047683716,
  "spacing_x": 4.0,
  "spacing_y": 4.0,
  "spacing_z": 3.9999992847442627,
  "summary_bg_k": 38.90981165669284,
  "summary_bg_mad": 3.164785623550415,
  "summary_bg_mean": 16.385623931884766,
  "summary_bg_median": 4.009615421295166,
  "summary_bg_n": 97014.0,
  "summary_bg_p05": 1.2403846979141235,
  "summary_bg_p95": 74.0769271850586,
  "summary_bg_stdv": 36.637794494628906,
  "summary_fg_k": 4.038964545247054,
  "summary_fg_mad": 90.01107788085938,
  "summary_fg_mean": 643.2973022460938,
  "summary_fg_median": 659.0096435546875,
  "summary_fg_n": 21633.0,
  "summary_fg_p05": 376.11540527343755,
  "summary_fg_p95": 812.64619140625,
  "summary_fg_stdv": 133.47262573242188,
  "tsnr": 84.57612609863281
}