{
  "aor": 0.0022282644628099178,
  "aqi": 0.005004068099173553,
  "bids_meta": {
    "BodyPartExamined": "HEAD",
    "CogAtlasID": "http://www.cognitiveatlas.org/term/id/trm_4f24126c22011",
    "ConversionSoftware": "dcm2niix",
    "ConversionSoftwareVersion": "v1.0.20170411 GCC4.4.7",
    "EchoTime": 0.027,
    "EffectiveEchoSpacing": 0.000590001,
    "FlipAngle": 90,
    "ImageType": [
      "ORIGINAL",
      "PRIMARY",
      "M",
      "ND",
      "NORM",
      "MOSAIC"
    ],
    "Instructions": "In this next scan you'll be viewing a series of nouns. Some will be abstract, others will be concrete. Abstract words refer to ideas that do not have a physical or set form. Concrete words are words for which a physical or set form exists. Your task is to decide whether each noun is abstract or concrete. You will see each noun more than once. Regardless of how many times you have seen a noun, please indicate whether it is abstract or concrete. You'll make your responses with the button box, with either your left or right thumb. Press the LEFT/RIGHT button to indicate that a word is abstract, and the RIGHT/LEFT button to indicate that the word is concrete.[Practice this a half dozen times by prompting them to press the button for abstract/concrete] Do you have any questions?",
    "MagneticFieldStrength": 3,
    "Manufacturer": "Siemens",
    "ManufacturersModelName": "TrioTim",
    "PhaseEncodingDirection": "j-",
    "ProcedureStepDescription": "head_Dosenbach_MSC",
    "ProtocolName": "Memory_words_121Frames_36Slices_TR2.2",
    "RepetitionTime": 2.2,
    "ScanningSequence": "EP",
    "SequenceName": "_epfid2d1_64",
    "SequenceVariant": "SK",
    "SeriesDescription": "Memory_words_121Frames_36Slices_TR2.2",
    "SliceTiming": [
      1.1025,
      0,
      1.165,
      0.06,
      1.225,
      0.1225,
      1.2875,
      0.1825,
      1.3475,
      0.245,
      1.41,
      0.305,
      1.4725,
      0.3675,
      1.5325,
      0.4275,
      1.595,
      0.49,
      1.655,
      0.55,
      1.7175,
      0.6125,
      1.7775,
      0.675,
      1.84,
      0.735,
      1.9,
      0.7975,
      1.9625,
      0.8575,
      2.0225,
      0.92,
      2.085,
      0.98,
      2.145,
      1.0425
    ],
    "SoftwareVersion": "syngo MR B17",
    "TaskName": "memorywords",
    "modality": "bold",
    "session_id": "func06",
    "subject_id": "MSC03",
    "task_id": "memorywords"
  },
  "dummy_trs": 0,
  "dvars_nstd": 21.653038326666657,
  "dvars_std": 1.1570882999999992,
  "dvars_vstd": 0.9699818614166668,
  "efc": 0.36729310898716183,
  "fber": 43401.91015625,
  "fd_mean": 0.33157721101100324,
  "fd_num": 85,
  "fd_perc": 70.24793388429752,
  "fwhm_avg": 2.561791479453092,
  "fwhm_x": 2.3330575,
  "fwhm_y": 2.996625,
  "fwhm_z": 2.3556919383592754,
  "gcor": 0.00566452,
  "gsr_x": -0.016068866476416588,
  "gsr_y": 0.013983636163175106,
  "provenance": {
    "md5sum": "d95bbe138b3e97f4c838356c78cf8f2c",
    "settings": {
      "fd_thres": 0.2,
      "hmc_fsl": false
    },
    "software": "mriqc",
    "version": "0.9.6"
  },
  "size_t": 121,
  "size_x": 64,
  "size_y": 64,
  "size_z": 36,
  "snr": 4.793894072118144,
  "spacing_tr": 2.200000047683716,
  "spacing_x": 4.0,
  "spacing_y": 4.0,
  "spacing_z": 4.000000953674316,
  "summary_bg_k": 50.46174887966751,
  "summary_bg_mad": 1.7276602983474731,
  "summary_bg_mean": 10.141705513000488,
  "summary_bg_median": 2.669421434402466,
  "summary_bg_n": 102327.0,
  "summary_bg_p05": 1.0661156177520752,
  "summary_bg_p95": 48.10495719909666,
  "summary_bg_stdv": 23.994651794433594,
  "summary_fg_k": 3.839538749361516,
  "summary_fg_mad": 78.19803619384766,
  "summary_fg_mean": 559.0406494140625,
  "summary_fg_median": 577.826416015625,
  "summary_fg_n": 17623.0,
  "summary_fg_p05": 315.21733093261724,
  "summary_fg_p95": 705.3793029785156,
  "summary_fg_stdv": 120.53041076660156,
  "tsnr": 75.24705505371094
}