{
  "bids_meta": {
    "BodyPartExamined": "HEAD",
    "ConversionSoftware": "dcm2niix",
    "ConversionSoftwareVersion": "v1.0.20170411 GCC4.4.7",
    "EchoTime": 0.00374,
    "FlipAngle": 8,
    "ImageType": [
      "ORIGINAL",
      "PRIMARY",
      "M",
      "ND",
      "NORM"
    ],
    "InversionTime": 1,
    "MagneticFieldStrength": 3,
    "Manufacturer": "Siemens",
    "ManufacturersModelName": "TrioTim",
    "PhaseEncodingDirection": "i-",
    "ProcedureStepDescription": "head_Dosenbach_MSC",
    "ProtocolName": "T1_.8x.8x.8_224Slices",
    "RepetitionTime": 2.4,
    "ScanningSequence": "GR_IR",
    "SequenceName": "_tfl3d1_ns",
    "SequenceVariant": "SP_MP_OSP",
    "SeriesDescription": "T1_.8x.8x.8_224Slices",
    "modality": "T1w",
    "run_id": "02",
    "session_id": "struct02",
    "subject_id": "MSC09"
  },
  "cjv": 0.6068525773049374,
  "cnr": 2.194726696174117,
  "efc": 0.7009567447254167,
  "fber": 343.81658935546875,
  "fwhm_avg": 3.613933957725934,
  "fwhm_x": 3.6670334829339004,
  "fwhm_y": 3.780807804878049,
  "fwhm_z": 3.393960585365854,
  "icvs_csf": 0.17412212273891375,
  "icvs_gm": 0.417052449578261,
  "icvs_wm": 0.4088254276828253,
  "inu_med": 1.0548374652862549,
  "inu_range": 0.5831629514694212,
  "provenance": {
    "md5sum": "0f15077580b2c156a75acd154208db6f",
    "mriqc_pred": 0,
    "settings": {
      "testing": false
    },
    "software": "mriqc",
    "version": "0.9.6",
    "warnings": {
      "large_rot_frame": true,
      "small_air_mask": false
    }
  },
  "qi_1": 0.0,
  "qi_2": 0.005686875853858426,
  "rpve_csf": 16.278955619319717,
  "rpve_gm": 7.350568959959263,
  "rpve_wm": 8.779266313667934,
  "size_x": 224,
  "size_y": 256,
  "size_z": 256,
  "snr_csf": 2.608145906253999,
  "snr_gm": 9.016342279104972,
  "snr_total": 8.689821462672729,
  "snr_wm": 14.444976202659216,
  "snrd_csf": 10.691738338391955,
  "snrd_gm": 22.40830312489058,
  "snrd_total": 20.924076484112323,
  "snrd_wm": 29.672187989054432,
  "spacing_x": 0.7999954223632812,
  "spacing_y": 0.80078125,
  "spacing_z": 0.80078125,
  "summary_bg_k": 2.7230502618287096,
  "summary_bg_mad": 22.079988479614258,
  "summary_bg_mean": 37.04083251953125,
  "summary_bg_median": 32.02083969116211,
  "summary_bg_n": 2656681.0,
  "summary_bg_p05": 4.52074670791626,
  "summary_bg_p95": 84.9654769897461,
  "summary_bg_stdv": 25.174541473388672,
  "summary_csf_k": 1.0266270683612087,
  "summary_csf_mad": 127.29650115966797,
  "summary_csf_mean": 385.4439697265625,
  "summary_csf_median": 360.34246826171875,
  "summary_csf_n": 49404.0,
  "summary_csf_p05": 202.26357650756836,
  "summary_csf_p95": 642.4057250976563,
  "summary_csf_stdv": 138.15899658203125,
  "summary_gm_k": 0.17059742724182536,
  "summary_gm_mad": 82.17081451416016,
  "summary_gm_mean": 759.4805297851562,
  "summary_gm_median": 755.2245483398438,
  "summary_gm_n": 77066.0,
  "summary_gm_p05": 628.8533020019531,
  "summary_gm_p95": 904.554931640625,
  "summary_gm_stdv": 83.76119995117188,
  "summary_wm_k": 0.4896056369668278,
  "summary_wm_mad": 66.39513397216797,
  "summary_wm_mean": 1001.5418701171875,
  "summary_wm_median": 1000.0384521484375,
  "summary_wm_n": 625921.0,
  "summary_wm_p05": 890.80859375,
  "summary_wm_p95": 1117.1590576171875,
  "summary_wm_stdv": 69.23082733154297,
  "tpm_overlap_csf": 0.23176519572734833,
  "tpm_overlap_gm": 0.4909634292125702,
  "tpm_overlap_wm": 0.5399391055107117,
  "wm2max": 0.5871898109928306
}