{
  "bids_meta": {
    "BodyPartExamined": "HEAD",
    "ConversionSoftware": "dcm2niix",
    "ConversionSoftwareVersion": "v1.0.20170411 GCC4.4.7",
    "EchoTime": 0.479,
    "FlipAngle": 120,
    "ImageType": [
      "ORIGINAL",
      "PRIMARY",
      "M",
      "ND",
      "NORM"
    ],
    "MagneticFieldStrength": 3,
    "Manufacturer": "Siemens",
    "ManufacturersModelName": "TrioTim",
    "PhaseEncodingDirection": "i-",
    "ProcedureStepDescription": "head_Dosenbach_MSC",
    "ProtocolName": "T2_.8x.8x.8_224Slices",
    "RepetitionTime": 3.2,
    "ScanningSequence": "SE",
    "SequenceName": "_spc3d1_282ns",
    "SequenceVariant": "SK_SP",
    "SeriesDescription": "T2_.8x.8x.8_224Slices",
    "modality": "T2w",
    "run_id": "02",
    "session_id": "struct02",
    "subject_id": "MSC02"
  },
  "cjv": 0.752185882533552,
  "cnr": 1.8272916131894865,
  "efc": 0.6357754338122278,
  "fber": 259.8538818359375,
  "fwhm_avg": 2.5559100446548615,
  "fwhm_x": 2.327595109574341,
  "fwhm_y": 2.838927609756097,
  "fwhm_z": 2.5012074146341465,
  "icvs_csf": 0.21983822340306272,
  "icvs_gm": 0.5937294422019097,
  "icvs_wm": 0.1864323343950276,
  "inu_med": 1.3032914400100708,
  "inu_range": 0.48838858604431157,
  "provenance": {
    "md5sum": "c8d81a3862becdae4cc6a8cf036ba9c5",
    "settings": {
      "testing": false
    },
    "software": "mriqc",
    "version": "0.9.6",
    "warnings": {
      "large_rot_frame": true,
      "small_air_mask": false
    }
  },
  "qi_1": 3.713894212272114e-05,
  "qi_2": 0.0037043558304965677,
  "rpve_csf": 14.256199519604964,
  "rpve_gm": 6.349682652578745,
  "rpve_wm": 16.32191390234392,
  "size_x": 224,
  "size_y": 256,
  "size_z": 256,
  "snr_csf": 3.410516606990186,
  "snr_gm": 5.506555032623154,
  "snr_total": 3.934146864706515,
  "snr_wm": 2.885368954506206,
  "snrd_csf": 47.05413539058791,
  "snrd_gm": 18.127225515030084,
  "snrd_total": 24.867881691706504,
  "snrd_wm": 9.422284169501527,
  "spacing_x": 0.8000016808509827,
  "spacing_y": 0.80078125,
  "spacing_z": 0.80078125,
  "summary_bg_k": 14.651876274737283,
  "summary_bg_mad": 69.59740447998047,
  "summary_bg_mean": 100.9903335571289,
  "summary_bg_median": 70.4668197631836,
  "summary_bg_n": 3803757.0,
  "summary_bg_p05": 0.0,
  "summary_bg_p95": 323.1750244140624,
  "summary_bg_stdv": 116.09516143798828,
  "summary_csf_k": -0.7486982911298221,
  "summary_csf_mad": 1687.7283935546875,
  "summary_csf_mean": 4804.60302734375,
  "summary_csf_median": 4998.7236328125,
  "summary_csf_n": 71537.0,
  "summary_csf_p05": 2303.3320800781253,
  "summary_csf_p95": 6842.4365234375,
  "summary_csf_stdv": 1465.6690673828125,
  "summary_gm_k": 0.16838395651062843,
  "summary_gm_mad": 340.26373291015625,
  "summary_gm_mean": 1934.197509765625,
  "summary_gm_median": 1925.7178955078125,
  "summary_gm_n": 131783.0,
  "summary_gm_p05": 1371.2755615234375,
  "summary_gm_p95": 2528.018774414062,
  "summary_gm_stdv": 349.71240234375,
  "summary_wm_k": 0.20982702015296084,
  "summary_wm_mad": 355.32470703125,
  "summary_wm_mean": 1010.591064453125,
  "summary_wm_median": 1000.9618530273438,
  "summary_wm_n": 20376.0,
  "summary_wm_p05": 453.8060836791992,
  "summary_wm_p95": 1585.0623779296875,
  "summary_wm_stdv": 346.9009704589844,
  "tpm_overlap_csf": 0.1848074495792389,
  "tpm_overlap_gm": 0.4310157597064972,
  "tpm_overlap_wm": 0.25972169637680054,
  "wm2max": 0.1505624145655385
}