{
  "aor": 0.009698942307692308,
  "aqi": 0.006332730288461539,
  "bids_meta": {
    "BodyPartExamined": "HEAD",
    "CogAtlasID": "http://www.cognitiveatlas.org/term/id/trm_550b53d7dd674",
    "ConversionSoftware": "dcm2niix",
    "ConversionSoftwareVersion": "v1.0.20170411 GCC4.4.7",
    "EchoTime": 0.027,
    "EffectiveEchoSpacing": 0.000590001,
    "FlipAngle": 90,
    "ImageType": [
      "ORIGINAL",
      "PRIMARY",
      "M",
      "ND",
      "NORM",
      "MOSAIC"
    ],
    "Instructions": "In this next scan you'll be prompted to move your hands, feet, or tongue. You'll only move one of these at once. Instructions are presented on the screen. Let?s review them now. [Read on-screen instructions to participant.] Do you have any questions?",
    "MagneticFieldStrength": 3,
    "Manufacturer": "Siemens",
    "ManufacturersModelName": "TrioTim",
    "PhaseEncodingDirection": "j-",
    "ProcedureStepDescription": "head_Dosenbach_MSC",
    "ProtocolName": "Motor_104Frames_36Slices_TR2.2",
    "RepetitionTime": 2.2,
    "ScanningSequence": "EP",
    "SequenceName": "_epfid2d1_64",
    "SequenceVariant": "SK",
    "SeriesDescription": "Motor_104Frames_36Slices_TR2.2",
    "SliceTiming": [
      1.105,
      0,
      1.1675,
      0.0625,
      1.2275,
      0.1225,
      1.29,
      0.185,
      1.35,
      0.245,
      1.4125,
      0.3075,
      1.4725,
      0.37,
      1.535,
      0.43,
      1.595,
      0.4925,
      1.6575,
      0.5525,
      1.7175,
      0.615,
      1.78,
      0.675,
      1.84,
      0.7375,
      1.9025,
      0.7975,
      1.965,
      0.86,
      2.025,
      0.92,
      2.0875,
      0.9825,
      2.1475,
      1.0425
    ],
    "SoftwareVersion": "syngo MR B17",
    "TaskName": "motor",
    "modality": "bold",
    "run_id": "02",
    "session_id": "func10",
    "subject_id": "MSC02",
    "task_id": "motor"
  },
  "dummy_trs": 0,
  "dvars_nstd": 19.76723121058252,
  "dvars_std": 1.326581565145631,
  "dvars_vstd": 1.0314420721359223,
  "efc": 0.4173715505249241,
  "fber": 33959.54296875,
  "fd_mean": 0.11462734634791831,
  "fd_num": 7,
  "fd_perc": 6.730769230769231,
  "fwhm_avg": 2.47322421326871,
  "fwhm_x": 2.19509,
  "fwhm_y": 2.879025,
  "fwhm_z": 2.3455576398061297,
  "gcor": 0.0164786,
  "gsr_x": -0.012187131680548191,
  "gsr_y": 0.034061212092638016,
  "provenance": {
    "md5sum": "57aac4b537636345f6ed2ef97bef5639",
    "settings": {
      "fd_thres": 0.2,
      "hmc_fsl": false
    },
    "software": "mriqc",
    "version": "0.9.6"
  },
  "size_t": 104,
  "size_x": 64,
  "size_y": 64,
  "size_z": 36,
  "snr": 4.809201187805318,
  "spacing_tr": 2.200000047683716,
  "spacing_x": 4.0,
  "spacing_y": 4.0,
  "spacing_z": 3.999999761581421,
  "summary_bg_k": 27.54885404818207,
  "summary_bg_mad": 2.466252088546753,
  "summary_bg_mean": 18.475887298583984,
  "summary_bg_median": 3.663461685180664,
  "summary_bg_n": 96636.0,
  "summary_bg_p05": 1.567307710647583,
  "summary_bg_p95": 100.92548370361328,
  "summary_bg_stdv": 42.42494583129883,
  "summary_fg_k": 3.4865510528074095,
  "summary_fg_mad": 104.82994842529297,
  "summary_fg_mean": 684.1556396484375,
  "summary_fg_median": 697.1298217773438,
  "summary_fg_n": 22272.0,
  "summary_fg_p05": 419.41444396972656,
  "summary_fg_p95": 879.736572265625,
  "summary_fg_stdv": 144.95425415039062,
  "tsnr": 67.75598907470703
}