{
  "bids_meta": {
    "BodyPartExamined": "HEAD",
    "ConversionSoftware": "dcm2niix",
    "ConversionSoftwareVersion": "v1.0.20170411 GCC4.4.7",
    "EchoTime": 0.479,
    "FlipAngle": 120,
    "ImageType": [
      "ORIGINAL",
      "PRIMARY",
      "M",
      "ND",
      "NORM"
    ],
    "MagneticFieldStrength": 3,
    "Manufacturer": "Siemens",
    "ManufacturersModelName": "TrioTim",
    "PhaseEncodingDirection": "i-",
    "ProcedureStepDescription": "head_Dosenbach_MSC",
    "ProtocolName": "T2_.8x.8x.8_224Slices",
    "RepetitionTime": 3.2,
    "ScanningSequence": "SE",
    "SequenceName": "_spc3d1_282ns",
    "SequenceVariant": "SK_SP",
    "SeriesDescription": "T2_.8x.8x.8_224Slices",
    "modality": "T2w",
    "run_id": "02",
    "session_id": "struct02",
    "subject_id": "MSC10"
  },
  "cjv": 0.7512850495782742,
  "cnr": 1.7304003868652296,
  "efc": 0.6193280159625123,
  "fber": 563.903076171875,
  "fwhm_avg": 2.504241122542785,
  "fwhm_x": 2.329397709091771,
  "fwhm_y": 2.776576,
  "fwhm_z": 2.4067496585365853,
  "icvs_csf": 0.26148622539371463,
  "icvs_gm": 0.6371578547455432,
  "icvs_wm": 0.10135591986074215,
  "inu_med": 1.3104734420776367,
  "inu_range": 0.5478542208671566,
  "provenance": {
    "md5sum": "9b57188e885b331d99eb3ec8d8dda611",
    "settings": {
      "testing": false
    },
    "software": "mriqc",
    "version": "0.9.6",
    "warnings": {
      "large_rot_frame": true,
      "small_air_mask": false
    }
  },
  "qi_1": 0.0,
  "qi_2": 0.006880939131830498,
  "rpve_csf": 11.801923497839004,
  "rpve_gm": 6.253149587937175,
  "rpve_wm": 30.005743150022035,
  "size_x": 224,
  "size_y": 256,
  "size_z": 256,
  "snr_csf": 3.6171206820625645,
  "snr_gm": 5.978542480789487,
  "snr_total": 4.519198523031486,
  "snr_wm": 3.961932406242406,
  "snrd_csf": 43.24669731506086,
  "snrd_gm": 18.346702464811624,
  "snrd_total": 24.213025506027055,
  "snrd_wm": 11.04567673820868,
  "spacing_x": 0.800000786781311,
  "spacing_y": 0.80078125,
  "spacing_z": 0.80078125,
  "summary_bg_k": 12.508876820886343,
  "summary_bg_mad": 59.28154754638672,
  "summary_bg_mean": 64.68881225585938,
  "summary_bg_median": 44.55437469482422,
  "summary_bg_n": 2688486.0,
  "summary_bg_p05": 0.0,
  "summary_bg_p95": 199.46319580078125,
  "summary_bg_stdv": 70.92805480957031,
  "summary_csf_k": -0.2409393416859653,
  "summary_csf_mad": 1130.4842529296875,
  "summary_csf_mean": 3934.230224609375,
  "summary_csf_median": 3913.278564453125,
  "summary_csf_n": 103355.0,
  "summary_csf_p05": 2215.314794921875,
  "summary_csf_p95": 5703.440380859374,
  "summary_csf_stdv": 1081.8714599609375,
  "summary_gm_k": 0.7839853660026317,
  "summary_gm_mad": 257.8989562988281,
  "summary_gm_mean": 1677.914794921875,
  "summary_gm_median": 1660.144287109375,
  "summary_gm_n": 345459.0,
  "summary_gm_p05": 1252.7339721679687,
  "summary_gm_p95": 2160.005834960937,
  "summary_gm_stdv": 277.6833801269531,
  "summary_wm_k": 1.5085295818228737,
  "summary_wm_mad": 238.43780517578125,
  "summary_wm_mean": 1015.3410034179688,
  "summary_wm_median": 999.493896484375,
  "summary_wm_n": 3695.0,
  "summary_wm_p05": 637.2240539550781,
  "summary_wm_p95": 1437.0296020507812,
  "summary_wm_stdv": 252.24020385742188,
  "tpm_overlap_csf": 0.18365612626075745,
  "tpm_overlap_gm": 0.41739627718925476,
  "tpm_overlap_wm": 0.1591796875,
  "wm2max": 0.17270770920816175
}