{
  "aor": 0.006825384615384614,
  "aqi": 0.00812892375,
  "bids_meta": {
    "BodyPartExamined": "HEAD",
    "CogAtlasID": "http://www.cognitiveatlas.org/term/id/trm_550b53d7dd674",
    "ConversionSoftware": "dcm2niix",
    "ConversionSoftwareVersion": "v1.0.20170411 GCC4.4.7",
    "EchoTime": 0.027,
    "EffectiveEchoSpacing": 0.000590001,
    "FlipAngle": 90,
    "ImageType": [
      "ORIGINAL",
      "PRIMARY",
      "M",
      "ND",
      "NORM",
      "MOSAIC"
    ],
    "Instructions": "In this next scan you'll be prompted to move your hands, feet, or tongue. You'll only move one of these at once. Instructions are presented on the screen. Let?s review them now. [Read on-screen instructions to participant.] Do you have any questions?",
    "MagneticFieldStrength": 3,
    "Manufacturer": "Siemens",
    "ManufacturersModelName": "TrioTim",
    "PhaseEncodingDirection": "j-",
    "ProcedureStepDescription": "head_Dosenbach_MSC",
    "ProtocolName": "Motor_104Frames_36Slices_TR2.2",
    "RepetitionTime": 2.2,
    "ScanningSequence": "EP",
    "SequenceName": "_epfid2d1_64",
    "SequenceVariant": "SK",
    "SeriesDescription": "Motor_104Frames_36Slices_TR2.2",
    "SliceTiming": [
      1.105,
      0,
      1.1675,
      0.0625,
      1.2275,
      0.1225,
      1.29,
      0.185,
      1.35,
      0.245,
      1.4125,
      0.3075,
      1.4725,
      0.37,
      1.535,
      0.43,
      1.595,
      0.4925,
      1.6575,
      0.5525,
      1.7175,
      0.615,
      1.78,
      0.675,
      1.84,
      0.7375,
      1.9025,
      0.7975,
      1.965,
      0.86,
      2.025,
      0.92,
      2.0875,
      0.9825,
      2.1475,
      1.0425
    ],
    "SoftwareVersion": "syngo MR B17",
    "TaskName": "motor",
    "modality": "bold",
    "run_id": "01",
    "session_id": "func01",
    "subject_id": "MSC07",
    "task_id": "motor"
  },
  "dummy_trs": 0,
  "dvars_nstd": 21.206226598932044,
  "dvars_std": 1.234282110582524,
  "dvars_vstd": 0.9889400038834949,
  "efc": 0.39659090723405094,
  "fber": 37770.79296875,
  "fd_mean": 0.20856934081559314,
  "fd_num": 46,
  "fd_perc": 44.23076923076923,
  "fwhm_avg": 2.437814485161934,
  "fwhm_x": 2.2520125,
  "fwhm_y": 2.771375,
  "fwhm_z": 2.290055955485802,
  "gcor": 0.0402132,
  "gsr_x": -0.01918708346784115,
  "gsr_y": 0.017842711880803108,
  "provenance": {
    "md5sum": "793553b063be5e1fbdf201145598d866",
    "settings": {
      "fd_thres": 0.2,
      "hmc_fsl": false
    },
    "software": "mriqc",
    "version": "0.9.6"
  },
  "size_t": 104,
  "size_x": 64,
  "size_y": 64,
  "size_z": 36,
  "snr": 5.156374998181272,
  "spacing_tr": 2.200000047683716,
  "spacing_x": 4.0,
  "spacing_y": 4.0,
  "spacing_z": 3.9999983310699463,
  "summary_bg_k": 41.68450831150748,
  "summary_bg_mad": 2.7513678073883057,
  "summary_bg_mean": 18.103811264038086,
  "summary_bg_median": 3.980769395828247,
  "summary_bg_n": 98553.0,
  "summary_bg_p05": 1.711538553237915,
  "summary_bg_p95": 90.29231262207026,
  "summary_bg_stdv": 45.609458923339844,
  "summary_fg_k": 4.304875702721546,
  "summary_fg_mad": 115.46479797363281,
  "summary_fg_mean": 792.224365234375,
  "summary_fg_median": 806.5096435546875,
  "summary_fg_n": 20270.0,
  "summary_fg_p05": 508.9899200439453,
  "summary_fg_p95": 992.2837066650391,
  "summary_fg_stdv": 156.40634155273438,
  "tsnr": 60.58831024169922
}