{
  "aor": 0.008171250000000001,
  "aqi": 0.011914717115384617,
  "bids_meta": {
    "BodyPartExamined": "HEAD",
    "CogAtlasID": "http://www.cognitiveatlas.org/term/id/trm_550b53d7dd674",
    "ConversionSoftware": "dcm2niix",
    "ConversionSoftwareVersion": "v1.0.20170411 GCC4.4.7",
    "EchoTime": 0.027,
    "EffectiveEchoSpacing": 0.000590001,
    "FlipAngle": 90,
    "ImageType": [
      "ORIGINAL",
      "PRIMARY",
      "M",
      "ND",
      "NORM",
      "MOSAIC"
    ],
    "Instructions": "In this next scan you'll be prompted to move your hands, feet, or tongue. You'll only move one of these at once. Instructions are presented on the screen. Let?s review them now. [Read on-screen instructions to participant.] Do you have any questions?",
    "MagneticFieldStrength": 3,
    "Manufacturer": "Siemens",
    "ManufacturersModelName": "TrioTim",
    "PhaseEncodingDirection": "j-",
    "ProcedureStepDescription": "head_Dosenbach_MSC",
    "ProtocolName": "Motor_104Frames_36Slices_TR2.2",
    "RepetitionTime": 2.2,
    "ScanningSequence": "EP",
    "SequenceName": "_epfid2d1_64",
    "SequenceVariant": "SK",
    "SeriesDescription": "Motor_104Frames_36Slices_TR2.2",
    "SliceTiming": [
      1.105,
      0,
      1.1675,
      0.0625,
      1.2275,
      0.1225,
      1.29,
      0.185,
      1.35,
      0.245,
      1.4125,
      0.3075,
      1.4725,
      0.37,
      1.535,
      0.43,
      1.595,
      0.4925,
      1.6575,
      0.5525,
      1.7175,
      0.615,
      1.78,
      0.675,
      1.84,
      0.7375,
      1.9025,
      0.7975,
      1.965,
      0.86,
      2.025,
      0.92,
      2.0875,
      0.9825,
      2.1475,
      1.0425
    ],
    "SoftwareVersion": "syngo MR B17",
    "TaskName": "motor",
    "modality": "bold",
    "run_id": "01",
    "session_id": "func08",
    "subject_id": "MSC08",
    "task_id": "motor"
  },
  "dummy_trs": 0,
  "dvars_nstd": 27.133426203398063,
  "dvars_std": 1.313507584757281,
  "dvars_vstd": 1.0001247459223301,
  "efc": 0.3893842050351315,
  "fber": 33000.76171875,
  "fd_mean": 0.3175083737146405,
  "fd_num": 85,
  "fd_perc": 81.73076923076923,
  "fwhm_avg": 2.4835803368082687,
  "fwhm_x": 2.31193,
  "fwhm_y": 2.7761501654714444,
  "fwhm_z": 2.3626608449533624,
  "gcor": 0.0159334,
  "gsr_x": -0.016409704461693764,
  "gsr_y": 0.009827989153563976,
  "provenance": {
    "md5sum": "6082f4930f68c8ec10d9d1627efc9da7",
    "settings": {
      "fd_thres": 0.2,
      "hmc_fsl": false
    },
    "software": "mriqc",
    "version": "0.9.6"
  },
  "size_t": 104,
  "size_x": 64,
  "size_y": 64,
  "size_z": 36,
  "snr": 5.153353350191472,
  "spacing_tr": 2.200000047683716,
  "spacing_x": 4.0,
  "spacing_y": 3.999999761581421,
  "spacing_z": 3.9999985694885254,
  "summary_bg_k": 59.31704361621936,
  "summary_bg_mad": 2.466252088546753,
  "summary_bg_mean": 11.999690055847168,
  "summary_bg_median": 2.932692527770996,
  "summary_bg_n": 100002.0,
  "summary_bg_p05": 0.8653846383094788,
  "summary_bg_p95": 58.3745229721069,
  "summary_bg_stdv": 28.576675415039062,
  "summary_fg_k": 4.99604789465616,
  "summary_fg_mad": 66.80978393554688,
  "summary_fg_mean": 532.2692260742188,
  "summary_fg_median": 547.7307739257812,
  "summary_fg_n": 19204.0,
  "summary_fg_p05": 322.0202011108399,
  "summary_fg_p95": 660.4908935546873,
  "summary_fg_stdv": 106.28351593017578,
  "tsnr": 55.62199401855469
}