{
  "aor": 0.003675480769230769,
  "aqi": 0.005110838269230769,
  "bids_meta": {
    "BodyPartExamined": "HEAD",
    "CogAtlasID": "http://www.cognitiveatlas.org/term/id/trm_550b53d7dd674",
    "ConversionSoftware": "dcm2niix",
    "ConversionSoftwareVersion": "v1.0.20170411 GCC4.4.7",
    "EchoTime": 0.027,
    "EffectiveEchoSpacing": 0.000590001,
    "FlipAngle": 90,
    "ImageType": [
      "ORIGINAL",
      "PRIMARY",
      "M",
      "ND",
      "NORM",
      "MOSAIC"
    ],
    "Instructions": "In this next scan you'll be prompted to move your hands, feet, or tongue. You'll only move one of these at once. Instructions are presented on the screen. Let?s review them now. [Read on-screen instructions to participant.] Do you have any questions?",
    "MagneticFieldStrength": 3,
    "Manufacturer": "Siemens",
    "ManufacturersModelName": "TrioTim",
    "PhaseEncodingDirection": "j-",
    "ProcedureStepDescription": "head_Dosenbach_MSC",
    "ProtocolName": "Motor_104Frames_36Slices_TR2.2",
    "RepetitionTime": 2.2,
    "ScanningSequence": "EP",
    "SequenceName": "_epfid2d1_64",
    "SequenceVariant": "SK",
    "SeriesDescription": "Motor_104Frames_36Slices_TR2.2",
    "SliceTiming": [
      1.105,
      0,
      1.1675,
      0.0625,
      1.2275,
      0.1225,
      1.29,
      0.185,
      1.35,
      0.245,
      1.4125,
      0.3075,
      1.4725,
      0.37,
      1.535,
      0.43,
      1.595,
      0.4925,
      1.6575,
      0.5525,
      1.7175,
      0.615,
      1.78,
      0.675,
      1.84,
      0.7375,
      1.9025,
      0.7975,
      1.965,
      0.86,
      2.025,
      0.92,
      2.0875,
      0.9825,
      2.1475,
      1.0425
    ],
    "SoftwareVersion": "syngo MR B17",
    "TaskName": "motor",
    "modality": "bold",
    "run_id": "01",
    "session_id": "func06",
    "subject_id": "MSC09",
    "task_id": "motor"
  },
  "dummy_trs": 0,
  "dvars_nstd": 20.25377549446602,
  "dvars_std": 1.3015107450485432,
  "dvars_vstd": 1.0132179396116503,
  "efc": 0.4423055178523886,
  "fber": 26981.1875,
  "fd_mean": 0.16205918068583597,
  "fd_num": 28,
  "fd_perc": 26.923076923076923,
  "fwhm_avg": 2.5321899048845085,
  "fwhm_x": 2.254885,
  "fwhm_y": 2.948025,
  "fwhm_z": 2.393659714653526,
  "gcor": 0.0224996,
  "gsr_x": -0.02024344727396965,
  "gsr_y": 0.020595388486981392,
  "provenance": {
    "md5sum": "340edca709a1354629ce8f3228c45442",
    "settings": {
      "fd_thres": 0.2,
      "hmc_fsl": false
    },
    "software": "mriqc",
    "version": "0.9.6"
  },
  "size_t": 104,
  "size_x": 64,
  "size_y": 64,
  "size_z": 36,
  "snr": 5.0574675678408765,
  "spacing_tr": 2.200000047683716,
  "spacing_x": 4.0,
  "spacing_y": 4.0,
  "spacing_z": 4.000000476837158,
  "summary_bg_k": 28.86778976915929,
  "summary_bg_mad": 3.064995050430298,
  "summary_bg_mean": 20.327960968017578,
  "summary_bg_median": 4.019230842590332,
  "summary_bg_n": 93658.0,
  "summary_bg_p05": 1.4807692766189575,
  "summary_bg_p95": 107.03846740722656,
  "summary_bg_stdv": 45.11746597290039,
  "summary_fg_k": 4.2200879485570875,
  "summary_fg_mad": 91.09452819824219,
  "summary_fg_mean": 673.6380004882812,
  "summary_fg_median": 690.75,
  "summary_fg_n": 24209.0,
  "summary_fg_p05": 409.20771484375007,
  "summary_fg_p95": 843.6519653320312,
  "summary_fg_stdv": 136.577392578125,
  "tsnr": 85.94233703613281
}