{
  "aor": 0.006942307692307692,
  "aqi": 0.004541384519230769,
  "bids_meta": {
    "BodyPartExamined": "HEAD",
    "CogAtlasID": "http://www.cognitiveatlas.org/term/id/trm_550b53d7dd674",
    "ConversionSoftware": "dcm2niix",
    "ConversionSoftwareVersion": "v1.0.20170411 GCC4.4.7",
    "EchoTime": 0.027,
    "EffectiveEchoSpacing": 0.000590001,
    "FlipAngle": 90,
    "ImageType": [
      "ORIGINAL",
      "PRIMARY",
      "M",
      "ND",
      "NORM",
      "MOSAIC"
    ],
    "Instructions": "In this next scan you'll be prompted to move your hands, feet, or tongue. You'll only move one of these at once. Instructions are presented on the screen. Let?s review them now. [Read on-screen instructions to participant.] Do you have any questions?",
    "MagneticFieldStrength": 3,
    "Manufacturer": "Siemens",
    "ManufacturersModelName": "TrioTim",
    "PhaseEncodingDirection": "j-",
    "ProcedureStepDescription": "head_Dosenbach_MSC",
    "ProtocolName": "Motor_104Frames_36Slices_TR2.2",
    "RepetitionTime": 2.2,
    "ScanningSequence": "EP",
    "SequenceName": "_epfid2d1_64",
    "SequenceVariant": "SK",
    "SeriesDescription": "Motor_104Frames_36Slices_TR2.2",
    "SliceTiming": [
      1.105,
      0,
      1.1675,
      0.0625,
      1.2275,
      0.1225,
      1.29,
      0.185,
      1.35,
      0.245,
      1.4125,
      0.3075,
      1.4725,
      0.37,
      1.535,
      0.43,
      1.595,
      0.4925,
      1.6575,
      0.5525,
      1.7175,
      0.615,
      1.78,
      0.675,
      1.84,
      0.7375,
      1.9025,
      0.7975,
      1.965,
      0.86,
      2.025,
      0.92,
      2.0875,
      0.9825,
      2.1475,
      1.0425
    ],
    "SoftwareVersion": "syngo MR B17",
    "TaskName": "motor",
    "modality": "bold",
    "run_id": "01",
    "session_id": "func10",
    "subject_id": "MSC02",
    "task_id": "motor"
  },
  "dummy_trs": 0,
  "dvars_nstd": 17.950146906601944,
  "dvars_std": 1.2607819054368936,
  "dvars_vstd": 1.0163860070873787,
  "efc": 0.42057675220229124,
  "fber": 31975.76953125,
  "fd_mean": 0.10292928311048577,
  "fd_num": 10,
  "fd_perc": 9.615384615384615,
  "fwhm_avg": 2.4704367129528055,
  "fwhm_x": 2.1945025,
  "fwhm_y": 2.88715,
  "fwhm_z": 2.329657638858416,
  "gcor": 0.0247077,
  "gsr_x": -0.01323165837675333,
  "gsr_y": 0.031147241592407227,
  "provenance": {
    "md5sum": "fc7f48852ffbf5d695184a8111fd04ea",
    "settings": {
      "fd_thres": 0.2,
      "hmc_fsl": false
    },
    "software": "mriqc",
    "version": "0.9.6"
  },
  "size_t": 104,
  "size_x": 64,
  "size_y": 64,
  "size_z": 36,
  "snr": 4.840968495345458,
  "spacing_tr": 2.200000047683716,
  "spacing_x": 4.0,
  "spacing_y": 4.0,
  "spacing_z": 3.999999761581421,
  "summary_bg_k": 26.875366278617225,
  "summary_bg_mad": 2.4662516117095947,
  "summary_bg_mean": 18.52410316467285,
  "summary_bg_median": 3.711538553237915,
  "summary_bg_n": 96146.0,
  "summary_bg_p05": 1.576923131942749,
  "summary_bg_p95": 100.93990898132324,
  "summary_bg_stdv": 41.84497833251953,
  "summary_fg_k": 3.5422362431047176,
  "summary_fg_mad": 104.69453430175781,
  "summary_fg_mean": 676.0159301757812,
  "summary_fg_median": 689.3077392578125,
  "summary_fg_n": 22508.0,
  "summary_fg_p05": 417.202426147461,
  "summary_fg_p95": 866.5514801025388,
  "summary_fg_stdv": 142.38729858398438,
  "tsnr": 75.91996002197266
}