{
  "aor": 0.000893557457212714,
  "aqi": 0.0064539036430317845,
  "bids_meta": {
    "BodyPartExamined": "HEAD",
    "CogAtlasID": "http://www.cognitiveatlas.org/term/id/trm_4c8a834779883",
    "ConversionSoftware": "dcm2niix",
    "ConversionSoftwareVersion": "v1.0.20170411 GCC4.4.7",
    "EchoTime": 0.027,
    "EffectiveEchoSpacing": 0.000590001,
    "FlipAngle": 90,
    "ImageType": [
      "ORIGINAL",
      "PRIMARY",
      "M",
      "ND",
      "NORM",
      "MOSAIC"
    ],
    "Instructions": "During this first scan, a plus sign will be presented on the screen.  All you need to do is simply relax and look at the plus sign. Please keep your eyes open the entire time, and be as still as possible. It's extremely important that you stay awake for the entire duration of this scan. This scan will last ~30 minutes.",
    "MagneticFieldStrength": 3,
    "Manufacturer": "Siemens",
    "ManufacturersModelName": "TrioTim",
    "PhaseEncodingDirection": "j-",
    "ProcedureStepDescription": "head_Dosenbach_MSC",
    "ProtocolName": "RSFC_818Frames_36Slices_TR2.2",
    "RepetitionTime": 2.2,
    "ScanningSequence": "EP",
    "SequenceName": "_epfid2d1_64",
    "SequenceVariant": "SK",
    "SeriesDescription": "RSFC_818Frames_36Slices_TR2.2",
    "SliceTiming": [
      1.105,
      0,
      1.165,
      0.06,
      1.2275,
      0.1225,
      1.2875,
      0.185,
      1.35,
      0.245,
      1.41,
      0.3075,
      1.4725,
      0.3675,
      1.5325,
      0.43,
      1.595,
      0.49,
      1.655,
      0.5525,
      1.7175,
      0.6125,
      1.78,
      0.675,
      1.84,
      0.735,
      1.9025,
      0.7975,
      1.9625,
      0.8575,
      2.025,
      0.92,
      2.085,
      0.9825,
      2.1475,
      1.0425
    ],
    "SoftwareVersion": "syngo MR B17",
    "TaskName": "rest",
    "modality": "bold",
    "session_id": "func03",
    "subject_id": "MSC01",
    "task_id": "rest"
  },
  "dummy_trs": 0,
  "dvars_nstd": 20.341020564222752,
  "dvars_std": 1.1983102928763776,
  "dvars_vstd": 0.9657355808690328,
  "efc": 0.4131252733158597,
  "fber": 23439.51171875,
  "fd_mean": 0.1757183726093463,
  "fd_num": 279,
  "fd_perc": 34.10757946210269,
  "fwhm_avg": 2.3731963291605087,
  "fwhm_x": 2.11733,
  "fwhm_y": 2.73355,
  "fwhm_z": 2.2687089874815265,
  "gcor": 0.0805895,
  "gsr_x": -0.010743293911218643,
  "gsr_y": 0.011097203008830547,
  "provenance": {
    "md5sum": "c315fa76140c421d7bb146ca01fda879",
    "settings": {
      "fd_thres": 0.2,
      "hmc_fsl": false
    },
    "software": "mriqc",
    "version": "0.9.6"
  },
  "size_t": 818,
  "size_x": 64,
  "size_y": 64,
  "size_z": 36,
  "snr": 4.8967052630183705,
  "spacing_tr": 2.200000047683716,
  "spacing_x": 4.0,
  "spacing_y": 4.0,
  "spacing_z": 3.99999737739563,
  "summary_bg_k": 37.764290675661535,
  "summary_bg_mad": 2.8147690296173096,
  "summary_bg_mean": 15.03547191619873,
  "summary_bg_median": 3.913203001022339,
  "summary_bg_n": 97229.0,
  "summary_bg_p05": 1.4828851222991943,
  "summary_bg_p95": 65.9484115600585,
  "summary_bg_stdv": 33.09014892578125,
  "summary_fg_k": 3.7228479552532914,
  "summary_fg_mad": 91.97210693359375,
  "summary_fg_mean": 615.3742065429688,
  "summary_fg_median": 626.559326171875,
  "summary_fg_n": 21538.0,
  "summary_fg_p05": 372.2564956665039,
  "summary_fg_p95": 787.0122161865232,
  "summary_fg_stdv": 127.95231628417969,
  "tsnr": 61.48285675048828
}