{
  "aor": 0.002373653846153846,
  "aqi": 0.00822119048076923,
  "bids_meta": {
    "BodyPartExamined": "HEAD",
    "CogAtlasID": "http://www.cognitiveatlas.org/term/id/trm_550b53d7dd674",
    "ConversionSoftware": "dcm2niix",
    "ConversionSoftwareVersion": "v1.0.20170411 GCC4.4.7",
    "EchoTime": 0.027,
    "EffectiveEchoSpacing": 0.000590001,
    "FlipAngle": 90,
    "ImageType": [
      "ORIGINAL",
      "PRIMARY",
      "M",
      "ND",
      "NORM",
      "MOSAIC"
    ],
    "Instructions": "In this next scan you'll be prompted to move your hands, feet, or tongue. You'll only move one of these at once. Instructions are presented on the screen. Let?s review them now. [Read on-screen instructions to participant.] Do you have any questions?",
    "MagneticFieldStrength": 3,
    "Manufacturer": "Siemens",
    "ManufacturersModelName": "TrioTim",
    "PhaseEncodingDirection": "j-",
    "ProcedureStepDescription": "head_Dosenbach_MSC",
    "ProtocolName": "Motor_104Frames_36Slices_TR2.2",
    "RepetitionTime": 2.2,
    "ScanningSequence": "EP",
    "SequenceName": "_epfid2d1_64",
    "SequenceVariant": "SK",
    "SeriesDescription": "Motor_104Frames_36Slices_TR2.2",
    "SliceTiming": [
      1.105,
      0,
      1.1675,
      0.0625,
      1.2275,
      0.1225,
      1.29,
      0.185,
      1.35,
      0.245,
      1.4125,
      0.3075,
      1.4725,
      0.37,
      1.535,
      0.43,
      1.595,
      0.4925,
      1.6575,
      0.5525,
      1.7175,
      0.615,
      1.78,
      0.675,
      1.84,
      0.7375,
      1.9025,
      0.7975,
      1.965,
      0.86,
      2.025,
      0.92,
      2.0875,
      0.9825,
      2.1475,
      1.0425
    ],
    "SoftwareVersion": "syngo MR B17",
    "TaskName": "motor",
    "modality": "bold",
    "run_id": "01",
    "session_id": "func08",
    "subject_id": "MSC06",
    "task_id": "motor"
  },
  "dummy_trs": 0,
  "dvars_nstd": 24.398831987864085,
  "dvars_std": 1.2488427459223297,
  "dvars_vstd": 0.9683957405825239,
  "efc": 0.39940049700409136,
  "fber": 33516.61328125,
  "fd_mean": 0.2591828776228694,
  "fd_num": 58,
  "fd_perc": 55.76923076923077,
  "fwhm_avg": 2.4700622206018377,
  "fwhm_x": 2.246175,
  "fwhm_y": 2.82025,
  "fwhm_z": 2.3437616618055124,
  "gcor": 0.0403925,
  "gsr_x": -0.01698622852563858,
  "gsr_y": 0.013846006244421005,
  "provenance": {
    "md5sum": "e271c42a4d3b822ea56253df8da68b88",
    "settings": {
      "fd_thres": 0.2,
      "hmc_fsl": false
    },
    "software": "mriqc",
    "version": "0.9.6"
  },
  "size_t": 104,
  "size_x": 64,
  "size_y": 64,
  "size_z": 36,
  "snr": 4.865164010406464,
  "spacing_tr": 2.200000047683716,
  "spacing_x": 4.0,
  "spacing_y": 4.0,
  "spacing_z": 4.000001430511475,
  "summary_bg_k": 50.10918700944415,
  "summary_bg_mad": 2.2381591796875,
  "summary_bg_mean": 13.652059555053711,
  "summary_bg_median": 3.471153974533081,
  "summary_bg_n": 98075.0,
  "summary_bg_p05": 1.4711538553237915,
  "summary_bg_p95": 63.63750190734866,
  "summary_bg_stdv": 32.40497970581055,
  "summary_fg_k": 3.937289436584762,
  "summary_fg_mad": 93.73893737792969,
  "summary_fg_mean": 642.8773803710938,
  "summary_fg_median": 658.6779174804688,
  "summary_fg_n": 20836.0,
  "summary_fg_p05": 370.4976119995117,
  "summary_fg_p95": 815.394287109375,
  "summary_fg_stdv": 135.38333129882812,
  "tsnr": 62.121822357177734
}