{
  "bids_meta": {
    "BodyPartExamined": "HEAD",
    "ConversionSoftware": "dcm2niix",
    "ConversionSoftwareVersion": "v1.0.20170411 GCC4.4.7",
    "EchoTime": 0.479,
    "FlipAngle": 120,
    "ImageType": [
      "ORIGINAL",
      "PRIMARY",
      "M",
      "ND",
      "NORM"
    ],
    "MagneticFieldStrength": 3,
    "Manufacturer": "Siemens",
    "ManufacturersModelName": "TrioTim",
    "PhaseEncodingDirection": "i-",
    "ProcedureStepDescription": "head_Dosenbach_MSC",
    "ProtocolName": "T2_.8x.8x.8_224Slices",
    "RepetitionTime": 3.2,
    "ScanningSequence": "SE",
    "SequenceName": "_spc3d1_282ns",
    "SequenceVariant": "SK_SP",
    "SeriesDescription": "T2_.8x.8x.8_224Slices",
    "modality": "T2w",
    "run_id": "03",
    "session_id": "struct02",
    "subject_id": "MSC06"
  },
  "cjv": 0.24634931325776754,
  "cnr": 4.1563489888131615,
  "efc": 0.6125641121336923,
  "fber": 904.2972412109375,
  "fwhm_avg": 2.289372319884489,
  "fwhm_x": 2.1402090572144425,
  "fwhm_y": 2.5319523902439025,
  "fwhm_z": 2.195955512195122,
  "icvs_csf": 0.3124814379569128,
  "icvs_gm": 0.039243161872858645,
  "icvs_wm": 0.6482754001702286,
  "inu_med": 1.2450995445251465,
  "inu_range": 0.38135988712310787,
  "provenance": {
    "md5sum": "bd7719b67bc71d1cfa35113b367c7e73",
    "settings": {
      "testing": false
    },
    "software": "mriqc",
    "version": "0.9.6",
    "warnings": {
      "large_rot_frame": true,
      "small_air_mask": false
    }
  },
  "qi_1": 0.0,
  "qi_2": 0.006953867061926092,
  "rpve_csf": 10.178609951711937,
  "rpve_gm": 109.28191089160539,
  "rpve_wm": 6.3888965629045975,
  "size_x": 224,
  "size_y": 256,
  "size_z": 256,
  "snr_csf": 4.481879513299122,
  "snr_gm": 6.404135217545607,
  "snr_total": 5.733379583676502,
  "snr_wm": 6.314124020184778,
  "snrd_csf": 62.45817096390954,
  "snrd_gm": 106.29182941702692,
  "snrd_total": 67.48656001518079,
  "snrd_wm": 33.70967966460591,
  "spacing_x": 0.7999966144561768,
  "spacing_y": 0.80078125,
  "spacing_z": 0.80078125,
  "summary_bg_k": 4.6652462311034,
  "summary_bg_mad": 19.442768096923828,
  "summary_bg_mean": 31.340618133544922,
  "summary_bg_median": 24.073665618896484,
  "summary_bg_n": 3521482.0,
  "summary_bg_p05": 0.0,
  "summary_bg_p95": 87.32445373535155,
  "summary_bg_stdv": 29.757095336914062,
  "summary_csf_k": -0.306240020376336,
  "summary_csf_mad": 413.38958740234375,
  "summary_csf_mean": 1952.1788330078125,
  "summary_csf_median": 1853.598388671875,
  "summary_csf_n": 78191.0,
  "summary_csf_p05": 1405.2559204101562,
  "summary_csf_p95": 2664.236083984375,
  "summary_csf_stdv": 413.573486328125,
  "summary_gm_k": 8.349023505745473,
  "summary_gm_mad": 373.8249816894531,
  "summary_gm_mean": 3111.299560546875,
  "summary_gm_median": 3154.468994140625,
  "summary_gm_n": 10697.0,
  "summary_gm_p05": 2439.224462890625,
  "summary_gm_p95": 3752.009423828125,
  "summary_gm_stdv": 492.54449462890625,
  "summary_wm_k": 0.14544857159652969,
  "summary_wm_mad": 156.82427978515625,
  "summary_wm_mean": 1009.7212524414062,
  "summary_wm_median": 1000.4168701171875,
  "summary_wm_n": 639276.0,
  "summary_wm_p05": 765.5640716552734,
  "summary_wm_p95": 1284.2811889648438,
  "summary_wm_stdv": 158.4409942626953,
  "tpm_overlap_csf": 0.1373298168182373,
  "tpm_overlap_gm": 0.03340062126517296,
  "tpm_overlap_wm": 0.4684760868549347,
  "wm2max": 0.28189922790018
}