{
  "bids_meta": {
    "BodyPartExamined": "HEAD",
    "ConversionSoftware": "dcm2niix",
    "ConversionSoftwareVersion": "v1.0.20170411 GCC4.4.7",
    "EchoTime": 0.00374,
    "FlipAngle": 8,
    "ImageType": [
      "ORIGINAL",
      "PRIMARY",
      "M",
      "ND",
      "NORM"
    ],
    "InversionTime": 1,
    "MagneticFieldStrength": 3,
    "Manufacturer": "Siemens",
    "ManufacturersModelName": "TrioTim",
    "PhaseEncodingDirection": "i-",
    "ProcedureStepDescription": "head_Dosenbach_MSC",
    "ProtocolName": "T1_.8x.8x.8_224Slices",
    "RepetitionTime": 2.4,
    "ScanningSequence": "GR_IR",
    "SequenceName": "_tfl3d1_ns",
    "SequenceVariant": "SP_MP_OSP",
    "SeriesDescription": "T1_.8x.8x.8_224Slices",
    "modality": "T1w",
    "run_id": "02",
    "session_id": "struct02",
    "subject_id": "MSC04"
  },
  "cjv": 0.606961202530295,
  "cnr": 2.203145533132243,
  "efc": 0.5853514686015009,
  "fber": 727.4280395507812,
  "fwhm_avg": 3.5502026095110453,
  "fwhm_x": 3.6221715358502093,
  "fwhm_y": 3.686612292682927,
  "fwhm_z": 3.3418240000000003,
  "icvs_csf": 0.17909751180727496,
  "icvs_gm": 0.42978702442756106,
  "icvs_wm": 0.391115463765164,
  "inu_med": 0.9141312837600708,
  "inu_range": 0.405339229106903,
  "provenance": {
    "md5sum": "a82084c597eb49950231b55f8150d021",
    "mriqc_pred": 0,
    "settings": {
      "testing": false
    },
    "software": "mriqc",
    "version": "0.9.6",
    "warnings": {
      "large_rot_frame": true,
      "small_air_mask": false
    }
  },
  "qi_1": 0.0,
  "qi_2": 0.0038457469588015214,
  "rpve_csf": 20.759438257736875,
  "rpve_gm": 9.474652486067535,
  "rpve_wm": 12.052529499075433,
  "size_x": 224,
  "size_y": 256,
  "size_z": 256,
  "snr_csf": 3.1301643328781936,
  "snr_gm": 9.27878848649885,
  "snr_total": 9.513426350274733,
  "snr_wm": 16.131326231447154,
  "snrd_csf": 17.36416852980278,
  "snrd_gm": 30.713687776877528,
  "snrd_total": 29.350824822306986,
  "snrd_wm": 39.97461816024065,
  "spacing_x": 0.7999952435493469,
  "spacing_y": 0.80078125,
  "spacing_z": 0.80078125,
  "summary_bg_k": 2.9012278587291576,
  "summary_bg_mad": 16.389142990112305,
  "summary_bg_mean": 27.223663330078125,
  "summary_bg_median": 23.455047607421875,
  "summary_bg_n": 4521366.0,
  "summary_bg_p05": 3.500209331512451,
  "summary_bg_p95": 63.44656181335449,
  "summary_bg_stdv": 18.920997619628906,
  "summary_csf_k": -0.3817640744033808,
  "summary_csf_mad": 157.49591064453125,
  "summary_csf_mean": 435.83148193359375,
  "summary_csf_median": 434.3887023925781,
  "summary_csf_n": 35394.0,
  "summary_csf_p05": 223.36149978637695,
  "summary_csf_p95": 657.0033264160156,
  "summary_csf_stdv": 138.77308654785156,
  "summary_gm_k": 0.16138371092120662,
  "summary_gm_mad": 80.61930084228516,
  "summary_gm_mean": 774.2477416992188,
  "summary_gm_median": 768.3453979492188,
  "summary_gm_n": 57529.0,
  "summary_gm_p05": 647.4117553710937,
  "summary_gm_p95": 919.7749633789062,
  "summary_gm_stdv": 82.8059310913086,
  "summary_wm_k": 0.3301603945592988,
  "summary_wm_mad": 59.99842834472656,
  "summary_wm_mean": 1000.0056762695312,
  "summary_wm_median": 1000.0203857421875,
  "summary_wm_n": 451040.0,
  "summary_wm_p05": 898.1932250976562,
  "summary_wm_p95": 1101.5733764648437,
  "summary_wm_stdv": 61.99237823486328,
  "tpm_overlap_csf": 0.22140531241893768,
  "tpm_overlap_gm": 0.4963710308074951,
  "tpm_overlap_wm": 0.5383224487304688,
  "wm2max": 0.6693680928357948
}