{
  "bids_meta": {
    "BodyPartExamined": "HEAD",
    "ConversionSoftware": "dcm2niix",
    "ConversionSoftwareVersion": "v1.0.20170411 GCC4.4.7",
    "EchoTime": 0.00374,
    "FlipAngle": 8,
    "ImageType": [
      "ORIGINAL",
      "PRIMARY",
      "M",
      "ND",
      "NORM"
    ],
    "InversionTime": 1,
    "MagneticFieldStrength": 3,
    "Manufacturer": "Siemens",
    "ManufacturersModelName": "TrioTim",
    "PhaseEncodingDirection": "i-",
    "ProcedureStepDescription": "head_Dosenbach_MSC",
    "ProtocolName": "T1_.8x.8x.8_224Slices",
    "RepetitionTime": 2.4,
    "ScanningSequence": "GR_IR",
    "SequenceName": "_tfl3d1_ns",
    "SequenceVariant": "SP_MP_OSP",
    "SeriesDescription": "T1_.8x.8x.8_224Slices",
    "modality": "T1w",
    "run_id": "01",
    "session_id": "struct02",
    "subject_id": "MSC08"
  },
  "cjv": 0.5704464398532052,
  "cnr": 2.303592201023232,
  "efc": 0.653180988703871,
  "fber": 465.2928771972656,
  "fwhm_avg": 3.4316704138847007,
  "fwhm_x": 3.536336509946785,
  "fwhm_y": 3.52505756097561,
  "fwhm_z": 3.233617170731707,
  "icvs_csf": 0.17302752962256887,
  "icvs_gm": 0.41508806645182295,
  "icvs_wm": 0.4118844039256082,
  "inu_med": 1.01181960105896,
  "inu_range": 0.47738169431686406,
  "provenance": {
    "md5sum": "75d5824f70b2cef9f41b0ccfdc75de04",
    "mriqc_pred": 0,
    "settings": {
      "testing": false
    },
    "software": "mriqc",
    "version": "0.9.6",
    "warnings": {
      "large_rot_frame": true,
      "small_air_mask": false
    }
  },
  "qi_1": 0.0,
  "qi_2": 0.003571682850168336,
  "rpve_csf": 20.447494337107656,
  "rpve_gm": 9.058023635456712,
  "rpve_wm": 10.69090460532372,
  "size_x": 224,
  "size_y": 256,
  "size_z": 256,
  "snr_csf": 3.1049856418319246,
  "snr_gm": 9.538449774371744,
  "snr_total": 9.386608697115284,
  "snr_wm": 15.516390675142182,
  "snrd_csf": 13.229818713162974,
  "snrd_gm": 23.9045620416582,
  "snrd_total": 22.89023295344585,
  "snrd_wm": 31.536318105516376,
  "spacing_x": 0.8000030517578125,
  "spacing_y": 0.80078125,
  "spacing_z": 0.80078125,
  "summary_bg_k": 3.749707776323776,
  "summary_bg_mad": 20.77444839477539,
  "summary_bg_mean": 33.692344665527344,
  "summary_bg_median": 28.788650512695312,
  "summary_bg_n": 2880017.0,
  "summary_bg_p05": 4.623693084716797,
  "summary_bg_p95": 78.97889556884759,
  "summary_bg_stdv": 23.825241088867188,
  "summary_csf_k": 2.109978710609398,
  "summary_csf_mad": 134.8404541015625,
  "summary_csf_mean": 427.7443542480469,
  "summary_csf_median": 419.51904296875,
  "summary_csf_n": 37672.0,
  "summary_csf_p05": 223.07728958129883,
  "summary_csf_p95": 652.0793823242187,
  "summary_csf_stdv": 135.10963439941406,
  "summary_gm_k": 0.26698207750829095,
  "summary_gm_mad": 76.3914794921875,
  "summary_gm_mean": 761.2763671875,
  "summary_gm_median": 758.016357421875,
  "summary_gm_n": 31095.0,
  "summary_gm_p05": 636.011572265625,
  "summary_gm_p95": 899.3915710449219,
  "summary_gm_stdv": 79.46827697753906,
  "summary_wm_k": 0.513379826115981,
  "summary_wm_mad": 61.65875244140625,
  "summary_wm_mean": 1001.031982421875,
  "summary_wm_median": 1000.0202026367188,
  "summary_wm_n": 469853.0,
  "summary_wm_p05": 897.2637939453125,
  "summary_wm_p95": 1107.7709716796874,
  "summary_wm_stdv": 64.44921112060547,
  "tpm_overlap_csf": 0.21696320176124573,
  "tpm_overlap_gm": 0.48804014921188354,
  "tpm_overlap_wm": 0.536134660243988,
  "wm2max": 0.6535471744534613
}