{
  "aor": 0.0015102078239608802,
  "aqi": 0.008568270281173594,
  "bids_meta": {
    "BodyPartExamined": "HEAD",
    "CogAtlasID": "http://www.cognitiveatlas.org/term/id/trm_4c8a834779883",
    "ConversionSoftware": "dcm2niix",
    "ConversionSoftwareVersion": "v1.0.20170411 GCC4.4.7",
    "EchoTime": 0.027,
    "EffectiveEchoSpacing": 0.000590001,
    "FlipAngle": 90,
    "ImageType": [
      "ORIGINAL",
      "PRIMARY",
      "M",
      "ND",
      "NORM",
      "MOSAIC"
    ],
    "Instructions": "During this first scan, a plus sign will be presented on the screen.  All you need to do is simply relax and look at the plus sign. Please keep your eyes open the entire time, and be as still as possible. It's extremely important that you stay awake for the entire duration of this scan. This scan will last ~30 minutes.",
    "MagneticFieldStrength": 3,
    "Manufacturer": "Siemens",
    "ManufacturersModelName": "TrioTim",
    "PhaseEncodingDirection": "j-",
    "ProcedureStepDescription": "head_Dosenbach_MSC",
    "ProtocolName": "RSFC_818Frames_36Slices_TR2.2",
    "RepetitionTime": 2.2,
    "ScanningSequence": "EP",
    "SequenceName": "_epfid2d1_64",
    "SequenceVariant": "SK",
    "SeriesDescription": "RSFC_818Frames_36Slices_TR2.2",
    "SliceTiming": [
      1.105,
      0,
      1.165,
      0.06,
      1.2275,
      0.1225,
      1.2875,
      0.185,
      1.35,
      0.245,
      1.41,
      0.3075,
      1.4725,
      0.3675,
      1.5325,
      0.43,
      1.595,
      0.49,
      1.655,
      0.5525,
      1.7175,
      0.6125,
      1.78,
      0.675,
      1.84,
      0.735,
      1.9025,
      0.7975,
      1.9625,
      0.8575,
      2.025,
      0.92,
      2.085,
      0.9825,
      2.1475,
      1.0425
    ],
    "SoftwareVersion": "syngo MR B17",
    "TaskName": "rest",
    "modality": "bold",
    "session_id": "func08",
    "subject_id": "MSC02",
    "task_id": "rest"
  },
  "dummy_trs": 0,
  "dvars_nstd": 22.39961417762545,
  "dvars_std": 1.2893659010648706,
  "dvars_vstd": 0.9366938882986537,
  "efc": 0.4282661698417082,
  "fber": 27137.857421875,
  "fd_mean": 0.11433777336906974,
  "fd_num": 54,
  "fd_perc": 6.601466992665037,
  "fwhm_avg": 2.4945152336018483,
  "fwhm_x": 2.2375825,
  "fwhm_y": 2.89445,
  "fwhm_z": 2.3515132008055453,
  "gcor": 0.0391796,
  "gsr_x": -0.017663100734353065,
  "gsr_y": 0.03245825320482254,
  "provenance": {
    "md5sum": "005a6a2c9c438b8feeb73da30057fa50",
    "settings": {
      "fd_thres": 0.2,
      "hmc_fsl": false
    },
    "software": "mriqc",
    "version": "0.9.6"
  },
  "size_t": 818,
  "size_x": 64,
  "size_y": 64,
  "size_z": 36,
  "snr": 4.7048391690081175,
  "spacing_tr": 2.200000047683716,
  "spacing_x": 4.0,
  "spacing_y": 4.0,
  "spacing_z": 3.9999988079071045,
  "summary_bg_k": 24.580758127537543,
  "summary_bg_mad": 2.800269603729248,
  "summary_bg_mean": 19.14033317565918,
  "summary_bg_median": 3.823961019515991,
  "summary_bg_n": 95249.0,
  "summary_bg_p05": 1.569682240486145,
  "summary_bg_p95": 102.99658508300763,
  "summary_bg_stdv": 42.04832077026367,
  "summary_fg_k": 3.1677808421869393,
  "summary_fg_mad": 104.79081726074219,
  "summary_fg_mean": 646.8675537109375,
  "summary_fg_median": 661.634521484375,
  "summary_fg_n": 23154.0,
  "summary_fg_p05": 376.49927673339846,
  "summary_fg_p95": 831.790670776367,
  "summary_fg_stdv": 140.62547302246094,
  "tsnr": 56.24620819091797
}