{
  "aor": 0.0012552884615384615,
  "aqi": 0.0046246842307692305,
  "bids_meta": {
    "BodyPartExamined": "HEAD",
    "CogAtlasID": "http://www.cognitiveatlas.org/term/id/trm_550b53d7dd674",
    "ConversionSoftware": "dcm2niix",
    "ConversionSoftwareVersion": "v1.0.20170411 GCC4.4.7",
    "EchoTime": 0.027,
    "EffectiveEchoSpacing": 0.000590001,
    "FlipAngle": 90,
    "ImageType": [
      "ORIGINAL",
      "PRIMARY",
      "M",
      "ND",
      "NORM",
      "MOSAIC"
    ],
    "Instructions": "In this next scan you'll be prompted to move your hands, feet, or tongue. You'll only move one of these at once. Instructions are presented on the screen. Let?s review them now. [Read on-screen instructions to participant.] Do you have any questions?",
    "MagneticFieldStrength": 3,
    "Manufacturer": "Siemens",
    "ManufacturersModelName": "TrioTim",
    "PhaseEncodingDirection": "j-",
    "ProcedureStepDescription": "head_Dosenbach_MSC",
    "ProtocolName": "Motor_104Frames_36Slices_TR2.2",
    "RepetitionTime": 2.2,
    "ScanningSequence": "EP",
    "SequenceName": "_epfid2d1_64",
    "SequenceVariant": "SK",
    "SeriesDescription": "Motor_104Frames_36Slices_TR2.2",
    "SliceTiming": [
      1.105,
      0,
      1.1675,
      0.0625,
      1.2275,
      0.1225,
      1.29,
      0.185,
      1.35,
      0.245,
      1.4125,
      0.3075,
      1.4725,
      0.37,
      1.535,
      0.43,
      1.595,
      0.4925,
      1.6575,
      0.5525,
      1.7175,
      0.615,
      1.78,
      0.675,
      1.84,
      0.7375,
      1.9025,
      0.7975,
      1.965,
      0.86,
      2.025,
      0.92,
      2.0875,
      0.9825,
      2.1475,
      1.0425
    ],
    "SoftwareVersion": "syngo MR B17",
    "TaskName": "motor",
    "modality": "bold",
    "run_id": "01",
    "session_id": "func06",
    "subject_id": "MSC02",
    "task_id": "motor"
  },
  "dummy_trs": 0,
  "dvars_nstd": 20.214165641165053,
  "dvars_std": 1.2892865621359224,
  "dvars_vstd": 0.9608262454368934,
  "efc": 0.42134217349837894,
  "fber": 30914.623046875,
  "fd_mean": 0.09869269045614242,
  "fd_num": 3,
  "fd_perc": 2.8846153846153846,
  "fwhm_avg": 2.4540069434182836,
  "fwhm_x": 2.190235,
  "fwhm_y": 2.850225,
  "fwhm_z": 2.3215608302548514,
  "gcor": 0.0349322,
  "gsr_x": -0.014849729835987091,
  "gsr_y": 0.03281489759683609,
  "provenance": {
    "md5sum": "62c8af1666836516c814d7262e0686f0",
    "settings": {
      "fd_thres": 0.2,
      "hmc_fsl": false
    },
    "software": "mriqc",
    "version": "0.9.6"
  },
  "size_t": 104,
  "size_x": 64,
  "size_y": 64,
  "size_z": 36,
  "snr": 4.9825194989611665,
  "spacing_tr": 2.200000047683716,
  "spacing_x": 4.0,
  "spacing_y": 4.0,
  "spacing_z": 3.9999985694885254,
  "summary_bg_k": 27.99220822680486,
  "summary_bg_mad": 2.7086000442504883,
  "summary_bg_mean": 19.512218475341797,
  "summary_bg_median": 3.942307949066162,
  "summary_bg_n": 96132.0,
  "summary_bg_p05": 1.7403846979141235,
  "summary_bg_p95": 104.17548294067369,
  "summary_bg_stdv": 44.0351448059082,
  "summary_fg_k": 3.7725698097418867,
  "summary_fg_mad": 103.7394027709961,
  "summary_fg_mean": 702.4574584960938,
  "summary_fg_median": 716.9375,
  "summary_fg_n": 22510.0,
  "summary_fg_p05": 432.45050659179685,
  "summary_fg_p95": 889.6139923095702,
  "summary_fg_stdv": 143.88735961914062,
  "tsnr": 81.07196044921875
}