{
  "aor": 0.0030161538461538464,
  "aqi": 0.0048200000961538475,
  "bids_meta": {
    "BodyPartExamined": "HEAD",
    "CogAtlasID": "http://www.cognitiveatlas.org/term/id/trm_550b53d7dd674",
    "ConversionSoftware": "dcm2niix",
    "ConversionSoftwareVersion": "v1.0.20170411 GCC4.4.7",
    "EchoTime": 0.027,
    "EffectiveEchoSpacing": 0.000590001,
    "FlipAngle": 90,
    "ImageType": [
      "ORIGINAL",
      "PRIMARY",
      "M",
      "ND",
      "NORM",
      "MOSAIC"
    ],
    "Instructions": "In this next scan you'll be prompted to move your hands, feet, or tongue. You'll only move one of these at once. Instructions are presented on the screen. Let?s review them now. [Read on-screen instructions to participant.] Do you have any questions?",
    "MagneticFieldStrength": 3,
    "Manufacturer": "Siemens",
    "ManufacturersModelName": "TrioTim",
    "PhaseEncodingDirection": "j-",
    "ProcedureStepDescription": "head_Dosenbach_MSC",
    "ProtocolName": "Motor_104Frames_36Slices_TR2.2",
    "RepetitionTime": 2.2,
    "ScanningSequence": "EP",
    "SequenceName": "_epfid2d1_64",
    "SequenceVariant": "SK",
    "SeriesDescription": "Motor_104Frames_36Slices_TR2.2",
    "SliceTiming": [
      1.105,
      0,
      1.1675,
      0.0625,
      1.2275,
      0.1225,
      1.29,
      0.185,
      1.35,
      0.245,
      1.4125,
      0.3075,
      1.4725,
      0.37,
      1.535,
      0.43,
      1.595,
      0.4925,
      1.6575,
      0.5525,
      1.7175,
      0.615,
      1.78,
      0.675,
      1.84,
      0.7375,
      1.9025,
      0.7975,
      1.965,
      0.86,
      2.025,
      0.92,
      2.0875,
      0.9825,
      2.1475,
      1.0425
    ],
    "SoftwareVersion": "syngo MR B17",
    "TaskName": "motor",
    "modality": "bold",
    "run_id": "01",
    "session_id": "func01",
    "subject_id": "MSC06",
    "task_id": "motor"
  },
  "dummy_trs": 0,
  "dvars_nstd": 20.1347228300971,
  "dvars_std": 1.4050548566990293,
  "dvars_vstd": 0.9927042466990298,
  "efc": 0.40485511203394076,
  "fber": 34864.7421875,
  "fd_mean": 0.09154332420253523,
  "fd_num": 6,
  "fd_perc": 5.769230769230769,
  "fwhm_avg": 2.4910988839708783,
  "fwhm_x": 2.2571475,
  "fwhm_y": 2.844725,
  "fwhm_z": 2.3714241519126347,
  "gcor": 0.0258483,
  "gsr_x": -0.017099682241678238,
  "gsr_y": 0.01630985178053379,
  "provenance": {
    "md5sum": "746ab5de601eb8fdba5f4aacf459d09a",
    "settings": {
      "fd_thres": 0.2,
      "hmc_fsl": false
    },
    "software": "mriqc",
    "version": "0.9.6"
  },
  "size_t": 104,
  "size_x": 64,
  "size_y": 64,
  "size_z": 36,
  "snr": 4.839753890188099,
  "spacing_tr": 2.200000047683716,
  "spacing_x": 4.0,
  "spacing_y": 4.0,
  "spacing_z": 4.000001430511475,
  "summary_bg_k": 54.58685337220828,
  "summary_bg_mad": 2.352205514907837,
  "summary_bg_mean": 15.541372299194336,
  "summary_bg_median": 3.586538553237915,
  "summary_bg_n": 97477.0,
  "summary_bg_p05": 1.5576924085617065,
  "summary_bg_p95": 74.90769348144525,
  "summary_bg_stdv": 37.19234848022461,
  "summary_fg_k": 4.092604193306877,
  "summary_fg_mad": 99.90462493896484,
  "summary_fg_mean": 680.042236328125,
  "summary_fg_median": 697.5577392578125,
  "summary_fg_n": 21275.0,
  "summary_fg_p05": 396.27020874023435,
  "summary_fg_p95": 859.5144714355467,
  "summary_fg_stdv": 144.12744140625,
  "tsnr": 85.14878845214844
}