{
  "aor": 0.0029632692307692307,
  "aqi": 0.0066238861538461535,
  "bids_meta": {
    "BodyPartExamined": "HEAD",
    "CogAtlasID": "http://www.cognitiveatlas.org/term/id/trm_550b53d7dd674",
    "ConversionSoftware": "dcm2niix",
    "ConversionSoftwareVersion": "v1.0.20170411 GCC4.4.7",
    "EchoTime": 0.027,
    "EffectiveEchoSpacing": 0.000590001,
    "FlipAngle": 90,
    "ImageType": [
      "ORIGINAL",
      "PRIMARY",
      "M",
      "ND",
      "NORM",
      "MOSAIC"
    ],
    "Instructions": "In this next scan you'll be prompted to move your hands, feet, or tongue. You'll only move one of these at once. Instructions are presented on the screen. Let?s review them now. [Read on-screen instructions to participant.] Do you have any questions?",
    "MagneticFieldStrength": 3,
    "Manufacturer": "Siemens",
    "ManufacturersModelName": "TrioTim",
    "PhaseEncodingDirection": "j-",
    "ProcedureStepDescription": "head_Dosenbach_MSC",
    "ProtocolName": "Motor_104Frames_36Slices_TR2.2",
    "RepetitionTime": 2.2,
    "ScanningSequence": "EP",
    "SequenceName": "_epfid2d1_64",
    "SequenceVariant": "SK",
    "SeriesDescription": "Motor_104Frames_36Slices_TR2.2",
    "SliceTiming": [
      1.105,
      0,
      1.1675,
      0.0625,
      1.2275,
      0.1225,
      1.29,
      0.185,
      1.35,
      0.245,
      1.4125,
      0.3075,
      1.4725,
      0.37,
      1.535,
      0.43,
      1.595,
      0.4925,
      1.6575,
      0.5525,
      1.7175,
      0.615,
      1.78,
      0.675,
      1.84,
      0.7375,
      1.9025,
      0.7975,
      1.965,
      0.86,
      2.025,
      0.92,
      2.0875,
      0.9825,
      2.1475,
      1.0425
    ],
    "SoftwareVersion": "syngo MR B17",
    "TaskName": "motor",
    "modality": "bold",
    "run_id": "02",
    "session_id": "func01",
    "subject_id": "MSC09",
    "task_id": "motor"
  },
  "dummy_trs": 0,
  "dvars_nstd": 22.39224715349515,
  "dvars_std": 1.2917315866019419,
  "dvars_vstd": 0.992170228252428,
  "efc": 0.4303339772690054,
  "fber": 32288.15234375,
  "fd_mean": 0.23062427221267806,
  "fd_num": 58,
  "fd_perc": 55.76923076923077,
  "fwhm_avg": 2.5139194043996147,
  "fwhm_x": 2.22326,
  "fwhm_y": 2.9254,
  "fwhm_z": 2.3930982131988445,
  "gcor": 0.0242017,
  "gsr_x": -0.014888900332152843,
  "gsr_y": 0.023996582254767418,
  "provenance": {
    "md5sum": "f2c88a5b6cad560fdc1a60b764d6a413",
    "settings": {
      "fd_thres": 0.2,
      "hmc_fsl": false
    },
    "software": "mriqc",
    "version": "0.9.6"
  },
  "size_t": 104,
  "size_x": 64,
  "size_y": 64,
  "size_z": 36,
  "snr": 5.225501702035955,
  "spacing_tr": 2.200000047683716,
  "spacing_x": 4.0,
  "spacing_y": 4.0,
  "spacing_z": 3.9999988079071045,
  "summary_bg_k": 35.60929400239071,
  "summary_bg_mad": 2.8226468563079834,
  "summary_bg_mean": 17.914628982543945,
  "summary_bg_median": 3.875000238418579,
  "summary_bg_n": 94390.0,
  "summary_bg_p05": 1.6057692766189575,
  "summary_bg_p95": 93.45721435546878,
  "summary_bg_stdv": 40.71889877319336,
  "summary_fg_k": 4.506883406022677,
  "summary_fg_mad": 93.21146392822266,
  "summary_fg_mean": 705.2762451171875,
  "summary_fg_median": 721.6875,
  "summary_fg_n": 23702.0,
  "summary_fg_p05": 444.5629974365234,
  "summary_fg_p95": 877.634164428711,
  "summary_fg_stdv": 138.1058349609375,
  "tsnr": 73.47098541259766
}