{
  "aor": 0.0015044498777506108,
  "aqi": 0.015461638753056235,
  "bids_meta": {
    "BodyPartExamined": "HEAD",
    "CogAtlasID": "http://www.cognitiveatlas.org/term/id/trm_4c8a834779883",
    "ConversionSoftware": "dcm2niix",
    "ConversionSoftwareVersion": "v1.0.20170411 GCC4.4.7",
    "EchoTime": 0.027,
    "EffectiveEchoSpacing": 0.000590001,
    "FlipAngle": 90,
    "ImageType": [
      "ORIGINAL",
      "PRIMARY",
      "M",
      "ND",
      "NORM",
      "MOSAIC"
    ],
    "Instructions": "During this first scan, a plus sign will be presented on the screen.  All you need to do is simply relax and look at the plus sign. Please keep your eyes open the entire time, and be as still as possible. It's extremely important that you stay awake for the entire duration of this scan. This scan will last ~30 minutes.",
    "MagneticFieldStrength": 3,
    "Manufacturer": "Siemens",
    "ManufacturersModelName": "TrioTim",
    "PhaseEncodingDirection": "j-",
    "ProcedureStepDescription": "head_Dosenbach_MSC",
    "ProtocolName": "RSFC_818Frames_36Slices_TR2.2",
    "RepetitionTime": 2.2,
    "ScanningSequence": "EP",
    "SequenceName": "_epfid2d1_64",
    "SequenceVariant": "SK",
    "SeriesDescription": "RSFC_818Frames_36Slices_TR2.2",
    "SliceTiming": [
      1.105,
      0,
      1.165,
      0.06,
      1.2275,
      0.1225,
      1.2875,
      0.185,
      1.35,
      0.245,
      1.41,
      0.3075,
      1.4725,
      0.3675,
      1.5325,
      0.43,
      1.595,
      0.49,
      1.655,
      0.5525,
      1.7175,
      0.6125,
      1.78,
      0.675,
      1.84,
      0.735,
      1.9025,
      0.7975,
      1.9625,
      0.8575,
      2.025,
      0.92,
      2.085,
      0.9825,
      2.1475,
      1.0425
    ],
    "SoftwareVersion": "syngo MR B17",
    "TaskName": "rest",
    "modality": "bold",
    "session_id": "func07",
    "subject_id": "MSC10",
    "task_id": "rest"
  },
  "dummy_trs": 0,
  "dvars_nstd": 23.245525565520232,
  "dvars_std": 1.1551427822276623,
  "dvars_vstd": 0.9467789998776005,
  "efc": 0.4247423631524854,
  "fber": 28465.01171875,
  "fd_mean": 0.23933741344433684,
  "fd_num": 435,
  "fd_perc": 53.178484107579465,
  "fwhm_avg": 2.4969087076769028,
  "fwhm_x": 2.282705,
  "fwhm_y": 2.89785,
  "fwhm_z": 2.3101711230307087,
  "gcor": 0.0358361,
  "gsr_x": -0.014892920851707458,
  "gsr_y": 0.01640133373439312,
  "provenance": {
    "md5sum": "07a64136ea3d2def117ca4188d1885c4",
    "settings": {
      "fd_thres": 0.2,
      "hmc_fsl": false
    },
    "software": "mriqc",
    "version": "0.9.6"
  },
  "size_t": 818,
  "size_x": 64,
  "size_y": 64,
  "size_z": 36,
  "snr": 4.671244690913863,
  "spacing_tr": 2.200000047683716,
  "spacing_x": 4.0,
  "spacing_y": 4.0,
  "spacing_z": 4.000002384185791,
  "summary_bg_k": 40.43745884844748,
  "summary_bg_mad": 2.9652044773101807,
  "summary_bg_mean": 16.704221725463867,
  "summary_bg_median": 3.8850858211517334,
  "summary_bg_n": 95181.0,
  "summary_bg_p05": 1.4303178787231445,
  "summary_bg_p95": 85.52690124511719,
  "summary_bg_stdv": 40.43682098388672,
  "summary_fg_k": 3.7948559288506916,
  "summary_fg_mad": 99.31625366210938,
  "summary_fg_mean": 669.431396484375,
  "summary_fg_median": 685.8875732421875,
  "summary_fg_n": 22895.0,
  "summary_fg_p05": 387.5216491699219,
  "summary_fg_p95": 859.7457458496094,
  "summary_fg_stdv": 146.8286590576172,
  "tsnr": 40.851341247558594
}