{
  "aor": 0.008935961538461538,
  "aqi": 0.01079881480769231,
  "bids_meta": {
    "BodyPartExamined": "HEAD",
    "CogAtlasID": "http://www.cognitiveatlas.org/term/id/trm_550b53d7dd674",
    "ConversionSoftware": "dcm2niix",
    "ConversionSoftwareVersion": "v1.0.20170411 GCC4.4.7",
    "EchoTime": 0.027,
    "EffectiveEchoSpacing": 0.000590001,
    "FlipAngle": 90,
    "ImageType": [
      "ORIGINAL",
      "PRIMARY",
      "M",
      "ND",
      "NORM",
      "MOSAIC"
    ],
    "Instructions": "In this next scan you'll be prompted to move your hands, feet, or tongue. You'll only move one of these at once. Instructions are presented on the screen. Let?s review them now. [Read on-screen instructions to participant.] Do you have any questions?",
    "MagneticFieldStrength": 3,
    "Manufacturer": "Siemens",
    "ManufacturersModelName": "TrioTim",
    "PhaseEncodingDirection": "j-",
    "ProcedureStepDescription": "head_Dosenbach_MSC",
    "ProtocolName": "Motor_104Frames_36Slices_TR2.2",
    "RepetitionTime": 2.2,
    "ScanningSequence": "EP",
    "SequenceName": "_epfid2d1_64",
    "SequenceVariant": "SK",
    "SeriesDescription": "Motor_104Frames_36Slices_TR2.2",
    "SliceTiming": [
      1.105,
      0,
      1.1675,
      0.0625,
      1.2275,
      0.1225,
      1.29,
      0.185,
      1.35,
      0.245,
      1.4125,
      0.3075,
      1.4725,
      0.37,
      1.535,
      0.43,
      1.595,
      0.4925,
      1.6575,
      0.5525,
      1.7175,
      0.615,
      1.78,
      0.675,
      1.84,
      0.7375,
      1.9025,
      0.7975,
      1.965,
      0.86,
      2.025,
      0.92,
      2.0875,
      0.9825,
      2.1475,
      1.0425
    ],
    "SoftwareVersion": "syngo MR B17",
    "TaskName": "motor",
    "modality": "bold",
    "run_id": "02",
    "session_id": "func07",
    "subject_id": "MSC09",
    "task_id": "motor"
  },
  "dummy_trs": 0,
  "dvars_nstd": 24.39711183679612,
  "dvars_std": 1.2887538853398055,
  "dvars_vstd": 1.045853016019418,
  "efc": 0.4412026070924515,
  "fber": 28605.640625,
  "fd_mean": 0.2850256230732853,
  "fd_num": 67,
  "fd_perc": 64.42307692307692,
  "fwhm_avg": 2.5394875950234246,
  "fwhm_x": 2.269345,
  "fwhm_y": 2.957775,
  "fwhm_z": 2.3913427850702744,
  "gcor": 0.0322333,
  "gsr_x": -0.019128497689962387,
  "gsr_y": 0.026025336235761642,
  "provenance": {
    "md5sum": "f7129ddd0726a77ddfff740088e92e2e",
    "settings": {
      "fd_thres": 0.2,
      "hmc_fsl": false
    },
    "software": "mriqc",
    "version": "0.9.6"
  },
  "size_t": 104,
  "size_x": 64,
  "size_y": 64,
  "size_z": 36,
  "snr": 5.16465217686999,
  "spacing_tr": 2.200000047683716,
  "spacing_x": 4.0,
  "spacing_y": 4.0,
  "spacing_z": 3.999999523162842,
  "summary_bg_k": 27.761386253056443,
  "summary_bg_mad": 2.8654141426086426,
  "summary_bg_mean": 19.378782272338867,
  "summary_bg_median": 3.913461685180664,
  "summary_bg_n": 93385.0,
  "summary_bg_p05": 1.519230842590332,
  "summary_bg_p95": 102.3846206665039,
  "summary_bg_stdv": 42.794471740722656,
  "summary_fg_k": 4.36093086281641,
  "summary_fg_mad": 90.43873596191406,
  "summary_fg_mean": 674.8150634765625,
  "summary_fg_median": 692.798095703125,
  "summary_fg_n": 24433.0,
  "summary_fg_p05": 417.87116699218757,
  "summary_fg_p95": 841.5077148437498,
  "summary_fg_stdv": 134.13951110839844,
  "tsnr": 55.911766052246094
}