{
  "bids_meta": {
    "BodyPartExamined": "HEAD",
    "ConversionSoftware": "dcm2niix",
    "ConversionSoftwareVersion": "v1.0.20170411 GCC4.4.7",
    "EchoTime": 0.479,
    "FlipAngle": 120,
    "ImageType": [
      "ORIGINAL",
      "PRIMARY",
      "M",
      "ND",
      "NORM"
    ],
    "MagneticFieldStrength": 3,
    "Manufacturer": "Siemens",
    "ManufacturersModelName": "TrioTim",
    "PhaseEncodingDirection": "i-",
    "ProcedureStepDescription": "head_Dosenbach_MSC",
    "ProtocolName": "T2_.8x.8x.8_224Slices",
    "RepetitionTime": 3.2,
    "ScanningSequence": "SE",
    "SequenceName": "_spc3d1_282ns",
    "SequenceVariant": "SK_SP",
    "SeriesDescription": "T2_.8x.8x.8_224Slices",
    "modality": "T2w",
    "run_id": "01",
    "session_id": "struct01",
    "subject_id": "MSC03"
  },
  "cjv": 0.2638808551368607,
  "cnr": 3.527951906610754,
  "efc": 0.5590329931562775,
  "fber": 1415.0537109375,
  "fwhm_avg": 2.2840542411041453,
  "fwhm_x": 2.129836869653899,
  "fwhm_y": 2.5446400000000002,
  "fwhm_z": 2.1776858536585366,
  "icvs_csf": 0.37282863697624186,
  "icvs_gm": 0.09798337116082309,
  "icvs_wm": 0.5291879918629351,
  "inu_med": 1.1822431087493896,
  "inu_range": 0.39318731427192666,
  "provenance": {
    "md5sum": "1bbf95a7ac61ec8f071e52329e0d698c",
    "settings": {
      "testing": false
    },
    "software": "mriqc",
    "version": "0.9.6",
    "warnings": {
      "large_rot_frame": true,
      "small_air_mask": false
    }
  },
  "qi_1": 0.00014873829769866602,
  "qi_2": 0.005500095866538792,
  "rpve_csf": 11.090297847378556,
  "rpve_gm": 49.237870538415,
  "rpve_wm": 8.898494297943962,
  "size_x": 224,
  "size_y": 256,
  "size_z": 256,
  "snr_csf": 8.329890393654473,
  "snr_gm": 5.196866784276497,
  "snr_total": 6.9318927133253005,
  "snr_wm": 7.268920962044931,
  "snrd_csf": 45.232637070908076,
  "snrd_gm": 91.49662004210562,
  "snrd_total": 54.85753403216918,
  "snrd_wm": 27.843344983493807,
  "spacing_x": 0.7999955415725708,
  "spacing_y": 0.80078125,
  "spacing_z": 0.80078125,
  "summary_bg_k": 84.01079941003408,
  "summary_bg_mad": 23.52983283996582,
  "summary_bg_mean": 29.503482818603516,
  "summary_bg_median": 15.870630264282227,
  "summary_bg_n": 4983069.0,
  "summary_bg_p05": 0.0,
  "summary_bg_p95": 87.45375976562482,
  "summary_bg_stdv": 34.061058044433594,
  "summary_csf_k": 0.5841983872861038,
  "summary_csf_mad": 186.37579345703125,
  "summary_csf_mean": 1628.024658203125,
  "summary_csf_median": 1624.572265625,
  "summary_csf_n": 71130.0,
  "summary_csf_p05": 1317.4104492187498,
  "summary_csf_p95": 1952.332684326172,
  "summary_csf_stdv": 195.0278778076172,
  "summary_gm_k": 3.4314784414866493,
  "summary_gm_mad": 468.3665771484375,
  "summary_gm_mean": 3135.879150390625,
  "summary_gm_median": 3286.186279296875,
  "summary_gm_n": 23643.0,
  "summary_gm_p05": 1885.6209106445312,
  "summary_gm_p95": 3855.9032226562495,
  "summary_gm_stdv": 632.3265380859375,
  "summary_wm_k": 0.24579007538938358,
  "summary_wm_mad": 134.90902709960938,
  "summary_wm_mean": 1001.1328735351562,
  "summary_wm_median": 1000.0196533203125,
  "summary_wm_n": 416121.0,
  "summary_wm_p05": 777.8143920898438,
  "summary_wm_p95": 1228.144775390625,
  "summary_wm_stdv": 137.5745391845703,
  "tpm_overlap_csf": 0.11592523008584976,
  "tpm_overlap_gm": 0.09253044426441193,
  "tpm_overlap_wm": 0.4951625466346741,
  "wm2max": 0.2732996876823631
}