{
  "aor": 0.0025015384615384617,
  "aqi": 0.003881956442307692,
  "bids_meta": {
    "BodyPartExamined": "HEAD",
    "CogAtlasID": "http://www.cognitiveatlas.org/term/id/trm_550b53d7dd674",
    "ConversionSoftware": "dcm2niix",
    "ConversionSoftwareVersion": "v1.0.20170411 GCC4.4.7",
    "EchoTime": 0.027,
    "EffectiveEchoSpacing": 0.000590001,
    "FlipAngle": 90,
    "ImageType": [
      "ORIGINAL",
      "PRIMARY",
      "M",
      "ND",
      "NORM",
      "MOSAIC"
    ],
    "Instructions": "In this next scan you'll be prompted to move your hands, feet, or tongue. You'll only move one of these at once. Instructions are presented on the screen. Let?s review them now. [Read on-screen instructions to participant.] Do you have any questions?",
    "MagneticFieldStrength": 3,
    "Manufacturer": "Siemens",
    "ManufacturersModelName": "TrioTim",
    "PhaseEncodingDirection": "j-",
    "ProcedureStepDescription": "head_Dosenbach_MSC",
    "ProtocolName": "Motor_104Frames_36Slices_TR2.2",
    "RepetitionTime": 2.2,
    "ScanningSequence": "EP",
    "SequenceName": "_epfid2d1_64",
    "SequenceVariant": "SK",
    "SeriesDescription": "Motor_104Frames_36Slices_TR2.2",
    "SliceTiming": [
      1.105,
      0,
      1.1675,
      0.0625,
      1.2275,
      0.1225,
      1.29,
      0.185,
      1.35,
      0.245,
      1.4125,
      0.3075,
      1.4725,
      0.37,
      1.535,
      0.43,
      1.595,
      0.4925,
      1.6575,
      0.5525,
      1.7175,
      0.615,
      1.78,
      0.675,
      1.84,
      0.7375,
      1.9025,
      0.7975,
      1.965,
      0.86,
      2.025,
      0.92,
      2.0875,
      0.9825,
      2.1475,
      1.0425
    ],
    "SoftwareVersion": "syngo MR B17",
    "TaskName": "motor",
    "modality": "bold",
    "run_id": "01",
    "session_id": "func01",
    "subject_id": "MSC01",
    "task_id": "motor"
  },
  "dummy_trs": 0,
  "dvars_nstd": 22.568813601359228,
  "dvars_std": 1.2892752380582526,
  "dvars_vstd": 1.0158797039805827,
  "efc": 0.41554184211470274,
  "fber": 18206.341796875,
  "fd_mean": 0.13501839325499537,
  "fd_num": 23,
  "fd_perc": 22.115384615384617,
  "fwhm_avg": 2.357595313270123,
  "fwhm_x": 2.10775,
  "fwhm_y": 2.71255,
  "fwhm_z": 2.25248593981037,
  "gcor": 0.0155086,
  "gsr_x": -0.009315748699009418,
  "gsr_y": 0.011045819148421288,
  "provenance": {
    "md5sum": "ee58841098958fc98e6ac1b60f41701a",
    "settings": {
      "fd_thres": 0.2,
      "hmc_fsl": false
    },
    "software": "mriqc",
    "version": "0.9.6"
  },
  "size_t": 104,
  "size_x": 64,
  "size_y": 64,
  "size_z": 36,
  "snr": 4.808553953045109,
  "spacing_tr": 2.200000047683716,
  "spacing_x": 4.0,
  "spacing_y": 4.0,
  "spacing_z": 3.9999983310699463,
  "summary_bg_k": 36.44794422306298,
  "summary_bg_mad": 2.6943447589874268,
  "summary_bg_mean": 14.776991844177246,
  "summary_bg_median": 4.17307710647583,
  "summary_bg_n": 97126.0,
  "summary_bg_p05": 1.817307710647583,
  "summary_bg_p95": 67.04808044433594,
  "summary_bg_stdv": 31.30658721923828,
  "summary_fg_k": 3.341348748136091,
  "summary_fg_mad": 89.41230010986328,
  "summary_fg_mean": 578.93115234375,
  "summary_fg_median": 590.09619140625,
  "summary_fg_n": 21531.0,
  "summary_fg_p05": 343.4279022216797,
  "summary_fg_p95": 743.4567565917969,
  "summary_fg_stdv": 122.71516418457031,
  "tsnr": 87.09386444091797
}