{
  "aor": 0.0028122115384615386,
  "aqi": 0.009048645288461537,
  "bids_meta": {
    "BodyPartExamined": "HEAD",
    "CogAtlasID": "http://www.cognitiveatlas.org/term/id/trm_550b53d7dd674",
    "ConversionSoftware": "dcm2niix",
    "ConversionSoftwareVersion": "v1.0.20170411 GCC4.4.7",
    "EchoTime": 0.027,
    "EffectiveEchoSpacing": 0.000590001,
    "FlipAngle": 90,
    "ImageType": [
      "ORIGINAL",
      "PRIMARY",
      "M",
      "ND",
      "NORM",
      "MOSAIC"
    ],
    "Instructions": "In this next scan you'll be prompted to move your hands, feet, or tongue. You'll only move one of these at once. Instructions are presented on the screen. Let?s review them now. [Read on-screen instructions to participant.] Do you have any questions?",
    "MagneticFieldStrength": 3,
    "Manufacturer": "Siemens",
    "ManufacturersModelName": "TrioTim",
    "PhaseEncodingDirection": "j-",
    "ProcedureStepDescription": "head_Dosenbach_MSC",
    "ProtocolName": "Motor_104Frames_36Slices_TR2.2",
    "RepetitionTime": 2.2,
    "ScanningSequence": "EP",
    "SequenceName": "_epfid2d1_64",
    "SequenceVariant": "SK",
    "SeriesDescription": "Motor_104Frames_36Slices_TR2.2",
    "SliceTiming": [
      1.105,
      0,
      1.1675,
      0.0625,
      1.2275,
      0.1225,
      1.29,
      0.185,
      1.35,
      0.245,
      1.4125,
      0.3075,
      1.4725,
      0.37,
      1.535,
      0.43,
      1.595,
      0.4925,
      1.6575,
      0.5525,
      1.7175,
      0.615,
      1.78,
      0.675,
      1.84,
      0.7375,
      1.9025,
      0.7975,
      1.965,
      0.86,
      2.025,
      0.92,
      2.0875,
      0.9825,
      2.1475,
      1.0425
    ],
    "SoftwareVersion": "syngo MR B17",
    "TaskName": "motor",
    "modality": "bold",
    "run_id": "02",
    "session_id": "func02",
    "subject_id": "MSC09",
    "task_id": "motor"
  },
  "dummy_trs": 0,
  "dvars_nstd": 25.71075078300971,
  "dvars_std": 1.2489416228155343,
  "dvars_vstd": 0.990770795339806,
  "efc": 0.43560874927866494,
  "fber": 31634.546875,
  "fd_mean": 0.316296476122382,
  "fd_num": 83,
  "fd_perc": 79.8076923076923,
  "fwhm_avg": 2.5755747425943643,
  "fwhm_x": 2.2805276359300395,
  "fwhm_y": 3.0183,
  "fwhm_z": 2.427896591853053,
  "gcor": 0.0248356,
  "gsr_x": -0.01799965277314186,
  "gsr_y": 0.018749011680483818,
  "provenance": {
    "md5sum": "9a70764ddf29e32d730b3626a5f42c0b",
    "settings": {
      "fd_thres": 0.2,
      "hmc_fsl": false
    },
    "software": "mriqc",
    "version": "0.9.6"
  },
  "size_t": 104,
  "size_x": 64,
  "size_y": 64,
  "size_z": 36,
  "snr": 5.153127669920979,
  "spacing_tr": 2.200000047683716,
  "spacing_x": 3.999999761581421,
  "spacing_y": 4.0,
  "spacing_z": 3.99999737739563,
  "summary_bg_k": 33.10188704929249,
  "summary_bg_mad": 2.7513678073883057,
  "summary_bg_mean": 18.402170181274414,
  "summary_bg_median": 3.855769395828247,
  "summary_bg_n": 93749.0,
  "summary_bg_p05": 1.5576924085617065,
  "summary_bg_p95": 95.58269500732413,
  "summary_bg_stdv": 41.51277160644531,
  "summary_fg_k": 4.2851786697791745,
  "summary_fg_mad": 93.23282623291016,
  "summary_fg_mean": 698.5591430664062,
  "summary_fg_median": 717.644287109375,
  "summary_fg_n": 24113.0,
  "summary_fg_p05": 430.90962524414067,
  "summary_fg_p95": 870.3885009765625,
  "summary_fg_stdv": 139.2609405517578,
  "tsnr": 61.20829772949219
}