{
  "aor": 0.005870865384615384,
  "aqi": 0.006461380192307692,
  "bids_meta": {
    "BodyPartExamined": "HEAD",
    "CogAtlasID": "http://www.cognitiveatlas.org/term/id/trm_550b53d7dd674",
    "ConversionSoftware": "dcm2niix",
    "ConversionSoftwareVersion": "v1.0.20170411 GCC4.4.7",
    "EchoTime": 0.027,
    "EffectiveEchoSpacing": 0.000590001,
    "FlipAngle": 90,
    "ImageType": [
      "ORIGINAL",
      "PRIMARY",
      "M",
      "ND",
      "NORM",
      "MOSAIC"
    ],
    "Instructions": "In this next scan you'll be prompted to move your hands, feet, or tongue. You'll only move one of these at once. Instructions are presented on the screen. Let?s review them now. [Read on-screen instructions to participant.] Do you have any questions?",
    "MagneticFieldStrength": 3,
    "Manufacturer": "Siemens",
    "ManufacturersModelName": "TrioTim",
    "PhaseEncodingDirection": "j-",
    "ProcedureStepDescription": "head_Dosenbach_MSC",
    "ProtocolName": "Motor_104Frames_36Slices_TR2.2",
    "RepetitionTime": 2.2,
    "ScanningSequence": "EP",
    "SequenceName": "_epfid2d1_64",
    "SequenceVariant": "SK",
    "SeriesDescription": "Motor_104Frames_36Slices_TR2.2",
    "SliceTiming": [
      1.105,
      0,
      1.1675,
      0.0625,
      1.2275,
      0.1225,
      1.29,
      0.185,
      1.35,
      0.245,
      1.4125,
      0.3075,
      1.4725,
      0.37,
      1.535,
      0.43,
      1.595,
      0.4925,
      1.6575,
      0.5525,
      1.7175,
      0.615,
      1.78,
      0.675,
      1.84,
      0.7375,
      1.9025,
      0.7975,
      1.965,
      0.86,
      2.025,
      0.92,
      2.0875,
      0.9825,
      2.1475,
      1.0425
    ],
    "SoftwareVersion": "syngo MR B17",
    "TaskName": "motor",
    "modality": "bold",
    "run_id": "02",
    "session_id": "func01",
    "subject_id": "MSC06",
    "task_id": "motor"
  },
  "dummy_trs": 0,
  "dvars_nstd": 23.198188920679605,
  "dvars_std": 1.4311998066019418,
  "dvars_vstd": 1.003995753786408,
  "efc": 0.40363432703546254,
  "fber": 35783.51171875,
  "fd_mean": 0.16060509729776157,
  "fd_num": 30,
  "fd_perc": 28.846153846153847,
  "fwhm_avg": 2.479688050486447,
  "fwhm_x": 2.2438475,
  "fwhm_y": 2.822525,
  "fwhm_z": 2.3726916514593417,
  "gcor": 0.0252276,
  "gsr_x": -0.015501412563025951,
  "gsr_y": 0.018239673227071762,
  "provenance": {
    "md5sum": "54ad76b8232cd158167616eadf00bbb0",
    "settings": {
      "fd_thres": 0.2,
      "hmc_fsl": false
    },
    "software": "mriqc",
    "version": "0.9.6"
  },
  "size_t": 104,
  "size_x": 64,
  "size_y": 64,
  "size_z": 36,
  "snr": 4.889262340482303,
  "spacing_tr": 2.200000047683716,
  "spacing_x": 4.0,
  "spacing_y": 4.0,
  "spacing_z": 4.000001430511475,
  "summary_bg_k": 59.218269410159344,
  "summary_bg_mad": 2.451996088027954,
  "summary_bg_mean": 15.216238021850586,
  "summary_bg_median": 3.576923131942749,
  "summary_bg_n": 97607.0,
  "summary_bg_p05": 1.4807692766189575,
  "summary_bg_p95": 73.50385055541986,
  "summary_bg_stdv": 36.38576889038086,
  "summary_fg_k": 4.276667018829613,
  "summary_fg_mad": 99.65513610839844,
  "summary_fg_mean": 684.424072265625,
  "summary_fg_median": 701.3269653320312,
  "summary_fg_n": 21304.0,
  "summary_fg_p05": 407.04136657714844,
  "summary_fg_p95": 864.2428466796874,
  "summary_fg_stdv": 143.4389190673828,
  "tsnr": 71.51519775390625
}