{
  "aor": 0.0019747432762836185,
  "aqi": 0.03715536980440098,
  "bids_meta": {
    "BodyPartExamined": "HEAD",
    "CogAtlasID": "http://www.cognitiveatlas.org/term/id/trm_4c8a834779883",
    "ConversionSoftware": "dcm2niix",
    "ConversionSoftwareVersion": "v1.0.20170411 GCC4.4.7",
    "EchoTime": 0.027,
    "EffectiveEchoSpacing": 0.000590001,
    "FlipAngle": 90,
    "ImageType": [
      "ORIGINAL",
      "PRIMARY",
      "M",
      "ND",
      "NORM",
      "MOSAIC"
    ],
    "Instructions": "During this first scan, a plus sign will be presented on the screen.  All you need to do is simply relax and look at the plus sign. Please keep your eyes open the entire time, and be as still as possible. It's extremely important that you stay awake for the entire duration of this scan. This scan will last ~30 minutes.",
    "MagneticFieldStrength": 3,
    "Manufacturer": "Siemens",
    "ManufacturersModelName": "TrioTim",
    "PhaseEncodingDirection": "j-",
    "ProcedureStepDescription": "head_Dosenbach_MSC",
    "ProtocolName": "RSFC_818Frames_36Slices_TR2.2",
    "RepetitionTime": 2.2,
    "ScanningSequence": "EP",
    "SequenceName": "_epfid2d1_64",
    "SequenceVariant": "SK",
    "SeriesDescription": "RSFC_818Frames_36Slices_TR2.2",
    "SliceTiming": [
      1.105,
      0,
      1.165,
      0.06,
      1.2275,
      0.1225,
      1.2875,
      0.185,
      1.35,
      0.245,
      1.41,
      0.3075,
      1.4725,
      0.3675,
      1.5325,
      0.43,
      1.595,
      0.49,
      1.655,
      0.5525,
      1.7175,
      0.6125,
      1.78,
      0.675,
      1.84,
      0.735,
      1.9025,
      0.7975,
      1.9625,
      0.8575,
      2.025,
      0.92,
      2.085,
      0.9825,
      2.1475,
      1.0425
    ],
    "SoftwareVersion": "syngo MR B17",
    "TaskName": "rest",
    "modality": "bold",
    "session_id": "func05",
    "subject_id": "MSC08",
    "task_id": "rest"
  },
  "dummy_trs": 0,
  "dvars_nstd": 30.80524450539782,
  "dvars_std": 0.9981771702447979,
  "dvars_vstd": 0.8650590114932668,
  "efc": 0.3901266284342367,
  "fber": 33619.55078125,
  "fd_mean": 0.41972737669227067,
  "fd_num": 553,
  "fd_perc": 67.6039119804401,
  "fwhm_avg": 2.6080171663019973,
  "fwhm_x": 2.4149675,
  "fwhm_y": 2.941900175350915,
  "fwhm_z": 2.467183823555077,
  "gcor": 0.0188226,
  "gsr_x": -0.01656620390713215,
  "gsr_y": 0.01328047551214695,
  "provenance": {
    "md5sum": "e807635159d15a9f17517b84600638ee",
    "settings": {
      "fd_thres": 0.2,
      "hmc_fsl": false
    },
    "software": "mriqc",
    "version": "0.9.6"
  },
  "size_t": 818,
  "size_x": 64,
  "size_y": 64,
  "size_z": 36,
  "snr": 4.977816616696966,
  "spacing_tr": 2.200000047683716,
  "spacing_x": 4.0,
  "spacing_y": 3.999999761581421,
  "spacing_z": 4.000001907348633,
  "summary_bg_k": 79.5894551207004,
  "summary_bg_mad": 2.5990853309631348,
  "summary_bg_mean": 12.880108833312988,
  "summary_bg_median": 3.0794622898101807,
  "summary_bg_n": 99753.0,
  "summary_bg_p05": 0.9743276834487915,
  "summary_bg_p95": 61.12200698852538,
  "summary_bg_stdv": 32.14411163330078,
  "summary_fg_k": 4.703053716463254,
  "summary_fg_mad": 71.03260803222656,
  "summary_fg_mean": 553.6705932617188,
  "summary_fg_median": 572.6552734375,
  "summary_fg_n": 19493.0,
  "summary_fg_p05": 316.4951171875,
  "summary_fg_p95": 689.5014892578124,
  "summary_fg_stdv": 115.03850555419922,
  "tsnr": 28.044328689575195
}