{
  "aor": 0.002618850855745722,
  "aqi": 0.00936159100244499,
  "bids_meta": {
    "BodyPartExamined": "HEAD",
    "CogAtlasID": "http://www.cognitiveatlas.org/term/id/trm_4c8a834779883",
    "ConversionSoftware": "dcm2niix",
    "ConversionSoftwareVersion": "v1.0.20170411 GCC4.4.7",
    "EchoTime": 0.027,
    "EffectiveEchoSpacing": 0.000590001,
    "FlipAngle": 90,
    "ImageType": [
      "ORIGINAL",
      "PRIMARY",
      "M",
      "ND",
      "NORM",
      "MOSAIC"
    ],
    "Instructions": "During this first scan, a plus sign will be presented on the screen.  All you need to do is simply relax and look at the plus sign. Please keep your eyes open the entire time, and be as still as possible. It's extremely important that you stay awake for the entire duration of this scan. This scan will last ~30 minutes.",
    "MagneticFieldStrength": 3,
    "Manufacturer": "Siemens",
    "ManufacturersModelName": "TrioTim",
    "PhaseEncodingDirection": "j-",
    "ProcedureStepDescription": "head_Dosenbach_MSC",
    "ProtocolName": "RSFC_818Frames_36Slices_TR2.2",
    "RepetitionTime": 2.2,
    "ScanningSequence": "EP",
    "SequenceName": "_epfid2d1_64",
    "SequenceVariant": "SK",
    "SeriesDescription": "RSFC_818Frames_36Slices_TR2.2",
    "SliceTiming": [
      1.105,
      0,
      1.165,
      0.06,
      1.2275,
      0.1225,
      1.2875,
      0.185,
      1.35,
      0.245,
      1.41,
      0.3075,
      1.4725,
      0.3675,
      1.5325,
      0.43,
      1.595,
      0.49,
      1.655,
      0.5525,
      1.7175,
      0.6125,
      1.78,
      0.675,
      1.84,
      0.735,
      1.9025,
      0.7975,
      1.9625,
      0.8575,
      2.025,
      0.92,
      2.085,
      0.9825,
      2.1475,
      1.0425
    ],
    "SoftwareVersion": "syngo MR B17",
    "TaskName": "rest",
    "modality": "bold",
    "session_id": "func05",
    "subject_id": "MSC04",
    "task_id": "rest"
  },
  "dummy_trs": 0,
  "dvars_nstd": 19.05512416487147,
  "dvars_std": 1.24223721608323,
  "dvars_vstd": 0.9794065398164011,
  "efc": 0.36362597277969483,
  "fber": 58343.1328125,
  "fd_mean": 0.12398393926632476,
  "fd_num": 106,
  "fd_perc": 12.95843520782396,
  "fwhm_avg": 2.566457308237797,
  "fwhm_x": 2.340095,
  "fwhm_y": 2.94635,
  "fwhm_z": 2.412926924713391,
  "gcor": 0.0449181,
  "gsr_x": -0.014659862034022808,
  "gsr_y": 0.01486656628549099,
  "provenance": {
    "md5sum": "a110931c723555192cadedbf12b58cf2",
    "settings": {
      "fd_thres": 0.2,
      "hmc_fsl": false
    },
    "software": "mriqc",
    "version": "0.9.6"
  },
  "size_t": 818,
  "size_x": 64,
  "size_y": 64,
  "size_z": 36,
  "snr": 4.829852353286835,
  "spacing_tr": 2.200000047683716,
  "spacing_x": 4.0,
  "spacing_y": 4.0,
  "spacing_z": 4.000000953674316,
  "summary_bg_k": 75.8700482886948,
  "summary_bg_mad": 2.0526249408721924,
  "summary_bg_mean": 11.739028930664062,
  "summary_bg_median": 3.0886309146881104,
  "summary_bg_n": 101836.0,
  "summary_bg_p05": 1.2383863925933838,
  "summary_bg_p95": 46.42634677886963,
  "summary_bg_stdv": 34.325801849365234,
  "summary_fg_k": 3.65090115437377,
  "summary_fg_mad": 105.15418243408203,
  "summary_fg_mean": 737.48779296875,
  "summary_fg_median": 766.6809692382812,
  "summary_fg_n": 18203.0,
  "summary_fg_p05": 407.74195251464846,
  "summary_fg_p95": 927.1588134765625,
  "summary_fg_stdv": 158.73361206054688,
  "tsnr": 53.295654296875
}