{
  "aor": 0.0033548076923076925,
  "aqi": 0.005328039903846153,
  "bids_meta": {
    "BodyPartExamined": "HEAD",
    "CogAtlasID": "http://www.cognitiveatlas.org/term/id/trm_550b53d7dd674",
    "ConversionSoftware": "dcm2niix",
    "ConversionSoftwareVersion": "v1.0.20170411 GCC4.4.7",
    "EchoTime": 0.027,
    "EffectiveEchoSpacing": 0.000590001,
    "FlipAngle": 90,
    "ImageType": [
      "ORIGINAL",
      "PRIMARY",
      "M",
      "ND",
      "NORM",
      "MOSAIC"
    ],
    "Instructions": "In this next scan you'll be prompted to move your hands, feet, or tongue. You'll only move one of these at once. Instructions are presented on the screen. Let?s review them now. [Read on-screen instructions to participant.] Do you have any questions?",
    "MagneticFieldStrength": 3,
    "Manufacturer": "Siemens",
    "ManufacturersModelName": "TrioTim",
    "PhaseEncodingDirection": "j-",
    "ProcedureStepDescription": "head_Dosenbach_MSC",
    "ProtocolName": "Motor_104Frames_36Slices_TR2.2",
    "RepetitionTime": 2.2,
    "ScanningSequence": "EP",
    "SequenceName": "_epfid2d1_64",
    "SequenceVariant": "SK",
    "SeriesDescription": "Motor_104Frames_36Slices_TR2.2",
    "SliceTiming": [
      1.105,
      0,
      1.1675,
      0.0625,
      1.2275,
      0.1225,
      1.29,
      0.185,
      1.35,
      0.245,
      1.4125,
      0.3075,
      1.4725,
      0.37,
      1.535,
      0.43,
      1.595,
      0.4925,
      1.6575,
      0.5525,
      1.7175,
      0.615,
      1.78,
      0.675,
      1.84,
      0.7375,
      1.9025,
      0.7975,
      1.965,
      0.86,
      2.025,
      0.92,
      2.0875,
      0.9825,
      2.1475,
      1.0425
    ],
    "SoftwareVersion": "syngo MR B17",
    "TaskName": "motor",
    "modality": "bold",
    "run_id": "01",
    "session_id": "func05",
    "subject_id": "MSC04",
    "task_id": "motor"
  },
  "dummy_trs": 0,
  "dvars_nstd": 17.48375180640777,
  "dvars_std": 1.2027041963106795,
  "dvars_vstd": 0.9642810240776704,
  "efc": 0.36009917449411655,
  "fber": 58743.34375,
  "fd_mean": 0.09715154748902362,
  "fd_num": 1,
  "fd_perc": 0.9615384615384616,
  "fwhm_avg": 2.554576474753664,
  "fwhm_x": 2.34853,
  "fwhm_y": 2.900375,
  "fwhm_z": 2.414824424260992,
  "gcor": 0.0290946,
  "gsr_x": -0.01332059595733881,
  "gsr_y": 0.014769521541893482,
  "provenance": {
    "md5sum": "2e616b50271028ec510b70a24004a84c",
    "settings": {
      "fd_thres": 0.2,
      "hmc_fsl": false
    },
    "software": "mriqc",
    "version": "0.9.6"
  },
  "size_t": 104,
  "size_x": 64,
  "size_y": 64,
  "size_z": 36,
  "snr": 4.683900389495704,
  "spacing_tr": 2.200000047683716,
  "spacing_x": 4.0,
  "spacing_y": 4.0,
  "spacing_z": 4.000000953674316,
  "summary_bg_k": 77.41712731408434,
  "summary_bg_mad": 2.0742177963256836,
  "summary_bg_mean": 11.00312328338623,
  "summary_bg_median": 3.076923131942749,
  "summary_bg_n": 102106.0,
  "summary_bg_p05": 1.192307710647583,
  "summary_bg_p95": 43.699520111083984,
  "summary_bg_stdv": 31.46758460998535,
  "summary_fg_k": 3.4348533272652766,
  "summary_fg_mad": 106.74745178222656,
  "summary_fg_mean": 739.1248168945312,
  "summary_fg_median": 772.5,
  "summary_fg_n": 18079.0,
  "summary_fg_p05": 383.73560485839846,
  "summary_fg_p95": 932.4144714355468,
  "summary_fg_stdv": 164.92208862304688,
  "tsnr": 76.66149139404297
}