{
  "aor": 0.0063325,
  "aqi": 0.009704065,
  "bids_meta": {
    "BodyPartExamined": "HEAD",
    "CogAtlasID": "http://www.cognitiveatlas.org/term/id/trm_550b53d7dd674",
    "ConversionSoftware": "dcm2niix",
    "ConversionSoftwareVersion": "v1.0.20170411 GCC4.4.7",
    "EchoTime": 0.027,
    "EffectiveEchoSpacing": 0.000590001,
    "FlipAngle": 90,
    "ImageType": [
      "ORIGINAL",
      "PRIMARY",
      "M",
      "ND",
      "NORM",
      "MOSAIC"
    ],
    "Instructions": "In this next scan you'll be prompted to move your hands, feet, or tongue. You'll only move one of these at once. Instructions are presented on the screen. Let?s review them now. [Read on-screen instructions to participant.] Do you have any questions?",
    "MagneticFieldStrength": 3,
    "Manufacturer": "Siemens",
    "ManufacturersModelName": "TrioTim",
    "PhaseEncodingDirection": "j-",
    "ProcedureStepDescription": "head_Dosenbach_MSC",
    "ProtocolName": "Motor_104Frames_36Slices_TR2.2",
    "RepetitionTime": 2.2,
    "ScanningSequence": "EP",
    "SequenceName": "_epfid2d1_64",
    "SequenceVariant": "SK",
    "SeriesDescription": "Motor_104Frames_36Slices_TR2.2",
    "SliceTiming": [
      1.105,
      0,
      1.1675,
      0.0625,
      1.2275,
      0.1225,
      1.29,
      0.185,
      1.35,
      0.245,
      1.4125,
      0.3075,
      1.4725,
      0.37,
      1.535,
      0.43,
      1.595,
      0.4925,
      1.6575,
      0.5525,
      1.7175,
      0.615,
      1.78,
      0.675,
      1.84,
      0.7375,
      1.9025,
      0.7975,
      1.965,
      0.86,
      2.025,
      0.92,
      2.0875,
      0.9825,
      2.1475,
      1.0425
    ],
    "SoftwareVersion": "syngo MR B17",
    "TaskName": "motor",
    "modality": "bold",
    "run_id": "02",
    "session_id": "func07",
    "subject_id": "MSC07",
    "task_id": "motor"
  },
  "dummy_trs": 0,
  "dvars_nstd": 19.715721806407768,
  "dvars_std": 1.168408273592233,
  "dvars_vstd": 0.9550979572815531,
  "efc": 0.39610063267061957,
  "fber": 38131.92578125,
  "fd_mean": 0.1788571249890335,
  "fd_num": 35,
  "fd_perc": 33.65384615384615,
  "fwhm_avg": 2.480895322155441,
  "fwhm_x": 2.2664375,
  "fwhm_y": 2.859875,
  "fwhm_z": 2.3163734664663234,
  "gcor": 0.0271229,
  "gsr_x": -0.016876501962542534,
  "gsr_y": 0.016883986070752144,
  "provenance": {
    "md5sum": "3ca8e5f95e635588074c58987175af29",
    "settings": {
      "fd_thres": 0.2,
      "hmc_fsl": false
    },
    "software": "mriqc",
    "version": "0.9.6"
  },
  "size_t": 104,
  "size_x": 64,
  "size_y": 64,
  "size_z": 36,
  "snr": 5.052853644025275,
  "spacing_tr": 2.200000047683716,
  "spacing_x": 4.0,
  "spacing_y": 4.0,
  "spacing_z": 3.9999983310699463,
  "summary_bg_k": 43.42318683998404,
  "summary_bg_mad": 2.337949752807617,
  "summary_bg_mean": 15.856553077697754,
  "summary_bg_median": 3.54807710647583,
  "summary_bg_n": 98695.0,
  "summary_bg_p05": 1.5384615659713745,
  "summary_bg_p95": 81.83942413330067,
  "summary_bg_stdv": 39.228031158447266,
  "summary_fg_k": 3.6937702693717798,
  "summary_fg_mad": 103.65383911132812,
  "summary_fg_mean": 703.2898559570312,
  "summary_fg_median": 717.8509521484375,
  "summary_fg_n": 20222.0,
  "summary_fg_p05": 437.58607025146483,
  "summary_fg_p95": 888.2207092285156,
  "summary_fg_stdv": 142.06491088867188,
  "tsnr": 55.326133728027344
}