{
  "aor": 0.0019141931540342298,
  "aqi": 0.004541453386308068,
  "bids_meta": {
    "BodyPartExamined": "HEAD",
    "CogAtlasID": "http://www.cognitiveatlas.org/term/id/trm_4c8a834779883",
    "ConversionSoftware": "dcm2niix",
    "ConversionSoftwareVersion": "v1.0.20170411 GCC4.4.7",
    "EchoTime": 0.027,
    "EffectiveEchoSpacing": 0.000590001,
    "FlipAngle": 90,
    "ImageType": [
      "ORIGINAL",
      "PRIMARY",
      "M",
      "ND",
      "NORM",
      "MOSAIC"
    ],
    "Instructions": "During this first scan, a plus sign will be presented on the screen.  All you need to do is simply relax and look at the plus sign. Please keep your eyes open the entire time, and be as still as possible. It's extremely important that you stay awake for the entire duration of this scan. This scan will last ~30 minutes.",
    "MagneticFieldStrength": 3,
    "Manufacturer": "Siemens",
    "ManufacturersModelName": "TrioTim",
    "PhaseEncodingDirection": "j-",
    "ProcedureStepDescription": "head_Dosenbach_MSC",
    "ProtocolName": "RSFC_818Frames_36Slices_TR2.2",
    "RepetitionTime": 2.2,
    "ScanningSequence": "EP",
    "SequenceName": "_epfid2d1_64",
    "SequenceVariant": "SK",
    "SeriesDescription": "RSFC_818Frames_36Slices_TR2.2",
    "SliceTiming": [
      1.105,
      0,
      1.165,
      0.06,
      1.2275,
      0.1225,
      1.2875,
      0.185,
      1.35,
      0.245,
      1.41,
      0.3075,
      1.4725,
      0.3675,
      1.5325,
      0.43,
      1.595,
      0.49,
      1.655,
      0.5525,
      1.7175,
      0.6125,
      1.78,
      0.675,
      1.84,
      0.735,
      1.9025,
      0.7975,
      1.9625,
      0.8575,
      2.025,
      0.92,
      2.085,
      0.9825,
      2.1475,
      1.0425
    ],
    "SoftwareVersion": "syngo MR B17",
    "TaskName": "rest",
    "modality": "bold",
    "session_id": "func07",
    "subject_id": "MSC04",
    "task_id": "rest"
  },
  "dummy_trs": 0,
  "dvars_nstd": 18.066466315177465,
  "dvars_std": 1.2960159192656062,
  "dvars_vstd": 1.0113648367686676,
  "efc": 0.36869125291242755,
  "fber": 47914.0625,
  "fd_mean": 0.09605526281010664,
  "fd_num": 47,
  "fd_perc": 5.745721271393643,
  "fwhm_avg": 2.5898799038189764,
  "fwhm_x": 2.368065,
  "fwhm_y": 2.9811,
  "fwhm_z": 2.4204747114569294,
  "gcor": 0.0579719,
  "gsr_x": -0.018014293164014816,
  "gsr_y": 0.01077549159526825,
  "provenance": {
    "md5sum": "e35e5b7e99a4c08b6a6d098eaa07a85b",
    "settings": {
      "fd_thres": 0.2,
      "hmc_fsl": false
    },
    "software": "mriqc",
    "version": "0.9.6"
  },
  "size_t": 818,
  "size_x": 64,
  "size_y": 64,
  "size_z": 36,
  "snr": 4.527012746161855,
  "spacing_tr": 2.200000047683716,
  "spacing_x": 4.0,
  "spacing_y": 4.0,
  "spacing_z": 4.000000476837158,
  "summary_bg_k": 62.96927439410598,
  "summary_bg_mad": 2.133280038833618,
  "summary_bg_mean": 13.24616813659668,
  "summary_bg_median": 3.2298290729522705,
  "summary_bg_n": 101480.0,
  "summary_bg_p05": 1.3215159177780151,
  "summary_bg_p95": 54.95238513946532,
  "summary_bg_stdv": 38.52424621582031,
  "summary_fg_k": 3.1520115583117914,
  "summary_fg_mad": 105.54383087158203,
  "summary_fg_mean": 702.01171875,
  "summary_fg_median": 734.806884765625,
  "summary_fg_n": 18185.0,
  "summary_fg_p05": 360.37605590820317,
  "summary_fg_p95": 895.1396728515624,
  "summary_fg_stdv": 162.3115997314453,
  "tsnr": 73.33132934570312
}