{
  "aor": 0.003029423076923077,
  "aqi": 0.004546641826923077,
  "bids_meta": {
    "BodyPartExamined": "HEAD",
    "CogAtlasID": "http://www.cognitiveatlas.org/term/id/trm_550b53d7dd674",
    "ConversionSoftware": "dcm2niix",
    "ConversionSoftwareVersion": "v1.0.20170411 GCC4.4.7",
    "EchoTime": 0.027,
    "EffectiveEchoSpacing": 0.000590001,
    "FlipAngle": 90,
    "ImageType": [
      "ORIGINAL",
      "PRIMARY",
      "M",
      "ND",
      "NORM",
      "MOSAIC"
    ],
    "Instructions": "In this next scan you'll be prompted to move your hands, feet, or tongue. You'll only move one of these at once. Instructions are presented on the screen. Let?s review them now. [Read on-screen instructions to participant.] Do you have any questions?",
    "MagneticFieldStrength": 3,
    "Manufacturer": "Siemens",
    "ManufacturersModelName": "TrioTim",
    "PhaseEncodingDirection": "j-",
    "ProcedureStepDescription": "head_Dosenbach_MSC",
    "ProtocolName": "Motor_104Frames_36Slices_TR2.2",
    "RepetitionTime": 2.2,
    "ScanningSequence": "EP",
    "SequenceName": "_epfid2d1_64",
    "SequenceVariant": "SK",
    "SeriesDescription": "Motor_104Frames_36Slices_TR2.2",
    "SliceTiming": [
      1.105,
      0,
      1.1675,
      0.0625,
      1.2275,
      0.1225,
      1.29,
      0.185,
      1.35,
      0.245,
      1.4125,
      0.3075,
      1.4725,
      0.37,
      1.535,
      0.43,
      1.595,
      0.4925,
      1.6575,
      0.5525,
      1.7175,
      0.615,
      1.78,
      0.675,
      1.84,
      0.7375,
      1.9025,
      0.7975,
      1.965,
      0.86,
      2.025,
      0.92,
      2.0875,
      0.9825,
      2.1475,
      1.0425
    ],
    "SoftwareVersion": "syngo MR B17",
    "TaskName": "motor",
    "modality": "bold",
    "run_id": "02",
    "session_id": "func05",
    "subject_id": "MSC05",
    "task_id": "motor"
  },
  "dummy_trs": 0,
  "dvars_nstd": 18.972978092135925,
  "dvars_std": 1.2443329633980587,
  "dvars_vstd": 1.0100811344660197,
  "efc": 0.39916768670200103,
  "fber": 36375.3125,
  "fd_mean": 0.14811828333207896,
  "fd_num": 17,
  "fd_perc": 16.346153846153847,
  "fwhm_avg": 2.447049129519179,
  "fwhm_x": 2.169325,
  "fwhm_y": 2.82465016836227,
  "fwhm_z": 2.3471722201952674,
  "gcor": 0.0511043,
  "gsr_x": -0.003176869824528694,
  "gsr_y": 0.024125324562191963,
  "provenance": {
    "md5sum": "dcc44844d131ce02c9087b10b671f992",
    "settings": {
      "fd_thres": 0.2,
      "hmc_fsl": false
    },
    "software": "mriqc",
    "version": "0.9.6"
  },
  "size_t": 104,
  "size_x": 64,
  "size_y": 64,
  "size_z": 36,
  "snr": 5.582973984681005,
  "spacing_tr": 2.200000047683716,
  "spacing_x": 4.0,
  "spacing_y": 3.999999761581421,
  "spacing_z": 4.000000476837158,
  "summary_bg_k": 59.651821815293005,
  "summary_bg_mad": 1.9815551042556763,
  "summary_bg_mean": 13.422715187072754,
  "summary_bg_median": 3.615384817123413,
  "summary_bg_n": 98523.0,
  "summary_bg_p05": 1.692307710647583,
  "summary_bg_p95": 66.0461570739745,
  "summary_bg_stdv": 34.64750671386719,
  "summary_fg_k": 5.187879079202771,
  "summary_fg_mad": 87.32386016845703,
  "summary_fg_mean": 693.6092529296875,
  "summary_fg_median": 708.90869140625,
  "summary_fg_n": 21210.0,
  "summary_fg_p05": 457.7702011108398,
  "summary_fg_p95": 851.7990875244141,
  "summary_fg_stdv": 126.9738998413086,
  "tsnr": 86.97937774658203
}