{
  "aor": 0.0010865281173594132,
  "aqi": 0.007826521797066013,
  "bids_meta": {
    "BodyPartExamined": "HEAD",
    "CogAtlasID": "http://www.cognitiveatlas.org/term/id/trm_4c8a834779883",
    "ConversionSoftware": "dcm2niix",
    "ConversionSoftwareVersion": "v1.0.20170411 GCC4.4.7",
    "EchoTime": 0.027,
    "EffectiveEchoSpacing": 0.000590001,
    "FlipAngle": 90,
    "ImageType": [
      "ORIGINAL",
      "PRIMARY",
      "M",
      "ND",
      "NORM",
      "MOSAIC"
    ],
    "Instructions": "During this first scan, a plus sign will be presented on the screen.  All you need to do is simply relax and look at the plus sign. Please keep your eyes open the entire time, and be as still as possible. It's extremely important that you stay awake for the entire duration of this scan. This scan will last ~30 minutes.",
    "MagneticFieldStrength": 3,
    "Manufacturer": "Siemens",
    "ManufacturersModelName": "TrioTim",
    "PhaseEncodingDirection": "j-",
    "ProcedureStepDescription": "head_Dosenbach_MSC",
    "ProtocolName": "RSFC_818Frames_36Slices_TR2.2",
    "RepetitionTime": 2.2,
    "ScanningSequence": "EP",
    "SequenceName": "_epfid2d1_64",
    "SequenceVariant": "SK",
    "SeriesDescription": "RSFC_818Frames_36Slices_TR2.2",
    "SliceTiming": [
      1.105,
      0,
      1.165,
      0.06,
      1.2275,
      0.1225,
      1.2875,
      0.185,
      1.35,
      0.245,
      1.41,
      0.3075,
      1.4725,
      0.3675,
      1.5325,
      0.43,
      1.595,
      0.49,
      1.655,
      0.5525,
      1.7175,
      0.6125,
      1.78,
      0.675,
      1.84,
      0.735,
      1.9025,
      0.7975,
      1.9625,
      0.8575,
      2.025,
      0.92,
      2.085,
      0.9825,
      2.1475,
      1.0425
    ],
    "SoftwareVersion": "syngo MR B17",
    "TaskName": "rest",
    "modality": "bold",
    "session_id": "func04",
    "subject_id": "MSC06",
    "task_id": "rest"
  },
  "dummy_trs": 0,
  "dvars_nstd": 22.271566892790666,
  "dvars_std": 1.464809255410036,
  "dvars_vstd": 0.935071498959608,
  "efc": 0.4028552031596396,
  "fber": 34213.6875,
  "fd_mean": 0.05873316031823591,
  "fd_num": 4,
  "fd_perc": 0.4889975550122249,
  "fwhm_avg": 2.490262547587656,
  "fwhm_x": 2.2474225,
  "fwhm_y": 2.8282,
  "fwhm_z": 2.3951651427629677,
  "gcor": 0.0709748,
  "gsr_x": -0.014905723743140697,
  "gsr_y": 0.017091162502765656,
  "provenance": {
    "md5sum": "b448e324f78ae66e2ab22049eb90f5d7",
    "settings": {
      "fd_thres": 0.2,
      "hmc_fsl": false
    },
    "software": "mriqc",
    "version": "0.9.6"
  },
  "size_t": 818,
  "size_x": 64,
  "size_y": 64,
  "size_z": 36,
  "snr": 4.829727142381435,
  "spacing_tr": 2.200000047683716,
  "spacing_x": 4.0,
  "spacing_y": 4.0,
  "spacing_z": 3.999999761581421,
  "summary_bg_k": 53.878493930135384,
  "summary_bg_mad": 2.263777732849121,
  "summary_bg_mean": 13.749320983886719,
  "summary_bg_median": 3.44376540184021,
  "summary_bg_n": 97504.0,
  "summary_bg_p05": 1.5550123453140259,
  "summary_bg_p95": 64.40599594116205,
  "summary_bg_stdv": 32.810157775878906,
  "summary_fg_k": 3.927767358117774,
  "summary_fg_mad": 93.53080749511719,
  "summary_fg_mean": 643.07080078125,
  "summary_fg_median": 661.0684814453125,
  "summary_fg_n": 21329.0,
  "summary_fg_p05": 368.8767944335938,
  "summary_fg_p95": 812.5755737304686,
  "summary_fg_stdv": 136.8717041015625,
  "tsnr": 62.0483512878418
}