{
  "aor": 0.002989107579462102,
  "aqi": 0.026746585941320296,
  "bids_meta": {
    "BodyPartExamined": "HEAD",
    "CogAtlasID": "http://www.cognitiveatlas.org/term/id/trm_4c8a834779883",
    "ConversionSoftware": "dcm2niix",
    "ConversionSoftwareVersion": "v1.0.20170411 GCC4.4.7",
    "EchoTime": 0.027,
    "EffectiveEchoSpacing": 0.000590001,
    "FlipAngle": 90,
    "ImageType": [
      "ORIGINAL",
      "PRIMARY",
      "M",
      "ND",
      "NORM",
      "MOSAIC"
    ],
    "Instructions": "During this first scan, a plus sign will be presented on the screen.  All you need to do is simply relax and look at the plus sign. Please keep your eyes open the entire time, and be as still as possible. It's extremely important that you stay awake for the entire duration of this scan. This scan will last ~30 minutes.",
    "MagneticFieldStrength": 3,
    "Manufacturer": "Siemens",
    "ManufacturersModelName": "TrioTim",
    "PhaseEncodingDirection": "j-",
    "ProcedureStepDescription": "head_Dosenbach_MSC",
    "ProtocolName": "RSFC_818Frames_36Slices_TR2.2",
    "RepetitionTime": 2.2,
    "ScanningSequence": "EP",
    "SequenceName": "_epfid2d1_64",
    "SequenceVariant": "SK",
    "SeriesDescription": "RSFC_818Frames_36Slices_TR2.2",
    "SliceTiming": [
      1.105,
      0,
      1.165,
      0.06,
      1.2275,
      0.1225,
      1.2875,
      0.185,
      1.35,
      0.245,
      1.41,
      0.3075,
      1.4725,
      0.3675,
      1.5325,
      0.43,
      1.595,
      0.49,
      1.655,
      0.5525,
      1.7175,
      0.6125,
      1.78,
      0.675,
      1.84,
      0.735,
      1.9025,
      0.7975,
      1.9625,
      0.8575,
      2.025,
      0.92,
      2.085,
      0.9825,
      2.1475,
      1.0425
    ],
    "SoftwareVersion": "syngo MR B17",
    "TaskName": "rest",
    "modality": "bold",
    "session_id": "func09",
    "subject_id": "MSC01",
    "task_id": "rest"
  },
  "dummy_trs": 0,
  "dvars_nstd": 23.056758304026932,
  "dvars_std": 1.0704671284822536,
  "dvars_vstd": 0.9243068435128511,
  "efc": 0.41498358886623005,
  "fber": 24528.14453125,
  "fd_mean": 0.26837413338090577,
  "fd_num": 534,
  "fd_perc": 65.28117359413203,
  "fwhm_avg": 2.409214405523288,
  "fwhm_x": 2.13535,
  "fwhm_y": 2.7823751658424833,
  "fwhm_z": 2.3099180507273798,
  "gcor": 0.0343,
  "gsr_x": -0.009138952940702438,
  "gsr_y": 0.0139919463545084,
  "provenance": {
    "md5sum": "44a901c40aac1a26529dcc2b7c6a6719",
    "settings": {
      "fd_thres": 0.2,
      "hmc_fsl": false
    },
    "software": "mriqc",
    "version": "0.9.6"
  },
  "size_t": 818,
  "size_x": 64,
  "size_y": 64,
  "size_z": 36,
  "snr": 4.962185250130958,
  "spacing_tr": 2.200000047683716,
  "spacing_x": 4.0,
  "spacing_y": 3.999999761581421,
  "spacing_z": 3.9999990463256836,
  "summary_bg_k": 39.80227412810963,
  "summary_bg_mad": 3.0050787925720215,
  "summary_bg_mean": 16.556272506713867,
  "summary_bg_median": 4.119804382324219,
  "summary_bg_n": 97078.0,
  "summary_bg_p05": 1.6344743967056274,
  "summary_bg_p95": 72.88741226196271,
  "summary_bg_stdv": 36.54651641845703,
  "summary_fg_k": 4.071573242433486,
  "summary_fg_mad": 90.29376983642578,
  "summary_fg_mean": 652.949462890625,
  "summary_fg_median": 668.6956176757812,
  "summary_fg_n": 21695.0,
  "summary_fg_p05": 384.64084777832034,
  "summary_fg_p95": 822.9264526367188,
  "summary_fg_stdv": 134.75518798828125,
  "tsnr": 33.88338851928711
}