{
  "aor": 0.0024017355371900827,
  "aqi": 0.005477435867768595,
  "bids_meta": {
    "BodyPartExamined": "HEAD",
    "ConversionSoftware": "dcm2niix",
    "ConversionSoftwareVersion": "v1.0.20170411 GCC4.4.7",
    "EchoTime": 0.027,
    "EffectiveEchoSpacing": 0.000590001,
    "FlipAngle": 90,
    "ImageType": [
      "ORIGINAL",
      "PRIMARY",
      "M",
      "ND",
      "NORM",
      "MOSAIC"
    ],
    "Instructions": "In this next scan you'll be viewing a series of scenes. Some will be indoor scenes, others will be outdoor scenes. Your task is to decide whether or not each picture you see is of an indoor or outdoor scene. You will see each picture more than once. Regardless of how many times you have seen a picture, please indicate whether it is an indoor or outdoor scene. You'll make your responses with the button box, with either your left or right thumb. Press the LEFT/RIGHT button to indicate that a scene is indoors, and the RIGHT/LEFT button to indicate that the scene is outdoors.[Practice this a half dozen times by prompting them to press the button for indoor/outdoor] Do you have any questions?",
    "MagneticFieldStrength": 3,
    "Manufacturer": "Siemens",
    "ManufacturersModelName": "TrioTim",
    "PhaseEncodingDirection": "j-",
    "ProcedureStepDescription": "head_Dosenbach_MSC",
    "ProtocolName": "Memory_scenes_121Frames_36Slices_TR2.2",
    "RepetitionTime": 2.2,
    "ScanningSequence": "EP",
    "SequenceName": "_epfid2d1_64",
    "SequenceVariant": "SK",
    "SeriesDescription": "Memory_scenes_121Frames_36Slices_TR2.2",
    "SliceTiming": [
      1.105,
      0,
      1.165,
      0.06,
      1.2275,
      0.1225,
      1.2875,
      0.1825,
      1.35,
      0.245,
      1.41,
      0.3075,
      1.4725,
      0.3675,
      1.5325,
      0.43,
      1.595,
      0.49,
      1.655,
      0.5525,
      1.7175,
      0.6125,
      1.7775,
      0.675,
      1.84,
      0.735,
      1.9025,
      0.7975,
      1.9625,
      0.8575,
      2.025,
      0.92,
      2.085,
      0.98,
      2.1475,
      1.0425
    ],
    "SoftwareVersion": "syngo MR B17",
    "TaskName": "memoryscenes",
    "modality": "bold",
    "session_id": "func06",
    "subject_id": "MSC05",
    "task_id": "memoryscenes"
  },
  "dummy_trs": 0,
  "dvars_nstd": 19.025538031,
  "dvars_std": 1.24375844775,
  "dvars_vstd": 0.9862723783333337,
  "efc": 0.4163575062031529,
  "fber": 38936.55078125,
  "fd_mean": 0.15217288781692304,
  "fd_num": 25,
  "fd_perc": 20.66115702479339,
  "fwhm_avg": 2.4766563810681332,
  "fwhm_x": 2.19617,
  "fwhm_y": 2.838025,
  "fwhm_z": 2.3957741432043993,
  "gcor": 0.0103358,
  "gsr_x": -0.0077081723138689995,
  "gsr_y": 0.021969882771372795,
  "provenance": {
    "md5sum": "ee1cbf3ed23987904782ee3bc639f4d1",
    "settings": {
      "fd_thres": 0.2,
      "hmc_fsl": false
    },
    "software": "mriqc",
    "version": "0.9.6"
  },
  "size_t": 121,
  "size_x": 64,
  "size_y": 64,
  "size_z": 36,
  "snr": 5.3695586170515375,
  "spacing_tr": 2.200000047683716,
  "spacing_x": 4.0,
  "spacing_y": 4.0,
  "spacing_z": 4.000001430511475,
  "summary_bg_k": 45.03895650836266,
  "summary_bg_mad": 2.683387517929077,
  "summary_bg_mean": 16.78080177307129,
  "summary_bg_median": 3.7933883666992188,
  "summary_bg_n": 96035.0,
  "summary_bg_p05": 1.4049586057662964,
  "summary_bg_p95": 83.72148284912112,
  "summary_bg_stdv": 40.26028823852539,
  "summary_fg_k": 4.5910457163885265,
  "summary_fg_mad": 100.798583984375,
  "summary_fg_mean": 755.3233642578125,
  "summary_fg_median": 772.4834594726562,
  "summary_fg_n": 22786.0,
  "summary_fg_p05": 482.8904724121094,
  "summary_fg_p95": 934.8181457519531,
  "summary_fg_stdv": 143.86033630371094,
  "tsnr": 84.26880645751953
}