{
  "aor": 0.0008080195599022004,
  "aqi": 0.01514826369193154,
  "bids_meta": {
    "BodyPartExamined": "HEAD",
    "CogAtlasID": "http://www.cognitiveatlas.org/term/id/trm_4c8a834779883",
    "ConversionSoftware": "dcm2niix",
    "ConversionSoftwareVersion": "v1.0.20170411 GCC4.4.7",
    "EchoTime": 0.027,
    "EffectiveEchoSpacing": 0.000590001,
    "FlipAngle": 90,
    "ImageType": [
      "ORIGINAL",
      "PRIMARY",
      "M",
      "ND",
      "NORM",
      "MOSAIC"
    ],
    "Instructions": "During this first scan, a plus sign will be presented on the screen.  All you need to do is simply relax and look at the plus sign. Please keep your eyes open the entire time, and be as still as possible. It's extremely important that you stay awake for the entire duration of this scan. This scan will last ~30 minutes.",
    "MagneticFieldStrength": 3,
    "Manufacturer": "Siemens",
    "ManufacturersModelName": "TrioTim",
    "PhaseEncodingDirection": "j-",
    "ProcedureStepDescription": "head_Dosenbach_MSC",
    "ProtocolName": "RSFC_818Frames_36Slices_TR2.2",
    "RepetitionTime": 2.2,
    "ScanningSequence": "EP",
    "SequenceName": "_epfid2d1_64",
    "SequenceVariant": "SK",
    "SeriesDescription": "RSFC_818Frames_36Slices_TR2.2",
    "SliceTiming": [
      1.105,
      0,
      1.165,
      0.06,
      1.2275,
      0.1225,
      1.2875,
      0.185,
      1.35,
      0.245,
      1.41,
      0.3075,
      1.4725,
      0.3675,
      1.5325,
      0.43,
      1.595,
      0.49,
      1.655,
      0.5525,
      1.7175,
      0.6125,
      1.78,
      0.675,
      1.84,
      0.735,
      1.9025,
      0.7975,
      1.9625,
      0.8575,
      2.025,
      0.92,
      2.085,
      0.9825,
      2.1475,
      1.0425
    ],
    "SoftwareVersion": "syngo MR B17",
    "TaskName": "rest",
    "modality": "bold",
    "session_id": "func09",
    "subject_id": "MSC10",
    "task_id": "rest"
  },
  "dummy_trs": 0,
  "dvars_nstd": 22.52017844696453,
  "dvars_std": 1.1211056040391674,
  "dvars_vstd": 0.8960383601835983,
  "efc": 0.4229280935163127,
  "fber": 25732.322265625,
  "fd_mean": 0.22069828947181996,
  "fd_num": 449,
  "fd_perc": 54.88997555012225,
  "fwhm_avg": 2.5186825,
  "fwhm_x": 2.3126225,
  "fwhm_y": 2.9123,
  "fwhm_z": 2.331125,
  "gcor": 0.0279871,
  "gsr_x": -0.014316679909825325,
  "gsr_y": 0.017674803733825684,
  "provenance": {
    "md5sum": "779419040b05b5ecb0ddd838de0ee8ae",
    "settings": {
      "fd_thres": 0.2,
      "hmc_fsl": false
    },
    "software": "mriqc",
    "version": "0.9.6"
  },
  "size_t": 818,
  "size_x": 64,
  "size_y": 64,
  "size_z": 36,
  "snr": 4.594035858570232,
  "spacing_tr": 2.200000047683716,
  "spacing_x": 4.0,
  "spacing_y": 4.0,
  "spacing_z": 4.0,
  "summary_bg_k": 48.724464743685594,
  "summary_bg_mad": 3.1736388206481934,
  "summary_bg_mean": 15.733893394470215,
  "summary_bg_median": 3.9926652908325195,
  "summary_bg_n": 95047.0,
  "summary_bg_p05": 1.2958436012268066,
  "summary_bg_p95": 80.8541595458984,
  "summary_bg_stdv": 38.06216049194336,
  "summary_fg_k": 3.2401113502257317,
  "summary_fg_mad": 103.78668212890625,
  "summary_fg_mean": 656.9004516601562,
  "summary_fg_median": 672.5189819335938,
  "summary_fg_n": 23002.0,
  "summary_fg_p05": 375.39755859375,
  "summary_fg_p95": 849.8238403320314,
  "summary_fg_stdv": 146.3863983154297,
  "tsnr": 41.684471130371094
}