{
  "bids_meta": {
    "BodyPartExamined": "HEAD",
    "ConversionSoftware": "dcm2niix",
    "ConversionSoftwareVersion": "v1.0.20170411 GCC4.4.7",
    "EchoTime": 0.00374,
    "FlipAngle": 8,
    "ImageType": [
      "ORIGINAL",
      "PRIMARY",
      "M",
      "ND",
      "NORM"
    ],
    "InversionTime": 1,
    "MagneticFieldStrength": 3,
    "Manufacturer": "Siemens",
    "ManufacturersModelName": "TrioTim",
    "PhaseEncodingDirection": "i-",
    "ProcedureStepDescription": "head_Dosenbach_MSC",
    "ProtocolName": "T1_.8x.8x.8_224Slices",
    "RepetitionTime": 2.4,
    "ScanningSequence": "GR_IR",
    "SequenceName": "_tfl3d1_ns",
    "SequenceVariant": "SP_MP_OSP",
    "SeriesDescription": "T1_.8x.8x.8_224Slices",
    "modality": "T1w",
    "run_id": "01",
    "session_id": "struct01",
    "subject_id": "MSC06"
  },
  "cjv": 0.564703780383156,
  "cnr": 2.343576249114938,
  "efc": 0.6640973147667597,
  "fber": 281.5566101074219,
  "fwhm_avg": 3.308661629015622,
  "fwhm_x": 3.413707033388329,
  "fwhm_y": 3.4022275121951218,
  "fwhm_z": 3.110050341463415,
  "icvs_csf": 0.1828689183290479,
  "icvs_gm": 0.42187430920753927,
  "icvs_wm": 0.39525677246341284,
  "inu_med": 1.0763493776321411,
  "inu_range": 0.5000636279582977,
  "provenance": {
    "md5sum": "14f6f68f0d034012bf76996c578a9a6b",
    "mriqc_pred": 0,
    "settings": {
      "testing": false
    },
    "software": "mriqc",
    "version": "0.9.6",
    "warnings": {
      "large_rot_frame": true,
      "small_air_mask": false
    }
  },
  "qi_1": 0.0,
  "qi_2": 0.00432946628021555,
  "rpve_csf": 18.60618103693309,
  "rpve_gm": 8.577785096472528,
  "rpve_wm": 10.64178323484858,
  "size_x": 224,
  "size_y": 256,
  "size_z": 256,
  "snr_csf": 3.0413699185926215,
  "snr_gm": 9.028647636740477,
  "snr_total": 8.808411314465657,
  "snr_wm": 14.355216388063875,
  "snrd_csf": 10.275326820676076,
  "snrd_gm": 20.727179324336138,
  "snrd_total": 19.66754757573865,
  "snrd_wm": 28.00013658220373,
  "spacing_x": 0.7999954223632812,
  "spacing_y": 0.80078125,
  "spacing_z": 0.80078125,
  "summary_bg_k": 2.777783046583159,
  "summary_bg_mad": 23.398239135742188,
  "summary_bg_mean": 40.237159729003906,
  "summary_bg_median": 35.294342041015625,
  "summary_bg_n": 3105099.0,
  "summary_bg_p05": 7.7351274490356445,
  "summary_bg_p95": 90.46189575195314,
  "summary_bg_stdv": 26.634418487548828,
  "summary_csf_k": 0.905431115296893,
  "summary_csf_mad": 112.28042602539062,
  "summary_csf_mean": 378.6394958496094,
  "summary_csf_median": 366.9839782714844,
  "summary_csf_n": 37317.0,
  "summary_csf_p05": 202.512646484375,
  "summary_csf_p95": 594.8085571289062,
  "summary_csf_stdv": 120.66242218017578,
  "summary_gm_k": 0.2106370186710289,
  "summary_gm_mad": 79.28890991210938,
  "summary_gm_mean": 742.5390014648438,
  "summary_gm_median": 740.2725830078125,
  "summary_gm_n": 43304.0,
  "summary_gm_p05": 611.0597351074218,
  "summary_gm_p95": 881.2854797363282,
  "summary_gm_stdv": 81.9905776977539,
  "summary_wm_k": 0.3867074053576882,
  "summary_wm_mad": 67.3952407836914,
  "summary_wm_mean": 1000.7796020507812,
  "summary_wm_median": 1000.0267333984375,
  "summary_wm_n": 491371.0,
  "summary_wm_p05": 888.1774291992188,
  "summary_wm_p95": 1115.82763671875,
  "summary_wm_stdv": 69.66287994384766,
  "tpm_overlap_csf": 0.22007901966571808,
  "tpm_overlap_gm": 0.49323195219039917,
  "tpm_overlap_wm": 0.5480406880378723,
  "wm2max": 0.6201644955975844
}