{
  "aor": 0.006666234718826406,
  "aqi": 0.025600944376528118,
  "bids_meta": {
    "BodyPartExamined": "HEAD",
    "CogAtlasID": "http://www.cognitiveatlas.org/term/id/trm_4c8a834779883",
    "ConversionSoftware": "dcm2niix",
    "ConversionSoftwareVersion": "v1.0.20170411 GCC4.4.7",
    "EchoTime": 0.027,
    "EffectiveEchoSpacing": 0.000590001,
    "FlipAngle": 90,
    "ImageType": [
      "ORIGINAL",
      "PRIMARY",
      "M",
      "ND",
      "NORM",
      "MOSAIC"
    ],
    "Instructions": "During this first scan, a plus sign will be presented on the screen.  All you need to do is simply relax and look at the plus sign. Please keep your eyes open the entire time, and be as still as possible. It's extremely important that you stay awake for the entire duration of this scan. This scan will last ~30 minutes.",
    "MagneticFieldStrength": 3,
    "Manufacturer": "Siemens",
    "ManufacturersModelName": "TrioTim",
    "PhaseEncodingDirection": "j-",
    "ProcedureStepDescription": "head_Dosenbach_MSC",
    "ProtocolName": "RSFC_818Frames_36Slices_TR2.2",
    "RepetitionTime": 2.2,
    "ScanningSequence": "EP",
    "SequenceName": "_epfid2d1_64",
    "SequenceVariant": "SK",
    "SeriesDescription": "RSFC_818Frames_36Slices_TR2.2",
    "SliceTiming": [
      1.105,
      0,
      1.165,
      0.06,
      1.2275,
      0.1225,
      1.2875,
      0.185,
      1.35,
      0.245,
      1.41,
      0.3075,
      1.4725,
      0.3675,
      1.5325,
      0.43,
      1.595,
      0.49,
      1.655,
      0.5525,
      1.7175,
      0.6125,
      1.78,
      0.675,
      1.84,
      0.735,
      1.9025,
      0.7975,
      1.9625,
      0.8575,
      2.025,
      0.92,
      2.085,
      0.9825,
      2.1475,
      1.0425
    ],
    "SoftwareVersion": "syngo MR B17",
    "TaskName": "rest",
    "modality": "bold",
    "session_id": "func09",
    "subject_id": "MSC09",
    "task_id": "rest"
  },
  "dummy_trs": 0,
  "dvars_nstd": 19.699079429473684,
  "dvars_std": 0.9992990930722164,
  "dvars_vstd": 0.8775367675765006,
  "efc": 0.4378713042865657,
  "fber": 24614.59375,
  "fd_mean": 0.24550684695908304,
  "fd_num": 435,
  "fd_perc": 53.178484107579465,
  "fwhm_avg": 2.633288430818828,
  "fwhm_x": 2.3424125,
  "fwhm_y": 3.10415,
  "fwhm_z": 2.453302792456483,
  "gcor": 0.0390857,
  "gsr_x": -0.016910934820771217,
  "gsr_y": 0.022075774148106575,
  "provenance": {
    "md5sum": "f2c906630d7fca56afdd9a7abd4947a4",
    "settings": {
      "fd_thres": 0.2,
      "hmc_fsl": false
    },
    "software": "mriqc",
    "version": "0.9.6"
  },
  "size_t": 818,
  "size_x": 64,
  "size_y": 64,
  "size_z": 36,
  "snr": 5.076935761582846,
  "spacing_tr": 2.200000047683716,
  "spacing_x": 4.0,
  "spacing_y": 4.0,
  "spacing_z": 3.999999523162842,
  "summary_bg_k": 34.17826853088656,
  "summary_bg_mad": 3.878690719604492,
  "summary_bg_mean": 18.834014892578125,
  "summary_bg_median": 4.363080978393555,
  "summary_bg_n": 93664.0,
  "summary_bg_p05": 1.1943765878677368,
  "summary_bg_p95": 95.41369514465327,
  "summary_bg_stdv": 41.0417594909668,
  "summary_fg_k": 4.537718488753619,
  "summary_fg_mad": 87.2669448852539,
  "summary_fg_mean": 683.7839965820312,
  "summary_fg_median": 704.470703125,
  "summary_fg_n": 24177.0,
  "summary_fg_p05": 404.87507934570317,
  "summary_fg_p95": 849.6066284179688,
  "summary_fg_stdv": 138.75616455078125,
  "tsnr": 34.46825408935547
}