{
  "bids_meta": {
    "BodyPartExamined": "HEAD",
    "ConversionSoftware": "dcm2niix",
    "ConversionSoftwareVersion": "v1.0.20170411 GCC4.4.7",
    "EchoTime": 0.479,
    "FlipAngle": 120,
    "ImageType": [
      "ORIGINAL",
      "PRIMARY",
      "M",
      "ND",
      "NORM"
    ],
    "MagneticFieldStrength": 3,
    "Manufacturer": "Siemens",
    "ManufacturersModelName": "TrioTim",
    "PhaseEncodingDirection": "i-",
    "ProcedureStepDescription": "head_Dosenbach_MSC",
    "ProtocolName": "T2_.8x.8x.8_224Slices",
    "RepetitionTime": 3.2,
    "ScanningSequence": "SE",
    "SequenceName": "_spc3d1_282ns",
    "SequenceVariant": "SK_SP",
    "SeriesDescription": "T2_.8x.8x.8_224Slices",
    "modality": "T2w",
    "run_id": "01",
    "session_id": "struct01",
    "subject_id": "MSC06"
  },
  "cjv": 0.19368310035783665,
  "cnr": 3.3224239627822283,
  "efc": 0.6046812220901706,
  "fber": 760.8961791992188,
  "fwhm_avg": 2.2901606093401514,
  "fwhm_x": 2.1484057304594777,
  "fwhm_y": 2.5304413658536586,
  "fwhm_z": 2.191634731707317,
  "icvs_csf": 0.3294896296238426,
  "icvs_gm": 0.024116829462479075,
  "icvs_wm": 0.6463935409136783,
  "inu_med": 1.2568674087524414,
  "inu_range": 0.3735136806964876,
  "provenance": {
    "md5sum": "8c869a137bd64787ddca2e738adf8d8c",
    "settings": {
      "testing": false
    },
    "software": "mriqc",
    "version": "0.9.6",
    "warnings": {
      "large_rot_frame": true,
      "small_air_mask": false
    }
  },
  "qi_1": 0.0008159006877751493,
  "qi_2": 0.00566999298006371,
  "rpve_csf": 10.102521418524061,
  "rpve_gm": 177.50281316926205,
  "rpve_wm": 6.586299122842328,
  "size_x": 224,
  "size_y": 256,
  "size_z": 256,
  "snr_csf": 3.926696725592834,
  "snr_gm": 4.875784376698092,
  "snr_total": 4.95900143767772,
  "snr_wm": 6.074523210742234,
  "snrd_csf": 58.92956294016204,
  "snrd_gm": 101.45528283590271,
  "snrd_total": 63.5579143164533,
  "snrd_wm": 30.288897173295137,
  "spacing_x": 0.799997866153717,
  "spacing_y": 0.80078125,
  "spacing_z": 0.80078125,
  "summary_bg_k": 15.352793310159477,
  "summary_bg_mad": 21.640350341796875,
  "summary_bg_mean": 34.4207763671875,
  "summary_bg_median": 26.842363357543945,
  "summary_bg_n": 3773390.0,
  "summary_bg_p05": 0.0,
  "summary_bg_p95": 96.43514213562008,
  "summary_bg_stdv": 33.87593460083008,
  "summary_csf_k": -0.15658160185099002,
  "summary_csf_mad": 508.4010009765625,
  "summary_csf_mean": 2054.015625,
  "summary_csf_median": 1946.551025390625,
  "summary_csf_n": 107668.0,
  "summary_csf_p05": 1403.7151794433594,
  "summary_csf_p95": 2909.5274780273435,
  "summary_csf_stdv": 495.719970703125,
  "summary_gm_k": 9.24765681502226,
  "summary_gm_mad": 291.7294921875,
  "summary_gm_mean": 3207.521728515625,
  "summary_gm_median": 3351.253173828125,
  "summary_gm_n": 6239.0,
  "summary_gm_p05": 1483.8673828125004,
  "summary_gm_p95": 3794.341528320312,
  "summary_gm_stdv": 687.2708740234375,
  "summary_wm_k": 0.08706599695956463,
  "summary_wm_mad": 163.5721435546875,
  "summary_wm_mean": 1009.7676391601562,
  "summary_wm_median": 1000.49755859375,
  "summary_wm_n": 623274.0,
  "summary_wm_p05": 755.1618347167969,
  "summary_wm_p95": 1294.76513671875,
  "summary_wm_stdv": 164.70375061035156,
  "tpm_overlap_csf": 0.14476047456264496,
  "tpm_overlap_gm": 0.018649328500032425,
  "tpm_overlap_wm": 0.4620291590690613,
  "wm2max": 0.2795286653015371
}