{
  "bids_meta": {
    "BodyPartExamined": "HEAD",
    "ConversionSoftware": "dcm2niix",
    "ConversionSoftwareVersion": "v1.0.20170411 GCC4.4.7",
    "EchoTime": 0.00374,
    "FlipAngle": 8,
    "ImageType": [
      "ORIGINAL",
      "PRIMARY",
      "M",
      "ND",
      "NORM"
    ],
    "InversionTime": 1,
    "MagneticFieldStrength": 3,
    "Manufacturer": "Siemens",
    "ManufacturersModelName": "TrioTim",
    "PhaseEncodingDirection": "i-",
    "ProcedureStepDescription": "head_Dosenbach_MSC",
    "ProtocolName": "T1_.8x.8x.8_224Slices",
    "RepetitionTime": 2.4,
    "ScanningSequence": "GR_IR",
    "SequenceName": "_tfl3d1_ns",
    "SequenceVariant": "SP_MP_OSP",
    "SeriesDescription": "T1_.8x.8x.8_224Slices",
    "modality": "T1w",
    "run_id": "02",
    "session_id": "struct01",
    "subject_id": "MSC05"
  },
  "cjv": 0.7124633290730535,
  "cnr": 1.8660678617075868,
  "efc": 0.6457239676353876,
  "fber": 622.6687622070312,
  "fwhm_avg": 3.6042803709025306,
  "fwhm_x": 3.662848527341738,
  "fwhm_y": 3.7356643902439024,
  "fwhm_z": 3.4143281951219513,
  "icvs_csf": 0.1684071647672172,
  "icvs_gm": 0.3937325034347191,
  "icvs_wm": 0.4378603317980637,
  "inu_med": 1.003679871559143,
  "inu_range": 0.5361923277378082,
  "provenance": {
    "md5sum": "8a998e0bdec1a2dfd91ade5cb07f3e69",
    "mriqc_pred": 0,
    "settings": {
      "testing": false
    },
    "software": "mriqc",
    "version": "0.9.6",
    "warnings": {
      "large_rot_frame": true,
      "small_air_mask": false
    }
  },
  "qi_1": 0.0,
  "qi_2": 0.0014281637965895394,
  "rpve_csf": 17.789262896102226,
  "rpve_gm": 8.087621045153542,
  "rpve_wm": 8.71326556426254,
  "size_x": 224,
  "size_y": 256,
  "size_z": 256,
  "snr_csf": 2.925029895372045,
  "snr_gm": 8.648514687646182,
  "snr_total": 8.731695166458408,
  "snr_wm": 14.621540916356995,
  "snrd_csf": 15.727600407826687,
  "snrd_gm": 28.199377827700637,
  "snrd_total": 26.62431553628709,
  "snrd_wm": 35.94596837333395,
  "spacing_x": 0.8000030517578125,
  "spacing_y": 0.80078125,
  "spacing_z": 0.80078125,
  "summary_bg_k": 2.5706580844428544,
  "summary_bg_mad": 18.226661682128906,
  "summary_bg_mean": 30.708271026611328,
  "summary_bg_median": 26.789409637451172,
  "summary_bg_n": 4306795.0,
  "summary_bg_p05": 3.9897710561752318,
  "summary_bg_p95": 70.23935012817378,
  "summary_bg_stdv": 20.782978057861328,
  "summary_csf_k": 0.5919935344237381,
  "summary_csf_mad": 156.76565551757812,
  "summary_csf_mean": 450.6803894042969,
  "summary_csf_median": 437.5602722167969,
  "summary_csf_n": 42852.0,
  "summary_csf_p05": 232.80050201416014,
  "summary_csf_p95": 701.000927734375,
  "summary_csf_stdv": 149.58998107910156,
  "summary_gm_k": 0.23685008550298692,
  "summary_gm_mad": 87.87318420410156,
  "summary_gm_mean": 792.80712890625,
  "summary_gm_median": 784.5397338867188,
  "summary_gm_n": 51812.0,
  "summary_gm_p05": 657.8311889648437,
  "summary_gm_p95": 956.1806793212891,
  "summary_gm_stdv": 90.71293640136719,
  "summary_wm_k": 0.5386042520766323,
  "summary_wm_mad": 65.67636108398438,
  "summary_wm_mean": 1002.6121215820312,
  "summary_wm_median": 1000.0589599609375,
  "summary_wm_n": 659708.0,
  "summary_wm_p05": 895.2445739746095,
  "summary_wm_p95": 1118.31572265625,
  "summary_wm_stdv": 68.39622497558594,
  "tpm_overlap_csf": 0.21080462634563446,
  "tpm_overlap_gm": 0.4756324589252472,
  "tpm_overlap_wm": 0.5430401563644409,
  "wm2max": 0.6171729976618772
}