{
  "aor": 0.007013942307692307,
  "aqi": 0.006797918942307692,
  "bids_meta": {
    "BodyPartExamined": "HEAD",
    "CogAtlasID": "http://www.cognitiveatlas.org/term/id/trm_550b53d7dd674",
    "ConversionSoftware": "dcm2niix",
    "ConversionSoftwareVersion": "v1.0.20170411 GCC4.4.7",
    "EchoTime": 0.027,
    "EffectiveEchoSpacing": 0.000590001,
    "FlipAngle": 90,
    "ImageType": [
      "ORIGINAL",
      "PRIMARY",
      "M",
      "ND",
      "NORM",
      "MOSAIC"
    ],
    "Instructions": "In this next scan you'll be prompted to move your hands, feet, or tongue. You'll only move one of these at once. Instructions are presented on the screen. Let?s review them now. [Read on-screen instructions to participant.] Do you have any questions?",
    "MagneticFieldStrength": 3,
    "Manufacturer": "Siemens",
    "ManufacturersModelName": "TrioTim",
    "PhaseEncodingDirection": "j-",
    "ProcedureStepDescription": "head_Dosenbach_MSC",
    "ProtocolName": "Motor_104Frames_36Slices_TR2.2",
    "RepetitionTime": 2.2,
    "ScanningSequence": "EP",
    "SequenceName": "_epfid2d1_64",
    "SequenceVariant": "SK",
    "SeriesDescription": "Motor_104Frames_36Slices_TR2.2",
    "SliceTiming": [
      1.105,
      0,
      1.1675,
      0.0625,
      1.2275,
      0.1225,
      1.29,
      0.185,
      1.35,
      0.245,
      1.4125,
      0.3075,
      1.4725,
      0.37,
      1.535,
      0.43,
      1.595,
      0.4925,
      1.6575,
      0.5525,
      1.7175,
      0.615,
      1.78,
      0.675,
      1.84,
      0.7375,
      1.9025,
      0.7975,
      1.965,
      0.86,
      2.025,
      0.92,
      2.0875,
      0.9825,
      2.1475,
      1.0425
    ],
    "SoftwareVersion": "syngo MR B17",
    "TaskName": "motor",
    "modality": "bold",
    "run_id": "02",
    "session_id": "func02",
    "subject_id": "MSC01",
    "task_id": "motor"
  },
  "dummy_trs": 0,
  "dvars_nstd": 19.704604241359224,
  "dvars_std": 1.2811738543689317,
  "dvars_vstd": 1.0547543598058253,
  "efc": 0.41269362869885884,
  "fber": 26206.6875,
  "fd_mean": 0.1812068142198433,
  "fd_num": 39,
  "fd_perc": 37.5,
  "fwhm_avg": 2.3796138952143964,
  "fwhm_x": 2.118185,
  "fwhm_y": 2.74355,
  "fwhm_z": 2.277106685643189,
  "gcor": 0.0287803,
  "gsr_x": -0.009472998790442944,
  "gsr_y": 0.013131723739206791,
  "provenance": {
    "md5sum": "6a1d08dd2166340fb8b43b054ad9ff83",
    "settings": {
      "fd_thres": 0.2,
      "hmc_fsl": false
    },
    "software": "mriqc",
    "version": "0.9.6"
  },
  "size_t": 104,
  "size_x": 64,
  "size_y": 64,
  "size_z": 36,
  "snr": 4.907252347029908,
  "spacing_tr": 2.200000047683716,
  "spacing_x": 4.0,
  "spacing_y": 4.0,
  "spacing_z": 4.000001430511475,
  "summary_bg_k": 33.686615930896245,
  "summary_bg_mad": 2.851158380508423,
  "summary_bg_mean": 15.987081527709961,
  "summary_bg_median": 3.942307949066162,
  "summary_bg_n": 97358.0,
  "summary_bg_p05": 1.528846263885498,
  "summary_bg_p95": 74.8682720184325,
  "summary_bg_stdv": 34.72296905517578,
  "summary_fg_k": 3.7870269058272292,
  "summary_fg_mad": 95.20027923583984,
  "summary_fg_mean": 649.1232299804688,
  "summary_fg_median": 663.5673828125,
  "summary_fg_n": 21470.0,
  "summary_fg_p05": 387.2379974365234,
  "summary_fg_p95": 825.2740631103516,
  "summary_fg_stdv": 135.2186279296875,
  "tsnr": 67.06471252441406
}