{
  "aor": 0.0032284615384615386,
  "aqi": 0.005598799134615385,
  "bids_meta": {
    "BodyPartExamined": "HEAD",
    "CogAtlasID": "http://www.cognitiveatlas.org/term/id/trm_550b53d7dd674",
    "ConversionSoftware": "dcm2niix",
    "ConversionSoftwareVersion": "v1.0.20170411 GCC4.4.7",
    "EchoTime": 0.027,
    "EffectiveEchoSpacing": 0.000590001,
    "FlipAngle": 90,
    "ImageType": [
      "ORIGINAL",
      "PRIMARY",
      "M",
      "ND",
      "NORM",
      "MOSAIC"
    ],
    "Instructions": "In this next scan you'll be prompted to move your hands, feet, or tongue. You'll only move one of these at once. Instructions are presented on the screen. Let?s review them now. [Read on-screen instructions to participant.] Do you have any questions?",
    "MagneticFieldStrength": 3,
    "Manufacturer": "Siemens",
    "ManufacturersModelName": "TrioTim",
    "PhaseEncodingDirection": "j-",
    "ProcedureStepDescription": "head_Dosenbach_MSC",
    "ProtocolName": "Motor_104Frames_36Slices_TR2.2",
    "RepetitionTime": 2.2,
    "ScanningSequence": "EP",
    "SequenceName": "_epfid2d1_64",
    "SequenceVariant": "SK",
    "SeriesDescription": "Motor_104Frames_36Slices_TR2.2",
    "SliceTiming": [
      1.105,
      0,
      1.1675,
      0.0625,
      1.2275,
      0.1225,
      1.29,
      0.185,
      1.35,
      0.245,
      1.4125,
      0.3075,
      1.4725,
      0.37,
      1.535,
      0.43,
      1.595,
      0.4925,
      1.6575,
      0.5525,
      1.7175,
      0.615,
      1.78,
      0.675,
      1.84,
      0.7375,
      1.9025,
      0.7975,
      1.965,
      0.86,
      2.025,
      0.92,
      2.0875,
      0.9825,
      2.1475,
      1.0425
    ],
    "SoftwareVersion": "syngo MR B17",
    "TaskName": "motor",
    "modality": "bold",
    "run_id": "01",
    "session_id": "func10",
    "subject_id": "MSC09",
    "task_id": "motor"
  },
  "dummy_trs": 0,
  "dvars_nstd": 19.15546595,
  "dvars_std": 1.274392608834951,
  "dvars_vstd": 0.9933142205825244,
  "efc": 0.44094492914565653,
  "fber": 29047.384765625,
  "fd_mean": 0.13725145940844224,
  "fd_num": 19,
  "fd_perc": 18.26923076923077,
  "fwhm_avg": 2.558625426434358,
  "fwhm_x": 2.3019075,
  "fwhm_y": 2.989175,
  "fwhm_z": 2.3847937793030747,
  "gcor": 0.0134074,
  "gsr_x": -0.021029040217399597,
  "gsr_y": 0.024306656792759895,
  "provenance": {
    "md5sum": "cfd33b88794e3d88185ca835c3d4585a",
    "settings": {
      "fd_thres": 0.2,
      "hmc_fsl": false
    },
    "software": "mriqc",
    "version": "0.9.6"
  },
  "size_t": 104,
  "size_x": 64,
  "size_y": 64,
  "size_z": 36,
  "snr": 5.083295609698457,
  "spacing_tr": 2.200000047683716,
  "spacing_x": 4.0,
  "spacing_y": 4.0,
  "spacing_z": 3.999997854232788,
  "summary_bg_k": 32.020951952371085,
  "summary_bg_mad": 2.95094895362854,
  "summary_bg_mean": 20.178325653076172,
  "summary_bg_median": 4.067307949066162,
  "summary_bg_n": 93394.0,
  "summary_bg_p05": 1.6057692766189575,
  "summary_bg_p95": 107.41346740722656,
  "summary_bg_stdv": 44.939697265625,
  "summary_fg_k": 4.778992012136341,
  "summary_fg_mad": 89.79010009765625,
  "summary_fg_mean": 702.4249267578125,
  "summary_fg_median": 723.0721435546875,
  "summary_fg_n": 24490.0,
  "summary_fg_p05": 419.3894332885742,
  "summary_fg_p95": 872.526480102539,
  "summary_fg_stdv": 142.24185180664062,
  "tsnr": 84.70801544189453
}