{
  "aor": 0.003742980769230769,
  "aqi": 0.0036735659615384614,
  "bids_meta": {
    "BodyPartExamined": "HEAD",
    "CogAtlasID": "http://www.cognitiveatlas.org/term/id/trm_550b53d7dd674",
    "ConversionSoftware": "dcm2niix",
    "ConversionSoftwareVersion": "v1.0.20170411 GCC4.4.7",
    "EchoTime": 0.027,
    "EffectiveEchoSpacing": 0.000590001,
    "FlipAngle": 90,
    "ImageType": [
      "ORIGINAL",
      "PRIMARY",
      "M",
      "ND",
      "NORM",
      "MOSAIC"
    ],
    "Instructions": "In this next scan you'll be prompted to move your hands, feet, or tongue. You'll only move one of these at once. Instructions are presented on the screen. Let?s review them now. [Read on-screen instructions to participant.] Do you have any questions?",
    "MagneticFieldStrength": 3,
    "Manufacturer": "Siemens",
    "ManufacturersModelName": "TrioTim",
    "PhaseEncodingDirection": "j-",
    "ProcedureStepDescription": "head_Dosenbach_MSC",
    "ProtocolName": "Motor_104Frames_36Slices_TR2.2",
    "RepetitionTime": 2.2,
    "ScanningSequence": "EP",
    "SequenceName": "_epfid2d1_64",
    "SequenceVariant": "SK",
    "SeriesDescription": "Motor_104Frames_36Slices_TR2.2",
    "SliceTiming": [
      1.105,
      0,
      1.1675,
      0.0625,
      1.2275,
      0.1225,
      1.29,
      0.185,
      1.35,
      0.245,
      1.4125,
      0.3075,
      1.4725,
      0.37,
      1.535,
      0.43,
      1.595,
      0.4925,
      1.6575,
      0.5525,
      1.7175,
      0.615,
      1.78,
      0.675,
      1.84,
      0.7375,
      1.9025,
      0.7975,
      1.965,
      0.86,
      2.025,
      0.92,
      2.0875,
      0.9825,
      2.1475,
      1.0425
    ],
    "SoftwareVersion": "syngo MR B17",
    "TaskName": "motor",
    "modality": "bold",
    "run_id": "02",
    "session_id": "func03",
    "subject_id": "MSC06",
    "task_id": "motor"
  },
  "dummy_trs": 0,
  "dvars_nstd": 21.771377738932035,
  "dvars_std": 1.4729060058252426,
  "dvars_vstd": 1.028343023786408,
  "efc": 0.4002260974661508,
  "fber": 37771.25,
  "fd_mean": 0.09021154317607519,
  "fd_num": 2,
  "fd_perc": 1.9230769230769231,
  "fwhm_avg": 2.4281220358150972,
  "fwhm_x": 2.194435,
  "fwhm_y": 2.76745,
  "fwhm_z": 2.3224811074452916,
  "gcor": 0.0288951,
  "gsr_x": -0.01500984188169241,
  "gsr_y": 0.01716269925236702,
  "provenance": {
    "md5sum": "dea71025bdd0531ce61f85c9fbebb16c",
    "settings": {
      "fd_thres": 0.2,
      "hmc_fsl": false
    },
    "software": "mriqc",
    "version": "0.9.6"
  },
  "size_t": 104,
  "size_x": 64,
  "size_y": 64,
  "size_z": 36,
  "snr": 4.990901742431911,
  "spacing_tr": 2.200000047683716,
  "spacing_x": 4.0,
  "spacing_y": 4.0,
  "spacing_z": 3.999998092651367,
  "summary_bg_k": 58.603991368489005,
  "summary_bg_mad": 2.1098570823669434,
  "summary_bg_mean": 13.919964790344238,
  "summary_bg_median": 3.336538553237915,
  "summary_bg_n": 97860.0,
  "summary_bg_p05": 1.461538553237915,
  "summary_bg_p95": 66.31730651855469,
  "summary_bg_stdv": 33.718467712402344,
  "summary_fg_k": 4.22925137010803,
  "summary_fg_mad": 97.19596099853516,
  "summary_fg_mean": 661.542724609375,
  "summary_fg_median": 676.6923217773438,
  "summary_fg_n": 21007.0,
  "summary_fg_p05": 408.17982482910156,
  "summary_fg_p95": 834.3375305175781,
  "summary_fg_stdv": 135.5819549560547,
  "tsnr": 97.67108154296875
}