{
  "aor": 0.006786153846153848,
  "aqi": 0.007783965288461538,
  "bids_meta": {
    "BodyPartExamined": "HEAD",
    "CogAtlasID": "http://www.cognitiveatlas.org/term/id/trm_550b53d7dd674",
    "ConversionSoftware": "dcm2niix",
    "ConversionSoftwareVersion": "v1.0.20170411 GCC4.4.7",
    "EchoTime": 0.027,
    "EffectiveEchoSpacing": 0.000590001,
    "FlipAngle": 90,
    "ImageType": [
      "ORIGINAL",
      "PRIMARY",
      "M",
      "ND",
      "NORM",
      "MOSAIC"
    ],
    "Instructions": "In this next scan you'll be prompted to move your hands, feet, or tongue. You'll only move one of these at once. Instructions are presented on the screen. Let?s review them now. [Read on-screen instructions to participant.] Do you have any questions?",
    "MagneticFieldStrength": 3,
    "Manufacturer": "Siemens",
    "ManufacturersModelName": "TrioTim",
    "PhaseEncodingDirection": "j-",
    "ProcedureStepDescription": "head_Dosenbach_MSC",
    "ProtocolName": "Motor_104Frames_36Slices_TR2.2",
    "RepetitionTime": 2.2,
    "ScanningSequence": "EP",
    "SequenceName": "_epfid2d1_64",
    "SequenceVariant": "SK",
    "SeriesDescription": "Motor_104Frames_36Slices_TR2.2",
    "SliceTiming": [
      1.105,
      0,
      1.1675,
      0.0625,
      1.2275,
      0.1225,
      1.29,
      0.185,
      1.35,
      0.245,
      1.4125,
      0.3075,
      1.4725,
      0.37,
      1.535,
      0.43,
      1.595,
      0.4925,
      1.6575,
      0.5525,
      1.7175,
      0.615,
      1.78,
      0.675,
      1.84,
      0.7375,
      1.9025,
      0.7975,
      1.965,
      0.86,
      2.025,
      0.92,
      2.0875,
      0.9825,
      2.1475,
      1.0425
    ],
    "SoftwareVersion": "syngo MR B17",
    "TaskName": "motor",
    "modality": "bold",
    "run_id": "02",
    "session_id": "func07",
    "subject_id": "MSC03",
    "task_id": "motor"
  },
  "dummy_trs": 0,
  "dvars_nstd": 19.02963251281553,
  "dvars_std": 1.0888202449514566,
  "dvars_vstd": 0.9500408120388346,
  "efc": 0.3683515998833568,
  "fber": 43839.0234375,
  "fd_mean": 0.28406941538405855,
  "fd_num": 66,
  "fd_perc": 63.46153846153846,
  "fwhm_avg": 2.556891901368718,
  "fwhm_x": 2.3284125,
  "fwhm_y": 2.979675,
  "fwhm_z": 2.3625882041061534,
  "gcor": 0.011174,
  "gsr_x": -0.01605987921357155,
  "gsr_y": 0.015300355851650238,
  "provenance": {
    "md5sum": "a00c620f1b5a03de25d853daec443d58",
    "settings": {
      "fd_thres": 0.2,
      "hmc_fsl": false
    },
    "software": "mriqc",
    "version": "0.9.6"
  },
  "size_t": 104,
  "size_x": 64,
  "size_y": 64,
  "size_z": 36,
  "snr": 4.781627241034007,
  "spacing_tr": 2.200000047683716,
  "spacing_x": 4.0,
  "spacing_y": 4.0,
  "spacing_z": 3.9999988079071045,
  "summary_bg_k": 41.78958631092204,
  "summary_bg_mad": 1.7534621953964233,
  "summary_bg_mean": 10.63477611541748,
  "summary_bg_median": 2.711538553237915,
  "summary_bg_n": 102434.0,
  "summary_bg_p05": 1.1153846979141235,
  "summary_bg_p95": 51.92644500732413,
  "summary_bg_stdv": 24.90985679626465,
  "summary_fg_k": 3.8868151731777143,
  "summary_fg_mad": 79.44038391113281,
  "summary_fg_mean": 568.2857666015625,
  "summary_fg_median": 586.3990478515625,
  "summary_fg_n": 17602.0,
  "summary_fg_p05": 325.6548324584961,
  "summary_fg_p95": 717.5168823242188,
  "summary_fg_stdv": 122.63239288330078,
  "tsnr": 62.905826568603516
}