{
  "aor": 0.0031802884615384614,
  "aqi": 0.011828141826923079,
  "bids_meta": {
    "BodyPartExamined": "HEAD",
    "CogAtlasID": "http://www.cognitiveatlas.org/term/id/trm_550b53d7dd674",
    "ConversionSoftware": "dcm2niix",
    "ConversionSoftwareVersion": "v1.0.20170411 GCC4.4.7",
    "EchoTime": 0.027,
    "EffectiveEchoSpacing": 0.000590001,
    "FlipAngle": 90,
    "ImageType": [
      "ORIGINAL",
      "PRIMARY",
      "M",
      "ND",
      "NORM",
      "MOSAIC"
    ],
    "Instructions": "In this next scan you'll be prompted to move your hands, feet, or tongue. You'll only move one of these at once. Instructions are presented on the screen. Let?s review them now. [Read on-screen instructions to participant.] Do you have any questions?",
    "MagneticFieldStrength": 3,
    "Manufacturer": "Siemens",
    "ManufacturersModelName": "TrioTim",
    "PhaseEncodingDirection": "j-",
    "ProcedureStepDescription": "head_Dosenbach_MSC",
    "ProtocolName": "Motor_104Frames_36Slices_TR2.2",
    "RepetitionTime": 2.2,
    "ScanningSequence": "EP",
    "SequenceName": "_epfid2d1_64",
    "SequenceVariant": "SK",
    "SeriesDescription": "Motor_104Frames_36Slices_TR2.2",
    "SliceTiming": [
      1.105,
      0,
      1.1675,
      0.0625,
      1.2275,
      0.1225,
      1.29,
      0.185,
      1.35,
      0.245,
      1.4125,
      0.3075,
      1.4725,
      0.37,
      1.535,
      0.43,
      1.595,
      0.4925,
      1.6575,
      0.5525,
      1.7175,
      0.615,
      1.78,
      0.675,
      1.84,
      0.7375,
      1.9025,
      0.7975,
      1.965,
      0.86,
      2.025,
      0.92,
      2.0875,
      0.9825,
      2.1475,
      1.0425
    ],
    "SoftwareVersion": "syngo MR B17",
    "TaskName": "motor",
    "modality": "bold",
    "run_id": "02",
    "session_id": "func05",
    "subject_id": "MSC08",
    "task_id": "motor"
  },
  "dummy_trs": 0,
  "dvars_nstd": 22.292451729126217,
  "dvars_std": 1.173733847087378,
  "dvars_vstd": 0.9400171980582527,
  "efc": 0.3899989780861768,
  "fber": 37970.06640625,
  "fd_mean": 0.24083506365928226,
  "fd_num": 57,
  "fd_perc": 54.80769230769231,
  "fwhm_avg": 2.496982179256562,
  "fwhm_x": 2.316,
  "fwhm_y": 2.806225167264054,
  "fwhm_z": 2.368721370505633,
  "gcor": 0.01607,
  "gsr_x": -0.016448672860860825,
  "gsr_y": 0.011746330186724663,
  "provenance": {
    "md5sum": "58a1754525d698d9b32c93112206ea5f",
    "settings": {
      "fd_thres": 0.2,
      "hmc_fsl": false
    },
    "software": "mriqc",
    "version": "0.9.6"
  },
  "size_t": 104,
  "size_x": 64,
  "size_y": 64,
  "size_z": 36,
  "snr": 5.0595962656253635,
  "spacing_tr": 2.200000047683716,
  "spacing_x": 4.0,
  "spacing_y": 3.999999761581421,
  "spacing_z": 4.000001907348633,
  "summary_bg_k": 75.18186621685128,
  "summary_bg_mad": 1.967299222946167,
  "summary_bg_mean": 12.328798294067383,
  "summary_bg_median": 2.817307710647583,
  "summary_bg_n": 99798.0,
  "summary_bg_p05": 1.1634615659713745,
  "summary_bg_p95": 61.528846740722656,
  "summary_bg_stdv": 30.705270767211914,
  "summary_fg_k": 4.7669456942288555,
  "summary_fg_mad": 71.67808532714844,
  "summary_fg_mean": 552.0615844726562,
  "summary_fg_median": 569.0288696289062,
  "summary_fg_n": 19493.0,
  "summary_fg_p05": 325.00963134765624,
  "summary_fg_p95": 687.9557983398437,
  "summary_fg_stdv": 112.46238708496094,
  "tsnr": 55.20731735229492
}