{
  "bids_meta": {
    "BodyPartExamined": "HEAD",
    "ConversionSoftware": "dcm2niix",
    "ConversionSoftwareVersion": "v1.0.20170411 GCC4.4.7",
    "EchoTime": 0.479,
    "FlipAngle": 120,
    "ImageType": [
      "ORIGINAL",
      "PRIMARY",
      "M",
      "ND",
      "NORM"
    ],
    "MagneticFieldStrength": 3,
    "Manufacturer": "Siemens",
    "ManufacturersModelName": "TrioTim",
    "PhaseEncodingDirection": "i-",
    "ProcedureStepDescription": "head_Dosenbach_MSC",
    "ProtocolName": "T2_.8x.8x.8_224Slices",
    "RepetitionTime": 3.2,
    "ScanningSequence": "SE",
    "SequenceName": "_spc3d1_282ns",
    "SequenceVariant": "SK_SP",
    "SeriesDescription": "T2_.8x.8x.8_224Slices",
    "modality": "T2w",
    "run_id": "02",
    "session_id": "struct02",
    "subject_id": "MSC01"
  },
  "cjv": 0.8587304050752432,
  "cnr": 1.5183119515146177,
  "efc": 0.6588942918006555,
  "fber": 674.415771484375,
  "fwhm_avg": 2.3432424646862846,
  "fwhm_x": 2.1937250525954393,
  "fwhm_y": 2.5746357073170736,
  "fwhm_z": 2.2613666341463414,
  "icvs_csf": 0.2531008671559034,
  "icvs_gm": 0.6202531156870055,
  "icvs_wm": 0.12664601715709112,
  "inu_med": 1.3387514352798462,
  "inu_range": 0.382066011428833,
  "provenance": {
    "md5sum": "44d2035fa1bdfd1946e0a79cb0568fd2",
    "settings": {
      "testing": false
    },
    "software": "mriqc",
    "version": "0.9.6",
    "warnings": {
      "large_rot_frame": true,
      "small_air_mask": false
    }
  },
  "qi_1": 1.9739856886037577e-06,
  "qi_2": 0.00206475748100871,
  "rpve_csf": 11.710777828939515,
  "rpve_gm": 6.100306678481493,
  "rpve_wm": 24.23364001446997,
  "size_x": 224,
  "size_y": 256,
  "size_z": 256,
  "snr_csf": 3.5389966014919807,
  "snr_gm": 6.027780716443208,
  "snr_total": 4.87214610718597,
  "snr_wm": 5.049661003622724,
  "snrd_csf": 82.42527054179777,
  "snrd_gm": 34.400893294926,
  "snrd_total": 46.65603705975679,
  "snrd_wm": 23.141947342546604,
  "spacing_x": 0.7999954223632812,
  "spacing_y": 0.80078125,
  "spacing_z": 0.80078125,
  "summary_bg_k": 126.30738256223711,
  "summary_bg_mad": 28.35312271118164,
  "summary_bg_mean": 49.60417175292969,
  "summary_bg_median": 34.66960144042969,
  "summary_bg_n": 3249058.0,
  "summary_bg_p05": 0.0,
  "summary_bg_p95": 134.97667617797848,
  "summary_bg_stdv": 51.568809509277344,
  "summary_csf_k": -0.4083578165239361,
  "summary_csf_mad": 1114.9017333984375,
  "summary_csf_mean": 3568.824951171875,
  "summary_csf_median": 3567.21728515625,
  "summary_csf_n": 64829.0,
  "summary_csf_p05": 1985.8770263671877,
  "summary_csf_p95": 5148.479199218749,
  "summary_csf_stdv": 1007.9664306640625,
  "summary_gm_k": 0.5573259572905207,
  "summary_gm_mad": 233.07730102539062,
  "summary_gm_mean": 1511.63916015625,
  "summary_gm_median": 1488.8087158203125,
  "summary_gm_n": 265797.0,
  "summary_gm_p05": 1147.055419921875,
  "summary_gm_p95": 1954.8713867187491,
  "summary_gm_stdv": 246.99072265625,
  "summary_wm_k": 0.5232766961514392,
  "summary_wm_mad": 185.35360717773438,
  "summary_wm_mean": 998.3665771484375,
  "summary_wm_median": 1001.5418090820312,
  "summary_wm_n": 4969.0,
  "summary_wm_p05": 666.5050048828125,
  "summary_wm_p95": 1318.3671386718747,
  "summary_wm_stdv": 198.31846618652344,
  "tpm_overlap_csf": 0.19454075396060944,
  "tpm_overlap_gm": 0.4321352243423462,
  "tpm_overlap_wm": 0.21351195871829987,
  "wm2max": 0.19679986801433133
}