{
  "aor": 0.0024134352078239605,
  "aqi": 0.02362095217603912,
  "bids_meta": {
    "BodyPartExamined": "HEAD",
    "CogAtlasID": "http://www.cognitiveatlas.org/term/id/trm_4c8a834779883",
    "ConversionSoftware": "dcm2niix",
    "ConversionSoftwareVersion": "v1.0.20170411 GCC4.4.7",
    "EchoTime": 0.027,
    "EffectiveEchoSpacing": 0.000590001,
    "FlipAngle": 90,
    "ImageType": [
      "ORIGINAL",
      "PRIMARY",
      "M",
      "ND",
      "NORM",
      "MOSAIC"
    ],
    "Instructions": "During this first scan, a plus sign will be presented on the screen.  All you need to do is simply relax and look at the plus sign. Please keep your eyes open the entire time, and be as still as possible. It's extremely important that you stay awake for the entire duration of this scan. This scan will last ~30 minutes.",
    "MagneticFieldStrength": 3,
    "Manufacturer": "Siemens",
    "ManufacturersModelName": "TrioTim",
    "PhaseEncodingDirection": "j-",
    "ProcedureStepDescription": "head_Dosenbach_MSC",
    "ProtocolName": "RSFC_818Frames_36Slices_TR2.2",
    "RepetitionTime": 2.2,
    "ScanningSequence": "EP",
    "SequenceName": "_epfid2d1_64",
    "SequenceVariant": "SK",
    "SeriesDescription": "RSFC_818Frames_36Slices_TR2.2",
    "SliceTiming": [
      1.105,
      0,
      1.165,
      0.06,
      1.2275,
      0.1225,
      1.2875,
      0.185,
      1.35,
      0.245,
      1.41,
      0.3075,
      1.4725,
      0.3675,
      1.5325,
      0.43,
      1.595,
      0.49,
      1.655,
      0.5525,
      1.7175,
      0.6125,
      1.78,
      0.675,
      1.84,
      0.735,
      1.9025,
      0.7975,
      1.9625,
      0.8575,
      2.025,
      0.92,
      2.085,
      0.9825,
      2.1475,
      1.0425
    ],
    "SoftwareVersion": "syngo MR B17",
    "TaskName": "rest",
    "modality": "bold",
    "session_id": "func02",
    "subject_id": "MSC10",
    "task_id": "rest"
  },
  "dummy_trs": 0,
  "dvars_nstd": 27.068055987466366,
  "dvars_std": 1.1435205354957154,
  "dvars_vstd": 0.9446636355079565,
  "efc": 0.423723110247774,
  "fber": 26399.125,
  "fd_mean": 0.3905343342154557,
  "fd_num": 591,
  "fd_perc": 72.24938875305624,
  "fwhm_avg": 2.5326152331811387,
  "fwhm_x": 2.3162175,
  "fwhm_y": 2.93435,
  "fwhm_z": 2.3472781995434167,
  "gcor": 0.0139515,
  "gsr_x": -0.014118457213044167,
  "gsr_y": 0.016377106308937073,
  "provenance": {
    "md5sum": "2681ed48c03f66620decf8619625ba42",
    "settings": {
      "fd_thres": 0.2,
      "hmc_fsl": false
    },
    "software": "mriqc",
    "version": "0.9.6"
  },
  "size_t": 818,
  "size_x": 64,
  "size_y": 64,
  "size_z": 36,
  "snr": 4.711083412723877,
  "spacing_tr": 2.200000047683716,
  "spacing_x": 4.0,
  "spacing_y": 4.0,
  "spacing_z": 3.9999988079071045,
  "summary_bg_k": 41.666527542286126,
  "summary_bg_mad": 3.0250160694122314,
  "summary_bg_mean": 15.511507034301758,
  "summary_bg_median": 3.7909536361694336,
  "summary_bg_n": 95135.0,
  "summary_bg_p05": 1.2958436012268066,
  "summary_bg_p95": 80.99352722167971,
  "summary_bg_stdv": 37.4128303527832,
  "summary_fg_k": 3.619739771764202,
  "summary_fg_mad": 93.13029479980469,
  "summary_fg_mean": 626.5399169921875,
  "summary_fg_median": 639.7506103515625,
  "summary_fg_n": 22837.0,
  "summary_fg_p05": 368.3829040527344,
  "summary_fg_p95": 807.0890625,
  "summary_fg_stdv": 135.7939453125,
  "tsnr": 31.91403579711914
}