{
  "aor": 0.0008926805385556916,
  "aqi": 0.006488724443084455,
  "bids_meta": {
    "BodyPartExamined": "HEAD",
    "CogAtlasID": "http://www.cognitiveatlas.org/term/id/trm_4c8a834779883",
    "ConversionSoftware": "dcm2niix",
    "ConversionSoftwareVersion": "v1.0.20170411 GCC4.4.7",
    "EchoTime": 0.027,
    "EffectiveEchoSpacing": 0.000590001,
    "FlipAngle": 90,
    "ImageType": [
      "ORIGINAL",
      "PRIMARY",
      "M",
      "ND",
      "NORM",
      "MOSAIC"
    ],
    "Instructions": "During this first scan, a plus sign will be presented on the screen.  All you need to do is simply relax and look at the plus sign. Please keep your eyes open the entire time, and be as still as possible. It's extremely important that you stay awake for the entire duration of this scan. This scan will last ~30 minutes.",
    "MagneticFieldStrength": 3,
    "Manufacturer": "Siemens",
    "ManufacturersModelName": "TrioTim",
    "PhaseEncodingDirection": "j-",
    "ProcedureStepDescription": "head_Dosenbach_MSC",
    "ProtocolName": "RSFC_818Frames_36Slices_TR2.2",
    "RepetitionTime": 2.2,
    "ScanningSequence": "EP",
    "SequenceName": "_epfid2d1_64",
    "SequenceVariant": "SK",
    "SeriesDescription": "RSFC_818Frames_36Slices_TR2.2",
    "SliceTiming": [
      1.105,
      0,
      1.165,
      0.06,
      1.2275,
      0.1225,
      1.2875,
      0.185,
      1.35,
      0.245,
      1.41,
      0.3075,
      1.4725,
      0.3675,
      1.5325,
      0.43,
      1.595,
      0.49,
      1.655,
      0.5525,
      1.7175,
      0.6125,
      1.78,
      0.675,
      1.84,
      0.735,
      1.9025,
      0.7975,
      1.9625,
      0.8575,
      2.025,
      0.92,
      2.085,
      0.9825,
      2.1475,
      1.0425
    ],
    "SoftwareVersion": "syngo MR B17",
    "TaskName": "rest",
    "modality": "bold",
    "session_id": "func07",
    "subject_id": "MSC01",
    "task_id": "rest"
  },
  "dummy_trs": 1,
  "dvars_nstd": 23.063668711605413,
  "dvars_std": 1.1960632749632345,
  "dvars_vstd": 0.9684408552818612,
  "efc": 0.4147100981958419,
  "fber": 25433.150390625,
  "fd_mean": 0.26089373775391644,
  "fd_num": 558,
  "fd_perc": 68.29865361077111,
  "fwhm_avg": 2.3659218008805554,
  "fwhm_x": 2.10918,
  "fwhm_y": 2.73685,
  "fwhm_z": 2.2517354026416663,
  "gcor": 0.0566678,
  "gsr_x": -0.011448279954493046,
  "gsr_y": 0.011712775565683842,
  "provenance": {
    "md5sum": "96f9febbe5e384931621fd02eb54a502",
    "settings": {
      "fd_thres": 0.2,
      "hmc_fsl": false
    },
    "software": "mriqc",
    "version": "0.9.6"
  },
  "size_t": 817,
  "size_x": 64,
  "size_y": 64,
  "size_z": 36,
  "snr": 4.921698017440633,
  "spacing_tr": 2.200000047683716,
  "spacing_x": 4.0,
  "spacing_y": 4.0,
  "spacing_z": 3.9999992847442627,
  "summary_bg_k": 39.135972711687806,
  "summary_bg_mad": 3.3880271911621094,
  "summary_bg_mean": 15.993913650512695,
  "summary_bg_median": 3.9889841079711914,
  "summary_bg_n": 96919.0,
  "summary_bg_p05": 1.1517747640609741,
  "summary_bg_p95": 71.77894744873042,
  "summary_bg_stdv": 35.7996826171875,
  "summary_fg_k": 4.0317385652598,
  "summary_fg_mad": 92.8740234375,
  "summary_fg_mean": 652.9638671875,
  "summary_fg_median": 668.1652221679688,
  "summary_fg_n": 21761.0,
  "summary_fg_p05": 383.19708251953125,
  "summary_fg_p95": 824.5067749023438,
  "summary_fg_stdv": 135.75596618652344,
  "tsnr": 64.85042572021484
}