{
  "aor": 0.003048312958435208,
  "aqi": 0.017894744865525673,
  "bids_meta": {
    "BodyPartExamined": "HEAD",
    "CogAtlasID": "http://www.cognitiveatlas.org/term/id/trm_4c8a834779883",
    "ConversionSoftware": "dcm2niix",
    "ConversionSoftwareVersion": "v1.0.20170411 GCC4.4.7",
    "EchoTime": 0.027,
    "EffectiveEchoSpacing": 0.000590001,
    "FlipAngle": 90,
    "ImageType": [
      "ORIGINAL",
      "PRIMARY",
      "M",
      "ND",
      "NORM",
      "MOSAIC"
    ],
    "Instructions": "During this first scan, a plus sign will be presented on the screen.  All you need to do is simply relax and look at the plus sign. Please keep your eyes open the entire time, and be as still as possible. It's extremely important that you stay awake for the entire duration of this scan. This scan will last ~30 minutes.",
    "MagneticFieldStrength": 3,
    "Manufacturer": "Siemens",
    "ManufacturersModelName": "TrioTim",
    "PhaseEncodingDirection": "j-",
    "ProcedureStepDescription": "head_Dosenbach_MSC",
    "ProtocolName": "RSFC_818Frames_36Slices_TR2.2",
    "RepetitionTime": 2.2,
    "ScanningSequence": "EP",
    "SequenceName": "_epfid2d1_64",
    "SequenceVariant": "SK",
    "SeriesDescription": "RSFC_818Frames_36Slices_TR2.2",
    "SliceTiming": [
      1.105,
      0,
      1.165,
      0.06,
      1.2275,
      0.1225,
      1.2875,
      0.185,
      1.35,
      0.245,
      1.41,
      0.3075,
      1.4725,
      0.3675,
      1.5325,
      0.43,
      1.595,
      0.49,
      1.655,
      0.5525,
      1.7175,
      0.6125,
      1.78,
      0.675,
      1.84,
      0.735,
      1.9025,
      0.7975,
      1.9625,
      0.8575,
      2.025,
      0.92,
      2.085,
      0.9825,
      2.1475,
      1.0425
    ],
    "SoftwareVersion": "syngo MR B17",
    "TaskName": "rest",
    "modality": "bold",
    "session_id": "func05",
    "subject_id": "MSC10",
    "task_id": "rest"
  },
  "dummy_trs": 0,
  "dvars_nstd": 28.78047835018358,
  "dvars_std": 1.3196220671603425,
  "dvars_vstd": 0.9509719920807831,
  "efc": 0.42527216952489955,
  "fber": 28049.29296875,
  "fd_mean": 0.213471755301513,
  "fd_num": 369,
  "fd_perc": 45.11002444987775,
  "fwhm_avg": 2.4975741666666664,
  "fwhm_x": 2.2849375,
  "fwhm_y": 2.896425,
  "fwhm_z": 2.31136,
  "gcor": 0.0195355,
  "gsr_x": -0.01599338836967945,
  "gsr_y": 0.01743490807712078,
  "provenance": {
    "md5sum": "d1ce13830987020b337da2b102d76f8e",
    "settings": {
      "fd_thres": 0.2,
      "hmc_fsl": false
    },
    "software": "mriqc",
    "version": "0.9.6"
  },
  "size_t": 818,
  "size_x": 64,
  "size_y": 64,
  "size_z": 36,
  "snr": 4.666089966220867,
  "spacing_tr": 2.200000047683716,
  "spacing_x": 4.0,
  "spacing_y": 4.0,
  "spacing_z": 4.0,
  "summary_bg_k": 40.108977309910635,
  "summary_bg_mad": 3.121077060699463,
  "summary_bg_mean": 16.815153121948242,
  "summary_bg_median": 3.9156479835510254,
  "summary_bg_n": 95095.0,
  "summary_bg_p05": 1.3447433710098267,
  "summary_bg_p95": 89.13081359863281,
  "summary_bg_stdv": 40.3888053894043,
  "summary_fg_k": 3.632086727727212,
  "summary_fg_mad": 100.31128692626953,
  "summary_fg_mean": 669.9873657226562,
  "summary_fg_median": 685.4107666015625,
  "summary_fg_n": 22943.0,
  "summary_fg_p05": 380.1584503173828,
  "summary_fg_p95": 859.3017578125,
  "summary_fg_stdv": 146.88868713378906,
  "tsnr": 40.42717742919922
}