{
  "aor": 0.009213056234718827,
  "aqi": 0.004933742885085575,
  "bids_meta": {
    "BodyPartExamined": "HEAD",
    "CogAtlasID": "http://www.cognitiveatlas.org/term/id/trm_4c8a834779883",
    "ConversionSoftware": "dcm2niix",
    "ConversionSoftwareVersion": "v1.0.20170411 GCC4.4.7",
    "EchoTime": 0.027,
    "EffectiveEchoSpacing": 0.000590001,
    "FlipAngle": 90,
    "ImageType": [
      "ORIGINAL",
      "PRIMARY",
      "M",
      "ND",
      "NORM",
      "MOSAIC"
    ],
    "Instructions": "During this first scan, a plus sign will be presented on the screen.  All you need to do is simply relax and look at the plus sign. Please keep your eyes open the entire time, and be as still as possible. It's extremely important that you stay awake for the entire duration of this scan. This scan will last ~30 minutes.",
    "MagneticFieldStrength": 3,
    "Manufacturer": "Siemens",
    "ManufacturersModelName": "TrioTim",
    "PhaseEncodingDirection": "j-",
    "ProcedureStepDescription": "head_Dosenbach_MSC",
    "ProtocolName": "RSFC_818Frames_36Slices_TR2.2",
    "RepetitionTime": 2.2,
    "ScanningSequence": "EP",
    "SequenceName": "_epfid2d1_64",
    "SequenceVariant": "SK",
    "SeriesDescription": "RSFC_818Frames_36Slices_TR2.2",
    "SliceTiming": [
      1.105,
      0,
      1.165,
      0.06,
      1.2275,
      0.1225,
      1.2875,
      0.185,
      1.35,
      0.245,
      1.41,
      0.3075,
      1.4725,
      0.3675,
      1.5325,
      0.43,
      1.595,
      0.49,
      1.655,
      0.5525,
      1.7175,
      0.6125,
      1.78,
      0.675,
      1.84,
      0.735,
      1.9025,
      0.7975,
      1.9625,
      0.8575,
      2.025,
      0.92,
      2.085,
      0.9825,
      2.1475,
      1.0425
    ],
    "SoftwareVersion": "syngo MR B17",
    "TaskName": "rest",
    "modality": "bold",
    "session_id": "func09",
    "subject_id": "MSC03",
    "task_id": "rest"
  },
  "dummy_trs": 0,
  "dvars_nstd": 16.443534506768664,
  "dvars_std": 1.2577013466952267,
  "dvars_vstd": 1.1252988249204399,
  "efc": 0.3635979265638625,
  "fber": 47744.265625,
  "fd_mean": 0.24620665906221312,
  "fd_num": 522,
  "fd_perc": 63.81418092909536,
  "fwhm_avg": 2.5710761152708543,
  "fwhm_x": 2.339915,
  "fwhm_y": 3.00825,
  "fwhm_z": 2.3650633458125636,
  "gcor": 0.0744172,
  "gsr_x": -0.014310704544186592,
  "gsr_y": 0.014595935121178627,
  "provenance": {
    "md5sum": "6b6748087c366a3331bd2c18cb1cc2c2",
    "settings": {
      "fd_thres": 0.2,
      "hmc_fsl": false
    },
    "software": "mriqc",
    "version": "0.9.6"
  },
  "size_t": 818,
  "size_x": 64,
  "size_y": 64,
  "size_z": 36,
  "snr": 4.766971591838281,
  "spacing_tr": 2.200000047683716,
  "spacing_x": 4.0,
  "spacing_y": 4.0,
  "spacing_z": 3.9999985694885254,
  "summary_bg_k": 51.35667976118506,
  "summary_bg_mad": 1.9755949974060059,
  "summary_bg_mean": 10.157833099365234,
  "summary_bg_median": 2.710268974304199,
  "summary_bg_n": 102714.0,
  "summary_bg_p05": 0.9400978684425354,
  "summary_bg_p95": 47.42108936309807,
  "summary_bg_stdv": 24.494945526123047,
  "summary_fg_k": 3.7271368160096925,
  "summary_fg_mad": 82.63417053222656,
  "summary_fg_mean": 585.9885864257812,
  "summary_fg_median": 606.4193725585938,
  "summary_fg_n": 17579.0,
  "summary_fg_p05": 328.7629760742188,
  "summary_fg_p95": 741.4133422851562,
  "summary_fg_stdv": 127.20909118652344,
  "tsnr": 71.20773315429688
}