{
  "aor": 0.0018683495145631068,
  "aqi": 0.010459076407766991,
  "bids_meta": {
    "BodyPartExamined": "HEAD",
    "CogAtlasID": "http://www.cognitiveatlas.org/term/id/trm_550b53d7dd674",
    "ConversionSoftware": "dcm2niix",
    "ConversionSoftwareVersion": "v1.0.20170411 GCC4.4.7",
    "EchoTime": 0.027,
    "EffectiveEchoSpacing": 0.000590001,
    "FlipAngle": 90,
    "ImageType": [
      "ORIGINAL",
      "PRIMARY",
      "M",
      "ND",
      "NORM",
      "MOSAIC"
    ],
    "Instructions": "In this next scan you'll be prompted to move your hands, feet, or tongue. You'll only move one of these at once. Instructions are presented on the screen. Let?s review them now. [Read on-screen instructions to participant.] Do you have any questions?",
    "MagneticFieldStrength": 3,
    "Manufacturer": "Siemens",
    "ManufacturersModelName": "TrioTim",
    "PhaseEncodingDirection": "j-",
    "ProcedureStepDescription": "head_Dosenbach_MSC",
    "ProtocolName": "Motor_104Frames_36Slices_TR2.2",
    "RepetitionTime": 2.2,
    "ScanningSequence": "EP",
    "SequenceName": "_epfid2d1_64",
    "SequenceVariant": "SK",
    "SeriesDescription": "Motor_104Frames_36Slices_TR2.2",
    "SliceTiming": [
      1.105,
      0,
      1.1675,
      0.0625,
      1.2275,
      0.1225,
      1.29,
      0.185,
      1.35,
      0.245,
      1.4125,
      0.3075,
      1.4725,
      0.37,
      1.535,
      0.43,
      1.595,
      0.4925,
      1.6575,
      0.5525,
      1.7175,
      0.615,
      1.78,
      0.675,
      1.84,
      0.7375,
      1.9025,
      0.7975,
      1.965,
      0.86,
      2.025,
      0.92,
      2.0875,
      0.9825,
      2.1475,
      1.0425
    ],
    "SoftwareVersion": "syngo MR B17",
    "TaskName": "motor",
    "modality": "bold",
    "run_id": "01",
    "session_id": "func04",
    "subject_id": "MSC03",
    "task_id": "motor"
  },
  "dummy_trs": 1,
  "dvars_nstd": 20.56992265303922,
  "dvars_std": 1.0798025509803924,
  "dvars_vstd": 0.908309195,
  "efc": 0.3674386554919909,
  "fber": 42833.08203125,
  "fd_mean": 0.2475922559354919,
  "fd_num": 54,
  "fd_perc": 52.42718446601942,
  "fwhm_avg": 2.5780016666666667,
  "fwhm_x": 2.3485975,
  "fwhm_y": 2.9948,
  "fwhm_z": 2.3906075,
  "gcor": 0.00790264,
  "gsr_x": -0.016094237565994263,
  "gsr_y": 0.01384249608963728,
  "provenance": {
    "md5sum": "eae307490792c5e0d3fef6d51b26d02b",
    "settings": {
      "fd_thres": 0.2,
      "hmc_fsl": false
    },
    "software": "mriqc",
    "version": "0.9.6"
  },
  "size_t": 103,
  "size_x": 64,
  "size_y": 64,
  "size_z": 36,
  "snr": 4.814989314963269,
  "spacing_tr": 2.200000047683716,
  "spacing_x": 4.0,
  "spacing_y": 4.0,
  "spacing_z": 4.0,
  "summary_bg_k": 43.67801395672057,
  "summary_bg_mad": 1.8712456226348877,
  "summary_bg_mean": 10.891204833984375,
  "summary_bg_median": 2.8155341148376465,
  "summary_bg_n": 102348.0,
  "summary_bg_p05": 1.0776698589324951,
  "summary_bg_p95": 52.92232894897461,
  "summary_bg_stdv": 25.248336791992188,
  "summary_fg_k": 3.6551627304888976,
  "summary_fg_mad": 81.38485717773438,
  "summary_fg_mean": 583.1895751953125,
  "summary_fg_median": 602.8931884765625,
  "summary_fg_n": 17529.0,
  "summary_fg_p05": 325.3961059570313,
  "summary_fg_p95": 736.8485473632812,
  "summary_fg_stdv": 125.20816802978516,
  "tsnr": 53.200313568115234
}