{
  "aor": 0.0024665384615384614,
  "aqi": 0.0035393492307692303,
  "bids_meta": {
    "BodyPartExamined": "HEAD",
    "CogAtlasID": "http://www.cognitiveatlas.org/term/id/trm_550b53d7dd674",
    "ConversionSoftware": "dcm2niix",
    "ConversionSoftwareVersion": "v1.0.20170411 GCC4.4.7",
    "EchoTime": 0.027,
    "EffectiveEchoSpacing": 0.000590001,
    "FlipAngle": 90,
    "ImageType": [
      "ORIGINAL",
      "PRIMARY",
      "M",
      "ND",
      "NORM",
      "MOSAIC"
    ],
    "Instructions": "In this next scan you'll be prompted to move your hands, feet, or tongue. You'll only move one of these at once. Instructions are presented on the screen. Let?s review them now. [Read on-screen instructions to participant.] Do you have any questions?",
    "MagneticFieldStrength": 3,
    "Manufacturer": "Siemens",
    "ManufacturersModelName": "TrioTim",
    "PhaseEncodingDirection": "j-",
    "ProcedureStepDescription": "head_Dosenbach_MSC",
    "ProtocolName": "Motor_104Frames_36Slices_TR2.2",
    "RepetitionTime": 2.2,
    "ScanningSequence": "EP",
    "SequenceName": "_epfid2d1_64",
    "SequenceVariant": "SK",
    "SeriesDescription": "Motor_104Frames_36Slices_TR2.2",
    "SliceTiming": [
      1.105,
      0,
      1.1675,
      0.0625,
      1.2275,
      0.1225,
      1.29,
      0.185,
      1.35,
      0.245,
      1.4125,
      0.3075,
      1.4725,
      0.37,
      1.535,
      0.43,
      1.595,
      0.4925,
      1.6575,
      0.5525,
      1.7175,
      0.615,
      1.78,
      0.675,
      1.84,
      0.7375,
      1.9025,
      0.7975,
      1.965,
      0.86,
      2.025,
      0.92,
      2.0875,
      0.9825,
      2.1475,
      1.0425
    ],
    "SoftwareVersion": "syngo MR B17",
    "TaskName": "motor",
    "modality": "bold",
    "run_id": "01",
    "session_id": "func08",
    "subject_id": "MSC04",
    "task_id": "motor"
  },
  "dummy_trs": 0,
  "dvars_nstd": 14.995457630582527,
  "dvars_std": 1.1858328699029126,
  "dvars_vstd": 0.9702017738834944,
  "efc": 0.3708063649570953,
  "fber": 46795.04296875,
  "fd_mean": 0.09021173266753321,
  "fd_num": 2,
  "fd_perc": 1.9230769230769231,
  "fwhm_avg": 2.5471620926826,
  "fwhm_x": 2.3417075,
  "fwhm_y": 2.917325,
  "fwhm_z": 2.3824537780478,
  "gcor": 0.0274478,
  "gsr_x": -0.018831156194210052,
  "gsr_y": 0.01084138359874487,
  "provenance": {
    "md5sum": "4206c09c367e2f57807e88001e82e770",
    "settings": {
      "fd_thres": 0.2,
      "hmc_fsl": false
    },
    "software": "mriqc",
    "version": "0.9.6"
  },
  "size_t": 104,
  "size_x": 64,
  "size_y": 64,
  "size_z": 36,
  "snr": 4.767337519599913,
  "spacing_tr": 2.200000047683716,
  "spacing_x": 4.0,
  "spacing_y": 4.0,
  "spacing_z": 3.999997854232788,
  "summary_bg_k": 61.7271252638694,
  "summary_bg_mad": 2.0956010818481445,
  "summary_bg_mean": 14.059609413146973,
  "summary_bg_median": 3.461538553237915,
  "summary_bg_n": 101418.0,
  "summary_bg_p05": 1.586538553237915,
  "summary_bg_p95": 59.358655166625866,
  "summary_bg_stdv": 40.015533447265625,
  "summary_fg_k": 3.5629447765362423,
  "summary_fg_mad": 107.8878173828125,
  "summary_fg_mean": 747.1728515625,
  "summary_fg_median": 778.84619140625,
  "summary_fg_n": 18185.0,
  "summary_fg_p05": 399.49616088867185,
  "summary_fg_p95": 938.6577392578124,
  "summary_fg_stdv": 163.3668212890625,
  "tsnr": 90.33073425292969
}