{
  "aor": 0.001732200488997555,
  "aqi": 0.009049598520782395,
  "bids_meta": {
    "BodyPartExamined": "HEAD",
    "CogAtlasID": "http://www.cognitiveatlas.org/term/id/trm_4c8a834779883",
    "ConversionSoftware": "dcm2niix",
    "ConversionSoftwareVersion": "v1.0.20170411 GCC4.4.7",
    "EchoTime": 0.027,
    "EffectiveEchoSpacing": 0.000590001,
    "FlipAngle": 90,
    "ImageType": [
      "ORIGINAL",
      "PRIMARY",
      "M",
      "ND",
      "NORM",
      "MOSAIC"
    ],
    "Instructions": "During this first scan, a plus sign will be presented on the screen.  All you need to do is simply relax and look at the plus sign. Please keep your eyes open the entire time, and be as still as possible. It's extremely important that you stay awake for the entire duration of this scan. This scan will last ~30 minutes.",
    "MagneticFieldStrength": 3,
    "Manufacturer": "Siemens",
    "ManufacturersModelName": "TrioTim",
    "PhaseEncodingDirection": "j-",
    "ProcedureStepDescription": "head_Dosenbach_MSC",
    "ProtocolName": "RSFC_818Frames_36Slices_TR2.2",
    "RepetitionTime": 2.2,
    "ScanningSequence": "EP",
    "SequenceName": "_epfid2d1_64",
    "SequenceVariant": "SK",
    "SeriesDescription": "RSFC_818Frames_36Slices_TR2.2",
    "SliceTiming": [
      1.105,
      0,
      1.165,
      0.06,
      1.2275,
      0.1225,
      1.2875,
      0.185,
      1.35,
      0.245,
      1.41,
      0.3075,
      1.4725,
      0.3675,
      1.5325,
      0.43,
      1.595,
      0.49,
      1.655,
      0.5525,
      1.7175,
      0.6125,
      1.78,
      0.675,
      1.84,
      0.735,
      1.9025,
      0.7975,
      1.9625,
      0.8575,
      2.025,
      0.92,
      2.085,
      0.9825,
      2.1475,
      1.0425
    ],
    "SoftwareVersion": "syngo MR B17",
    "TaskName": "rest",
    "modality": "bold",
    "session_id": "func03",
    "subject_id": "MSC04",
    "task_id": "rest"
  },
  "dummy_trs": 0,
  "dvars_nstd": 22.19387428099142,
  "dvars_std": 1.227377778115057,
  "dvars_vstd": 0.9525541504406357,
  "efc": 0.3689310881238168,
  "fber": 53348.1796875,
  "fd_mean": 0.2168787435845879,
  "fd_num": 426,
  "fd_perc": 52.07823960880196,
  "fwhm_avg": 2.5479380511227263,
  "fwhm_x": 2.34851,
  "fwhm_y": 2.92795,
  "fwhm_z": 2.3673541533681797,
  "gcor": 0.0340641,
  "gsr_x": -0.01660703867673874,
  "gsr_y": 0.013107715174555779,
  "provenance": {
    "md5sum": "4ddb1428c68f031099af3880e902f428",
    "settings": {
      "fd_thres": 0.2,
      "hmc_fsl": false
    },
    "software": "mriqc",
    "version": "0.9.6"
  },
  "size_t": 818,
  "size_x": 64,
  "size_y": 64,
  "size_z": 36,
  "snr": 4.716543092270241,
  "spacing_tr": 2.200000047683716,
  "spacing_x": 4.0,
  "spacing_y": 4.0,
  "spacing_z": 4.000001430511475,
  "summary_bg_k": 72.0584845102477,
  "summary_bg_mad": 1.9774073362350464,
  "summary_bg_mean": 12.93942642211914,
  "summary_bg_median": 3.1173596382141113,
  "summary_bg_n": 101567.0,
  "summary_bg_p05": 1.3227384090423584,
  "summary_bg_p95": 52.91210441589354,
  "summary_bg_stdv": 38.90366744995117,
  "summary_fg_k": 3.5388204441147737,
  "summary_fg_mad": 102.66754150390625,
  "summary_fg_mean": 717.946533203125,
  "summary_fg_median": 746.9859619140625,
  "summary_fg_n": 18278.0,
  "summary_fg_p05": 376.15662841796876,
  "summary_fg_p95": 905.1775512695312,
  "summary_fg_stdv": 158.37139892578125,
  "tsnr": 56.9117431640625
}