{
  "bids_meta": {
    "BodyPartExamined": "HEAD",
    "ConversionSoftware": "dcm2niix",
    "ConversionSoftwareVersion": "v1.0.20170411 GCC4.4.7",
    "EchoTime": 0.479,
    "FlipAngle": 120,
    "ImageType": [
      "ORIGINAL",
      "PRIMARY",
      "M",
      "ND",
      "NORM"
    ],
    "MagneticFieldStrength": 3,
    "Manufacturer": "Siemens",
    "ManufacturersModelName": "TrioTim",
    "PhaseEncodingDirection": "i-",
    "ProcedureStepDescription": "head_Dosenbach_MSC",
    "ProtocolName": "T2_.8x.8x.8_224Slices",
    "RepetitionTime": 3.2,
    "ScanningSequence": "SE",
    "SequenceName": "_spc3d1_282ns",
    "SequenceVariant": "SK_SP",
    "SeriesDescription": "T2_.8x.8x.8_224Slices",
    "modality": "T2w",
    "run_id": "01",
    "session_id": "struct01",
    "subject_id": "MSC10"
  },
  "cjv": 0.7829981508720982,
  "cnr": 1.6964727980075975,
  "efc": 0.6031072339783534,
  "fber": 679.58544921875,
  "fwhm_avg": 2.4237670120021395,
  "fwhm_x": 2.2507539140551986,
  "fwhm_y": 2.688237268292683,
  "fwhm_z": 2.3323098536585367,
  "icvs_csf": 0.25857364862233756,
  "icvs_gm": 0.6418538678344612,
  "icvs_wm": 0.09957248354320125,
  "inu_med": 1.3439462184906006,
  "inu_range": 0.3974395573139191,
  "provenance": {
    "md5sum": "ca2c353a3ef907dec113bb68316eb8bb",
    "settings": {
      "testing": false
    },
    "software": "mriqc",
    "version": "0.9.6",
    "warnings": {
      "large_rot_frame": true,
      "small_air_mask": false
    }
  },
  "qi_1": 0.00011448259454809548,
  "qi_2": 0.00624175690686208,
  "rpve_csf": 12.116771966281778,
  "rpve_gm": 6.354976469656191,
  "rpve_wm": 31.14512927138336,
  "size_x": 224,
  "size_y": 256,
  "size_z": 256,
  "snr_csf": 3.760879802556494,
  "snr_gm": 6.061326353114431,
  "snr_total": 4.5404678354955585,
  "snr_wm": 3.7991973508157506,
  "snrd_csf": 49.588286933969584,
  "snrd_gm": 20.387453532040873,
  "snrd_total": 27.429338667383046,
  "snrd_wm": 12.31227553613868,
  "spacing_x": 0.8000030517578125,
  "spacing_y": 0.80078125,
  "spacing_z": 0.80078125,
  "summary_bg_k": 18.611499062696403,
  "summary_bg_mad": 53.36766815185547,
  "summary_bg_mean": 64.61988830566406,
  "summary_bg_median": 41.123538970947266,
  "summary_bg_n": 3712829.0,
  "summary_bg_p05": 0.0,
  "summary_bg_p95": 204.79373474121073,
  "summary_bg_stdv": 74.92134857177734,
  "summary_csf_k": -0.1449303055402611,
  "summary_csf_mad": 1078.9989013671875,
  "summary_csf_mean": 4016.623046875,
  "summary_csf_median": 4039.4814453125,
  "summary_csf_n": 102499.0,
  "summary_csf_p05": 2260.206298828125,
  "summary_csf_p95": 5737.838427734375,
  "summary_csf_stdv": 1074.0736083984375,
  "summary_gm_k": 0.2742758581084561,
  "summary_gm_mad": 266.0130920410156,
  "summary_gm_mean": 1678.44970703125,
  "summary_gm_median": 1660.77001953125,
  "summary_gm_n": 361141.0,
  "summary_gm_p05": 1259.1212158203125,
  "summary_gm_p95": 2157.765869140625,
  "summary_gm_stdv": 273.9941101074219,
  "summary_wm_k": 2.1391573810142805,
  "summary_wm_mad": 249.04872131347656,
  "summary_wm_mean": 1009.83203125,
  "summary_wm_median": 1002.9628295898438,
  "summary_wm_n": 2448.0,
  "summary_wm_p05": 586.8948394775391,
  "summary_wm_p95": 1423.6595703125,
  "summary_wm_stdv": 263.9394226074219,
  "tpm_overlap_csf": 0.18220047652721405,
  "tpm_overlap_gm": 0.41742464900016785,
  "tpm_overlap_wm": 0.15539641678333282,
  "wm2max": 0.17256669853280443
}