{
  "aor": 0.002600576923076923,
  "aqi": 0.003986248269230769,
  "bids_meta": {
    "BodyPartExamined": "HEAD",
    "CogAtlasID": "http://www.cognitiveatlas.org/term/id/trm_550b53d7dd674",
    "ConversionSoftware": "dcm2niix",
    "ConversionSoftwareVersion": "v1.0.20170411 GCC4.4.7",
    "EchoTime": 0.027,
    "EffectiveEchoSpacing": 0.000590001,
    "FlipAngle": 90,
    "ImageType": [
      "ORIGINAL",
      "PRIMARY",
      "M",
      "ND",
      "NORM",
      "MOSAIC"
    ],
    "Instructions": "In this next scan you'll be prompted to move your hands, feet, or tongue. You'll only move one of these at once. Instructions are presented on the screen. Let?s review them now. [Read on-screen instructions to participant.] Do you have any questions?",
    "MagneticFieldStrength": 3,
    "Manufacturer": "Siemens",
    "ManufacturersModelName": "TrioTim",
    "PhaseEncodingDirection": "j-",
    "ProcedureStepDescription": "head_Dosenbach_MSC",
    "ProtocolName": "Motor_104Frames_36Slices_TR2.2",
    "RepetitionTime": 2.2,
    "ScanningSequence": "EP",
    "SequenceName": "_epfid2d1_64",
    "SequenceVariant": "SK",
    "SeriesDescription": "Motor_104Frames_36Slices_TR2.2",
    "SliceTiming": [
      1.105,
      0,
      1.1675,
      0.0625,
      1.2275,
      0.1225,
      1.29,
      0.185,
      1.35,
      0.245,
      1.4125,
      0.3075,
      1.4725,
      0.37,
      1.535,
      0.43,
      1.595,
      0.4925,
      1.6575,
      0.5525,
      1.7175,
      0.615,
      1.78,
      0.675,
      1.84,
      0.7375,
      1.9025,
      0.7975,
      1.965,
      0.86,
      2.025,
      0.92,
      2.0875,
      0.9825,
      2.1475,
      1.0425
    ],
    "SoftwareVersion": "syngo MR B17",
    "TaskName": "motor",
    "modality": "bold",
    "run_id": "01",
    "session_id": "func01",
    "subject_id": "MSC02",
    "task_id": "motor"
  },
  "dummy_trs": 0,
  "dvars_nstd": 20.808860204563103,
  "dvars_std": 1.340254647378641,
  "dvars_vstd": 0.9897781729126213,
  "efc": 0.421022767166071,
  "fber": 34017.44140625,
  "fd_mean": 0.1002291302700471,
  "fd_num": 3,
  "fd_perc": 2.8846153846153846,
  "fwhm_avg": 2.4885590710668875,
  "fwhm_x": 2.19083,
  "fwhm_y": 2.869,
  "fwhm_z": 2.405847213200663,
  "gcor": 0.0202555,
  "gsr_x": -0.01315898634493351,
  "gsr_y": 0.03377726301550865,
  "provenance": {
    "md5sum": "7a0ff05ef04807cc60ef0135b9006de5",
    "settings": {
      "fd_thres": 0.2,
      "hmc_fsl": false
    },
    "software": "mriqc",
    "version": "0.9.6"
  },
  "size_t": 104,
  "size_x": 64,
  "size_y": 64,
  "size_z": 36,
  "snr": 4.888310654640405,
  "spacing_tr": 2.200000047683716,
  "spacing_x": 4.0,
  "spacing_y": 4.0,
  "spacing_z": 4.000000476837158,
  "summary_bg_k": 28.43620416445299,
  "summary_bg_mad": 2.4234845638275146,
  "summary_bg_mean": 18.73947525024414,
  "summary_bg_median": 3.596153974533081,
  "summary_bg_n": 96288.0,
  "summary_bg_p05": 1.442307710647583,
  "summary_bg_p95": 101.75625343322749,
  "summary_bg_stdv": 43.62147903442383,
  "summary_fg_k": 3.686794773444264,
  "summary_fg_mad": 102.71300506591797,
  "summary_fg_mean": 676.3665161132812,
  "summary_fg_median": 687.673095703125,
  "summary_fg_n": 22620.0,
  "summary_fg_p05": 421.0985626220703,
  "summary_fg_p95": 864.3476348876953,
  "summary_fg_stdv": 140.67393493652344,
  "tsnr": 83.22093200683594
}