{
  "bids_meta": {
    "BodyPartExamined": "HEAD",
    "ConversionSoftware": "dcm2niix",
    "ConversionSoftwareVersion": "v1.0.20170411 GCC4.4.7",
    "EchoTime": 0.00374,
    "FlipAngle": 8,
    "ImageType": [
      "ORIGINAL",
      "PRIMARY",
      "M",
      "ND",
      "NORM"
    ],
    "InversionTime": 1,
    "MagneticFieldStrength": 3,
    "Manufacturer": "Siemens",
    "ManufacturersModelName": "TrioTim",
    "PhaseEncodingDirection": "i-",
    "ProcedureStepDescription": "head_Dosenbach_MSC",
    "ProtocolName": "T1_.8x.8x.8_224Slices",
    "RepetitionTime": 2.4,
    "ScanningSequence": "GR_IR",
    "SequenceName": "_tfl3d1_ns",
    "SequenceVariant": "SP_MP_OSP",
    "SeriesDescription": "T1_.8x.8x.8_224Slices",
    "modality": "T1w",
    "run_id": "01",
    "session_id": "struct02",
    "subject_id": "MSC04"
  },
  "cjv": 0.6010101906900648,
  "cnr": 2.2139528618186106,
  "efc": 0.5807662537705548,
  "fber": 732.0519409179688,
  "fwhm_avg": 3.532172413839241,
  "fwhm_x": 3.603433924444554,
  "fwhm_y": 3.6766470243902436,
  "fwhm_z": 3.316436292682927,
  "icvs_csf": 0.17818050182700937,
  "icvs_gm": 0.42974475230749054,
  "icvs_wm": 0.39207474586550006,
  "inu_med": 0.9348207116127014,
  "inu_range": 0.4170062392950058,
  "provenance": {
    "md5sum": "60add56b47648327c99381393390c7b5",
    "mriqc_pred": 0,
    "settings": {
      "testing": false
    },
    "software": "mriqc",
    "version": "0.9.6",
    "warnings": {
      "large_rot_frame": true,
      "small_air_mask": false
    }
  },
  "qi_1": 0.0,
  "qi_2": 0.0023044782538548447,
  "rpve_csf": 20.794560521101108,
  "rpve_gm": 9.450481749180678,
  "rpve_wm": 11.980572768242448,
  "size_x": 224,
  "size_y": 256,
  "size_z": 256,
  "snr_csf": 3.127745454583537,
  "snr_gm": 9.075170206758415,
  "snr_total": 9.401114416024178,
  "snr_wm": 16.000427586730584,
  "snrd_csf": 17.52260897467127,
  "snrd_gm": 30.605342261349683,
  "snrd_total": 29.393670842596226,
  "snrd_wm": 40.05306129176772,
  "spacing_x": 0.7999952435493469,
  "spacing_y": 0.80078125,
  "spacing_z": 0.80078125,
  "summary_bg_k": 2.9108441545427217,
  "summary_bg_mad": 16.35710906982422,
  "summary_bg_mean": 27.182113647460938,
  "summary_bg_median": 23.423053741455078,
  "summary_bg_n": 4593492.0,
  "summary_bg_p05": 3.527511191368103,
  "summary_bg_p95": 63.2341968536377,
  "summary_bg_stdv": 18.866680145263672,
  "summary_csf_k": -0.03231930480896361,
  "summary_csf_mad": 158.31524658203125,
  "summary_csf_mean": 437.0809020996094,
  "summary_csf_median": 437.4955139160156,
  "summary_csf_n": 34885.0,
  "summary_csf_p05": 221.35622253417966,
  "summary_csf_p95": 657.841259765625,
  "summary_csf_stdv": 139.87367248535156,
  "summary_gm_k": 0.19758121936613415,
  "summary_gm_mad": 81.4110107421875,
  "summary_gm_mean": 770.8004760742188,
  "summary_gm_median": 764.1384887695312,
  "summary_gm_n": 55371.0,
  "summary_gm_p05": 642.4957580566406,
  "summary_gm_p95": 921.1603088378906,
  "summary_gm_stdv": 84.20024871826172,
  "summary_wm_k": 0.4035070434185877,
  "summary_wm_mad": 60.358760833740234,
  "summary_wm_mean": 1000.2900390625,
  "summary_wm_median": 1000.0242919921875,
  "summary_wm_n": 451293.0,
  "summary_wm_p05": 898.428173828125,
  "summary_wm_p95": 1102.845849609375,
  "summary_wm_stdv": 62.499778747558594,
  "tpm_overlap_csf": 0.22438806295394897,
  "tpm_overlap_gm": 0.5006648302078247,
  "tpm_overlap_wm": 0.5446485280990601,
  "wm2max": 0.6485400937567534
}