{
  "aor": 0.009432403846153846,
  "aqi": 0.009286146538461538,
  "bids_meta": {
    "BodyPartExamined": "HEAD",
    "CogAtlasID": "http://www.cognitiveatlas.org/term/id/trm_550b53d7dd674",
    "ConversionSoftware": "dcm2niix",
    "ConversionSoftwareVersion": "v1.0.20170411 GCC4.4.7",
    "EchoTime": 0.027,
    "EffectiveEchoSpacing": 0.000590001,
    "FlipAngle": 90,
    "ImageType": [
      "ORIGINAL",
      "PRIMARY",
      "M",
      "ND",
      "NORM",
      "MOSAIC"
    ],
    "Instructions": "In this next scan you'll be prompted to move your hands, feet, or tongue. You'll only move one of these at once. Instructions are presented on the screen. Let?s review them now. [Read on-screen instructions to participant.] Do you have any questions?",
    "MagneticFieldStrength": 3,
    "Manufacturer": "Siemens",
    "ManufacturersModelName": "TrioTim",
    "PhaseEncodingDirection": "j-",
    "ProcedureStepDescription": "head_Dosenbach_MSC",
    "ProtocolName": "Motor_104Frames_36Slices_TR2.2",
    "RepetitionTime": 2.2,
    "ScanningSequence": "EP",
    "SequenceName": "_epfid2d1_64",
    "SequenceVariant": "SK",
    "SeriesDescription": "Motor_104Frames_36Slices_TR2.2",
    "SliceTiming": [
      1.105,
      0,
      1.1675,
      0.0625,
      1.2275,
      0.1225,
      1.29,
      0.185,
      1.35,
      0.245,
      1.4125,
      0.3075,
      1.4725,
      0.37,
      1.535,
      0.43,
      1.595,
      0.4925,
      1.6575,
      0.5525,
      1.7175,
      0.615,
      1.78,
      0.675,
      1.84,
      0.7375,
      1.9025,
      0.7975,
      1.965,
      0.86,
      2.025,
      0.92,
      2.0875,
      0.9825,
      2.1475,
      1.0425
    ],
    "SoftwareVersion": "syngo MR B17",
    "TaskName": "motor",
    "modality": "bold",
    "run_id": "01",
    "session_id": "func07",
    "subject_id": "MSC10",
    "task_id": "motor"
  },
  "dummy_trs": 0,
  "dvars_nstd": 21.33040740184466,
  "dvars_std": 1.2233819189320385,
  "dvars_vstd": 1.0310876684466024,
  "efc": 0.41659814273499457,
  "fber": 33560.3125,
  "fd_mean": 0.21374373073910374,
  "fd_num": 47,
  "fd_perc": 45.19230769230769,
  "fwhm_avg": 2.4347512131342013,
  "fwhm_x": 2.22605,
  "fwhm_y": 2.7955,
  "fwhm_z": 2.2827036394026043,
  "gcor": 0.0253314,
  "gsr_x": -0.013352906331419945,
  "gsr_y": 0.01731250435113907,
  "provenance": {
    "md5sum": "d5aa1fd1f6e47ed44b421017410c55e2",
    "settings": {
      "fd_thres": 0.2,
      "hmc_fsl": false
    },
    "software": "mriqc",
    "version": "0.9.6"
  },
  "size_t": 104,
  "size_x": 64,
  "size_y": 64,
  "size_z": 36,
  "snr": 4.80076203326458,
  "spacing_tr": 2.200000047683716,
  "spacing_x": 4.0,
  "spacing_y": 4.0,
  "spacing_z": 4.000002384185791,
  "summary_bg_k": 47.01957696174613,
  "summary_bg_mad": 2.337949752807617,
  "summary_bg_mean": 15.440747261047363,
  "summary_bg_median": 3.663461685180664,
  "summary_bg_n": 95740.0,
  "summary_bg_p05": 1.653846263885498,
  "summary_bg_p95": 79.23125457763675,
  "summary_bg_stdv": 38.3839225769043,
  "summary_fg_k": 3.8890939005920684,
  "summary_fg_mad": 101.21611022949219,
  "summary_fg_mean": 685.7472534179688,
  "summary_fg_median": 700.6346435546875,
  "summary_fg_n": 22357.0,
  "summary_fg_p05": 416.14232177734374,
  "summary_fg_p95": 877.3654174804688,
  "summary_fg_stdv": 145.93911743164062,
  "tsnr": 55.28395080566406
}