{
  "aor": 0.003161057692307692,
  "aqi": 0.006116785288461538,
  "bids_meta": {
    "BodyPartExamined": "HEAD",
    "CogAtlasID": "http://www.cognitiveatlas.org/term/id/trm_550b53d7dd674",
    "ConversionSoftware": "dcm2niix",
    "ConversionSoftwareVersion": "v1.0.20170411 GCC4.4.7",
    "EchoTime": 0.027,
    "EffectiveEchoSpacing": 0.000590001,
    "FlipAngle": 90,
    "ImageType": [
      "ORIGINAL",
      "PRIMARY",
      "M",
      "ND",
      "NORM",
      "MOSAIC"
    ],
    "Instructions": "In this next scan you'll be prompted to move your hands, feet, or tongue. You'll only move one of these at once. Instructions are presented on the screen. Let?s review them now. [Read on-screen instructions to participant.] Do you have any questions?",
    "MagneticFieldStrength": 3,
    "Manufacturer": "Siemens",
    "ManufacturersModelName": "TrioTim",
    "PhaseEncodingDirection": "j-",
    "ProcedureStepDescription": "head_Dosenbach_MSC",
    "ProtocolName": "Motor_104Frames_36Slices_TR2.2",
    "RepetitionTime": 2.2,
    "ScanningSequence": "EP",
    "SequenceName": "_epfid2d1_64",
    "SequenceVariant": "SK",
    "SeriesDescription": "Motor_104Frames_36Slices_TR2.2",
    "SliceTiming": [
      1.105,
      0,
      1.1675,
      0.0625,
      1.2275,
      0.1225,
      1.29,
      0.185,
      1.35,
      0.245,
      1.4125,
      0.3075,
      1.4725,
      0.37,
      1.535,
      0.43,
      1.595,
      0.4925,
      1.6575,
      0.5525,
      1.7175,
      0.615,
      1.78,
      0.675,
      1.84,
      0.7375,
      1.9025,
      0.7975,
      1.965,
      0.86,
      2.025,
      0.92,
      2.0875,
      0.9825,
      2.1475,
      1.0425
    ],
    "SoftwareVersion": "syngo MR B17",
    "TaskName": "motor",
    "modality": "bold",
    "run_id": "02",
    "session_id": "func08",
    "subject_id": "MSC01",
    "task_id": "motor"
  },
  "dummy_trs": 0,
  "dvars_nstd": 19.96509901990291,
  "dvars_std": 1.211708967961165,
  "dvars_vstd": 0.9762733745631071,
  "efc": 0.4133956922578471,
  "fber": 26216.55078125,
  "fd_mean": 0.1801388561729753,
  "fd_num": 34,
  "fd_perc": 32.69230769230769,
  "fwhm_avg": 2.3607235583896116,
  "fwhm_x": 2.097255,
  "fwhm_y": 2.719425,
  "fwhm_z": 2.2654906751688344,
  "gcor": 0.0246404,
  "gsr_x": -0.008118612691760063,
  "gsr_y": 0.013731623068451881,
  "provenance": {
    "md5sum": "0c5e6767824bb2a7f14ad6261643b374",
    "settings": {
      "fd_thres": 0.2,
      "hmc_fsl": false
    },
    "software": "mriqc",
    "version": "0.9.6"
  },
  "size_t": 104,
  "size_x": 64,
  "size_y": 64,
  "size_z": 36,
  "snr": 4.969633253709814,
  "spacing_tr": 2.200000047683716,
  "spacing_x": 4.0,
  "spacing_y": 4.0,
  "spacing_z": 3.9999988079071045,
  "summary_bg_k": 38.057709254173105,
  "summary_bg_mad": 2.9081814289093018,
  "summary_bg_mean": 16.6821346282959,
  "summary_bg_median": 3.990384817123413,
  "summary_bg_n": 97619.0,
  "summary_bg_p05": 1.567307710647583,
  "summary_bg_p95": 77.46154022216797,
  "summary_bg_stdv": 36.96763229370117,
  "summary_fg_k": 4.220475253783851,
  "summary_fg_mad": 89.89705657958984,
  "summary_fg_mean": 653.2781982421875,
  "summary_fg_median": 669.4423217773438,
  "summary_fg_n": 21353.0,
  "summary_fg_p05": 386.0750183105469,
  "summary_fg_p95": 822.2211914062495,
  "summary_fg_stdv": 134.70343017578125,
  "tsnr": 74.86568450927734
}