{
  "aor": 0.003107019230769231,
  "aqi": 0.00439835951923077,
  "bids_meta": {
    "BodyPartExamined": "HEAD",
    "CogAtlasID": "http://www.cognitiveatlas.org/term/id/trm_550b53d7dd674",
    "ConversionSoftware": "dcm2niix",
    "ConversionSoftwareVersion": "v1.0.20170411 GCC4.4.7",
    "EchoTime": 0.027,
    "EffectiveEchoSpacing": 0.000590001,
    "FlipAngle": 90,
    "ImageType": [
      "ORIGINAL",
      "PRIMARY",
      "M",
      "ND",
      "NORM",
      "MOSAIC"
    ],
    "Instructions": "In this next scan you'll be prompted to move your hands, feet, or tongue. You'll only move one of these at once. Instructions are presented on the screen. Let?s review them now. [Read on-screen instructions to participant.] Do you have any questions?",
    "MagneticFieldStrength": 3,
    "Manufacturer": "Siemens",
    "ManufacturersModelName": "TrioTim",
    "PhaseEncodingDirection": "j-",
    "ProcedureStepDescription": "head_Dosenbach_MSC",
    "ProtocolName": "Motor_104Frames_36Slices_TR2.2",
    "RepetitionTime": 2.2,
    "ScanningSequence": "EP",
    "SequenceName": "_epfid2d1_64",
    "SequenceVariant": "SK",
    "SeriesDescription": "Motor_104Frames_36Slices_TR2.2",
    "SliceTiming": [
      1.105,
      0,
      1.1675,
      0.0625,
      1.2275,
      0.1225,
      1.29,
      0.185,
      1.35,
      0.245,
      1.4125,
      0.3075,
      1.4725,
      0.37,
      1.535,
      0.43,
      1.595,
      0.4925,
      1.6575,
      0.5525,
      1.7175,
      0.615,
      1.78,
      0.675,
      1.84,
      0.7375,
      1.9025,
      0.7975,
      1.965,
      0.86,
      2.025,
      0.92,
      2.0875,
      0.9825,
      2.1475,
      1.0425
    ],
    "SoftwareVersion": "syngo MR B17",
    "TaskName": "motor",
    "modality": "bold",
    "run_id": "01",
    "session_id": "func06",
    "subject_id": "MSC04",
    "task_id": "motor"
  },
  "dummy_trs": 0,
  "dvars_nstd": 17.41198003582524,
  "dvars_std": 1.2009177499029131,
  "dvars_vstd": 0.9899343867961165,
  "efc": 0.3565730706862637,
  "fber": 54705.9296875,
  "fd_mean": 0.13444398517223968,
  "fd_num": 14,
  "fd_perc": 13.461538461538462,
  "fwhm_avg": 2.535102594451816,
  "fwhm_x": 2.314075,
  "fwhm_y": 2.914275,
  "fwhm_z": 2.3769577833554485,
  "gcor": 0.032771,
  "gsr_x": -0.012969846837222576,
  "gsr_y": 0.015689238905906677,
  "provenance": {
    "md5sum": "2be18a71b07397bf61cba68b0edf5f7f",
    "settings": {
      "fd_thres": 0.2,
      "hmc_fsl": false
    },
    "software": "mriqc",
    "version": "0.9.6"
  },
  "size_t": 104,
  "size_x": 64,
  "size_y": 64,
  "size_z": 36,
  "snr": 4.720768709962876,
  "spacing_tr": 2.200000047683716,
  "spacing_x": 4.0,
  "spacing_y": 4.0,
  "spacing_z": 3.999999523162842,
  "summary_bg_k": 91.94154831910033,
  "summary_bg_mad": 1.810485601425171,
  "summary_bg_mean": 10.72867202758789,
  "summary_bg_median": 3.17307710647583,
  "summary_bg_n": 102780.0,
  "summary_bg_p05": 1.528846263885498,
  "summary_bg_p95": 42.19279098510731,
  "summary_bg_stdv": 30.65439796447754,
  "summary_fg_k": 3.5894339309593333,
  "summary_fg_mad": 107.5313720703125,
  "summary_fg_mean": 742.0828247070312,
  "summary_fg_median": 771.923095703125,
  "summary_fg_n": 17645.0,
  "summary_fg_p05": 396.56156616210944,
  "summary_fg_p95": 938.9423217773438,
  "summary_fg_stdv": 163.5117645263672,
  "tsnr": 81.38490295410156
}