{
  "aor": 0.004814853300733495,
  "aqi": 0.010669554621026894,
  "bids_meta": {
    "BodyPartExamined": "HEAD",
    "CogAtlasID": "http://www.cognitiveatlas.org/term/id/trm_4c8a834779883",
    "ConversionSoftware": "dcm2niix",
    "ConversionSoftwareVersion": "v1.0.20170411 GCC4.4.7",
    "EchoTime": 0.027,
    "EffectiveEchoSpacing": 0.000590001,
    "FlipAngle": 90,
    "ImageType": [
      "ORIGINAL",
      "PRIMARY",
      "M",
      "ND",
      "NORM",
      "MOSAIC"
    ],
    "Instructions": "During this first scan, a plus sign will be presented on the screen.  All you need to do is simply relax and look at the plus sign. Please keep your eyes open the entire time, and be as still as possible. It's extremely important that you stay awake for the entire duration of this scan. This scan will last ~30 minutes.",
    "MagneticFieldStrength": 3,
    "Manufacturer": "Siemens",
    "ManufacturersModelName": "TrioTim",
    "PhaseEncodingDirection": "j-",
    "ProcedureStepDescription": "head_Dosenbach_MSC",
    "ProtocolName": "RSFC_818Frames_36Slices_TR2.2",
    "RepetitionTime": 2.2,
    "ScanningSequence": "EP",
    "SequenceName": "_epfid2d1_64",
    "SequenceVariant": "SK",
    "SeriesDescription": "RSFC_818Frames_36Slices_TR2.2",
    "SliceTiming": [
      1.105,
      0,
      1.165,
      0.06,
      1.2275,
      0.1225,
      1.2875,
      0.185,
      1.35,
      0.245,
      1.41,
      0.3075,
      1.4725,
      0.3675,
      1.5325,
      0.43,
      1.595,
      0.49,
      1.655,
      0.5525,
      1.7175,
      0.6125,
      1.78,
      0.675,
      1.84,
      0.735,
      1.9025,
      0.7975,
      1.9625,
      0.8575,
      2.025,
      0.92,
      2.085,
      0.9825,
      2.1475,
      1.0425
    ],
    "SoftwareVersion": "syngo MR B17",
    "TaskName": "rest",
    "modality": "bold",
    "session_id": "func02",
    "subject_id": "MSC04",
    "task_id": "rest"
  },
  "dummy_trs": 0,
  "dvars_nstd": 21.745902146793146,
  "dvars_std": 1.2946641609547136,
  "dvars_vstd": 0.9812438420440643,
  "efc": 0.36883492966953446,
  "fber": 51917.49609375,
  "fd_mean": 0.13857019710949006,
  "fd_num": 158,
  "fd_perc": 19.315403422982886,
  "fwhm_avg": 2.558471713911,
  "fwhm_x": 2.34293,
  "fwhm_y": 2.9546,
  "fwhm_z": 2.377885141732999,
  "gcor": 0.0308686,
  "gsr_x": -0.01695294864475727,
  "gsr_y": 0.011759927496314049,
  "provenance": {
    "md5sum": "b4e8e9b51e39da2f0f452e201e1c4374",
    "settings": {
      "fd_thres": 0.2,
      "hmc_fsl": false
    },
    "software": "mriqc",
    "version": "0.9.6"
  },
  "size_t": 818,
  "size_x": 64,
  "size_y": 64,
  "size_z": 36,
  "snr": 4.716134619736895,
  "spacing_tr": 2.200000047683716,
  "spacing_x": 4.0,
  "spacing_y": 4.0,
  "spacing_z": 3.999999761581421,
  "summary_bg_k": 65.99735671149061,
  "summary_bg_mad": 2.2655904293060303,
  "summary_bg_mean": 13.379965782165527,
  "summary_bg_median": 3.3227386474609375,
  "summary_bg_n": 101402.0,
  "summary_bg_p05": 1.325183391571045,
  "summary_bg_p95": 55.0889392852783,
  "summary_bg_stdv": 38.7818489074707,
  "summary_fg_k": 3.6165744086897815,
  "summary_fg_mad": 109.19513702392578,
  "summary_fg_mean": 757.4912109375,
  "summary_fg_median": 788.1882934570312,
  "summary_fg_n": 18274.0,
  "summary_fg_p05": 403.08040161132817,
  "summary_fg_p95": 954.454000854492,
  "summary_fg_stdv": 167.121337890625,
  "tsnr": 55.26715850830078
}