{
  "aor": 0.00558625,
  "aqi": 0.012033227980769232,
  "bids_meta": {
    "BodyPartExamined": "HEAD",
    "CogAtlasID": "http://www.cognitiveatlas.org/term/id/trm_550b53d7dd674",
    "ConversionSoftware": "dcm2niix",
    "ConversionSoftwareVersion": "v1.0.20170411 GCC4.4.7",
    "EchoTime": 0.027,
    "EffectiveEchoSpacing": 0.000590001,
    "FlipAngle": 90,
    "ImageType": [
      "ORIGINAL",
      "PRIMARY",
      "M",
      "ND",
      "NORM",
      "MOSAIC"
    ],
    "Instructions": "In this next scan you'll be prompted to move your hands, feet, or tongue. You'll only move one of these at once. Instructions are presented on the screen. Let?s review them now. [Read on-screen instructions to participant.] Do you have any questions?",
    "MagneticFieldStrength": 3,
    "Manufacturer": "Siemens",
    "ManufacturersModelName": "TrioTim",
    "PhaseEncodingDirection": "j-",
    "ProcedureStepDescription": "head_Dosenbach_MSC",
    "ProtocolName": "Motor_104Frames_36Slices_TR2.2",
    "RepetitionTime": 2.2,
    "ScanningSequence": "EP",
    "SequenceName": "_epfid2d1_64",
    "SequenceVariant": "SK",
    "SeriesDescription": "Motor_104Frames_36Slices_TR2.2",
    "SliceTiming": [
      1.105,
      0,
      1.1675,
      0.0625,
      1.2275,
      0.1225,
      1.29,
      0.185,
      1.35,
      0.245,
      1.4125,
      0.3075,
      1.4725,
      0.37,
      1.535,
      0.43,
      1.595,
      0.4925,
      1.6575,
      0.5525,
      1.7175,
      0.615,
      1.78,
      0.675,
      1.84,
      0.7375,
      1.9025,
      0.7975,
      1.965,
      0.86,
      2.025,
      0.92,
      2.0875,
      0.9825,
      2.1475,
      1.0425
    ],
    "SoftwareVersion": "syngo MR B17",
    "TaskName": "motor",
    "modality": "bold",
    "run_id": "01",
    "session_id": "func07",
    "subject_id": "MSC08",
    "task_id": "motor"
  },
  "dummy_trs": 0,
  "dvars_nstd": 23.31546724223301,
  "dvars_std": 1.2509827996116505,
  "dvars_vstd": 0.963539897669903,
  "efc": 0.38876355563410225,
  "fber": 36924.515625,
  "fd_mean": 0.259952659376137,
  "fd_num": 67,
  "fd_perc": 64.42307692307692,
  "fwhm_avg": 2.501473050678672,
  "fwhm_x": 2.33764,
  "fwhm_y": 2.7957,
  "fwhm_z": 2.3710791520360166,
  "gcor": 0.0156869,
  "gsr_x": -0.015062014572322369,
  "gsr_y": 0.011200517416000366,
  "provenance": {
    "md5sum": "8ad1b69d77caa0ce7cd1a57b2a358d86",
    "settings": {
      "fd_thres": 0.2,
      "hmc_fsl": false
    },
    "software": "mriqc",
    "version": "0.9.6"
  },
  "size_t": 104,
  "size_x": 64,
  "size_y": 64,
  "size_z": 36,
  "snr": 5.059951113328934,
  "spacing_tr": 2.200000047683716,
  "spacing_x": 4.0,
  "spacing_y": 4.0,
  "spacing_z": 4.000001430511475,
  "summary_bg_k": 65.77127177700227,
  "summary_bg_mad": 2.337949752807617,
  "summary_bg_mean": 12.065123558044434,
  "summary_bg_median": 2.836538553237915,
  "summary_bg_n": 99943.0,
  "summary_bg_p05": 0.8461538553237915,
  "summary_bg_p95": 59.79808044433594,
  "summary_bg_stdv": 29.508773803710938,
  "summary_fg_k": 4.790804565909548,
  "summary_fg_mad": 69.55399322509766,
  "summary_fg_mean": 544.8839111328125,
  "summary_fg_median": 562.6057739257812,
  "summary_fg_n": 19395.0,
  "summary_fg_p05": 320.8817535400391,
  "summary_fg_p95": 677.068292236328,
  "summary_fg_stdv": 111.18511962890625,
  "tsnr": 53.82769012451172
}