{
  "bids_meta": {
    "BodyPartExamined": "HEAD",
    "ConversionSoftware": "dcm2niix",
    "ConversionSoftwareVersion": "v1.0.20170411 GCC4.4.7",
    "EchoTime": 0.479,
    "FlipAngle": 120,
    "ImageType": [
      "ORIGINAL",
      "PRIMARY",
      "M",
      "ND",
      "NORM"
    ],
    "MagneticFieldStrength": 3,
    "Manufacturer": "Siemens",
    "ManufacturersModelName": "TrioTim",
    "PhaseEncodingDirection": "i-",
    "ProcedureStepDescription": "head_Dosenbach_MSC",
    "ProtocolName": "T2_.8x.8x.8_224Slices",
    "RepetitionTime": 3.2,
    "ScanningSequence": "SE",
    "SequenceName": "_spc3d1_282ns",
    "SequenceVariant": "SK_SP",
    "SeriesDescription": "T2_.8x.8x.8_224Slices",
    "modality": "T2w",
    "run_id": "02",
    "session_id": "struct01",
    "subject_id": "MSC05"
  },
  "cjv": 0.4727799853269965,
  "cnr": 2.522639828234835,
  "efc": 0.6220544537924726,
  "fber": 743.2618408203125,
  "fwhm_avg": 2.3597944325753004,
  "fwhm_x": 2.18351441967712,
  "fwhm_y": 2.6178684878048784,
  "fwhm_z": 2.2780003902439026,
  "icvs_csf": 0.3815193946478401,
  "icvs_gm": 0.08645438407092501,
  "icvs_wm": 0.5320262212812349,
  "inu_med": 1.1737979650497437,
  "inu_range": 0.46736144423484816,
  "provenance": {
    "md5sum": "022ae01541f9eda0292b410fb46845fa",
    "settings": {
      "testing": false
    },
    "software": "mriqc",
    "version": "0.9.6",
    "warnings": {
      "large_rot_frame": true,
      "small_air_mask": false
    }
  },
  "qi_1": 0.0004541472762768346,
  "qi_2": 0.0014547278677624063,
  "rpve_csf": 9.308437589400398,
  "rpve_gm": 46.1764896914205,
  "rpve_wm": 7.365322044161126,
  "size_x": 224,
  "size_y": 256,
  "size_z": 256,
  "snr_csf": 8.080245673487864,
  "snr_gm": 3.736286519850722,
  "snr_total": 6.123609221657429,
  "snr_wm": 6.554295471633704,
  "snrd_csf": 31.296608764309624,
  "snrd_gm": 61.50825631196271,
  "snrd_total": 37.35148042331158,
  "snrd_wm": 19.24957619366239,
  "spacing_x": 0.7999992966651917,
  "spacing_y": 0.80078125,
  "spacing_z": 0.80078125,
  "summary_bg_k": 53.34615504572556,
  "summary_bg_mad": 34.03273391723633,
  "summary_bg_mean": 41.94287872314453,
  "summary_bg_median": 27.540393829345703,
  "summary_bg_n": 3859773.0,
  "summary_bg_p05": 0.0,
  "summary_bg_p95": 129.59247131347655,
  "summary_bg_stdv": 51.88774108886719,
  "summary_csf_k": 0.48122968302787683,
  "summary_csf_mad": 190.947021484375,
  "summary_csf_mean": 1629.247314453125,
  "summary_csf_median": 1625.7823486328125,
  "summary_csf_n": 114388.0,
  "summary_csf_p05": 1305.1480407714844,
  "summary_csf_p95": 1964.2286376953125,
  "summary_csf_stdv": 201.2036895751953,
  "summary_gm_k": 0.35309700404614475,
  "summary_gm_mad": 889.8751831054688,
  "summary_gm_mean": 3102.8408203125,
  "summary_gm_median": 3195.20361328125,
  "summary_gm_n": 22107.0,
  "summary_gm_p05": 1514.0804077148437,
  "summary_gm_p95": 4230.4708984375,
  "summary_gm_stdv": 855.1622924804688,
  "summary_wm_k": 0.18964393292980564,
  "summary_wm_mad": 147.98806762695312,
  "summary_wm_mean": 996.801025390625,
  "summary_wm_median": 999.9684448242188,
  "summary_wm_n": 481220.0,
  "summary_wm_p05": 740.1472442626954,
  "summary_wm_p95": 1242.9552856445312,
  "summary_wm_stdv": 152.5667266845703,
  "tpm_overlap_csf": 0.11913907527923584,
  "tpm_overlap_gm": 0.08525692671537399,
  "tpm_overlap_wm": 0.48057082295417786,
  "wm2max": 0.2569830063196362
}