{
  "aor": 0.008056882640586797,
  "aqi": 0.006827197420537897,
  "bids_meta": {
    "BodyPartExamined": "HEAD",
    "CogAtlasID": "http://www.cognitiveatlas.org/term/id/trm_4c8a834779883",
    "ConversionSoftware": "dcm2niix",
    "ConversionSoftwareVersion": "v1.0.20170411 GCC4.4.7",
    "EchoTime": 0.027,
    "EffectiveEchoSpacing": 0.000590001,
    "FlipAngle": 90,
    "ImageType": [
      "ORIGINAL",
      "PRIMARY",
      "M",
      "ND",
      "NORM",
      "MOSAIC"
    ],
    "Instructions": "During this first scan, a plus sign will be presented on the screen.  All you need to do is simply relax and look at the plus sign. Please keep your eyes open the entire time, and be as still as possible. It's extremely important that you stay awake for the entire duration of this scan. This scan will last ~30 minutes.",
    "MagneticFieldStrength": 3,
    "Manufacturer": "Siemens",
    "ManufacturersModelName": "TrioTim",
    "PhaseEncodingDirection": "j-",
    "ProcedureStepDescription": "head_Dosenbach_MSC",
    "ProtocolName": "RSFC_818Frames_36Slices_TR2.2",
    "RepetitionTime": 2.2,
    "ScanningSequence": "EP",
    "SequenceName": "_epfid2d1_64",
    "SequenceVariant": "SK",
    "SeriesDescription": "RSFC_818Frames_36Slices_TR2.2",
    "SliceTiming": [
      1.105,
      0,
      1.165,
      0.06,
      1.2275,
      0.1225,
      1.2875,
      0.185,
      1.35,
      0.245,
      1.41,
      0.3075,
      1.4725,
      0.3675,
      1.5325,
      0.43,
      1.595,
      0.49,
      1.655,
      0.5525,
      1.7175,
      0.6125,
      1.78,
      0.675,
      1.84,
      0.735,
      1.9025,
      0.7975,
      1.9625,
      0.8575,
      2.025,
      0.92,
      2.085,
      0.9825,
      2.1475,
      1.0425
    ],
    "SoftwareVersion": "syngo MR B17",
    "TaskName": "rest",
    "modality": "bold",
    "session_id": "func07",
    "subject_id": "MSC03",
    "task_id": "rest"
  },
  "dummy_trs": 0,
  "dvars_nstd": 18.08446582876379,
  "dvars_std": 1.2509304240881285,
  "dvars_vstd": 1.0914986626805385,
  "efc": 0.3691957909799108,
  "fber": 43864.84765625,
  "fd_mean": 0.2830729808343214,
  "fd_num": 585,
  "fd_perc": 71.5158924205379,
  "fwhm_avg": 2.5603410668105084,
  "fwhm_x": 2.33639,
  "fwhm_y": 2.994375,
  "fwhm_z": 2.350258200431526,
  "gcor": 0.0246654,
  "gsr_x": -0.016273967921733856,
  "gsr_y": 0.013939360156655312,
  "provenance": {
    "md5sum": "19f6f977208e76f9c68eab271ac60aff",
    "settings": {
      "fd_thres": 0.2,
      "hmc_fsl": false
    },
    "software": "mriqc",
    "version": "0.9.6"
  },
  "size_t": 818,
  "size_x": 64,
  "size_y": 64,
  "size_z": 36,
  "snr": 4.776420937136298,
  "spacing_tr": 2.200000047683716,
  "spacing_x": 4.0,
  "spacing_y": 4.0,
  "spacing_z": 3.9999988079071045,
  "summary_bg_k": 46.541304108424484,
  "summary_bg_mad": 2.071655750274658,
  "summary_bg_mean": 10.804800033569336,
  "summary_bg_median": 2.6845967769622803,
  "summary_bg_n": 102368.0,
  "summary_bg_p05": 0.9070904850959778,
  "summary_bg_p95": 51.71919498443602,
  "summary_bg_stdv": 25.952472686767578,
  "summary_fg_k": 3.7258670696255924,
  "summary_fg_mad": 79.82130432128906,
  "summary_fg_mean": 562.194580078125,
  "summary_fg_median": 581.3765869140625,
  "summary_fg_n": 17620.0,
  "summary_fg_p05": 316.9335830688477,
  "summary_fg_p95": 711.9694854736329,
  "summary_fg_stdv": 121.71458435058594,
  "tsnr": 61.824806213378906
}