{
  "aor": 0.0013592053789731053,
  "aqi": 0.007676214498777506,
  "bids_meta": {
    "BodyPartExamined": "HEAD",
    "CogAtlasID": "http://www.cognitiveatlas.org/term/id/trm_4c8a834779883",
    "ConversionSoftware": "dcm2niix",
    "ConversionSoftwareVersion": "v1.0.20170411 GCC4.4.7",
    "EchoTime": 0.027,
    "EffectiveEchoSpacing": 0.000590001,
    "FlipAngle": 90,
    "ImageType": [
      "ORIGINAL",
      "PRIMARY",
      "M",
      "ND",
      "NORM",
      "MOSAIC"
    ],
    "Instructions": "During this first scan, a plus sign will be presented on the screen.  All you need to do is simply relax and look at the plus sign. Please keep your eyes open the entire time, and be as still as possible. It's extremely important that you stay awake for the entire duration of this scan. This scan will last ~30 minutes.",
    "MagneticFieldStrength": 3,
    "Manufacturer": "Siemens",
    "ManufacturersModelName": "TrioTim",
    "PhaseEncodingDirection": "j-",
    "ProcedureStepDescription": "head_Dosenbach_MSC",
    "ProtocolName": "RSFC_818Frames_36Slices_TR2.2",
    "RepetitionTime": 2.2,
    "ScanningSequence": "EP",
    "SequenceName": "_epfid2d1_64",
    "SequenceVariant": "SK",
    "SeriesDescription": "RSFC_818Frames_36Slices_TR2.2",
    "SliceTiming": [
      1.105,
      0,
      1.165,
      0.06,
      1.2275,
      0.1225,
      1.2875,
      0.185,
      1.35,
      0.245,
      1.41,
      0.3075,
      1.4725,
      0.3675,
      1.5325,
      0.43,
      1.595,
      0.49,
      1.655,
      0.5525,
      1.7175,
      0.6125,
      1.78,
      0.675,
      1.84,
      0.735,
      1.9025,
      0.7975,
      1.9625,
      0.8575,
      2.025,
      0.92,
      2.085,
      0.9825,
      2.1475,
      1.0425
    ],
    "SoftwareVersion": "syngo MR B17",
    "TaskName": "rest",
    "modality": "bold",
    "session_id": "func04",
    "subject_id": "MSC04",
    "task_id": "rest"
  },
  "dummy_trs": 0,
  "dvars_nstd": 21.37942190193392,
  "dvars_std": 1.2535205342105258,
  "dvars_vstd": 0.9404970643451651,
  "efc": 0.3677202662096295,
  "fber": 53434.2578125,
  "fd_mean": 0.17749651465712007,
  "fd_num": 330,
  "fd_perc": 40.34229828850856,
  "fwhm_avg": 2.5568954872807215,
  "fwhm_x": 2.352415,
  "fwhm_y": 2.9173501738876206,
  "fwhm_z": 2.4009212879545445,
  "gcor": 0.0537866,
  "gsr_x": -0.01660251058638096,
  "gsr_y": 0.013480991125106812,
  "provenance": {
    "md5sum": "6598dfa2baccdb086de95153064506ce",
    "settings": {
      "fd_thres": 0.2,
      "hmc_fsl": false
    },
    "software": "mriqc",
    "version": "0.9.6"
  },
  "size_t": 818,
  "size_x": 64,
  "size_y": 64,
  "size_z": 36,
  "snr": 4.696027950018949,
  "spacing_tr": 2.200000047683716,
  "spacing_x": 4.0,
  "spacing_y": 3.999999761581421,
  "spacing_z": 3.999997854232788,
  "summary_bg_k": 71.91786860152203,
  "summary_bg_mad": 2.282808780670166,
  "summary_bg_mean": 13.390053749084473,
  "summary_bg_median": 3.322127342224121,
  "summary_bg_n": 101522.0,
  "summary_bg_p05": 1.3044010400772095,
  "summary_bg_p95": 53.604831314086894,
  "summary_bg_stdv": 39.59891891479492,
  "summary_fg_k": 3.4684341901330376,
  "summary_fg_mad": 111.29669952392578,
  "summary_fg_mean": 764.14013671875,
  "summary_fg_median": 796.7335205078125,
  "summary_fg_n": 18447.0,
  "summary_fg_p05": 399.2269256591797,
  "summary_fg_p95": 963.3602111816406,
  "summary_fg_stdv": 169.65655517578125,
  "tsnr": 60.72228240966797
}