{
  "aor": 0.0018711369193154036,
  "aqi": 0.009185966564792175,
  "bids_meta": {
    "BodyPartExamined": "HEAD",
    "CogAtlasID": "http://www.cognitiveatlas.org/term/id/trm_4c8a834779883",
    "ConversionSoftware": "dcm2niix",
    "ConversionSoftwareVersion": "v1.0.20170411 GCC4.4.7",
    "EchoTime": 0.027,
    "EffectiveEchoSpacing": 0.000590001,
    "FlipAngle": 90,
    "ImageType": [
      "ORIGINAL",
      "PRIMARY",
      "M",
      "ND",
      "NORM",
      "MOSAIC"
    ],
    "Instructions": "During this first scan, a plus sign will be presented on the screen.  All you need to do is simply relax and look at the plus sign. Please keep your eyes open the entire time, and be as still as possible. It's extremely important that you stay awake for the entire duration of this scan. This scan will last ~30 minutes.",
    "MagneticFieldStrength": 3,
    "Manufacturer": "Siemens",
    "ManufacturersModelName": "TrioTim",
    "PhaseEncodingDirection": "j-",
    "ProcedureStepDescription": "head_Dosenbach_MSC",
    "ProtocolName": "RSFC_818Frames_36Slices_TR2.2",
    "RepetitionTime": 2.2,
    "ScanningSequence": "EP",
    "SequenceName": "_epfid2d1_64",
    "SequenceVariant": "SK",
    "SeriesDescription": "RSFC_818Frames_36Slices_TR2.2",
    "SliceTiming": [
      1.105,
      0,
      1.165,
      0.06,
      1.2275,
      0.1225,
      1.2875,
      0.185,
      1.35,
      0.245,
      1.41,
      0.3075,
      1.4725,
      0.3675,
      1.5325,
      0.43,
      1.595,
      0.49,
      1.655,
      0.5525,
      1.7175,
      0.6125,
      1.78,
      0.675,
      1.84,
      0.735,
      1.9025,
      0.7975,
      1.9625,
      0.8575,
      2.025,
      0.92,
      2.085,
      0.9825,
      2.1475,
      1.0425
    ],
    "SoftwareVersion": "syngo MR B17",
    "TaskName": "rest",
    "modality": "bold",
    "session_id": "func05",
    "subject_id": "MSC01",
    "task_id": "rest"
  },
  "dummy_trs": 0,
  "dvars_nstd": 20.67434754481028,
  "dvars_std": 1.1626624316156673,
  "dvars_vstd": 0.9460698868298656,
  "efc": 0.4129126562891687,
  "fber": 24711.5859375,
  "fd_mean": 0.2142524435609695,
  "fd_num": 417,
  "fd_perc": 50.97799511002445,
  "fwhm_avg": 2.374552028529419,
  "fwhm_x": 2.1306625,
  "fwhm_y": 2.71635,
  "fwhm_z": 2.2766435855882574,
  "gcor": 0.0617464,
  "gsr_x": -0.00995146855711937,
  "gsr_y": 0.010024596005678177,
  "provenance": {
    "md5sum": "27b58a3aa39c56844db5fdd999aa5fe3",
    "settings": {
      "fd_thres": 0.2,
      "hmc_fsl": false
    },
    "software": "mriqc",
    "version": "0.9.6"
  },
  "size_t": 818,
  "size_x": 64,
  "size_y": 64,
  "size_z": 36,
  "snr": 4.919827676964058,
  "spacing_tr": 2.200000047683716,
  "spacing_x": 4.0,
  "spacing_y": 4.0,
  "spacing_z": 3.999998092651367,
  "summary_bg_k": 37.8997787668449,
  "summary_bg_mad": 3.0304534435272217,
  "summary_bg_mean": 15.739094734191895,
  "summary_bg_median": 4.1161370277404785,
  "summary_bg_n": 97075.0,
  "summary_bg_p05": 1.6075795888900757,
  "summary_bg_p95": 68.77347717285163,
  "summary_bg_stdv": 34.43416976928711,
  "summary_fg_k": 4.086109410970713,
  "summary_fg_mad": 94.17962646484375,
  "summary_fg_mean": 662.4850463867188,
  "summary_fg_median": 677.9559936523438,
  "summary_fg_n": 21645.0,
  "summary_fg_p05": 388.27140502929683,
  "summary_fg_p95": 836.3525878906249,
  "summary_fg_stdv": 137.79757690429688,
  "tsnr": 55.12250900268555
}