{
  "aor": 0.003949242053789731,
  "aqi": 0.023153680513447437,
  "bids_meta": {
    "BodyPartExamined": "HEAD",
    "CogAtlasID": "http://www.cognitiveatlas.org/term/id/trm_4c8a834779883",
    "ConversionSoftware": "dcm2niix",
    "ConversionSoftwareVersion": "v1.0.20170411 GCC4.4.7",
    "EchoTime": 0.027,
    "EffectiveEchoSpacing": 0.000590001,
    "FlipAngle": 90,
    "ImageType": [
      "ORIGINAL",
      "PRIMARY",
      "M",
      "ND",
      "NORM",
      "MOSAIC"
    ],
    "Instructions": "During this first scan, a plus sign will be presented on the screen.  All you need to do is simply relax and look at the plus sign. Please keep your eyes open the entire time, and be as still as possible. It's extremely important that you stay awake for the entire duration of this scan. This scan will last ~30 minutes.",
    "MagneticFieldStrength": 3,
    "Manufacturer": "Siemens",
    "ManufacturersModelName": "TrioTim",
    "PhaseEncodingDirection": "j-",
    "ProcedureStepDescription": "head_Dosenbach_MSC",
    "ProtocolName": "RSFC_818Frames_36Slices_TR2.2",
    "RepetitionTime": 2.2,
    "ScanningSequence": "EP",
    "SequenceName": "_epfid2d1_64",
    "SequenceVariant": "SK",
    "SeriesDescription": "RSFC_818Frames_36Slices_TR2.2",
    "SliceTiming": [
      1.105,
      0,
      1.165,
      0.06,
      1.2275,
      0.1225,
      1.2875,
      0.185,
      1.35,
      0.245,
      1.41,
      0.3075,
      1.4725,
      0.3675,
      1.5325,
      0.43,
      1.595,
      0.49,
      1.655,
      0.5525,
      1.7175,
      0.6125,
      1.78,
      0.675,
      1.84,
      0.735,
      1.9025,
      0.7975,
      1.9625,
      0.8575,
      2.025,
      0.92,
      2.085,
      0.9825,
      2.1475,
      1.0425
    ],
    "SoftwareVersion": "syngo MR B17",
    "TaskName": "rest",
    "modality": "bold",
    "session_id": "func01",
    "subject_id": "MSC10",
    "task_id": "rest"
  },
  "dummy_trs": 0,
  "dvars_nstd": 22.10363842718486,
  "dvars_std": 1.1720230794736852,
  "dvars_vstd": 0.9404829496695222,
  "efc": 0.4307299631258765,
  "fber": 26561.875,
  "fd_mean": 0.23163915220935555,
  "fd_num": 448,
  "fd_perc": 54.76772616136919,
  "fwhm_avg": 2.5366411585936977,
  "fwhm_x": 2.316260138059863,
  "fwhm_y": 2.951225,
  "fwhm_z": 2.34243833772123,
  "gcor": 0.0188278,
  "gsr_x": -0.017496980726718903,
  "gsr_y": 0.01848289743065834,
  "provenance": {
    "md5sum": "c4be4e4b5eadde15273b60548c6b54a3",
    "settings": {
      "fd_thres": 0.2,
      "hmc_fsl": false
    },
    "software": "mriqc",
    "version": "0.9.6"
  },
  "size_t": 818,
  "size_x": 64,
  "size_y": 64,
  "size_z": 36,
  "snr": 4.5620192086695965,
  "spacing_tr": 2.200000047683716,
  "spacing_x": 3.999999761581421,
  "spacing_y": 4.0,
  "spacing_z": 3.9999985694885254,
  "summary_bg_k": 39.19109849114168,
  "summary_bg_mad": 3.376635789871216,
  "summary_bg_mean": 17.726360321044922,
  "summary_bg_median": 3.9413204193115234,
  "summary_bg_n": 94694.0,
  "summary_bg_p05": 1.0403423309326172,
  "summary_bg_p95": 94.36027526855466,
  "summary_bg_stdv": 43.43138885498047,
  "summary_fg_k": 3.343773787549769,
  "summary_fg_mad": 104.56327819824219,
  "summary_fg_mean": 655.2860107421875,
  "summary_fg_median": 669.3374633789062,
  "summary_fg_n": 23309.0,
  "summary_fg_p05": 370.0660278320313,
  "summary_fg_p95": 848.0980834960938,
  "summary_fg_stdv": 146.71641540527344,
  "tsnr": 33.00262451171875
}