{
  "aor": 0.012183749999999997,
  "aqi": 0.012558112596153847,
  "bids_meta": {
    "BodyPartExamined": "HEAD",
    "CogAtlasID": "http://www.cognitiveatlas.org/term/id/trm_550b53d7dd674",
    "ConversionSoftware": "dcm2niix",
    "ConversionSoftwareVersion": "v1.0.20170411 GCC4.4.7",
    "EchoTime": 0.027,
    "EffectiveEchoSpacing": 0.000590001,
    "FlipAngle": 90,
    "ImageType": [
      "ORIGINAL",
      "PRIMARY",
      "M",
      "ND",
      "NORM",
      "MOSAIC"
    ],
    "Instructions": "In this next scan you'll be prompted to move your hands, feet, or tongue. You'll only move one of these at once. Instructions are presented on the screen. Let?s review them now. [Read on-screen instructions to participant.] Do you have any questions?",
    "MagneticFieldStrength": 3,
    "Manufacturer": "Siemens",
    "ManufacturersModelName": "TrioTim",
    "PhaseEncodingDirection": "j-",
    "ProcedureStepDescription": "head_Dosenbach_MSC",
    "ProtocolName": "Motor_104Frames_36Slices_TR2.2",
    "RepetitionTime": 2.2,
    "ScanningSequence": "EP",
    "SequenceName": "_epfid2d1_64",
    "SequenceVariant": "SK",
    "SeriesDescription": "Motor_104Frames_36Slices_TR2.2",
    "SliceTiming": [
      1.105,
      0,
      1.1675,
      0.0625,
      1.2275,
      0.1225,
      1.29,
      0.185,
      1.35,
      0.245,
      1.4125,
      0.3075,
      1.4725,
      0.37,
      1.535,
      0.43,
      1.595,
      0.4925,
      1.6575,
      0.5525,
      1.7175,
      0.615,
      1.78,
      0.675,
      1.84,
      0.7375,
      1.9025,
      0.7975,
      1.965,
      0.86,
      2.025,
      0.92,
      2.0875,
      0.9825,
      2.1475,
      1.0425
    ],
    "SoftwareVersion": "syngo MR B17",
    "TaskName": "motor",
    "modality": "bold",
    "run_id": "02",
    "session_id": "func07",
    "subject_id": "MSC08",
    "task_id": "motor"
  },
  "dummy_trs": 0,
  "dvars_nstd": 21.629170705145626,
  "dvars_std": 1.3071063309708737,
  "dvars_vstd": 1.0124718665048542,
  "efc": 0.3870557547753656,
  "fber": 41470.51953125,
  "fd_mean": 0.2152172715840686,
  "fd_num": 56,
  "fd_perc": 53.84615384615385,
  "fwhm_avg": 2.4680104597753076,
  "fwhm_x": 2.2958325,
  "fwhm_y": 2.757975,
  "fwhm_z": 2.3502238793259242,
  "gcor": 0.00940064,
  "gsr_x": -0.014891868457198143,
  "gsr_y": 0.011824380606412888,
  "provenance": {
    "md5sum": "224302df0e1f1d6262ac5dbe03298734",
    "settings": {
      "fd_thres": 0.2,
      "hmc_fsl": false
    },
    "software": "mriqc",
    "version": "0.9.6"
  },
  "size_t": 104,
  "size_x": 64,
  "size_y": 64,
  "size_z": 36,
  "snr": 5.212116147608238,
  "spacing_tr": 2.200000047683716,
  "spacing_x": 4.0,
  "spacing_y": 4.0,
  "spacing_z": 4.000001907348633,
  "summary_bg_k": 68.14958805639333,
  "summary_bg_mad": 1.8104852437973022,
  "summary_bg_mean": 11.669769287109375,
  "summary_bg_median": 2.682692289352417,
  "summary_bg_n": 100181.0,
  "summary_bg_p05": 1.1538461446762085,
  "summary_bg_p95": 57.865386962890625,
  "summary_bg_stdv": 28.967947006225586,
  "summary_fg_k": 4.935944507968596,
  "summary_fg_mad": 68.29942321777344,
  "summary_fg_mean": 547.1192016601562,
  "summary_fg_median": 562.375,
  "summary_fg_n": 19285.0,
  "summary_fg_p05": 333.759619140625,
  "summary_fg_p95": 676.4173217773437,
  "summary_fg_stdv": 107.89483642578125,
  "tsnr": 54.496124267578125
}