{
  "aor": 0.0031291931540342295,
  "aqi": 0.01383982349633252,
  "bids_meta": {
    "BodyPartExamined": "HEAD",
    "CogAtlasID": "http://www.cognitiveatlas.org/term/id/trm_4c8a834779883",
    "ConversionSoftware": "dcm2niix",
    "ConversionSoftwareVersion": "v1.0.20170411 GCC4.4.7",
    "EchoTime": 0.027,
    "EffectiveEchoSpacing": 0.000590001,
    "FlipAngle": 90,
    "ImageType": [
      "ORIGINAL",
      "PRIMARY",
      "M",
      "ND",
      "NORM",
      "MOSAIC"
    ],
    "Instructions": "During this first scan, a plus sign will be presented on the screen.  All you need to do is simply relax and look at the plus sign. Please keep your eyes open the entire time, and be as still as possible. It's extremely important that you stay awake for the entire duration of this scan. This scan will last ~30 minutes.",
    "MagneticFieldStrength": 3,
    "Manufacturer": "Siemens",
    "ManufacturersModelName": "TrioTim",
    "PhaseEncodingDirection": "j-",
    "ProcedureStepDescription": "head_Dosenbach_MSC",
    "ProtocolName": "RSFC_818Frames_36Slices_TR2.2",
    "RepetitionTime": 2.2,
    "ScanningSequence": "EP",
    "SequenceName": "_epfid2d1_64",
    "SequenceVariant": "SK",
    "SeriesDescription": "RSFC_818Frames_36Slices_TR2.2",
    "SliceTiming": [
      1.105,
      0,
      1.165,
      0.06,
      1.2275,
      0.1225,
      1.2875,
      0.185,
      1.35,
      0.245,
      1.41,
      0.3075,
      1.4725,
      0.3675,
      1.5325,
      0.43,
      1.595,
      0.49,
      1.655,
      0.5525,
      1.7175,
      0.6125,
      1.78,
      0.675,
      1.84,
      0.735,
      1.9025,
      0.7975,
      1.9625,
      0.8575,
      2.025,
      0.92,
      2.085,
      0.9825,
      2.1475,
      1.0425
    ],
    "SoftwareVersion": "syngo MR B17",
    "TaskName": "rest",
    "modality": "bold",
    "session_id": "func10",
    "subject_id": "MSC07",
    "task_id": "rest"
  },
  "dummy_trs": 0,
  "dvars_nstd": 21.15628003069767,
  "dvars_std": 1.2637590072337834,
  "dvars_vstd": 0.9849097501836,
  "efc": 0.4025277569121264,
  "fber": 30560.115234375,
  "fd_mean": 0.21388127958148492,
  "fd_num": 405,
  "fd_perc": 49.511002444987774,
  "fwhm_avg": 2.476833149710739,
  "fwhm_x": 2.3087675,
  "fwhm_y": 2.811225,
  "fwhm_z": 2.310506949132216,
  "gcor": 0.0311438,
  "gsr_x": -0.02076822519302368,
  "gsr_y": 0.016317522153258324,
  "provenance": {
    "md5sum": "9c1aa299ec030099b63adaa8e6eafffb",
    "settings": {
      "fd_thres": 0.2,
      "hmc_fsl": false
    },
    "software": "mriqc",
    "version": "0.9.6"
  },
  "size_t": 818,
  "size_x": 64,
  "size_y": 64,
  "size_z": 36,
  "snr": 4.978102641239887,
  "spacing_tr": 2.200000047683716,
  "spacing_x": 4.0,
  "spacing_y": 4.0,
  "spacing_z": 4.000000953674316,
  "summary_bg_k": 41.512176529875,
  "summary_bg_mad": 3.637631416320801,
  "summary_bg_mean": 19.040565490722656,
  "summary_bg_median": 4.100244522094727,
  "summary_bg_n": 98662.0,
  "summary_bg_p05": 1.053789734840393,
  "summary_bg_p95": 94.23062820434568,
  "summary_bg_stdv": 48.72978210449219,
  "summary_fg_k": 4.242530421984991,
  "summary_fg_mad": 102.59229278564453,
  "summary_fg_mean": 724.1646728515625,
  "summary_fg_median": 740.239013671875,
  "summary_fg_n": 20272.0,
  "summary_fg_p05": 444.44446105957036,
  "summary_fg_p95": 911.467645263672,
  "summary_fg_stdv": 148.6953582763672,
  "tsnr": 45.25035858154297
}