{
  "aor": 0.0023876923076923077,
  "aqi": 0.0047172664423076925,
  "bids_meta": {
    "BodyPartExamined": "HEAD",
    "CogAtlasID": "http://www.cognitiveatlas.org/term/id/trm_550b53d7dd674",
    "ConversionSoftware": "dcm2niix",
    "ConversionSoftwareVersion": "v1.0.20170411 GCC4.4.7",
    "EchoTime": 0.027,
    "EffectiveEchoSpacing": 0.000590001,
    "FlipAngle": 90,
    "ImageType": [
      "ORIGINAL",
      "PRIMARY",
      "M",
      "ND",
      "NORM",
      "MOSAIC"
    ],
    "Instructions": "In this next scan you'll be prompted to move your hands, feet, or tongue. You'll only move one of these at once. Instructions are presented on the screen. Let?s review them now. [Read on-screen instructions to participant.] Do you have any questions?",
    "MagneticFieldStrength": 3,
    "Manufacturer": "Siemens",
    "ManufacturersModelName": "TrioTim",
    "PhaseEncodingDirection": "j-",
    "ProcedureStepDescription": "head_Dosenbach_MSC",
    "ProtocolName": "Motor_104Frames_36Slices_TR2.2",
    "RepetitionTime": 2.2,
    "ScanningSequence": "EP",
    "SequenceName": "_epfid2d1_64",
    "SequenceVariant": "SK",
    "SeriesDescription": "Motor_104Frames_36Slices_TR2.2",
    "SliceTiming": [
      1.105,
      0,
      1.1675,
      0.0625,
      1.2275,
      0.1225,
      1.29,
      0.185,
      1.35,
      0.245,
      1.4125,
      0.3075,
      1.4725,
      0.37,
      1.535,
      0.43,
      1.595,
      0.4925,
      1.6575,
      0.5525,
      1.7175,
      0.615,
      1.78,
      0.675,
      1.84,
      0.7375,
      1.9025,
      0.7975,
      1.965,
      0.86,
      2.025,
      0.92,
      2.0875,
      0.9825,
      2.1475,
      1.0425
    ],
    "SoftwareVersion": "syngo MR B17",
    "TaskName": "motor",
    "modality": "bold",
    "run_id": "02",
    "session_id": "func03",
    "subject_id": "MSC01",
    "task_id": "motor"
  },
  "dummy_trs": 0,
  "dvars_nstd": 21.507688420679603,
  "dvars_std": 1.273890100485437,
  "dvars_vstd": 1.002970636893204,
  "efc": 0.41460159940659336,
  "fber": 22365.931640625,
  "fd_mean": 0.15706166947430159,
  "fd_num": 24,
  "fd_perc": 23.076923076923077,
  "fwhm_avg": 2.3666313284010454,
  "fwhm_x": 2.113435,
  "fwhm_y": 2.721225,
  "fwhm_z": 2.2652339852031376,
  "gcor": 0.0294629,
  "gsr_x": -0.009397129528224468,
  "gsr_y": 0.0132003054022789,
  "provenance": {
    "md5sum": "001a5d7479a6d01268931e64e8b135e6",
    "settings": {
      "fd_thres": 0.2,
      "hmc_fsl": false
    },
    "software": "mriqc",
    "version": "0.9.6"
  },
  "size_t": 104,
  "size_x": 64,
  "size_y": 64,
  "size_z": 36,
  "snr": 4.859569585200781,
  "spacing_tr": 2.200000047683716,
  "spacing_x": 4.0,
  "spacing_y": 4.0,
  "spacing_z": 3.99999737739563,
  "summary_bg_k": 34.47775901871788,
  "summary_bg_mad": 2.836902618408203,
  "summary_bg_mean": 15.112503051757812,
  "summary_bg_median": 3.942307949066162,
  "summary_bg_n": 97266.0,
  "summary_bg_p05": 1.5,
  "summary_bg_p95": 68.7956771850586,
  "summary_bg_stdv": 32.48622131347656,
  "summary_fg_k": 3.778914737239708,
  "summary_fg_mad": 88.02951049804688,
  "summary_fg_mean": 602.1718139648438,
  "summary_fg_median": 616.15869140625,
  "summary_fg_n": 21538.0,
  "summary_fg_p05": 351.6668380737305,
  "summary_fg_p95": 767.5620605468749,
  "summary_fg_stdv": 126.78990936279297,
  "tsnr": 78.85472869873047
}