{
  "aor": 0.002573173076923077,
  "aqi": 0.005386883076923078,
  "bids_meta": {
    "BodyPartExamined": "HEAD",
    "CogAtlasID": "http://www.cognitiveatlas.org/term/id/trm_550b53d7dd674",
    "ConversionSoftware": "dcm2niix",
    "ConversionSoftwareVersion": "v1.0.20170411 GCC4.4.7",
    "EchoTime": 0.027,
    "EffectiveEchoSpacing": 0.000590001,
    "FlipAngle": 90,
    "ImageType": [
      "ORIGINAL",
      "PRIMARY",
      "M",
      "ND",
      "NORM",
      "MOSAIC"
    ],
    "Instructions": "In this next scan you'll be prompted to move your hands, feet, or tongue. You'll only move one of these at once. Instructions are presented on the screen. Let?s review them now. [Read on-screen instructions to participant.] Do you have any questions?",
    "MagneticFieldStrength": 3,
    "Manufacturer": "Siemens",
    "ManufacturersModelName": "TrioTim",
    "PhaseEncodingDirection": "j-",
    "ProcedureStepDescription": "head_Dosenbach_MSC",
    "ProtocolName": "Motor_104Frames_36Slices_TR2.2",
    "RepetitionTime": 2.2,
    "ScanningSequence": "EP",
    "SequenceName": "_epfid2d1_64",
    "SequenceVariant": "SK",
    "SeriesDescription": "Motor_104Frames_36Slices_TR2.2",
    "SliceTiming": [
      1.105,
      0,
      1.1675,
      0.0625,
      1.2275,
      0.1225,
      1.29,
      0.185,
      1.35,
      0.245,
      1.4125,
      0.3075,
      1.4725,
      0.37,
      1.535,
      0.43,
      1.595,
      0.4925,
      1.6575,
      0.5525,
      1.7175,
      0.615,
      1.78,
      0.675,
      1.84,
      0.7375,
      1.9025,
      0.7975,
      1.965,
      0.86,
      2.025,
      0.92,
      2.0875,
      0.9825,
      2.1475,
      1.0425
    ],
    "SoftwareVersion": "syngo MR B17",
    "TaskName": "motor",
    "modality": "bold",
    "run_id": "02",
    "session_id": "func04",
    "subject_id": "MSC08",
    "task_id": "motor"
  },
  "dummy_trs": 0,
  "dvars_nstd": 23.00020756747572,
  "dvars_std": 1.349851407864077,
  "dvars_vstd": 1.013656421650486,
  "efc": 0.3894397632531613,
  "fber": 38026.875,
  "fd_mean": 0.22855341982960992,
  "fd_num": 58,
  "fd_perc": 55.76923076923077,
  "fwhm_avg": 2.4624193053178236,
  "fwhm_x": 2.2825525,
  "fwhm_y": 2.778525,
  "fwhm_z": 2.326180415953472,
  "gcor": 0.0364525,
  "gsr_x": -0.017206592485308647,
  "gsr_y": 0.010732288472354412,
  "provenance": {
    "md5sum": "c1e583028c41ce24fa1902ca912a03d9",
    "settings": {
      "fd_thres": 0.2,
      "hmc_fsl": false
    },
    "software": "mriqc",
    "version": "0.9.6"
  },
  "size_t": 104,
  "size_x": 64,
  "size_y": 64,
  "size_z": 36,
  "snr": 5.186723963516447,
  "spacing_tr": 2.200000047683716,
  "spacing_x": 4.0,
  "spacing_y": 4.0,
  "spacing_z": 3.9999992847442627,
  "summary_bg_k": 58.278758318085515,
  "summary_bg_mad": 2.0528340339660645,
  "summary_bg_mean": 12.868169784545898,
  "summary_bg_median": 3.019230842590332,
  "summary_bg_n": 99762.0,
  "summary_bg_p05": 1.3076924085617065,
  "summary_bg_p95": 64.3745193481445,
  "summary_bg_stdv": 30.630353927612305,
  "summary_fg_k": 5.033042939555719,
  "summary_fg_mad": 75.39888763427734,
  "summary_fg_mean": 592.627685546875,
  "summary_fg_median": 610.0769653320312,
  "summary_fg_n": 19423.0,
  "summary_fg_p05": 359.54521484375005,
  "summary_fg_p95": 733.5750427246093,
  "summary_fg_stdv": 117.61976623535156,
  "tsnr": 86.1368637084961
}