{
  "aor": 0.005291923076923077,
  "aqi": 0.0063626886538461535,
  "bids_meta": {
    "BodyPartExamined": "HEAD",
    "CogAtlasID": "http://www.cognitiveatlas.org/term/id/trm_550b53d7dd674",
    "ConversionSoftware": "dcm2niix",
    "ConversionSoftwareVersion": "v1.0.20170411 GCC4.4.7",
    "EchoTime": 0.027,
    "EffectiveEchoSpacing": 0.000590001,
    "FlipAngle": 90,
    "ImageType": [
      "ORIGINAL",
      "PRIMARY",
      "M",
      "ND",
      "NORM",
      "MOSAIC"
    ],
    "Instructions": "In this next scan you'll be prompted to move your hands, feet, or tongue. You'll only move one of these at once. Instructions are presented on the screen. Let?s review them now. [Read on-screen instructions to participant.] Do you have any questions?",
    "MagneticFieldStrength": 3,
    "Manufacturer": "Siemens",
    "ManufacturersModelName": "TrioTim",
    "PhaseEncodingDirection": "j-",
    "ProcedureStepDescription": "head_Dosenbach_MSC",
    "ProtocolName": "Motor_104Frames_36Slices_TR2.2",
    "RepetitionTime": 2.2,
    "ScanningSequence": "EP",
    "SequenceName": "_epfid2d1_64",
    "SequenceVariant": "SK",
    "SeriesDescription": "Motor_104Frames_36Slices_TR2.2",
    "SliceTiming": [
      1.105,
      0,
      1.1675,
      0.0625,
      1.2275,
      0.1225,
      1.29,
      0.185,
      1.35,
      0.245,
      1.4125,
      0.3075,
      1.4725,
      0.37,
      1.535,
      0.43,
      1.595,
      0.4925,
      1.6575,
      0.5525,
      1.7175,
      0.615,
      1.78,
      0.675,
      1.84,
      0.7375,
      1.9025,
      0.7975,
      1.965,
      0.86,
      2.025,
      0.92,
      2.0875,
      0.9825,
      2.1475,
      1.0425
    ],
    "SoftwareVersion": "syngo MR B17",
    "TaskName": "motor",
    "modality": "bold",
    "run_id": "01",
    "session_id": "func02",
    "subject_id": "MSC04",
    "task_id": "motor"
  },
  "dummy_trs": 0,
  "dvars_nstd": 19.733315597475734,
  "dvars_std": 1.2416831521359224,
  "dvars_vstd": 0.9759286633009712,
  "efc": 0.3642272836471406,
  "fber": 54699.4375,
  "fd_mean": 0.12348174382779056,
  "fd_num": 13,
  "fd_perc": 12.5,
  "fwhm_avg": 2.5421025473886263,
  "fwhm_x": 2.32601,
  "fwhm_y": 2.91515,
  "fwhm_z": 2.3851476421658777,
  "gcor": 0.0187329,
  "gsr_x": -0.014726010151207447,
  "gsr_y": 0.013703974895179272,
  "provenance": {
    "md5sum": "600884b3827f5b7b64b710d0febd09cd",
    "settings": {
      "fd_thres": 0.2,
      "hmc_fsl": false
    },
    "software": "mriqc",
    "version": "0.9.6"
  },
  "size_t": 104,
  "size_x": 64,
  "size_y": 64,
  "size_z": 36,
  "snr": 4.765923902756299,
  "spacing_tr": 2.200000047683716,
  "spacing_x": 4.0,
  "spacing_y": 4.0,
  "spacing_z": 3.999999761581421,
  "summary_bg_k": 76.37114026767671,
  "summary_bg_mad": 1.938787579536438,
  "summary_bg_mean": 12.259737968444824,
  "summary_bg_median": 3.259615421295166,
  "summary_bg_n": 101891.0,
  "summary_bg_p05": 1.4326924085617065,
  "summary_bg_p95": 51.03365516662598,
  "summary_bg_stdv": 35.282718658447266,
  "summary_fg_k": 3.6223536649230654,
  "summary_fg_mad": 111.10246276855469,
  "summary_fg_mean": 761.3760986328125,
  "summary_fg_median": 790.4134521484375,
  "summary_fg_n": 18178.0,
  "summary_fg_p05": 416.15626831054686,
  "summary_fg_p95": 960.59619140625,
  "summary_fg_stdv": 165.84228515625,
  "tsnr": 71.6926498413086
}