{
  "aor": 0.002748461538461538,
  "aqi": 0.012187489711538461,
  "bids_meta": {
    "BodyPartExamined": "HEAD",
    "CogAtlasID": "http://www.cognitiveatlas.org/term/id/trm_550b53d7dd674",
    "ConversionSoftware": "dcm2niix",
    "ConversionSoftwareVersion": "v1.0.20170411 GCC4.4.7",
    "EchoTime": 0.027,
    "EffectiveEchoSpacing": 0.000590001,
    "FlipAngle": 90,
    "ImageType": [
      "ORIGINAL",
      "PRIMARY",
      "M",
      "ND",
      "NORM",
      "MOSAIC"
    ],
    "Instructions": "In this next scan you'll be prompted to move your hands, feet, or tongue. You'll only move one of these at once. Instructions are presented on the screen. Let?s review them now. [Read on-screen instructions to participant.] Do you have any questions?",
    "MagneticFieldStrength": 3,
    "Manufacturer": "Siemens",
    "ManufacturersModelName": "TrioTim",
    "PhaseEncodingDirection": "j-",
    "ProcedureStepDescription": "head_Dosenbach_MSC",
    "ProtocolName": "Motor_104Frames_36Slices_TR2.2",
    "RepetitionTime": 2.2,
    "ScanningSequence": "EP",
    "SequenceName": "_epfid2d1_64",
    "SequenceVariant": "SK",
    "SeriesDescription": "Motor_104Frames_36Slices_TR2.2",
    "SliceTiming": [
      1.105,
      0,
      1.1675,
      0.0625,
      1.2275,
      0.1225,
      1.29,
      0.185,
      1.35,
      0.245,
      1.4125,
      0.3075,
      1.4725,
      0.37,
      1.535,
      0.43,
      1.595,
      0.4925,
      1.6575,
      0.5525,
      1.7175,
      0.615,
      1.78,
      0.675,
      1.84,
      0.7375,
      1.9025,
      0.7975,
      1.965,
      0.86,
      2.025,
      0.92,
      2.0875,
      0.9825,
      2.1475,
      1.0425
    ],
    "SoftwareVersion": "syngo MR B17",
    "TaskName": "motor",
    "modality": "bold",
    "run_id": "01",
    "session_id": "func06",
    "subject_id": "MSC08",
    "task_id": "motor"
  },
  "dummy_trs": 0,
  "dvars_nstd": 20.0720618723301,
  "dvars_std": 1.1110379266019417,
  "dvars_vstd": 0.9301207701941747,
  "efc": 0.39112811873558756,
  "fber": 37093.328125,
  "fd_mean": 0.22834967187857783,
  "fd_num": 61,
  "fd_perc": 58.65384615384615,
  "fwhm_avg": 2.510149593391598,
  "fwhm_x": 2.31678,
  "fwhm_y": 2.82725,
  "fwhm_z": 2.386418780174793,
  "gcor": 0.00644152,
  "gsr_x": -0.015947189182043076,
  "gsr_y": 0.014113403856754303,
  "provenance": {
    "md5sum": "e26bc608964ab429591291c181b8af90",
    "settings": {
      "fd_thres": 0.2,
      "hmc_fsl": false
    },
    "software": "mriqc",
    "version": "0.9.6"
  },
  "size_t": 104,
  "size_x": 64,
  "size_y": 64,
  "size_z": 36,
  "snr": 5.141559698126012,
  "spacing_tr": 2.200000047683716,
  "spacing_x": 4.0,
  "spacing_y": 4.0,
  "spacing_z": 3.999997854232788,
  "summary_bg_k": 78.59143627865039,
  "summary_bg_mad": 2.60880970954895,
  "summary_bg_mean": 13.535177230834961,
  "summary_bg_median": 3.153846263885498,
  "summary_bg_n": 99723.0,
  "summary_bg_p05": 0.9903846383094788,
  "summary_bg_p95": 65.97115325927734,
  "summary_bg_stdv": 33.22153091430664,
  "summary_fg_k": 5.034922901745478,
  "summary_fg_mad": 75.19931030273438,
  "summary_fg_mean": 602.6205444335938,
  "summary_fg_median": 621.9471435546875,
  "summary_fg_n": 19524.0,
  "summary_fg_p05": 363.1350982666016,
  "summary_fg_p95": 745.4601104736328,
  "summary_fg_stdv": 120.96158599853516,
  "tsnr": 55.72856521606445
}