{
  "aor": 0.00669048076923077,
  "aqi": 0.008296371923076922,
  "bids_meta": {
    "BodyPartExamined": "HEAD",
    "CogAtlasID": "http://www.cognitiveatlas.org/term/id/trm_550b53d7dd674",
    "ConversionSoftware": "dcm2niix",
    "ConversionSoftwareVersion": "v1.0.20170411 GCC4.4.7",
    "EchoTime": 0.027,
    "EffectiveEchoSpacing": 0.000590001,
    "FlipAngle": 90,
    "ImageType": [
      "ORIGINAL",
      "PRIMARY",
      "M",
      "ND",
      "NORM",
      "MOSAIC"
    ],
    "Instructions": "In this next scan you'll be prompted to move your hands, feet, or tongue. You'll only move one of these at once. Instructions are presented on the screen. Let?s review them now. [Read on-screen instructions to participant.] Do you have any questions?",
    "MagneticFieldStrength": 3,
    "Manufacturer": "Siemens",
    "ManufacturersModelName": "TrioTim",
    "PhaseEncodingDirection": "j-",
    "ProcedureStepDescription": "head_Dosenbach_MSC",
    "ProtocolName": "Motor_104Frames_36Slices_TR2.2",
    "RepetitionTime": 2.2,
    "ScanningSequence": "EP",
    "SequenceName": "_epfid2d1_64",
    "SequenceVariant": "SK",
    "SeriesDescription": "Motor_104Frames_36Slices_TR2.2",
    "SliceTiming": [
      1.105,
      0,
      1.1675,
      0.0625,
      1.2275,
      0.1225,
      1.29,
      0.185,
      1.35,
      0.245,
      1.4125,
      0.3075,
      1.4725,
      0.37,
      1.535,
      0.43,
      1.595,
      0.4925,
      1.6575,
      0.5525,
      1.7175,
      0.615,
      1.78,
      0.675,
      1.84,
      0.7375,
      1.9025,
      0.7975,
      1.965,
      0.86,
      2.025,
      0.92,
      2.0875,
      0.9825,
      2.1475,
      1.0425
    ],
    "SoftwareVersion": "syngo MR B17",
    "TaskName": "motor",
    "modality": "bold",
    "run_id": "01",
    "session_id": "func08",
    "subject_id": "MSC07",
    "task_id": "motor"
  },
  "dummy_trs": 0,
  "dvars_nstd": 17.51695992174757,
  "dvars_std": 1.1783578406796116,
  "dvars_vstd": 0.9741422997087381,
  "efc": 0.4031940815789397,
  "fber": 33865.06640625,
  "fd_mean": 0.20400249386389613,
  "fd_num": 45,
  "fd_perc": 43.26923076923077,
  "fwhm_avg": 2.5040584367269836,
  "fwhm_x": 2.3082025,
  "fwhm_y": 2.8692501710206373,
  "fwhm_z": 2.3347226391603133,
  "gcor": 0.0359205,
  "gsr_x": -0.02292436920106411,
  "gsr_y": 0.013872697949409485,
  "provenance": {
    "md5sum": "3206372da9d92268c7b66fa27ccef25f",
    "settings": {
      "fd_thres": 0.2,
      "hmc_fsl": false
    },
    "software": "mriqc",
    "version": "0.9.6"
  },
  "size_t": 104,
  "size_x": 64,
  "size_y": 64,
  "size_z": 36,
  "snr": 5.028581134823546,
  "spacing_tr": 2.200000047683716,
  "spacing_x": 4.0,
  "spacing_y": 3.999999761581421,
  "spacing_z": 3.999999761581421,
  "summary_bg_k": 36.24660566313278,
  "summary_bg_mad": 3.0364837646484375,
  "summary_bg_mean": 19.145843505859375,
  "summary_bg_median": 3.92307710647583,
  "summary_bg_n": 98530.0,
  "summary_bg_p05": 1.442307710647583,
  "summary_bg_p95": 96.37067413330067,
  "summary_bg_stdv": 48.323699951171875,
  "summary_fg_k": 4.324513467067995,
  "summary_fg_mad": 103.46851348876953,
  "summary_fg_mean": 734.4514770507812,
  "summary_fg_median": 751.673095703125,
  "summary_fg_n": 20448.0,
  "summary_fg_p05": 450.8288696289063,
  "summary_fg_p95": 921.5956909179686,
  "summary_fg_stdv": 149.47650146484375,
  "tsnr": 60.87731170654297
}