{
  "aor": 0.0036742176039119808,
  "aqi": 0.01665834207823961,
  "bids_meta": {
    "BodyPartExamined": "HEAD",
    "CogAtlasID": "http://www.cognitiveatlas.org/term/id/trm_4c8a834779883",
    "ConversionSoftware": "dcm2niix",
    "ConversionSoftwareVersion": "v1.0.20170411 GCC4.4.7",
    "EchoTime": 0.027,
    "EffectiveEchoSpacing": 0.000590001,
    "FlipAngle": 90,
    "ImageType": [
      "ORIGINAL",
      "PRIMARY",
      "M",
      "ND",
      "NORM",
      "MOSAIC"
    ],
    "Instructions": "During this first scan, a plus sign will be presented on the screen.  All you need to do is simply relax and look at the plus sign. Please keep your eyes open the entire time, and be as still as possible. It's extremely important that you stay awake for the entire duration of this scan. This scan will last ~30 minutes.",
    "MagneticFieldStrength": 3,
    "Manufacturer": "Siemens",
    "ManufacturersModelName": "TrioTim",
    "PhaseEncodingDirection": "j-",
    "ProcedureStepDescription": "head_Dosenbach_MSC",
    "ProtocolName": "RSFC_818Frames_36Slices_TR2.2",
    "RepetitionTime": 2.2,
    "ScanningSequence": "EP",
    "SequenceName": "_epfid2d1_64",
    "SequenceVariant": "SK",
    "SeriesDescription": "RSFC_818Frames_36Slices_TR2.2",
    "SliceTiming": [
      1.105,
      0,
      1.165,
      0.06,
      1.2275,
      0.1225,
      1.2875,
      0.185,
      1.35,
      0.245,
      1.41,
      0.3075,
      1.4725,
      0.3675,
      1.5325,
      0.43,
      1.595,
      0.49,
      1.655,
      0.5525,
      1.7175,
      0.6125,
      1.78,
      0.675,
      1.84,
      0.735,
      1.9025,
      0.7975,
      1.9625,
      0.8575,
      2.025,
      0.92,
      2.085,
      0.9825,
      2.1475,
      1.0425
    ],
    "SoftwareVersion": "syngo MR B17",
    "TaskName": "rest",
    "modality": "bold",
    "session_id": "func02",
    "subject_id": "MSC05",
    "task_id": "rest"
  },
  "dummy_trs": 0,
  "dvars_nstd": 14.754074867001242,
  "dvars_std": 1.073968661615669,
  "dvars_vstd": 0.963241682080782,
  "efc": 0.41971650798600846,
  "fber": 31928.470703125,
  "fd_mean": 0.1391375178933822,
  "fd_num": 143,
  "fd_perc": 17.48166259168704,
  "fwhm_avg": 2.568902402689767,
  "fwhm_x": 2.267415,
  "fwhm_y": 2.9904,
  "fwhm_z": 2.4488922080692994,
  "gcor": 0.0227108,
  "gsr_x": -0.012399458326399326,
  "gsr_y": 0.015606531873345375,
  "provenance": {
    "md5sum": "2e874fb3a33d296d7034b4fac819f834",
    "settings": {
      "fd_thres": 0.2,
      "hmc_fsl": false
    },
    "software": "mriqc",
    "version": "0.9.6"
  },
  "size_t": 818,
  "size_x": 64,
  "size_y": 64,
  "size_z": 36,
  "snr": 5.290509590030711,
  "spacing_tr": 2.200000047683716,
  "spacing_x": 4.0,
  "spacing_y": 4.0,
  "spacing_z": 4.000000476837158,
  "summary_bg_k": 45.28524670824659,
  "summary_bg_mad": 2.865518808364868,
  "summary_bg_mean": 15.559273719787598,
  "summary_bg_median": 3.7151591777801514,
  "summary_bg_n": 95656.0,
  "summary_bg_p05": 1.4034230709075928,
  "summary_bg_p95": 73.31662940979004,
  "summary_bg_stdv": 36.358516693115234,
  "summary_fg_k": 4.518967865284298,
  "summary_fg_mad": 87.33580780029297,
  "summary_fg_mean": 673.3428344726562,
  "summary_fg_median": 691.3447875976562,
  "summary_fg_n": 22771.0,
  "summary_fg_p05": 413.5024719238281,
  "summary_fg_p95": 833.6027221679688,
  "summary_fg_stdv": 130.6735382080078,
  "tsnr": 44.158260345458984
}