{
  "bids_meta": {
    "BodyPartExamined": "HEAD",
    "ConversionSoftware": "dcm2niix",
    "ConversionSoftwareVersion": "v1.0.20170411 GCC4.4.7",
    "EchoTime": 0.479,
    "FlipAngle": 120,
    "ImageType": [
      "ORIGINAL",
      "PRIMARY",
      "M",
      "ND",
      "NORM"
    ],
    "MagneticFieldStrength": 3,
    "Manufacturer": "Siemens",
    "ManufacturersModelName": "TrioTim",
    "PhaseEncodingDirection": "i-",
    "ProcedureStepDescription": "head_Dosenbach_MSC",
    "ProtocolName": "T2_.8x.8x.8_224Slices",
    "RepetitionTime": 3.2,
    "ScanningSequence": "SE",
    "SequenceName": "_spc3d1_282ns",
    "SequenceVariant": "SK_SP",
    "SeriesDescription": "T2_.8x.8x.8_224Slices",
    "modality": "T2w",
    "run_id": "02",
    "session_id": "struct02",
    "subject_id": "MSC03"
  },
  "cjv": 0.2610165576548833,
  "cnr": 3.5399305580659086,
  "efc": 0.5648894410473434,
  "fber": 1292.8494873046875,
  "fwhm_avg": 2.2783952832593273,
  "fwhm_x": 2.130442825387738,
  "fwhm_y": 2.5441404878048783,
  "fwhm_z": 2.160602536585366,
  "icvs_csf": 0.382511383516693,
  "icvs_gm": 0.09313085133545039,
  "icvs_wm": 0.5243577651478566,
  "inu_med": 1.2141475677490234,
  "inu_range": 0.34985558986663823,
  "provenance": {
    "md5sum": "0c0d9dcdc772c4f5355e113e4f62c83d",
    "settings": {
      "testing": false
    },
    "software": "mriqc",
    "version": "0.9.6",
    "warnings": {
      "large_rot_frame": true,
      "small_air_mask": false
    }
  },
  "qi_1": 4.1623924671260795e-05,
  "qi_2": 0.0077962266305758475,
  "rpve_csf": 10.979712694046295,
  "rpve_gm": 51.696748354769845,
  "rpve_wm": 8.971103205848571,
  "size_x": 224,
  "size_y": 256,
  "size_z": 256,
  "snr_csf": 8.566506110134576,
  "snr_gm": 5.071030373419762,
  "snr_total": 6.929971763410993,
  "snr_wm": 7.15237880667864,
  "snrd_csf": 43.69030118780226,
  "snrd_gm": 92.0290137597958,
  "snrd_total": 54.037767574215785,
  "snrd_wm": 26.393987775049272,
  "spacing_x": 0.8000026941299438,
  "spacing_y": 0.80078125,
  "spacing_z": 0.80078125,
  "summary_bg_k": 64.99553528369094,
  "summary_bg_mad": 24.821653366088867,
  "summary_bg_mean": 30.372852325439453,
  "summary_bg_median": 16.74195098876953,
  "summary_bg_n": 4420288.0,
  "summary_bg_p05": 0.0,
  "summary_bg_p95": 88.1036079406736,
  "summary_bg_stdv": 34.4851188659668,
  "summary_csf_k": 0.6837402094833309,
  "summary_csf_mad": 183.11703491210938,
  "summary_csf_mean": 1658.7762451171875,
  "summary_csf_median": 1655.327880859375,
  "summary_csf_n": 76416.0,
  "summary_csf_p05": 1352.1826782226562,
  "summary_csf_p95": 1979.9803466796875,
  "summary_csf_stdv": 193.23129272460938,
  "summary_gm_k": 3.1003894620310115,
  "summary_gm_mad": 512.6824951171875,
  "summary_gm_mean": 3305.052001953125,
  "summary_gm_median": 3486.773681640625,
  "summary_gm_n": 22127.0,
  "summary_gm_p05": 1949.614599609375,
  "summary_gm_p95": 4090.886694335938,
  "summary_gm_stdv": 687.5712890625,
  "summary_wm_k": 0.24029514616043945,
  "summary_wm_mad": 136.40420532226562,
  "summary_wm_mean": 1000.9486694335938,
  "summary_wm_median": 1000.0092163085938,
  "summary_wm_n": 412779.0,
  "summary_wm_p05": 773.1081115722657,
  "summary_wm_p95": 1231.2612060546876,
  "summary_wm_stdv": 139.8147430419922,
  "tpm_overlap_csf": 0.11717233061790466,
  "tpm_overlap_gm": 0.0877470001578331,
  "tpm_overlap_wm": 0.4945089519023895,
  "wm2max": 0.26057668957269337
}