{
  "aor": 0.003996185819070905,
  "aqi": 0.017898898667481664,
  "bids_meta": {
    "BodyPartExamined": "HEAD",
    "CogAtlasID": "http://www.cognitiveatlas.org/term/id/trm_4c8a834779883",
    "ConversionSoftware": "dcm2niix",
    "ConversionSoftwareVersion": "v1.0.20170411 GCC4.4.7",
    "EchoTime": 0.027,
    "EffectiveEchoSpacing": 0.000590001,
    "FlipAngle": 90,
    "ImageType": [
      "ORIGINAL",
      "PRIMARY",
      "M",
      "ND",
      "NORM",
      "MOSAIC"
    ],
    "Instructions": "During this first scan, a plus sign will be presented on the screen.  All you need to do is simply relax and look at the plus sign. Please keep your eyes open the entire time, and be as still as possible. It's extremely important that you stay awake for the entire duration of this scan. This scan will last ~30 minutes.",
    "MagneticFieldStrength": 3,
    "Manufacturer": "Siemens",
    "ManufacturersModelName": "TrioTim",
    "PhaseEncodingDirection": "j-",
    "ProcedureStepDescription": "head_Dosenbach_MSC",
    "ProtocolName": "RSFC_818Frames_36Slices_TR2.2",
    "RepetitionTime": 2.2,
    "ScanningSequence": "EP",
    "SequenceName": "_epfid2d1_64",
    "SequenceVariant": "SK",
    "SeriesDescription": "RSFC_818Frames_36Slices_TR2.2",
    "SliceTiming": [
      1.105,
      0,
      1.165,
      0.06,
      1.2275,
      0.1225,
      1.2875,
      0.185,
      1.35,
      0.245,
      1.41,
      0.3075,
      1.4725,
      0.3675,
      1.5325,
      0.43,
      1.595,
      0.49,
      1.655,
      0.5525,
      1.7175,
      0.6125,
      1.78,
      0.675,
      1.84,
      0.735,
      1.9025,
      0.7975,
      1.9625,
      0.8575,
      2.025,
      0.92,
      2.085,
      0.9825,
      2.1475,
      1.0425
    ],
    "SoftwareVersion": "syngo MR B17",
    "TaskName": "rest",
    "modality": "bold",
    "session_id": "func06",
    "subject_id": "MSC02",
    "task_id": "rest"
  },
  "dummy_trs": 0,
  "dvars_nstd": 21.99210537780904,
  "dvars_std": 1.2464418865483473,
  "dvars_vstd": 0.9738737151897191,
  "efc": 0.4255043654813097,
  "fber": 26664.7265625,
  "fd_mean": 0.1791930139634381,
  "fd_num": 272,
  "fd_perc": 33.251833740831295,
  "fwhm_avg": 2.4898311138916025,
  "fwhm_x": 2.218025,
  "fwhm_y": 2.897975,
  "fwhm_z": 2.353493341674808,
  "gcor": 0.0304748,
  "gsr_x": -0.016175178810954094,
  "gsr_y": 0.03122292086482048,
  "provenance": {
    "md5sum": "73202c01ac41cd7bdf605bec155aba61",
    "settings": {
      "fd_thres": 0.2,
      "hmc_fsl": false
    },
    "software": "mriqc",
    "version": "0.9.6"
  },
  "size_t": 818,
  "size_x": 64,
  "size_y": 64,
  "size_z": 36,
  "snr": 4.988084744659755,
  "spacing_tr": 2.200000047683716,
  "spacing_x": 4.0,
  "spacing_y": 4.0,
  "spacing_z": 3.9999985694885254,
  "summary_bg_k": 25.589344193904804,
  "summary_bg_mad": 3.376636028289795,
  "summary_bg_mean": 20.092344284057617,
  "summary_bg_median": 4.193154335021973,
  "summary_bg_n": 95833.0,
  "summary_bg_p05": 1.5195599794387817,
  "summary_bg_p95": 105.7425476074218,
  "summary_bg_stdv": 44.02866744995117,
  "summary_fg_k": 3.9537031700777323,
  "summary_fg_mad": 100.30314636230469,
  "summary_fg_mean": 698.7060546875,
  "summary_fg_median": 713.1461181640625,
  "summary_fg_n": 22718.0,
  "summary_fg_p05": 431.3279006958008,
  "summary_fg_p95": 883.0393157958983,
  "summary_fg_stdv": 142.96678161621094,
  "tsnr": 39.669219970703125
}