{
  "aor": 0.0017780440097799513,
  "aqi": 0.008524867347188263,
  "bids_meta": {
    "BodyPartExamined": "HEAD",
    "CogAtlasID": "http://www.cognitiveatlas.org/term/id/trm_4c8a834779883",
    "ConversionSoftware": "dcm2niix",
    "ConversionSoftwareVersion": "v1.0.20170411 GCC4.4.7",
    "EchoTime": 0.027,
    "EffectiveEchoSpacing": 0.000590001,
    "FlipAngle": 90,
    "ImageType": [
      "ORIGINAL",
      "PRIMARY",
      "M",
      "ND",
      "NORM",
      "MOSAIC"
    ],
    "Instructions": "During this first scan, a plus sign will be presented on the screen.  All you need to do is simply relax and look at the plus sign. Please keep your eyes open the entire time, and be as still as possible. It's extremely important that you stay awake for the entire duration of this scan. This scan will last ~30 minutes.",
    "MagneticFieldStrength": 3,
    "Manufacturer": "Siemens",
    "ManufacturersModelName": "TrioTim",
    "PhaseEncodingDirection": "j-",
    "ProcedureStepDescription": "head_Dosenbach_MSC",
    "ProtocolName": "RSFC_818Frames_36Slices_TR2.2",
    "RepetitionTime": 2.2,
    "ScanningSequence": "EP",
    "SequenceName": "_epfid2d1_64",
    "SequenceVariant": "SK",
    "SeriesDescription": "RSFC_818Frames_36Slices_TR2.2",
    "SliceTiming": [
      1.105,
      0,
      1.165,
      0.06,
      1.2275,
      0.1225,
      1.2875,
      0.185,
      1.35,
      0.245,
      1.41,
      0.3075,
      1.4725,
      0.3675,
      1.5325,
      0.43,
      1.595,
      0.49,
      1.655,
      0.5525,
      1.7175,
      0.6125,
      1.78,
      0.675,
      1.84,
      0.735,
      1.9025,
      0.7975,
      1.9625,
      0.8575,
      2.025,
      0.92,
      2.085,
      0.9825,
      2.1475,
      1.0425
    ],
    "SoftwareVersion": "syngo MR B17",
    "TaskName": "rest",
    "modality": "bold",
    "session_id": "func03",
    "subject_id": "MSC05",
    "task_id": "rest"
  },
  "dummy_trs": 0,
  "dvars_nstd": 15.90812597434518,
  "dvars_std": 1.1309489236230132,
  "dvars_vstd": 0.9670106828763769,
  "efc": 0.4172686342681602,
  "fber": 36301.01953125,
  "fd_mean": 0.15675779927770858,
  "fd_num": 193,
  "fd_perc": 23.594132029339853,
  "fwhm_avg": 2.4667972614890377,
  "fwhm_x": 2.201500131219633,
  "fwhm_y": 2.8312,
  "fwhm_z": 2.3676916532474803,
  "gcor": 0.0584389,
  "gsr_x": -0.010031078942120075,
  "gsr_y": 0.016620980575680733,
  "provenance": {
    "md5sum": "6b100bd87192dc9281a095e7ea574173",
    "settings": {
      "fd_thres": 0.2,
      "hmc_fsl": false
    },
    "software": "mriqc",
    "version": "0.9.6"
  },
  "size_t": 818,
  "size_x": 64,
  "size_y": 64,
  "size_z": 36,
  "snr": 5.41268851908489,
  "spacing_tr": 2.200000047683716,
  "spacing_x": 3.999999761581421,
  "spacing_y": 4.0,
  "spacing_z": 4.000001430511475,
  "summary_bg_k": 43.38440409853741,
  "summary_bg_mad": 2.5773353576660156,
  "summary_bg_mean": 16.037832260131836,
  "summary_bg_median": 3.5904645919799805,
  "summary_bg_n": 96038.0,
  "summary_bg_p05": 1.4156479835510254,
  "summary_bg_p95": 80.66803741455075,
  "summary_bg_stdv": 38.877967834472656,
  "summary_fg_k": 4.569879874482206,
  "summary_fg_mad": 91.64308166503906,
  "summary_fg_mean": 695.382080078125,
  "summary_fg_median": 711.0232543945312,
  "summary_fg_n": 22514.0,
  "summary_fg_p05": 444.9215896606445,
  "summary_fg_p95": 860.5902709960938,
  "summary_fg_stdv": 131.35939025878906,
  "tsnr": 60.02667999267578
}