{
  "aor": 0.00251125,
  "aqi": 0.008559254134615385,
  "bids_meta": {
    "BodyPartExamined": "HEAD",
    "CogAtlasID": "http://www.cognitiveatlas.org/term/id/trm_550b53d7dd674",
    "ConversionSoftware": "dcm2niix",
    "ConversionSoftwareVersion": "v1.0.20170411 GCC4.4.7",
    "EchoTime": 0.027,
    "EffectiveEchoSpacing": 0.000590001,
    "FlipAngle": 90,
    "ImageType": [
      "ORIGINAL",
      "PRIMARY",
      "M",
      "ND",
      "NORM",
      "MOSAIC"
    ],
    "Instructions": "In this next scan you'll be prompted to move your hands, feet, or tongue. You'll only move one of these at once. Instructions are presented on the screen. Let?s review them now. [Read on-screen instructions to participant.] Do you have any questions?",
    "MagneticFieldStrength": 3,
    "Manufacturer": "Siemens",
    "ManufacturersModelName": "TrioTim",
    "PhaseEncodingDirection": "j-",
    "ProcedureStepDescription": "head_Dosenbach_MSC",
    "ProtocolName": "Motor_104Frames_36Slices_TR2.2",
    "RepetitionTime": 2.2,
    "ScanningSequence": "EP",
    "SequenceName": "_epfid2d1_64",
    "SequenceVariant": "SK",
    "SeriesDescription": "Motor_104Frames_36Slices_TR2.2",
    "SliceTiming": [
      1.105,
      0,
      1.1675,
      0.0625,
      1.2275,
      0.1225,
      1.29,
      0.185,
      1.35,
      0.245,
      1.4125,
      0.3075,
      1.4725,
      0.37,
      1.535,
      0.43,
      1.595,
      0.4925,
      1.6575,
      0.5525,
      1.7175,
      0.615,
      1.78,
      0.675,
      1.84,
      0.7375,
      1.9025,
      0.7975,
      1.965,
      0.86,
      2.025,
      0.92,
      2.0875,
      0.9825,
      2.1475,
      1.0425
    ],
    "SoftwareVersion": "syngo MR B17",
    "TaskName": "motor",
    "modality": "bold",
    "run_id": "01",
    "session_id": "func02",
    "subject_id": "MSC10",
    "task_id": "motor"
  },
  "dummy_trs": 0,
  "dvars_nstd": 23.214675921650485,
  "dvars_std": 1.1285048066990293,
  "dvars_vstd": 0.959334544271845,
  "efc": 0.42456040998843775,
  "fber": 29483.021484375,
  "fd_mean": 0.2532816331226555,
  "fd_num": 55,
  "fd_perc": 52.88461538461539,
  "fwhm_avg": 2.4539118936193662,
  "fwhm_x": 2.234555,
  "fwhm_y": 2.8426,
  "fwhm_z": 2.2845806808580997,
  "gcor": 0.0176173,
  "gsr_x": -0.016732782125473022,
  "gsr_y": 0.018071448430418968,
  "provenance": {
    "md5sum": "d6251470b0f75ea3a70044327dd51935",
    "settings": {
      "fd_thres": 0.2,
      "hmc_fsl": false
    },
    "software": "mriqc",
    "version": "0.9.6"
  },
  "size_t": 104,
  "size_x": 64,
  "size_y": 64,
  "size_z": 36,
  "snr": 4.661994879004494,
  "spacing_tr": 2.200000047683716,
  "spacing_x": 4.0,
  "spacing_y": 4.0,
  "spacing_z": 3.9999988079071045,
  "summary_bg_k": 40.66582119493756,
  "summary_bg_mad": 2.409228563308716,
  "summary_bg_mean": 16.04031753540039,
  "summary_bg_median": 3.576923131942749,
  "summary_bg_n": 95206.0,
  "summary_bg_p05": 1.576923131942749,
  "summary_bg_p95": 87.09616088867188,
  "summary_bg_stdv": 39.019508361816406,
  "summary_fg_k": 3.665366522882742,
  "summary_fg_mad": 93.77458953857422,
  "summary_fg_mean": 626.97998046875,
  "summary_fg_median": 640.8557739257812,
  "summary_fg_n": 22865.0,
  "summary_fg_p05": 359.8153991699219,
  "summary_fg_p95": 807.0077392578124,
  "summary_fg_stdv": 137.46084594726562,
  "tsnr": 56.51072692871094
}