{
  "aor": 0.0021519559902200484,
  "aqi": 0.006854290146699266,
  "bids_meta": {
    "BodyPartExamined": "HEAD",
    "CogAtlasID": "http://www.cognitiveatlas.org/term/id/trm_4c8a834779883",
    "ConversionSoftware": "dcm2niix",
    "ConversionSoftwareVersion": "v1.0.20170411 GCC4.4.7",
    "EchoTime": 0.027,
    "EffectiveEchoSpacing": 0.000590001,
    "FlipAngle": 90,
    "ImageType": [
      "ORIGINAL",
      "PRIMARY",
      "M",
      "ND",
      "NORM",
      "MOSAIC"
    ],
    "Instructions": "During this first scan, a plus sign will be presented on the screen.  All you need to do is simply relax and look at the plus sign. Please keep your eyes open the entire time, and be as still as possible. It's extremely important that you stay awake for the entire duration of this scan. This scan will last ~30 minutes.",
    "MagneticFieldStrength": 3,
    "Manufacturer": "Siemens",
    "ManufacturersModelName": "TrioTim",
    "PhaseEncodingDirection": "j-",
    "ProcedureStepDescription": "head_Dosenbach_MSC",
    "ProtocolName": "RSFC_818Frames_36Slices_TR2.2",
    "RepetitionTime": 2.2,
    "ScanningSequence": "EP",
    "SequenceName": "_epfid2d1_64",
    "SequenceVariant": "SK",
    "SeriesDescription": "RSFC_818Frames_36Slices_TR2.2",
    "SliceTiming": [
      1.105,
      0,
      1.165,
      0.06,
      1.2275,
      0.1225,
      1.2875,
      0.185,
      1.35,
      0.245,
      1.41,
      0.3075,
      1.4725,
      0.3675,
      1.5325,
      0.43,
      1.595,
      0.49,
      1.655,
      0.5525,
      1.7175,
      0.6125,
      1.78,
      0.675,
      1.84,
      0.735,
      1.9025,
      0.7975,
      1.9625,
      0.8575,
      2.025,
      0.92,
      2.085,
      0.9825,
      2.1475,
      1.0425
    ],
    "SoftwareVersion": "syngo MR B17",
    "TaskName": "rest",
    "modality": "bold",
    "session_id": "func06",
    "subject_id": "MSC03",
    "task_id": "rest"
  },
  "dummy_trs": 0,
  "dvars_nstd": 22.541925757111375,
  "dvars_std": 1.1882209234638919,
  "dvars_vstd": 0.9714813236597316,
  "efc": 0.3655932144902217,
  "fber": 46324.0703125,
  "fd_mean": 0.343245244624344,
  "fd_num": 638,
  "fd_perc": 77.99511002444987,
  "fwhm_avg": 2.5566039800201303,
  "fwhm_x": 2.32793,
  "fwhm_y": 2.993325,
  "fwhm_z": 2.3485569400603916,
  "gcor": 0.0207342,
  "gsr_x": -0.014352837577462196,
  "gsr_y": 0.015733635053038597,
  "provenance": {
    "md5sum": "c4f77eaad78dbeb6650b1c8301c2c99b",
    "settings": {
      "fd_thres": 0.2,
      "hmc_fsl": false
    },
    "software": "mriqc",
    "version": "0.9.6"
  },
  "size_t": 818,
  "size_x": 64,
  "size_y": 64,
  "size_z": 36,
  "snr": 4.7354268036882425,
  "spacing_tr": 2.200000047683716,
  "spacing_x": 4.0,
  "spacing_y": 4.0,
  "spacing_z": 4.000000953674316,
  "summary_bg_k": 50.81170752461798,
  "summary_bg_mad": 1.9302828311920166,
  "summary_bg_mean": 9.795727729797363,
  "summary_bg_median": 2.592909574508667,
  "summary_bg_n": 102578.0,
  "summary_bg_p05": 0.9315403699874878,
  "summary_bg_p95": 45.0806884765625,
  "summary_bg_stdv": 23.33374786376953,
  "summary_fg_k": 3.713499742102673,
  "summary_fg_mad": 79.6418228149414,
  "summary_fg_mean": 557.5592041015625,
  "summary_fg_median": 577.2114868164062,
  "summary_fg_n": 17613.0,
  "summary_fg_p05": 307.9435302734375,
  "summary_fg_p95": 704.8839111328125,
  "summary_fg_stdv": 121.88871765136719,
  "tsnr": 63.22821807861328
}