{
  "bids_meta": {
    "BodyPartExamined": "HEAD",
    "ConversionSoftware": "dcm2niix",
    "ConversionSoftwareVersion": "v1.0.20170411 GCC4.4.7",
    "EchoTime": 0.00374,
    "FlipAngle": 8,
    "ImageType": [
      "ORIGINAL",
      "PRIMARY",
      "M",
      "ND",
      "NORM"
    ],
    "InversionTime": 1,
    "MagneticFieldStrength": 3,
    "Manufacturer": "Siemens",
    "ManufacturersModelName": "TrioTim",
    "PhaseEncodingDirection": "i-",
    "ProcedureStepDescription": "head_Dosenbach_MSC",
    "ProtocolName": "T1_.8x.8x.8_224Slices",
    "RepetitionTime": 2.4,
    "ScanningSequence": "GR_IR",
    "SequenceName": "_tfl3d1_ns",
    "SequenceVariant": "SP_MP_OSP",
    "SeriesDescription": "T1_.8x.8x.8_224Slices",
    "modality": "T1w",
    "run_id": "02",
    "session_id": "struct01",
    "subject_id": "MSC03"
  },
  "cjv": 0.5540192932549745,
  "cnr": 2.3845409756429192,
  "efc": 0.594702196646929,
  "fber": 605.7140502929688,
  "fwhm_avg": 3.3333431315325863,
  "fwhm_x": 3.425911931183124,
  "fwhm_y": 3.426229073170732,
  "fwhm_z": 3.1478883902439025,
  "icvs_csf": 0.17599650714330306,
  "icvs_gm": 0.426071723848111,
  "icvs_wm": 0.39793176900858596,
  "inu_med": 1.032533884048462,
  "inu_range": 0.4232602924108505,
  "provenance": {
    "md5sum": "c70591cb474c66b2f5ca0b1105324ace",
    "mriqc_pred": 0,
    "settings": {
      "testing": false
    },
    "software": "mriqc",
    "version": "0.9.6",
    "warnings": {
      "large_rot_frame": true,
      "small_air_mask": false
    }
  },
  "qi_1": 0.0,
  "qi_2": 0.0046558113991934415,
  "rpve_csf": 21.771899401971684,
  "rpve_gm": 9.761534023031475,
  "rpve_wm": 12.125086736055511,
  "size_x": 224,
  "size_y": 256,
  "size_z": 256,
  "snr_csf": 2.695459522202917,
  "snr_gm": 9.282073639559403,
  "snr_total": 9.346381406600203,
  "snr_wm": 16.061611058038288,
  "snrd_csf": 13.556359364762546,
  "snrd_gm": 27.184347566586744,
  "snrd_total": 25.644562459448753,
  "snrd_wm": 36.19298044699698,
  "spacing_x": 0.8000030517578125,
  "spacing_y": 0.80078125,
  "spacing_z": 0.80078125,
  "summary_bg_k": 11.366548032853336,
  "summary_bg_mad": 18.101612091064453,
  "summary_bg_mean": 29.52948760986328,
  "summary_bg_median": 25.31145477294922,
  "summary_bg_n": 4751812.0,
  "summary_bg_p05": 4.030715990066528,
  "summary_bg_p95": 68.58335876464844,
  "summary_bg_stdv": 21.720947265625,
  "summary_csf_k": 0.32951712084462015,
  "summary_csf_mad": 144.9177703857422,
  "summary_csf_mean": 398.69921875,
  "summary_csf_median": 374.56622314453125,
  "summary_csf_n": 34183.0,
  "summary_csf_p05": 208.2342010498047,
  "summary_csf_p95": 638.2829895019528,
  "summary_csf_stdv": 138.9598846435547,
  "summary_gm_k": 0.297238052148594,
  "summary_gm_mad": 77.98081970214844,
  "summary_gm_mean": 755.3501586914062,
  "summary_gm_median": 751.111572265625,
  "summary_gm_n": 42286.0,
  "summary_gm_p05": 629.8150482177734,
  "summary_gm_p95": 897.0370025634766,
  "summary_gm_stdv": 80.91970825195312,
  "summary_wm_k": 0.5270161297401965,
  "summary_wm_mad": 59.92078399658203,
  "summary_wm_mean": 1001.0148315429688,
  "summary_wm_median": 1000.0227661132812,
  "summary_wm_n": 432865.0,
  "summary_wm_p05": 900.6225341796875,
  "summary_wm_p95": 1103.4883544921875,
  "summary_wm_stdv": 62.261600494384766,
  "tpm_overlap_csf": 0.23016181588172913,
  "tpm_overlap_gm": 0.4966031610965729,
  "tpm_overlap_wm": 0.5317032933235168,
  "wm2max": 0.6194171117271305
}