{
  "aor": 0.0021160576923076923,
  "aqi": 0.004172530192307692,
  "bids_meta": {
    "BodyPartExamined": "HEAD",
    "CogAtlasID": "http://www.cognitiveatlas.org/term/id/trm_550b53d7dd674",
    "ConversionSoftware": "dcm2niix",
    "ConversionSoftwareVersion": "v1.0.20170411 GCC4.4.7",
    "EchoTime": 0.027,
    "EffectiveEchoSpacing": 0.000590001,
    "FlipAngle": 90,
    "ImageType": [
      "ORIGINAL",
      "PRIMARY",
      "M",
      "ND",
      "NORM",
      "MOSAIC"
    ],
    "Instructions": "In this next scan you'll be prompted to move your hands, feet, or tongue. You'll only move one of these at once. Instructions are presented on the screen. Let?s review them now. [Read on-screen instructions to participant.] Do you have any questions?",
    "MagneticFieldStrength": 3,
    "Manufacturer": "Siemens",
    "ManufacturersModelName": "TrioTim",
    "PhaseEncodingDirection": "j-",
    "ProcedureStepDescription": "head_Dosenbach_MSC",
    "ProtocolName": "Motor_104Frames_36Slices_TR2.2",
    "RepetitionTime": 2.2,
    "ScanningSequence": "EP",
    "SequenceName": "_epfid2d1_64",
    "SequenceVariant": "SK",
    "SeriesDescription": "Motor_104Frames_36Slices_TR2.2",
    "SliceTiming": [
      1.105,
      0,
      1.1675,
      0.0625,
      1.2275,
      0.1225,
      1.29,
      0.185,
      1.35,
      0.245,
      1.4125,
      0.3075,
      1.4725,
      0.37,
      1.535,
      0.43,
      1.595,
      0.4925,
      1.6575,
      0.5525,
      1.7175,
      0.615,
      1.78,
      0.675,
      1.84,
      0.7375,
      1.9025,
      0.7975,
      1.965,
      0.86,
      2.025,
      0.92,
      2.0875,
      0.9825,
      2.1475,
      1.0425
    ],
    "SoftwareVersion": "syngo MR B17",
    "TaskName": "motor",
    "modality": "bold",
    "run_id": "02",
    "session_id": "func03",
    "subject_id": "MSC05",
    "task_id": "motor"
  },
  "dummy_trs": 0,
  "dvars_nstd": 17.755031900679608,
  "dvars_std": 1.1933498033009713,
  "dvars_vstd": 0.9911246430097085,
  "efc": 0.4005363954559837,
  "fber": 49428.47265625,
  "fd_mean": 0.15359443657166816,
  "fd_num": 24,
  "fd_perc": 23.076923076923077,
  "fwhm_avg": 2.4637522599591364,
  "fwhm_x": 2.179712629920997,
  "fwhm_y": 2.83465,
  "fwhm_z": 2.3768941499564114,
  "gcor": 0.0327981,
  "gsr_x": -0.0030206593219190836,
  "gsr_y": 0.025338876992464066,
  "provenance": {
    "md5sum": "cbcceb4e93b7c9c43fd40d1c71da5e37",
    "settings": {
      "fd_thres": 0.2,
      "hmc_fsl": false
    },
    "software": "mriqc",
    "version": "0.9.6"
  },
  "size_t": 104,
  "size_x": 64,
  "size_y": 64,
  "size_z": 36,
  "snr": 5.406953088683198,
  "spacing_tr": 2.200000047683716,
  "spacing_x": 3.999999761581421,
  "spacing_y": 4.0,
  "spacing_z": 4.000001430511475,
  "summary_bg_k": 48.78918859784393,
  "summary_bg_mad": 1.9530433416366577,
  "summary_bg_mean": 13.77509880065918,
  "summary_bg_median": 3.163461685180664,
  "summary_bg_n": 98143.0,
  "summary_bg_p05": 1.3461538553237915,
  "summary_bg_p95": 72.249038696289,
  "summary_bg_stdv": 35.53985595703125,
  "summary_fg_k": 4.625729266118783,
  "summary_fg_mad": 95.75616455078125,
  "summary_fg_mean": 709.0764770507812,
  "summary_fg_median": 724.548095703125,
  "summary_fg_n": 21466.0,
  "summary_fg_p05": 458.4952087402344,
  "summary_fg_p95": 877.9952392578125,
  "summary_fg_stdv": 133.99990844726562,
  "tsnr": 88.24126434326172
}