{
  "bids_meta": {
    "BodyPartExamined": "HEAD",
    "ConversionSoftware": "dcm2niix",
    "ConversionSoftwareVersion": "v1.0.20170411 GCC4.4.7",
    "EchoTime": 0.00374,
    "FlipAngle": 8,
    "ImageType": [
      "ORIGINAL",
      "PRIMARY",
      "M",
      "ND",
      "NORM"
    ],
    "InversionTime": 1,
    "MagneticFieldStrength": 3,
    "Manufacturer": "Siemens",
    "ManufacturersModelName": "TrioTim",
    "PhaseEncodingDirection": "i-",
    "ProcedureStepDescription": "head_Dosenbach_MSC",
    "ProtocolName": "T1_.8x.8x.8_224Slices",
    "RepetitionTime": 2.4,
    "ScanningSequence": "GR_IR",
    "SequenceName": "_tfl3d1_ns",
    "SequenceVariant": "SP_MP_OSP",
    "SeriesDescription": "T1_.8x.8x.8_224Slices",
    "modality": "T1w",
    "run_id": "02",
    "session_id": "struct02",
    "subject_id": "MSC06"
  },
  "cjv": 0.5936947872387278,
  "cnr": 2.2505135158299874,
  "efc": 0.663796724152897,
  "fber": 379.49700927734375,
  "fwhm_avg": 3.342934912429179,
  "fwhm_x": 3.447406883629,
  "fwhm_y": 3.4343586341463412,
  "fwhm_z": 3.1470392195121955,
  "icvs_csf": 0.18347098138412787,
  "icvs_gm": 0.4227372817990216,
  "icvs_wm": 0.39379173681685053,
  "inu_med": 1.07481849193573,
  "inu_range": 0.49580442905426025,
  "provenance": {
    "md5sum": "d32249dbe12dece5d37f9023db431cbd",
    "mriqc_pred": 0,
    "settings": {
      "testing": false
    },
    "software": "mriqc",
    "version": "0.9.6",
    "warnings": {
      "large_rot_frame": true,
      "small_air_mask": false
    }
  },
  "qi_1": 0.0,
  "qi_2": 0.00846865431029072,
  "rpve_csf": 18.446625369705124,
  "rpve_gm": 8.523583496177123,
  "rpve_wm": 10.630141478977276,
  "size_x": 224,
  "size_y": 256,
  "size_z": 256,
  "snr_csf": 3.0150415414885443,
  "snr_gm": 9.166195825253181,
  "snr_total": 8.867886949662505,
  "snr_wm": 14.422423482245794,
  "snrd_csf": 11.488554691316622,
  "snrd_gm": 22.957603389668204,
  "snrd_total": 21.659105761303763,
  "snrd_wm": 30.531159202926467,
  "spacing_x": 0.79999840259552,
  "spacing_y": 0.80078125,
  "spacing_z": 0.80078125,
  "summary_bg_k": 3.7455790145290804,
  "summary_bg_mad": 21.458898544311523,
  "summary_bg_mean": 35.68598175048828,
  "summary_bg_median": 30.853757858276367,
  "summary_bg_n": 3495118.0,
  "summary_bg_p05": 6.677702426910402,
  "summary_bg_p95": 82.58703231811523,
  "summary_bg_stdv": 24.745391845703125,
  "summary_csf_k": 1.042534474645314,
  "summary_csf_mad": 114.26217651367188,
  "summary_csf_mean": 389.53228759765625,
  "summary_csf_median": 376.30596923828125,
  "summary_csf_n": 41530.0,
  "summary_csf_p05": 209.66239395141602,
  "summary_csf_p95": 612.6914215087886,
  "summary_csf_stdv": 124.80804443359375,
  "summary_gm_k": 0.12209213291592436,
  "summary_gm_mad": 80.39434051513672,
  "summary_gm_mean": 754.440673828125,
  "summary_gm_median": 751.9730224609375,
  "summary_gm_n": 47235.0,
  "summary_gm_p05": 622.4049926757813,
  "summary_gm_p95": 892.6892272949219,
  "summary_gm_stdv": 82.0367660522461,
  "summary_wm_k": 0.395967345528073,
  "summary_wm_mad": 66.88396453857422,
  "summary_wm_mean": 1001.6456909179688,
  "summary_wm_median": 1000.0437622070312,
  "summary_wm_n": 498391.0,
  "summary_wm_p05": 890.7908020019531,
  "summary_wm_p95": 1117.8035278320312,
  "summary_wm_stdv": 69.33943939208984,
  "tpm_overlap_csf": 0.22248494625091553,
  "tpm_overlap_gm": 0.49595606327056885,
  "tpm_overlap_wm": 0.5502561926841736,
  "wm2max": 0.619790457743897
}