{
  "bids_meta": {
    "BodyPartExamined": "HEAD",
    "ConversionSoftware": "dcm2niix",
    "ConversionSoftwareVersion": "v1.0.20170411 GCC4.4.7",
    "EchoTime": 0.00374,
    "FlipAngle": 8,
    "ImageType": [
      "ORIGINAL",
      "PRIMARY",
      "M",
      "ND",
      "NORM"
    ],
    "InversionTime": 1,
    "MagneticFieldStrength": 3,
    "Manufacturer": "Siemens",
    "ManufacturersModelName": "TrioTim",
    "PhaseEncodingDirection": "i-",
    "ProcedureStepDescription": "head_Dosenbach_MSC",
    "ProtocolName": "T1_.8x.8x.8_224Slices",
    "RepetitionTime": 2.4,
    "ScanningSequence": "GR_IR",
    "SequenceName": "_tfl3d1_ns",
    "SequenceVariant": "SP_MP_OSP",
    "SeriesDescription": "T1_.8x.8x.8_224Slices",
    "modality": "T1w",
    "run_id": "01",
    "session_id": "struct01",
    "subject_id": "MSC03"
  },
  "cjv": 0.5359307245647914,
  "cnr": 2.4606826570107283,
  "efc": 0.5901265155342232,
  "fber": 643.7506713867188,
  "fwhm_avg": 3.358258857196112,
  "fwhm_x": 3.446649352076141,
  "fwhm_y": 3.4427129756097563,
  "fwhm_z": 3.185414243902439,
  "icvs_csf": 0.17414038942057214,
  "icvs_gm": 0.42644613162005707,
  "icvs_wm": 0.3994134789593708,
  "inu_med": 1.031227469444275,
  "inu_range": 0.42749860584735855,
  "provenance": {
    "md5sum": "b2b64fda406c0dda0cbf7f8f6e372101",
    "mriqc_pred": 0,
    "settings": {
      "testing": false
    },
    "software": "mriqc",
    "version": "0.9.6",
    "warnings": {
      "large_rot_frame": true,
      "small_air_mask": false
    }
  },
  "qi_1": 0.0,
  "qi_2": 0.005753742477988669,
  "rpve_csf": 22.0026989022952,
  "rpve_gm": 9.779975003867479,
  "rpve_wm": 12.117452363508459,
  "size_x": 224,
  "size_y": 256,
  "size_z": 256,
  "snr_csf": 2.708817035762252,
  "snr_gm": 9.451478146744929,
  "snr_total": 9.503825623032188,
  "snr_wm": 16.351181686589385,
  "snrd_csf": 13.789888267693177,
  "snrd_gm": 27.67267511462968,
  "snrd_total": 26.151582611443857,
  "snrd_wm": 36.99218445200871,
  "spacing_x": 0.8000030517578125,
  "spacing_y": 0.80078125,
  "spacing_z": 0.80078125,
  "summary_bg_k": 15.381451552292955,
  "summary_bg_mad": 17.710479736328125,
  "summary_bg_mean": 28.998764038085938,
  "summary_bg_median": 24.84899139404297,
  "summary_bg_n": 4822978.0,
  "summary_bg_p05": 3.9771617889404296,
  "summary_bg_p95": 67.1835033416748,
  "summary_bg_stdv": 21.85696792602539,
  "summary_csf_k": -0.23602066365388819,
  "summary_csf_mad": 145.03970336914062,
  "summary_csf_mean": 397.84130859375,
  "summary_csf_median": 372.7857971191406,
  "summary_csf_n": 32553.0,
  "summary_csf_p05": 210.13605041503905,
  "summary_csf_p95": 634.5472778320311,
  "summary_csf_stdv": 137.61729431152344,
  "summary_gm_k": 0.25734412411083296,
  "summary_gm_mad": 76.1229019165039,
  "summary_gm_mean": 752.5429077148438,
  "summary_gm_median": 748.0829467773438,
  "summary_gm_n": 42405.0,
  "summary_gm_p05": 628.2099243164063,
  "summary_gm_p95": 890.3724975585938,
  "summary_gm_stdv": 79.1489028930664,
  "summary_wm_k": 0.5040308514066179,
  "summary_wm_mad": 58.89778518676758,
  "summary_wm_mean": 1000.6395874023438,
  "summary_wm_median": 1000.019775390625,
  "summary_wm_n": 433285.0,
  "summary_wm_p05": 901.4395385742188,
  "summary_wm_p95": 1101.0967041015624,
  "summary_wm_stdv": 61.15879821777344,
  "tpm_overlap_csf": 0.23182764649391174,
  "tpm_overlap_gm": 0.49977973103523254,
  "tpm_overlap_wm": 0.5365489721298218,
  "wm2max": 0.6221533255956356
}