{
  "bids_meta": {
    "BodyPartExamined": "HEAD",
    "ConversionSoftware": "dcm2niix",
    "ConversionSoftwareVersion": "v1.0.20170411 GCC4.4.7",
    "EchoTime": 0.00374,
    "FlipAngle": 8,
    "ImageType": [
      "ORIGINAL",
      "PRIMARY",
      "M",
      "ND",
      "NORM"
    ],
    "InversionTime": 1,
    "MagneticFieldStrength": 3,
    "Manufacturer": "Siemens",
    "ManufacturersModelName": "TrioTim",
    "PhaseEncodingDirection": "i-",
    "ProcedureStepDescription": "head_Dosenbach_MSC",
    "ProtocolName": "T1_.8x.8x.8_224Slices",
    "RepetitionTime": 2.4,
    "ScanningSequence": "GR_IR",
    "SequenceName": "_tfl3d1_ns",
    "SequenceVariant": "SP_MP_OSP",
    "SeriesDescription": "T1_.8x.8x.8_224Slices",
    "modality": "T1w",
    "run_id": "01",
    "session_id": "struct01",
    "subject_id": "MSC08"
  },
  "cjv": 0.5445311403359424,
  "cnr": 2.4357959981026225,
  "efc": 0.6228878884923822,
  "fber": 527.8756713867188,
  "fwhm_avg": 3.3935881529916094,
  "fwhm_x": 3.499888751657755,
  "fwhm_y": 3.470073756097561,
  "fwhm_z": 3.210801951219512,
  "icvs_csf": 0.16953296005878574,
  "icvs_gm": 0.4182209263174844,
  "icvs_wm": 0.41224611362372987,
  "inu_med": 1.0217187404632568,
  "inu_range": 0.4655372440814971,
  "provenance": {
    "md5sum": "7941dd268da089a308f7727bf7813f33",
    "mriqc_pred": 0,
    "settings": {
      "testing": false
    },
    "software": "mriqc",
    "version": "0.9.6",
    "warnings": {
      "large_rot_frame": true,
      "small_air_mask": false
    }
  },
  "qi_1": 0.0,
  "qi_2": 0.0036507987602216164,
  "rpve_csf": 20.74971680320034,
  "rpve_gm": 8.99052700008126,
  "rpve_wm": 10.613786684331592,
  "size_x": 224,
  "size_y": 256,
  "size_z": 256,
  "snr_csf": 3.0840688460295977,
  "snr_gm": 9.995725418602362,
  "snr_total": 9.41518679789027,
  "snr_wm": 15.16576612903885,
  "snrd_csf": 14.506987688332588,
  "snrd_gm": 25.401602542928117,
  "snrd_total": 24.579562540472335,
  "snrd_wm": 33.83009739015629,
  "spacing_x": 0.7999997138977051,
  "spacing_y": 0.80078125,
  "spacing_z": 0.80078125,
  "summary_bg_k": 3.19548404445423,
  "summary_bg_mad": 19.36609649658203,
  "summary_bg_mean": 31.4405460357666,
  "summary_bg_median": 27.21205711364746,
  "summary_bg_n": 3968579.0,
  "summary_bg_p05": 4.308472108840943,
  "summary_bg_p95": 72.5077629089355,
  "summary_bg_stdv": 21.71622085571289,
  "summary_csf_k": 0.5230350969823663,
  "summary_csf_mad": 141.41323852539062,
  "summary_csf_mean": 434.34332275390625,
  "summary_csf_median": 428.8324279785156,
  "summary_csf_n": 39037.0,
  "summary_csf_p05": 218.91359558105472,
  "summary_csf_p95": 661.3494873046874,
  "summary_csf_stdv": 139.04583740234375,
  "summary_gm_k": 0.4688442049704742,
  "summary_gm_mad": 71.87689208984375,
  "summary_gm_mean": 752.94189453125,
  "summary_gm_median": 750.8816528320312,
  "summary_gm_n": 38515.0,
  "summary_gm_p05": 632.6316833496094,
  "summary_gm_p95": 879.5213806152342,
  "summary_gm_stdv": 75.11930084228516,
  "summary_wm_k": 0.30993053638215606,
  "summary_wm_mad": 63.79288864135742,
  "summary_wm_mean": 1000.5714111328125,
  "summary_wm_median": 1000.0313720703125,
  "summary_wm_n": 470111.0,
  "summary_wm_p05": 893.4256591796875,
  "summary_wm_p95": 1109.4263305664062,
  "summary_wm_stdv": 65.93997955322266,
  "tpm_overlap_csf": 0.21291090548038483,
  "tpm_overlap_gm": 0.4887099266052246,
  "tpm_overlap_wm": 0.5335046052932739,
  "wm2max": 0.6731871889526018
}