{
  "aor": 0.0019000000000000002,
  "aqi": 0.01302138903846154,
  "bids_meta": {
    "BodyPartExamined": "HEAD",
    "CogAtlasID": "http://www.cognitiveatlas.org/term/id/trm_550b53d7dd674",
    "ConversionSoftware": "dcm2niix",
    "ConversionSoftwareVersion": "v1.0.20170411 GCC4.4.7",
    "EchoTime": 0.027,
    "EffectiveEchoSpacing": 0.000590001,
    "FlipAngle": 90,
    "ImageType": [
      "ORIGINAL",
      "PRIMARY",
      "M",
      "ND",
      "NORM",
      "MOSAIC"
    ],
    "Instructions": "In this next scan you'll be prompted to move your hands, feet, or tongue. You'll only move one of these at once. Instructions are presented on the screen. Let?s review them now. [Read on-screen instructions to participant.] Do you have any questions?",
    "MagneticFieldStrength": 3,
    "Manufacturer": "Siemens",
    "ManufacturersModelName": "TrioTim",
    "PhaseEncodingDirection": "j-",
    "ProcedureStepDescription": "head_Dosenbach_MSC",
    "ProtocolName": "Motor_104Frames_36Slices_TR2.2",
    "RepetitionTime": 2.2,
    "ScanningSequence": "EP",
    "SequenceName": "_epfid2d1_64",
    "SequenceVariant": "SK",
    "SeriesDescription": "Motor_104Frames_36Slices_TR2.2",
    "SliceTiming": [
      1.105,
      0,
      1.1675,
      0.0625,
      1.2275,
      0.1225,
      1.29,
      0.185,
      1.35,
      0.245,
      1.4125,
      0.3075,
      1.4725,
      0.37,
      1.535,
      0.43,
      1.595,
      0.4925,
      1.6575,
      0.5525,
      1.7175,
      0.615,
      1.78,
      0.675,
      1.84,
      0.7375,
      1.9025,
      0.7975,
      1.965,
      0.86,
      2.025,
      0.92,
      2.0875,
      0.9825,
      2.1475,
      1.0425
    ],
    "SoftwareVersion": "syngo MR B17",
    "TaskName": "motor",
    "modality": "bold",
    "run_id": "02",
    "session_id": "func01",
    "subject_id": "MSC08",
    "task_id": "motor"
  },
  "dummy_trs": 0,
  "dvars_nstd": 22.941750313398064,
  "dvars_std": 1.2319449241747567,
  "dvars_vstd": 0.898363741553398,
  "efc": 0.3997607973901511,
  "fber": 28031.15234375,
  "fd_mean": 0.18024633677145302,
  "fd_num": 34,
  "fd_perc": 32.69230769230769,
  "fwhm_avg": 2.541846856275726,
  "fwhm_x": 2.3695551412364924,
  "fwhm_y": 2.864725,
  "fwhm_z": 2.391260427590685,
  "gcor": 0.00536524,
  "gsr_x": -0.0191583801060915,
  "gsr_y": 0.010711650364100933,
  "provenance": {
    "md5sum": "e415a32aeccdabc5438a5ceb26909828",
    "settings": {
      "fd_thres": 0.2,
      "hmc_fsl": false
    },
    "software": "mriqc",
    "version": "0.9.6"
  },
  "size_t": 104,
  "size_x": 64,
  "size_y": 64,
  "size_z": 36,
  "snr": 5.023293421422857,
  "spacing_tr": 2.200000047683716,
  "spacing_x": 3.999999761581421,
  "spacing_y": 4.0,
  "spacing_z": 3.9999992847442627,
  "summary_bg_k": 51.331871267472394,
  "summary_bg_mad": 3.0222277641296387,
  "summary_bg_mean": 15.470831871032715,
  "summary_bg_median": 3.557692527770996,
  "summary_bg_n": 99386.0,
  "summary_bg_p05": 1.1538461446762085,
  "summary_bg_p95": 77.49759674072266,
  "summary_bg_stdv": 36.35802459716797,
  "summary_fg_k": 4.813705500571564,
  "summary_fg_mad": 75.6056137084961,
  "summary_fg_mean": 597.395263671875,
  "summary_fg_median": 616.7259521484375,
  "summary_fg_n": 19836.0,
  "summary_fg_p05": 349.1923141479492,
  "summary_fg_p95": 742.9855804443359,
  "summary_fg_stdv": 122.77013397216797,
  "tsnr": 54.64704132080078
}