{
  "aor": 0.007628105134474328,
  "aqi": 0.008403054865525674,
  "bids_meta": {
    "BodyPartExamined": "HEAD",
    "CogAtlasID": "http://www.cognitiveatlas.org/term/id/trm_4c8a834779883",
    "ConversionSoftware": "dcm2niix",
    "ConversionSoftwareVersion": "v1.0.20170411 GCC4.4.7",
    "EchoTime": 0.027,
    "EffectiveEchoSpacing": 0.000590001,
    "FlipAngle": 90,
    "ImageType": [
      "ORIGINAL",
      "PRIMARY",
      "M",
      "ND",
      "NORM",
      "MOSAIC"
    ],
    "Instructions": "During this first scan, a plus sign will be presented on the screen.  All you need to do is simply relax and look at the plus sign. Please keep your eyes open the entire time, and be as still as possible. It's extremely important that you stay awake for the entire duration of this scan. This scan will last ~30 minutes.",
    "MagneticFieldStrength": 3,
    "Manufacturer": "Siemens",
    "ManufacturersModelName": "TrioTim",
    "PhaseEncodingDirection": "j-",
    "ProcedureStepDescription": "head_Dosenbach_MSC",
    "ProtocolName": "RSFC_818Frames_36Slices_TR2.2",
    "RepetitionTime": 2.2,
    "ScanningSequence": "EP",
    "SequenceName": "_epfid2d1_64",
    "SequenceVariant": "SK",
    "SeriesDescription": "RSFC_818Frames_36Slices_TR2.2",
    "SliceTiming": [
      1.105,
      0,
      1.165,
      0.06,
      1.2275,
      0.1225,
      1.2875,
      0.185,
      1.35,
      0.245,
      1.41,
      0.3075,
      1.4725,
      0.3675,
      1.5325,
      0.43,
      1.595,
      0.49,
      1.655,
      0.5525,
      1.7175,
      0.6125,
      1.78,
      0.675,
      1.84,
      0.735,
      1.9025,
      0.7975,
      1.9625,
      0.8575,
      2.025,
      0.92,
      2.085,
      0.9825,
      2.1475,
      1.0425
    ],
    "SoftwareVersion": "syngo MR B17",
    "TaskName": "rest",
    "modality": "bold",
    "session_id": "func06",
    "subject_id": "MSC04",
    "task_id": "rest"
  },
  "dummy_trs": 0,
  "dvars_nstd": 19.65102516025703,
  "dvars_std": 1.3340457537698893,
  "dvars_vstd": 1.046987195654835,
  "efc": 0.3652569270070508,
  "fber": 51067.8125,
  "fd_mean": 0.13582416160631328,
  "fd_num": 118,
  "fd_perc": 14.425427872860636,
  "fwhm_avg": 2.608796762766055,
  "fwhm_x": 2.392545,
  "fwhm_y": 3.015425,
  "fwhm_z": 2.4184202882981642,
  "gcor": 0.0660849,
  "gsr_x": -0.014593142084777355,
  "gsr_y": 0.013462437316775322,
  "provenance": {
    "md5sum": "087bae0bac13f90f4d0ebfbada9ed54c",
    "settings": {
      "fd_thres": 0.2,
      "hmc_fsl": false
    },
    "software": "mriqc",
    "version": "0.9.6"
  },
  "size_t": 818,
  "size_x": 64,
  "size_y": 64,
  "size_z": 36,
  "snr": 4.485513835276891,
  "spacing_tr": 2.200000047683716,
  "spacing_x": 4.0,
  "spacing_y": 4.0,
  "spacing_z": 3.999999523162842,
  "summary_bg_k": 79.66499829444216,
  "summary_bg_mad": 2.287339925765991,
  "summary_bg_mean": 12.292224884033203,
  "summary_bg_median": 3.2334964275360107,
  "summary_bg_n": 101684.0,
  "summary_bg_p05": 1.2200489044189453,
  "summary_bg_p95": 49.865344429016105,
  "summary_bg_stdv": 35.34777069091797,
  "summary_fg_k": 2.975935809248579,
  "summary_fg_mad": 110.3723373413086,
  "summary_fg_mean": 721.4151611328125,
  "summary_fg_median": 755.4328002929688,
  "summary_fg_n": 18255.0,
  "summary_fg_p05": 352.70894165039067,
  "summary_fg_p95": 923.9571289062499,
  "summary_fg_stdv": 168.4114990234375,
  "tsnr": 53.75749206542969
}