{
  "bids_meta": {
    "BodyPartExamined": "HEAD",
    "ConversionSoftware": "dcm2niix",
    "ConversionSoftwareVersion": "v1.0.20170411 GCC4.4.7",
    "EchoTime": 0.00374,
    "FlipAngle": 8,
    "ImageType": [
      "ORIGINAL",
      "PRIMARY",
      "M",
      "ND",
      "NORM"
    ],
    "InversionTime": 1,
    "MagneticFieldStrength": 3,
    "Manufacturer": "Siemens",
    "ManufacturersModelName": "TrioTim",
    "PhaseEncodingDirection": "i-",
    "ProcedureStepDescription": "head_Dosenbach_MSC",
    "ProtocolName": "T1_.8x.8x.8_224Slices",
    "RepetitionTime": 2.4,
    "ScanningSequence": "GR_IR",
    "SequenceName": "_tfl3d1_ns",
    "SequenceVariant": "SP_MP_OSP",
    "SeriesDescription": "T1_.8x.8x.8_224Slices",
    "modality": "T1w",
    "run_id": "01",
    "session_id": "struct02",
    "subject_id": "MSC01"
  },
  "cjv": 0.6184310614950942,
  "cnr": 2.1628473481831336,
  "efc": 0.702454421448075,
  "fber": 370.0052185058594,
  "fwhm_avg": 3.2875421792978448,
  "fwhm_x": 3.380394342771584,
  "fwhm_y": 3.405062243902439,
  "fwhm_z": 3.077169951219512,
  "icvs_csf": 0.17881599998346695,
  "icvs_gm": 0.4143865726802737,
  "icvs_wm": 0.40679742733625934,
  "inu_med": 1.108435869216919,
  "inu_range": 0.5132431745529176,
  "provenance": {
    "md5sum": "fe547e6c4ed0a96578492d750176c0ce",
    "mriqc_pred": 0,
    "settings": {
      "testing": false
    },
    "software": "mriqc",
    "version": "0.9.6",
    "warnings": {
      "large_rot_frame": true,
      "small_air_mask": false
    }
  },
  "qi_1": 0.0,
  "qi_2": 0.0018846838837675132,
  "rpve_csf": 18.21777628390683,
  "rpve_gm": 8.403275284152398,
  "rpve_wm": 10.054908167753599,
  "size_x": 224,
  "size_y": 256,
  "size_z": 256,
  "snr_csf": 2.6584843347290796,
  "snr_gm": 9.173176752282465,
  "snr_total": 8.599327583429218,
  "snr_wm": 13.96632166327611,
  "snrd_csf": 11.284809804481378,
  "snrd_gm": 23.358819029691535,
  "snrd_total": 21.82194706624154,
  "snrd_wm": 30.822212364551707,
  "spacing_x": 0.7999954223632812,
  "spacing_y": 0.80078125,
  "spacing_z": 0.80078125,
  "summary_bg_k": 7.9308805039202195,
  "summary_bg_mad": 21.256723403930664,
  "summary_bg_mean": 36.385257720947266,
  "summary_bg_median": 31.860979080200195,
  "summary_bg_n": 3294919.0,
  "summary_bg_p05": 6.839738845825195,
  "summary_bg_p95": 81.84253616332997,
  "summary_bg_stdv": 24.128238677978516,
  "summary_csf_k": 1.140791238348065,
  "summary_csf_mad": 128.1516571044922,
  "summary_csf_mean": 385.8845520019531,
  "summary_csf_median": 366.14984130859375,
  "summary_csf_n": 36919.0,
  "summary_csf_p05": 196.07645111083986,
  "summary_csf_p95": 635.1025756835937,
  "summary_csf_stdv": 137.7269287109375,
  "summary_gm_k": 0.3257583884219555,
  "summary_gm_mad": 79.94994354248047,
  "summary_gm_mean": 760.6097412109375,
  "summary_gm_median": 757.90625,
  "summary_gm_n": 42515.0,
  "summary_gm_p05": 630.7689453125,
  "summary_gm_p95": 901.4457153320311,
  "summary_gm_stdv": 82.62103271484375,
  "summary_wm_k": 0.28777359487633936,
  "summary_wm_mad": 69.8088150024414,
  "summary_wm_mean": 1001.4696044921875,
  "summary_wm_median": 1000.0654296875,
  "summary_wm_n": 524667.0,
  "summary_wm_p05": 886.1628295898438,
  "summary_wm_p95": 1121.0995727539062,
  "summary_wm_stdv": 71.60543060302734,
  "tpm_overlap_csf": 0.2259221374988556,
  "tpm_overlap_gm": 0.4895041584968567,
  "tpm_overlap_wm": 0.5470204949378967,
  "wm2max": 0.5839685417322833
}