{
  "aor": 0.002099423076923077,
  "aqi": 0.007092855576923076,
  "bids_meta": {
    "BodyPartExamined": "HEAD",
    "CogAtlasID": "http://www.cognitiveatlas.org/term/id/trm_550b53d7dd674",
    "ConversionSoftware": "dcm2niix",
    "ConversionSoftwareVersion": "v1.0.20170411 GCC4.4.7",
    "EchoTime": 0.027,
    "EffectiveEchoSpacing": 0.000590001,
    "FlipAngle": 90,
    "ImageType": [
      "ORIGINAL",
      "PRIMARY",
      "M",
      "ND",
      "NORM",
      "MOSAIC"
    ],
    "Instructions": "In this next scan you'll be prompted to move your hands, feet, or tongue. You'll only move one of these at once. Instructions are presented on the screen. Let?s review them now. [Read on-screen instructions to participant.] Do you have any questions?",
    "MagneticFieldStrength": 3,
    "Manufacturer": "Siemens",
    "ManufacturersModelName": "TrioTim",
    "PhaseEncodingDirection": "j-",
    "ProcedureStepDescription": "head_Dosenbach_MSC",
    "ProtocolName": "Motor_104Frames_36Slices_TR2.2",
    "RepetitionTime": 2.2,
    "ScanningSequence": "EP",
    "SequenceName": "_epfid2d1_64",
    "SequenceVariant": "SK",
    "SeriesDescription": "Motor_104Frames_36Slices_TR2.2",
    "SliceTiming": [
      1.105,
      0,
      1.1675,
      0.0625,
      1.2275,
      0.1225,
      1.29,
      0.185,
      1.35,
      0.245,
      1.4125,
      0.3075,
      1.4725,
      0.37,
      1.535,
      0.43,
      1.595,
      0.4925,
      1.6575,
      0.5525,
      1.7175,
      0.615,
      1.78,
      0.675,
      1.84,
      0.7375,
      1.9025,
      0.7975,
      1.965,
      0.86,
      2.025,
      0.92,
      2.0875,
      0.9825,
      2.1475,
      1.0425
    ],
    "SoftwareVersion": "syngo MR B17",
    "TaskName": "motor",
    "modality": "bold",
    "run_id": "02",
    "session_id": "func08",
    "subject_id": "MSC06",
    "task_id": "motor"
  },
  "dummy_trs": 0,
  "dvars_nstd": 24.011219681553406,
  "dvars_std": 1.287505839708738,
  "dvars_vstd": 0.971156705631068,
  "efc": 0.3941346196514529,
  "fber": 36430.6640625,
  "fd_mean": 0.1714475278138775,
  "fd_num": 37,
  "fd_perc": 35.57692307692308,
  "fwhm_avg": 2.431423888310393,
  "fwhm_x": 2.223225,
  "fwhm_y": 2.736025,
  "fwhm_z": 2.335021664931179,
  "gcor": 0.021219,
  "gsr_x": -0.01558664534240961,
  "gsr_y": 0.014064988121390343,
  "provenance": {
    "md5sum": "c02ce5e139bf288ec306db7ba69e661b",
    "settings": {
      "fd_thres": 0.2,
      "hmc_fsl": false
    },
    "software": "mriqc",
    "version": "0.9.6"
  },
  "size_t": 104,
  "size_x": 64,
  "size_y": 64,
  "size_z": 36,
  "snr": 4.953324875820244,
  "spacing_tr": 2.200000047683716,
  "spacing_x": 4.0,
  "spacing_y": 4.0,
  "spacing_z": 4.000001430511475,
  "summary_bg_k": 54.71052408881985,
  "summary_bg_mad": 2.124113082885742,
  "summary_bg_mean": 13.083849906921387,
  "summary_bg_median": 3.365384817123413,
  "summary_bg_n": 98566.0,
  "summary_bg_p05": 1.4326924085617065,
  "summary_bg_p95": 61.8822135925293,
  "summary_bg_stdv": 31.415761947631836,
  "summary_fg_k": 4.218469259066729,
  "summary_fg_mad": 94.58719635009766,
  "summary_fg_mean": 655.7911376953125,
  "summary_fg_median": 670.8077392578125,
  "summary_fg_n": 20451.0,
  "summary_fg_p05": 392.860595703125,
  "summary_fg_p95": 826.9183044433594,
  "summary_fg_stdv": 135.4224395751953,
  "tsnr": 68.57882690429688
}