{
  "aor": 0.005257211538461539,
  "aqi": 0.004680053653846153,
  "bids_meta": {
    "BodyPartExamined": "HEAD",
    "CogAtlasID": "http://www.cognitiveatlas.org/term/id/trm_550b53d7dd674",
    "ConversionSoftware": "dcm2niix",
    "ConversionSoftwareVersion": "v1.0.20170411 GCC4.4.7",
    "EchoTime": 0.027,
    "EffectiveEchoSpacing": 0.000590001,
    "FlipAngle": 90,
    "ImageType": [
      "ORIGINAL",
      "PRIMARY",
      "M",
      "ND",
      "NORM",
      "MOSAIC"
    ],
    "Instructions": "In this next scan you'll be prompted to move your hands, feet, or tongue. You'll only move one of these at once. Instructions are presented on the screen. Let?s review them now. [Read on-screen instructions to participant.] Do you have any questions?",
    "MagneticFieldStrength": 3,
    "Manufacturer": "Siemens",
    "ManufacturersModelName": "TrioTim",
    "PhaseEncodingDirection": "j-",
    "ProcedureStepDescription": "head_Dosenbach_MSC",
    "ProtocolName": "Motor_104Frames_36Slices_TR2.2",
    "RepetitionTime": 2.2,
    "ScanningSequence": "EP",
    "SequenceName": "_epfid2d1_64",
    "SequenceVariant": "SK",
    "SeriesDescription": "Motor_104Frames_36Slices_TR2.2",
    "SliceTiming": [
      1.105,
      0,
      1.1675,
      0.0625,
      1.2275,
      0.1225,
      1.29,
      0.185,
      1.35,
      0.245,
      1.4125,
      0.3075,
      1.4725,
      0.37,
      1.535,
      0.43,
      1.595,
      0.4925,
      1.6575,
      0.5525,
      1.7175,
      0.615,
      1.78,
      0.675,
      1.84,
      0.7375,
      1.9025,
      0.7975,
      1.965,
      0.86,
      2.025,
      0.92,
      2.0875,
      0.9825,
      2.1475,
      1.0425
    ],
    "SoftwareVersion": "syngo MR B17",
    "TaskName": "motor",
    "modality": "bold",
    "run_id": "01",
    "session_id": "func07",
    "subject_id": "MSC03",
    "task_id": "motor"
  },
  "dummy_trs": 0,
  "dvars_nstd": 18.881187170097082,
  "dvars_std": 1.1943990424271844,
  "dvars_vstd": 1.0126354973786407,
  "efc": 0.36841402274659507,
  "fber": 43706.3828125,
  "fd_mean": 0.2695302559317983,
  "fd_num": 66,
  "fd_perc": 63.46153846153846,
  "fwhm_avg": 2.5270952314049198,
  "fwhm_x": 2.3028375,
  "fwhm_y": 2.94905,
  "fwhm_z": 2.3293981942147592,
  "gcor": 0.0240508,
  "gsr_x": -0.016749057918787003,
  "gsr_y": 0.014392754063010216,
  "provenance": {
    "md5sum": "748a20afedecff83f9a9965e526d8562",
    "settings": {
      "fd_thres": 0.2,
      "hmc_fsl": false
    },
    "software": "mriqc",
    "version": "0.9.6"
  },
  "size_t": 104,
  "size_x": 64,
  "size_y": 64,
  "size_z": 36,
  "snr": 4.8283672877388435,
  "spacing_tr": 2.200000047683716,
  "spacing_x": 4.0,
  "spacing_y": 4.0,
  "spacing_z": 3.9999988079071045,
  "summary_bg_k": 47.404780728286944,
  "summary_bg_mad": 1.7392065525054932,
  "summary_bg_mean": 10.962874412536621,
  "summary_bg_median": 2.721153974533081,
  "summary_bg_n": 102536.0,
  "summary_bg_p05": 1.125,
  "summary_bg_p95": 52.76923370361328,
  "summary_bg_stdv": 26.493471145629883,
  "summary_fg_k": 3.945547430184397,
  "summary_fg_mad": 81.37200164794922,
  "summary_fg_mean": 573.637451171875,
  "summary_fg_median": 590.4615478515625,
  "summary_fg_n": 17469.0,
  "summary_fg_p05": 329.3000183105469,
  "summary_fg_p95": 723.9384887695312,
  "summary_fg_stdv": 122.28660583496094,
  "tsnr": 76.8597183227539
}