{
  "aor": 0.004241634615384616,
  "aqi": 0.01241312548076923,
  "bids_meta": {
    "BodyPartExamined": "HEAD",
    "CogAtlasID": "http://www.cognitiveatlas.org/term/id/trm_550b53d7dd674",
    "ConversionSoftware": "dcm2niix",
    "ConversionSoftwareVersion": "v1.0.20170411 GCC4.4.7",
    "EchoTime": 0.027,
    "EffectiveEchoSpacing": 0.000590001,
    "FlipAngle": 90,
    "ImageType": [
      "ORIGINAL",
      "PRIMARY",
      "M",
      "ND",
      "NORM",
      "MOSAIC"
    ],
    "Instructions": "In this next scan you'll be prompted to move your hands, feet, or tongue. You'll only move one of these at once. Instructions are presented on the screen. Let?s review them now. [Read on-screen instructions to participant.] Do you have any questions?",
    "MagneticFieldStrength": 3,
    "Manufacturer": "Siemens",
    "ManufacturersModelName": "TrioTim",
    "PhaseEncodingDirection": "j-",
    "ProcedureStepDescription": "head_Dosenbach_MSC",
    "ProtocolName": "Motor_104Frames_36Slices_TR2.2",
    "RepetitionTime": 2.2,
    "ScanningSequence": "EP",
    "SequenceName": "_epfid2d1_64",
    "SequenceVariant": "SK",
    "SeriesDescription": "Motor_104Frames_36Slices_TR2.2",
    "SliceTiming": [
      1.105,
      0,
      1.1675,
      0.0625,
      1.2275,
      0.1225,
      1.29,
      0.185,
      1.35,
      0.245,
      1.4125,
      0.3075,
      1.4725,
      0.37,
      1.535,
      0.43,
      1.595,
      0.4925,
      1.6575,
      0.5525,
      1.7175,
      0.615,
      1.78,
      0.675,
      1.84,
      0.7375,
      1.9025,
      0.7975,
      1.965,
      0.86,
      2.025,
      0.92,
      2.0875,
      0.9825,
      2.1475,
      1.0425
    ],
    "SoftwareVersion": "syngo MR B17",
    "TaskName": "motor",
    "modality": "bold",
    "run_id": "02",
    "session_id": "func02",
    "subject_id": "MSC08",
    "task_id": "motor"
  },
  "dummy_trs": 0,
  "dvars_nstd": 21.988779827087377,
  "dvars_std": 1.2342649896116504,
  "dvars_vstd": 0.9379833588349517,
  "efc": 0.3954933118997811,
  "fber": 28796.841796875,
  "fd_mean": 0.20606420947501983,
  "fd_num": 50,
  "fd_perc": 48.07692307692308,
  "fwhm_avg": 2.5450913666690282,
  "fwhm_x": 2.378955,
  "fwhm_y": 2.8577251703336937,
  "fwhm_z": 2.398593929673391,
  "gcor": 0.00718904,
  "gsr_x": -0.018554789945483208,
  "gsr_y": 0.008519195020198822,
  "provenance": {
    "md5sum": "55b6e5703b6c689a531ce8ad45a2d234",
    "settings": {
      "fd_thres": 0.2,
      "hmc_fsl": false
    },
    "software": "mriqc",
    "version": "0.9.6"
  },
  "size_t": 104,
  "size_x": 64,
  "size_y": 64,
  "size_z": 36,
  "snr": 5.059602305825563,
  "spacing_tr": 2.200000047683716,
  "spacing_x": 4.0,
  "spacing_y": 3.999999761581421,
  "spacing_z": 3.999997615814209,
  "summary_bg_k": 59.33965993375117,
  "summary_bg_mad": 3.29308819770813,
  "summary_bg_mean": 14.296239852905273,
  "summary_bg_median": 3.394230842590332,
  "summary_bg_n": 99803.0,
  "summary_bg_p05": 0.7211538553237915,
  "summary_bg_p95": 69.84519195556635,
  "summary_bg_stdv": 34.016117095947266,
  "summary_fg_k": 4.659211977425256,
  "summary_fg_mad": 74.0516586303711,
  "summary_fg_mean": 582.8508911132812,
  "summary_fg_median": 601.7740478515625,
  "summary_fg_n": 19546.0,
  "summary_fg_p05": 336.76202392578125,
  "summary_fg_p95": 724.1587066650391,
  "summary_fg_stdv": 118.9339828491211,
  "tsnr": 54.61592102050781
}