{
  "aor": 0.007564486552567239,
  "aqi": 0.012302717567237165,
  "bids_meta": {
    "BodyPartExamined": "HEAD",
    "CogAtlasID": "http://www.cognitiveatlas.org/term/id/trm_4c8a834779883",
    "ConversionSoftware": "dcm2niix",
    "ConversionSoftwareVersion": "v1.0.20170411 GCC4.4.7",
    "EchoTime": 0.027,
    "EffectiveEchoSpacing": 0.000590001,
    "FlipAngle": 90,
    "ImageType": [
      "ORIGINAL",
      "PRIMARY",
      "M",
      "ND",
      "NORM",
      "MOSAIC"
    ],
    "Instructions": "During this first scan, a plus sign will be presented on the screen.  All you need to do is simply relax and look at the plus sign. Please keep your eyes open the entire time, and be as still as possible. It's extremely important that you stay awake for the entire duration of this scan. This scan will last ~30 minutes.",
    "MagneticFieldStrength": 3,
    "Manufacturer": "Siemens",
    "ManufacturersModelName": "TrioTim",
    "PhaseEncodingDirection": "j-",
    "ProcedureStepDescription": "head_Dosenbach_MSC",
    "ProtocolName": "RSFC_818Frames_36Slices_TR2.2",
    "RepetitionTime": 2.2,
    "ScanningSequence": "EP",
    "SequenceName": "_epfid2d1_64",
    "SequenceVariant": "SK",
    "SeriesDescription": "RSFC_818Frames_36Slices_TR2.2",
    "SliceTiming": [
      1.105,
      0,
      1.165,
      0.06,
      1.2275,
      0.1225,
      1.2875,
      0.185,
      1.35,
      0.245,
      1.41,
      0.3075,
      1.4725,
      0.3675,
      1.5325,
      0.43,
      1.595,
      0.49,
      1.655,
      0.5525,
      1.7175,
      0.6125,
      1.78,
      0.675,
      1.84,
      0.735,
      1.9025,
      0.7975,
      1.9625,
      0.8575,
      2.025,
      0.92,
      2.085,
      0.9825,
      2.1475,
      1.0425
    ],
    "SoftwareVersion": "syngo MR B17",
    "TaskName": "rest",
    "modality": "bold",
    "session_id": "func04",
    "subject_id": "MSC10",
    "task_id": "rest"
  },
  "dummy_trs": 0,
  "dvars_nstd": 22.89901449642595,
  "dvars_std": 1.292025142374543,
  "dvars_vstd": 1.055372243096695,
  "efc": 0.4185903322222714,
  "fber": 29834.6171875,
  "fd_mean": 0.24363940818369617,
  "fd_num": 487,
  "fd_perc": 59.53545232273839,
  "fwhm_avg": 2.4823686982307582,
  "fwhm_x": 2.287495,
  "fwhm_y": 2.863875,
  "fwhm_z": 2.2957360946922756,
  "gcor": 0.0392241,
  "gsr_x": -0.01214437372982502,
  "gsr_y": 0.016326479613780975,
  "provenance": {
    "md5sum": "5271f483b88342abb90b88984599cde9",
    "settings": {
      "fd_thres": 0.2,
      "hmc_fsl": false
    },
    "software": "mriqc",
    "version": "0.9.6"
  },
  "size_t": 818,
  "size_x": 64,
  "size_y": 64,
  "size_z": 36,
  "snr": 4.669841174529417,
  "spacing_tr": 2.200000047683716,
  "spacing_x": 4.0,
  "spacing_y": 4.0,
  "spacing_z": 3.999998092651367,
  "summary_bg_k": 46.341903047695396,
  "summary_bg_mad": 3.3657612800598145,
  "summary_bg_mean": 15.964179039001465,
  "summary_bg_median": 3.9254281520843506,
  "summary_bg_n": 95545.0,
  "summary_bg_p05": 1.1124694347381592,
  "summary_bg_p95": 79.24254455566417,
  "summary_bg_stdv": 38.936710357666016,
  "summary_fg_k": 3.460376839676634,
  "summary_fg_mad": 107.64096069335938,
  "summary_fg_mean": 696.7393188476562,
  "summary_fg_median": 712.986572265625,
  "summary_fg_n": 22595.0,
  "summary_fg_p05": 405.63694763183594,
  "summary_fg_p95": 895.2306274414062,
  "summary_fg_stdv": 152.67559814453125,
  "tsnr": 44.62059020996094
}