{
  "aor": 0.009885096153846152,
  "aqi": 0.012747628461538464,
  "bids_meta": {
    "BodyPartExamined": "HEAD",
    "CogAtlasID": "http://www.cognitiveatlas.org/term/id/trm_550b53d7dd674",
    "ConversionSoftware": "dcm2niix",
    "ConversionSoftwareVersion": "v1.0.20170411 GCC4.4.7",
    "EchoTime": 0.027,
    "EffectiveEchoSpacing": 0.000590001,
    "FlipAngle": 90,
    "ImageType": [
      "ORIGINAL",
      "PRIMARY",
      "M",
      "ND",
      "NORM",
      "MOSAIC"
    ],
    "Instructions": "In this next scan you'll be prompted to move your hands, feet, or tongue. You'll only move one of these at once. Instructions are presented on the screen. Let?s review them now. [Read on-screen instructions to participant.] Do you have any questions?",
    "MagneticFieldStrength": 3,
    "Manufacturer": "Siemens",
    "ManufacturersModelName": "TrioTim",
    "PhaseEncodingDirection": "j-",
    "ProcedureStepDescription": "head_Dosenbach_MSC",
    "ProtocolName": "Motor_104Frames_36Slices_TR2.2",
    "RepetitionTime": 2.2,
    "ScanningSequence": "EP",
    "SequenceName": "_epfid2d1_64",
    "SequenceVariant": "SK",
    "SeriesDescription": "Motor_104Frames_36Slices_TR2.2",
    "SliceTiming": [
      1.105,
      0,
      1.1675,
      0.0625,
      1.2275,
      0.1225,
      1.29,
      0.185,
      1.35,
      0.245,
      1.4125,
      0.3075,
      1.4725,
      0.37,
      1.535,
      0.43,
      1.595,
      0.4925,
      1.6575,
      0.5525,
      1.7175,
      0.615,
      1.78,
      0.675,
      1.84,
      0.7375,
      1.9025,
      0.7975,
      1.965,
      0.86,
      2.025,
      0.92,
      2.0875,
      0.9825,
      2.1475,
      1.0425
    ],
    "SoftwareVersion": "syngo MR B17",
    "TaskName": "motor",
    "modality": "bold",
    "run_id": "01",
    "session_id": "func10",
    "subject_id": "MSC07",
    "task_id": "motor"
  },
  "dummy_trs": 0,
  "dvars_nstd": 19.965802312912626,
  "dvars_std": 1.1774474628155336,
  "dvars_vstd": 0.9833291010679608,
  "efc": 0.4012997066082135,
  "fber": 35056.88671875,
  "fd_mean": 0.23101597310636834,
  "fd_num": 52,
  "fd_perc": 50.0,
  "fwhm_avg": 2.482978981615945,
  "fwhm_x": 2.29206,
  "fwhm_y": 2.8284,
  "fwhm_z": 2.3284769448478353,
  "gcor": 0.018262,
  "gsr_x": -0.021174916997551918,
  "gsr_y": 0.017073938623070717,
  "provenance": {
    "md5sum": "7388ba606356a673132fe176c52a6519",
    "settings": {
      "fd_thres": 0.2,
      "hmc_fsl": false
    },
    "software": "mriqc",
    "version": "0.9.6"
  },
  "size_t": 104,
  "size_x": 64,
  "size_y": 64,
  "size_z": 36,
  "snr": 5.024523892845568,
  "spacing_tr": 2.200000047683716,
  "spacing_x": 4.0,
  "spacing_y": 4.0,
  "spacing_z": 4.000000953674316,
  "summary_bg_k": 42.60242158916639,
  "summary_bg_mad": 2.6373214721679688,
  "summary_bg_mean": 18.7014217376709,
  "summary_bg_median": 3.836538553237915,
  "summary_bg_n": 98559.0,
  "summary_bg_p05": 1.5961538553237915,
  "summary_bg_p95": 95.11634826660148,
  "summary_bg_stdv": 48.16453170776367,
  "summary_fg_k": 4.250517298140231,
  "summary_fg_mad": 103.75365447998047,
  "summary_fg_mean": 730.2986450195312,
  "summary_fg_median": 745.923095703125,
  "summary_fg_n": 20319.0,
  "summary_fg_p05": 456.64136962890626,
  "summary_fg_p95": 919.2913940429687,
  "summary_fg_stdv": 148.45281982421875,
  "tsnr": 49.77776336669922
}