{
  "aor": 0.003949423076923077,
  "aqi": 0.01253801846153846,
  "bids_meta": {
    "BodyPartExamined": "HEAD",
    "CogAtlasID": "http://www.cognitiveatlas.org/term/id/trm_550b53d7dd674",
    "ConversionSoftware": "dcm2niix",
    "ConversionSoftwareVersion": "v1.0.20170411 GCC4.4.7",
    "EchoTime": 0.027,
    "EffectiveEchoSpacing": 0.000590001,
    "FlipAngle": 90,
    "ImageType": [
      "ORIGINAL",
      "PRIMARY",
      "M",
      "ND",
      "NORM",
      "MOSAIC"
    ],
    "Instructions": "In this next scan you'll be prompted to move your hands, feet, or tongue. You'll only move one of these at once. Instructions are presented on the screen. Let?s review them now. [Read on-screen instructions to participant.] Do you have any questions?",
    "MagneticFieldStrength": 3,
    "Manufacturer": "Siemens",
    "ManufacturersModelName": "TrioTim",
    "PhaseEncodingDirection": "j-",
    "ProcedureStepDescription": "head_Dosenbach_MSC",
    "ProtocolName": "Motor_104Frames_36Slices_TR2.2",
    "RepetitionTime": 2.2,
    "ScanningSequence": "EP",
    "SequenceName": "_epfid2d1_64",
    "SequenceVariant": "SK",
    "SeriesDescription": "Motor_104Frames_36Slices_TR2.2",
    "SliceTiming": [
      1.105,
      0,
      1.1675,
      0.0625,
      1.2275,
      0.1225,
      1.29,
      0.185,
      1.35,
      0.245,
      1.4125,
      0.3075,
      1.4725,
      0.37,
      1.535,
      0.43,
      1.595,
      0.4925,
      1.6575,
      0.5525,
      1.7175,
      0.615,
      1.78,
      0.675,
      1.84,
      0.7375,
      1.9025,
      0.7975,
      1.965,
      0.86,
      2.025,
      0.92,
      2.0875,
      0.9825,
      2.1475,
      1.0425
    ],
    "SoftwareVersion": "syngo MR B17",
    "TaskName": "motor",
    "modality": "bold",
    "run_id": "02",
    "session_id": "func02",
    "subject_id": "MSC07",
    "task_id": "motor"
  },
  "dummy_trs": 0,
  "dvars_nstd": 19.931888302524275,
  "dvars_std": 1.1182829319417473,
  "dvars_vstd": 0.9030609965048542,
  "efc": 0.4022222935556894,
  "fber": 34439.3515625,
  "fd_mean": 0.2101184330694078,
  "fd_num": 42,
  "fd_perc": 40.38461538461539,
  "fwhm_avg": 2.4756856483996357,
  "fwhm_x": 2.2804775,
  "fwhm_y": 2.819575,
  "fwhm_z": 2.3270044451989067,
  "gcor": 0.0133482,
  "gsr_x": -0.020621297881007195,
  "gsr_y": 0.015377489849925041,
  "provenance": {
    "md5sum": "8e48518e994b7b17c5e3bc78facc3822",
    "settings": {
      "fd_thres": 0.2,
      "hmc_fsl": false
    },
    "software": "mriqc",
    "version": "0.9.6"
  },
  "size_t": 104,
  "size_x": 64,
  "size_y": 64,
  "size_z": 36,
  "snr": 5.072920258309421,
  "spacing_tr": 2.200000047683716,
  "spacing_x": 4.0,
  "spacing_y": 4.0,
  "spacing_z": 4.000000953674316,
  "summary_bg_k": 41.463398317846675,
  "summary_bg_mad": 2.9366931915283203,
  "summary_bg_mean": 18.640838623046875,
  "summary_bg_median": 3.942307949066162,
  "summary_bg_n": 98364.0,
  "summary_bg_p05": 1.509615421295166,
  "summary_bg_p95": 94.5370243072509,
  "summary_bg_stdv": 46.65822219848633,
  "summary_fg_k": 4.325796793573699,
  "summary_fg_mad": 106.69750213623047,
  "summary_fg_mean": 745.6611328125,
  "summary_fg_median": 761.78369140625,
  "summary_fg_n": 20434.0,
  "summary_fg_p05": 469.6173294067383,
  "summary_fg_p95": 935.0466644287108,
  "summary_fg_stdv": 150.16302490234375,
  "tsnr": 51.46831512451172
}