{
  "aor": 0.005447211538461539,
  "aqi": 0.008271277788461538,
  "bids_meta": {
    "BodyPartExamined": "HEAD",
    "CogAtlasID": "http://www.cognitiveatlas.org/term/id/trm_550b53d7dd674",
    "ConversionSoftware": "dcm2niix",
    "ConversionSoftwareVersion": "v1.0.20170411 GCC4.4.7",
    "EchoTime": 0.027,
    "EffectiveEchoSpacing": 0.000590001,
    "FlipAngle": 90,
    "ImageType": [
      "ORIGINAL",
      "PRIMARY",
      "M",
      "ND",
      "NORM",
      "MOSAIC"
    ],
    "Instructions": "In this next scan you'll be prompted to move your hands, feet, or tongue. You'll only move one of these at once. Instructions are presented on the screen. Let?s review them now. [Read on-screen instructions to participant.] Do you have any questions?",
    "MagneticFieldStrength": 3,
    "Manufacturer": "Siemens",
    "ManufacturersModelName": "TrioTim",
    "PhaseEncodingDirection": "j-",
    "ProcedureStepDescription": "head_Dosenbach_MSC",
    "ProtocolName": "Motor_104Frames_36Slices_TR2.2",
    "RepetitionTime": 2.2,
    "ScanningSequence": "EP",
    "SequenceName": "_epfid2d1_64",
    "SequenceVariant": "SK",
    "SeriesDescription": "Motor_104Frames_36Slices_TR2.2",
    "SliceTiming": [
      1.105,
      0,
      1.1675,
      0.0625,
      1.2275,
      0.1225,
      1.29,
      0.185,
      1.35,
      0.245,
      1.4125,
      0.3075,
      1.4725,
      0.37,
      1.535,
      0.43,
      1.595,
      0.4925,
      1.6575,
      0.5525,
      1.7175,
      0.615,
      1.78,
      0.675,
      1.84,
      0.7375,
      1.9025,
      0.7975,
      1.965,
      0.86,
      2.025,
      0.92,
      2.0875,
      0.9825,
      2.1475,
      1.0425
    ],
    "SoftwareVersion": "syngo MR B17",
    "TaskName": "motor",
    "modality": "bold",
    "run_id": "02",
    "session_id": "func03",
    "subject_id": "MSC07",
    "task_id": "motor"
  },
  "dummy_trs": 0,
  "dvars_nstd": 18.715429611359216,
  "dvars_std": 1.1671427342718443,
  "dvars_vstd": 0.9738131287378644,
  "efc": 0.39428395907308983,
  "fber": 36944.63671875,
  "fd_mean": 0.23174866448503298,
  "fd_num": 62,
  "fd_perc": 59.61538461538461,
  "fwhm_avg": 2.3875333333333333,
  "fwhm_x": 2.2113775,
  "fwhm_y": 2.71065,
  "fwhm_z": 2.2405725,
  "gcor": 0.0219652,
  "gsr_x": -0.0183456651866436,
  "gsr_y": 0.01776120625436306,
  "provenance": {
    "md5sum": "fd6ad17b926ca3fe3b1c146462cf73f9",
    "settings": {
      "fd_thres": 0.2,
      "hmc_fsl": false
    },
    "software": "mriqc",
    "version": "0.9.6"
  },
  "size_t": 104,
  "size_x": 64,
  "size_y": 64,
  "size_z": 36,
  "snr": 5.338443445522131,
  "spacing_tr": 2.200000047683716,
  "spacing_x": 4.0,
  "spacing_y": 4.0,
  "spacing_z": 4.0,
  "summary_bg_k": 46.55260223939799,
  "summary_bg_mad": 2.879669666290283,
  "summary_bg_mean": 17.22963523864746,
  "summary_bg_median": 3.903846263885498,
  "summary_bg_n": 99045.0,
  "summary_bg_p05": 1.4230769872665405,
  "summary_bg_p95": 86.26923370361328,
  "summary_bg_stdv": 44.3615837097168,
  "summary_fg_k": 4.733454404033595,
  "summary_fg_mad": 105.83502960205078,
  "summary_fg_mean": 771.3128051757812,
  "summary_fg_median": 782.5288696289062,
  "summary_fg_n": 19823.0,
  "summary_fg_p05": 520.1500244140625,
  "summary_fg_p95": 966.4817626953123,
  "summary_fg_stdv": 146.58001708984375,
  "tsnr": 62.54145431518555
}