{
  "aor": 0.0034525000000000003,
  "aqi": 0.0066606163461538455,
  "bids_meta": {
    "BodyPartExamined": "HEAD",
    "CogAtlasID": "http://www.cognitiveatlas.org/term/id/trm_550b53d7dd674",
    "ConversionSoftware": "dcm2niix",
    "ConversionSoftwareVersion": "v1.0.20170411 GCC4.4.7",
    "EchoTime": 0.027,
    "EffectiveEchoSpacing": 0.000590001,
    "FlipAngle": 90,
    "ImageType": [
      "ORIGINAL",
      "PRIMARY",
      "M",
      "ND",
      "NORM",
      "MOSAIC"
    ],
    "Instructions": "In this next scan you'll be prompted to move your hands, feet, or tongue. You'll only move one of these at once. Instructions are presented on the screen. Let?s review them now. [Read on-screen instructions to participant.] Do you have any questions?",
    "MagneticFieldStrength": 3,
    "Manufacturer": "Siemens",
    "ManufacturersModelName": "TrioTim",
    "PhaseEncodingDirection": "j-",
    "ProcedureStepDescription": "head_Dosenbach_MSC",
    "ProtocolName": "Motor_104Frames_36Slices_TR2.2",
    "RepetitionTime": 2.2,
    "ScanningSequence": "EP",
    "SequenceName": "_epfid2d1_64",
    "SequenceVariant": "SK",
    "SeriesDescription": "Motor_104Frames_36Slices_TR2.2",
    "SliceTiming": [
      1.105,
      0,
      1.1675,
      0.0625,
      1.2275,
      0.1225,
      1.29,
      0.185,
      1.35,
      0.245,
      1.4125,
      0.3075,
      1.4725,
      0.37,
      1.535,
      0.43,
      1.595,
      0.4925,
      1.6575,
      0.5525,
      1.7175,
      0.615,
      1.78,
      0.675,
      1.84,
      0.7375,
      1.9025,
      0.7975,
      1.965,
      0.86,
      2.025,
      0.92,
      2.0875,
      0.9825,
      2.1475,
      1.0425
    ],
    "SoftwareVersion": "syngo MR B17",
    "TaskName": "motor",
    "modality": "bold",
    "run_id": "02",
    "session_id": "func06",
    "subject_id": "MSC01",
    "task_id": "motor"
  },
  "dummy_trs": 0,
  "dvars_nstd": 21.88732179631067,
  "dvars_std": 1.1850238437864082,
  "dvars_vstd": 1.001720753592233,
  "efc": 0.4097593000450687,
  "fber": 27174.916015625,
  "fd_mean": 0.20111074165683387,
  "fd_num": 45,
  "fd_perc": 43.26923076923077,
  "fwhm_avg": 2.368926666666667,
  "fwhm_x": 2.11307,
  "fwhm_y": 2.738,
  "fwhm_z": 2.25571,
  "gcor": 0.0221623,
  "gsr_x": -0.008652683347463608,
  "gsr_y": 0.012640287168323994,
  "provenance": {
    "md5sum": "723d4923ad67fcd6584714128ed1b0cd",
    "settings": {
      "fd_thres": 0.2,
      "hmc_fsl": false
    },
    "software": "mriqc",
    "version": "0.9.6"
  },
  "size_t": 104,
  "size_x": 64,
  "size_y": 64,
  "size_z": 36,
  "snr": 4.8830923671596596,
  "spacing_tr": 2.200000047683716,
  "spacing_x": 4.0,
  "spacing_y": 4.0,
  "spacing_z": 4.0,
  "summary_bg_k": 37.56566240517447,
  "summary_bg_mad": 2.60880970954895,
  "summary_bg_mean": 14.668362617492676,
  "summary_bg_median": 3.692307949066162,
  "summary_bg_n": 97547.0,
  "summary_bg_p05": 1.4134615659713745,
  "summary_bg_p95": 67.39134979248044,
  "summary_bg_stdv": 32.12087631225586,
  "summary_fg_k": 3.6507271286377385,
  "summary_fg_mad": 90.31757354736328,
  "summary_fg_mean": 617.1604614257812,
  "summary_fg_median": 632.0865478515625,
  "summary_fg_n": 21336.0,
  "summary_fg_p05": 359.2403869628906,
  "summary_fg_p95": 783.9279022216797,
  "summary_fg_stdv": 129.4408721923828,
  "tsnr": 67.58367919921875
}