{
  "aor": 0.003465281173594132,
  "aqi": 0.028735249633251834,
  "bids_meta": {
    "BodyPartExamined": "HEAD",
    "CogAtlasID": "http://www.cognitiveatlas.org/term/id/trm_4c8a834779883",
    "ConversionSoftware": "dcm2niix",
    "ConversionSoftwareVersion": "v1.0.20170411 GCC4.4.7",
    "EchoTime": 0.027,
    "EffectiveEchoSpacing": 0.000590001,
    "FlipAngle": 90,
    "ImageType": [
      "ORIGINAL",
      "PRIMARY",
      "M",
      "ND",
      "NORM",
      "MOSAIC"
    ],
    "Instructions": "During this first scan, a plus sign will be presented on the screen.  All you need to do is simply relax and look at the plus sign. Please keep your eyes open the entire time, and be as still as possible. It's extremely important that you stay awake for the entire duration of this scan. This scan will last ~30 minutes.",
    "MagneticFieldStrength": 3,
    "Manufacturer": "Siemens",
    "ManufacturersModelName": "TrioTim",
    "PhaseEncodingDirection": "j-",
    "ProcedureStepDescription": "head_Dosenbach_MSC",
    "ProtocolName": "RSFC_818Frames_36Slices_TR2.2",
    "RepetitionTime": 2.2,
    "ScanningSequence": "EP",
    "SequenceName": "_epfid2d1_64",
    "SequenceVariant": "SK",
    "SeriesDescription": "RSFC_818Frames_36Slices_TR2.2",
    "SliceTiming": [
      1.105,
      0,
      1.165,
      0.06,
      1.2275,
      0.1225,
      1.2875,
      0.185,
      1.35,
      0.245,
      1.41,
      0.3075,
      1.4725,
      0.3675,
      1.5325,
      0.43,
      1.595,
      0.49,
      1.655,
      0.5525,
      1.7175,
      0.6125,
      1.78,
      0.675,
      1.84,
      0.735,
      1.9025,
      0.7975,
      1.9625,
      0.8575,
      2.025,
      0.92,
      2.085,
      0.9825,
      2.1475,
      1.0425
    ],
    "SoftwareVersion": "syngo MR B17",
    "TaskName": "rest",
    "modality": "bold",
    "session_id": "func10",
    "subject_id": "MSC08",
    "task_id": "rest"
  },
  "dummy_trs": 0,
  "dvars_nstd": 25.936888364540998,
  "dvars_std": 1.0815712315667072,
  "dvars_vstd": 0.9095839670991426,
  "efc": 0.3913735097687798,
  "fber": 31875.375,
  "fd_mean": 0.28686305175268684,
  "fd_num": 443,
  "fd_perc": 54.15647921760391,
  "fwhm_avg": 2.617179166666667,
  "fwhm_x": 2.42968,
  "fwhm_y": 2.94865,
  "fwhm_z": 2.4732075,
  "gcor": 0.0101535,
  "gsr_x": -0.01761791855096817,
  "gsr_y": 0.010914781130850315,
  "provenance": {
    "md5sum": "9e7d9fdde6e6463255d534e921ed9f44",
    "settings": {
      "fd_thres": 0.2,
      "hmc_fsl": false
    },
    "software": "mriqc",
    "version": "0.9.6"
  },
  "size_t": 818,
  "size_x": 64,
  "size_y": 64,
  "size_z": 36,
  "snr": 4.851967860693975,
  "spacing_tr": 2.200000047683716,
  "spacing_x": 4.0,
  "spacing_y": 4.0,
  "spacing_z": 4.0,
  "summary_bg_k": 58.426739855626955,
  "summary_bg_mad": 2.432337760925293,
  "summary_bg_mean": 13.12690258026123,
  "summary_bg_median": 3.2359414100646973,
  "summary_bg_n": 99521.0,
  "summary_bg_p05": 1.267726182937622,
  "summary_bg_p95": 62.399757385253906,
  "summary_bg_stdv": 31.40312385559082,
  "summary_fg_k": 4.3522654267364285,
  "summary_fg_mad": 73.9461441040039,
  "summary_fg_mean": 571.9982299804688,
  "summary_fg_median": 595.4474487304688,
  "summary_fg_n": 19676.0,
  "summary_fg_p05": 308.8001403808594,
  "summary_fg_p95": 712.2390289306641,
  "summary_fg_stdv": 122.71975708007812,
  "tsnr": 33.79461669921875
}