{
  "bids_meta": {
    "BodyPartExamined": "HEAD",
    "ConversionSoftware": "dcm2niix",
    "ConversionSoftwareVersion": "v1.0.20170411 GCC4.4.7",
    "EchoTime": 0.479,
    "FlipAngle": 120,
    "ImageType": [
      "ORIGINAL",
      "PRIMARY",
      "M",
      "ND",
      "NORM"
    ],
    "MagneticFieldStrength": 3,
    "Manufacturer": "Siemens",
    "ManufacturersModelName": "TrioTim",
    "PhaseEncodingDirection": "i-",
    "ProcedureStepDescription": "head_Dosenbach_MSC",
    "ProtocolName": "T2_.8x.8x.8_224Slices",
    "RepetitionTime": 3.2,
    "ScanningSequence": "SE",
    "SequenceName": "_spc3d1_282ns",
    "SequenceVariant": "SK_SP",
    "SeriesDescription": "T2_.8x.8x.8_224Slices",
    "modality": "T2w",
    "run_id": "02",
    "session_id": "struct02",
    "subject_id": "MSC07"
  },
  "cjv": 0.36370439447159797,
  "cnr": 3.061991097542563,
  "efc": 0.5850916836305708,
  "fber": 924.8580322265625,
  "fwhm_avg": 2.2799533847088798,
  "fwhm_x": 2.132082593151029,
  "fwhm_y": 2.53069112195122,
  "fwhm_z": 2.1770864390243903,
  "icvs_csf": 0.30483812298036134,
  "icvs_gm": 0.0989459705112979,
  "icvs_wm": 0.5962159065083408,
  "inu_med": 1.3120765686035156,
  "inu_range": 0.41941039562225324,
  "provenance": {
    "md5sum": "c2bbfa08de694b07ead9dcb35c6c70b0",
    "settings": {
      "testing": false
    },
    "software": "mriqc",
    "version": "0.9.6",
    "warnings": {
      "large_rot_frame": true,
      "small_air_mask": false
    }
  },
  "qi_1": 0.0009908689682120674,
  "qi_2": 0.0016729147418826351,
  "rpve_csf": 11.754334645640428,
  "rpve_gm": 49.37524583759901,
  "rpve_wm": 7.4435139018218495,
  "size_x": 224,
  "size_y": 256,
  "size_z": 256,
  "snr_csf": 7.556097131362851,
  "snr_gm": 4.78227431109896,
  "snr_total": 6.205306416925727,
  "snr_wm": 6.277547808315373,
  "snrd_csf": 56.30741013018927,
  "snrd_gm": 97.79136163916324,
  "snrd_total": 62.3772833029761,
  "snrd_wm": 33.033078139575814,
  "spacing_x": 0.7999971508979797,
  "spacing_y": 0.80078125,
  "spacing_z": 0.80078125,
  "summary_bg_k": 95.70640374249601,
  "summary_bg_mad": 19.835098266601562,
  "summary_bg_mean": 32.881431579589844,
  "summary_bg_median": 24.137645721435547,
  "summary_bg_n": 3346096.0,
  "summary_bg_p05": 0.0,
  "summary_bg_p95": 95.67412185668945,
  "summary_bg_stdv": 36.55207443237305,
  "summary_csf_k": 1.0924142665408585,
  "summary_csf_mad": 209.12619018554688,
  "summary_csf_mean": 1715.1156005859375,
  "summary_csf_median": 1704.7794189453125,
  "summary_csf_n": 63585.0,
  "summary_csf_p05": 1368.5438720703125,
  "summary_csf_p95": 2096.2115234374996,
  "summary_csf_stdv": 225.6146240234375,
  "summary_gm_k": 2.115570963770531,
  "summary_gm_mad": 558.544677734375,
  "summary_gm_mean": 2945.132080078125,
  "summary_gm_median": 2960.759521484375,
  "summary_gm_n": 30613.0,
  "summary_gm_p05": 1902.5195556640626,
  "summary_gm_p95": 3836.6852539062493,
  "summary_gm_stdv": 619.10107421875,
  "summary_wm_k": 0.25244891090908794,
  "summary_wm_mad": 154.54888916015625,
  "summary_wm_mean": 1004.9810180664062,
  "summary_wm_median": 1000.1190185546875,
  "summary_wm_n": 533402.0,
  "summary_wm_p05": 751.6136474609375,
  "summary_wm_p95": 1275.6751403808594,
  "summary_wm_stdv": 159.31668090820312,
  "tpm_overlap_csf": 0.12252417206764221,
  "tpm_overlap_gm": 0.08666299283504486,
  "tpm_overlap_wm": 0.4837768077850342,
  "wm2max": 0.26740163319593685
}