{
  "bids_meta": {
    "BodyPartExamined": "HEAD",
    "ConversionSoftware": "dcm2niix",
    "ConversionSoftwareVersion": "v1.0.20170411 GCC4.4.7",
    "EchoTime": 0.00374,
    "FlipAngle": 8,
    "ImageType": [
      "ORIGINAL",
      "PRIMARY",
      "M",
      "ND",
      "NORM"
    ],
    "InversionTime": 1,
    "MagneticFieldStrength": 3,
    "Manufacturer": "Siemens",
    "ManufacturersModelName": "TrioTim",
    "PhaseEncodingDirection": "i-",
    "ProcedureStepDescription": "head_Dosenbach_MSC",
    "ProtocolName": "T1_.8x.8x.8_224Slices",
    "RepetitionTime": 2.4,
    "ScanningSequence": "GR_IR",
    "SequenceName": "_tfl3d1_ns",
    "SequenceVariant": "SP_MP_OSP",
    "SeriesDescription": "T1_.8x.8x.8_224Slices",
    "modality": "T1w",
    "run_id": "03",
    "session_id": "struct01",
    "subject_id": "MSC06"
  },
  "cjv": 0.643754266228437,
  "cnr": 2.0794977527720926,
  "efc": 0.656369598697871,
  "fber": 288.818115234375,
  "fwhm_avg": 3.2300699912816797,
  "fwhm_x": 3.341222656771868,
  "fwhm_y": 3.3061962926829267,
  "fwhm_z": 3.042791024390244,
  "icvs_csf": 0.1805539977778528,
  "icvs_gm": 0.42275890290168366,
  "icvs_wm": 0.39668709932046353,
  "inu_med": 1.074162483215332,
  "inu_range": 0.5033466100692748,
  "provenance": {
    "md5sum": "f876f77d31dc56b705174f7df7e93a21",
    "mriqc_pred": 0,
    "settings": {
      "testing": false
    },
    "software": "mriqc",
    "version": "0.9.6",
    "warnings": {
      "large_rot_frame": true,
      "small_air_mask": false
    }
  },
  "qi_1": 0.0,
  "qi_2": 0.005060270836839792,
  "rpve_csf": 18.798590356226036,
  "rpve_gm": 8.510087794322283,
  "rpve_wm": 10.465904519678704,
  "size_x": 224,
  "size_y": 256,
  "size_z": 256,
  "snr_csf": 2.9508551267053003,
  "snr_gm": 8.674386206995258,
  "snr_total": 8.233022340481414,
  "snr_wm": 13.073825687743684,
  "snrd_csf": 9.992858290905007,
  "snrd_gm": 19.948155135440942,
  "snrd_total": 18.816656741722078,
  "snrd_wm": 26.508956798820286,
  "spacing_x": 0.7999975681304932,
  "spacing_y": 0.80078125,
  "spacing_z": 0.80078125,
  "summary_bg_k": 2.7584285536950937,
  "summary_bg_mad": 24.714786529541016,
  "summary_bg_mean": 41.76043701171875,
  "summary_bg_median": 36.35322570800781,
  "summary_bg_n": 4124550.0,
  "summary_bg_p05": 7.940290331840515,
  "summary_bg_p95": 95.04104385375975,
  "summary_bg_stdv": 28.087841033935547,
  "summary_csf_k": 1.3708207266440295,
  "summary_csf_mad": 118.39860534667969,
  "summary_csf_mean": 389.72613525390625,
  "summary_csf_median": 376.9770202636719,
  "summary_csf_n": 41359.0,
  "summary_csf_p05": 205.47743225097656,
  "summary_csf_p95": 617.3498962402343,
  "summary_csf_stdv": 127.750244140625,
  "summary_gm_k": 0.14625786002407493,
  "summary_gm_mad": 85.16366577148438,
  "summary_gm_mean": 754.9876098632812,
  "summary_gm_median": 752.5370483398438,
  "summary_gm_n": 46823.0,
  "summary_gm_p05": 616.6263061523438,
  "summary_gm_p95": 901.5987487792969,
  "summary_gm_stdv": 86.75299835205078,
  "summary_wm_k": 0.39228454737337115,
  "summary_wm_mad": 74.16802978515625,
  "summary_wm_mean": 1001.7452392578125,
  "summary_wm_median": 1000.0409545898438,
  "summary_wm_n": 492883.0,
  "summary_wm_p05": 879.3502380371094,
  "summary_wm_p95": 1129.6293823242186,
  "summary_wm_stdv": 76.49176025390625,
  "tpm_overlap_csf": 0.22024942934513092,
  "tpm_overlap_gm": 0.4938410818576813,
  "tpm_overlap_wm": 0.5460175275802612,
  "wm2max": 0.6104622185669152
}