{
  "aor": 0.0020191346153846153,
  "aqi": 0.007804525288461539,
  "bids_meta": {
    "BodyPartExamined": "HEAD",
    "CogAtlasID": "http://www.cognitiveatlas.org/term/id/trm_550b53d7dd674",
    "ConversionSoftware": "dcm2niix",
    "ConversionSoftwareVersion": "v1.0.20170411 GCC4.4.7",
    "EchoTime": 0.027,
    "EffectiveEchoSpacing": 0.000590001,
    "FlipAngle": 90,
    "ImageType": [
      "ORIGINAL",
      "PRIMARY",
      "M",
      "ND",
      "NORM",
      "MOSAIC"
    ],
    "Instructions": "In this next scan you'll be prompted to move your hands, feet, or tongue. You'll only move one of these at once. Instructions are presented on the screen. Let?s review them now. [Read on-screen instructions to participant.] Do you have any questions?",
    "MagneticFieldStrength": 3,
    "Manufacturer": "Siemens",
    "ManufacturersModelName": "TrioTim",
    "PhaseEncodingDirection": "j-",
    "ProcedureStepDescription": "head_Dosenbach_MSC",
    "ProtocolName": "Motor_104Frames_36Slices_TR2.2",
    "RepetitionTime": 2.2,
    "ScanningSequence": "EP",
    "SequenceName": "_epfid2d1_64",
    "SequenceVariant": "SK",
    "SeriesDescription": "Motor_104Frames_36Slices_TR2.2",
    "SliceTiming": [
      1.105,
      0,
      1.1675,
      0.0625,
      1.2275,
      0.1225,
      1.29,
      0.185,
      1.35,
      0.245,
      1.4125,
      0.3075,
      1.4725,
      0.37,
      1.535,
      0.43,
      1.595,
      0.4925,
      1.6575,
      0.5525,
      1.7175,
      0.615,
      1.78,
      0.675,
      1.84,
      0.7375,
      1.9025,
      0.7975,
      1.965,
      0.86,
      2.025,
      0.92,
      2.0875,
      0.9825,
      2.1475,
      1.0425
    ],
    "SoftwareVersion": "syngo MR B17",
    "TaskName": "motor",
    "modality": "bold",
    "run_id": "01",
    "session_id": "func03",
    "subject_id": "MSC08",
    "task_id": "motor"
  },
  "dummy_trs": 0,
  "dvars_nstd": 19.78618694058253,
  "dvars_std": 1.2037049416504852,
  "dvars_vstd": 0.9626338900970872,
  "efc": 0.3856326630733499,
  "fber": 40314.59375,
  "fd_mean": 0.16278510650898567,
  "fd_num": 25,
  "fd_perc": 24.03846153846154,
  "fwhm_avg": 2.4785052312519347,
  "fwhm_x": 2.3013325,
  "fwhm_y": 2.806325,
  "fwhm_z": 2.3278581937558034,
  "gcor": 0.0159204,
  "gsr_x": -0.013441154733300209,
  "gsr_y": 0.014832342974841595,
  "provenance": {
    "md5sum": "fd8f4e3f3d508f2e7c8d0b66a0c84fa8",
    "settings": {
      "fd_thres": 0.2,
      "hmc_fsl": false
    },
    "software": "mriqc",
    "version": "0.9.6"
  },
  "size_t": 104,
  "size_x": 64,
  "size_y": 64,
  "size_z": 36,
  "snr": 5.0969267097288435,
  "spacing_tr": 2.200000047683716,
  "spacing_x": 4.0,
  "spacing_y": 4.0,
  "spacing_z": 3.9999988079071045,
  "summary_bg_k": 81.87805932443369,
  "summary_bg_mad": 1.7677180767059326,
  "summary_bg_mean": 11.074312210083008,
  "summary_bg_median": 2.711538553237915,
  "summary_bg_n": 100002.0,
  "summary_bg_p05": 1.2307692766189575,
  "summary_bg_p95": 54.44231033325195,
  "summary_bg_stdv": 26.77598762512207,
  "summary_fg_k": 4.912853216066297,
  "summary_fg_mad": 70.28108215332031,
  "summary_fg_mean": 544.9749755859375,
  "summary_fg_median": 562.048095703125,
  "summary_fg_n": 19465.0,
  "summary_fg_p05": 325.3269409179688,
  "summary_fg_p95": 676.4653930664061,
  "summary_fg_stdv": 110.26912689208984,
  "tsnr": 73.07916259765625
}