{
  "aor": 0.0025576923076923077,
  "aqi": 0.01059578625,
  "bids_meta": {
    "BodyPartExamined": "HEAD",
    "CogAtlasID": "http://www.cognitiveatlas.org/term/id/trm_550b53d7dd674",
    "ConversionSoftware": "dcm2niix",
    "ConversionSoftwareVersion": "v1.0.20170411 GCC4.4.7",
    "EchoTime": 0.027,
    "EffectiveEchoSpacing": 0.000590001,
    "FlipAngle": 90,
    "ImageType": [
      "ORIGINAL",
      "PRIMARY",
      "M",
      "ND",
      "NORM",
      "MOSAIC"
    ],
    "Instructions": "In this next scan you'll be prompted to move your hands, feet, or tongue. You'll only move one of these at once. Instructions are presented on the screen. Let?s review them now. [Read on-screen instructions to participant.] Do you have any questions?",
    "MagneticFieldStrength": 3,
    "Manufacturer": "Siemens",
    "ManufacturersModelName": "TrioTim",
    "PhaseEncodingDirection": "j-",
    "ProcedureStepDescription": "head_Dosenbach_MSC",
    "ProtocolName": "Motor_104Frames_36Slices_TR2.2",
    "RepetitionTime": 2.2,
    "ScanningSequence": "EP",
    "SequenceName": "_epfid2d1_64",
    "SequenceVariant": "SK",
    "SeriesDescription": "Motor_104Frames_36Slices_TR2.2",
    "SliceTiming": [
      1.105,
      0,
      1.1675,
      0.0625,
      1.2275,
      0.1225,
      1.29,
      0.185,
      1.35,
      0.245,
      1.4125,
      0.3075,
      1.4725,
      0.37,
      1.535,
      0.43,
      1.595,
      0.4925,
      1.6575,
      0.5525,
      1.7175,
      0.615,
      1.78,
      0.675,
      1.84,
      0.7375,
      1.9025,
      0.7975,
      1.965,
      0.86,
      2.025,
      0.92,
      2.0875,
      0.9825,
      2.1475,
      1.0425
    ],
    "SoftwareVersion": "syngo MR B17",
    "TaskName": "motor",
    "modality": "bold",
    "run_id": "01",
    "session_id": "func09",
    "subject_id": "MSC08",
    "task_id": "motor"
  },
  "dummy_trs": 0,
  "dvars_nstd": 26.137982970776704,
  "dvars_std": 1.2733672698058252,
  "dvars_vstd": 0.9628518801941749,
  "efc": 0.38836959978904373,
  "fber": 35707.046875,
  "fd_mean": 0.2577167246088062,
  "fd_num": 75,
  "fd_perc": 72.11538461538461,
  "fwhm_avg": 2.4868141666666665,
  "fwhm_x": 2.300525,
  "fwhm_y": 2.798675,
  "fwhm_z": 2.3612425,
  "gcor": 0.018608,
  "gsr_x": -0.016878100112080574,
  "gsr_y": 0.011427300050854683,
  "provenance": {
    "md5sum": "4f1ab73940c91cdd000f2a3bb91e17bb",
    "settings": {
      "fd_thres": 0.2,
      "hmc_fsl": false
    },
    "software": "mriqc",
    "version": "0.9.6"
  },
  "size_t": 104,
  "size_x": 64,
  "size_y": 64,
  "size_z": 36,
  "snr": 5.050875692163856,
  "spacing_tr": 2.200000047683716,
  "spacing_x": 4.0,
  "spacing_y": 4.0,
  "spacing_z": 4.0,
  "summary_bg_k": 72.17225403672002,
  "summary_bg_mad": 2.010066509246826,
  "summary_bg_mean": 11.924205780029297,
  "summary_bg_median": 2.884615421295166,
  "summary_bg_n": 99775.0,
  "summary_bg_p05": 1.192307710647583,
  "summary_bg_p95": 57.81346244811989,
  "summary_bg_stdv": 29.24327278137207,
  "summary_fg_k": 4.8198212469437705,
  "summary_fg_mad": 69.48277282714844,
  "summary_fg_mean": 546.7779541015625,
  "summary_fg_median": 564.2115478515625,
  "summary_fg_n": 19417.0,
  "summary_fg_p05": 322.97116088867193,
  "summary_fg_p95": 678.9827270507812,
  "summary_fg_stdv": 111.70281219482422,
  "tsnr": 58.834503173828125
}