{
  "bids_meta": {
    "BodyPartExamined": "HEAD",
    "ConversionSoftware": "dcm2niix",
    "ConversionSoftwareVersion": "v1.0.20170411 GCC4.4.7",
    "EchoTime": 0.00374,
    "FlipAngle": 8,
    "ImageType": [
      "ORIGINAL",
      "PRIMARY",
      "M",
      "ND",
      "NORM"
    ],
    "InversionTime": 1,
    "MagneticFieldStrength": 3,
    "Manufacturer": "Siemens",
    "ManufacturersModelName": "TrioTim",
    "PhaseEncodingDirection": "i-",
    "ProcedureStepDescription": "head_Dosenbach_MSC",
    "ProtocolName": "T1_.8x.8x.8_224Slices",
    "RepetitionTime": 2.4,
    "ScanningSequence": "GR_IR",
    "SequenceName": "_tfl3d1_ns",
    "SequenceVariant": "SP_MP_OSP",
    "SeriesDescription": "T1_.8x.8x.8_224Slices",
    "modality": "T1w",
    "run_id": "01",
    "session_id": "struct02",
    "subject_id": "MSC03"
  },
  "cjv": 0.5478765051509862,
  "cnr": 2.424054717669691,
  "efc": 0.5973560265186361,
  "fber": 669.0357055664062,
  "fwhm_avg": 3.329404715169892,
  "fwhm_x": 3.424074438192603,
  "fwhm_y": 3.4120304390243903,
  "fwhm_z": 3.152109268292683,
  "icvs_csf": 0.17063024533102378,
  "icvs_gm": 0.43022286734007664,
  "icvs_wm": 0.3991468873288996,
  "inu_med": 1.0278139114379883,
  "inu_range": 0.42907662391662604,
  "provenance": {
    "md5sum": "3efc63d619f274daa28473cd62524dd2",
    "mriqc_pred": 0,
    "settings": {
      "testing": false
    },
    "software": "mriqc",
    "version": "0.9.6",
    "warnings": {
      "large_rot_frame": true,
      "small_air_mask": false
    }
  },
  "qi_1": 0.0,
  "qi_2": 0.0018033573335684793,
  "rpve_csf": 22.288362462401754,
  "rpve_gm": 9.696307298225221,
  "rpve_wm": 12.063826044093105,
  "size_x": 224,
  "size_y": 256,
  "size_z": 256,
  "snr_csf": 2.7400174169595646,
  "snr_gm": 9.765429843591246,
  "snr_total": 9.614142525323325,
  "snr_wm": 16.336980315419165,
  "snrd_csf": 14.050857925264744,
  "snrd_gm": 27.896938760514995,
  "snrd_total": 26.28676159881613,
  "snrd_wm": 36.912488110668654,
  "spacing_x": 0.8000030517578125,
  "spacing_y": 0.80078125,
  "spacing_z": 0.80078125,
  "summary_bg_k": 3.465274217082621,
  "summary_bg_mad": 17.748857498168945,
  "summary_bg_mean": 29.17600440979004,
  "summary_bg_median": 25.195484161376953,
  "summary_bg_n": 4650767.0,
  "summary_bg_p05": 4.261101865768433,
  "summary_bg_p95": 67.64297027587891,
  "summary_bg_stdv": 20.396474838256836,
  "summary_csf_k": -0.10813582283494938,
  "summary_csf_mad": 144.04159545898438,
  "summary_csf_mean": 406.5839538574219,
  "summary_csf_median": 380.66375732421875,
  "summary_csf_n": 32208.0,
  "summary_csf_p05": 220.53623809814454,
  "summary_csf_p95": 647.8569244384765,
  "summary_csf_stdv": 138.9253387451172,
  "summary_gm_k": 0.22749292153804967,
  "summary_gm_mad": 75.07275390625,
  "summary_gm_mean": 759.25341796875,
  "summary_gm_median": 755.7797241210938,
  "summary_gm_n": 48093.0,
  "summary_gm_p05": 636.8652221679688,
  "summary_gm_p95": 892.5981323242188,
  "summary_gm_stdv": 77.39258575439453,
  "summary_wm_k": 0.5182313608341556,
  "summary_wm_mad": 58.74494552612305,
  "summary_wm_mean": 1000.8040161132812,
  "summary_wm_median": 1000.0276489257812,
  "summary_wm_n": 434323.0,
  "summary_wm_p05": 901.7969482421876,
  "summary_wm_p95": 1101.709423828125,
  "summary_wm_stdv": 61.21244430541992,
  "tpm_overlap_csf": 0.22610893845558167,
  "tpm_overlap_gm": 0.49810460209846497,
  "tpm_overlap_wm": 0.5311151742935181,
  "wm2max": 0.606858118450849
}