{
  "bids_meta": {
    "BodyPartExamined": "HEAD",
    "ConversionSoftware": "dcm2niix",
    "ConversionSoftwareVersion": "v1.0.20170411 GCC4.4.7",
    "EchoTime": 0.00374,
    "FlipAngle": 8,
    "ImageType": [
      "ORIGINAL",
      "PRIMARY",
      "M",
      "ND",
      "NORM"
    ],
    "InversionTime": 1,
    "MagneticFieldStrength": 3,
    "Manufacturer": "Siemens",
    "ManufacturersModelName": "TrioTim",
    "PhaseEncodingDirection": "i-",
    "ProcedureStepDescription": "head_Dosenbach_MSC",
    "ProtocolName": "T1_.8x.8x.8_224Slices",
    "RepetitionTime": 2.4,
    "ScanningSequence": "GR_IR",
    "SequenceName": "_tfl3d1_ns",
    "SequenceVariant": "SP_MP_OSP",
    "SeriesDescription": "T1_.8x.8x.8_224Slices",
    "modality": "T1w",
    "run_id": "03",
    "session_id": "struct01",
    "subject_id": "MSC08"
  },
  "cjv": 0.6537269547034177,
  "cnr": 2.0466030638005033,
  "efc": 0.6459906436029403,
  "fber": 472.8526611328125,
  "fwhm_avg": 3.599515397622703,
  "fwhm_x": 3.6765013148193293,
  "fwhm_y": 3.721952780487805,
  "fwhm_z": 3.4000920975609756,
  "icvs_csf": 0.19041917420184626,
  "icvs_gm": 0.40624560148063465,
  "icvs_wm": 0.4033352243175191,
  "inu_med": 1.0273404121398926,
  "inu_range": 0.48954043984413154,
  "provenance": {
    "md5sum": "7f38263d4c3a63d276c8c3c36327907e",
    "mriqc_pred": 0,
    "settings": {
      "testing": false
    },
    "software": "mriqc",
    "version": "0.9.6",
    "warnings": {
      "large_rot_frame": true,
      "small_air_mask": false
    }
  },
  "qi_1": 0.0,
  "qi_2": 0.007750649762442736,
  "rpve_csf": 19.080238026178154,
  "rpve_gm": 9.057553956834532,
  "rpve_wm": 10.686920031344084,
  "size_x": 224,
  "size_y": 256,
  "size_z": 256,
  "snr_csf": 3.231606775579481,
  "snr_gm": 9.274067192324983,
  "snr_total": 8.955172581307473,
  "snr_wm": 14.359843776017952,
  "snrd_csf": 14.381559808995199,
  "snrd_gm": 25.45282065694779,
  "snrd_total": 24.260781542660734,
  "snrd_wm": 32.94796416203921,
  "spacing_x": 0.7999997138977051,
  "spacing_y": 0.80078125,
  "spacing_z": 0.80078125,
  "summary_bg_k": 3.8026471551171435,
  "summary_bg_mad": 19.88491439819336,
  "summary_bg_mean": 33.87114715576172,
  "summary_bg_median": 28.95949935913086,
  "summary_bg_n": 3362196.0,
  "summary_bg_p05": 4.450251221656799,
  "summary_bg_p95": 78.97353935241699,
  "summary_bg_stdv": 23.809358596801758,
  "summary_csf_k": 0.3740159663203113,
  "summary_csf_mad": 137.4110107421875,
  "summary_csf_mean": 440.0113220214844,
  "summary_csf_median": 436.5138244628906,
  "summary_csf_n": 55152.0,
  "summary_csf_p05": 226.24446029663085,
  "summary_csf_p95": 658.342590332031,
  "summary_csf_stdv": 135.07518005371094,
  "summary_gm_k": 0.08754649404733295,
  "summary_gm_mad": 82.6726303100586,
  "summary_gm_mean": 777.017578125,
  "summary_gm_median": 772.5523681640625,
  "summary_gm_n": 33783.0,
  "summary_gm_p05": 647.6098754882813,
  "summary_gm_p95": 921.0382812499998,
  "summary_gm_stdv": 83.30120086669922,
  "summary_wm_k": 0.6862009217043448,
  "summary_wm_mad": 66.0470199584961,
  "summary_wm_mean": 1002.8298950195312,
  "summary_wm_median": 1000.0474243164062,
  "summary_wm_n": 466843.0,
  "summary_wm_p05": 894.0733337402344,
  "summary_wm_p95": 1120.5331298828125,
  "summary_wm_stdv": 69.6418685913086,
  "tpm_overlap_csf": 0.20801539719104767,
  "tpm_overlap_gm": 0.4829310476779938,
  "tpm_overlap_wm": 0.5329302549362183,
  "wm2max": 0.6502033643680919
}