{
  "aor": 0.0036738997555012228,
  "aqi": 0.013233763973105135,
  "bids_meta": {
    "BodyPartExamined": "HEAD",
    "CogAtlasID": "http://www.cognitiveatlas.org/term/id/trm_4c8a834779883",
    "ConversionSoftware": "dcm2niix",
    "ConversionSoftwareVersion": "v1.0.20170411 GCC4.4.7",
    "EchoTime": 0.027,
    "EffectiveEchoSpacing": 0.000590001,
    "FlipAngle": 90,
    "ImageType": [
      "ORIGINAL",
      "PRIMARY",
      "M",
      "ND",
      "NORM",
      "MOSAIC"
    ],
    "Instructions": "During this first scan, a plus sign will be presented on the screen.  All you need to do is simply relax and look at the plus sign. Please keep your eyes open the entire time, and be as still as possible. It's extremely important that you stay awake for the entire duration of this scan. This scan will last ~30 minutes.",
    "MagneticFieldStrength": 3,
    "Manufacturer": "Siemens",
    "ManufacturersModelName": "TrioTim",
    "PhaseEncodingDirection": "j-",
    "ProcedureStepDescription": "head_Dosenbach_MSC",
    "ProtocolName": "RSFC_818Frames_36Slices_TR2.2",
    "RepetitionTime": 2.2,
    "ScanningSequence": "EP",
    "SequenceName": "_epfid2d1_64",
    "SequenceVariant": "SK",
    "SeriesDescription": "RSFC_818Frames_36Slices_TR2.2",
    "SliceTiming": [
      1.105,
      0,
      1.165,
      0.06,
      1.2275,
      0.1225,
      1.2875,
      0.185,
      1.35,
      0.245,
      1.41,
      0.3075,
      1.4725,
      0.3675,
      1.5325,
      0.43,
      1.595,
      0.49,
      1.655,
      0.5525,
      1.7175,
      0.6125,
      1.78,
      0.675,
      1.84,
      0.735,
      1.9025,
      0.7975,
      1.9625,
      0.8575,
      2.025,
      0.92,
      2.085,
      0.9825,
      2.1475,
      1.0425
    ],
    "SoftwareVersion": "syngo MR B17",
    "TaskName": "rest",
    "modality": "bold",
    "session_id": "func07",
    "subject_id": "MSC07",
    "task_id": "rest"
  },
  "dummy_trs": 0,
  "dvars_nstd": 19.452129023121184,
  "dvars_std": 1.3146960318971859,
  "dvars_vstd": 0.9687689614320696,
  "efc": 0.3979739863348124,
  "fber": 31965.650390625,
  "fd_mean": 0.11924004990963574,
  "fd_num": 64,
  "fd_perc": 7.823960880195599,
  "fwhm_avg": 2.477339487836048,
  "fwhm_x": 2.26521,
  "fwhm_y": 2.857525,
  "fwhm_z": 2.3092834635081436,
  "gcor": 0.0214204,
  "gsr_x": -0.018937744200229645,
  "gsr_y": 0.01312539167702198,
  "provenance": {
    "md5sum": "8adecdab1e6a352fe6999fe176ee41a9",
    "settings": {
      "fd_thres": 0.2,
      "hmc_fsl": false
    },
    "software": "mriqc",
    "version": "0.9.6"
  },
  "size_t": 818,
  "size_x": 64,
  "size_y": 64,
  "size_z": 36,
  "snr": 5.09732105024395,
  "spacing_tr": 2.200000047683716,
  "spacing_x": 4.0,
  "spacing_y": 4.0,
  "spacing_z": 3.9999983310699463,
  "summary_bg_k": 43.04107855767447,
  "summary_bg_mad": 3.2461376190185547,
  "summary_bg_mean": 16.85000991821289,
  "summary_bg_median": 3.8594133853912354,
  "summary_bg_n": 98817.0,
  "summary_bg_p05": 1.1894866228103638,
  "summary_bg_p95": 82.80171508789059,
  "summary_bg_stdv": 42.2485466003418,
  "summary_fg_k": 4.03502078610712,
  "summary_fg_mad": 99.87258911132812,
  "summary_fg_mean": 704.3155517578125,
  "summary_fg_median": 717.5452880859375,
  "summary_fg_n": 20001.0,
  "summary_fg_p05": 442.85455322265625,
  "summary_fg_p95": 887.9181518554688,
  "summary_fg_stdv": 140.7655792236328,
  "tsnr": 48.26532745361328
}