{
  "aor": 0.010319523227383862,
  "aqi": 0.01959903253056235,
  "bids_meta": {
    "BodyPartExamined": "HEAD",
    "CogAtlasID": "http://www.cognitiveatlas.org/term/id/trm_4c8a834779883",
    "ConversionSoftware": "dcm2niix",
    "ConversionSoftwareVersion": "v1.0.20170411 GCC4.4.7",
    "EchoTime": 0.027,
    "EffectiveEchoSpacing": 0.000590001,
    "FlipAngle": 90,
    "ImageType": [
      "ORIGINAL",
      "PRIMARY",
      "M",
      "ND",
      "NORM",
      "MOSAIC"
    ],
    "Instructions": "During this first scan, a plus sign will be presented on the screen.  All you need to do is simply relax and look at the plus sign. Please keep your eyes open the entire time, and be as still as possible. It's extremely important that you stay awake for the entire duration of this scan. This scan will last ~30 minutes.",
    "MagneticFieldStrength": 3,
    "Manufacturer": "Siemens",
    "ManufacturersModelName": "TrioTim",
    "PhaseEncodingDirection": "j-",
    "ProcedureStepDescription": "head_Dosenbach_MSC",
    "ProtocolName": "RSFC_818Frames_36Slices_TR2.2",
    "RepetitionTime": 2.2,
    "ScanningSequence": "EP",
    "SequenceName": "_epfid2d1_64",
    "SequenceVariant": "SK",
    "SeriesDescription": "RSFC_818Frames_36Slices_TR2.2",
    "SliceTiming": [
      1.105,
      0,
      1.165,
      0.06,
      1.2275,
      0.1225,
      1.2875,
      0.185,
      1.35,
      0.245,
      1.41,
      0.3075,
      1.4725,
      0.3675,
      1.5325,
      0.43,
      1.595,
      0.49,
      1.655,
      0.5525,
      1.7175,
      0.6125,
      1.78,
      0.675,
      1.84,
      0.735,
      1.9025,
      0.7975,
      1.9625,
      0.8575,
      2.025,
      0.92,
      2.085,
      0.9825,
      2.1475,
      1.0425
    ],
    "SoftwareVersion": "syngo MR B17",
    "TaskName": "rest",
    "modality": "bold",
    "session_id": "func06",
    "subject_id": "MSC05",
    "task_id": "rest"
  },
  "dummy_trs": 0,
  "dvars_nstd": 17.454703337943684,
  "dvars_std": 1.0904713882986536,
  "dvars_vstd": 0.9395883016156665,
  "efc": 0.4171634743141297,
  "fber": 34525.921875,
  "fd_mean": 0.17642585195516725,
  "fd_num": 243,
  "fd_perc": 29.706601466992666,
  "fwhm_avg": 2.487463881957732,
  "fwhm_x": 2.213105,
  "fwhm_y": 2.860975,
  "fwhm_z": 2.3883116458731966,
  "gcor": 0.0426478,
  "gsr_x": -0.008150560781359673,
  "gsr_y": 0.021312516182661057,
  "provenance": {
    "md5sum": "de743a7b13fafdd7345b8d7b292f1f3d",
    "settings": {
      "fd_thres": 0.2,
      "hmc_fsl": false
    },
    "software": "mriqc",
    "version": "0.9.6"
  },
  "size_t": 818,
  "size_x": 64,
  "size_y": 64,
  "size_z": 36,
  "snr": 5.451466235258758,
  "spacing_tr": 2.200000047683716,
  "spacing_x": 4.0,
  "spacing_y": 4.0,
  "spacing_z": 4.000001430511475,
  "summary_bg_k": 47.07565992771231,
  "summary_bg_mad": 3.4328227043151855,
  "summary_bg_mean": 17.289112091064453,
  "summary_bg_median": 4.063570022583008,
  "summary_bg_n": 96183.0,
  "summary_bg_p05": 1.283618688583374,
  "summary_bg_p95": 83.67995529174777,
  "summary_bg_stdv": 41.54591369628906,
  "summary_fg_k": 4.4861033155125245,
  "summary_fg_mad": 102.64215087890625,
  "summary_fg_mean": 762.9522705078125,
  "summary_fg_median": 779.4761962890625,
  "summary_fg_n": 22582.0,
  "summary_fg_p05": 491.5000198364258,
  "summary_fg_p95": 943.0607299804688,
  "summary_fg_stdv": 142.9815216064453,
  "tsnr": 43.24007797241211
}