{
  "bids_meta": {
    "BodyPartExamined": "HEAD",
    "ConversionSoftware": "dcm2niix",
    "ConversionSoftwareVersion": "v1.0.20170411 GCC4.4.7",
    "EchoTime": 0.479,
    "FlipAngle": 120,
    "ImageType": [
      "ORIGINAL",
      "PRIMARY",
      "M",
      "ND",
      "NORM"
    ],
    "MagneticFieldStrength": 3,
    "Manufacturer": "Siemens",
    "ManufacturersModelName": "TrioTim",
    "PhaseEncodingDirection": "i-",
    "ProcedureStepDescription": "head_Dosenbach_MSC",
    "ProtocolName": "T2_.8x.8x.8_224Slices",
    "RepetitionTime": 3.2,
    "ScanningSequence": "SE",
    "SequenceName": "_spc3d1_282ns",
    "SequenceVariant": "SK_SP",
    "SeriesDescription": "T2_.8x.8x.8_224Slices",
    "modality": "T2w",
    "run_id": "01",
    "session_id": "struct01",
    "subject_id": "MSC04"
  },
  "cjv": 0.3599572441641241,
  "cnr": 2.872729503656113,
  "efc": 0.5279006153378841,
  "fber": 1891.1439208984375,
  "fwhm_avg": 2.211703587930606,
  "fwhm_x": 2.1019751540357205,
  "fwhm_y": 2.4323371707317074,
  "fwhm_z": 2.1007984390243903,
  "icvs_csf": 0.3918072337615079,
  "icvs_gm": 0.1133898041248175,
  "icvs_wm": 0.49480296211367464,
  "inu_med": 1.0973416566848755,
  "inu_range": 0.40933649539947503,
  "provenance": {
    "md5sum": "2aafc8c0227d92839c2d1d8121187a88",
    "settings": {
      "testing": false
    },
    "software": "mriqc",
    "version": "0.9.6",
    "warnings": {
      "large_rot_frame": true,
      "small_air_mask": false
    }
  },
  "qi_1": 0.0,
  "qi_2": 1.0,
  "rpve_csf": 10.33928663559599,
  "rpve_gm": 39.687262079062954,
  "rpve_wm": 9.130659634005283,
  "size_x": 224,
  "size_y": 256,
  "size_z": 256,
  "snr_csf": 8.603354081053132,
  "snr_gm": 4.492418951511241,
  "snr_total": 6.934754626324259,
  "snr_wm": 7.708490846408406,
  "snrd_csf": 48.70433297009899,
  "snrd_gm": 90.54569855834515,
  "snrd_total": 56.89056326265419,
  "snrd_wm": 31.42165825951844,
  "spacing_x": 0.7999951839447021,
  "spacing_y": 0.80078125,
  "spacing_z": 0.80078125,
  "summary_bg_k": 21.628851546614904,
  "summary_bg_mad": 20.851242065429688,
  "summary_bg_mean": 25.451580047607422,
  "summary_bg_median": 14.063948631286621,
  "summary_bg_n": 5005693.0,
  "summary_bg_p05": 0.0,
  "summary_bg_p95": 77.1760910034179,
  "summary_bg_stdv": 27.57712745666504,
  "summary_csf_k": 0.6081999837547012,
  "summary_csf_mad": 170.77761840820312,
  "summary_csf_mean": 1556.8304443359375,
  "summary_csf_median": 1550.12890625,
  "summary_csf_n": 74748.0,
  "summary_csf_p05": 1274.20947265625,
  "summary_csf_p95": 1863.7960021972654,
  "summary_csf_stdv": 180.1760711669922,
  "summary_gm_k": 1.633238889349852,
  "summary_gm_mad": 551.0260009765625,
  "summary_gm_mean": 2817.26318359375,
  "summary_gm_median": 2881.827880859375,
  "summary_gm_n": 25111.0,
  "summary_gm_p05": 1598.6196899414062,
  "summary_gm_p95": 3706.1187744140625,
  "summary_gm_stdv": 641.47412109375,
  "summary_wm_k": 0.2512885022535736,
  "summary_wm_mad": 126.32727813720703,
  "summary_wm_mean": 1000.8877563476562,
  "summary_wm_median": 1000.0675048828125,
  "summary_wm_n": 361698.0,
  "summary_wm_p05": 789.108773803711,
  "summary_wm_p95": 1215.429296875,
  "summary_wm_stdv": 129.73565673828125,
  "tpm_overlap_csf": 0.11408030241727829,
  "tpm_overlap_gm": 0.11252962797880173,
  "tpm_overlap_wm": 0.49829089641571045,
  "wm2max": 0.28623758353872464
}