{
  "bids_meta": {
    "BodyPartExamined": "HEAD",
    "ConversionSoftware": "dcm2niix",
    "ConversionSoftwareVersion": "v1.0.20170411 GCC4.4.7",
    "EchoTime": 0.479,
    "FlipAngle": 120,
    "ImageType": [
      "ORIGINAL",
      "PRIMARY",
      "M",
      "ND",
      "NORM"
    ],
    "MagneticFieldStrength": 3,
    "Manufacturer": "Siemens",
    "ManufacturersModelName": "TrioTim",
    "PhaseEncodingDirection": "i-",
    "ProcedureStepDescription": "head_Dosenbach_MSC",
    "ProtocolName": "T2_.8x.8x.8_224Slices",
    "RepetitionTime": 3.2,
    "ScanningSequence": "SE",
    "SequenceName": "_spc3d1_282ns",
    "SequenceVariant": "SK_SP",
    "SeriesDescription": "T2_.8x.8x.8_224Slices",
    "modality": "T2w",
    "run_id": "02",
    "session_id": "struct02",
    "subject_id": "MSC09"
  },
  "cjv": 0.2136897911401395,
  "cnr": 3.81062872614903,
  "efc": 0.6363648875654763,
  "fber": 931.9763793945312,
  "fwhm_avg": 2.522593098535036,
  "fwhm_x": 2.3629746126782782,
  "fwhm_y": 2.8280757073170735,
  "fwhm_z": 2.376728975609756,
  "icvs_csf": 0.3884659444518757,
  "icvs_gm": 0.09850261127751048,
  "icvs_wm": 0.5130314442706139,
  "inu_med": 1.126759648323059,
  "inu_range": 0.5542036592960359,
  "provenance": {
    "md5sum": "a58b12a28fbbb39f4f4a54f5130d4fca",
    "settings": {
      "testing": false
    },
    "software": "mriqc",
    "version": "0.9.6",
    "warnings": {
      "large_rot_frame": true,
      "small_air_mask": false
    }
  },
  "qi_1": 0.0,
  "qi_2": 0.02020854399665617,
  "rpve_csf": 8.303954387778974,
  "rpve_gm": 35.79598233401436,
  "rpve_wm": 7.000142833129124,
  "size_x": 224,
  "size_y": 256,
  "size_z": 256,
  "snr_csf": 8.897092841538845,
  "snr_gm": 5.690248946649063,
  "snr_total": 7.339038168586011,
  "snr_wm": 7.429772717570127,
  "snrd_csf": 43.24314032110323,
  "snrd_gm": 91.34269444140318,
  "snrd_total": 54.31309617585439,
  "snrd_wm": 28.353453765056763,
  "spacing_x": 0.8000001311302185,
  "spacing_y": 0.80078125,
  "spacing_z": 0.80078125,
  "summary_bg_k": 6.230104456951517,
  "summary_bg_mad": 23.105958938598633,
  "summary_bg_mean": 34.443233489990234,
  "summary_bg_median": 26.1551513671875,
  "summary_bg_n": 3708566.0,
  "summary_bg_p05": 0.0,
  "summary_bg_p95": 102.36716842651367,
  "summary_bg_stdv": 35.219642639160156,
  "summary_csf_k": 0.559232181191744,
  "summary_csf_mad": 164.1255340576172,
  "summary_csf_mean": 1529.193603515625,
  "summary_csf_median": 1525.1392822265625,
  "summary_csf_n": 116116.0,
  "summary_csf_p05": 1256.73681640625,
  "summary_csf_p95": 1815.6462097167969,
  "summary_csf_stdv": 171.41921997070312,
  "summary_gm_k": 4.3207950993059745,
  "summary_gm_mad": 342.5639953613281,
  "summary_gm_mean": 3056.981201171875,
  "summary_gm_median": 3221.55908203125,
  "summary_gm_n": 41954.0,
  "summary_gm_p05": 1904.4260864257812,
  "summary_gm_p95": 3644.482263183593,
  "summary_gm_stdv": 566.1475830078125,
  "summary_wm_k": 0.15039068254932753,
  "summary_wm_mad": 132.16136169433594,
  "summary_wm_mean": 999.4387817382812,
  "summary_wm_median": 999.9959716796875,
  "summary_wm_n": 495760.0,
  "summary_wm_p05": 777.3393737792969,
  "summary_wm_p95": 1219.5729064941406,
  "summary_wm_stdv": 134.5929412841797,
  "tpm_overlap_csf": 0.11752128601074219,
  "tpm_overlap_gm": 0.09478553384542465,
  "tpm_overlap_wm": 0.4838712513446808,
  "wm2max": 0.2810616265345642
}