{
  "bids_meta": {
    "BodyPartExamined": "HEAD",
    "ConversionSoftware": "dcm2niix",
    "ConversionSoftwareVersion": "v1.0.20170411 GCC4.4.7",
    "EchoTime": 0.00374,
    "FlipAngle": 8,
    "ImageType": [
      "ORIGINAL",
      "PRIMARY",
      "M",
      "ND",
      "NORM"
    ],
    "InversionTime": 1,
    "MagneticFieldStrength": 3,
    "Manufacturer": "Siemens",
    "ManufacturersModelName": "TrioTim",
    "PhaseEncodingDirection": "i-",
    "ProcedureStepDescription": "head_Dosenbach_MSC",
    "ProtocolName": "T1_.8x.8x.8_224Slices",
    "RepetitionTime": 2.4,
    "ScanningSequence": "GR_IR",
    "SequenceName": "_tfl3d1_ns",
    "SequenceVariant": "SP_MP_OSP",
    "SeriesDescription": "T1_.8x.8x.8_224Slices",
    "modality": "T1w",
    "run_id": "02",
    "session_id": "struct02",
    "subject_id": "MSC07"
  },
  "cjv": 0.5883341671724727,
  "cnr": 2.22212333514521,
  "efc": 0.6514962674998471,
  "fber": 412.7317199707031,
  "fwhm_avg": 3.4748286974792073,
  "fwhm_x": 3.592395555852256,
  "fwhm_y": 3.579129756097561,
  "fwhm_z": 3.2529607804878045,
  "icvs_csf": 0.16955935172310346,
  "icvs_gm": 0.4268618715532791,
  "icvs_wm": 0.40357877672361747,
  "inu_med": 0.9807518124580383,
  "inu_range": 0.4826404392719268,
  "provenance": {
    "md5sum": "060595b942dae61b3d2a7448e9793983",
    "mriqc_pred": 0,
    "settings": {
      "testing": false
    },
    "software": "mriqc",
    "version": "0.9.6",
    "warnings": {
      "large_rot_frame": true,
      "small_air_mask": false
    }
  },
  "qi_1": 0.0,
  "qi_2": 0.003319532160852121,
  "rpve_csf": 20.918606691035002,
  "rpve_gm": 9.113377326813655,
  "rpve_wm": 11.096305011326002,
  "size_x": 224,
  "size_y": 256,
  "size_z": 256,
  "snr_csf": 2.935024716743186,
  "snr_gm": 9.07646311618241,
  "snr_total": 9.183516497876665,
  "snr_wm": 15.539061660704402,
  "snrd_csf": 12.284550695739014,
  "snrd_gm": 24.202852052577104,
  "snrd_total": 22.782250441764038,
  "snrd_wm": 31.859348576975997,
  "spacing_x": 0.7999954223632812,
  "spacing_y": 0.80078125,
  "spacing_z": 0.80078125,
  "summary_bg_k": 3.0239675637356918,
  "summary_bg_mad": 20.564321517944336,
  "summary_bg_mean": 34.32258605957031,
  "summary_bg_median": 29.795663833618164,
  "summary_bg_n": 2768394.0,
  "summary_bg_p05": 6.1711472988128655,
  "summary_bg_p95": 78.84595336914066,
  "summary_bg_stdv": 23.448366165161133,
  "summary_csf_k": 0.40720742341628924,
  "summary_csf_mad": 126.37419128417969,
  "summary_csf_mean": 404.9257507324219,
  "summary_csf_median": 385.6043701171875,
  "summary_csf_n": 35860.0,
  "summary_csf_p05": 223.00949935913087,
  "summary_csf_p95": 644.8612518310547,
  "summary_csf_stdv": 131.37844848632812,
  "summary_gm_k": 0.36706614317902453,
  "summary_gm_mad": 79.77425384521484,
  "summary_gm_mean": 764.7999267578125,
  "summary_gm_median": 759.71240234375,
  "summary_gm_n": 48528.0,
  "summary_gm_p05": 635.6629150390625,
  "summary_gm_p95": 911.2421600341798,
  "summary_gm_stdv": 83.70050811767578,
  "summary_wm_k": 0.48901486521891435,
  "summary_wm_mad": 61.62165069580078,
  "summary_wm_mean": 1001.0469360351562,
  "summary_wm_median": 1000.0450439453125,
  "summary_wm_n": 473681.0,
  "summary_wm_p05": 897.5362548828125,
  "summary_wm_p95": 1107.882568359375,
  "summary_wm_stdv": 64.35678100585938,
  "tpm_overlap_csf": 0.2243533730506897,
  "tpm_overlap_gm": 0.49523887038230896,
  "tpm_overlap_wm": 0.5429697036743164,
  "wm2max": 0.6241005822849796
}