{
  "bids_meta": {
    "BodyPartExamined": "HEAD",
    "ConversionSoftware": "dcm2niix",
    "ConversionSoftwareVersion": "v1.0.20170411 GCC4.4.7",
    "EchoTime": 0.00374,
    "FlipAngle": 8,
    "ImageType": [
      "ORIGINAL",
      "PRIMARY",
      "M",
      "ND",
      "NORM"
    ],
    "InversionTime": 1,
    "MagneticFieldStrength": 3,
    "Manufacturer": "Siemens",
    "ManufacturersModelName": "TrioTim",
    "PhaseEncodingDirection": "i-",
    "ProcedureStepDescription": "head_Dosenbach_MSC",
    "ProtocolName": "T1_.8x.8x.8_224Slices",
    "RepetitionTime": 2.4,
    "ScanningSequence": "GR_IR",
    "SequenceName": "_tfl3d1_ns",
    "SequenceVariant": "SP_MP_OSP",
    "SeriesDescription": "T1_.8x.8x.8_224Slices",
    "modality": "T1w",
    "run_id": "02",
    "session_id": "struct01",
    "subject_id": "MSC04"
  },
  "cjv": 0.596646583328721,
  "cnr": 2.236724277692622,
  "efc": 0.5690830592902062,
  "fber": 855.4464111328125,
  "fwhm_avg": 3.620980869952272,
  "fwhm_x": 3.6913461220519372,
  "fwhm_y": 3.7747886829268293,
  "fwhm_z": 3.3968078048780486,
  "icvs_csf": 0.18422599683504023,
  "icvs_gm": 0.41956314359164715,
  "icvs_wm": 0.3962108595733126,
  "inu_med": 0.9250083565711975,
  "inu_range": 0.43739235401153564,
  "provenance": {
    "md5sum": "c8aab9fea0c613f394e059df1eb0f6e0",
    "mriqc_pred": 0,
    "settings": {
      "testing": false
    },
    "software": "mriqc",
    "version": "0.9.6",
    "warnings": {
      "large_rot_frame": true,
      "small_air_mask": false
    }
  },
  "qi_1": 0.0,
  "qi_2": 0.012859027210460252,
  "rpve_csf": 20.34765386703381,
  "rpve_gm": 9.552047080088306,
  "rpve_wm": 11.821089807371418,
  "size_x": 224,
  "size_y": 256,
  "size_z": 256,
  "snr_csf": 3.155062366345018,
  "snr_gm": 9.500743698929957,
  "snr_total": 9.57729157854463,
  "snr_wm": 16.07606867035891,
  "snrd_csf": 18.362475750737666,
  "snrd_gm": 32.52409044106036,
  "snrd_total": 31.07069054062025,
  "snrd_wm": 42.325505430062734,
  "spacing_x": 0.7999954223632812,
  "spacing_y": 0.80078125,
  "spacing_z": 0.80078125,
  "summary_bg_k": 2.78787174013528,
  "summary_bg_mad": 15.478970527648926,
  "summary_bg_mean": 25.22416114807129,
  "summary_bg_median": 21.786544799804688,
  "summary_bg_n": 4839272.0,
  "summary_bg_p05": 3.502987027168274,
  "summary_bg_p95": 58.68714084625246,
  "summary_bg_stdv": 17.548324584960938,
  "summary_csf_k": -0.28011471975595814,
  "summary_csf_mad": 153.9646759033203,
  "summary_csf_mean": 436.9687194824219,
  "summary_csf_median": 433.85198974609375,
  "summary_csf_n": 37195.0,
  "summary_csf_p05": 226.95928497314452,
  "summary_csf_p95": 657.883673095703,
  "summary_csf_stdv": 137.50794982910156,
  "summary_gm_k": 0.18409335633856427,
  "summary_gm_mad": 77.98777770996094,
  "summary_gm_mean": 772.8936767578125,
  "summary_gm_median": 768.4498291015625,
  "summary_gm_n": 47838.0,
  "summary_gm_p05": 646.7486877441406,
  "summary_gm_p95": 915.3437561035157,
  "summary_gm_stdv": 80.88227844238281,
  "summary_wm_k": 0.4379740840664139,
  "summary_wm_mad": 60.18302917480469,
  "summary_wm_mean": 1000.9089965820312,
  "summary_wm_median": 1000.02880859375,
  "summary_wm_n": 452264.0,
  "summary_wm_p05": 900.7863891601562,
  "summary_wm_p95": 1103.8501831054687,
  "summary_wm_stdv": 62.20598602294922,
  "tpm_overlap_csf": 0.22258532047271729,
  "tpm_overlap_gm": 0.4927932024002075,
  "tpm_overlap_wm": 0.5411752462387085,
  "wm2max": 0.6554416967194614
}