{
  "aor": 0.004985096153846154,
  "aqi": 0.0042877213461538465,
  "bids_meta": {
    "BodyPartExamined": "HEAD",
    "CogAtlasID": "http://www.cognitiveatlas.org/term/id/trm_550b53d7dd674",
    "ConversionSoftware": "dcm2niix",
    "ConversionSoftwareVersion": "v1.0.20170411 GCC4.4.7",
    "EchoTime": 0.027,
    "EffectiveEchoSpacing": 0.000590001,
    "FlipAngle": 90,
    "ImageType": [
      "ORIGINAL",
      "PRIMARY",
      "M",
      "ND",
      "NORM",
      "MOSAIC"
    ],
    "Instructions": "In this next scan you'll be prompted to move your hands, feet, or tongue. You'll only move one of these at once. Instructions are presented on the screen. Let?s review them now. [Read on-screen instructions to participant.] Do you have any questions?",
    "MagneticFieldStrength": 3,
    "Manufacturer": "Siemens",
    "ManufacturersModelName": "TrioTim",
    "PhaseEncodingDirection": "j-",
    "ProcedureStepDescription": "head_Dosenbach_MSC",
    "ProtocolName": "Motor_104Frames_36Slices_TR2.2",
    "RepetitionTime": 2.2,
    "ScanningSequence": "EP",
    "SequenceName": "_epfid2d1_64",
    "SequenceVariant": "SK",
    "SeriesDescription": "Motor_104Frames_36Slices_TR2.2",
    "SliceTiming": [
      1.105,
      0,
      1.1675,
      0.0625,
      1.2275,
      0.1225,
      1.29,
      0.185,
      1.35,
      0.245,
      1.4125,
      0.3075,
      1.4725,
      0.37,
      1.535,
      0.43,
      1.595,
      0.4925,
      1.6575,
      0.5525,
      1.7175,
      0.615,
      1.78,
      0.675,
      1.84,
      0.7375,
      1.9025,
      0.7975,
      1.965,
      0.86,
      2.025,
      0.92,
      2.0875,
      0.9825,
      2.1475,
      1.0425
    ],
    "SoftwareVersion": "syngo MR B17",
    "TaskName": "motor",
    "modality": "bold",
    "run_id": "01",
    "session_id": "func02",
    "subject_id": "MSC05",
    "task_id": "motor"
  },
  "dummy_trs": 0,
  "dvars_nstd": 14.14412192932039,
  "dvars_std": 1.1794406594174758,
  "dvars_vstd": 1.0279980347572817,
  "efc": 0.41197281424128546,
  "fber": 37776.09375,
  "fd_mean": 0.13376798232093706,
  "fd_num": 16,
  "fd_perc": 15.384615384615385,
  "fwhm_avg": 2.4890490720965577,
  "fwhm_x": 2.1850125,
  "fwhm_y": 2.9022,
  "fwhm_z": 2.3799347162896733,
  "gcor": 0.0209868,
  "gsr_x": -0.008955375291407108,
  "gsr_y": 0.018565770238637924,
  "provenance": {
    "md5sum": "71dbfc6c63e22ba4392c342af4d25f46",
    "settings": {
      "fd_thres": 0.2,
      "hmc_fsl": false
    },
    "software": "mriqc",
    "version": "0.9.6"
  },
  "size_t": 104,
  "size_x": 64,
  "size_y": 64,
  "size_z": 36,
  "snr": 5.422421413965166,
  "spacing_tr": 2.200000047683716,
  "spacing_x": 4.0,
  "spacing_y": 4.0,
  "spacing_z": 4.000000476837158,
  "summary_bg_k": 52.814706889384325,
  "summary_bg_mad": 2.1668803691864014,
  "summary_bg_mean": 14.59224796295166,
  "summary_bg_median": 3.451923131942749,
  "summary_bg_n": 96570.0,
  "summary_bg_p05": 1.6057692766189575,
  "summary_bg_p95": 70.94231414794922,
  "summary_bg_stdv": 35.34291458129883,
  "summary_fg_k": 4.735137824736469,
  "summary_fg_mad": 87.61605834960938,
  "summary_fg_mean": 680.0415649414062,
  "summary_fg_median": 697.2788696289062,
  "summary_fg_n": 22239.0,
  "summary_fg_p05": 431.24329833984376,
  "summary_fg_p95": 837.59619140625,
  "summary_fg_stdv": 128.58889770507812,
  "tsnr": 88.66902160644531
}