{
  "aor": 0.004193269230769231,
  "aqi": 0.004376281923076924,
  "bids_meta": {
    "BodyPartExamined": "HEAD",
    "CogAtlasID": "http://www.cognitiveatlas.org/term/id/trm_550b53d7dd674",
    "ConversionSoftware": "dcm2niix",
    "ConversionSoftwareVersion": "v1.0.20170411 GCC4.4.7",
    "EchoTime": 0.027,
    "EffectiveEchoSpacing": 0.000590001,
    "FlipAngle": 90,
    "ImageType": [
      "ORIGINAL",
      "PRIMARY",
      "M",
      "ND",
      "NORM",
      "MOSAIC"
    ],
    "Instructions": "In this next scan you'll be prompted to move your hands, feet, or tongue. You'll only move one of these at once. Instructions are presented on the screen. Let?s review them now. [Read on-screen instructions to participant.] Do you have any questions?",
    "MagneticFieldStrength": 3,
    "Manufacturer": "Siemens",
    "ManufacturersModelName": "TrioTim",
    "PhaseEncodingDirection": "j-",
    "ProcedureStepDescription": "head_Dosenbach_MSC",
    "ProtocolName": "Motor_104Frames_36Slices_TR2.2",
    "RepetitionTime": 2.2,
    "ScanningSequence": "EP",
    "SequenceName": "_epfid2d1_64",
    "SequenceVariant": "SK",
    "SeriesDescription": "Motor_104Frames_36Slices_TR2.2",
    "SliceTiming": [
      1.105,
      0,
      1.1675,
      0.0625,
      1.2275,
      0.1225,
      1.29,
      0.185,
      1.35,
      0.245,
      1.4125,
      0.3075,
      1.4725,
      0.37,
      1.535,
      0.43,
      1.595,
      0.4925,
      1.6575,
      0.5525,
      1.7175,
      0.615,
      1.78,
      0.675,
      1.84,
      0.7375,
      1.9025,
      0.7975,
      1.965,
      0.86,
      2.025,
      0.92,
      2.0875,
      0.9825,
      2.1475,
      1.0425
    ],
    "SoftwareVersion": "syngo MR B17",
    "TaskName": "motor",
    "modality": "bold",
    "run_id": "02",
    "session_id": "func02",
    "subject_id": "MSC06",
    "task_id": "motor"
  },
  "dummy_trs": 0,
  "dvars_nstd": 23.05940146572815,
  "dvars_std": 1.4581309326213587,
  "dvars_vstd": 1.0221404305825244,
  "efc": 0.4012332504320317,
  "fber": 37357.5078125,
  "fd_mean": 0.1417997971728995,
  "fd_num": 25,
  "fd_perc": 24.03846153846154,
  "fwhm_avg": 2.4337957402462873,
  "fwhm_x": 2.198925,
  "fwhm_y": 2.75985,
  "fwhm_z": 2.3426122207388613,
  "gcor": 0.0226219,
  "gsr_x": -0.015357651747763157,
  "gsr_y": 0.019343771040439606,
  "provenance": {
    "md5sum": "527ec8b8094f8a68a612f66a25e27edf",
    "settings": {
      "fd_thres": 0.2,
      "hmc_fsl": false
    },
    "software": "mriqc",
    "version": "0.9.6"
  },
  "size_t": 104,
  "size_x": 64,
  "size_y": 64,
  "size_z": 36,
  "snr": 5.007920916017607,
  "spacing_tr": 2.200000047683716,
  "spacing_x": 4.0,
  "spacing_y": 4.0,
  "spacing_z": 4.000000476837158,
  "summary_bg_k": 60.49174304602078,
  "summary_bg_mad": 2.1953916549682617,
  "summary_bg_mean": 14.582393646240234,
  "summary_bg_median": 3.442307710647583,
  "summary_bg_n": 97856.0,
  "summary_bg_p05": 1.4807692766189575,
  "summary_bg_p95": 69.12740516662598,
  "summary_bg_stdv": 35.49947738647461,
  "summary_fg_k": 4.311086365402576,
  "summary_fg_mad": 96.22662353515625,
  "summary_fg_mean": 674.81005859375,
  "summary_fg_median": 691.59619140625,
  "summary_fg_n": 21061.0,
  "summary_fg_p05": 410.5769348144531,
  "summary_fg_p95": 849.0385131835938,
  "summary_fg_stdv": 138.09718322753906,
  "tsnr": 87.67169952392578
}