{
  "aor": 0.02613695599022005,
  "aqi": 0.01847570403422983,
  "bids_meta": {
    "BodyPartExamined": "HEAD",
    "CogAtlasID": "http://www.cognitiveatlas.org/term/id/trm_4c8a834779883",
    "ConversionSoftware": "dcm2niix",
    "ConversionSoftwareVersion": "v1.0.20170411 GCC4.4.7",
    "EchoTime": 0.027,
    "EffectiveEchoSpacing": 0.000590001,
    "FlipAngle": 90,
    "ImageType": [
      "ORIGINAL",
      "PRIMARY",
      "M",
      "ND",
      "NORM",
      "MOSAIC"
    ],
    "Instructions": "During this first scan, a plus sign will be presented on the screen.  All you need to do is simply relax and look at the plus sign. Please keep your eyes open the entire time, and be as still as possible. It's extremely important that you stay awake for the entire duration of this scan. This scan will last ~30 minutes.",
    "MagneticFieldStrength": 3,
    "Manufacturer": "Siemens",
    "ManufacturersModelName": "TrioTim",
    "PhaseEncodingDirection": "j-",
    "ProcedureStepDescription": "head_Dosenbach_MSC",
    "ProtocolName": "RSFC_818Frames_36Slices_TR2.2",
    "RepetitionTime": 2.2,
    "ScanningSequence": "EP",
    "SequenceName": "_epfid2d1_64",
    "SequenceVariant": "SK",
    "SeriesDescription": "RSFC_818Frames_36Slices_TR2.2",
    "SliceTiming": [
      1.105,
      0,
      1.165,
      0.06,
      1.2275,
      0.1225,
      1.2875,
      0.185,
      1.35,
      0.245,
      1.41,
      0.3075,
      1.4725,
      0.3675,
      1.5325,
      0.43,
      1.595,
      0.49,
      1.655,
      0.5525,
      1.7175,
      0.6125,
      1.78,
      0.675,
      1.84,
      0.735,
      1.9025,
      0.7975,
      1.9625,
      0.8575,
      2.025,
      0.92,
      2.085,
      0.9825,
      2.1475,
      1.0425
    ],
    "SoftwareVersion": "syngo MR B17",
    "TaskName": "rest",
    "modality": "bold",
    "session_id": "func09",
    "subject_id": "MSC08",
    "task_id": "rest"
  },
  "dummy_trs": 0,
  "dvars_nstd": 26.226360699155435,
  "dvars_std": 1.507852548543452,
  "dvars_vstd": 1.219624970893514,
  "efc": 0.39011081571064354,
  "fber": 34058.7734375,
  "fd_mean": 0.24843461585626625,
  "fd_num": 423,
  "fd_perc": 51.71149144254279,
  "fwhm_avg": 2.5006033333333333,
  "fwhm_x": 2.2975625,
  "fwhm_y": 2.823075,
  "fwhm_z": 2.3811725,
  "gcor": 0.0219978,
  "gsr_x": -0.017651991918683052,
  "gsr_y": 0.01148191187530756,
  "provenance": {
    "md5sum": "00e4a84feb1cf039ab7121c77d011bf9",
    "settings": {
      "fd_thres": 0.2,
      "hmc_fsl": false
    },
    "software": "mriqc",
    "version": "0.9.6"
  },
  "size_t": 818,
  "size_x": 64,
  "size_y": 64,
  "size_z": 36,
  "snr": 5.096888242853084,
  "spacing_tr": 2.200000047683716,
  "spacing_x": 4.0,
  "spacing_y": 4.0,
  "spacing_z": 4.0,
  "summary_bg_k": 75.18400484749911,
  "summary_bg_mad": 2.258340358734131,
  "summary_bg_mean": 12.31562614440918,
  "summary_bg_median": 2.969437837600708,
  "summary_bg_n": 99834.0,
  "summary_bg_p05": 1.0855746269226074,
  "summary_bg_p95": 59.17726516723633,
  "summary_bg_stdv": 30.732955932617188,
  "summary_fg_k": 4.811647769304042,
  "summary_fg_mad": 69.6460189819336,
  "summary_fg_mean": 548.029052734375,
  "summary_fg_median": 564.9450073242188,
  "summary_fg_n": 19393.0,
  "summary_fg_p05": 323.9340026855469,
  "summary_fg_p95": 681.4794921875,
  "summary_fg_stdv": 110.83830261230469,
  "tsnr": 43.265869140625
}