{
  "aor": 0.002549474327628362,
  "aqi": 0.028031583740831298,
  "bids_meta": {
    "BodyPartExamined": "HEAD",
    "CogAtlasID": "http://www.cognitiveatlas.org/term/id/trm_4c8a834779883",
    "ConversionSoftware": "dcm2niix",
    "ConversionSoftwareVersion": "v1.0.20170411 GCC4.4.7",
    "EchoTime": 0.027,
    "EffectiveEchoSpacing": 0.000590001,
    "FlipAngle": 90,
    "ImageType": [
      "ORIGINAL",
      "PRIMARY",
      "M",
      "ND",
      "NORM",
      "MOSAIC"
    ],
    "Instructions": "During this first scan, a plus sign will be presented on the screen.  All you need to do is simply relax and look at the plus sign. Please keep your eyes open the entire time, and be as still as possible. It's extremely important that you stay awake for the entire duration of this scan. This scan will last ~30 minutes.",
    "MagneticFieldStrength": 3,
    "Manufacturer": "Siemens",
    "ManufacturersModelName": "TrioTim",
    "PhaseEncodingDirection": "j-",
    "ProcedureStepDescription": "head_Dosenbach_MSC",
    "ProtocolName": "RSFC_818Frames_36Slices_TR2.2",
    "RepetitionTime": 2.2,
    "ScanningSequence": "EP",
    "SequenceName": "_epfid2d1_64",
    "SequenceVariant": "SK",
    "SeriesDescription": "RSFC_818Frames_36Slices_TR2.2",
    "SliceTiming": [
      1.105,
      0,
      1.165,
      0.06,
      1.2275,
      0.1225,
      1.2875,
      0.185,
      1.35,
      0.245,
      1.41,
      0.3075,
      1.4725,
      0.3675,
      1.5325,
      0.43,
      1.595,
      0.49,
      1.655,
      0.5525,
      1.7175,
      0.6125,
      1.78,
      0.675,
      1.84,
      0.735,
      1.9025,
      0.7975,
      1.9625,
      0.8575,
      2.025,
      0.92,
      2.085,
      0.9825,
      2.1475,
      1.0425
    ],
    "SoftwareVersion": "syngo MR B17",
    "TaskName": "rest",
    "modality": "bold",
    "session_id": "func07",
    "subject_id": "MSC08",
    "task_id": "rest"
  },
  "dummy_trs": 0,
  "dvars_nstd": 28.954324062741744,
  "dvars_std": 1.100793896866584,
  "dvars_vstd": 0.9413872982864143,
  "efc": 0.38884101661116305,
  "fber": 36820.29296875,
  "fd_mean": 0.42347981676322044,
  "fd_num": 663,
  "fd_perc": 81.05134474327629,
  "fwhm_avg": 2.582074706608162,
  "fwhm_x": 2.4002,
  "fwhm_y": 2.884875,
  "fwhm_z": 2.4611491198244857,
  "gcor": 0.020986,
  "gsr_x": -0.015695471316576004,
  "gsr_y": 0.014511708170175552,
  "provenance": {
    "md5sum": "0f58b8ec9f9452b9f4a6c840942ccba0",
    "settings": {
      "fd_thres": 0.2,
      "hmc_fsl": false
    },
    "software": "mriqc",
    "version": "0.9.6"
  },
  "size_t": 818,
  "size_x": 64,
  "size_y": 64,
  "size_z": 36,
  "snr": 5.007821977043509,
  "spacing_tr": 2.200000047683716,
  "spacing_x": 4.0,
  "spacing_y": 4.0,
  "spacing_z": 4.000001430511475,
  "summary_bg_k": 78.27457190501057,
  "summary_bg_mad": 2.390650749206543,
  "summary_bg_mean": 12.540026664733887,
  "summary_bg_median": 2.8936431407928467,
  "summary_bg_n": 99851.0,
  "summary_bg_p05": 0.8887531161308289,
  "summary_bg_p95": 60.45721626281738,
  "summary_bg_stdv": 32.05082321166992,
  "summary_fg_k": 4.45628012445692,
  "summary_fg_mad": 69.63153839111328,
  "summary_fg_mean": 546.056640625,
  "summary_fg_median": 565.6980590820312,
  "summary_fg_n": 19465.0,
  "summary_fg_p05": 305.0496459960938,
  "summary_fg_p95": 678.3621459960937,
  "summary_fg_stdv": 112.95999145507812,
  "tsnr": 33.42530822753906
}