{
  "aor": 0.0019700244498777504,
  "aqi": 0.03459460745721272,
  "bids_meta": {
    "BodyPartExamined": "HEAD",
    "CogAtlasID": "http://www.cognitiveatlas.org/term/id/trm_4c8a834779883",
    "ConversionSoftware": "dcm2niix",
    "ConversionSoftwareVersion": "v1.0.20170411 GCC4.4.7",
    "EchoTime": 0.027,
    "EffectiveEchoSpacing": 0.000590001,
    "FlipAngle": 90,
    "ImageType": [
      "ORIGINAL",
      "PRIMARY",
      "M",
      "ND",
      "NORM",
      "MOSAIC"
    ],
    "Instructions": "During this first scan, a plus sign will be presented on the screen.  All you need to do is simply relax and look at the plus sign. Please keep your eyes open the entire time, and be as still as possible. It's extremely important that you stay awake for the entire duration of this scan. This scan will last ~30 minutes.",
    "MagneticFieldStrength": 3,
    "Manufacturer": "Siemens",
    "ManufacturersModelName": "TrioTim",
    "PhaseEncodingDirection": "j-",
    "ProcedureStepDescription": "head_Dosenbach_MSC",
    "ProtocolName": "RSFC_818Frames_36Slices_TR2.2",
    "RepetitionTime": 2.2,
    "ScanningSequence": "EP",
    "SequenceName": "_epfid2d1_64",
    "SequenceVariant": "SK",
    "SeriesDescription": "RSFC_818Frames_36Slices_TR2.2",
    "SliceTiming": [
      1.105,
      0,
      1.165,
      0.06,
      1.2275,
      0.1225,
      1.2875,
      0.185,
      1.35,
      0.245,
      1.41,
      0.3075,
      1.4725,
      0.3675,
      1.5325,
      0.43,
      1.595,
      0.49,
      1.655,
      0.5525,
      1.7175,
      0.6125,
      1.78,
      0.675,
      1.84,
      0.735,
      1.9025,
      0.7975,
      1.9625,
      0.8575,
      2.025,
      0.92,
      2.085,
      0.9825,
      2.1475,
      1.0425
    ],
    "SoftwareVersion": "syngo MR B17",
    "TaskName": "rest",
    "modality": "bold",
    "session_id": "func06",
    "subject_id": "MSC08",
    "task_id": "rest"
  },
  "dummy_trs": 0,
  "dvars_nstd": 27.429723919216666,
  "dvars_std": 1.0627223173072213,
  "dvars_vstd": 0.8752117183598525,
  "efc": 0.392296070005574,
  "fber": 33671.078125,
  "fd_mean": 0.39237648174129236,
  "fd_num": 642,
  "fd_perc": 78.4841075794621,
  "fwhm_avg": 2.6118637749990707,
  "fwhm_x": 2.4112675,
  "fwhm_y": 2.95435,
  "fwhm_z": 2.469973824997212,
  "gcor": 0.0130736,
  "gsr_x": -0.01661207340657711,
  "gsr_y": 0.013156872242689133,
  "provenance": {
    "md5sum": "479018ff247166c4203fb242daf81094",
    "settings": {
      "fd_thres": 0.2,
      "hmc_fsl": false
    },
    "software": "mriqc",
    "version": "0.9.6"
  },
  "size_t": 818,
  "size_x": 64,
  "size_y": 64,
  "size_z": 36,
  "snr": 5.074028385856978,
  "spacing_tr": 2.200000047683716,
  "spacing_x": 4.0,
  "spacing_y": 4.0,
  "spacing_z": 3.999997854232788,
  "summary_bg_k": 70.26789643698248,
  "summary_bg_mad": 2.796644687652588,
  "summary_bg_mean": 13.889772415161133,
  "summary_bg_median": 3.323961019515991,
  "summary_bg_n": 99451.0,
  "summary_bg_p05": 1.0513447523117065,
  "summary_bg_p95": 67.52262115478516,
  "summary_bg_stdv": 33.784332275390625,
  "summary_fg_k": 4.705896186868339,
  "summary_fg_mad": 74.94580078125,
  "summary_fg_mean": 602.652099609375,
  "summary_fg_median": 623.0403442382812,
  "summary_fg_n": 19715.0,
  "summary_fg_p05": 344.7228698730469,
  "summary_fg_p95": 746.1401550292968,
  "summary_fg_stdv": 122.7869644165039,
  "tsnr": 30.922788619995117
}