{
  "aor": 0.006453630806845966,
  "aqi": 0.005118215,
  "bids_meta": {
    "BodyPartExamined": "HEAD",
    "CogAtlasID": "http://www.cognitiveatlas.org/term/id/trm_4c8a834779883",
    "ConversionSoftware": "dcm2niix",
    "ConversionSoftwareVersion": "v1.0.20170411 GCC4.4.7",
    "EchoTime": 0.027,
    "EffectiveEchoSpacing": 0.000590001,
    "FlipAngle": 90,
    "ImageType": [
      "ORIGINAL",
      "PRIMARY",
      "M",
      "ND",
      "NORM",
      "MOSAIC"
    ],
    "Instructions": "During this first scan, a plus sign will be presented on the screen.  All you need to do is simply relax and look at the plus sign. Please keep your eyes open the entire time, and be as still as possible. It's extremely important that you stay awake for the entire duration of this scan. This scan will last ~30 minutes.",
    "MagneticFieldStrength": 3,
    "Manufacturer": "Siemens",
    "ManufacturersModelName": "TrioTim",
    "PhaseEncodingDirection": "j-",
    "ProcedureStepDescription": "head_Dosenbach_MSC",
    "ProtocolName": "RSFC_818Frames_36Slices_TR2.2",
    "RepetitionTime": 2.2,
    "ScanningSequence": "EP",
    "SequenceName": "_epfid2d1_64",
    "SequenceVariant": "SK",
    "SeriesDescription": "RSFC_818Frames_36Slices_TR2.2",
    "SliceTiming": [
      1.105,
      0,
      1.165,
      0.06,
      1.2275,
      0.1225,
      1.2875,
      0.185,
      1.35,
      0.245,
      1.41,
      0.3075,
      1.4725,
      0.3675,
      1.5325,
      0.43,
      1.595,
      0.49,
      1.655,
      0.5525,
      1.7175,
      0.6125,
      1.78,
      0.675,
      1.84,
      0.735,
      1.9025,
      0.7975,
      1.9625,
      0.8575,
      2.025,
      0.92,
      2.085,
      0.9825,
      2.1475,
      1.0425
    ],
    "SoftwareVersion": "syngo MR B17",
    "TaskName": "rest",
    "modality": "bold",
    "session_id": "func05",
    "subject_id": "MSC03",
    "task_id": "rest"
  },
  "dummy_trs": 0,
  "dvars_nstd": 17.89752166460221,
  "dvars_std": 1.2300837447980417,
  "dvars_vstd": 1.0849538928029379,
  "efc": 0.3681509225314058,
  "fber": 46616.69921875,
  "fd_mean": 0.28379474822421563,
  "fd_num": 590,
  "fd_perc": 72.12713936430318,
  "fwhm_avg": 2.5624522184501104,
  "fwhm_x": 2.31897,
  "fwhm_y": 3.006575,
  "fwhm_z": 2.3618116553503317,
  "gcor": 0.0585771,
  "gsr_x": -0.01565898396074772,
  "gsr_y": 0.01567802019417286,
  "provenance": {
    "md5sum": "c2f0c2a2a5b09b14b733ab9dbc79779b",
    "settings": {
      "fd_thres": 0.2,
      "hmc_fsl": false
    },
    "software": "mriqc",
    "version": "0.9.6"
  },
  "size_t": 818,
  "size_x": 64,
  "size_y": 64,
  "size_z": 36,
  "snr": 4.787448791954066,
  "spacing_tr": 2.200000047683716,
  "spacing_x": 4.0,
  "spacing_y": 4.0,
  "spacing_z": 4.000001430511475,
  "summary_bg_k": 45.17961704801883,
  "summary_bg_mad": 2.1459670066833496,
  "summary_bg_mean": 10.840315818786621,
  "summary_bg_median": 2.743276357650757,
  "summary_bg_n": 102335.0,
  "summary_bg_p05": 0.8924205899238586,
  "summary_bg_p95": 51.89927024841306,
  "summary_bg_stdv": 25.73381805419922,
  "summary_fg_k": 3.7451849052024038,
  "summary_fg_mad": 81.41444396972656,
  "summary_fg_mean": 585.1805419921875,
  "summary_fg_median": 605.389404296875,
  "summary_fg_n": 17698.0,
  "summary_fg_p05": 325.76181640625,
  "summary_fg_p95": 738.4223022460936,
  "summary_fg_stdv": 126.44987487792969,
  "tsnr": 68.82229614257812
}