{
  "aor": 0.0033928117359413204,
  "aqi": 0.009338954266503668,
  "bids_meta": {
    "BodyPartExamined": "HEAD",
    "CogAtlasID": "http://www.cognitiveatlas.org/term/id/trm_4c8a834779883",
    "ConversionSoftware": "dcm2niix",
    "ConversionSoftwareVersion": "v1.0.20170411 GCC4.4.7",
    "EchoTime": 0.027,
    "EffectiveEchoSpacing": 0.000590001,
    "FlipAngle": 90,
    "ImageType": [
      "ORIGINAL",
      "PRIMARY",
      "M",
      "ND",
      "NORM",
      "MOSAIC"
    ],
    "Instructions": "During this first scan, a plus sign will be presented on the screen.  All you need to do is simply relax and look at the plus sign. Please keep your eyes open the entire time, and be as still as possible. It's extremely important that you stay awake for the entire duration of this scan. This scan will last ~30 minutes.",
    "MagneticFieldStrength": 3,
    "Manufacturer": "Siemens",
    "ManufacturersModelName": "TrioTim",
    "PhaseEncodingDirection": "j-",
    "ProcedureStepDescription": "head_Dosenbach_MSC",
    "ProtocolName": "RSFC_818Frames_36Slices_TR2.2",
    "RepetitionTime": 2.2,
    "ScanningSequence": "EP",
    "SequenceName": "_epfid2d1_64",
    "SequenceVariant": "SK",
    "SeriesDescription": "RSFC_818Frames_36Slices_TR2.2",
    "SliceTiming": [
      1.105,
      0,
      1.165,
      0.06,
      1.2275,
      0.1225,
      1.2875,
      0.185,
      1.35,
      0.245,
      1.41,
      0.3075,
      1.4725,
      0.3675,
      1.5325,
      0.43,
      1.595,
      0.49,
      1.655,
      0.5525,
      1.7175,
      0.6125,
      1.78,
      0.675,
      1.84,
      0.735,
      1.9025,
      0.7975,
      1.9625,
      0.8575,
      2.025,
      0.92,
      2.085,
      0.9825,
      2.1475,
      1.0425
    ],
    "SoftwareVersion": "syngo MR B17",
    "TaskName": "rest",
    "modality": "bold",
    "session_id": "func10",
    "subject_id": "MSC01",
    "task_id": "rest"
  },
  "dummy_trs": 0,
  "dvars_nstd": 21.239369859400234,
  "dvars_std": 1.1962480742105257,
  "dvars_vstd": 0.9984475805018361,
  "efc": 0.4145395772035812,
  "fber": 25631.279296875,
  "fd_mean": 0.2494586386926505,
  "fd_num": 537,
  "fd_perc": 65.6479217603912,
  "fwhm_avg": 2.3730840770747372,
  "fwhm_x": 2.1070225,
  "fwhm_y": 2.757575,
  "fwhm_z": 2.2546547312242113,
  "gcor": 0.0476299,
  "gsr_x": -0.010160094127058983,
  "gsr_y": 0.012406407855451107,
  "provenance": {
    "md5sum": "ba3eced59ba08ad3e48231ca1c96e9a0",
    "settings": {
      "fd_thres": 0.2,
      "hmc_fsl": false
    },
    "software": "mriqc",
    "version": "0.9.6"
  },
  "size_t": 818,
  "size_x": 64,
  "size_y": 64,
  "size_z": 36,
  "snr": 5.050131354901074,
  "spacing_tr": 2.200000047683716,
  "spacing_x": 4.0,
  "spacing_y": 4.0,
  "spacing_z": 4.000000476837158,
  "summary_bg_k": 35.73171510476719,
  "summary_bg_mad": 3.253387928009033,
  "summary_bg_mean": 16.94085693359375,
  "summary_bg_median": 4.209046840667725,
  "summary_bg_n": 97015.0,
  "summary_bg_p05": 1.476772665977478,
  "summary_bg_p95": 75.73068695068363,
  "summary_bg_stdv": 37.638389587402344,
  "summary_fg_k": 4.260392269702187,
  "summary_fg_mad": 96.41082000732422,
  "summary_fg_mean": 688.9252319335938,
  "summary_fg_median": 702.7689819335938,
  "summary_fg_n": 21708.0,
  "summary_fg_p05": 425.8891418457032,
  "summary_fg_p95": 868.2117492675779,
  "summary_fg_stdv": 139.1553497314453,
  "tsnr": 56.58155059814453
}