{
  "bids_meta": {
    "BodyPartExamined": "HEAD",
    "ConversionSoftware": "dcm2niix",
    "ConversionSoftwareVersion": "v1.0.20170411 GCC4.4.7",
    "EchoTime": 0.479,
    "FlipAngle": 120,
    "ImageType": [
      "ORIGINAL",
      "PRIMARY",
      "M",
      "ND",
      "NORM"
    ],
    "MagneticFieldStrength": 3,
    "Manufacturer": "Siemens",
    "ManufacturersModelName": "TrioTim",
    "PhaseEncodingDirection": "i-",
    "ProcedureStepDescription": "head_Dosenbach_MSC",
    "ProtocolName": "T2_.8x.8x.8_224Slices",
    "RepetitionTime": 3.2,
    "ScanningSequence": "SE",
    "SequenceName": "_spc3d1_282ns",
    "SequenceVariant": "SK_SP",
    "SeriesDescription": "T2_.8x.8x.8_224Slices",
    "modality": "T2w",
    "run_id": "02",
    "session_id": "struct01",
    "subject_id": "MSC03"
  },
  "cjv": 0.25953299471991753,
  "cnr": 3.526040259821558,
  "efc": 0.555798148104416,
  "fber": 1314.546875,
  "fwhm_avg": 2.2792111199000424,
  "fwhm_x": 2.123674335309884,
  "fwhm_y": 2.545127024390244,
  "fwhm_z": 2.168832,
  "icvs_csf": 0.33291285159616363,
  "icvs_gm": 0.08668417786504339,
  "icvs_wm": 0.580402970538793,
  "inu_med": 1.2163739204406738,
  "inu_range": 0.3921490430831909,
  "provenance": {
    "md5sum": "970708a938bcd16f5140bbf3d8229068",
    "settings": {
      "testing": false
    },
    "software": "mriqc",
    "version": "0.9.6",
    "warnings": {
      "large_rot_frame": true,
      "small_air_mask": false
    }
  },
  "qi_1": 0.0007468586417658267,
  "qi_2": 0.006362399252724401,
  "rpve_csf": 12.18209175140938,
  "rpve_gm": 60.19085505033089,
  "rpve_wm": 8.254663343810533,
  "size_x": 224,
  "size_y": 256,
  "size_z": 256,
  "snr_csf": 7.878289607774009,
  "snr_gm": 5.1275461447972415,
  "snr_total": 6.530765649093887,
  "snr_wm": 6.586461194710407,
  "snrd_csf": 46.31149652001893,
  "snrd_gm": 93.83113400633157,
  "snrd_total": 55.89657714133845,
  "snrd_wm": 27.547100897664855,
  "spacing_x": 0.7999955415725708,
  "spacing_y": 0.80078125,
  "spacing_z": 0.80078125,
  "summary_bg_k": 119.45417812326251,
  "summary_bg_mad": 23.784204483032227,
  "summary_bg_mean": 30.619029998779297,
  "summary_bg_median": 16.04220199584961,
  "summary_bg_n": 4957511.0,
  "summary_bg_p05": 0.0,
  "summary_bg_p95": 89.45514297485352,
  "summary_bg_stdv": 36.933650970458984,
  "summary_csf_k": 0.8653917619667104,
  "summary_csf_mad": 201.92709350585938,
  "summary_csf_mean": 1686.9151611328125,
  "summary_csf_median": 1681.302001953125,
  "summary_csf_n": 60135.0,
  "summary_csf_p05": 1352.9280029296874,
  "summary_csf_p95": 2040.997302246093,
  "summary_csf_stdv": 213.40774536132812,
  "summary_gm_k": 3.549586904750795,
  "summary_gm_mad": 475.906982421875,
  "summary_gm_mean": 3235.112548828125,
  "summary_gm_median": 3406.464599609375,
  "summary_gm_n": 22276.0,
  "summary_gm_p05": 1931.2625732421875,
  "summary_gm_p95": 3977.7826538085938,
  "summary_gm_stdv": 664.3310546875,
  "summary_wm_k": 0.20266960378179855,
  "summary_wm_mad": 148.63037109375,
  "summary_wm_mean": 1002.9093017578125,
  "summary_wm_median": 1000.0755615234375,
  "summary_wm_n": 460214.0,
  "summary_wm_p05": 758.2723999023438,
  "summary_wm_p95": 1256.40224609375,
  "summary_wm_stdv": 151.83790588378906,
  "tpm_overlap_csf": 0.11901763081550598,
  "tpm_overlap_gm": 0.07689806073904037,
  "tpm_overlap_wm": 0.4856179356575012,
  "wm2max": 0.2660997572823776
}