{
  "bids_meta": {
    "BodyPartExamined": "HEAD",
    "ConversionSoftware": "dcm2niix",
    "ConversionSoftwareVersion": "v1.0.20170411 GCC4.4.7",
    "EchoTime": 0.479,
    "FlipAngle": 120,
    "ImageType": [
      "ORIGINAL",
      "PRIMARY",
      "M",
      "ND",
      "NORM"
    ],
    "MagneticFieldStrength": 3,
    "Manufacturer": "Siemens",
    "ManufacturersModelName": "TrioTim",
    "PhaseEncodingDirection": "i-",
    "ProcedureStepDescription": "head_Dosenbach_MSC",
    "ProtocolName": "T2_.8x.8x.8_224Slices",
    "RepetitionTime": 3.2,
    "ScanningSequence": "SE",
    "SequenceName": "_spc3d1_282ns",
    "SequenceVariant": "SK_SP",
    "SeriesDescription": "T2_.8x.8x.8_224Slices",
    "modality": "T2w",
    "run_id": "02",
    "session_id": "struct01",
    "subject_id": "MSC04"
  },
  "cjv": 0.3666698562954631,
  "cnr": 2.828312110169096,
  "efc": 0.5280758957980863,
  "fber": 1891.7322998046875,
  "fwhm_avg": 2.215227184643142,
  "fwhm_x": 2.0954751149050357,
  "fwhm_y": 2.4441256585365854,
  "fwhm_z": 2.106080780487805,
  "icvs_csf": 0.3819383794705945,
  "icvs_gm": 0.11057924833957374,
  "icvs_wm": 0.5074823721898317,
  "inu_med": 1.1081416606903076,
  "inu_range": 0.40402238070964835,
  "provenance": {
    "md5sum": "7d3ae8b75460fef60dff5ac95a00d85f",
    "settings": {
      "testing": false
    },
    "software": "mriqc",
    "version": "0.9.6",
    "warnings": {
      "large_rot_frame": true,
      "small_air_mask": false
    }
  },
  "qi_1": 1.3188071125905195e-06,
  "qi_2": 1.0,
  "rpve_csf": 10.643682636320195,
  "rpve_gm": 42.10798111265119,
  "rpve_wm": 8.994395077670253,
  "size_x": 224,
  "size_y": 256,
  "size_z": 256,
  "snr_csf": 8.617613551734928,
  "snr_gm": 4.388254469248965,
  "snr_total": 6.814624877941182,
  "snr_wm": 7.438006612839653,
  "snrd_csf": 48.895738223060235,
  "snrd_gm": 90.83326929178004,
  "snrd_total": 56.92908826273271,
  "snrd_wm": 31.058257273357864,
  "spacing_x": 0.7999951839447021,
  "spacing_y": 0.80078125,
  "spacing_z": 0.80078125,
  "summary_bg_k": 20.345541425058762,
  "summary_bg_mad": 21.094924926757812,
  "summary_bg_mean": 26.2977294921875,
  "summary_bg_median": 14.228310585021973,
  "summary_bg_n": 4986949.0,
  "summary_bg_p05": 0.0,
  "summary_bg_p95": 79.33300018310545,
  "summary_bg_stdv": 28.674259185791016,
  "summary_csf_k": 0.47291822819630047,
  "summary_csf_mad": 174.88987731933594,
  "summary_csf_mean": 1579.751220703125,
  "summary_csf_median": 1574.407958984375,
  "summary_csf_n": 74117.0,
  "summary_csf_p05": 1290.4822265625,
  "summary_csf_p95": 1888.6160644531249,
  "summary_csf_stdv": 182.69528198242188,
  "summary_gm_k": 1.4837601204581725,
  "summary_gm_mad": 575.937255859375,
  "summary_gm_mean": 2857.876953125,
  "summary_gm_median": 2924.7666015625,
  "summary_gm_n": 25240.0,
  "summary_gm_p05": 1573.9732055664062,
  "summary_gm_p95": 3763.8294555664065,
  "summary_gm_stdv": 666.4856567382812,
  "summary_wm_k": 0.31160108488864013,
  "summary_wm_mad": 129.7969207763672,
  "summary_wm_mean": 1001.86669921875,
  "summary_wm_median": 1000.0537719726562,
  "summary_wm_n": 378485.0,
  "summary_wm_p05": 784.4662719726562,
  "summary_wm_p95": 1225.837548828125,
  "summary_wm_stdv": 134.45167541503906,
  "tpm_overlap_csf": 0.11629293113946915,
  "tpm_overlap_gm": 0.10803584009408951,
  "tpm_overlap_wm": 0.4991258680820465,
  "wm2max": 0.280451356071587
}