{
  "aor": 0.001046112469437653,
  "aqi": 0.004517103997555012,
  "bids_meta": {
    "BodyPartExamined": "HEAD",
    "CogAtlasID": "http://www.cognitiveatlas.org/term/id/trm_4c8a834779883",
    "ConversionSoftware": "dcm2niix",
    "ConversionSoftwareVersion": "v1.0.20170411 GCC4.4.7",
    "EchoTime": 0.027,
    "EffectiveEchoSpacing": 0.000590001,
    "FlipAngle": 90,
    "ImageType": [
      "ORIGINAL",
      "PRIMARY",
      "M",
      "ND",
      "NORM",
      "MOSAIC"
    ],
    "Instructions": "During this first scan, a plus sign will be presented on the screen.  All you need to do is simply relax and look at the plus sign. Please keep your eyes open the entire time, and be as still as possible. It's extremely important that you stay awake for the entire duration of this scan. This scan will last ~30 minutes.",
    "MagneticFieldStrength": 3,
    "Manufacturer": "Siemens",
    "ManufacturersModelName": "TrioTim",
    "PhaseEncodingDirection": "j-",
    "ProcedureStepDescription": "head_Dosenbach_MSC",
    "ProtocolName": "RSFC_818Frames_36Slices_TR2.2",
    "RepetitionTime": 2.2,
    "ScanningSequence": "EP",
    "SequenceName": "_epfid2d1_64",
    "SequenceVariant": "SK",
    "SeriesDescription": "RSFC_818Frames_36Slices_TR2.2",
    "SliceTiming": [
      1.105,
      0,
      1.165,
      0.06,
      1.2275,
      0.1225,
      1.2875,
      0.185,
      1.35,
      0.245,
      1.41,
      0.3075,
      1.4725,
      0.3675,
      1.5325,
      0.43,
      1.595,
      0.49,
      1.655,
      0.5525,
      1.7175,
      0.6125,
      1.78,
      0.675,
      1.84,
      0.735,
      1.9025,
      0.7975,
      1.9625,
      0.8575,
      2.025,
      0.92,
      2.085,
      0.9825,
      2.1475,
      1.0425
    ],
    "SoftwareVersion": "syngo MR B17",
    "TaskName": "rest",
    "modality": "bold",
    "session_id": "func03",
    "subject_id": "MSC03",
    "task_id": "rest"
  },
  "dummy_trs": 0,
  "dvars_nstd": 18.178108611064864,
  "dvars_std": 1.1863108123011006,
  "dvars_vstd": 0.9764661715911865,
  "efc": 0.3631995367456342,
  "fber": 44550.7265625,
  "fd_mean": 0.17521358718932661,
  "fd_num": 274,
  "fd_perc": 33.49633251833741,
  "fwhm_avg": 2.5799637561252498,
  "fwhm_x": 2.3439675,
  "fwhm_y": 3.0315,
  "fwhm_z": 2.364423768375749,
  "gcor": 0.0617888,
  "gsr_x": -0.013276362791657448,
  "gsr_y": 0.014071695506572723,
  "provenance": {
    "md5sum": "939e4164dd7ef62321abd7046f530895",
    "settings": {
      "fd_thres": 0.2,
      "hmc_fsl": false
    },
    "software": "mriqc",
    "version": "0.9.6"
  },
  "size_t": 818,
  "size_x": 64,
  "size_y": 64,
  "size_z": 36,
  "snr": 4.768104886924136,
  "spacing_tr": 2.200000047683716,
  "spacing_x": 4.0,
  "spacing_y": 4.0,
  "spacing_z": 3.999997854232788,
  "summary_bg_k": 46.114137083307966,
  "summary_bg_mad": 1.6638494729995728,
  "summary_bg_mean": 9.726778030395508,
  "summary_bg_median": 2.7298290729522705,
  "summary_bg_n": 102667.0,
  "summary_bg_p05": 1.1797066926956177,
  "summary_bg_p95": 45.32115173339844,
  "summary_bg_stdv": 22.422510147094727,
  "summary_fg_k": 3.792700157310419,
  "summary_fg_mad": 81.12894439697266,
  "summary_fg_mean": 574.3906860351562,
  "summary_fg_median": 595.5538330078125,
  "summary_fg_n": 17500.0,
  "summary_fg_p05": 315.3553833007812,
  "summary_fg_p95": 724.019171142578,
  "summary_fg_stdv": 124.90010833740234,
  "tsnr": 76.40542602539062
}