{
  "bids_meta": {
    "BodyPartExamined": "HEAD",
    "ConversionSoftware": "dcm2niix",
    "ConversionSoftwareVersion": "v1.0.20170411 GCC4.4.7",
    "EchoTime": 0.00374,
    "FlipAngle": 8,
    "ImageType": [
      "ORIGINAL",
      "PRIMARY",
      "M",
      "ND",
      "NORM"
    ],
    "InversionTime": 1,
    "MagneticFieldStrength": 3,
    "Manufacturer": "Siemens",
    "ManufacturersModelName": "TrioTim",
    "PhaseEncodingDirection": "i-",
    "ProcedureStepDescription": "head_Dosenbach_MSC",
    "ProtocolName": "T1_.8x.8x.8_224Slices",
    "RepetitionTime": 2.4,
    "ScanningSequence": "GR_IR",
    "SequenceName": "_tfl3d1_ns",
    "SequenceVariant": "SP_MP_OSP",
    "SeriesDescription": "T1_.8x.8x.8_224Slices",
    "modality": "T1w",
    "run_id": "02",
    "session_id": "struct01",
    "subject_id": "MSC10"
  },
  "cjv": 0.7981684760404818,
  "cnr": 1.686006627952069,
  "efc": 0.6760435394369614,
  "fber": 256.3895568847656,
  "fwhm_avg": 3.371887896203102,
  "fwhm_x": 3.456067200804428,
  "fwhm_y": 3.469624195121951,
  "fwhm_z": 3.1899722926829264,
  "icvs_csf": 0.19330223289566717,
  "icvs_gm": 0.40843099751657436,
  "icvs_wm": 0.3982667695877585,
  "inu_med": 1.0837199687957764,
  "inu_range": 0.5458954870700836,
  "provenance": {
    "md5sum": "c8cbdf4e3cce18c5855329f16fb0d4a4",
    "mriqc_pred": 0,
    "settings": {
      "testing": false
    },
    "software": "mriqc",
    "version": "0.9.6",
    "warnings": {
      "large_rot_frame": true,
      "small_air_mask": false
    }
  },
  "qi_1": 0.0,
  "qi_2": 0.0037147466211155072,
  "rpve_csf": 17.354840404947662,
  "rpve_gm": 8.441590595694903,
  "rpve_wm": 10.104590126267638,
  "size_x": 224,
  "size_y": 256,
  "size_z": 256,
  "snr_csf": 2.948158431290917,
  "snr_gm": 8.130448487904667,
  "snr_total": 8.066554995082747,
  "snr_wm": 13.121058066052656,
  "snrd_csf": 9.814345545979926,
  "snrd_gm": 20.617911990666755,
  "snrd_total": 18.878710188565933,
  "snrd_wm": 26.203873029051117,
  "spacing_x": 0.799996018409729,
  "spacing_y": 0.80078125,
  "spacing_z": 0.80078125,
  "summary_bg_k": 2.642066943201937,
  "summary_bg_mad": 25.002946853637695,
  "summary_bg_mean": 42.33674621582031,
  "summary_bg_median": 36.87384796142578,
  "summary_bg_n": 3015803.0,
  "summary_bg_p05": 7.963609552383423,
  "summary_bg_p95": 96.5561408996582,
  "summary_bg_stdv": 28.506441116333008,
  "summary_csf_k": 1.110874437592936,
  "summary_csf_mad": 117.84988403320312,
  "summary_csf_mean": 391.6521911621094,
  "summary_csf_median": 374.55950927734375,
  "summary_csf_n": 54814.0,
  "summary_csf_p05": 213.54769744873045,
  "summary_csf_p95": 627.016390991211,
  "summary_csf_stdv": 127.04747772216797,
  "summary_gm_k": -0.017613876453165922,
  "summary_gm_mad": 97.49693298339844,
  "summary_gm_mean": 792.3966064453125,
  "summary_gm_median": 786.8721313476562,
  "summary_gm_n": 43067.0,
  "summary_gm_p05": 641.7512268066407,
  "summary_gm_p95": 960.5742858886717,
  "summary_gm_stdv": 96.77977752685547,
  "summary_wm_k": 0.751093166874155,
  "summary_wm_mad": 72.66090393066406,
  "summary_wm_mean": 1004.0868530273438,
  "summary_wm_median": 1000.0574951171875,
  "summary_wm_n": 517868.0,
  "summary_wm_p05": 886.3826477050782,
  "summary_wm_p95": 1134.6361511230466,
  "summary_wm_stdv": 76.2176742553711,
  "tpm_overlap_csf": 0.22620455920696259,
  "tpm_overlap_gm": 0.47628840804100037,
  "tpm_overlap_wm": 0.5421897768974304,
  "wm2max": 0.5736738504866435
}