{
  "aor": 0.005649192166462669,
  "aqi": 0.012543431175030598,
  "bids_meta": {
    "BodyPartExamined": "HEAD",
    "CogAtlasID": "http://www.cognitiveatlas.org/term/id/trm_4c8a834779883",
    "ConversionSoftware": "dcm2niix",
    "ConversionSoftwareVersion": "v1.0.20170411 GCC4.4.7",
    "EchoTime": 0.027,
    "EffectiveEchoSpacing": 0.000590001,
    "FlipAngle": 90,
    "ImageType": [
      "ORIGINAL",
      "PRIMARY",
      "M",
      "ND",
      "NORM",
      "MOSAIC"
    ],
    "Instructions": "During this first scan, a plus sign will be presented on the screen.  All you need to do is simply relax and look at the plus sign. Please keep your eyes open the entire time, and be as still as possible. It's extremely important that you stay awake for the entire duration of this scan. This scan will last ~30 minutes.",
    "MagneticFieldStrength": 3,
    "Manufacturer": "Siemens",
    "ManufacturersModelName": "TrioTim",
    "PhaseEncodingDirection": "j-",
    "ProcedureStepDescription": "head_Dosenbach_MSC",
    "ProtocolName": "RSFC_818Frames_36Slices_TR2.2",
    "RepetitionTime": 2.2,
    "ScanningSequence": "EP",
    "SequenceName": "_epfid2d1_64",
    "SequenceVariant": "SK",
    "SeriesDescription": "RSFC_818Frames_36Slices_TR2.2",
    "SliceTiming": [
      1.105,
      0,
      1.165,
      0.06,
      1.2275,
      0.1225,
      1.2875,
      0.185,
      1.35,
      0.245,
      1.41,
      0.3075,
      1.4725,
      0.3675,
      1.5325,
      0.43,
      1.595,
      0.49,
      1.655,
      0.5525,
      1.7175,
      0.6125,
      1.78,
      0.675,
      1.84,
      0.735,
      1.9025,
      0.7975,
      1.9625,
      0.8575,
      2.025,
      0.92,
      2.085,
      0.9825,
      2.1475,
      1.0425
    ],
    "SoftwareVersion": "syngo MR B17",
    "TaskName": "rest",
    "modality": "bold",
    "session_id": "func09",
    "subject_id": "MSC07",
    "task_id": "rest"
  },
  "dummy_trs": 1,
  "dvars_nstd": 17.34488416307599,
  "dvars_std": 1.2507037843137252,
  "dvars_vstd": 1.0386146189215684,
  "efc": 0.4033055719645438,
  "fber": 35955.4375,
  "fd_mean": 0.1629417668404824,
  "fd_num": 213,
  "fd_perc": 26.070991432068542,
  "fwhm_avg": 2.534498333333333,
  "fwhm_x": 2.324625,
  "fwhm_y": 2.875975,
  "fwhm_z": 2.402895,
  "gcor": 0.0501413,
  "gsr_x": -0.02100709080696106,
  "gsr_y": 0.014809687621891499,
  "provenance": {
    "md5sum": "0fef75230fbe550e4ec31830d0b1811a",
    "settings": {
      "fd_thres": 0.2,
      "hmc_fsl": false
    },
    "software": "mriqc",
    "version": "0.9.6"
  },
  "size_t": 817,
  "size_x": 64,
  "size_y": 64,
  "size_z": 36,
  "snr": 5.125429357524907,
  "spacing_tr": 2.200000047683716,
  "spacing_x": 4.0,
  "spacing_y": 4.0,
  "spacing_z": 4.0,
  "summary_bg_k": 40.51888660772108,
  "summary_bg_mad": 3.427950620651245,
  "summary_bg_mean": 18.27140235900879,
  "summary_bg_median": 3.81028151512146,
  "summary_bg_n": 98183.0,
  "summary_bg_p05": 0.9413708746433262,
  "summary_bg_p95": 89.51419982910143,
  "summary_bg_stdv": 47.87224578857422,
  "summary_fg_k": 4.249357060649377,
  "summary_fg_mad": 100.0675048828125,
  "summary_fg_mean": 728.2511596679688,
  "summary_fg_median": 746.3329467773438,
  "summary_fg_n": 20640.0,
  "summary_fg_p05": 448.701611328125,
  "summary_fg_p95": 912.7574462890624,
  "summary_fg_stdv": 145.61021423339844,
  "tsnr": 47.241065979003906
}