{
  "aor": 0.004905134474327628,
  "aqi": 0.005198961638141809,
  "bids_meta": {
    "BodyPartExamined": "HEAD",
    "CogAtlasID": "http://www.cognitiveatlas.org/term/id/trm_4c8a834779883",
    "ConversionSoftware": "dcm2niix",
    "ConversionSoftwareVersion": "v1.0.20170411 GCC4.4.7",
    "EchoTime": 0.027,
    "EffectiveEchoSpacing": 0.000590001,
    "FlipAngle": 90,
    "ImageType": [
      "ORIGINAL",
      "PRIMARY",
      "M",
      "ND",
      "NORM",
      "MOSAIC"
    ],
    "Instructions": "During this first scan, a plus sign will be presented on the screen.  All you need to do is simply relax and look at the plus sign. Please keep your eyes open the entire time, and be as still as possible. It's extremely important that you stay awake for the entire duration of this scan. This scan will last ~30 minutes.",
    "MagneticFieldStrength": 3,
    "Manufacturer": "Siemens",
    "ManufacturersModelName": "TrioTim",
    "PhaseEncodingDirection": "j-",
    "ProcedureStepDescription": "head_Dosenbach_MSC",
    "ProtocolName": "RSFC_818Frames_36Slices_TR2.2",
    "RepetitionTime": 2.2,
    "ScanningSequence": "EP",
    "SequenceName": "_epfid2d1_64",
    "SequenceVariant": "SK",
    "SeriesDescription": "RSFC_818Frames_36Slices_TR2.2",
    "SliceTiming": [
      1.105,
      0,
      1.165,
      0.06,
      1.2275,
      0.1225,
      1.2875,
      0.185,
      1.35,
      0.245,
      1.41,
      0.3075,
      1.4725,
      0.3675,
      1.5325,
      0.43,
      1.595,
      0.49,
      1.655,
      0.5525,
      1.7175,
      0.6125,
      1.78,
      0.675,
      1.84,
      0.735,
      1.9025,
      0.7975,
      1.9625,
      0.8575,
      2.025,
      0.92,
      2.085,
      0.9825,
      2.1475,
      1.0425
    ],
    "SoftwareVersion": "syngo MR B17",
    "TaskName": "rest",
    "modality": "bold",
    "session_id": "func02",
    "subject_id": "MSC03",
    "task_id": "rest"
  },
  "dummy_trs": 0,
  "dvars_nstd": 14.705604247221546,
  "dvars_std": 1.175677393255814,
  "dvars_vstd": 1.040797536266829,
  "efc": 0.3667301012373385,
  "fber": 45078.45703125,
  "fd_mean": 0.1639214398357443,
  "fd_num": 260,
  "fd_perc": 31.78484107579462,
  "fwhm_avg": 2.5500092600202673,
  "fwhm_x": 2.3142325,
  "fwhm_y": 2.986475,
  "fwhm_z": 2.3493202800608017,
  "gcor": 0.0797791,
  "gsr_x": -0.014959204941987991,
  "gsr_y": 0.016357582062482834,
  "provenance": {
    "md5sum": "4842dc9fc5f0942f9a6d4e4a776230c5",
    "settings": {
      "fd_thres": 0.2,
      "hmc_fsl": false
    },
    "software": "mriqc",
    "version": "0.9.6"
  },
  "size_t": 818,
  "size_x": 64,
  "size_y": 64,
  "size_z": 36,
  "snr": 4.829867115475037,
  "spacing_tr": 2.200000047683716,
  "spacing_x": 4.0,
  "spacing_y": 4.0,
  "spacing_z": 3.999999523162842,
  "summary_bg_k": 43.87770555367178,
  "summary_bg_mad": 1.7218483686447144,
  "summary_bg_mean": 10.490160942077637,
  "summary_bg_median": 2.7567238807678223,
  "summary_bg_n": 102488.0,
  "summary_bg_p05": 1.2004890441894531,
  "summary_bg_p95": 49.56454944610587,
  "summary_bg_stdv": 24.500234603881836,
  "summary_fg_k": 3.88354359452069,
  "summary_fg_mad": 82.56082916259766,
  "summary_fg_mean": 586.0445556640625,
  "summary_fg_median": 606.5079345703125,
  "summary_fg_n": 17620.0,
  "summary_fg_p05": 328.5960952758789,
  "summary_fg_p95": 736.889288330078,
  "summary_fg_stdv": 125.57089233398438,
  "tsnr": 70.92898559570312
}