{
  "aor": 0.00623423076923077,
  "aqi": 0.010445700673076923,
  "bids_meta": {
    "BodyPartExamined": "HEAD",
    "CogAtlasID": "http://www.cognitiveatlas.org/term/id/trm_550b53d7dd674",
    "ConversionSoftware": "dcm2niix",
    "ConversionSoftwareVersion": "v1.0.20170411 GCC4.4.7",
    "EchoTime": 0.027,
    "EffectiveEchoSpacing": 0.000590001,
    "FlipAngle": 90,
    "ImageType": [
      "ORIGINAL",
      "PRIMARY",
      "M",
      "ND",
      "NORM",
      "MOSAIC"
    ],
    "Instructions": "In this next scan you'll be prompted to move your hands, feet, or tongue. You'll only move one of these at once. Instructions are presented on the screen. Let?s review them now. [Read on-screen instructions to participant.] Do you have any questions?",
    "MagneticFieldStrength": 3,
    "Manufacturer": "Siemens",
    "ManufacturersModelName": "TrioTim",
    "PhaseEncodingDirection": "j-",
    "ProcedureStepDescription": "head_Dosenbach_MSC",
    "ProtocolName": "Motor_104Frames_36Slices_TR2.2",
    "RepetitionTime": 2.2,
    "ScanningSequence": "EP",
    "SequenceName": "_epfid2d1_64",
    "SequenceVariant": "SK",
    "SeriesDescription": "Motor_104Frames_36Slices_TR2.2",
    "SliceTiming": [
      1.105,
      0,
      1.1675,
      0.0625,
      1.2275,
      0.1225,
      1.29,
      0.185,
      1.35,
      0.245,
      1.4125,
      0.3075,
      1.4725,
      0.37,
      1.535,
      0.43,
      1.595,
      0.4925,
      1.6575,
      0.5525,
      1.7175,
      0.615,
      1.78,
      0.675,
      1.84,
      0.7375,
      1.9025,
      0.7975,
      1.965,
      0.86,
      2.025,
      0.92,
      2.0875,
      0.9825,
      2.1475,
      1.0425
    ],
    "SoftwareVersion": "syngo MR B17",
    "TaskName": "motor",
    "modality": "bold",
    "run_id": "02",
    "session_id": "func09",
    "subject_id": "MSC03",
    "task_id": "motor"
  },
  "dummy_trs": 0,
  "dvars_nstd": 16.150793140388345,
  "dvars_std": 1.0340786170873788,
  "dvars_vstd": 0.9292775114563109,
  "efc": 0.36138190156356165,
  "fber": 47890.125,
  "fd_mean": 0.23909159069318117,
  "fd_num": 61,
  "fd_perc": 58.65384615384615,
  "fwhm_avg": 2.561313617215457,
  "fwhm_x": 2.323615,
  "fwhm_y": 2.97895,
  "fwhm_z": 2.38137585164637,
  "gcor": 0.00990472,
  "gsr_x": -0.014257503673434258,
  "gsr_y": 0.014697324484586716,
  "provenance": {
    "md5sum": "c981ea15f782c15f44031cded869ff76",
    "settings": {
      "fd_thres": 0.2,
      "hmc_fsl": false
    },
    "software": "mriqc",
    "version": "0.9.6"
  },
  "size_t": 104,
  "size_x": 64,
  "size_y": 64,
  "size_z": 36,
  "snr": 4.8510056752799375,
  "spacing_tr": 2.200000047683716,
  "spacing_x": 4.0,
  "spacing_y": 4.0,
  "spacing_z": 3.9999985694885254,
  "summary_bg_k": 49.492006643334655,
  "summary_bg_mad": 1.7392064332962036,
  "summary_bg_mean": 10.117328643798828,
  "summary_bg_median": 2.721153974533081,
  "summary_bg_n": 103155.0,
  "summary_bg_p05": 1.076923131942749,
  "summary_bg_p95": 47.92308044433594,
  "summary_bg_stdv": 23.927030563354492,
  "summary_fg_k": 4.068012188360382,
  "summary_fg_mad": 82.21311950683594,
  "summary_fg_mean": 593.113037109375,
  "summary_fg_median": 613.1538696289062,
  "summary_fg_n": 17263.0,
  "summary_fg_p05": 338.40000610351564,
  "summary_fg_p95": 744.3077392578125,
  "summary_fg_stdv": 126.39360809326172,
  "tsnr": 54.329490661621094
}