{
  "aor": 0.0022186538461538463,
  "aqi": 0.003608540961538462,
  "bids_meta": {
    "BodyPartExamined": "HEAD",
    "CogAtlasID": "http://www.cognitiveatlas.org/term/id/trm_550b53d7dd674",
    "ConversionSoftware": "dcm2niix",
    "ConversionSoftwareVersion": "v1.0.20170411 GCC4.4.7",
    "EchoTime": 0.027,
    "EffectiveEchoSpacing": 0.000590001,
    "FlipAngle": 90,
    "ImageType": [
      "ORIGINAL",
      "PRIMARY",
      "M",
      "ND",
      "NORM",
      "MOSAIC"
    ],
    "Instructions": "In this next scan you'll be prompted to move your hands, feet, or tongue. You'll only move one of these at once. Instructions are presented on the screen. Let?s review them now. [Read on-screen instructions to participant.] Do you have any questions?",
    "MagneticFieldStrength": 3,
    "Manufacturer": "Siemens",
    "ManufacturersModelName": "TrioTim",
    "PhaseEncodingDirection": "j-",
    "ProcedureStepDescription": "head_Dosenbach_MSC",
    "ProtocolName": "Motor_104Frames_36Slices_TR2.2",
    "RepetitionTime": 2.2,
    "ScanningSequence": "EP",
    "SequenceName": "_epfid2d1_64",
    "SequenceVariant": "SK",
    "SeriesDescription": "Motor_104Frames_36Slices_TR2.2",
    "SliceTiming": [
      1.105,
      0,
      1.1675,
      0.0625,
      1.2275,
      0.1225,
      1.29,
      0.185,
      1.35,
      0.245,
      1.4125,
      0.3075,
      1.4725,
      0.37,
      1.535,
      0.43,
      1.595,
      0.4925,
      1.6575,
      0.5525,
      1.7175,
      0.615,
      1.78,
      0.675,
      1.84,
      0.7375,
      1.9025,
      0.7975,
      1.965,
      0.86,
      2.025,
      0.92,
      2.0875,
      0.9825,
      2.1475,
      1.0425
    ],
    "SoftwareVersion": "syngo MR B17",
    "TaskName": "motor",
    "modality": "bold",
    "run_id": "02",
    "session_id": "func10",
    "subject_id": "MSC04",
    "task_id": "motor"
  },
  "dummy_trs": 0,
  "dvars_nstd": 14.807153655436895,
  "dvars_std": 1.1912665347572815,
  "dvars_vstd": 0.9837927268932039,
  "efc": 0.36135476351090867,
  "fber": 54067.515625,
  "fd_mean": 0.10685675906416717,
  "fd_num": 10,
  "fd_perc": 9.615384615384615,
  "fwhm_avg": 2.5476458333333336,
  "fwhm_x": 2.334555,
  "fwhm_y": 2.961075,
  "fwhm_z": 2.3473075,
  "gcor": 0.0357735,
  "gsr_x": -0.01312302891165018,
  "gsr_y": 0.013753702864050865,
  "provenance": {
    "md5sum": "59724c559a0934e5c00486f3b4826064",
    "settings": {
      "fd_thres": 0.2,
      "hmc_fsl": false
    },
    "software": "mriqc",
    "version": "0.9.6"
  },
  "size_t": 104,
  "size_x": 64,
  "size_y": 64,
  "size_z": 36,
  "snr": 4.65007411733045,
  "spacing_tr": 2.200000047683716,
  "spacing_x": 4.0,
  "spacing_y": 4.0,
  "spacing_z": 4.0,
  "summary_bg_k": 82.27323361728637,
  "summary_bg_mad": 1.8389970064163208,
  "summary_bg_mean": 11.367620468139648,
  "summary_bg_median": 3.211538553237915,
  "summary_bg_n": 102039.0,
  "summary_bg_p05": 1.519230842590332,
  "summary_bg_p95": 44.936539840697904,
  "summary_bg_stdv": 32.763526916503906,
  "summary_fg_k": 3.463640575687921,
  "summary_fg_mad": 106.99679565429688,
  "summary_fg_mean": 742.8280639648438,
  "summary_fg_median": 774.798095703125,
  "summary_fg_n": 18018.0,
  "summary_fg_p05": 386.6476165771484,
  "summary_fg_p95": 941.0096435546875,
  "summary_fg_stdv": 166.615966796875,
  "tsnr": 89.6436996459961
}