{
  "aor": 0.0018356310679611646,
  "aqi": 0.015800406019417474,
  "bids_meta": {
    "BodyPartExamined": "HEAD",
    "CogAtlasID": "http://www.cognitiveatlas.org/term/id/trm_550b53d7dd674",
    "ConversionSoftware": "dcm2niix",
    "ConversionSoftwareVersion": "v1.0.20170411 GCC4.4.7",
    "EchoTime": 0.027,
    "EffectiveEchoSpacing": 0.000590001,
    "FlipAngle": 90,
    "ImageType": [
      "ORIGINAL",
      "PRIMARY",
      "M",
      "ND",
      "NORM",
      "MOSAIC"
    ],
    "Instructions": "In this next scan you'll be prompted to move your hands, feet, or tongue. You'll only move one of these at once. Instructions are presented on the screen. Let?s review them now. [Read on-screen instructions to participant.] Do you have any questions?",
    "MagneticFieldStrength": 3,
    "Manufacturer": "Siemens",
    "ManufacturersModelName": "TrioTim",
    "PhaseEncodingDirection": "j-",
    "ProcedureStepDescription": "head_Dosenbach_MSC",
    "ProtocolName": "Motor_104Frames_36Slices_TR2.2",
    "RepetitionTime": 2.2,
    "ScanningSequence": "EP",
    "SequenceName": "_epfid2d1_64",
    "SequenceVariant": "SK",
    "SeriesDescription": "Motor_104Frames_36Slices_TR2.2",
    "SliceTiming": [
      1.105,
      0,
      1.1675,
      0.0625,
      1.2275,
      0.1225,
      1.29,
      0.185,
      1.35,
      0.245,
      1.4125,
      0.3075,
      1.4725,
      0.37,
      1.535,
      0.43,
      1.595,
      0.4925,
      1.6575,
      0.5525,
      1.7175,
      0.615,
      1.78,
      0.675,
      1.84,
      0.7375,
      1.9025,
      0.7975,
      1.965,
      0.86,
      2.025,
      0.92,
      2.0875,
      0.9825,
      2.1475,
      1.0425
    ],
    "SoftwareVersion": "syngo MR B17",
    "TaskName": "motor",
    "modality": "bold",
    "run_id": "01",
    "session_id": "func05",
    "subject_id": "MSC03",
    "task_id": "motor"
  },
  "dummy_trs": 1,
  "dvars_nstd": 16.714535975098038,
  "dvars_std": 0.9213664606862743,
  "dvars_vstd": 0.841342432843137,
  "efc": 0.36811237901764765,
  "fber": 43126.4140625,
  "fd_mean": 0.22307366902063103,
  "fd_num": 52,
  "fd_perc": 50.48543689320388,
  "fwhm_avg": 2.604009710805818,
  "fwhm_x": 2.3587175,
  "fwhm_y": 3.027375,
  "fwhm_z": 2.4259366324174527,
  "gcor": 0.00938397,
  "gsr_x": -0.015789872035384178,
  "gsr_y": 0.01390446349978447,
  "provenance": {
    "md5sum": "1ae962639cb7c66057261609e8ace450",
    "settings": {
      "fd_thres": 0.2,
      "hmc_fsl": false
    },
    "software": "mriqc",
    "version": "0.9.6"
  },
  "size_t": 103,
  "size_x": 64,
  "size_y": 64,
  "size_z": 36,
  "snr": 4.790709250468979,
  "spacing_tr": 2.200000047683716,
  "spacing_x": 4.0,
  "spacing_y": 4.0,
  "spacing_z": 4.000001430511475,
  "summary_bg_k": 39.86957921727814,
  "summary_bg_mad": 1.8712456226348877,
  "summary_bg_mean": 10.899867057800293,
  "summary_bg_median": 2.825242757797241,
  "summary_bg_n": 102283.0,
  "summary_bg_p05": 1.1359223127365112,
  "summary_bg_p95": 52.70679817199696,
  "summary_bg_stdv": 25.034685134887695,
  "summary_fg_k": 3.6692470113131135,
  "summary_fg_mad": 80.88819885253906,
  "summary_fg_mean": 585.2263793945312,
  "summary_fg_median": 606.0776977539062,
  "summary_fg_n": 17624.0,
  "summary_fg_p05": 321.70873718261726,
  "summary_fg_p95": 736.2883483886719,
  "summary_fg_stdv": 126.5074691772461,
  "tsnr": 44.947853088378906
}