{
  "aor": 0.003504423076923077,
  "aqi": 0.005689562307692308,
  "bids_meta": {
    "BodyPartExamined": "HEAD",
    "CogAtlasID": "http://www.cognitiveatlas.org/term/id/trm_550b53d7dd674",
    "ConversionSoftware": "dcm2niix",
    "ConversionSoftwareVersion": "v1.0.20170411 GCC4.4.7",
    "EchoTime": 0.027,
    "EffectiveEchoSpacing": 0.000590001,
    "FlipAngle": 90,
    "ImageType": [
      "ORIGINAL",
      "PRIMARY",
      "M",
      "ND",
      "NORM",
      "MOSAIC"
    ],
    "Instructions": "In this next scan you'll be prompted to move your hands, feet, or tongue. You'll only move one of these at once. Instructions are presented on the screen. Let?s review them now. [Read on-screen instructions to participant.] Do you have any questions?",
    "MagneticFieldStrength": 3,
    "Manufacturer": "Siemens",
    "ManufacturersModelName": "TrioTim",
    "PhaseEncodingDirection": "j-",
    "ProcedureStepDescription": "head_Dosenbach_MSC",
    "ProtocolName": "Motor_104Frames_36Slices_TR2.2",
    "RepetitionTime": 2.2,
    "ScanningSequence": "EP",
    "SequenceName": "_epfid2d1_64",
    "SequenceVariant": "SK",
    "SeriesDescription": "Motor_104Frames_36Slices_TR2.2",
    "SliceTiming": [
      1.105,
      0,
      1.1675,
      0.0625,
      1.2275,
      0.1225,
      1.29,
      0.185,
      1.35,
      0.245,
      1.4125,
      0.3075,
      1.4725,
      0.37,
      1.535,
      0.43,
      1.595,
      0.4925,
      1.6575,
      0.5525,
      1.7175,
      0.615,
      1.78,
      0.675,
      1.84,
      0.7375,
      1.9025,
      0.7975,
      1.965,
      0.86,
      2.025,
      0.92,
      2.0875,
      0.9825,
      2.1475,
      1.0425
    ],
    "SoftwareVersion": "syngo MR B17",
    "TaskName": "motor",
    "modality": "bold",
    "run_id": "02",
    "session_id": "func06",
    "subject_id": "MSC09",
    "task_id": "motor"
  },
  "dummy_trs": 0,
  "dvars_nstd": 21.11765513349514,
  "dvars_std": 1.2790789753398055,
  "dvars_vstd": 1.0083511254368933,
  "efc": 0.4425104689134188,
  "fber": 27400.49609375,
  "fd_mean": 0.22903486900634532,
  "fd_num": 59,
  "fd_perc": 56.73076923076923,
  "fwhm_avg": 2.524248239005915,
  "fwhm_x": 2.2612675,
  "fwhm_y": 2.93765,
  "fwhm_z": 2.373827217017744,
  "gcor": 0.0200226,
  "gsr_x": -0.021601663902401924,
  "gsr_y": 0.020688775926828384,
  "provenance": {
    "md5sum": "c85b2c3ac519152936e231466e65a863",
    "settings": {
      "fd_thres": 0.2,
      "hmc_fsl": false
    },
    "software": "mriqc",
    "version": "0.9.6"
  },
  "size_t": 104,
  "size_x": 64,
  "size_y": 64,
  "size_z": 36,
  "snr": 4.994234286689759,
  "spacing_tr": 2.200000047683716,
  "spacing_x": 4.0,
  "spacing_y": 4.0,
  "spacing_z": 4.000000476837158,
  "summary_bg_k": 28.10729950365016,
  "summary_bg_mad": 2.9224369525909424,
  "summary_bg_mean": 20.82029914855957,
  "summary_bg_median": 4.019230842590332,
  "summary_bg_n": 93839.0,
  "summary_bg_p05": 1.5576924085617065,
  "summary_bg_p95": 110.42308044433594,
  "summary_bg_stdv": 46.38613510131836,
  "summary_fg_k": 4.3808915774299475,
  "summary_fg_mad": 90.75238037109375,
  "summary_fg_mean": 677.2005004882812,
  "summary_fg_median": 695.173095703125,
  "summary_fg_n": 24120.0,
  "summary_fg_p05": 396.7302932739258,
  "summary_fg_p95": 848.0985961914062,
  "summary_fg_stdv": 139.19224548339844,
  "tsnr": 80.03766632080078
}