{
  "aor": 0.003762019230769231,
  "aqi": 0.003555785384615385,
  "bids_meta": {
    "BodyPartExamined": "HEAD",
    "CogAtlasID": "http://www.cognitiveatlas.org/term/id/trm_550b53d7dd674",
    "ConversionSoftware": "dcm2niix",
    "ConversionSoftwareVersion": "v1.0.20170411 GCC4.4.7",
    "EchoTime": 0.027,
    "EffectiveEchoSpacing": 0.000590001,
    "FlipAngle": 90,
    "ImageType": [
      "ORIGINAL",
      "PRIMARY",
      "M",
      "ND",
      "NORM",
      "MOSAIC"
    ],
    "Instructions": "In this next scan you'll be prompted to move your hands, feet, or tongue. You'll only move one of these at once. Instructions are presented on the screen. Let?s review them now. [Read on-screen instructions to participant.] Do you have any questions?",
    "MagneticFieldStrength": 3,
    "Manufacturer": "Siemens",
    "ManufacturersModelName": "TrioTim",
    "PhaseEncodingDirection": "j-",
    "ProcedureStepDescription": "head_Dosenbach_MSC",
    "ProtocolName": "Motor_104Frames_36Slices_TR2.2",
    "RepetitionTime": 2.2,
    "ScanningSequence": "EP",
    "SequenceName": "_epfid2d1_64",
    "SequenceVariant": "SK",
    "SeriesDescription": "Motor_104Frames_36Slices_TR2.2",
    "SliceTiming": [
      1.105,
      0,
      1.1675,
      0.0625,
      1.2275,
      0.1225,
      1.29,
      0.185,
      1.35,
      0.245,
      1.4125,
      0.3075,
      1.4725,
      0.37,
      1.535,
      0.43,
      1.595,
      0.4925,
      1.6575,
      0.5525,
      1.7175,
      0.615,
      1.78,
      0.675,
      1.84,
      0.7375,
      1.9025,
      0.7975,
      1.965,
      0.86,
      2.025,
      0.92,
      2.0875,
      0.9825,
      2.1475,
      1.0425
    ],
    "SoftwareVersion": "syngo MR B17",
    "TaskName": "motor",
    "modality": "bold",
    "run_id": "01",
    "session_id": "func03",
    "subject_id": "MSC02",
    "task_id": "motor"
  },
  "dummy_trs": 0,
  "dvars_nstd": 19.95222023135922,
  "dvars_std": 1.3604549643689323,
  "dvars_vstd": 1.011679123786408,
  "efc": 0.4182173976837463,
  "fber": 33592.109375,
  "fd_mean": 0.09397342270267237,
  "fd_num": 5,
  "fd_perc": 4.8076923076923075,
  "fwhm_avg": 2.457138796376167,
  "fwhm_x": 2.173775,
  "fwhm_y": 2.867975,
  "fwhm_z": 2.329666389128499,
  "gcor": 0.033254,
  "gsr_x": -0.013388839550316334,
  "gsr_y": 0.03321254625916481,
  "provenance": {
    "md5sum": "12ebe31444b2931fb5b047caebf046f8",
    "settings": {
      "fd_thres": 0.2,
      "hmc_fsl": false
    },
    "software": "mriqc",
    "version": "0.9.6"
  },
  "size_t": 104,
  "size_x": 64,
  "size_y": 64,
  "size_z": 36,
  "snr": 4.911963006762444,
  "spacing_tr": 2.200000047683716,
  "spacing_x": 4.0,
  "spacing_y": 4.0,
  "spacing_z": 4.000001907348633,
  "summary_bg_k": 26.80538658262475,
  "summary_bg_mad": 2.409228801727295,
  "summary_bg_mean": 18.2820987701416,
  "summary_bg_median": 3.615384817123413,
  "summary_bg_n": 96556.0,
  "summary_bg_p05": 1.509615421295166,
  "summary_bg_p95": 99.8846206665039,
  "summary_bg_stdv": 41.733917236328125,
  "summary_fg_k": 3.8468628793488078,
  "summary_fg_mad": 99.63374328613281,
  "summary_fg_mean": 673.5531616210938,
  "summary_fg_median": 685.3702392578125,
  "summary_fg_n": 22304.0,
  "summary_fg_p05": 419.0158920288086,
  "summary_fg_p95": 858.7360870361329,
  "summary_fg_stdv": 139.52769470214844,
  "tsnr": 89.90476989746094
}