{
  "aor": 0.0021323076923076925,
  "aqi": 0.005481527403846154,
  "bids_meta": {
    "BodyPartExamined": "HEAD",
    "CogAtlasID": "http://www.cognitiveatlas.org/term/id/trm_550b53d7dd674",
    "ConversionSoftware": "dcm2niix",
    "ConversionSoftwareVersion": "v1.0.20170411 GCC4.4.7",
    "EchoTime": 0.027,
    "EffectiveEchoSpacing": 0.000590001,
    "FlipAngle": 90,
    "ImageType": [
      "ORIGINAL",
      "PRIMARY",
      "M",
      "ND",
      "NORM",
      "MOSAIC"
    ],
    "Instructions": "In this next scan you'll be prompted to move your hands, feet, or tongue. You'll only move one of these at once. Instructions are presented on the screen. Let?s review them now. [Read on-screen instructions to participant.] Do you have any questions?",
    "MagneticFieldStrength": 3,
    "Manufacturer": "Siemens",
    "ManufacturersModelName": "TrioTim",
    "PhaseEncodingDirection": "j-",
    "ProcedureStepDescription": "head_Dosenbach_MSC",
    "ProtocolName": "Motor_104Frames_36Slices_TR2.2",
    "RepetitionTime": 2.2,
    "ScanningSequence": "EP",
    "SequenceName": "_epfid2d1_64",
    "SequenceVariant": "SK",
    "SeriesDescription": "Motor_104Frames_36Slices_TR2.2",
    "SliceTiming": [
      1.105,
      0,
      1.1675,
      0.0625,
      1.2275,
      0.1225,
      1.29,
      0.185,
      1.35,
      0.245,
      1.4125,
      0.3075,
      1.4725,
      0.37,
      1.535,
      0.43,
      1.595,
      0.4925,
      1.6575,
      0.5525,
      1.7175,
      0.615,
      1.78,
      0.675,
      1.84,
      0.7375,
      1.9025,
      0.7975,
      1.965,
      0.86,
      2.025,
      0.92,
      2.0875,
      0.9825,
      2.1475,
      1.0425
    ],
    "SoftwareVersion": "syngo MR B17",
    "TaskName": "motor",
    "modality": "bold",
    "run_id": "01",
    "session_id": "func04",
    "subject_id": "MSC10",
    "task_id": "motor"
  },
  "dummy_trs": 0,
  "dvars_nstd": 20.304576142233007,
  "dvars_std": 1.2010822721359224,
  "dvars_vstd": 0.9776939178640779,
  "efc": 0.4175067065745543,
  "fber": 32549.484375,
  "fd_mean": 0.1956308525806408,
  "fd_num": 43,
  "fd_perc": 41.34615384615385,
  "fwhm_avg": 2.431892858824901,
  "fwhm_x": 2.2365975,
  "fwhm_y": 2.80155,
  "fwhm_z": 2.257531076474703,
  "gcor": 0.0223086,
  "gsr_x": -0.01318457629531622,
  "gsr_y": 0.016843894496560097,
  "provenance": {
    "md5sum": "62e8338ce5b4d0dbf21569ef8fe6625e",
    "settings": {
      "fd_thres": 0.2,
      "hmc_fsl": false
    },
    "software": "mriqc",
    "version": "0.9.6"
  },
  "size_t": 104,
  "size_x": 64,
  "size_y": 64,
  "size_z": 36,
  "snr": 4.7692214283099705,
  "spacing_tr": 2.200000047683716,
  "spacing_x": 4.0,
  "spacing_y": 4.0,
  "spacing_z": 3.999998092651367,
  "summary_bg_k": 46.28098025640153,
  "summary_bg_mad": 2.5802981853485107,
  "summary_bg_mean": 15.855209350585938,
  "summary_bg_median": 3.769230842590332,
  "summary_bg_n": 95738.0,
  "summary_bg_p05": 1.5961538553237915,
  "summary_bg_p95": 80.11971397399886,
  "summary_bg_stdv": 38.5792121887207,
  "summary_fg_k": 3.7423258175570586,
  "summary_fg_mad": 107.34613800048828,
  "summary_fg_mean": 700.0402221679688,
  "summary_fg_median": 714.6154174804688,
  "summary_fg_n": 22383.0,
  "summary_fg_p05": 423.66444396972656,
  "summary_fg_p95": 896.7163818359375,
  "summary_fg_stdv": 149.83566284179688,
  "tsnr": 73.20625305175781
}