{
  "aor": 0.003999326923076923,
  "aqi": 0.003914863173076924,
  "bids_meta": {
    "BodyPartExamined": "HEAD",
    "CogAtlasID": "http://www.cognitiveatlas.org/term/id/trm_550b53d7dd674",
    "ConversionSoftware": "dcm2niix",
    "ConversionSoftwareVersion": "v1.0.20170411 GCC4.4.7",
    "EchoTime": 0.027,
    "EffectiveEchoSpacing": 0.000590001,
    "FlipAngle": 90,
    "ImageType": [
      "ORIGINAL",
      "PRIMARY",
      "M",
      "ND",
      "NORM",
      "MOSAIC"
    ],
    "Instructions": "In this next scan you'll be prompted to move your hands, feet, or tongue. You'll only move one of these at once. Instructions are presented on the screen. Let?s review them now. [Read on-screen instructions to participant.] Do you have any questions?",
    "MagneticFieldStrength": 3,
    "Manufacturer": "Siemens",
    "ManufacturersModelName": "TrioTim",
    "PhaseEncodingDirection": "j-",
    "ProcedureStepDescription": "head_Dosenbach_MSC",
    "ProtocolName": "Motor_104Frames_36Slices_TR2.2",
    "RepetitionTime": 2.2,
    "ScanningSequence": "EP",
    "SequenceName": "_epfid2d1_64",
    "SequenceVariant": "SK",
    "SeriesDescription": "Motor_104Frames_36Slices_TR2.2",
    "SliceTiming": [
      1.105,
      0,
      1.1675,
      0.0625,
      1.2275,
      0.1225,
      1.29,
      0.185,
      1.35,
      0.245,
      1.4125,
      0.3075,
      1.4725,
      0.37,
      1.535,
      0.43,
      1.595,
      0.4925,
      1.6575,
      0.5525,
      1.7175,
      0.615,
      1.78,
      0.675,
      1.84,
      0.7375,
      1.9025,
      0.7975,
      1.965,
      0.86,
      2.025,
      0.92,
      2.0875,
      0.9825,
      2.1475,
      1.0425
    ],
    "SoftwareVersion": "syngo MR B17",
    "TaskName": "motor",
    "modality": "bold",
    "run_id": "02",
    "session_id": "func02",
    "subject_id": "MSC03",
    "task_id": "motor"
  },
  "dummy_trs": 0,
  "dvars_nstd": 15.922456834271845,
  "dvars_std": 1.1531867762135921,
  "dvars_vstd": 1.0078551533009708,
  "efc": 0.3643621458792716,
  "fber": 46072.734375,
  "fd_mean": 0.15710965168740984,
  "fd_num": 27,
  "fd_perc": 25.96153846153846,
  "fwhm_avg": 2.5392092601281515,
  "fwhm_x": 2.3019925,
  "fwhm_y": 2.9636,
  "fwhm_z": 2.3520352803844546,
  "gcor": 0.0199821,
  "gsr_x": -0.01453099399805069,
  "gsr_y": 0.01630474627017975,
  "provenance": {
    "md5sum": "e010a686f3febe41a39a9dbf531134ab",
    "settings": {
      "fd_thres": 0.2,
      "hmc_fsl": false
    },
    "software": "mriqc",
    "version": "0.9.6"
  },
  "size_t": 104,
  "size_x": 64,
  "size_y": 64,
  "size_z": 36,
  "snr": 4.960158948035501,
  "spacing_tr": 2.200000047683716,
  "spacing_x": 4.0,
  "spacing_y": 4.0,
  "spacing_z": 3.999999523162842,
  "summary_bg_k": 45.04902593867201,
  "summary_bg_mad": 1.7534624338150024,
  "summary_bg_mean": 10.466257095336914,
  "summary_bg_median": 2.788461685180664,
  "summary_bg_n": 102778.0,
  "summary_bg_p05": 1.1730769872665405,
  "summary_bg_p95": 50.14567565917963,
  "summary_bg_stdv": 24.534101486206055,
  "summary_fg_k": 4.035879433718755,
  "summary_fg_mad": 82.99011993408203,
  "summary_fg_mean": 598.5682373046875,
  "summary_fg_median": 616.5096435546875,
  "summary_fg_n": 17426.0,
  "summary_fg_p05": 353.1442565917969,
  "summary_fg_p95": 752.394287109375,
  "summary_fg_stdv": 124.28874969482422,
  "tsnr": 84.54371643066406
}