{
  "aor": 0.003713365384615385,
  "aqi": 0.006526556923076923,
  "bids_meta": {
    "BodyPartExamined": "HEAD",
    "CogAtlasID": "http://www.cognitiveatlas.org/term/id/trm_550b53d7dd674",
    "ConversionSoftware": "dcm2niix",
    "ConversionSoftwareVersion": "v1.0.20170411 GCC4.4.7",
    "EchoTime": 0.027,
    "EffectiveEchoSpacing": 0.000590001,
    "FlipAngle": 90,
    "ImageType": [
      "ORIGINAL",
      "PRIMARY",
      "M",
      "ND",
      "NORM",
      "MOSAIC"
    ],
    "Instructions": "In this next scan you'll be prompted to move your hands, feet, or tongue. You'll only move one of these at once. Instructions are presented on the screen. Let?s review them now. [Read on-screen instructions to participant.] Do you have any questions?",
    "MagneticFieldStrength": 3,
    "Manufacturer": "Siemens",
    "ManufacturersModelName": "TrioTim",
    "PhaseEncodingDirection": "j-",
    "ProcedureStepDescription": "head_Dosenbach_MSC",
    "ProtocolName": "Motor_104Frames_36Slices_TR2.2",
    "RepetitionTime": 2.2,
    "ScanningSequence": "EP",
    "SequenceName": "_epfid2d1_64",
    "SequenceVariant": "SK",
    "SeriesDescription": "Motor_104Frames_36Slices_TR2.2",
    "SliceTiming": [
      1.105,
      0,
      1.1675,
      0.0625,
      1.2275,
      0.1225,
      1.29,
      0.185,
      1.35,
      0.245,
      1.4125,
      0.3075,
      1.4725,
      0.37,
      1.535,
      0.43,
      1.595,
      0.4925,
      1.6575,
      0.5525,
      1.7175,
      0.615,
      1.78,
      0.675,
      1.84,
      0.7375,
      1.9025,
      0.7975,
      1.965,
      0.86,
      2.025,
      0.92,
      2.0875,
      0.9825,
      2.1475,
      1.0425
    ],
    "SoftwareVersion": "syngo MR B17",
    "TaskName": "motor",
    "modality": "bold",
    "run_id": "01",
    "session_id": "func03",
    "subject_id": "MSC09",
    "task_id": "motor"
  },
  "dummy_trs": 0,
  "dvars_nstd": 21.926520486310686,
  "dvars_std": 1.2947862602912628,
  "dvars_vstd": 1.0134587733009706,
  "efc": 0.43829656505062947,
  "fber": 26455.126953125,
  "fd_mean": 0.18859360629263122,
  "fd_num": 41,
  "fd_perc": 39.42307692307692,
  "fwhm_avg": 2.5329676535004526,
  "fwhm_x": 2.2617375,
  "fwhm_y": 2.948400175738345,
  "fwhm_z": 2.388765284763012,
  "gcor": 0.0107883,
  "gsr_x": -0.018863527104258537,
  "gsr_y": 0.02210146375000477,
  "provenance": {
    "md5sum": "d2af755c8e267aed2ced992c225ca597",
    "settings": {
      "fd_thres": 0.2,
      "hmc_fsl": false
    },
    "software": "mriqc",
    "version": "0.9.6"
  },
  "size_t": 104,
  "size_x": 64,
  "size_y": 64,
  "size_z": 36,
  "snr": 5.089878781717595,
  "spacing_tr": 2.200000047683716,
  "spacing_x": 4.0,
  "spacing_y": 3.999999761581421,
  "spacing_z": 3.999999523162842,
  "summary_bg_k": 30.65864670212391,
  "summary_bg_mad": 3.449901580810547,
  "summary_bg_mean": 20.52890968322754,
  "summary_bg_median": 4.29807710647583,
  "summary_bg_n": 93911.0,
  "summary_bg_p05": 1.509615421295166,
  "summary_bg_p95": 108.24519729614258,
  "summary_bg_stdv": 45.48617935180664,
  "summary_fg_k": 4.556513400664422,
  "summary_fg_mad": 94.37336730957031,
  "summary_fg_mean": 713.2390747070312,
  "summary_fg_median": 730.4807739257812,
  "summary_fg_n": 24011.0,
  "summary_fg_p05": 439.77886962890625,
  "summary_fg_p95": 890.28369140625,
  "summary_fg_stdv": 143.5133514404297,
  "tsnr": 75.21781158447266
}