{
  "aor": 0.0031378846153846157,
  "aqi": 0.009287318557692308,
  "bids_meta": {
    "BodyPartExamined": "HEAD",
    "CogAtlasID": "http://www.cognitiveatlas.org/term/id/trm_550b53d7dd674",
    "ConversionSoftware": "dcm2niix",
    "ConversionSoftwareVersion": "v1.0.20170411 GCC4.4.7",
    "EchoTime": 0.027,
    "EffectiveEchoSpacing": 0.000590001,
    "FlipAngle": 90,
    "ImageType": [
      "ORIGINAL",
      "PRIMARY",
      "M",
      "ND",
      "NORM",
      "MOSAIC"
    ],
    "Instructions": "In this next scan you'll be prompted to move your hands, feet, or tongue. You'll only move one of these at once. Instructions are presented on the screen. Let?s review them now. [Read on-screen instructions to participant.] Do you have any questions?",
    "MagneticFieldStrength": 3,
    "Manufacturer": "Siemens",
    "ManufacturersModelName": "TrioTim",
    "PhaseEncodingDirection": "j-",
    "ProcedureStepDescription": "head_Dosenbach_MSC",
    "ProtocolName": "Motor_104Frames_36Slices_TR2.2",
    "RepetitionTime": 2.2,
    "ScanningSequence": "EP",
    "SequenceName": "_epfid2d1_64",
    "SequenceVariant": "SK",
    "SeriesDescription": "Motor_104Frames_36Slices_TR2.2",
    "SliceTiming": [
      1.105,
      0,
      1.1675,
      0.0625,
      1.2275,
      0.1225,
      1.29,
      0.185,
      1.35,
      0.245,
      1.4125,
      0.3075,
      1.4725,
      0.37,
      1.535,
      0.43,
      1.595,
      0.4925,
      1.6575,
      0.5525,
      1.7175,
      0.615,
      1.78,
      0.675,
      1.84,
      0.7375,
      1.9025,
      0.7975,
      1.965,
      0.86,
      2.025,
      0.92,
      2.0875,
      0.9825,
      2.1475,
      1.0425
    ],
    "SoftwareVersion": "syngo MR B17",
    "TaskName": "motor",
    "modality": "bold",
    "run_id": "02",
    "session_id": "func03",
    "subject_id": "MSC03",
    "task_id": "motor"
  },
  "dummy_trs": 0,
  "dvars_nstd": 19.83507604533981,
  "dvars_std": 1.0937081756310678,
  "dvars_vstd": 0.9142647301941748,
  "efc": 0.36279997165740924,
  "fber": 42148.08984375,
  "fd_mean": 0.20808987984605798,
  "fd_num": 47,
  "fd_perc": 45.19230769230769,
  "fwhm_avg": 2.5811529231070764,
  "fwhm_x": 2.3648975,
  "fwhm_y": 3.012375,
  "fwhm_z": 2.3661862693212288,
  "gcor": 0.0117197,
  "gsr_x": -0.014063158072531223,
  "gsr_y": 0.012847990728914738,
  "provenance": {
    "md5sum": "469d4c029d098ce0d6f38f3cc397c5b1",
    "settings": {
      "fd_thres": 0.2,
      "hmc_fsl": false
    },
    "software": "mriqc",
    "version": "0.9.6"
  },
  "size_t": 104,
  "size_x": 64,
  "size_y": 64,
  "size_z": 36,
  "snr": 4.760743964294246,
  "spacing_tr": 2.200000047683716,
  "spacing_x": 4.0,
  "spacing_y": 4.0,
  "spacing_z": 3.999997854232788,
  "summary_bg_k": 45.460295952535795,
  "summary_bg_mad": 1.7249507904052734,
  "summary_bg_mean": 10.208328247070312,
  "summary_bg_median": 2.826923131942749,
  "summary_bg_n": 102929.0,
  "summary_bg_p05": 1.201923131942749,
  "summary_bg_p95": 47.44807815551749,
  "summary_bg_stdv": 23.6179256439209,
  "summary_fg_k": 3.610134023204675,
  "summary_fg_mad": 81.71419525146484,
  "summary_fg_mean": 579.4699096679688,
  "summary_fg_median": 601.1442260742188,
  "summary_fg_n": 17224.0,
  "summary_fg_p05": 318.11443481445315,
  "summary_fg_p95": 730.2278900146484,
  "summary_fg_stdv": 126.26740264892578,
  "tsnr": 56.53336715698242
}