{
  "bids_meta": {
    "BodyPartExamined": "HEAD",
    "ConversionSoftware": "dcm2niix",
    "ConversionSoftwareVersion": "v1.0.20170411 GCC4.4.7",
    "EchoTime": 0.479,
    "FlipAngle": 120,
    "ImageType": [
      "ORIGINAL",
      "PRIMARY",
      "M",
      "ND",
      "NORM"
    ],
    "MagneticFieldStrength": 3,
    "Manufacturer": "Siemens",
    "ManufacturersModelName": "TrioTim",
    "PhaseEncodingDirection": "i-",
    "ProcedureStepDescription": "head_Dosenbach_MSC",
    "ProtocolName": "T2_.8x.8x.8_224Slices",
    "RepetitionTime": 3.2,
    "ScanningSequence": "SE",
    "SequenceName": "_spc3d1_282ns",
    "SequenceVariant": "SK_SP",
    "SeriesDescription": "T2_.8x.8x.8_224Slices",
    "modality": "T2w",
    "run_id": "02",
    "session_id": "struct01",
    "subject_id": "MSC10"
  },
  "cjv": 0.8555235063349733,
  "cnr": 1.3505241374300556,
  "efc": 0.6007405638436292,
  "fber": 794.338134765625,
  "fwhm_avg": 2.4808279627928873,
  "fwhm_x": 2.315028668866467,
  "fwhm_y": 2.740773463414634,
  "fwhm_z": 2.3866817560975613,
  "icvs_csf": 0.27700209584915253,
  "icvs_gm": 0.6620772198630439,
  "icvs_wm": 0.06092068428780353,
  "inu_med": 1.300061821937561,
  "inu_range": 0.5063644647598267,
  "provenance": {
    "md5sum": "238756a2dc29a45138ecd7a369a372ba",
    "settings": {
      "testing": false
    },
    "software": "mriqc",
    "version": "0.9.6",
    "warnings": {
      "large_rot_frame": true,
      "small_air_mask": false
    }
  },
  "qi_1": 0.00021754714654566545,
  "qi_2": 0.007050745494037782,
  "rpve_csf": 11.45945759748374,
  "rpve_gm": 6.327638972022166,
  "rpve_wm": 52.13487340576119,
  "size_x": 224,
  "size_y": 256,
  "size_z": 256,
  "snr_csf": 3.56934988129257,
  "snr_gm": 6.066388198813557,
  "snr_total": 4.499295533947969,
  "snr_wm": 3.862148521737781,
  "snrd_csf": 77.74655085986613,
  "snrd_gm": 32.88559986491865,
  "snrd_total": 44.24855464733202,
  "snrd_wm": 22.113513217211285,
  "spacing_x": 0.8000030517578125,
  "spacing_y": 0.80078125,
  "spacing_z": 0.80078125,
  "summary_bg_k": 14.743695618012925,
  "summary_bg_mad": 29.703428268432617,
  "summary_bg_mean": 52.802337646484375,
  "summary_bg_median": 36.7474479675293,
  "summary_bg_n": 3946912.0,
  "summary_bg_p05": 0.0,
  "summary_bg_p95": 156.41278991699207,
  "summary_bg_stdv": 55.7099609375,
  "summary_csf_k": -0.483557656503657,
  "summary_csf_mad": 1116.3170166015625,
  "summary_csf_mean": 3479.289306640625,
  "summary_csf_median": 3524.974609375,
  "summary_csf_n": 137127.0,
  "summary_csf_p05": 1983.0171508789062,
  "summary_csf_p95": 5093.008642578125,
  "summary_csf_stdv": 987.5640869140625,
  "summary_gm_k": 0.7148732590849662,
  "summary_gm_mad": 231.31790161132812,
  "summary_gm_mean": 1508.9605712890625,
  "summary_gm_median": 1491.01025390625,
  "summary_gm_n": 557904.0,
  "summary_gm_p05": 1137.9100219726563,
  "summary_gm_p95": 1939.3332458496093,
  "summary_gm_stdv": 245.781982421875,
  "summary_wm_k": 7.159427436789761,
  "summary_wm_mad": 186.51885986328125,
  "summary_wm_mean": 998.5347290039062,
  "summary_wm_median": 1002.611328125,
  "summary_wm_n": 547.0,
  "summary_wm_p05": 579.3718688964843,
  "summary_wm_p95": 1357.6225341796867,
  "summary_wm_stdv": 259.3619689941406,
  "tpm_overlap_csf": 0.17631711065769196,
  "tpm_overlap_gm": 0.3999551832675934,
  "tpm_overlap_wm": 0.08855673670768738,
  "wm2max": 0.19089269515711307
}