{
  "aor": 0.0029671153846153853,
  "aqi": 0.004149482115384615,
  "bids_meta": {
    "BodyPartExamined": "HEAD",
    "CogAtlasID": "http://www.cognitiveatlas.org/term/id/trm_550b53d7dd674",
    "ConversionSoftware": "dcm2niix",
    "ConversionSoftwareVersion": "v1.0.20170411 GCC4.4.7",
    "EchoTime": 0.027,
    "EffectiveEchoSpacing": 0.000590001,
    "FlipAngle": 90,
    "ImageType": [
      "ORIGINAL",
      "PRIMARY",
      "M",
      "ND",
      "NORM",
      "MOSAIC"
    ],
    "Instructions": "In this next scan you'll be prompted to move your hands, feet, or tongue. You'll only move one of these at once. Instructions are presented on the screen. Let?s review them now. [Read on-screen instructions to participant.] Do you have any questions?",
    "MagneticFieldStrength": 3,
    "Manufacturer": "Siemens",
    "ManufacturersModelName": "TrioTim",
    "PhaseEncodingDirection": "j-",
    "ProcedureStepDescription": "head_Dosenbach_MSC",
    "ProtocolName": "Motor_104Frames_36Slices_TR2.2",
    "RepetitionTime": 2.2,
    "ScanningSequence": "EP",
    "SequenceName": "_epfid2d1_64",
    "SequenceVariant": "SK",
    "SeriesDescription": "Motor_104Frames_36Slices_TR2.2",
    "SliceTiming": [
      1.105,
      0,
      1.1675,
      0.0625,
      1.2275,
      0.1225,
      1.29,
      0.185,
      1.35,
      0.245,
      1.4125,
      0.3075,
      1.4725,
      0.37,
      1.535,
      0.43,
      1.595,
      0.4925,
      1.6575,
      0.5525,
      1.7175,
      0.615,
      1.78,
      0.675,
      1.84,
      0.7375,
      1.9025,
      0.7975,
      1.965,
      0.86,
      2.025,
      0.92,
      2.0875,
      0.9825,
      2.1475,
      1.0425
    ],
    "SoftwareVersion": "syngo MR B17",
    "TaskName": "motor",
    "modality": "bold",
    "run_id": "01",
    "session_id": "func03",
    "subject_id": "MSC06",
    "task_id": "motor"
  },
  "dummy_trs": 0,
  "dvars_nstd": 24.206336623300977,
  "dvars_std": 1.5321064420388344,
  "dvars_vstd": 1.0140187905825242,
  "efc": 0.40169889774689405,
  "fber": 37361.4375,
  "fd_mean": 0.1047817714018609,
  "fd_num": 7,
  "fd_perc": 6.730769230769231,
  "fwhm_avg": 2.4487528716077196,
  "fwhm_x": 2.215705,
  "fwhm_y": 2.7926,
  "fwhm_z": 2.337953614823158,
  "gcor": 0.0231048,
  "gsr_x": -0.015394563786685467,
  "gsr_y": 0.017714669927954674,
  "provenance": {
    "md5sum": "9b2787ef09d3bb8db6b618203f8d8a9e",
    "settings": {
      "fd_thres": 0.2,
      "hmc_fsl": false
    },
    "software": "mriqc",
    "version": "0.9.6"
  },
  "size_t": 104,
  "size_x": 64,
  "size_y": 64,
  "size_z": 36,
  "snr": 4.961082029433993,
  "spacing_tr": 2.200000047683716,
  "spacing_x": 4.0,
  "spacing_y": 4.0,
  "spacing_z": 3.999998092651367,
  "summary_bg_k": 58.74434250033307,
  "summary_bg_mad": 2.124113082885742,
  "summary_bg_mean": 13.967793464660645,
  "summary_bg_median": 3.355769395828247,
  "summary_bg_n": 97619.0,
  "summary_bg_p05": 1.461538553237915,
  "summary_bg_p95": 66.42500305175764,
  "summary_bg_stdv": 33.73347854614258,
  "summary_fg_k": 4.213575542812532,
  "summary_fg_mad": 96.9393310546875,
  "summary_fg_mean": 659.4656372070312,
  "summary_fg_median": 674.5192260742188,
  "summary_fg_n": 21171.0,
  "summary_fg_p05": 405.23077392578125,
  "summary_fg_p95": 832.5577392578125,
  "summary_fg_stdv": 135.9589080810547,
  "tsnr": 90.90786743164062
}