{
  "aor": 0.009501442307692308,
  "aqi": 0.008252955,
  "bids_meta": {
    "BodyPartExamined": "HEAD",
    "CogAtlasID": "http://www.cognitiveatlas.org/term/id/trm_550b53d7dd674",
    "ConversionSoftware": "dcm2niix",
    "ConversionSoftwareVersion": "v1.0.20170411 GCC4.4.7",
    "EchoTime": 0.027,
    "EffectiveEchoSpacing": 0.000590001,
    "FlipAngle": 90,
    "ImageType": [
      "ORIGINAL",
      "PRIMARY",
      "M",
      "ND",
      "NORM",
      "MOSAIC"
    ],
    "Instructions": "In this next scan you'll be prompted to move your hands, feet, or tongue. You'll only move one of these at once. Instructions are presented on the screen. Let?s review them now. [Read on-screen instructions to participant.] Do you have any questions?",
    "MagneticFieldStrength": 3,
    "Manufacturer": "Siemens",
    "ManufacturersModelName": "TrioTim",
    "PhaseEncodingDirection": "j-",
    "ProcedureStepDescription": "head_Dosenbach_MSC",
    "ProtocolName": "Motor_104Frames_36Slices_TR2.2",
    "RepetitionTime": 2.2,
    "ScanningSequence": "EP",
    "SequenceName": "_epfid2d1_64",
    "SequenceVariant": "SK",
    "SeriesDescription": "Motor_104Frames_36Slices_TR2.2",
    "SliceTiming": [
      1.105,
      0,
      1.1675,
      0.0625,
      1.2275,
      0.1225,
      1.29,
      0.185,
      1.35,
      0.245,
      1.4125,
      0.3075,
      1.4725,
      0.37,
      1.535,
      0.43,
      1.595,
      0.4925,
      1.6575,
      0.5525,
      1.7175,
      0.615,
      1.78,
      0.675,
      1.84,
      0.7375,
      1.9025,
      0.7975,
      1.965,
      0.86,
      2.025,
      0.92,
      2.0875,
      0.9825,
      2.1475,
      1.0425
    ],
    "SoftwareVersion": "syngo MR B17",
    "TaskName": "motor",
    "modality": "bold",
    "run_id": "02",
    "session_id": "func06",
    "subject_id": "MSC03",
    "task_id": "motor"
  },
  "dummy_trs": 0,
  "dvars_nstd": 20.48501152737863,
  "dvars_std": 1.2103250574757278,
  "dvars_vstd": 1.0391578078640775,
  "efc": 0.3690438339114629,
  "fber": 42794.65625,
  "fd_mean": 0.30928908703040076,
  "fd_num": 68,
  "fd_perc": 65.38461538461539,
  "fwhm_avg": 2.5645714777629034,
  "fwhm_x": 2.324255,
  "fwhm_y": 2.9925,
  "fwhm_z": 2.376959433288709,
  "gcor": 0.00771048,
  "gsr_x": -0.01645517162978649,
  "gsr_y": 0.014232564717531204,
  "provenance": {
    "md5sum": "f03bf06356acc3a7afa83f81ed2fdb6b",
    "settings": {
      "fd_thres": 0.2,
      "hmc_fsl": false
    },
    "software": "mriqc",
    "version": "0.9.6"
  },
  "size_t": 104,
  "size_x": 64,
  "size_y": 64,
  "size_z": 36,
  "snr": 4.8861540340176175,
  "spacing_tr": 2.200000047683716,
  "spacing_x": 4.0,
  "spacing_y": 4.0,
  "spacing_z": 4.000000953674316,
  "summary_bg_k": 46.194321782936804,
  "summary_bg_mad": 1.7677180767059326,
  "summary_bg_mean": 10.440715789794922,
  "summary_bg_median": 2.711538553237915,
  "summary_bg_n": 102270.0,
  "summary_bg_p05": 1.076923131942749,
  "summary_bg_p95": 50.0,
  "summary_bg_stdv": 24.458097457885742,
  "summary_fg_k": 3.72575491296298,
  "summary_fg_mad": 78.70623779296875,
  "summary_fg_mean": 562.2164306640625,
  "summary_fg_median": 580.4519653320312,
  "summary_fg_n": 17653.0,
  "summary_fg_p05": 322.8846313476563,
  "summary_fg_p95": 707.8154052734371,
  "summary_fg_stdv": 118.79190063476562,
  "tsnr": 58.23500061035156
}