{
  "aor": 0.0064117307692307685,
  "aqi": 0.007643311730769231,
  "bids_meta": {
    "BodyPartExamined": "HEAD",
    "CogAtlasID": "http://www.cognitiveatlas.org/term/id/trm_550b53d7dd674",
    "ConversionSoftware": "dcm2niix",
    "ConversionSoftwareVersion": "v1.0.20170411 GCC4.4.7",
    "EchoTime": 0.027,
    "EffectiveEchoSpacing": 0.000590001,
    "FlipAngle": 90,
    "ImageType": [
      "ORIGINAL",
      "PRIMARY",
      "M",
      "ND",
      "NORM",
      "MOSAIC"
    ],
    "Instructions": "In this next scan you'll be prompted to move your hands, feet, or tongue. You'll only move one of these at once. Instructions are presented on the screen. Let?s review them now. [Read on-screen instructions to participant.] Do you have any questions?",
    "MagneticFieldStrength": 3,
    "Manufacturer": "Siemens",
    "ManufacturersModelName": "TrioTim",
    "PhaseEncodingDirection": "j-",
    "ProcedureStepDescription": "head_Dosenbach_MSC",
    "ProtocolName": "Motor_104Frames_36Slices_TR2.2",
    "RepetitionTime": 2.2,
    "ScanningSequence": "EP",
    "SequenceName": "_epfid2d1_64",
    "SequenceVariant": "SK",
    "SeriesDescription": "Motor_104Frames_36Slices_TR2.2",
    "SliceTiming": [
      1.105,
      0,
      1.1675,
      0.0625,
      1.2275,
      0.1225,
      1.29,
      0.185,
      1.35,
      0.245,
      1.4125,
      0.3075,
      1.4725,
      0.37,
      1.535,
      0.43,
      1.595,
      0.4925,
      1.6575,
      0.5525,
      1.7175,
      0.615,
      1.78,
      0.675,
      1.84,
      0.7375,
      1.9025,
      0.7975,
      1.965,
      0.86,
      2.025,
      0.92,
      2.0875,
      0.9825,
      2.1475,
      1.0425
    ],
    "SoftwareVersion": "syngo MR B17",
    "TaskName": "motor",
    "modality": "bold",
    "run_id": "01",
    "session_id": "func05",
    "subject_id": "MSC08",
    "task_id": "motor"
  },
  "dummy_trs": 0,
  "dvars_nstd": 20.862307427961174,
  "dvars_std": 1.2752907357281558,
  "dvars_vstd": 1.0166740133009708,
  "efc": 0.39034397325159653,
  "fber": 38318.40234375,
  "fd_mean": 0.20505398512017295,
  "fd_num": 39,
  "fd_perc": 37.5,
  "fwhm_avg": 2.4824905148697725,
  "fwhm_x": 2.3011,
  "fwhm_y": 2.7935751665100557,
  "fwhm_z": 2.352796378099261,
  "gcor": 0.0197744,
  "gsr_x": -0.01693485677242279,
  "gsr_y": 0.011362035758793354,
  "provenance": {
    "md5sum": "7a691bb5d0c8261c6d46990b8fe3ff28",
    "settings": {
      "fd_thres": 0.2,
      "hmc_fsl": false
    },
    "software": "mriqc",
    "version": "0.9.6"
  },
  "size_t": 104,
  "size_x": 64,
  "size_y": 64,
  "size_z": 36,
  "snr": 5.073579501513386,
  "spacing_tr": 2.200000047683716,
  "spacing_x": 4.0,
  "spacing_y": 3.999999761581421,
  "spacing_z": 4.000001907348633,
  "summary_bg_k": 73.78615285684293,
  "summary_bg_mad": 2.081345558166504,
  "summary_bg_mean": 12.383325576782227,
  "summary_bg_median": 2.817307710647583,
  "summary_bg_n": 99723.0,
  "summary_bg_p05": 1.076923131942749,
  "summary_bg_p95": 61.633655548095646,
  "summary_bg_stdv": 30.847190856933594,
  "summary_fg_k": 4.80167563226201,
  "summary_fg_mad": 71.70663452148438,
  "summary_fg_mean": 551.3992309570312,
  "summary_fg_median": 568.2163696289062,
  "summary_fg_n": 19564.0,
  "summary_fg_p05": 327.4601196289063,
  "summary_fg_p95": 687.267788696289,
  "summary_fg_stdv": 111.99230194091797,
  "tsnr": 67.11976623535156
}