{
  "aor": 0.006097019230769231,
  "aqi": 0.004334319134615385,
  "bids_meta": {
    "BodyPartExamined": "HEAD",
    "CogAtlasID": "http://www.cognitiveatlas.org/term/id/trm_550b53d7dd674",
    "ConversionSoftware": "dcm2niix",
    "ConversionSoftwareVersion": "v1.0.20170411 GCC4.4.7",
    "EchoTime": 0.027,
    "EffectiveEchoSpacing": 0.000590001,
    "FlipAngle": 90,
    "ImageType": [
      "ORIGINAL",
      "PRIMARY",
      "M",
      "ND",
      "NORM",
      "MOSAIC"
    ],
    "Instructions": "In this next scan you'll be prompted to move your hands, feet, or tongue. You'll only move one of these at once. Instructions are presented on the screen. Let?s review them now. [Read on-screen instructions to participant.] Do you have any questions?",
    "MagneticFieldStrength": 3,
    "Manufacturer": "Siemens",
    "ManufacturersModelName": "TrioTim",
    "PhaseEncodingDirection": "j-",
    "ProcedureStepDescription": "head_Dosenbach_MSC",
    "ProtocolName": "Motor_104Frames_36Slices_TR2.2",
    "RepetitionTime": 2.2,
    "ScanningSequence": "EP",
    "SequenceName": "_epfid2d1_64",
    "SequenceVariant": "SK",
    "SeriesDescription": "Motor_104Frames_36Slices_TR2.2",
    "SliceTiming": [
      1.105,
      0,
      1.1675,
      0.0625,
      1.2275,
      0.1225,
      1.29,
      0.185,
      1.35,
      0.245,
      1.4125,
      0.3075,
      1.4725,
      0.37,
      1.535,
      0.43,
      1.595,
      0.4925,
      1.6575,
      0.5525,
      1.7175,
      0.615,
      1.78,
      0.675,
      1.84,
      0.7375,
      1.9025,
      0.7975,
      1.965,
      0.86,
      2.025,
      0.92,
      2.0875,
      0.9825,
      2.1475,
      1.0425
    ],
    "SoftwareVersion": "syngo MR B17",
    "TaskName": "motor",
    "modality": "bold",
    "run_id": "02",
    "session_id": "func03",
    "subject_id": "MSC02",
    "task_id": "motor"
  },
  "dummy_trs": 0,
  "dvars_nstd": 20.433151087961164,
  "dvars_std": 1.3969359444660197,
  "dvars_vstd": 1.0387665342718444,
  "efc": 0.4233910697630006,
  "fber": 30410.42578125,
  "fd_mean": 0.1079217625609875,
  "fd_num": 11,
  "fd_perc": 10.576923076923077,
  "fwhm_avg": 2.4289798170759718,
  "fwhm_x": 2.1558725,
  "fwhm_y": 2.82935,
  "fwhm_z": 2.301716951227915,
  "gcor": 0.018322,
  "gsr_x": -0.015716614201664925,
  "gsr_y": 0.03224685415625572,
  "provenance": {
    "md5sum": "c5d79cbeb86824f165180c8e2bf1412b",
    "settings": {
      "fd_thres": 0.2,
      "hmc_fsl": false
    },
    "software": "mriqc",
    "version": "0.9.6"
  },
  "size_t": 104,
  "size_x": 64,
  "size_y": 64,
  "size_z": 36,
  "snr": 4.957637300711529,
  "spacing_tr": 2.200000047683716,
  "spacing_x": 4.0,
  "spacing_y": 4.0,
  "spacing_z": 4.000000953674316,
  "summary_bg_k": 24.832637016659717,
  "summary_bg_mad": 2.665832757949829,
  "summary_bg_mean": 19.895713806152344,
  "summary_bg_median": 3.884615421295166,
  "summary_bg_n": 96189.0,
  "summary_bg_p05": 1.576923131942749,
  "summary_bg_p95": 108.52692871093726,
  "summary_bg_stdv": 44.46234130859375,
  "summary_fg_k": 4.0782035854946725,
  "summary_fg_mad": 100.40350341796875,
  "summary_fg_mean": 691.9344482421875,
  "summary_fg_median": 704.1346435546875,
  "summary_fg_n": 22503.0,
  "summary_fg_p05": 434.3211669921875,
  "summary_fg_p95": 877.617364501953,
  "summary_fg_stdv": 142.02713012695312,
  "tsnr": 85.07037353515625
}