{
  "aor": 0.002363007334963325,
  "aqi": 0.01551901935207824,
  "bids_meta": {
    "BodyPartExamined": "HEAD",
    "CogAtlasID": "http://www.cognitiveatlas.org/term/id/trm_4c8a834779883",
    "ConversionSoftware": "dcm2niix",
    "ConversionSoftwareVersion": "v1.0.20170411 GCC4.4.7",
    "EchoTime": 0.027,
    "EffectiveEchoSpacing": 0.000590001,
    "FlipAngle": 90,
    "ImageType": [
      "ORIGINAL",
      "PRIMARY",
      "M",
      "ND",
      "NORM",
      "MOSAIC"
    ],
    "Instructions": "During this first scan, a plus sign will be presented on the screen.  All you need to do is simply relax and look at the plus sign. Please keep your eyes open the entire time, and be as still as possible. It's extremely important that you stay awake for the entire duration of this scan. This scan will last ~30 minutes.",
    "MagneticFieldStrength": 3,
    "Manufacturer": "Siemens",
    "ManufacturersModelName": "TrioTim",
    "PhaseEncodingDirection": "j-",
    "ProcedureStepDescription": "head_Dosenbach_MSC",
    "ProtocolName": "RSFC_818Frames_36Slices_TR2.2",
    "RepetitionTime": 2.2,
    "ScanningSequence": "EP",
    "SequenceName": "_epfid2d1_64",
    "SequenceVariant": "SK",
    "SeriesDescription": "RSFC_818Frames_36Slices_TR2.2",
    "SliceTiming": [
      1.105,
      0,
      1.165,
      0.06,
      1.2275,
      0.1225,
      1.2875,
      0.185,
      1.35,
      0.245,
      1.41,
      0.3075,
      1.4725,
      0.3675,
      1.5325,
      0.43,
      1.595,
      0.49,
      1.655,
      0.5525,
      1.7175,
      0.6125,
      1.78,
      0.675,
      1.84,
      0.735,
      1.9025,
      0.7975,
      1.9625,
      0.8575,
      2.025,
      0.92,
      2.085,
      0.9825,
      2.1475,
      1.0425
    ],
    "SoftwareVersion": "syngo MR B17",
    "TaskName": "rest",
    "modality": "bold",
    "session_id": "func04",
    "subject_id": "MSC07",
    "task_id": "rest"
  },
  "dummy_trs": 0,
  "dvars_nstd": 21.836167523390454,
  "dvars_std": 1.3278557827294981,
  "dvars_vstd": 0.9776870041982855,
  "efc": 0.38973251232508765,
  "fber": 34989.26171875,
  "fd_mean": 0.18679957037135156,
  "fd_num": 313,
  "fd_perc": 38.2640586797066,
  "fwhm_avg": 2.442204166666667,
  "fwhm_x": 2.27144,
  "fwhm_y": 2.72385,
  "fwhm_z": 2.3313225,
  "gcor": 0.0529817,
  "gsr_x": -0.015577706508338451,
  "gsr_y": 0.01293107122182846,
  "provenance": {
    "md5sum": "293e6bc8cd9f69ff46ae2b5de84f57c8",
    "settings": {
      "fd_thres": 0.2,
      "hmc_fsl": false
    },
    "software": "mriqc",
    "version": "0.9.6"
  },
  "size_t": 818,
  "size_x": 64,
  "size_y": 64,
  "size_z": 36,
  "snr": 5.091591562934374,
  "spacing_tr": 2.200000047683716,
  "spacing_x": 4.0,
  "spacing_y": 4.0,
  "spacing_z": 4.0,
  "summary_bg_k": 46.34299432148122,
  "summary_bg_mad": 3.0050792694091797,
  "summary_bg_mean": 15.476746559143066,
  "summary_bg_median": 3.897310733795166,
  "summary_bg_n": 99286.0,
  "summary_bg_p05": 1.3936431407928467,
  "summary_bg_p95": 73.16718101501465,
  "summary_bg_stdv": 38.92520523071289,
  "summary_fg_k": 4.581977730880551,
  "summary_fg_mad": 101.43681335449219,
  "summary_fg_mean": 741.6231689453125,
  "summary_fg_median": 759.0244750976562,
  "summary_fg_n": 19793.0,
  "summary_fg_p05": 466.87800292968745,
  "summary_fg_p95": 927.9264404296873,
  "summary_fg_stdv": 149.07034301757812,
  "tsnr": 44.515804290771484
}