{
  "aor": 0.003218946078431373,
  "aqi": 0.025931670833333337,
  "bids_meta": {
    "BodyPartExamined": "HEAD",
    "CogAtlasID": "http://www.cognitiveatlas.org/term/id/trm_4c8a834779883",
    "ConversionSoftware": "dcm2niix",
    "ConversionSoftwareVersion": "v1.0.20170411 GCC4.4.7",
    "EchoTime": 0.027,
    "EffectiveEchoSpacing": 0.000590001,
    "FlipAngle": 90,
    "ImageType": [
      "ORIGINAL",
      "PRIMARY",
      "M",
      "ND",
      "NORM",
      "MOSAIC"
    ],
    "Instructions": "During this first scan, a plus sign will be presented on the screen.  All you need to do is simply relax and look at the plus sign. Please keep your eyes open the entire time, and be as still as possible. It's extremely important that you stay awake for the entire duration of this scan. This scan will last ~30 minutes.",
    "MagneticFieldStrength": 3,
    "Manufacturer": "Siemens",
    "ManufacturersModelName": "TrioTim",
    "PhaseEncodingDirection": "j-",
    "ProcedureStepDescription": "head_Dosenbach_MSC",
    "ProtocolName": "RSFC_818Frames_36Slices_TR2.2",
    "RepetitionTime": 2.2,
    "ScanningSequence": "EP",
    "SequenceName": "_epfid2d1_64",
    "SequenceVariant": "SK",
    "SeriesDescription": "RSFC_818Frames_36Slices_TR2.2",
    "SliceTiming": [
      1.105,
      0,
      1.165,
      0.06,
      1.2275,
      0.1225,
      1.2875,
      0.185,
      1.35,
      0.245,
      1.41,
      0.3075,
      1.4725,
      0.3675,
      1.5325,
      0.43,
      1.595,
      0.49,
      1.655,
      0.5525,
      1.7175,
      0.6125,
      1.78,
      0.675,
      1.84,
      0.735,
      1.9025,
      0.7975,
      1.9625,
      0.8575,
      2.025,
      0.92,
      2.085,
      0.9825,
      2.1475,
      1.0425
    ],
    "SoftwareVersion": "syngo MR B17",
    "TaskName": "rest",
    "modality": "bold",
    "session_id": "func06",
    "subject_id": "MSC01",
    "task_id": "rest"
  },
  "dummy_trs": 2,
  "dvars_nstd": 20.94628937009818,
  "dvars_std": 1.0262586548343562,
  "dvars_vstd": 0.9146781333251535,
  "efc": 0.4117675693627561,
  "fber": 24726.80859375,
  "fd_mean": 0.24107564476427715,
  "fd_num": 435,
  "fd_perc": 53.30882352941177,
  "fwhm_avg": 2.431964166666667,
  "fwhm_x": 2.16308,
  "fwhm_y": 2.826725,
  "fwhm_z": 2.3060875,
  "gcor": 0.0384522,
  "gsr_x": -0.009153992868959904,
  "gsr_y": 0.010847344063222408,
  "provenance": {
    "md5sum": "904330513df657d5307a7105315ae3e7",
    "settings": {
      "fd_thres": 0.2,
      "hmc_fsl": false
    },
    "software": "mriqc",
    "version": "0.9.6"
  },
  "size_t": 816,
  "size_x": 64,
  "size_y": 64,
  "size_z": 36,
  "snr": 4.83701479490994,
  "spacing_tr": 2.200000047683716,
  "spacing_x": 4.0,
  "spacing_y": 4.0,
  "spacing_z": 4.0,
  "summary_bg_k": 37.594364655285204,
  "summary_bg_mad": 3.02698016166687,
  "summary_bg_mean": 15.015289306640625,
  "summary_bg_median": 3.8590688705444336,
  "summary_bg_n": 97248.0,
  "summary_bg_p05": 1.3835785388946533,
  "summary_bg_p95": 66.62445259094233,
  "summary_bg_stdv": 33.10249710083008,
  "summary_fg_k": 3.5398613495189197,
  "summary_fg_mad": 89.45944213867188,
  "summary_fg_mean": 614.3826904296875,
  "summary_fg_median": 629.8529663085938,
  "summary_fg_n": 21557.0,
  "summary_fg_p05": 352.86863403320314,
  "summary_fg_p95": 783.4929443359375,
  "summary_fg_stdv": 130.2122039794922,
  "tsnr": 33.25536346435547
}