{
  "aor": 0.001155440097799511,
  "aqi": 0.006584717212713937,
  "bids_meta": {
    "BodyPartExamined": "HEAD",
    "CogAtlasID": "http://www.cognitiveatlas.org/term/id/trm_4c8a834779883",
    "ConversionSoftware": "dcm2niix",
    "ConversionSoftwareVersion": "v1.0.20170411 GCC4.4.7",
    "EchoTime": 0.027,
    "EffectiveEchoSpacing": 0.000590001,
    "FlipAngle": 90,
    "ImageType": [
      "ORIGINAL",
      "PRIMARY",
      "M",
      "ND",
      "NORM",
      "MOSAIC"
    ],
    "Instructions": "During this first scan, a plus sign will be presented on the screen.  All you need to do is simply relax and look at the plus sign. Please keep your eyes open the entire time, and be as still as possible. It's extremely important that you stay awake for the entire duration of this scan. This scan will last ~30 minutes.",
    "MagneticFieldStrength": 3,
    "Manufacturer": "Siemens",
    "ManufacturersModelName": "TrioTim",
    "PhaseEncodingDirection": "j-",
    "ProcedureStepDescription": "head_Dosenbach_MSC",
    "ProtocolName": "RSFC_818Frames_36Slices_TR2.2",
    "RepetitionTime": 2.2,
    "ScanningSequence": "EP",
    "SequenceName": "_epfid2d1_64",
    "SequenceVariant": "SK",
    "SeriesDescription": "RSFC_818Frames_36Slices_TR2.2",
    "SliceTiming": [
      1.105,
      0,
      1.165,
      0.06,
      1.2275,
      0.1225,
      1.2875,
      0.185,
      1.35,
      0.245,
      1.41,
      0.3075,
      1.4725,
      0.3675,
      1.5325,
      0.43,
      1.595,
      0.49,
      1.655,
      0.5525,
      1.7175,
      0.6125,
      1.78,
      0.675,
      1.84,
      0.735,
      1.9025,
      0.7975,
      1.9625,
      0.8575,
      2.025,
      0.92,
      2.085,
      0.9825,
      2.1475,
      1.0425
    ],
    "SoftwareVersion": "syngo MR B17",
    "TaskName": "rest",
    "modality": "bold",
    "session_id": "func10",
    "subject_id": "MSC02",
    "task_id": "rest"
  },
  "dummy_trs": 0,
  "dvars_nstd": 20.40836567451652,
  "dvars_std": 1.3105612686536112,
  "dvars_vstd": 0.9786597570134631,
  "efc": 0.4239335904199254,
  "fber": 30398.404296875,
  "fd_mean": 0.11381271323868151,
  "fd_num": 70,
  "fd_perc": 8.557457212713937,
  "fwhm_avg": 2.5091533806793915,
  "fwhm_x": 2.22668,
  "fwhm_y": 2.917775,
  "fwhm_z": 2.383005142038175,
  "gcor": 0.0443446,
  "gsr_x": -0.014500007964670658,
  "gsr_y": 0.030389124527573586,
  "provenance": {
    "md5sum": "38f968e05ad16662992c0fa7559b4315",
    "settings": {
      "fd_thres": 0.2,
      "hmc_fsl": false
    },
    "software": "mriqc",
    "version": "0.9.6"
  },
  "size_t": 818,
  "size_x": 64,
  "size_y": 64,
  "size_z": 36,
  "snr": 4.841098296838854,
  "spacing_tr": 2.200000047683716,
  "spacing_x": 4.0,
  "spacing_y": 4.0,
  "spacing_z": 3.999999761581421,
  "summary_bg_k": 27.2994308991123,
  "summary_bg_mad": 2.6534595489501953,
  "summary_bg_mean": 18.699535369873047,
  "summary_bg_median": 3.7701714038848877,
  "summary_bg_n": 95595.0,
  "summary_bg_p05": 1.5317848920822144,
  "summary_bg_p95": 100.52384414672852,
  "summary_bg_stdv": 42.2538948059082,
  "summary_fg_k": 3.463085554106347,
  "summary_fg_mad": 103.63175964355469,
  "summary_fg_mean": 672.021484375,
  "summary_fg_median": 685.3606567382812,
  "summary_fg_n": 22879.0,
  "summary_fg_p05": 408.51064453125,
  "summary_fg_p95": 861.4995361328123,
  "summary_fg_stdv": 141.56822204589844,
  "tsnr": 62.567745208740234
}