{
  "bids_meta": {
    "BodyPartExamined": "HEAD",
    "ConversionSoftware": "dcm2niix",
    "ConversionSoftwareVersion": "v1.0.20170411 GCC4.4.7",
    "EchoTime": 0.479,
    "FlipAngle": 120,
    "ImageType": [
      "ORIGINAL",
      "PRIMARY",
      "M",
      "ND",
      "NORM"
    ],
    "MagneticFieldStrength": 3,
    "Manufacturer": "Siemens",
    "ManufacturersModelName": "TrioTim",
    "PhaseEncodingDirection": "i-",
    "ProcedureStepDescription": "head_Dosenbach_MSC",
    "ProtocolName": "T2_.8x.8x.8_224Slices",
    "RepetitionTime": 3.2,
    "ScanningSequence": "SE",
    "SequenceName": "_spc3d1_282ns",
    "SequenceVariant": "SK_SP",
    "SeriesDescription": "T2_.8x.8x.8_224Slices",
    "modality": "T2w",
    "run_id": "01",
    "session_id": "struct02",
    "subject_id": "MSC04"
  },
  "cjv": 0.5360688552144681,
  "cnr": 2.493692665148739,
  "efc": 0.5462354775873107,
  "fber": 1891.48046875,
  "fwhm_avg": 2.2000597764824072,
  "fwhm_x": 2.076771719691123,
  "fwhm_y": 2.425269073170732,
  "fwhm_z": 2.098138536585366,
  "icvs_csf": 0.11313134770602296,
  "icvs_gm": 0.4057208142308174,
  "icvs_wm": 0.48114783806315964,
  "inu_med": 1.122205376625061,
  "inu_range": 0.4229047060012815,
  "provenance": {
    "md5sum": "c4c48496ca0f2a4e63f4f5fad7d7cb0f",
    "settings": {
      "testing": false
    },
    "software": "mriqc",
    "version": "0.9.6",
    "warnings": {
      "large_rot_frame": true,
      "small_air_mask": false
    }
  },
  "qi_1": 0.0,
  "qi_2": 0.07438760182925992,
  "rpve_csf": 40.317049454878,
  "rpve_gm": 9.8948146776279,
  "rpve_wm": 9.329275797605732,
  "size_x": 224,
  "size_y": 256,
  "size_z": 256,
  "snr_csf": 4.564101707664951,
  "snr_gm": 9.368569808213207,
  "snr_total": 7.311474158604303,
  "snr_wm": 8.001750959934753,
  "snrd_csf": 87.82585977478517,
  "snrd_gm": 47.11403736326869,
  "snrd_total": 55.3442152814475,
  "snrd_wm": 31.092748706288624,
  "spacing_x": 0.8000012636184692,
  "spacing_y": 0.80078125,
  "spacing_z": 0.80078125,
  "summary_bg_k": 7.314693179519914,
  "summary_bg_mad": 21.070463180541992,
  "summary_bg_mean": 29.528146743774414,
  "summary_bg_median": 23.3106689453125,
  "summary_bg_n": 4286742.0,
  "summary_bg_p05": 0.0,
  "summary_bg_p95": 87.39733772277822,
  "summary_bg_stdv": 30.30953025817871,
  "summary_csf_k": 2.0157168940752994,
  "summary_csf_mad": 490.4076232910156,
  "summary_csf_mean": 2733.56494140625,
  "summary_csf_median": 2824.65087890625,
  "summary_csf_n": 25435.0,
  "summary_csf_p05": 1513.862390136719,
  "summary_csf_p95": 3542.0723388671877,
  "summary_csf_stdv": 618.8721313476562,
  "summary_gm_k": 0.5126297518252709,
  "summary_gm_mad": 154.36546325683594,
  "summary_gm_mean": 1518.6414794921875,
  "summary_gm_median": 1515.279296875,
  "summary_gm_n": 85043.0,
  "summary_gm_p05": 1259.6483642578125,
  "summary_gm_p95": 1789.4733154296873,
  "summary_gm_stdv": 161.73977661132812,
  "summary_wm_k": 0.2577797130857671,
  "summary_wm_mad": 121.8578872680664,
  "summary_wm_mean": 1000.7298583984375,
  "summary_wm_median": 1000.00341796875,
  "summary_wm_n": 344034.0,
  "summary_wm_p05": 796.5658020019531,
  "summary_wm_p95": 1207.0452270507812,
  "summary_wm_stdv": 124.97289276123047,
  "tpm_overlap_csf": 0.1740797460079193,
  "tpm_overlap_gm": 0.4567715525627136,
  "tpm_overlap_wm": 0.5014956593513489,
  "wm2max": 0.29619154458508057
}