{
  "aor": 0.0033102200488997553,
  "aqi": 0.01999421392420538,
  "bids_meta": {
    "BodyPartExamined": "HEAD",
    "CogAtlasID": "http://www.cognitiveatlas.org/term/id/trm_4c8a834779883",
    "ConversionSoftware": "dcm2niix",
    "ConversionSoftwareVersion": "v1.0.20170411 GCC4.4.7",
    "EchoTime": 0.027,
    "EffectiveEchoSpacing": 0.000590001,
    "FlipAngle": 90,
    "ImageType": [
      "ORIGINAL",
      "PRIMARY",
      "M",
      "ND",
      "NORM",
      "MOSAIC"
    ],
    "Instructions": "During this first scan, a plus sign will be presented on the screen.  All you need to do is simply relax and look at the plus sign. Please keep your eyes open the entire time, and be as still as possible. It's extremely important that you stay awake for the entire duration of this scan. This scan will last ~30 minutes.",
    "MagneticFieldStrength": 3,
    "Manufacturer": "Siemens",
    "ManufacturersModelName": "TrioTim",
    "PhaseEncodingDirection": "j-",
    "ProcedureStepDescription": "head_Dosenbach_MSC",
    "ProtocolName": "RSFC_818Frames_36Slices_TR2.2",
    "RepetitionTime": 2.2,
    "ScanningSequence": "EP",
    "SequenceName": "_epfid2d1_64",
    "SequenceVariant": "SK",
    "SeriesDescription": "RSFC_818Frames_36Slices_TR2.2",
    "SliceTiming": [
      1.105,
      0,
      1.165,
      0.06,
      1.2275,
      0.1225,
      1.2875,
      0.185,
      1.35,
      0.245,
      1.41,
      0.3075,
      1.4725,
      0.3675,
      1.5325,
      0.43,
      1.595,
      0.49,
      1.655,
      0.5525,
      1.7175,
      0.6125,
      1.78,
      0.675,
      1.84,
      0.735,
      1.9025,
      0.7975,
      1.9625,
      0.8575,
      2.025,
      0.92,
      2.085,
      0.9825,
      2.1475,
      1.0425
    ],
    "SoftwareVersion": "syngo MR B17",
    "TaskName": "rest",
    "modality": "bold",
    "session_id": "func06",
    "subject_id": "MSC07",
    "task_id": "rest"
  },
  "dummy_trs": 0,
  "dvars_nstd": 20.3779783131579,
  "dvars_std": 1.2147540483598525,
  "dvars_vstd": 0.9632047312239891,
  "efc": 0.4019476543259862,
  "fber": 31515.890625,
  "fd_mean": 0.1928871803539455,
  "fd_num": 285,
  "fd_perc": 34.84107579462103,
  "fwhm_avg": 2.521906943965455,
  "fwhm_x": 2.308145,
  "fwhm_y": 2.931425,
  "fwhm_z": 2.3261508318963644,
  "gcor": 0.025866,
  "gsr_x": -0.020145902410149574,
  "gsr_y": 0.015540668740868568,
  "provenance": {
    "md5sum": "5a79ad6ef914c10892c6020e28dd180b",
    "settings": {
      "fd_thres": 0.2,
      "hmc_fsl": false
    },
    "software": "mriqc",
    "version": "0.9.6"
  },
  "size_t": 818,
  "size_x": 64,
  "size_y": 64,
  "size_z": 36,
  "snr": 5.056469314909806,
  "spacing_tr": 2.200000047683716,
  "spacing_x": 4.0,
  "spacing_y": 4.0,
  "spacing_z": 3.9999985694885254,
  "summary_bg_k": 39.3547116647521,
  "summary_bg_mad": 3.463634490966797,
  "summary_bg_mean": 17.88408851623535,
  "summary_bg_median": 4.073349952697754,
  "summary_bg_n": 98284.0,
  "summary_bg_p05": 1.1674816608428955,
  "summary_bg_p95": 88.16241340637205,
  "summary_bg_stdv": 44.31839370727539,
  "summary_fg_k": 4.495456642234684,
  "summary_fg_mad": 101.33985900878906,
  "summary_fg_mean": 733.3931884765625,
  "summary_fg_median": 750.253662109375,
  "summary_fg_n": 20484.0,
  "summary_fg_p05": 454.7503967285156,
  "summary_fg_p95": 919.6696166992188,
  "summary_fg_stdv": 148.3713836669922,
  "tsnr": 38.88224411010742
}