{
  "aor": 0.0019071153846153847,
  "aqi": 0.0036777220192307693,
  "bids_meta": {
    "BodyPartExamined": "HEAD",
    "CogAtlasID": "http://www.cognitiveatlas.org/term/id/trm_550b53d7dd674",
    "ConversionSoftware": "dcm2niix",
    "ConversionSoftwareVersion": "v1.0.20170411 GCC4.4.7",
    "EchoTime": 0.027,
    "EffectiveEchoSpacing": 0.000590001,
    "FlipAngle": 90,
    "ImageType": [
      "ORIGINAL",
      "PRIMARY",
      "M",
      "ND",
      "NORM",
      "MOSAIC"
    ],
    "Instructions": "In this next scan you'll be prompted to move your hands, feet, or tongue. You'll only move one of these at once. Instructions are presented on the screen. Let?s review them now. [Read on-screen instructions to participant.] Do you have any questions?",
    "MagneticFieldStrength": 3,
    "Manufacturer": "Siemens",
    "ManufacturersModelName": "TrioTim",
    "PhaseEncodingDirection": "j-",
    "ProcedureStepDescription": "head_Dosenbach_MSC",
    "ProtocolName": "Motor_104Frames_36Slices_TR2.2",
    "RepetitionTime": 2.2,
    "ScanningSequence": "EP",
    "SequenceName": "_epfid2d1_64",
    "SequenceVariant": "SK",
    "SeriesDescription": "Motor_104Frames_36Slices_TR2.2",
    "SliceTiming": [
      1.105,
      0,
      1.1675,
      0.0625,
      1.2275,
      0.1225,
      1.29,
      0.185,
      1.35,
      0.245,
      1.4125,
      0.3075,
      1.4725,
      0.37,
      1.535,
      0.43,
      1.595,
      0.4925,
      1.6575,
      0.5525,
      1.7175,
      0.615,
      1.78,
      0.675,
      1.84,
      0.7375,
      1.9025,
      0.7975,
      1.965,
      0.86,
      2.025,
      0.92,
      2.0875,
      0.9825,
      2.1475,
      1.0425
    ],
    "SoftwareVersion": "syngo MR B17",
    "TaskName": "motor",
    "modality": "bold",
    "run_id": "02",
    "session_id": "func09",
    "subject_id": "MSC05",
    "task_id": "motor"
  },
  "dummy_trs": 0,
  "dvars_nstd": 17.8830169468932,
  "dvars_std": 1.2449811833980582,
  "dvars_vstd": 1.0045266203883498,
  "efc": 0.41608454974639975,
  "fber": 38048.4609375,
  "fd_mean": 0.1678533859234062,
  "fd_num": 31,
  "fd_perc": 29.807692307692307,
  "fwhm_avg": 2.48379625563217,
  "fwhm_x": 2.2011725,
  "fwhm_y": 2.88855,
  "fwhm_z": 2.3616662668965103,
  "gcor": 0.0321797,
  "gsr_x": -0.009043851867318153,
  "gsr_y": 0.018667524680495262,
  "provenance": {
    "md5sum": "d24ebbcb40f284ed07880421937af882",
    "settings": {
      "fd_thres": 0.2,
      "hmc_fsl": false
    },
    "software": "mriqc",
    "version": "0.9.6"
  },
  "size_t": 104,
  "size_x": 64,
  "size_y": 64,
  "size_z": 36,
  "snr": 5.419160769559917,
  "spacing_tr": 2.200000047683716,
  "spacing_x": 4.0,
  "spacing_y": 4.0,
  "spacing_z": 3.999997854232788,
  "summary_bg_k": 51.42865229648632,
  "summary_bg_mad": 2.56604266166687,
  "summary_bg_mean": 16.697418212890625,
  "summary_bg_median": 3.846153974533081,
  "summary_bg_n": 95936.0,
  "summary_bg_p05": 1.5576924085617065,
  "summary_bg_p95": 83.01202392578125,
  "summary_bg_stdv": 40.13559341430664,
  "summary_fg_k": 4.840576765560136,
  "summary_fg_mad": 99.76915740966797,
  "summary_fg_mean": 761.0948486328125,
  "summary_fg_median": 777.2548217773438,
  "summary_fg_n": 22688.0,
  "summary_fg_p05": 491.4942428588867,
  "summary_fg_p95": 939.9678161621093,
  "summary_fg_stdv": 143.4239959716797,
  "tsnr": 97.19166564941406
}