{
  "aor": 0.002618691931540343,
  "aqi": 0.018177985391198047,
  "bids_meta": {
    "BodyPartExamined": "HEAD",
    "CogAtlasID": "http://www.cognitiveatlas.org/term/id/trm_4c8a834779883",
    "ConversionSoftware": "dcm2niix",
    "ConversionSoftwareVersion": "v1.0.20170411 GCC4.4.7",
    "EchoTime": 0.027,
    "EffectiveEchoSpacing": 0.000590001,
    "FlipAngle": 90,
    "ImageType": [
      "ORIGINAL",
      "PRIMARY",
      "M",
      "ND",
      "NORM",
      "MOSAIC"
    ],
    "Instructions": "During this first scan, a plus sign will be presented on the screen.  All you need to do is simply relax and look at the plus sign. Please keep your eyes open the entire time, and be as still as possible. It's extremely important that you stay awake for the entire duration of this scan. This scan will last ~30 minutes.",
    "MagneticFieldStrength": 3,
    "Manufacturer": "Siemens",
    "ManufacturersModelName": "TrioTim",
    "PhaseEncodingDirection": "j-",
    "ProcedureStepDescription": "head_Dosenbach_MSC",
    "ProtocolName": "RSFC_818Frames_36Slices_TR2.2",
    "RepetitionTime": 2.2,
    "ScanningSequence": "EP",
    "SequenceName": "_epfid2d1_64",
    "SequenceVariant": "SK",
    "SeriesDescription": "RSFC_818Frames_36Slices_TR2.2",
    "SliceTiming": [
      1.105,
      0,
      1.165,
      0.06,
      1.2275,
      0.1225,
      1.2875,
      0.185,
      1.35,
      0.245,
      1.41,
      0.3075,
      1.4725,
      0.3675,
      1.5325,
      0.43,
      1.595,
      0.49,
      1.655,
      0.5525,
      1.7175,
      0.6125,
      1.78,
      0.675,
      1.84,
      0.735,
      1.9025,
      0.7975,
      1.9625,
      0.8575,
      2.025,
      0.92,
      2.085,
      0.9825,
      2.1475,
      1.0425
    ],
    "SoftwareVersion": "syngo MR B17",
    "TaskName": "rest",
    "modality": "bold",
    "session_id": "func07",
    "subject_id": "MSC05",
    "task_id": "rest"
  },
  "dummy_trs": 0,
  "dvars_nstd": 16.625914524846998,
  "dvars_std": 1.0584535847735639,
  "dvars_vstd": 0.9032048930844562,
  "efc": 0.42455058045755556,
  "fber": 26864.484375,
  "fd_mean": 0.14852098862699267,
  "fd_num": 171,
  "fd_perc": 20.904645476772615,
  "fwhm_avg": 2.5492975,
  "fwhm_x": 2.2865725,
  "fwhm_y": 2.967625,
  "fwhm_z": 2.393695,
  "gcor": 0.0395054,
  "gsr_x": -0.012115995399653912,
  "gsr_y": 0.012160954996943474,
  "provenance": {
    "md5sum": "5c02c9d5600c63362564c484c56e19e0",
    "settings": {
      "fd_thres": 0.2,
      "hmc_fsl": false
    },
    "software": "mriqc",
    "version": "0.9.6"
  },
  "size_t": 818,
  "size_x": 64,
  "size_y": 64,
  "size_z": 36,
  "snr": 5.261304943128617,
  "spacing_tr": 2.200000047683716,
  "spacing_x": 4.0,
  "spacing_y": 4.0,
  "spacing_z": 4.0,
  "summary_bg_k": 44.06835426682266,
  "summary_bg_mad": 4.105249404907227,
  "summary_bg_mean": 19.42246437072754,
  "summary_bg_median": 4.6161370277404785,
  "summary_bg_n": 95339.0,
  "summary_bg_p05": 1.3386309146881104,
  "summary_bg_p95": 92.13472061157223,
  "summary_bg_stdv": 46.972137451171875,
  "summary_fg_k": 4.445457622324253,
  "summary_fg_mad": 101.31446838378906,
  "summary_fg_mean": 764.4278564453125,
  "summary_fg_median": 784.03857421875,
  "summary_fg_n": 23016.0,
  "summary_fg_p05": 467.91138458251953,
  "summary_fg_p95": 947.7885437011719,
  "summary_fg_stdv": 149.0165557861328,
  "tsnr": 41.83473587036133
}