{
  "bids_meta": {
    "BodyPartExamined": "HEAD",
    "ConversionSoftware": "dcm2niix",
    "ConversionSoftwareVersion": "v1.0.20170411 GCC4.4.7",
    "EchoTime": 0.479,
    "FlipAngle": 120,
    "ImageType": [
      "ORIGINAL",
      "PRIMARY",
      "M",
      "ND",
      "NORM"
    ],
    "MagneticFieldStrength": 3,
    "Manufacturer": "Siemens",
    "ManufacturersModelName": "TrioTim",
    "PhaseEncodingDirection": "i-",
    "ProcedureStepDescription": "head_Dosenbach_MSC",
    "ProtocolName": "T2_.8x.8x.8_224Slices",
    "RepetitionTime": 3.2,
    "ScanningSequence": "SE",
    "SequenceName": "_spc3d1_282ns",
    "SequenceVariant": "SK_SP",
    "SeriesDescription": "T2_.8x.8x.8_224Slices",
    "modality": "T2w",
    "run_id": "01",
    "session_id": "struct02",
    "subject_id": "MSC05"
  },
  "cjv": 0.4203245093707266,
  "cnr": 2.6715865333664848,
  "efc": 0.6340777761528723,
  "fber": 809.2055053710938,
  "fwhm_avg": 2.2740975018851315,
  "fwhm_x": 2.1098070422407607,
  "fwhm_y": 2.530254048780488,
  "fwhm_z": 2.1822314146341464,
  "icvs_csf": 0.39350539881695834,
  "icvs_gm": 0.09557267240835453,
  "icvs_wm": 0.5109219287746871,
  "inu_med": 1.1869968175888062,
  "inu_range": 0.4093337476253507,
  "provenance": {
    "md5sum": "c88bd45e9d0381026915e47438cd4e78",
    "settings": {
      "testing": false
    },
    "software": "mriqc",
    "version": "0.9.6",
    "warnings": {
      "large_rot_frame": true,
      "small_air_mask": false
    }
  },
  "qi_1": 7.692049225782749e-05,
  "qi_2": 0.0030659123392690443,
  "rpve_csf": 8.629680645964074,
  "rpve_gm": 39.1381174696379,
  "rpve_wm": 7.395420378918954,
  "size_x": 224,
  "size_y": 256,
  "size_z": 256,
  "snr_csf": 8.481594852723058,
  "snr_gm": 4.05329025917764,
  "snr_total": 6.635010365231814,
  "snr_wm": 7.370145983794746,
  "snrd_csf": 45.2763487516378,
  "snrd_gm": 86.34969141039412,
  "snrd_total": 53.34859562279107,
  "snrd_wm": 28.41974670634133,
  "spacing_x": 0.7999973297119141,
  "spacing_y": 0.80078125,
  "spacing_z": 0.80078125,
  "summary_bg_k": 93.42356157520685,
  "summary_bg_mad": 23.05120849609375,
  "summary_bg_mean": 37.343414306640625,
  "summary_bg_median": 27.472097396850586,
  "summary_bg_n": 3290851.0,
  "summary_bg_p05": 0.0,
  "summary_bg_p95": 109.1757926940918,
  "summary_bg_stdv": 42.93311309814453,
  "summary_csf_k": 0.483595567789846,
  "summary_csf_mad": 180.1609649658203,
  "summary_csf_mean": 1596.66259765625,
  "summary_csf_median": 1593.0645751953125,
  "summary_csf_n": 114163.0,
  "summary_csf_p05": 1295.7190551757812,
  "summary_csf_p95": 1909.5767578124996,
  "summary_csf_stdv": 187.8252410888672,
  "summary_gm_k": 0.9621369151030379,
  "summary_gm_mad": 723.0086059570312,
  "summary_gm_mean": 2947.472412109375,
  "summary_gm_median": 3038.244873046875,
  "summary_gm_n": 25575.0,
  "summary_gm_p05": 1552.2716064453125,
  "summary_gm_p95": 3946.576708984375,
  "summary_gm_stdv": 749.560302734375,
  "summary_wm_k": 0.1695269066558751,
  "summary_wm_mad": 133.73291015625,
  "summary_wm_mean": 1000.14501953125,
  "summary_wm_median": 999.958984375,
  "summary_wm_n": 488810.0,
  "summary_wm_p05": 777.9367279052735,
  "summary_wm_p95": 1222.5955871582032,
  "summary_wm_stdv": 135.67681884765625,
  "tpm_overlap_csf": 0.11823756247758865,
  "tpm_overlap_gm": 0.09587904065847397,
  "tpm_overlap_wm": 0.4755619168281555,
  "wm2max": 0.2703103440865062
}