{
  "aor": 0.0028870171149144256,
  "aqi": 0.016319296784841078,
  "bids_meta": {
    "BodyPartExamined": "HEAD",
    "CogAtlasID": "http://www.cognitiveatlas.org/term/id/trm_4c8a834779883",
    "ConversionSoftware": "dcm2niix",
    "ConversionSoftwareVersion": "v1.0.20170411 GCC4.4.7",
    "EchoTime": 0.027,
    "EffectiveEchoSpacing": 0.000590001,
    "FlipAngle": 90,
    "ImageType": [
      "ORIGINAL",
      "PRIMARY",
      "M",
      "ND",
      "NORM",
      "MOSAIC"
    ],
    "Instructions": "During this first scan, a plus sign will be presented on the screen.  All you need to do is simply relax and look at the plus sign. Please keep your eyes open the entire time, and be as still as possible. It's extremely important that you stay awake for the entire duration of this scan. This scan will last ~30 minutes.",
    "MagneticFieldStrength": 3,
    "Manufacturer": "Siemens",
    "ManufacturersModelName": "TrioTim",
    "PhaseEncodingDirection": "j-",
    "ProcedureStepDescription": "head_Dosenbach_MSC",
    "ProtocolName": "RSFC_818Frames_36Slices_TR2.2",
    "RepetitionTime": 2.2,
    "ScanningSequence": "EP",
    "SequenceName": "_epfid2d1_64",
    "SequenceVariant": "SK",
    "SeriesDescription": "RSFC_818Frames_36Slices_TR2.2",
    "SliceTiming": [
      1.105,
      0,
      1.165,
      0.06,
      1.2275,
      0.1225,
      1.2875,
      0.185,
      1.35,
      0.245,
      1.41,
      0.3075,
      1.4725,
      0.3675,
      1.5325,
      0.43,
      1.595,
      0.49,
      1.655,
      0.5525,
      1.7175,
      0.6125,
      1.78,
      0.675,
      1.84,
      0.735,
      1.9025,
      0.7975,
      1.9625,
      0.8575,
      2.025,
      0.92,
      2.085,
      0.9825,
      2.1475,
      1.0425
    ],
    "SoftwareVersion": "syngo MR B17",
    "TaskName": "rest",
    "modality": "bold",
    "session_id": "func09",
    "subject_id": "MSC06",
    "task_id": "rest"
  },
  "dummy_trs": 0,
  "dvars_nstd": 23.030679106413707,
  "dvars_std": 1.2727751796328022,
  "dvars_vstd": 0.9164817468298659,
  "efc": 0.4029382199585034,
  "fber": 30650.37890625,
  "fd_mean": 0.17861652229511588,
  "fd_num": 288,
  "fd_perc": 35.2078239608802,
  "fwhm_avg": 2.516985881420327,
  "fwhm_x": 2.29771,
  "fwhm_y": 2.83295,
  "fwhm_z": 2.4202976442609816,
  "gcor": 0.0516898,
  "gsr_x": -0.014818880707025528,
  "gsr_y": 0.015406247228384018,
  "provenance": {
    "md5sum": "786a7d8c3955b7ef6476068b8a9dde7c",
    "settings": {
      "fd_thres": 0.2,
      "hmc_fsl": false
    },
    "software": "mriqc",
    "version": "0.9.6"
  },
  "size_t": 818,
  "size_x": 64,
  "size_y": 64,
  "size_z": 36,
  "snr": 4.898897518407536,
  "spacing_tr": 2.200000047683716,
  "spacing_x": 4.0,
  "spacing_y": 4.0,
  "spacing_z": 3.999999761581421,
  "summary_bg_k": 55.70970898931358,
  "summary_bg_mad": 3.162764072418213,
  "summary_bg_mean": 13.800357818603516,
  "summary_bg_median": 3.711491584777832,
  "summary_bg_n": 97435.0,
  "summary_bg_p05": 1.0721272230148315,
  "summary_bg_p95": 61.82506408691407,
  "summary_bg_stdv": 32.73386764526367,
  "summary_fg_k": 4.075856379823737,
  "summary_fg_mad": 94.57842254638672,
  "summary_fg_mean": 656.3832397460938,
  "summary_fg_median": 673.821533203125,
  "summary_fg_n": 21171.0,
  "summary_fg_p05": 380.0574645996094,
  "summary_fg_p95": 827.4248657226562,
  "summary_fg_stdv": 137.54229736328125,
  "tsnr": 40.91456985473633
}