{
  "aor": 0.0023061369193154036,
  "aqi": 0.008609022163814182,
  "bids_meta": {
    "BodyPartExamined": "HEAD",
    "CogAtlasID": "http://www.cognitiveatlas.org/term/id/trm_4c8a834779883",
    "ConversionSoftware": "dcm2niix",
    "ConversionSoftwareVersion": "v1.0.20170411 GCC4.4.7",
    "EchoTime": 0.027,
    "EffectiveEchoSpacing": 0.000590001,
    "FlipAngle": 90,
    "ImageType": [
      "ORIGINAL",
      "PRIMARY",
      "M",
      "ND",
      "NORM",
      "MOSAIC"
    ],
    "Instructions": "During this first scan, a plus sign will be presented on the screen.  All you need to do is simply relax and look at the plus sign. Please keep your eyes open the entire time, and be as still as possible. It's extremely important that you stay awake for the entire duration of this scan. This scan will last ~30 minutes.",
    "MagneticFieldStrength": 3,
    "Manufacturer": "Siemens",
    "ManufacturersModelName": "TrioTim",
    "PhaseEncodingDirection": "j-",
    "ProcedureStepDescription": "head_Dosenbach_MSC",
    "ProtocolName": "RSFC_818Frames_36Slices_TR2.2",
    "RepetitionTime": 2.2,
    "ScanningSequence": "EP",
    "SequenceName": "_epfid2d1_64",
    "SequenceVariant": "SK",
    "SeriesDescription": "RSFC_818Frames_36Slices_TR2.2",
    "SliceTiming": [
      1.105,
      0,
      1.165,
      0.06,
      1.2275,
      0.1225,
      1.2875,
      0.185,
      1.35,
      0.245,
      1.41,
      0.3075,
      1.4725,
      0.3675,
      1.5325,
      0.43,
      1.595,
      0.49,
      1.655,
      0.5525,
      1.7175,
      0.6125,
      1.78,
      0.675,
      1.84,
      0.735,
      1.9025,
      0.7975,
      1.9625,
      0.8575,
      2.025,
      0.92,
      2.085,
      0.9825,
      2.1475,
      1.0425
    ],
    "SoftwareVersion": "syngo MR B17",
    "TaskName": "rest",
    "modality": "bold",
    "session_id": "func01",
    "subject_id": "MSC03",
    "task_id": "rest"
  },
  "dummy_trs": 0,
  "dvars_nstd": 16.271141229669514,
  "dvars_std": 1.0539013099510406,
  "dvars_vstd": 0.9391105958261932,
  "efc": 0.366903480272546,
  "fber": 42022.63671875,
  "fd_mean": 0.18761008126622378,
  "fd_num": 299,
  "fd_perc": 36.552567237163814,
  "fwhm_avg": 2.5615125931290343,
  "fwhm_x": 2.3278201387488924,
  "fwhm_y": 2.9972,
  "fwhm_z": 2.359517640638211,
  "gcor": 0.0486777,
  "gsr_x": -0.014781571924686432,
  "gsr_y": 0.015269292518496513,
  "provenance": {
    "md5sum": "a8cbe6cbe419eee9bdf37047476aed20",
    "settings": {
      "fd_thres": 0.2,
      "hmc_fsl": false
    },
    "software": "mriqc",
    "version": "0.9.6"
  },
  "size_t": 818,
  "size_x": 64,
  "size_y": 64,
  "size_z": 36,
  "snr": 4.807315677503299,
  "spacing_tr": 2.200000047683716,
  "spacing_x": 3.999999761581421,
  "spacing_y": 4.0,
  "spacing_z": 3.999999761581421,
  "summary_bg_k": 46.40173490113322,
  "summary_bg_mad": 1.9021896123886108,
  "summary_bg_mean": 10.09753704071045,
  "summary_bg_median": 2.7860636711120605,
  "summary_bg_n": 102300.0,
  "summary_bg_p05": 1.0232274532318115,
  "summary_bg_p95": 47.743339538574205,
  "summary_bg_stdv": 23.709388732910156,
  "summary_fg_k": 3.7111143563605955,
  "summary_fg_mad": 79.53314208984375,
  "summary_fg_mean": 571.477783203125,
  "summary_fg_median": 592.1015014648438,
  "summary_fg_n": 17752.0,
  "summary_fg_p05": 313.04005126953126,
  "summary_fg_p95": 719.0061920166015,
  "summary_fg_stdv": 123.16329193115234,
  "tsnr": 56.65790939331055
}