{
  "aor": 0.001657371638141809,
  "aqi": 0.007462598325183374,
  "bids_meta": {
    "BodyPartExamined": "HEAD",
    "CogAtlasID": "http://www.cognitiveatlas.org/term/id/trm_4c8a834779883",
    "ConversionSoftware": "dcm2niix",
    "ConversionSoftwareVersion": "v1.0.20170411 GCC4.4.7",
    "EchoTime": 0.027,
    "EffectiveEchoSpacing": 0.000590001,
    "FlipAngle": 90,
    "ImageType": [
      "ORIGINAL",
      "PRIMARY",
      "M",
      "ND",
      "NORM",
      "MOSAIC"
    ],
    "Instructions": "During this first scan, a plus sign will be presented on the screen.  All you need to do is simply relax and look at the plus sign. Please keep your eyes open the entire time, and be as still as possible. It's extremely important that you stay awake for the entire duration of this scan. This scan will last ~30 minutes.",
    "MagneticFieldStrength": 3,
    "Manufacturer": "Siemens",
    "ManufacturersModelName": "TrioTim",
    "PhaseEncodingDirection": "j-",
    "ProcedureStepDescription": "head_Dosenbach_MSC",
    "ProtocolName": "RSFC_818Frames_36Slices_TR2.2",
    "RepetitionTime": 2.2,
    "ScanningSequence": "EP",
    "SequenceName": "_epfid2d1_64",
    "SequenceVariant": "SK",
    "SeriesDescription": "RSFC_818Frames_36Slices_TR2.2",
    "SliceTiming": [
      1.105,
      0,
      1.165,
      0.06,
      1.2275,
      0.1225,
      1.2875,
      0.185,
      1.35,
      0.245,
      1.41,
      0.3075,
      1.4725,
      0.3675,
      1.5325,
      0.43,
      1.595,
      0.49,
      1.655,
      0.5525,
      1.7175,
      0.6125,
      1.78,
      0.675,
      1.84,
      0.735,
      1.9025,
      0.7975,
      1.9625,
      0.8575,
      2.025,
      0.92,
      2.085,
      0.9825,
      2.1475,
      1.0425
    ],
    "SoftwareVersion": "syngo MR B17",
    "TaskName": "rest",
    "modality": "bold",
    "session_id": "func05",
    "subject_id": "MSC09",
    "task_id": "rest"
  },
  "dummy_trs": 0,
  "dvars_nstd": 15.85990644418603,
  "dvars_std": 1.2051856682374535,
  "dvars_vstd": 0.9646418757527545,
  "efc": 0.4388789914660815,
  "fber": 25673.171875,
  "fd_mean": 0.13452434830429505,
  "fd_num": 128,
  "fd_perc": 15.647921760391197,
  "fwhm_avg": 2.5679672135225964,
  "fwhm_x": 2.298955,
  "fwhm_y": 3.0018,
  "fwhm_z": 2.403146640567789,
  "gcor": 0.115908,
  "gsr_x": -0.020234625786542892,
  "gsr_y": 0.019778789952397346,
  "provenance": {
    "md5sum": "06f955694a3ab42aaeaa9dea1d63c744",
    "settings": {
      "fd_thres": 0.2,
      "hmc_fsl": false
    },
    "software": "mriqc",
    "version": "0.9.6"
  },
  "size_t": 818,
  "size_x": 64,
  "size_y": 64,
  "size_z": 36,
  "snr": 5.055326030355327,
  "spacing_tr": 2.200000047683716,
  "spacing_x": 4.0,
  "spacing_y": 4.0,
  "spacing_z": 4.000001430511475,
  "summary_bg_k": 33.34877283516996,
  "summary_bg_mad": 3.5995702743530273,
  "summary_bg_mean": 19.351232528686523,
  "summary_bg_median": 4.223716735839844,
  "summary_bg_n": 93682.0,
  "summary_bg_p05": 1.3105134963989258,
  "summary_bg_p95": 100.58624954223629,
  "summary_bg_stdv": 43.1031379699707,
  "summary_fg_k": 4.435056689424975,
  "summary_fg_mad": 88.90174865722656,
  "summary_fg_mean": 685.4639892578125,
  "summary_fg_median": 705.9498901367188,
  "summary_fg_n": 24303.0,
  "summary_fg_p05": 400.30381469726564,
  "summary_fg_p95": 854.275567626953,
  "summary_fg_stdv": 139.64190673828125,
  "tsnr": 63.92007827758789
}