{
  "aor": 0.004070865384615385,
  "aqi": 0.004763623173076923,
  "bids_meta": {
    "BodyPartExamined": "HEAD",
    "CogAtlasID": "http://www.cognitiveatlas.org/term/id/trm_550b53d7dd674",
    "ConversionSoftware": "dcm2niix",
    "ConversionSoftwareVersion": "v1.0.20170411 GCC4.4.7",
    "EchoTime": 0.027,
    "EffectiveEchoSpacing": 0.000590001,
    "FlipAngle": 90,
    "ImageType": [
      "ORIGINAL",
      "PRIMARY",
      "M",
      "ND",
      "NORM",
      "MOSAIC"
    ],
    "Instructions": "In this next scan you'll be prompted to move your hands, feet, or tongue. You'll only move one of these at once. Instructions are presented on the screen. Let?s review them now. [Read on-screen instructions to participant.] Do you have any questions?",
    "MagneticFieldStrength": 3,
    "Manufacturer": "Siemens",
    "ManufacturersModelName": "TrioTim",
    "PhaseEncodingDirection": "j-",
    "ProcedureStepDescription": "head_Dosenbach_MSC",
    "ProtocolName": "Motor_104Frames_36Slices_TR2.2",
    "RepetitionTime": 2.2,
    "ScanningSequence": "EP",
    "SequenceName": "_epfid2d1_64",
    "SequenceVariant": "SK",
    "SeriesDescription": "Motor_104Frames_36Slices_TR2.2",
    "SliceTiming": [
      1.105,
      0,
      1.1675,
      0.0625,
      1.2275,
      0.1225,
      1.29,
      0.185,
      1.35,
      0.245,
      1.4125,
      0.3075,
      1.4725,
      0.37,
      1.535,
      0.43,
      1.595,
      0.4925,
      1.6575,
      0.5525,
      1.7175,
      0.615,
      1.78,
      0.675,
      1.84,
      0.7375,
      1.9025,
      0.7975,
      1.965,
      0.86,
      2.025,
      0.92,
      2.0875,
      0.9825,
      2.1475,
      1.0425
    ],
    "SoftwareVersion": "syngo MR B17",
    "TaskName": "motor",
    "modality": "bold",
    "run_id": "02",
    "session_id": "func01",
    "subject_id": "MSC10",
    "task_id": "motor"
  },
  "dummy_trs": 0,
  "dvars_nstd": 23.48358532990292,
  "dvars_std": 1.385424935339806,
  "dvars_vstd": 1.0292600922330097,
  "efc": 0.43266392332694903,
  "fber": 29312.44140625,
  "fd_mean": 0.18170813427735655,
  "fd_num": 37,
  "fd_perc": 35.57692307692308,
  "fwhm_avg": 2.4532653162490825,
  "fwhm_x": 2.2609276347617886,
  "fwhm_y": 2.8228,
  "fwhm_z": 2.27606831398546,
  "gcor": 0.0372556,
  "gsr_x": -0.02038205787539482,
  "gsr_y": 0.01811954565346241,
  "provenance": {
    "md5sum": "30a83f73d080331f51a3f03a1a34164b",
    "settings": {
      "fd_thres": 0.2,
      "hmc_fsl": false
    },
    "software": "mriqc",
    "version": "0.9.6"
  },
  "size_t": 104,
  "size_x": 64,
  "size_y": 64,
  "size_z": 36,
  "snr": 4.633266895917147,
  "spacing_tr": 2.200000047683716,
  "spacing_x": 3.999999761581421,
  "spacing_y": 4.0,
  "spacing_z": 3.9999985694885254,
  "summary_bg_k": 37.53977799083368,
  "summary_bg_mad": 2.5375308990478516,
  "summary_bg_mean": 18.87409782409668,
  "summary_bg_median": 3.711538553237915,
  "summary_bg_n": 94703.0,
  "summary_bg_p05": 1.336538553237915,
  "summary_bg_p95": 105.05288619995089,
  "summary_bg_stdv": 47.129886627197266,
  "summary_fg_k": 3.539265617611571,
  "summary_fg_mad": 104.45938873291016,
  "summary_fg_mean": 657.3479614257812,
  "summary_fg_median": 670.9759521484375,
  "summary_fg_n": 23274.0,
  "summary_fg_p05": 389.9677963256836,
  "summary_fg_p95": 848.317822265625,
  "summary_fg_stdv": 144.8139190673828,
  "tsnr": 79.11383819580078
}