{
  "bids_meta": {
    "BodyPartExamined": "HEAD",
    "ConversionSoftware": "dcm2niix",
    "ConversionSoftwareVersion": "v1.0.20170411 GCC4.4.7",
    "EchoTime": 0.479,
    "FlipAngle": 120,
    "ImageType": [
      "ORIGINAL",
      "PRIMARY",
      "M",
      "ND",
      "NORM"
    ],
    "MagneticFieldStrength": 3,
    "Manufacturer": "Siemens",
    "ManufacturersModelName": "TrioTim",
    "PhaseEncodingDirection": "i-",
    "ProcedureStepDescription": "head_Dosenbach_MSC",
    "ProtocolName": "T2_.8x.8x.8_224Slices",
    "RepetitionTime": 3.2,
    "ScanningSequence": "SE",
    "SequenceName": "_spc3d1_282ns",
    "SequenceVariant": "SK_SP",
    "SeriesDescription": "T2_.8x.8x.8_224Slices",
    "modality": "T2w",
    "run_id": "01",
    "session_id": "struct02",
    "subject_id": "MSC09"
  },
  "cjv": 0.2066275076736145,
  "cnr": 3.827130531783309,
  "efc": 0.6359516705365587,
  "fber": 861.2028198242188,
  "fwhm_avg": 2.4824076094181686,
  "fwhm_x": 2.3125871209374322,
  "fwhm_y": 2.7979551219512193,
  "fwhm_z": 2.336680585365854,
  "icvs_csf": 0.3949255771617808,
  "icvs_gm": 0.10081272330193049,
  "icvs_wm": 0.5042616995362887,
  "inu_med": 1.1475389003753662,
  "inu_range": 0.5175347328186035,
  "provenance": {
    "md5sum": "54a149fdc5c8116baec0af2011482b2c",
    "settings": {
      "testing": false
    },
    "software": "mriqc",
    "version": "0.9.6",
    "warnings": {
      "large_rot_frame": true,
      "small_air_mask": false
    }
  },
  "qi_1": 0.0,
  "qi_2": 0.008125627211927942,
  "rpve_csf": 8.147758808992663,
  "rpve_gm": 34.48636916663523,
  "rpve_wm": 7.0833813531155165,
  "size_x": 224,
  "size_y": 256,
  "size_z": 256,
  "snr_csf": 8.930045715756476,
  "snr_gm": 5.718659736525177,
  "snr_total": 7.39195603998806,
  "snr_wm": 7.527162667682529,
  "snrd_csf": 45.222988871794094,
  "snrd_gm": 94.79647692454007,
  "snrd_total": 56.50258652094025,
  "snrd_wm": 29.488293766486603,
  "spacing_x": 0.8000001311302185,
  "spacing_y": 0.80078125,
  "spacing_z": 0.80078125,
  "summary_bg_k": 8.292171698095776,
  "summary_bg_mad": 22.216110229492188,
  "summary_bg_mean": 34.357887268066406,
  "summary_bg_median": 26.087203979492188,
  "summary_bg_n": 3700178.0,
  "summary_bg_p05": 0.0,
  "summary_bg_p95": 102.49299316406245,
  "summary_bg_stdv": 35.081298828125,
  "summary_csf_k": 0.5218530533572232,
  "summary_csf_mad": 164.06463623046875,
  "summary_csf_mean": 1537.129638671875,
  "summary_csf_median": 1533.5416259765625,
  "summary_csf_n": 116549.0,
  "summary_csf_p05": 1263.62607421875,
  "summary_csf_p95": 1823.7332275390622,
  "summary_csf_stdv": 171.72756958007812,
  "summary_gm_k": 4.4762507291807125,
  "summary_gm_mad": 326.59527587890625,
  "summary_gm_mean": 3051.90380859375,
  "summary_gm_median": 3214.611572265625,
  "summary_gm_n": 43625.0,
  "summary_gm_p05": 1914.2962890625,
  "summary_gm_p95": 3640.22783203125,
  "summary_gm_stdv": 562.1203002929688,
  "summary_wm_k": 0.14335780338496296,
  "summary_wm_mad": 131.01107788085938,
  "summary_wm_mean": 999.9202880859375,
  "summary_wm_median": 999.9676513671875,
  "summary_wm_n": 479086.0,
  "summary_wm_p05": 781.9141387939453,
  "summary_wm_p95": 1218.2499389648438,
  "summary_wm_stdv": 132.84774780273438,
  "tpm_overlap_csf": 0.11587835103273392,
  "tpm_overlap_gm": 0.09758862107992172,
  "tpm_overlap_wm": 0.4895293116569519,
  "wm2max": 0.28131740220872764
}