{
  "aor": 0.003653691931540343,
  "aqi": 0.010844823789731051,
  "bids_meta": {
    "BodyPartExamined": "HEAD",
    "CogAtlasID": "http://www.cognitiveatlas.org/term/id/trm_4c8a834779883",
    "ConversionSoftware": "dcm2niix",
    "ConversionSoftwareVersion": "v1.0.20170411 GCC4.4.7",
    "EchoTime": 0.027,
    "EffectiveEchoSpacing": 0.000590001,
    "FlipAngle": 90,
    "ImageType": [
      "ORIGINAL",
      "PRIMARY",
      "M",
      "ND",
      "NORM",
      "MOSAIC"
    ],
    "Instructions": "During this first scan, a plus sign will be presented on the screen.  All you need to do is simply relax and look at the plus sign. Please keep your eyes open the entire time, and be as still as possible. It's extremely important that you stay awake for the entire duration of this scan. This scan will last ~30 minutes.",
    "MagneticFieldStrength": 3,
    "Manufacturer": "Siemens",
    "ManufacturersModelName": "TrioTim",
    "PhaseEncodingDirection": "j-",
    "ProcedureStepDescription": "head_Dosenbach_MSC",
    "ProtocolName": "RSFC_818Frames_36Slices_TR2.2",
    "RepetitionTime": 2.2,
    "ScanningSequence": "EP",
    "SequenceName": "_epfid2d1_64",
    "SequenceVariant": "SK",
    "SeriesDescription": "RSFC_818Frames_36Slices_TR2.2",
    "SliceTiming": [
      1.105,
      0,
      1.165,
      0.06,
      1.2275,
      0.1225,
      1.2875,
      0.185,
      1.35,
      0.245,
      1.41,
      0.3075,
      1.4725,
      0.3675,
      1.5325,
      0.43,
      1.595,
      0.49,
      1.655,
      0.5525,
      1.7175,
      0.6125,
      1.78,
      0.675,
      1.84,
      0.735,
      1.9025,
      0.7975,
      1.9625,
      0.8575,
      2.025,
      0.92,
      2.085,
      0.9825,
      2.1475,
      1.0425
    ],
    "SoftwareVersion": "syngo MR B17",
    "TaskName": "rest",
    "modality": "bold",
    "session_id": "func02",
    "subject_id": "MSC02",
    "task_id": "rest"
  },
  "dummy_trs": 0,
  "dvars_nstd": 19.49079483204404,
  "dvars_std": 1.3222057145777228,
  "dvars_vstd": 1.0050307165483472,
  "efc": 0.42417198325450045,
  "fber": 29633.64453125,
  "fd_mean": 0.0794856172705139,
  "fd_num": 15,
  "fd_perc": 1.8337408312958434,
  "fwhm_avg": 2.4823748141873323,
  "fwhm_x": 2.205285,
  "fwhm_y": 2.903775,
  "fwhm_z": 2.3380644425619974,
  "gcor": 0.0207541,
  "gsr_x": -0.016965819522738457,
  "gsr_y": 0.032223500311374664,
  "provenance": {
    "md5sum": "aee44046474dc3487148ee1d5728eb90",
    "settings": {
      "fd_thres": 0.2,
      "hmc_fsl": false
    },
    "software": "mriqc",
    "version": "0.9.6"
  },
  "size_t": 818,
  "size_x": 64,
  "size_y": 64,
  "size_z": 36,
  "snr": 4.803189675444322,
  "spacing_tr": 2.200000047683716,
  "spacing_x": 4.0,
  "spacing_y": 4.0,
  "spacing_z": 4.000000953674316,
  "summary_bg_k": 25.431708707021535,
  "summary_bg_mad": 2.6806466579437256,
  "summary_bg_mean": 18.398719787597656,
  "summary_bg_median": 3.650367021560669,
  "summary_bg_n": 95866.0,
  "summary_bg_p05": 1.448655366897583,
  "summary_bg_p95": 99.22800064086914,
  "summary_bg_stdv": 40.926429748535156,
  "summary_fg_k": 3.7006028885919946,
  "summary_fg_mad": 95.37496948242188,
  "summary_fg_mean": 640.0577392578125,
  "summary_fg_median": 652.5018310546875,
  "summary_fg_n": 22726.0,
  "summary_fg_p05": 386.32154083251953,
  "summary_fg_p95": 818.9924163818359,
  "summary_fg_stdv": 135.84461975097656,
  "tsnr": 51.560298919677734
}