{
  "aor": 0.004450288461538461,
  "aqi": 0.006269000961538461,
  "bids_meta": {
    "BodyPartExamined": "HEAD",
    "CogAtlasID": "http://www.cognitiveatlas.org/term/id/trm_550b53d7dd674",
    "ConversionSoftware": "dcm2niix",
    "ConversionSoftwareVersion": "v1.0.20170411 GCC4.4.7",
    "EchoTime": 0.027,
    "EffectiveEchoSpacing": 0.000590001,
    "FlipAngle": 90,
    "ImageType": [
      "ORIGINAL",
      "PRIMARY",
      "M",
      "ND",
      "NORM",
      "MOSAIC"
    ],
    "Instructions": "In this next scan you'll be prompted to move your hands, feet, or tongue. You'll only move one of these at once. Instructions are presented on the screen. Let?s review them now. [Read on-screen instructions to participant.] Do you have any questions?",
    "MagneticFieldStrength": 3,
    "Manufacturer": "Siemens",
    "ManufacturersModelName": "TrioTim",
    "PhaseEncodingDirection": "j-",
    "ProcedureStepDescription": "head_Dosenbach_MSC",
    "ProtocolName": "Motor_104Frames_36Slices_TR2.2",
    "RepetitionTime": 2.2,
    "ScanningSequence": "EP",
    "SequenceName": "_epfid2d1_64",
    "SequenceVariant": "SK",
    "SeriesDescription": "Motor_104Frames_36Slices_TR2.2",
    "SliceTiming": [
      1.105,
      0,
      1.1675,
      0.0625,
      1.2275,
      0.1225,
      1.29,
      0.185,
      1.35,
      0.245,
      1.4125,
      0.3075,
      1.4725,
      0.37,
      1.535,
      0.43,
      1.595,
      0.4925,
      1.6575,
      0.5525,
      1.7175,
      0.615,
      1.78,
      0.675,
      1.84,
      0.7375,
      1.9025,
      0.7975,
      1.965,
      0.86,
      2.025,
      0.92,
      2.0875,
      0.9825,
      2.1475,
      1.0425
    ],
    "SoftwareVersion": "syngo MR B17",
    "TaskName": "motor",
    "modality": "bold",
    "run_id": "01",
    "session_id": "func02",
    "subject_id": "MSC02",
    "task_id": "motor"
  },
  "dummy_trs": 0,
  "dvars_nstd": 19.808684025048553,
  "dvars_std": 1.2874842891262135,
  "dvars_vstd": 0.970853869708738,
  "efc": 0.4184762509005381,
  "fber": 32940.25,
  "fd_mean": 0.09333814416214471,
  "fd_num": 4,
  "fd_perc": 3.8461538461538463,
  "fwhm_avg": 2.4653973145993993,
  "fwhm_x": 2.1892625,
  "fwhm_y": 2.87405,
  "fwhm_z": 2.3328794437981974,
  "gcor": 0.0225668,
  "gsr_x": -0.015011810697615147,
  "gsr_y": 0.03344959020614624,
  "provenance": {
    "md5sum": "4fb9606f11371a330c9813375fde8fd8",
    "settings": {
      "fd_thres": 0.2,
      "hmc_fsl": false
    },
    "software": "mriqc",
    "version": "0.9.6"
  },
  "size_t": 104,
  "size_x": 64,
  "size_y": 64,
  "size_z": 36,
  "snr": 4.864203788258856,
  "spacing_tr": 2.200000047683716,
  "spacing_x": 4.0,
  "spacing_y": 4.0,
  "spacing_z": 4.000000953674316,
  "summary_bg_k": 26.845719051938843,
  "summary_bg_mad": 2.352205514907837,
  "summary_bg_mean": 17.671781539916992,
  "summary_bg_median": 3.519230842590332,
  "summary_bg_n": 96519.0,
  "summary_bg_p05": 1.4903846979141235,
  "summary_bg_p95": 96.66539001464827,
  "summary_bg_stdv": 39.89324951171875,
  "summary_fg_k": 3.827997724491243,
  "summary_fg_mad": 96.0270004272461,
  "summary_fg_mean": 649.587646484375,
  "summary_fg_median": 661.875,
  "summary_fg_n": 22281.0,
  "summary_fg_p05": 396.8942565917969,
  "summary_fg_p95": 828.2115478515625,
  "summary_fg_stdv": 136.06752014160156,
  "tsnr": 70.6294174194336
}