{
  "bids_meta": {
    "BodyPartExamined": "HEAD",
    "ConversionSoftware": "dcm2niix",
    "ConversionSoftwareVersion": "v1.0.20170411 GCC4.4.7",
    "EchoTime": 0.479,
    "FlipAngle": 120,
    "ImageType": [
      "ORIGINAL",
      "PRIMARY",
      "M",
      "ND",
      "NORM"
    ],
    "MagneticFieldStrength": 3,
    "Manufacturer": "Siemens",
    "ManufacturersModelName": "TrioTim",
    "PhaseEncodingDirection": "i-",
    "ProcedureStepDescription": "head_Dosenbach_MSC",
    "ProtocolName": "T2_.8x.8x.8_224Slices",
    "RepetitionTime": 3.2,
    "ScanningSequence": "SE",
    "SequenceName": "_spc3d1_282ns",
    "SequenceVariant": "SK_SP",
    "SeriesDescription": "T2_.8x.8x.8_224Slices",
    "modality": "T2w",
    "run_id": "02",
    "session_id": "struct02",
    "subject_id": "MSC08"
  },
  "cjv": 0.3862121344165518,
  "cnr": 2.6253845707378534,
  "efc": 0.6175005129481006,
  "fber": 1060.377197265625,
  "fwhm_avg": 2.2526939344312784,
  "fwhm_x": 2.1202983886596884,
  "fwhm_y": 2.475732292682927,
  "fwhm_z": 2.1620511219512197,
  "icvs_csf": 0.3549243894639355,
  "icvs_gm": 0.09627980362061092,
  "icvs_wm": 0.5487958069154536,
  "inu_med": 1.1545863151550293,
  "inu_range": 0.4362517714500428,
  "provenance": {
    "md5sum": "027d67c8470e6be9506a578c8ad2d91c",
    "settings": {
      "testing": false
    },
    "software": "mriqc",
    "version": "0.9.6",
    "warnings": {
      "large_rot_frame": true,
      "small_air_mask": false
    }
  },
  "qi_1": 6.919204449641536e-06,
  "qi_2": 0.0059656416659212485,
  "rpve_csf": 10.714189337123392,
  "rpve_gm": 47.981867710904915,
  "rpve_wm": 7.937554119689677,
  "size_x": 224,
  "size_y": 256,
  "size_z": 256,
  "snr_csf": 8.349196481362624,
  "snr_gm": 4.219673573391091,
  "snr_total": 6.501612882055092,
  "snr_wm": 6.935968591411561,
  "snrd_csf": 34.122815686984076,
  "snrd_gm": 59.20579483966969,
  "snrd_total": 38.254818782073166,
  "snrd_wm": 21.435845819565724,
  "spacing_x": 0.8000006079673767,
  "spacing_y": 0.80078125,
  "spacing_z": 0.80078125,
  "summary_bg_k": 11.252153784707863,
  "summary_bg_mad": 30.56415557861328,
  "summary_bg_mean": 33.81471633911133,
  "summary_bg_median": 29.4968318939209,
  "summary_bg_n": 2751437.0,
  "summary_bg_p05": 0.0,
  "summary_bg_p95": 100.43703002929682,
  "summary_bg_stdv": 34.90699768066406,
  "summary_csf_k": 0.5006503971337266,
  "summary_csf_mad": 183.43637084960938,
  "summary_csf_mean": 1595.0191650390625,
  "summary_csf_median": 1591.935791015625,
  "summary_csf_n": 77199.0,
  "summary_csf_p05": 1290.8442138671876,
  "summary_csf_p95": 1910.9218749999995,
  "summary_csf_stdv": 190.66810607910156,
  "summary_gm_k": 1.4873090890254073,
  "summary_gm_mad": 537.8671875,
  "summary_gm_mean": 2700.57373046875,
  "summary_gm_median": 2762.135009765625,
  "summary_gm_n": 26471.0,
  "summary_gm_p05": 1456.48388671875,
  "summary_gm_p95": 3662.0477294921875,
  "summary_gm_stdv": 654.5726318359375,
  "summary_wm_k": 0.1685550744116009,
  "summary_wm_mad": 142.67178344726562,
  "summary_wm_mean": 1001.9181518554688,
  "summary_wm_median": 1000.049072265625,
  "summary_wm_n": 427796.0,
  "summary_wm_p05": 769.0599975585938,
  "summary_wm_p95": 1241.3013610839844,
  "summary_wm_stdv": 144.18287658691406,
  "tpm_overlap_csf": 0.11547507345676422,
  "tpm_overlap_gm": 0.08917435258626938,
  "tpm_overlap_wm": 0.4798922836780548,
  "wm2max": 0.29431706565770505
}