{
  "aor": 0.00254020782396088,
  "aqi": 0.018400649156479217,
  "bids_meta": {
    "BodyPartExamined": "HEAD",
    "CogAtlasID": "http://www.cognitiveatlas.org/term/id/trm_4c8a834779883",
    "ConversionSoftware": "dcm2niix",
    "ConversionSoftwareVersion": "v1.0.20170411 GCC4.4.7",
    "EchoTime": 0.027,
    "EffectiveEchoSpacing": 0.000590001,
    "FlipAngle": 90,
    "ImageType": [
      "ORIGINAL",
      "PRIMARY",
      "M",
      "ND",
      "NORM",
      "MOSAIC"
    ],
    "Instructions": "During this first scan, a plus sign will be presented on the screen.  All you need to do is simply relax and look at the plus sign. Please keep your eyes open the entire time, and be as still as possible. It's extremely important that you stay awake for the entire duration of this scan. This scan will last ~30 minutes.",
    "MagneticFieldStrength": 3,
    "Manufacturer": "Siemens",
    "ManufacturersModelName": "TrioTim",
    "PhaseEncodingDirection": "j-",
    "ProcedureStepDescription": "head_Dosenbach_MSC",
    "ProtocolName": "RSFC_818Frames_36Slices_TR2.2",
    "RepetitionTime": 2.2,
    "ScanningSequence": "EP",
    "SequenceName": "_epfid2d1_64",
    "SequenceVariant": "SK",
    "SeriesDescription": "RSFC_818Frames_36Slices_TR2.2",
    "SliceTiming": [
      1.105,
      0,
      1.165,
      0.06,
      1.2275,
      0.1225,
      1.2875,
      0.185,
      1.35,
      0.245,
      1.41,
      0.3075,
      1.4725,
      0.3675,
      1.5325,
      0.43,
      1.595,
      0.49,
      1.655,
      0.5525,
      1.7175,
      0.6125,
      1.78,
      0.675,
      1.84,
      0.735,
      1.9025,
      0.7975,
      1.9625,
      0.8575,
      2.025,
      0.92,
      2.085,
      0.9825,
      2.1475,
      1.0425
    ],
    "SoftwareVersion": "syngo MR B17",
    "TaskName": "rest",
    "modality": "bold",
    "session_id": "func03",
    "subject_id": "MSC10",
    "task_id": "rest"
  },
  "dummy_trs": 0,
  "dvars_nstd": 22.54869074915544,
  "dvars_std": 1.1624776220073432,
  "dvars_vstd": 0.9236766867564252,
  "efc": 0.4243030258591419,
  "fber": 26667.419921875,
  "fd_mean": 0.2812496447583214,
  "fd_num": 549,
  "fd_perc": 67.11491442542787,
  "fwhm_avg": 2.506222407233428,
  "fwhm_x": 2.314195,
  "fwhm_y": 2.869925,
  "fwhm_z": 2.3345472217002845,
  "gcor": 0.0217543,
  "gsr_x": -0.01487470418214798,
  "gsr_y": 0.01634550467133522,
  "provenance": {
    "md5sum": "e1d93fb673d9f757c88d84b4c4ba5ce8",
    "settings": {
      "fd_thres": 0.2,
      "hmc_fsl": false
    },
    "software": "mriqc",
    "version": "0.9.6"
  },
  "size_t": 818,
  "size_x": 64,
  "size_y": 64,
  "size_z": 36,
  "snr": 4.637093624394663,
  "spacing_tr": 2.200000047683716,
  "spacing_x": 4.0,
  "spacing_y": 4.0,
  "spacing_z": 4.000000476837158,
  "summary_bg_k": 44.82403843890148,
  "summary_bg_mad": 3.4726970195770264,
  "summary_bg_mean": 16.740962982177734,
  "summary_bg_median": 3.9779953956604004,
  "summary_bg_n": 95239.0,
  "summary_bg_p05": 1.1184597611427314,
  "summary_bg_p95": 86.17665557861301,
  "summary_bg_stdv": 40.673973083496094,
  "summary_fg_k": 3.462168818170613,
  "summary_fg_mad": 101.70149993896484,
  "summary_fg_mean": 667.9893798828125,
  "summary_fg_median": 683.3740844726562,
  "summary_fg_n": 22841.0,
  "summary_fg_p05": 380.0183410644531,
  "summary_fg_p95": 860.9083251953125,
  "summary_fg_stdv": 147.36798095703125,
  "tsnr": 38.14817810058594
}