{
  "aor": 0.0005352322738386308,
  "aqi": 0.008307462775061124,
  "bids_meta": {
    "BodyPartExamined": "HEAD",
    "CogAtlasID": "http://www.cognitiveatlas.org/term/id/trm_4c8a834779883",
    "ConversionSoftware": "dcm2niix",
    "ConversionSoftwareVersion": "v1.0.20170411 GCC4.4.7",
    "EchoTime": 0.027,
    "EffectiveEchoSpacing": 0.000590001,
    "FlipAngle": 90,
    "ImageType": [
      "ORIGINAL",
      "PRIMARY",
      "M",
      "ND",
      "NORM",
      "MOSAIC"
    ],
    "Instructions": "During this first scan, a plus sign will be presented on the screen.  All you need to do is simply relax and look at the plus sign. Please keep your eyes open the entire time, and be as still as possible. It's extremely important that you stay awake for the entire duration of this scan. This scan will last ~30 minutes.",
    "MagneticFieldStrength": 3,
    "Manufacturer": "Siemens",
    "ManufacturersModelName": "TrioTim",
    "PhaseEncodingDirection": "j-",
    "ProcedureStepDescription": "head_Dosenbach_MSC",
    "ProtocolName": "RSFC_818Frames_36Slices_TR2.2",
    "RepetitionTime": 2.2,
    "ScanningSequence": "EP",
    "SequenceName": "_epfid2d1_64",
    "SequenceVariant": "SK",
    "SeriesDescription": "RSFC_818Frames_36Slices_TR2.2",
    "SliceTiming": [
      1.105,
      0,
      1.165,
      0.06,
      1.2275,
      0.1225,
      1.2875,
      0.185,
      1.35,
      0.245,
      1.41,
      0.3075,
      1.4725,
      0.3675,
      1.5325,
      0.43,
      1.595,
      0.49,
      1.655,
      0.5525,
      1.7175,
      0.6125,
      1.78,
      0.675,
      1.84,
      0.735,
      1.9025,
      0.7975,
      1.9625,
      0.8575,
      2.025,
      0.92,
      2.085,
      0.9825,
      2.1475,
      1.0425
    ],
    "SoftwareVersion": "syngo MR B17",
    "TaskName": "rest",
    "modality": "bold",
    "session_id": "func05",
    "subject_id": "MSC02",
    "task_id": "rest"
  },
  "dummy_trs": 0,
  "dvars_nstd": 23.227175606291315,
  "dvars_std": 1.3202143137086904,
  "dvars_vstd": 0.9322168550673211,
  "efc": 0.42927845125848413,
  "fber": 26198.84765625,
  "fd_mean": 0.16010761496809411,
  "fd_num": 228,
  "fd_perc": 27.87286063569682,
  "fwhm_avg": 2.4577291666666667,
  "fwhm_x": 2.2045925,
  "fwhm_y": 2.87245,
  "fwhm_z": 2.296145,
  "gcor": 0.0213324,
  "gsr_x": -0.01881437562406063,
  "gsr_y": 0.033847544342279434,
  "provenance": {
    "md5sum": "c4604bf62dbb200d7c64895f60b3f456",
    "settings": {
      "fd_thres": 0.2,
      "hmc_fsl": false
    },
    "software": "mriqc",
    "version": "0.9.6"
  },
  "size_t": 818,
  "size_x": 64,
  "size_y": 64,
  "size_z": 36,
  "snr": 4.852943006634789,
  "spacing_tr": 2.200000047683716,
  "spacing_x": 4.0,
  "spacing_y": 4.0,
  "spacing_z": 4.0,
  "summary_bg_k": 26.712561466541896,
  "summary_bg_mad": 3.0259222984313965,
  "summary_bg_mean": 21.838815689086914,
  "summary_bg_median": 4.350855827331543,
  "summary_bg_n": 95004.0,
  "summary_bg_p05": 1.9339854717254639,
  "summary_bg_p95": 115.06626548767078,
  "summary_bg_stdv": 48.724456787109375,
  "summary_fg_k": 3.5607617883773584,
  "summary_fg_mad": 111.16793060302734,
  "summary_fg_mean": 728.280517578125,
  "summary_fg_median": 741.9425659179688,
  "summary_fg_n": 22937.0,
  "summary_fg_p05": 446.12470703125,
  "summary_fg_p95": 931.5831909179688,
  "summary_fg_stdv": 152.88174438476562,
  "tsnr": 60.064823150634766
}