{
  "aor": 0.006181674816625917,
  "aqi": 0.0342250119804401,
  "bids_meta": {
    "BodyPartExamined": "HEAD",
    "CogAtlasID": "http://www.cognitiveatlas.org/term/id/trm_4c8a834779883",
    "ConversionSoftware": "dcm2niix",
    "ConversionSoftwareVersion": "v1.0.20170411 GCC4.4.7",
    "EchoTime": 0.027,
    "EffectiveEchoSpacing": 0.000590001,
    "FlipAngle": 90,
    "ImageType": [
      "ORIGINAL",
      "PRIMARY",
      "M",
      "ND",
      "NORM",
      "MOSAIC"
    ],
    "Instructions": "During this first scan, a plus sign will be presented on the screen.  All you need to do is simply relax and look at the plus sign. Please keep your eyes open the entire time, and be as still as possible. It's extremely important that you stay awake for the entire duration of this scan. This scan will last ~30 minutes.",
    "MagneticFieldStrength": 3,
    "Manufacturer": "Siemens",
    "ManufacturersModelName": "TrioTim",
    "PhaseEncodingDirection": "j-",
    "ProcedureStepDescription": "head_Dosenbach_MSC",
    "ProtocolName": "RSFC_818Frames_36Slices_TR2.2",
    "RepetitionTime": 2.2,
    "ScanningSequence": "EP",
    "SequenceName": "_epfid2d1_64",
    "SequenceVariant": "SK",
    "SeriesDescription": "RSFC_818Frames_36Slices_TR2.2",
    "SliceTiming": [
      1.105,
      0,
      1.165,
      0.06,
      1.2275,
      0.1225,
      1.2875,
      0.185,
      1.35,
      0.245,
      1.41,
      0.3075,
      1.4725,
      0.3675,
      1.5325,
      0.43,
      1.595,
      0.49,
      1.655,
      0.5525,
      1.7175,
      0.6125,
      1.78,
      0.675,
      1.84,
      0.735,
      1.9025,
      0.7975,
      1.9625,
      0.8575,
      2.025,
      0.92,
      2.085,
      0.9825,
      2.1475,
      1.0425
    ],
    "SoftwareVersion": "syngo MR B17",
    "TaskName": "rest",
    "modality": "bold",
    "session_id": "func01",
    "subject_id": "MSC08",
    "task_id": "rest"
  },
  "dummy_trs": 0,
  "dvars_nstd": 33.0205927280294,
  "dvars_std": 1.0542520242717253,
  "dvars_vstd": 0.8883201102937571,
  "efc": 0.3981541765938649,
  "fber": 28133.857421875,
  "fd_mean": 0.4118072189752943,
  "fd_num": 456,
  "fd_perc": 55.74572127139364,
  "fwhm_avg": 2.6270860295425646,
  "fwhm_x": 2.4243951445052114,
  "fwhm_y": 2.97315,
  "fwhm_z": 2.4837129441224834,
  "gcor": 0.0236584,
  "gsr_x": -0.019217491149902344,
  "gsr_y": 0.011785252019762993,
  "provenance": {
    "md5sum": "a66471b7a846475860fe0759df5e4ca9",
    "settings": {
      "fd_thres": 0.2,
      "hmc_fsl": false
    },
    "software": "mriqc",
    "version": "0.9.6"
  },
  "size_t": 818,
  "size_x": 64,
  "size_y": 64,
  "size_z": 36,
  "snr": 4.891494881031737,
  "spacing_tr": 2.200000047683716,
  "spacing_x": 3.999999761581421,
  "spacing_y": 4.0,
  "spacing_z": 3.9999992847442627,
  "summary_bg_k": 57.69266672282072,
  "summary_bg_mad": 2.798457145690918,
  "summary_bg_mean": 15.109075546264648,
  "summary_bg_median": 3.5757946968078613,
  "summary_bg_n": 99323.0,
  "summary_bg_p05": 1.3728606700897217,
  "summary_bg_p95": 74.38410797119134,
  "summary_bg_stdv": 36.0753173828125,
  "summary_fg_k": 4.604355132264275,
  "summary_fg_mad": 75.7341537475586,
  "summary_fg_mean": 595.6203002929688,
  "summary_fg_median": 618.3582153320312,
  "summary_fg_n": 19871.0,
  "summary_fg_p05": 325.61370849609375,
  "summary_fg_p95": 742.3569946289062,
  "summary_fg_stdv": 126.41179656982422,
  "tsnr": 30.33289337158203
}