{
  "aor": 0.0039309708737864085,
  "aqi": 0.004484978349514564,
  "bids_meta": {
    "BodyPartExamined": "HEAD",
    "CogAtlasID": "http://www.cognitiveatlas.org/term/id/trm_550b53d7dd674",
    "ConversionSoftware": "dcm2niix",
    "ConversionSoftwareVersion": "v1.0.20170411 GCC4.4.7",
    "EchoTime": 0.027,
    "EffectiveEchoSpacing": 0.000590001,
    "FlipAngle": 90,
    "ImageType": [
      "ORIGINAL",
      "PRIMARY",
      "M",
      "ND",
      "NORM",
      "MOSAIC"
    ],
    "Instructions": "In this next scan you'll be prompted to move your hands, feet, or tongue. You'll only move one of these at once. Instructions are presented on the screen. Let?s review them now. [Read on-screen instructions to participant.] Do you have any questions?",
    "MagneticFieldStrength": 3,
    "Manufacturer": "Siemens",
    "ManufacturersModelName": "TrioTim",
    "PhaseEncodingDirection": "j-",
    "ProcedureStepDescription": "head_Dosenbach_MSC",
    "ProtocolName": "Motor_104Frames_36Slices_TR2.2",
    "RepetitionTime": 2.2,
    "ScanningSequence": "EP",
    "SequenceName": "_epfid2d1_64",
    "SequenceVariant": "SK",
    "SeriesDescription": "Motor_104Frames_36Slices_TR2.2",
    "SliceTiming": [
      1.105,
      0,
      1.1675,
      0.0625,
      1.2275,
      0.1225,
      1.29,
      0.185,
      1.35,
      0.245,
      1.4125,
      0.3075,
      1.4725,
      0.37,
      1.535,
      0.43,
      1.595,
      0.4925,
      1.6575,
      0.5525,
      1.7175,
      0.615,
      1.78,
      0.675,
      1.84,
      0.7375,
      1.9025,
      0.7975,
      1.965,
      0.86,
      2.025,
      0.92,
      2.0875,
      0.9825,
      2.1475,
      1.0425
    ],
    "SoftwareVersion": "syngo MR B17",
    "TaskName": "motor",
    "modality": "bold",
    "run_id": "01",
    "session_id": "func04",
    "subject_id": "MSC02",
    "task_id": "motor"
  },
  "dummy_trs": 1,
  "dvars_nstd": 19.331194746568638,
  "dvars_std": 1.3315713399999998,
  "dvars_vstd": 0.9955841898039216,
  "efc": 0.42282002209797204,
  "fber": 29847.642578125,
  "fd_mean": 0.08572488518570796,
  "fd_num": 4,
  "fd_perc": 3.883495145631068,
  "fwhm_avg": 2.4654878718630244,
  "fwhm_x": 2.1954575,
  "fwhm_y": 2.87835,
  "fwhm_z": 2.322656115589073,
  "gcor": 0.0282795,
  "gsr_x": -0.016497690230607986,
  "gsr_y": 0.02967323176562786,
  "provenance": {
    "md5sum": "c13ee6ef92cc886e4abd06d0c83a7931",
    "settings": {
      "fd_thres": 0.2,
      "hmc_fsl": false
    },
    "software": "mriqc",
    "version": "0.9.6"
  },
  "size_t": 103,
  "size_x": 64,
  "size_y": 64,
  "size_z": 36,
  "snr": 4.780724915381151,
  "spacing_tr": 2.200000047683716,
  "spacing_x": 4.0,
  "spacing_y": 4.0,
  "spacing_z": 4.000002384185791,
  "summary_bg_k": 26.766021356133017,
  "summary_bg_mad": 2.6341381072998047,
  "summary_bg_mean": 18.553478240966797,
  "summary_bg_median": 3.796116590499878,
  "summary_bg_n": 95745.0,
  "summary_bg_p05": 1.524271845817566,
  "summary_bg_p95": 99.1456298828125,
  "summary_bg_stdv": 41.47862243652344,
  "summary_fg_k": 3.574474324032555,
  "summary_fg_mad": 103.63818359375,
  "summary_fg_mean": 672.1956787109375,
  "summary_fg_median": 685.8640747070312,
  "summary_fg_n": 22793.0,
  "summary_fg_p05": 401.75146484375,
  "summary_fg_p95": 861.6368896484373,
  "summary_fg_stdv": 143.4613037109375,
  "tsnr": 77.27247619628906
}