{
  "aor": 0.02212017114914426,
  "aqi": 0.009786307041564793,
  "bids_meta": {
    "BodyPartExamined": "HEAD",
    "CogAtlasID": "http://www.cognitiveatlas.org/term/id/trm_4c8a834779883",
    "ConversionSoftware": "dcm2niix",
    "ConversionSoftwareVersion": "v1.0.20170411 GCC4.4.7",
    "EchoTime": 0.027,
    "EffectiveEchoSpacing": 0.000590001,
    "FlipAngle": 90,
    "ImageType": [
      "ORIGINAL",
      "PRIMARY",
      "M",
      "ND",
      "NORM",
      "MOSAIC"
    ],
    "Instructions": "During this first scan, a plus sign will be presented on the screen.  All you need to do is simply relax and look at the plus sign. Please keep your eyes open the entire time, and be as still as possible. It's extremely important that you stay awake for the entire duration of this scan. This scan will last ~30 minutes.",
    "MagneticFieldStrength": 3,
    "Manufacturer": "Siemens",
    "ManufacturersModelName": "TrioTim",
    "PhaseEncodingDirection": "j-",
    "ProcedureStepDescription": "head_Dosenbach_MSC",
    "ProtocolName": "RSFC_818Frames_36Slices_TR2.2",
    "RepetitionTime": 2.2,
    "ScanningSequence": "EP",
    "SequenceName": "_epfid2d1_64",
    "SequenceVariant": "SK",
    "SeriesDescription": "RSFC_818Frames_36Slices_TR2.2",
    "SliceTiming": [
      1.105,
      0,
      1.165,
      0.06,
      1.2275,
      0.1225,
      1.2875,
      0.185,
      1.35,
      0.245,
      1.41,
      0.3075,
      1.4725,
      0.3675,
      1.5325,
      0.43,
      1.595,
      0.49,
      1.655,
      0.5525,
      1.7175,
      0.6125,
      1.78,
      0.675,
      1.84,
      0.735,
      1.9025,
      0.7975,
      1.9625,
      0.8575,
      2.025,
      0.92,
      2.085,
      0.9825,
      2.1475,
      1.0425
    ],
    "SoftwareVersion": "syngo MR B17",
    "TaskName": "rest",
    "modality": "bold",
    "session_id": "func01",
    "subject_id": "MSC05",
    "task_id": "rest"
  },
  "dummy_trs": 0,
  "dvars_nstd": 19.443921184712337,
  "dvars_std": 1.5210648367931445,
  "dvars_vstd": 1.2670792679314546,
  "efc": 0.41573602877098964,
  "fber": 36493.2109375,
  "fd_mean": 0.137390189178309,
  "fd_num": 127,
  "fd_perc": 15.525672371638143,
  "fwhm_avg": 2.5029061698824435,
  "fwhm_x": 2.210230131739982,
  "fwhm_y": 2.9409001752913104,
  "fwhm_z": 2.357588202616037,
  "gcor": 0.0783401,
  "gsr_x": -0.011473311111330986,
  "gsr_y": 0.016308216378092766,
  "provenance": {
    "md5sum": "a6f5353994848e0014d0295d95dc6d11",
    "settings": {
      "fd_thres": 0.2,
      "hmc_fsl": false
    },
    "software": "mriqc",
    "version": "0.9.6"
  },
  "size_t": 818,
  "size_x": 64,
  "size_y": 64,
  "size_z": 36,
  "snr": 5.46854310747713,
  "spacing_tr": 2.200000047683716,
  "spacing_x": 3.999999761581421,
  "spacing_y": 3.999999761581421,
  "spacing_z": 3.9999988079071045,
  "summary_bg_k": 53.38200179292571,
  "summary_bg_mad": 2.387026071548462,
  "summary_bg_mean": 15.632411003112793,
  "summary_bg_median": 3.547677516937256,
  "summary_bg_n": 96061.0,
  "summary_bg_p05": 1.418092966079712,
  "summary_bg_p95": 75.93643188476562,
  "summary_bg_stdv": 38.720890045166016,
  "summary_fg_k": 4.600212226771189,
  "summary_fg_mad": 89.37026977539062,
  "summary_fg_mean": 691.0325927734375,
  "summary_fg_median": 707.469482421875,
  "summary_fg_n": 22432.0,
  "summary_fg_p05": 441.74775390625,
  "summary_fg_p95": 852.3462524414062,
  "summary_fg_stdv": 129.36785888671875,
  "tsnr": 56.62971878051758
}