{
  "aor": 0.005363557692307693,
  "aqi": 0.012181724134615383,
  "bids_meta": {
    "BodyPartExamined": "HEAD",
    "CogAtlasID": "http://www.cognitiveatlas.org/term/id/trm_550b53d7dd674",
    "ConversionSoftware": "dcm2niix",
    "ConversionSoftwareVersion": "v1.0.20170411 GCC4.4.7",
    "EchoTime": 0.027,
    "EffectiveEchoSpacing": 0.000590001,
    "FlipAngle": 90,
    "ImageType": [
      "ORIGINAL",
      "PRIMARY",
      "M",
      "ND",
      "NORM",
      "MOSAIC"
    ],
    "Instructions": "In this next scan you'll be prompted to move your hands, feet, or tongue. You'll only move one of these at once. Instructions are presented on the screen. Let?s review them now. [Read on-screen instructions to participant.] Do you have any questions?",
    "MagneticFieldStrength": 3,
    "Manufacturer": "Siemens",
    "ManufacturersModelName": "TrioTim",
    "PhaseEncodingDirection": "j-",
    "ProcedureStepDescription": "head_Dosenbach_MSC",
    "ProtocolName": "Motor_104Frames_36Slices_TR2.2",
    "RepetitionTime": 2.2,
    "ScanningSequence": "EP",
    "SequenceName": "_epfid2d1_64",
    "SequenceVariant": "SK",
    "SeriesDescription": "Motor_104Frames_36Slices_TR2.2",
    "SliceTiming": [
      1.105,
      0,
      1.1675,
      0.0625,
      1.2275,
      0.1225,
      1.29,
      0.185,
      1.35,
      0.245,
      1.4125,
      0.3075,
      1.4725,
      0.37,
      1.535,
      0.43,
      1.595,
      0.4925,
      1.6575,
      0.5525,
      1.7175,
      0.615,
      1.78,
      0.675,
      1.84,
      0.7375,
      1.9025,
      0.7975,
      1.965,
      0.86,
      2.025,
      0.92,
      2.0875,
      0.9825,
      2.1475,
      1.0425
    ],
    "SoftwareVersion": "syngo MR B17",
    "TaskName": "motor",
    "modality": "bold",
    "run_id": "02",
    "session_id": "func06",
    "subject_id": "MSC07",
    "task_id": "motor"
  },
  "dummy_trs": 0,
  "dvars_nstd": 19.12160568796116,
  "dvars_std": 1.0978948776699027,
  "dvars_vstd": 0.9430492219417477,
  "efc": 0.39973590303476464,
  "fber": 33826.3125,
  "fd_mean": 0.23856489386122046,
  "fd_num": 49,
  "fd_perc": 47.11538461538461,
  "fwhm_avg": 2.4768911074164497,
  "fwhm_x": 2.2760725,
  "fwhm_y": 2.855425,
  "fwhm_z": 2.299175822249349,
  "gcor": 0.0179732,
  "gsr_x": -0.020002659410238266,
  "gsr_y": 0.01629786007106304,
  "provenance": {
    "md5sum": "3667798944f2f089b111817567d4f49f",
    "settings": {
      "fd_thres": 0.2,
      "hmc_fsl": false
    },
    "software": "mriqc",
    "version": "0.9.6"
  },
  "size_t": 104,
  "size_x": 64,
  "size_y": 64,
  "size_z": 36,
  "snr": 5.130059278643802,
  "spacing_tr": 2.200000047683716,
  "spacing_x": 4.0,
  "spacing_y": 4.0,
  "spacing_z": 3.9999985694885254,
  "summary_bg_k": 39.7043760184122,
  "summary_bg_mad": 3.0364832878112793,
  "summary_bg_mean": 17.7894344329834,
  "summary_bg_median": 3.961538553237915,
  "summary_bg_n": 98513.0,
  "summary_bg_p05": 1.4134615659713745,
  "summary_bg_p95": 89.51923370361328,
  "summary_bg_stdv": 44.38925552368164,
  "summary_fg_k": 4.617110663504382,
  "summary_fg_mad": 101.40143585205078,
  "summary_fg_mean": 740.1583251953125,
  "summary_fg_median": 755.9615478515625,
  "summary_fg_n": 20287.0,
  "summary_fg_p05": 468.1230865478516,
  "summary_fg_p95": 927.4077453613281,
  "summary_fg_stdv": 147.3555908203125,
  "tsnr": 50.66262435913086
}