{
  "aor": 0.0050026283618581895,
  "aqi": 0.01173212520782396,
  "bids_meta": {
    "BodyPartExamined": "HEAD",
    "CogAtlasID": "http://www.cognitiveatlas.org/term/id/trm_4c8a834779883",
    "ConversionSoftware": "dcm2niix",
    "ConversionSoftwareVersion": "v1.0.20170411 GCC4.4.7",
    "EchoTime": 0.027,
    "EffectiveEchoSpacing": 0.000590001,
    "FlipAngle": 90,
    "ImageType": [
      "ORIGINAL",
      "PRIMARY",
      "M",
      "ND",
      "NORM",
      "MOSAIC"
    ],
    "Instructions": "During this first scan, a plus sign will be presented on the screen.  All you need to do is simply relax and look at the plus sign. Please keep your eyes open the entire time, and be as still as possible. It's extremely important that you stay awake for the entire duration of this scan. This scan will last ~30 minutes.",
    "MagneticFieldStrength": 3,
    "Manufacturer": "Siemens",
    "ManufacturersModelName": "TrioTim",
    "PhaseEncodingDirection": "j-",
    "ProcedureStepDescription": "head_Dosenbach_MSC",
    "ProtocolName": "RSFC_818Frames_36Slices_TR2.2",
    "RepetitionTime": 2.2,
    "ScanningSequence": "EP",
    "SequenceName": "_epfid2d1_64",
    "SequenceVariant": "SK",
    "SeriesDescription": "RSFC_818Frames_36Slices_TR2.2",
    "SliceTiming": [
      1.105,
      0,
      1.165,
      0.06,
      1.2275,
      0.1225,
      1.2875,
      0.185,
      1.35,
      0.245,
      1.41,
      0.3075,
      1.4725,
      0.3675,
      1.5325,
      0.43,
      1.595,
      0.49,
      1.655,
      0.5525,
      1.7175,
      0.6125,
      1.78,
      0.675,
      1.84,
      0.735,
      1.9025,
      0.7975,
      1.9625,
      0.8575,
      2.025,
      0.92,
      2.085,
      0.9825,
      2.1475,
      1.0425
    ],
    "SoftwareVersion": "syngo MR B17",
    "TaskName": "rest",
    "modality": "bold",
    "session_id": "func05",
    "subject_id": "MSC05",
    "task_id": "rest"
  },
  "dummy_trs": 0,
  "dvars_nstd": 19.21208052269277,
  "dvars_std": 1.2643213087270497,
  "dvars_vstd": 1.0585835494981646,
  "efc": 0.42041504573500643,
  "fber": 27218.296875,
  "fd_mean": 0.1516812763825916,
  "fd_num": 192,
  "fd_perc": 23.4718826405868,
  "fwhm_avg": 2.5062282953381687,
  "fwhm_x": 2.211455,
  "fwhm_y": 2.9007001728952035,
  "fwhm_z": 2.4065297131193026,
  "gcor": 0.0535361,
  "gsr_x": -0.01105897594243288,
  "gsr_y": 0.01719093695282936,
  "provenance": {
    "md5sum": "a18b1f8c49ab1e795ee6f97170b9da78",
    "settings": {
      "fd_thres": 0.2,
      "hmc_fsl": false
    },
    "software": "mriqc",
    "version": "0.9.6"
  },
  "size_t": 818,
  "size_x": 64,
  "size_y": 64,
  "size_z": 36,
  "snr": 5.336354070559527,
  "spacing_tr": 2.200000047683716,
  "spacing_x": 4.0,
  "spacing_y": 3.999999761581421,
  "spacing_z": 4.000000476837158,
  "summary_bg_k": 45.98092589489966,
  "summary_bg_mad": 2.747708320617676,
  "summary_bg_mean": 16.195356369018555,
  "summary_bg_median": 4.039120197296143,
  "summary_bg_n": 95813.0,
  "summary_bg_p05": 1.680929183959961,
  "summary_bg_p95": 79.11369476318353,
  "summary_bg_stdv": 38.33972930908203,
  "summary_fg_k": 4.622315165113589,
  "summary_fg_mad": 87.25422668457031,
  "summary_fg_mean": 674.3942260742188,
  "summary_fg_median": 691.2103271484375,
  "summary_fg_n": 22752.0,
  "summary_fg_p05": 422.8540573120117,
  "summary_fg_p95": 834.1205108642578,
  "summary_fg_stdv": 129.52572631835938,
  "tsnr": 51.76469802856445
}