{
  "aor": 0.0008446699266503668,
  "aqi": 0.005584826271393644,
  "bids_meta": {
    "BodyPartExamined": "HEAD",
    "CogAtlasID": "http://www.cognitiveatlas.org/term/id/trm_4c8a834779883",
    "ConversionSoftware": "dcm2niix",
    "ConversionSoftwareVersion": "v1.0.20170411 GCC4.4.7",
    "EchoTime": 0.027,
    "EffectiveEchoSpacing": 0.000590001,
    "FlipAngle": 90,
    "ImageType": [
      "ORIGINAL",
      "PRIMARY",
      "M",
      "ND",
      "NORM",
      "MOSAIC"
    ],
    "Instructions": "During this first scan, a plus sign will be presented on the screen.  All you need to do is simply relax and look at the plus sign. Please keep your eyes open the entire time, and be as still as possible. It's extremely important that you stay awake for the entire duration of this scan. This scan will last ~30 minutes.",
    "MagneticFieldStrength": 3,
    "Manufacturer": "Siemens",
    "ManufacturersModelName": "TrioTim",
    "PhaseEncodingDirection": "j-",
    "ProcedureStepDescription": "head_Dosenbach_MSC",
    "ProtocolName": "RSFC_818Frames_36Slices_TR2.2",
    "RepetitionTime": 2.2,
    "ScanningSequence": "EP",
    "SequenceName": "_epfid2d1_64",
    "SequenceVariant": "SK",
    "SeriesDescription": "RSFC_818Frames_36Slices_TR2.2",
    "SliceTiming": [
      1.105,
      0,
      1.165,
      0.06,
      1.2275,
      0.1225,
      1.2875,
      0.185,
      1.35,
      0.245,
      1.41,
      0.3075,
      1.4725,
      0.3675,
      1.5325,
      0.43,
      1.595,
      0.49,
      1.655,
      0.5525,
      1.7175,
      0.6125,
      1.78,
      0.675,
      1.84,
      0.735,
      1.9025,
      0.7975,
      1.9625,
      0.8575,
      2.025,
      0.92,
      2.085,
      0.9825,
      2.1475,
      1.0425
    ],
    "SoftwareVersion": "syngo MR B17",
    "TaskName": "rest",
    "modality": "bold",
    "session_id": "func08",
    "subject_id": "MSC04",
    "task_id": "rest"
  },
  "dummy_trs": 0,
  "dvars_nstd": 17.287996231591183,
  "dvars_std": 1.2623858810159119,
  "dvars_vstd": 0.945782907613218,
  "efc": 0.3700312209728524,
  "fber": 48743.43359375,
  "fd_mean": 0.08329718891250583,
  "fd_num": 35,
  "fd_perc": 4.278728606356968,
  "fwhm_avg": 2.550994545957428,
  "fwhm_x": 2.3313425,
  "fwhm_y": 2.93535,
  "fwhm_z": 2.3862911378722846,
  "gcor": 0.0706175,
  "gsr_x": -0.01844950020313263,
  "gsr_y": 0.010980900377035141,
  "provenance": {
    "md5sum": "d16ca02d1e8fc641e5c3699b41e4bd5a",
    "settings": {
      "fd_thres": 0.2,
      "hmc_fsl": false
    },
    "software": "mriqc",
    "version": "0.9.6"
  },
  "size_t": 818,
  "size_x": 64,
  "size_y": 64,
  "size_z": 36,
  "snr": 4.783300183294495,
  "spacing_tr": 2.200000047683716,
  "spacing_x": 4.0,
  "spacing_y": 4.0,
  "spacing_z": 3.999998092651367,
  "summary_bg_k": 63.34218295679106,
  "summary_bg_mad": 2.2220911979675293,
  "summary_bg_mean": 13.86733627319336,
  "summary_bg_median": 3.397310733795166,
  "summary_bg_n": 101399.0,
  "summary_bg_p05": 1.3715159296989448,
  "summary_bg_p95": 57.05672683715805,
  "summary_bg_stdv": 40.35786437988281,
  "summary_fg_k": 3.546524259251652,
  "summary_fg_mad": 108.78458404541016,
  "summary_fg_mean": 750.771240234375,
  "summary_fg_median": 782.1357421875,
  "summary_fg_n": 18133.0,
  "summary_fg_p05": 405.9274047851562,
  "summary_fg_p95": 944.805908203125,
  "summary_fg_stdv": 163.5093231201172,
  "tsnr": 67.86360168457031
}