{
	"Manufacturer": "Siemens",
	"ManufacturersModelName": "TrioTim",
	"ProcedureStepDescription": "head_Dosenbach_MSC",
	"ScanningSequence": "GR_IR",
	"SequenceVariant": "SP_MP_OSP",
	"SeriesDescription": "T1_.8x.8x.8_224Slices",
	"BodyPartExamined": "HEAD",
	"ProtocolName": "T1_.8x.8x.8_224Slices",
	"SequenceName": "_tfl3d1_ns",
	"ImageType": ["ORIGINAL", "PRIMARY", "M", "ND", "NORM"],
	"MagneticFieldStrength": 3,
	"FlipAngle": 8,
	"EchoTime": 0.00374,
	"RepetitionTime": 2.4,
	"InversionTime": 1,
	"PhaseEncodingDirection": "i-",
	"ConversionSoftware": "dcm2niix",
	"ConversionSoftwareVersion": "v1.0.20170411 GCC4.4.7"
}
