{
	"Manufacturer": "Siemens",
	"ManufacturersModelName": "TrioTim",
	"ProcedureStepDescription": "head_Dosenbach_MSC",
	"ScanningSequence": "SE",
	"SequenceVariant": "SK_SP",
	"SeriesDescription": "T2_.8x.8x.8_224Slices",
	"BodyPartExamined": "HEAD",
	"ProtocolName": "T2_.8x.8x.8_224Slices",
	"SequenceName": "_spc3d1_282ns",
	"ImageType": ["ORIGINAL", "PRIMARY", "M", "ND", "NORM"],
	"MagneticFieldStrength": 3,
	"FlipAngle": 120,
	"EchoTime": 0.479,
	"RepetitionTime": 3.2,
	"PhaseEncodingDirection": "i-",
	"ConversionSoftware": "dcm2niix",
	"ConversionSoftwareVersion": "v1.0.20170411 GCC4.4.7"
}
