{
	"Manufacturer": "Siemens",
	"ManufacturersModelName": "TrioTim",
	"SoftwareVersion": "syngo MR B17",
	"ProcedureStepDescription": "head_Dosenbach_MSC",
	"ScanningSequence": "EP",
	"SequenceVariant": "SK",
	"SeriesDescription": "Motor_104Frames_36Slices_TR2.2",
	"BodyPartExamined": "HEAD",
	"ProtocolName": "Motor_104Frames_36Slices_TR2.2",
	"SequenceName": "_epfid2d1_64",
	"ImageType": ["ORIGINAL", "PRIMARY", "M", "ND", "NORM", "MOSAIC"],
	"MagneticFieldStrength": 3,
	"FlipAngle": 90,
	"EchoTime": 0.027,
	"RepetitionTime": 2.2,
	"EffectiveEchoSpacing": 0.000590001,
	"SliceTiming": [
		1.105,
		0,
		1.1675,
		0.0625,
		1.2275,
		0.1225,
		1.29,
		0.185,
		1.35,
		0.245,
		1.4125,
		0.3075,
		1.4725,
		0.37,
		1.535,
		0.43,
		1.595,
		0.4925,
		1.6575,
		0.5525,
		1.7175,
		0.615,
		1.78,
		0.675,
		1.84,
		0.7375,
		1.9025,
		0.7975,
		1.965,
		0.86,
		2.025,
		0.92,
		2.0875,
		0.9825,
		2.1475,
		1.0425	],
	"PhaseEncodingDirection": "j-",
	"ConversionSoftware": "dcm2niix",
	"ConversionSoftwareVersion": "v1.0.20170411 GCC4.4.7",
	"TaskName": "motor",
	"CogAtlasID": "http://www.cognitiveatlas.org/term/id/trm_550b53d7dd674",
	"Instructions": "In this next scan you'll be prompted to move your hands, feet, or tongue. You'll only move one of these at once. Instructions are presented on the screen. Let?s review them now. [Read on-screen instructions to participant.] Do you have any questions?"
}
