{
  "aor": 0.0015277506112469437,
  "aqi": 0.007092483202933985,
  "bids_meta": {
    "BodyPartExamined": "HEAD",
    "CogAtlasID": "http://www.cognitiveatlas.org/term/id/trm_4c8a834779883",
    "ConversionSoftware": "dcm2niix",
    "ConversionSoftwareVersion": "v1.0.20170411 GCC4.4.7",
    "EchoTime": 0.027,
    "EffectiveEchoSpacing": 0.000590001,
    "FlipAngle": 90,
    "ImageType": [
      "ORIGINAL",
      "PRIMARY",
      "M",
      "ND",
      "NORM",
      "MOSAIC"
    ],
    "Instructions": "During this first scan, a plus sign will be presented on the screen.  All you need to do is simply relax and look at the plus sign. Please keep your eyes open the entire time, and be as still as possible. It's extremely important that you stay awake for the entire duration of this scan. This scan will last ~30 minutes.",
    "MagneticFieldStrength": 3,
    "Manufacturer": "Siemens",
    "ManufacturersModelName": "TrioTim",
    "PhaseEncodingDirection": "j-",
    "ProcedureStepDescription": "head_Dosenbach_MSC",
    "ProtocolName": "RSFC_818Frames_36Slices_TR2.2",
    "RepetitionTime": 2.2,
    "ScanningSequence": "EP",
    "SequenceName": "_epfid2d1_64",
    "SequenceVariant": "SK",
    "SeriesDescription": "RSFC_818Frames_36Slices_TR2.2",
    "SliceTiming": [
      1.105,
      0,
      1.165,
      0.06,
      1.2275,
      0.1225,
      1.2875,
      0.185,
      1.35,
      0.245,
      1.41,
      0.3075,
      1.4725,
      0.3675,
      1.5325,
      0.43,
      1.595,
      0.49,
      1.655,
      0.5525,
      1.7175,
      0.6125,
      1.78,
      0.675,
      1.84,
      0.735,
      1.9025,
      0.7975,
      1.9625,
      0.8575,
      2.025,
      0.92,
      2.085,
      0.9825,
      2.1475,
      1.0425
    ],
    "SoftwareVersion": "syngo MR B17",
    "TaskName": "rest",
    "modality": "bold",
    "session_id": "func10",
    "subject_id": "MSC06",
    "task_id": "rest"
  },
  "dummy_trs": 0,
  "dvars_nstd": 22.718066290257028,
  "dvars_std": 1.4268950492044044,
  "dvars_vstd": 0.9793311511750301,
  "efc": 0.40373962054290174,
  "fber": 34189.7578125,
  "fd_mean": 0.10595276188391049,
  "fd_num": 52,
  "fd_perc": 6.356968215158925,
  "fwhm_avg": 2.4910216666666667,
  "fwhm_x": 2.2609675,
  "fwhm_y": 2.844725,
  "fwhm_z": 2.3673725,
  "gcor": 0.0685082,
  "gsr_x": -0.01761621981859207,
  "gsr_y": 0.016908688470721245,
  "provenance": {
    "md5sum": "31b3964b5fe95ff00776d5400bcf87eb",
    "settings": {
      "fd_thres": 0.2,
      "hmc_fsl": false
    },
    "software": "mriqc",
    "version": "0.9.6"
  },
  "size_t": 818,
  "size_x": 64,
  "size_y": 64,
  "size_z": 36,
  "snr": 4.793516810620841,
  "spacing_tr": 2.200000047683716,
  "spacing_x": 4.0,
  "spacing_y": 4.0,
  "spacing_z": 4.0,
  "summary_bg_k": 55.891128061849216,
  "summary_bg_mad": 2.515711545944214,
  "summary_bg_mean": 14.425304412841797,
  "summary_bg_median": 3.506112575531006,
  "summary_bg_n": 97506.0,
  "summary_bg_p05": 1.355745792388916,
  "summary_bg_p95": 67.28606986999512,
  "summary_bg_stdv": 34.6307373046875,
  "summary_fg_k": 4.057960281028394,
  "summary_fg_mad": 95.29438781738281,
  "summary_fg_mean": 651.7396850585938,
  "summary_fg_median": 669.8221435546875,
  "summary_fg_n": 21204.0,
  "summary_fg_p05": 374.48601989746095,
  "summary_fg_p95": 824.772216796875,
  "summary_fg_stdv": 139.73171997070312,
  "tsnr": 65.0891342163086
}