{
  "aor": 0.0018156234718826408,
  "aqi": 0.023175572860635693,
  "bids_meta": {
    "BodyPartExamined": "HEAD",
    "CogAtlasID": "http://www.cognitiveatlas.org/term/id/trm_4c8a834779883",
    "ConversionSoftware": "dcm2niix",
    "ConversionSoftwareVersion": "v1.0.20170411 GCC4.4.7",
    "EchoTime": 0.027,
    "EffectiveEchoSpacing": 0.000590001,
    "FlipAngle": 90,
    "ImageType": [
      "ORIGINAL",
      "PRIMARY",
      "M",
      "ND",
      "NORM",
      "MOSAIC"
    ],
    "Instructions": "During this first scan, a plus sign will be presented on the screen.  All you need to do is simply relax and look at the plus sign. Please keep your eyes open the entire time, and be as still as possible. It's extremely important that you stay awake for the entire duration of this scan. This scan will last ~30 minutes.",
    "MagneticFieldStrength": 3,
    "Manufacturer": "Siemens",
    "ManufacturersModelName": "TrioTim",
    "PhaseEncodingDirection": "j-",
    "ProcedureStepDescription": "head_Dosenbach_MSC",
    "ProtocolName": "RSFC_818Frames_36Slices_TR2.2",
    "RepetitionTime": 2.2,
    "ScanningSequence": "EP",
    "SequenceName": "_epfid2d1_64",
    "SequenceVariant": "SK",
    "SeriesDescription": "RSFC_818Frames_36Slices_TR2.2",
    "SliceTiming": [
      1.105,
      0,
      1.165,
      0.06,
      1.2275,
      0.1225,
      1.2875,
      0.185,
      1.35,
      0.245,
      1.41,
      0.3075,
      1.4725,
      0.3675,
      1.5325,
      0.43,
      1.595,
      0.49,
      1.655,
      0.5525,
      1.7175,
      0.6125,
      1.78,
      0.675,
      1.84,
      0.735,
      1.9025,
      0.7975,
      1.9625,
      0.8575,
      2.025,
      0.92,
      2.085,
      0.9825,
      2.1475,
      1.0425
    ],
    "SoftwareVersion": "syngo MR B17",
    "TaskName": "rest",
    "modality": "bold",
    "session_id": "func05",
    "subject_id": "MSC07",
    "task_id": "rest"
  },
  "dummy_trs": 0,
  "dvars_nstd": 21.756034561529983,
  "dvars_std": 1.1671660486780893,
  "dvars_vstd": 0.8649851786291313,
  "efc": 0.40530785808952025,
  "fber": 31172.150390625,
  "fd_mean": 0.17686957740542922,
  "fd_num": 268,
  "fd_perc": 32.76283618581907,
  "fwhm_avg": 2.525214400859843,
  "fwhm_x": 2.3350775,
  "fwhm_y": 2.8831,
  "fwhm_z": 2.3574657025795287,
  "gcor": 0.0173271,
  "gsr_x": -0.022446177899837494,
  "gsr_y": 0.012311150319874287,
  "provenance": {
    "md5sum": "c2cb8b79eb5ccb4151f10b1bafce0bb2",
    "settings": {
      "fd_thres": 0.2,
      "hmc_fsl": false
    },
    "software": "mriqc",
    "version": "0.9.6"
  },
  "size_t": 818,
  "size_x": 64,
  "size_y": 64,
  "size_z": 36,
  "snr": 5.134692710347547,
  "spacing_tr": 2.200000047683716,
  "spacing_x": 4.0,
  "spacing_y": 4.0,
  "spacing_z": 3.9999988079071045,
  "summary_bg_k": 35.10828218228463,
  "summary_bg_mad": 3.4763216972351074,
  "summary_bg_mean": 20.109783172607422,
  "summary_bg_median": 4.250611305236816,
  "summary_bg_n": 98609.0,
  "summary_bg_p05": 1.3704156875610352,
  "summary_bg_p95": 100.01125183105457,
  "summary_bg_stdv": 50.99287796020508,
  "summary_fg_k": 4.538346868103069,
  "summary_fg_mad": 104.09841918945312,
  "summary_fg_mean": 755.3038330078125,
  "summary_fg_median": 772.5153198242188,
  "summary_fg_n": 20420.0,
  "summary_fg_p05": 475.38603515625005,
  "summary_fg_p95": 943.8805541992188,
  "summary_fg_stdv": 150.44647216796875,
  "tsnr": 37.469139099121094
}