{
  "aor": 0.0024500000000000004,
  "aqi": 0.004093617692307692,
  "bids_meta": {
    "BodyPartExamined": "HEAD",
    "CogAtlasID": "http://www.cognitiveatlas.org/term/id/trm_550b53d7dd674",
    "ConversionSoftware": "dcm2niix",
    "ConversionSoftwareVersion": "v1.0.20170411 GCC4.4.7",
    "EchoTime": 0.027,
    "EffectiveEchoSpacing": 0.000590001,
    "FlipAngle": 90,
    "ImageType": [
      "ORIGINAL",
      "PRIMARY",
      "M",
      "ND",
      "NORM",
      "MOSAIC"
    ],
    "Instructions": "In this next scan you'll be prompted to move your hands, feet, or tongue. You'll only move one of these at once. Instructions are presented on the screen. Let?s review them now. [Read on-screen instructions to participant.] Do you have any questions?",
    "MagneticFieldStrength": 3,
    "Manufacturer": "Siemens",
    "ManufacturersModelName": "TrioTim",
    "PhaseEncodingDirection": "j-",
    "ProcedureStepDescription": "head_Dosenbach_MSC",
    "ProtocolName": "Motor_104Frames_36Slices_TR2.2",
    "RepetitionTime": 2.2,
    "ScanningSequence": "EP",
    "SequenceName": "_epfid2d1_64",
    "SequenceVariant": "SK",
    "SeriesDescription": "Motor_104Frames_36Slices_TR2.2",
    "SliceTiming": [
      1.105,
      0,
      1.1675,
      0.0625,
      1.2275,
      0.1225,
      1.29,
      0.185,
      1.35,
      0.245,
      1.4125,
      0.3075,
      1.4725,
      0.37,
      1.535,
      0.43,
      1.595,
      0.4925,
      1.6575,
      0.5525,
      1.7175,
      0.615,
      1.78,
      0.675,
      1.84,
      0.7375,
      1.9025,
      0.7975,
      1.965,
      0.86,
      2.025,
      0.92,
      2.0875,
      0.9825,
      2.1475,
      1.0425
    ],
    "SoftwareVersion": "syngo MR B17",
    "TaskName": "motor",
    "modality": "bold",
    "run_id": "01",
    "session_id": "func04",
    "subject_id": "MSC05",
    "task_id": "motor"
  },
  "dummy_trs": 0,
  "dvars_nstd": 18.065165630873786,
  "dvars_std": 1.2634252586407764,
  "dvars_vstd": 1.0018528628155334,
  "efc": 0.4150568028448934,
  "fber": 39579.01953125,
  "fd_mean": 0.11651471331326219,
  "fd_num": 8,
  "fd_perc": 7.6923076923076925,
  "fwhm_avg": 2.4503131458034564,
  "fwhm_x": 2.1865425,
  "fwhm_y": 2.804725,
  "fwhm_z": 2.3596719374103694,
  "gcor": 0.0200887,
  "gsr_x": -0.009702643379569054,
  "gsr_y": 0.01886792667210102,
  "provenance": {
    "md5sum": "f598260804e9378471d1c684a99d1f18",
    "settings": {
      "fd_thres": 0.2,
      "hmc_fsl": false
    },
    "software": "mriqc",
    "version": "0.9.6"
  },
  "size_t": 104,
  "size_x": 64,
  "size_y": 64,
  "size_z": 36,
  "snr": 5.444404570703239,
  "spacing_tr": 2.200000047683716,
  "spacing_x": 4.0,
  "spacing_y": 4.0,
  "spacing_z": 4.000000953674316,
  "summary_bg_k": 44.940748294783496,
  "summary_bg_mad": 2.252415180206299,
  "summary_bg_mean": 15.308430671691895,
  "summary_bg_median": 3.403846263885498,
  "summary_bg_n": 96124.0,
  "summary_bg_p05": 1.375,
  "summary_bg_p95": 78.42163848876945,
  "summary_bg_stdv": 37.35533142089844,
  "summary_fg_k": 4.987307444774623,
  "summary_fg_mad": 86.63246154785156,
  "summary_fg_mean": 685.2730712890625,
  "summary_fg_median": 699.6057739257812,
  "summary_fg_n": 22586.0,
  "summary_fg_p05": 435.3317565917969,
  "summary_fg_p95": 845.3077087402344,
  "summary_fg_stdv": 128.4971160888672,
  "tsnr": 95.24002838134766
}