{
  "aor": 0.006185961538461538,
  "aqi": 0.011792736826923077,
  "bids_meta": {
    "BodyPartExamined": "HEAD",
    "CogAtlasID": "http://www.cognitiveatlas.org/term/id/trm_550b53d7dd674",
    "ConversionSoftware": "dcm2niix",
    "ConversionSoftwareVersion": "v1.0.20170411 GCC4.4.7",
    "EchoTime": 0.027,
    "EffectiveEchoSpacing": 0.000590001,
    "FlipAngle": 90,
    "ImageType": [
      "ORIGINAL",
      "PRIMARY",
      "M",
      "ND",
      "NORM",
      "MOSAIC"
    ],
    "Instructions": "In this next scan you'll be prompted to move your hands, feet, or tongue. You'll only move one of these at once. Instructions are presented on the screen. Let?s review them now. [Read on-screen instructions to participant.] Do you have any questions?",
    "MagneticFieldStrength": 3,
    "Manufacturer": "Siemens",
    "ManufacturersModelName": "TrioTim",
    "PhaseEncodingDirection": "j-",
    "ProcedureStepDescription": "head_Dosenbach_MSC",
    "ProtocolName": "Motor_104Frames_36Slices_TR2.2",
    "RepetitionTime": 2.2,
    "ScanningSequence": "EP",
    "SequenceName": "_epfid2d1_64",
    "SequenceVariant": "SK",
    "SeriesDescription": "Motor_104Frames_36Slices_TR2.2",
    "SliceTiming": [
      1.105,
      0,
      1.1675,
      0.0625,
      1.2275,
      0.1225,
      1.29,
      0.185,
      1.35,
      0.245,
      1.4125,
      0.3075,
      1.4725,
      0.37,
      1.535,
      0.43,
      1.595,
      0.4925,
      1.6575,
      0.5525,
      1.7175,
      0.615,
      1.78,
      0.675,
      1.84,
      0.7375,
      1.9025,
      0.7975,
      1.965,
      0.86,
      2.025,
      0.92,
      2.0875,
      0.9825,
      2.1475,
      1.0425
    ],
    "SoftwareVersion": "syngo MR B17",
    "TaskName": "motor",
    "modality": "bold",
    "run_id": "02",
    "session_id": "func06",
    "subject_id": "MSC02",
    "task_id": "motor"
  },
  "dummy_trs": 0,
  "dvars_nstd": 19.39704165407767,
  "dvars_std": 1.214755153106796,
  "dvars_vstd": 0.9330941660194179,
  "efc": 0.4215232184992473,
  "fber": 31131.869140625,
  "fd_mean": 0.10251270503477942,
  "fd_num": 6,
  "fd_perc": 5.769230769230769,
  "fwhm_avg": 2.452166944466134,
  "fwhm_x": 2.183575,
  "fwhm_y": 2.842575,
  "fwhm_z": 2.330350833398402,
  "gcor": 0.0135758,
  "gsr_x": -0.015077256597578526,
  "gsr_y": 0.033807769417762756,
  "provenance": {
    "md5sum": "eefd0e213c80f1cb73bbbbf2538af756",
    "settings": {
      "fd_thres": 0.2,
      "hmc_fsl": false
    },
    "software": "mriqc",
    "version": "0.9.6"
  },
  "size_t": 104,
  "size_x": 64,
  "size_y": 64,
  "size_z": 36,
  "snr": 5.0367395685027985,
  "spacing_tr": 2.200000047683716,
  "spacing_x": 4.0,
  "spacing_y": 4.0,
  "spacing_z": 3.9999985694885254,
  "summary_bg_k": 27.771143653809624,
  "summary_bg_mad": 2.6943445205688477,
  "summary_bg_mean": 19.94966697692871,
  "summary_bg_median": 3.951923131942749,
  "summary_bg_n": 96414.0,
  "summary_bg_p05": 1.7403846979141235,
  "summary_bg_p95": 105.98750572204573,
  "summary_bg_stdv": 45.10030746459961,
  "summary_fg_k": 3.8444689648660706,
  "summary_fg_mad": 103.76786041259766,
  "summary_fg_mean": 706.0208740234375,
  "summary_fg_median": 719.923095703125,
  "summary_fg_n": 22351.0,
  "summary_fg_p05": 443.2452087402344,
  "summary_fg_p95": 892.1923217773438,
  "summary_fg_stdv": 142.93115234375,
  "tsnr": 55.07262420654297
}