{
  "bids_meta": {
    "BodyPartExamined": "HEAD",
    "ConversionSoftware": "dcm2niix",
    "ConversionSoftwareVersion": "v1.0.20170411 GCC4.4.7",
    "EchoTime": 0.479,
    "FlipAngle": 120,
    "ImageType": [
      "ORIGINAL",
      "PRIMARY",
      "M",
      "ND",
      "NORM"
    ],
    "MagneticFieldStrength": 3,
    "Manufacturer": "Siemens",
    "ManufacturersModelName": "TrioTim",
    "PhaseEncodingDirection": "i-",
    "ProcedureStepDescription": "head_Dosenbach_MSC",
    "ProtocolName": "T2_.8x.8x.8_224Slices",
    "RepetitionTime": 3.2,
    "ScanningSequence": "SE",
    "SequenceName": "_spc3d1_282ns",
    "SequenceVariant": "SK_SP",
    "SeriesDescription": "T2_.8x.8x.8_224Slices",
    "modality": "T2w",
    "run_id": "01",
    "session_id": "struct01",
    "subject_id": "MSC08"
  },
  "cjv": 0.37449274982407615,
  "cnr": 2.5712566369581693,
  "efc": 0.6048970406338391,
  "fber": 1259.9443359375,
  "fwhm_avg": 2.130438298625213,
  "fwhm_x": 1.9716309934366145,
  "fwhm_y": 2.3620558048780484,
  "fwhm_z": 2.0576280975609755,
  "icvs_csf": 0.40107500626666054,
  "icvs_gm": 0.09720171545190869,
  "icvs_wm": 0.5017232782814308,
  "inu_med": 1.1431139707565308,
  "inu_range": 0.44133730232715607,
  "provenance": {
    "md5sum": "c20256c42e773590532fb7c0b26d1e59",
    "settings": {
      "testing": false
    },
    "software": "mriqc",
    "version": "0.9.6",
    "warnings": {
      "large_rot_frame": true,
      "small_air_mask": false
    }
  },
  "qi_1": 0.009541895250152388,
  "qi_2": 0.0024902875296349725,
  "rpve_csf": 9.65773496945665,
  "rpve_gm": 45.07060235402723,
  "rpve_wm": 8.392314325125534,
  "size_x": 224,
  "size_y": 256,
  "size_z": 256,
  "snr_csf": 8.67695223772613,
  "snr_gm": 4.079534452724352,
  "snr_total": 6.5421546677264795,
  "snr_wm": 6.869977312728958,
  "snrd_csf": 37.56467862068023,
  "snrd_gm": 67.71723837823446,
  "snrd_total": 43.08289152093827,
  "snrd_wm": 23.966757563900114,
  "spacing_x": 0.7999975681304932,
  "spacing_y": 0.80078125,
  "spacing_z": 0.80078125,
  "summary_bg_k": 148.2508548265718,
  "summary_bg_mad": 27.334667205810547,
  "summary_bg_mean": 34.8668327331543,
  "summary_bg_median": 28.001005172729492,
  "summary_bg_n": 3718090.0,
  "summary_bg_p05": 0.0,
  "summary_bg_p95": 96.264835357666,
  "summary_bg_stdv": 56.337276458740234,
  "summary_csf_k": 0.3835220788363727,
  "summary_csf_mad": 173.17291259765625,
  "summary_csf_mean": 1567.25,
  "summary_csf_median": 1567.334716796875,
  "summary_csf_n": 92736.0,
  "summary_csf_p05": 1270.4359741210938,
  "summary_csf_p95": 1863.4445190429688,
  "summary_csf_stdv": 180.63096618652344,
  "summary_gm_k": 1.4529038063983917,
  "summary_gm_mad": 539.5620727539062,
  "summary_gm_mean": 2727.6611328125,
  "summary_gm_median": 2825.408935546875,
  "summary_gm_n": 24076.0,
  "summary_gm_p05": 1348.993408203125,
  "summary_gm_p95": 3700.4400634765625,
  "summary_gm_stdv": 692.5668334960938,
  "summary_wm_k": 0.12767522099783646,
  "summary_wm_mad": 144.04779052734375,
  "summary_wm_mean": 1000.4284057617188,
  "summary_wm_median": 999.9801025390625,
  "summary_wm_n": 351694.0,
  "summary_wm_p05": 763.0145233154296,
  "summary_wm_p95": 1240.4972595214842,
  "summary_wm_stdv": 145.5577850341797,
  "tpm_overlap_csf": 0.11186555027961731,
  "tpm_overlap_gm": 0.09170976281166077,
  "tpm_overlap_wm": 0.4757540822029114,
  "wm2max": 0.29113267879883115
}