{
  "aor": 0.002982019230769231,
  "aqi": 0.004993215,
  "bids_meta": {
    "BodyPartExamined": "HEAD",
    "CogAtlasID": "http://www.cognitiveatlas.org/term/id/trm_550b53d7dd674",
    "ConversionSoftware": "dcm2niix",
    "ConversionSoftwareVersion": "v1.0.20170411 GCC4.4.7",
    "EchoTime": 0.027,
    "EffectiveEchoSpacing": 0.000590001,
    "FlipAngle": 90,
    "ImageType": [
      "ORIGINAL",
      "PRIMARY",
      "M",
      "ND",
      "NORM",
      "MOSAIC"
    ],
    "Instructions": "In this next scan you'll be prompted to move your hands, feet, or tongue. You'll only move one of these at once. Instructions are presented on the screen. Let?s review them now. [Read on-screen instructions to participant.] Do you have any questions?",
    "MagneticFieldStrength": 3,
    "Manufacturer": "Siemens",
    "ManufacturersModelName": "TrioTim",
    "PhaseEncodingDirection": "j-",
    "ProcedureStepDescription": "head_Dosenbach_MSC",
    "ProtocolName": "Motor_104Frames_36Slices_TR2.2",
    "RepetitionTime": 2.2,
    "ScanningSequence": "EP",
    "SequenceName": "_epfid2d1_64",
    "SequenceVariant": "SK",
    "SeriesDescription": "Motor_104Frames_36Slices_TR2.2",
    "SliceTiming": [
      1.105,
      0,
      1.1675,
      0.0625,
      1.2275,
      0.1225,
      1.29,
      0.185,
      1.35,
      0.245,
      1.4125,
      0.3075,
      1.4725,
      0.37,
      1.535,
      0.43,
      1.595,
      0.4925,
      1.6575,
      0.5525,
      1.7175,
      0.615,
      1.78,
      0.675,
      1.84,
      0.7375,
      1.9025,
      0.7975,
      1.965,
      0.86,
      2.025,
      0.92,
      2.0875,
      0.9825,
      2.1475,
      1.0425
    ],
    "SoftwareVersion": "syngo MR B17",
    "TaskName": "motor",
    "modality": "bold",
    "run_id": "02",
    "session_id": "func04",
    "subject_id": "MSC10",
    "task_id": "motor"
  },
  "dummy_trs": 0,
  "dvars_nstd": 20.166475138737862,
  "dvars_std": 1.2319069402912621,
  "dvars_vstd": 1.0001921132038833,
  "efc": 0.4190038669970491,
  "fber": 32067.359375,
  "fd_mean": 0.2002133867417949,
  "fd_num": 40,
  "fd_perc": 38.46153846153846,
  "fwhm_avg": 2.4461211944963273,
  "fwhm_x": 2.2540975,
  "fwhm_y": 2.812025,
  "fwhm_z": 2.2722410834889812,
  "gcor": 0.0539411,
  "gsr_x": -0.013220932334661484,
  "gsr_y": 0.016217505559325218,
  "provenance": {
    "md5sum": "95c8670541a91a61b15ec1a3a299c401",
    "settings": {
      "fd_thres": 0.2,
      "hmc_fsl": false
    },
    "software": "mriqc",
    "version": "0.9.6"
  },
  "size_t": 104,
  "size_x": 64,
  "size_y": 64,
  "size_z": 36,
  "snr": 4.6567642040310355,
  "spacing_tr": 2.200000047683716,
  "spacing_x": 4.0,
  "spacing_y": 4.0,
  "spacing_z": 3.999998092651367,
  "summary_bg_k": 48.006632485223,
  "summary_bg_mad": 2.509019136428833,
  "summary_bg_mean": 16.094667434692383,
  "summary_bg_median": 3.788461685180664,
  "summary_bg_n": 95571.0,
  "summary_bg_p05": 1.6634615659713745,
  "summary_bg_p95": 82.06250381469727,
  "summary_bg_stdv": 39.49824142456055,
  "summary_fg_k": 3.6586163427338922,
  "summary_fg_mad": 106.4337158203125,
  "summary_fg_mean": 694.0148315429688,
  "summary_fg_median": 710.8173217773438,
  "summary_fg_n": 22596.0,
  "summary_fg_p05": 402.4759826660156,
  "summary_fg_p95": 890.12744140625,
  "summary_fg_stdv": 152.63851928710938,
  "tsnr": 74.62337493896484
}