{
  "aor": 0.002359804400977995,
  "aqi": 0.011028802762836184,
  "bids_meta": {
    "BodyPartExamined": "HEAD",
    "CogAtlasID": "http://www.cognitiveatlas.org/term/id/trm_4c8a834779883",
    "ConversionSoftware": "dcm2niix",
    "ConversionSoftwareVersion": "v1.0.20170411 GCC4.4.7",
    "EchoTime": 0.027,
    "EffectiveEchoSpacing": 0.000590001,
    "FlipAngle": 90,
    "ImageType": [
      "ORIGINAL",
      "PRIMARY",
      "M",
      "ND",
      "NORM",
      "MOSAIC"
    ],
    "Instructions": "During this first scan, a plus sign will be presented on the screen.  All you need to do is simply relax and look at the plus sign. Please keep your eyes open the entire time, and be as still as possible. It's extremely important that you stay awake for the entire duration of this scan. This scan will last ~30 minutes.",
    "MagneticFieldStrength": 3,
    "Manufacturer": "Siemens",
    "ManufacturersModelName": "TrioTim",
    "PhaseEncodingDirection": "j-",
    "ProcedureStepDescription": "head_Dosenbach_MSC",
    "ProtocolName": "RSFC_818Frames_36Slices_TR2.2",
    "RepetitionTime": 2.2,
    "ScanningSequence": "EP",
    "SequenceName": "_epfid2d1_64",
    "SequenceVariant": "SK",
    "SeriesDescription": "RSFC_818Frames_36Slices_TR2.2",
    "SliceTiming": [
      1.105,
      0,
      1.165,
      0.06,
      1.2275,
      0.1225,
      1.2875,
      0.185,
      1.35,
      0.245,
      1.41,
      0.3075,
      1.4725,
      0.3675,
      1.5325,
      0.43,
      1.595,
      0.49,
      1.655,
      0.5525,
      1.7175,
      0.6125,
      1.78,
      0.675,
      1.84,
      0.735,
      1.9025,
      0.7975,
      1.9625,
      0.8575,
      2.025,
      0.92,
      2.085,
      0.9825,
      2.1475,
      1.0425
    ],
    "SoftwareVersion": "syngo MR B17",
    "TaskName": "rest",
    "modality": "bold",
    "session_id": "func08",
    "subject_id": "MSC05",
    "task_id": "rest"
  },
  "dummy_trs": 0,
  "dvars_nstd": 18.50675876926559,
  "dvars_std": 1.2136428800856782,
  "dvars_vstd": 0.950894309020807,
  "efc": 0.4241047791792298,
  "fber": 30145.439453125,
  "fd_mean": 0.16747476333952993,
  "fd_num": 263,
  "fd_perc": 32.15158924205379,
  "fwhm_avg": 2.5333652388885333,
  "fwhm_x": 2.257015,
  "fwhm_y": 2.93835,
  "fwhm_z": 2.4047307166656005,
  "gcor": 0.0529779,
  "gsr_x": -0.013686159625649452,
  "gsr_y": 0.014846406877040863,
  "provenance": {
    "md5sum": "8e28f0f5c4e9d0f2bec66b2e73e89543",
    "settings": {
      "fd_thres": 0.2,
      "hmc_fsl": false
    },
    "software": "mriqc",
    "version": "0.9.6"
  },
  "size_t": 818,
  "size_x": 64,
  "size_y": 64,
  "size_z": 36,
  "snr": 5.283490416528564,
  "spacing_tr": 2.200000047683716,
  "spacing_x": 4.0,
  "spacing_y": 4.0,
  "spacing_z": 3.9999988079071045,
  "summary_bg_k": 39.687106333168906,
  "summary_bg_mad": 3.572382688522339,
  "summary_bg_mean": 18.174741744995117,
  "summary_bg_median": 4.19193172454834,
  "summary_bg_n": 95294.0,
  "summary_bg_p05": 1.2555012702941895,
  "summary_bg_p95": 87.11644783020003,
  "summary_bg_stdv": 43.346004486083984,
  "summary_fg_k": 4.43542745255695,
  "summary_fg_mad": 97.06700897216797,
  "summary_fg_mean": 739.1568603515625,
  "summary_fg_median": 758.5305786132812,
  "summary_fg_n": 23095.0,
  "summary_fg_p05": 457.9538116455078,
  "summary_fg_p95": 914.395751953125,
  "summary_fg_stdv": 143.56307983398438,
  "tsnr": 56.49169921875
}