{
  "bids_meta": {
    "BodyPartExamined": "HEAD",
    "ConversionSoftware": "dcm2niix",
    "ConversionSoftwareVersion": "v1.0.20170411 GCC4.4.7",
    "EchoTime": 0.00374,
    "FlipAngle": 8,
    "ImageType": [
      "ORIGINAL",
      "PRIMARY",
      "M",
      "ND",
      "NORM"
    ],
    "InversionTime": 1,
    "MagneticFieldStrength": 3,
    "Manufacturer": "Siemens",
    "ManufacturersModelName": "TrioTim",
    "PhaseEncodingDirection": "i-",
    "ProcedureStepDescription": "head_Dosenbach_MSC",
    "ProtocolName": "T1_.8x.8x.8_224Slices",
    "RepetitionTime": 2.4,
    "ScanningSequence": "GR_IR",
    "SequenceName": "_tfl3d1_ns",
    "SequenceVariant": "SP_MP_OSP",
    "SeriesDescription": "T1_.8x.8x.8_224Slices",
    "modality": "T1w",
    "run_id": "02",
    "session_id": "struct02",
    "subject_id": "MSC03"
  },
  "cjv": 0.5542352404341504,
  "cnr": 2.389881639812134,
  "efc": 0.6009697275267218,
  "fber": 650.8644409179688,
  "fwhm_avg": 3.338688195460621,
  "fwhm_x": 3.4267869278452765,
  "fwhm_y": 3.4422259512195126,
  "fwhm_z": 3.1470517073170727,
  "icvs_csf": 0.17025658401531804,
  "icvs_gm": 0.4298757685503966,
  "icvs_wm": 0.3998676474342853,
  "inu_med": 1.0006515979766846,
  "inu_range": 0.4247434139251707,
  "provenance": {
    "md5sum": "f5f1fdb001626ec297a8c4e693f19df9",
    "mriqc_pred": 0,
    "settings": {
      "testing": false
    },
    "software": "mriqc",
    "version": "0.9.6",
    "warnings": {
      "large_rot_frame": true,
      "small_air_mask": false
    }
  },
  "qi_1": 0.0,
  "qi_2": 0.004492263455843026,
  "rpve_csf": 22.295201414358683,
  "rpve_gm": 9.688239991503583,
  "rpve_wm": 12.028262270828282,
  "size_x": 224,
  "size_y": 256,
  "size_z": 256,
  "snr_csf": 2.690239773062197,
  "snr_gm": 9.671316283247128,
  "snr_total": 9.486638421306361,
  "snr_wm": 16.09835920760976,
  "snrd_csf": 14.047466223142417,
  "snrd_gm": 27.718052506867622,
  "snrd_total": 26.13836306034824,
  "snrd_wm": 36.64957045103469,
  "spacing_x": 0.8000030517578125,
  "spacing_y": 0.80078125,
  "spacing_z": 0.80078125,
  "summary_bg_k": 3.2068214562983677,
  "summary_bg_mad": 17.876197814941406,
  "summary_bg_mean": 29.415828704833984,
  "summary_bg_median": 25.299842834472656,
  "summary_bg_n": 4514684.0,
  "summary_bg_p05": 4.238494420051575,
  "summary_bg_p95": 68.60463447570798,
  "summary_bg_stdv": 20.602468490600586,
  "summary_csf_k": -0.06651980003176616,
  "summary_csf_mad": 146.13780212402344,
  "summary_csf_mean": 410.0776062011719,
  "summary_csf_median": 383.30230712890625,
  "summary_csf_n": 32013.0,
  "summary_csf_p05": 218.93343505859374,
  "summary_csf_p95": 656.8804565429687,
  "summary_csf_stdv": 142.4766387939453,
  "summary_gm_k": 0.27315002696607626,
  "summary_gm_mad": 75.42825317382812,
  "summary_gm_mean": 760.1715087890625,
  "summary_gm_median": 756.3209838867188,
  "summary_gm_n": 47302.0,
  "summary_gm_p05": 637.9530822753907,
  "summary_gm_p95": 895.3720184326172,
  "summary_gm_stdv": 78.20166015625,
  "summary_wm_k": 0.5191266946883322,
  "summary_wm_mad": 59.642974853515625,
  "summary_wm_mean": 1001.0728759765625,
  "summary_wm_median": 1000.0283813476562,
  "summary_wm_n": 435006.0,
  "summary_wm_p05": 901.1648101806641,
  "summary_wm_p95": 1104.1143188476562,
  "summary_wm_stdv": 62.11982345581055,
  "tpm_overlap_csf": 0.2284349650144577,
  "tpm_overlap_gm": 0.4994939863681793,
  "tpm_overlap_wm": 0.5326582193374634,
  "wm2max": 0.6048473893589112
}