{
  "aor": 0.0035175961538461537,
  "aqi": 0.004810488846153847,
  "bids_meta": {
    "BodyPartExamined": "HEAD",
    "CogAtlasID": "http://www.cognitiveatlas.org/term/id/trm_550b53d7dd674",
    "ConversionSoftware": "dcm2niix",
    "ConversionSoftwareVersion": "v1.0.20170411 GCC4.4.7",
    "EchoTime": 0.027,
    "EffectiveEchoSpacing": 0.000590001,
    "FlipAngle": 90,
    "ImageType": [
      "ORIGINAL",
      "PRIMARY",
      "M",
      "ND",
      "NORM",
      "MOSAIC"
    ],
    "Instructions": "In this next scan you'll be prompted to move your hands, feet, or tongue. You'll only move one of these at once. Instructions are presented on the screen. Let?s review them now. [Read on-screen instructions to participant.] Do you have any questions?",
    "MagneticFieldStrength": 3,
    "Manufacturer": "Siemens",
    "ManufacturersModelName": "TrioTim",
    "PhaseEncodingDirection": "j-",
    "ProcedureStepDescription": "head_Dosenbach_MSC",
    "ProtocolName": "Motor_104Frames_36Slices_TR2.2",
    "RepetitionTime": 2.2,
    "ScanningSequence": "EP",
    "SequenceName": "_epfid2d1_64",
    "SequenceVariant": "SK",
    "SeriesDescription": "Motor_104Frames_36Slices_TR2.2",
    "SliceTiming": [
      1.105,
      0,
      1.1675,
      0.0625,
      1.2275,
      0.1225,
      1.29,
      0.185,
      1.35,
      0.245,
      1.4125,
      0.3075,
      1.4725,
      0.37,
      1.535,
      0.43,
      1.595,
      0.4925,
      1.6575,
      0.5525,
      1.7175,
      0.615,
      1.78,
      0.675,
      1.84,
      0.7375,
      1.9025,
      0.7975,
      1.965,
      0.86,
      2.025,
      0.92,
      2.0875,
      0.9825,
      2.1475,
      1.0425
    ],
    "SoftwareVersion": "syngo MR B17",
    "TaskName": "motor",
    "modality": "bold",
    "run_id": "02",
    "session_id": "func01",
    "subject_id": "MSC05",
    "task_id": "motor"
  },
  "dummy_trs": 0,
  "dvars_nstd": 16.16624505349515,
  "dvars_std": 1.2034731381553403,
  "dvars_vstd": 0.9966892122330099,
  "efc": 0.4089822328917402,
  "fber": 43683.43359375,
  "fd_mean": 0.1227099936459416,
  "fd_num": 6,
  "fd_perc": 5.769230769230769,
  "fwhm_avg": 2.516033674684443,
  "fwhm_x": 2.213235131919094,
  "fwhm_y": 2.926700174444924,
  "fwhm_z": 2.4081657176893105,
  "gcor": 0.024118,
  "gsr_x": -0.005131434183567762,
  "gsr_y": 0.022353343665599823,
  "provenance": {
    "md5sum": "1144d46963a878f75d4f0269ba0a7ff9",
    "settings": {
      "fd_thres": 0.2,
      "hmc_fsl": false
    },
    "software": "mriqc",
    "version": "0.9.6"
  },
  "size_t": 104,
  "size_x": 64,
  "size_y": 64,
  "size_z": 36,
  "snr": 5.481942900720255,
  "spacing_tr": 2.200000047683716,
  "spacing_x": 3.999999761581421,
  "spacing_y": 3.999999761581421,
  "spacing_z": 3.9999988079071045,
  "summary_bg_k": 47.038327759560076,
  "summary_bg_mad": 2.1098570823669434,
  "summary_bg_mean": 14.670134544372559,
  "summary_bg_median": 3.326923131942749,
  "summary_bg_n": 96976.0,
  "summary_bg_p05": 1.336538553237915,
  "summary_bg_p95": 75.98077392578125,
  "summary_bg_stdv": 36.52809524536133,
  "summary_fg_k": 4.611784376337113,
  "summary_fg_mad": 90.9662094116211,
  "summary_fg_mean": 699.6173706054688,
  "summary_fg_median": 716.0,
  "summary_fg_n": 22169.0,
  "summary_fg_p05": 450.5904052734375,
  "summary_fg_p95": 863.8712036132813,
  "summary_fg_stdv": 130.60768127441406,
  "tsnr": 86.75511932373047
}