{
  "bids_meta": {
    "BodyPartExamined": "HEAD",
    "ConversionSoftware": "dcm2niix",
    "ConversionSoftwareVersion": "v1.0.20170411 GCC4.4.7",
    "EchoTime": 0.00374,
    "FlipAngle": 8,
    "ImageType": [
      "ORIGINAL",
      "PRIMARY",
      "M",
      "ND",
      "NORM"
    ],
    "InversionTime": 1,
    "MagneticFieldStrength": 3,
    "Manufacturer": "Siemens",
    "ManufacturersModelName": "TrioTim",
    "PhaseEncodingDirection": "i-",
    "ProcedureStepDescription": "head_Dosenbach_MSC",
    "ProtocolName": "T1_.8x.8x.8_224Slices",
    "RepetitionTime": 2.4,
    "ScanningSequence": "GR_IR",
    "SequenceName": "_tfl3d1_ns",
    "SequenceVariant": "SP_MP_OSP",
    "SeriesDescription": "T1_.8x.8x.8_224Slices",
    "modality": "T1w",
    "run_id": "01",
    "session_id": "struct01",
    "subject_id": "MSC02"
  },
  "cjv": 0.7560214215078624,
  "cnr": 1.787682487161377,
  "efc": 0.6762585975153006,
  "fber": 337.6661071777344,
  "fwhm_avg": 3.4360867134365343,
  "fwhm_x": 3.5185906768949686,
  "fwhm_y": 3.566042536585366,
  "fwhm_z": 3.2236269268292683,
  "icvs_csf": 0.18729809016757576,
  "icvs_gm": 0.39217703465342424,
  "icvs_wm": 0.420524875179,
  "inu_med": 1.0839149951934814,
  "inu_range": 0.5730315327644349,
  "provenance": {
    "md5sum": "7629252e7e3f7e9343b4be8778067982",
    "mriqc_pred": 0,
    "settings": {
      "testing": false
    },
    "software": "mriqc",
    "version": "0.9.6",
    "warnings": {
      "large_rot_frame": true,
      "small_air_mask": false
    }
  },
  "qi_1": 0.0,
  "qi_2": 0.003313312113276314,
  "rpve_csf": 16.78523551227272,
  "rpve_gm": 8.195268235734913,
  "rpve_wm": 9.136170392361773,
  "size_x": 224,
  "size_y": 256,
  "size_z": 256,
  "snr_csf": 2.5645144591949145,
  "snr_gm": 8.318641729767572,
  "snr_total": 8.127856635433304,
  "snr_wm": 13.500413717337421,
  "snrd_csf": 9.907943969674688,
  "snrd_gm": 21.672865856503115,
  "snrd_total": 19.77806075255779,
  "snrd_wm": 27.753372431495563,
  "spacing_x": 0.7999964356422424,
  "spacing_y": 0.80078125,
  "spacing_z": 0.80078125,
  "summary_bg_k": 4.49526280027513,
  "summary_bg_mad": 23.60740852355957,
  "summary_bg_mean": 39.28922653198242,
  "summary_bg_median": 34.089073181152344,
  "summary_bg_n": 3450572.0,
  "summary_bg_p05": 7.384801387786865,
  "summary_bg_p95": 90.30023269653316,
  "summary_bg_stdv": 26.854345321655273,
  "summary_csf_k": 6.543118418306916,
  "summary_csf_mad": 124.46234893798828,
  "summary_csf_mean": 380.3222351074219,
  "summary_csf_median": 357.0262451171875,
  "summary_csf_n": 63853.0,
  "summary_csf_p05": 196.41506958007812,
  "summary_csf_p95": 632.1215209960935,
  "summary_csf_stdv": 139.21678161621094,
  "summary_gm_k": 0.06049527881237049,
  "summary_gm_mad": 93.94190979003906,
  "summary_gm_mean": 783.4454345703125,
  "summary_gm_median": 780.9674682617188,
  "summary_gm_n": 42367.0,
  "summary_gm_p05": 633.8759643554688,
  "summary_gm_p95": 941.8248901367188,
  "summary_gm_stdv": 93.88050079345703,
  "summary_wm_k": 0.3712792134387568,
  "summary_wm_mad": 71.70771789550781,
  "summary_wm_mean": 1002.5110473632812,
  "summary_wm_median": 1000.0745239257812,
  "summary_wm_n": 603896.0,
  "summary_wm_p05": 885.2488555908203,
  "summary_wm_p95": 1127.8193359375,
  "summary_wm_stdv": 74.07726287841797,
  "tpm_overlap_csf": 0.23093542456626892,
  "tpm_overlap_gm": 0.4721306264400482,
  "tpm_overlap_wm": 0.5442854166030884,
  "wm2max": 0.5620969432785327
}