{
  "bids_meta": {
    "BodyPartExamined": "HEAD",
    "ConversionSoftware": "dcm2niix",
    "ConversionSoftwareVersion": "v1.0.20170411 GCC4.4.7",
    "EchoTime": 0.479,
    "FlipAngle": 120,
    "ImageType": [
      "ORIGINAL",
      "PRIMARY",
      "M",
      "ND",
      "NORM"
    ],
    "MagneticFieldStrength": 3,
    "Manufacturer": "Siemens",
    "ManufacturersModelName": "TrioTim",
    "PhaseEncodingDirection": "i-",
    "ProcedureStepDescription": "head_Dosenbach_MSC",
    "ProtocolName": "T2_.8x.8x.8_224Slices",
    "RepetitionTime": 3.2,
    "ScanningSequence": "SE",
    "SequenceName": "_spc3d1_282ns",
    "SequenceVariant": "SK_SP",
    "SeriesDescription": "T2_.8x.8x.8_224Slices",
    "modality": "T2w",
    "run_id": "02",
    "session_id": "struct01",
    "subject_id": "MSC02"
  },
  "cjv": 0.8139481622526986,
  "cnr": 1.6660698417997342,
  "efc": 0.620773784923383,
  "fber": 582.7847290039062,
  "fwhm_avg": 2.5617385495605767,
  "fwhm_x": 2.3660226730719742,
  "fwhm_y": 2.8781518048780486,
  "fwhm_z": 2.4410411707317072,
  "icvs_csf": 0.22097615548916746,
  "icvs_gm": 0.6053300866771025,
  "icvs_wm": 0.17369375783372995,
  "inu_med": 1.250016212463379,
  "inu_range": 0.45862269401550293,
  "provenance": {
    "md5sum": "e30b8346113b1a39a92e12be00821b43",
    "settings": {
      "testing": false
    },
    "software": "mriqc",
    "version": "0.9.6",
    "warnings": {
      "large_rot_frame": true,
      "small_air_mask": false
    }
  },
  "qi_1": 0.00014815050211159224,
  "qi_2": 0.0015799151083285752,
  "rpve_csf": 13.07952819342983,
  "rpve_gm": 5.9775197521723715,
  "rpve_wm": 16.82539780300486,
  "size_x": 224,
  "size_y": 256,
  "size_z": 256,
  "snr_csf": 3.873918561906128,
  "snr_gm": 6.3638527104526466,
  "snr_total": 4.982675102351263,
  "snr_wm": 4.710254034695014,
  "snrd_csf": 89.01188175414289,
  "snrd_gm": 33.2776496470653,
  "snrd_total": 47.93603055348867,
  "snrd_wm": 21.51856025925779,
  "spacing_x": 0.800000786781311,
  "spacing_y": 0.80078125,
  "spacing_z": 0.80078125,
  "summary_bg_k": 48.829507788954324,
  "summary_bg_mad": 30.44517707824707,
  "summary_bg_mean": 53.679386138916016,
  "summary_bg_median": 35.58196258544922,
  "summary_bg_n": 4147808.0,
  "summary_bg_p05": 0.0,
  "summary_bg_p95": 154.6670021057129,
  "summary_bg_stdv": 58.816383361816406,
  "summary_csf_k": -0.42055598982465314,
  "summary_csf_mad": 1074.13232421875,
  "summary_csf_mean": 3881.435791015625,
  "summary_csf_median": 4136.5166015625,
  "summary_csf_n": 73914.0,
  "summary_csf_p05": 1974.1828796386717,
  "summary_csf_p95": 5225.040258789062,
  "summary_csf_stdv": 1067.7789306640625,
  "summary_gm_k": 0.1948275307035794,
  "summary_gm_mad": 236.21734619140625,
  "summary_gm_mean": 1556.8927001953125,
  "summary_gm_median": 1546.462646484375,
  "summary_gm_n": 188584.0,
  "summary_gm_p05": 1174.6897705078125,
  "summary_gm_p95": 1975.2182983398438,
  "summary_gm_stdv": 243.00665283203125,
  "summary_wm_k": 0.3777728803140752,
  "summary_wm_mad": 208.57492065429688,
  "summary_wm_mean": 996.23388671875,
  "summary_wm_median": 1000.0,
  "summary_wm_n": 13571.0,
  "summary_wm_p05": 644.3123168945312,
  "summary_wm_p95": 1335.885986328125,
  "summary_wm_stdv": 212.29495239257812,
  "tpm_overlap_csf": 0.19776861369609833,
  "tpm_overlap_gm": 0.43980497121810913,
  "tpm_overlap_wm": 0.26962217688560486,
  "wm2max": 0.19330147874092604
}