{
  "bids_meta": {
    "BodyPartExamined": "HEAD",
    "ConversionSoftware": "dcm2niix",
    "ConversionSoftwareVersion": "v1.0.20170411 GCC4.4.7",
    "EchoTime": 0.00374,
    "FlipAngle": 8,
    "ImageType": [
      "ORIGINAL",
      "PRIMARY",
      "M",
      "ND",
      "NORM"
    ],
    "InversionTime": 1,
    "MagneticFieldStrength": 3,
    "Manufacturer": "Siemens",
    "ManufacturersModelName": "TrioTim",
    "PhaseEncodingDirection": "i-",
    "ProcedureStepDescription": "head_Dosenbach_MSC",
    "ProtocolName": "T1_.8x.8x.8_224Slices",
    "RepetitionTime": 2.4,
    "ScanningSequence": "GR_IR",
    "SequenceName": "_tfl3d1_ns",
    "SequenceVariant": "SP_MP_OSP",
    "SeriesDescription": "T1_.8x.8x.8_224Slices",
    "modality": "T1w",
    "run_id": "01",
    "session_id": "struct01",
    "subject_id": "MSC05"
  },
  "cjv": 0.6795686383068034,
  "cnr": 1.9432660311131285,
  "efc": 0.6375608064988818,
  "fber": 671.351806640625,
  "fwhm_avg": 3.636068936440098,
  "fwhm_x": 3.697623394686147,
  "fwhm_y": 3.74873912195122,
  "fwhm_z": 3.461844292682927,
  "icvs_csf": 0.1710781313507145,
  "icvs_gm": 0.39392978214445584,
  "icvs_wm": 0.4349920865048297,
  "inu_med": 0.9672974348068237,
  "inu_range": 0.5143097400665284,
  "provenance": {
    "md5sum": "fa2324fae61787b6df2239e62dd6b5b7",
    "mriqc_pred": 0,
    "settings": {
      "testing": false
    },
    "software": "mriqc",
    "version": "0.9.6",
    "warnings": {
      "large_rot_frame": true,
      "small_air_mask": false
    }
  },
  "qi_1": 0.0,
  "qi_2": 0.0019059606194093447,
  "rpve_csf": 17.636715556770216,
  "rpve_gm": 8.102715082915367,
  "rpve_wm": 8.786217354716484,
  "size_x": 224,
  "size_y": 256,
  "size_z": 256,
  "snr_csf": 2.9289412053359754,
  "snr_gm": 8.801654893460835,
  "snr_total": 8.901705690649077,
  "snr_wm": 14.97452097315042,
  "snrd_csf": 16.216588245788987,
  "snrd_gm": 29.356618878798045,
  "snrd_total": 27.724745404847184,
  "snrd_wm": 37.601029089954515,
  "spacing_x": 0.8000030517578125,
  "spacing_y": 0.80078125,
  "spacing_z": 0.80078125,
  "summary_bg_k": 2.811550988177485,
  "summary_bg_mad": 17.42424774169922,
  "summary_bg_mean": 29.37316131591797,
  "summary_bg_median": 25.556743621826172,
  "summary_bg_n": 4368975.0,
  "summary_bg_p05": 3.832584190368652,
  "summary_bg_p95": 67.45698165893555,
  "summary_bg_stdv": 20.076234817504883,
  "summary_csf_k": 0.6754007422537671,
  "summary_csf_mad": 155.26983642578125,
  "summary_csf_mean": 444.5418701171875,
  "summary_csf_median": 431.3023376464844,
  "summary_csf_n": 44146.0,
  "summary_csf_p05": 229.51590728759766,
  "summary_csf_p95": 688.8699645996094,
  "summary_csf_stdv": 147.2537078857422,
  "summary_gm_k": 0.29297175872613046,
  "summary_gm_mad": 84.71392059326172,
  "summary_gm_mean": 787.9716796875,
  "summary_gm_median": 780.7794189453125,
  "summary_gm_n": 49695.0,
  "summary_gm_p05": 653.7765319824218,
  "summary_gm_p95": 947.1157104492186,
  "summary_gm_stdv": 88.70735931396484,
  "summary_wm_k": 0.5192373818774159,
  "summary_wm_mad": 64.2960205078125,
  "summary_wm_mean": 1002.1038208007812,
  "summary_wm_median": 1000.05078125,
  "summary_wm_n": 654691.0,
  "summary_wm_p05": 896.3021240234375,
  "summary_wm_p95": 1114.4451904296875,
  "summary_wm_stdv": 66.78343963623047,
  "tpm_overlap_csf": 0.21428431570529938,
  "tpm_overlap_gm": 0.4767184555530548,
  "tpm_overlap_wm": 0.5448977947235107,
  "wm2max": 0.6206238409053075
}