{
  "aor": 0.0027388461538461538,
  "aqi": 0.004377957500000001,
  "bids_meta": {
    "BodyPartExamined": "HEAD",
    "CogAtlasID": "http://www.cognitiveatlas.org/term/id/trm_550b53d7dd674",
    "ConversionSoftware": "dcm2niix",
    "ConversionSoftwareVersion": "v1.0.20170411 GCC4.4.7",
    "EchoTime": 0.027,
    "EffectiveEchoSpacing": 0.000590001,
    "FlipAngle": 90,
    "ImageType": [
      "ORIGINAL",
      "PRIMARY",
      "M",
      "ND",
      "NORM",
      "MOSAIC"
    ],
    "Instructions": "In this next scan you'll be prompted to move your hands, feet, or tongue. You'll only move one of these at once. Instructions are presented on the screen. Let?s review them now. [Read on-screen instructions to participant.] Do you have any questions?",
    "MagneticFieldStrength": 3,
    "Manufacturer": "Siemens",
    "ManufacturersModelName": "TrioTim",
    "PhaseEncodingDirection": "j-",
    "ProcedureStepDescription": "head_Dosenbach_MSC",
    "ProtocolName": "Motor_104Frames_36Slices_TR2.2",
    "RepetitionTime": 2.2,
    "ScanningSequence": "EP",
    "SequenceName": "_epfid2d1_64",
    "SequenceVariant": "SK",
    "SeriesDescription": "Motor_104Frames_36Slices_TR2.2",
    "SliceTiming": [
      1.105,
      0,
      1.1675,
      0.0625,
      1.2275,
      0.1225,
      1.29,
      0.185,
      1.35,
      0.245,
      1.4125,
      0.3075,
      1.4725,
      0.37,
      1.535,
      0.43,
      1.595,
      0.4925,
      1.6575,
      0.5525,
      1.7175,
      0.615,
      1.78,
      0.675,
      1.84,
      0.7375,
      1.9025,
      0.7975,
      1.965,
      0.86,
      2.025,
      0.92,
      2.0875,
      0.9825,
      2.1475,
      1.0425
    ],
    "SoftwareVersion": "syngo MR B17",
    "TaskName": "motor",
    "modality": "bold",
    "run_id": "02",
    "session_id": "func09",
    "subject_id": "MSC04",
    "task_id": "motor"
  },
  "dummy_trs": 0,
  "dvars_nstd": 18.423981814757283,
  "dvars_std": 1.2522080244660196,
  "dvars_vstd": 0.9758799803883494,
  "efc": 0.3656436175466747,
  "fber": 50466.37890625,
  "fd_mean": 0.12005579801405968,
  "fd_num": 11,
  "fd_perc": 10.576923076923077,
  "fwhm_avg": 2.51808606692761,
  "fwhm_x": 2.3207826383294248,
  "fwhm_y": 2.874375,
  "fwhm_z": 2.359100562453404,
  "gcor": 0.0329316,
  "gsr_x": -0.01700250618159771,
  "gsr_y": 0.011143557727336884,
  "provenance": {
    "md5sum": "6a9b7f52cf9a88ec840eeabcac718b87",
    "settings": {
      "fd_thres": 0.2,
      "hmc_fsl": false
    },
    "software": "mriqc",
    "version": "0.9.6"
  },
  "size_t": 104,
  "size_x": 64,
  "size_y": 64,
  "size_z": 36,
  "snr": 4.579215183822219,
  "spacing_tr": 2.200000047683716,
  "spacing_x": 3.999999761581421,
  "spacing_y": 4.0,
  "spacing_z": 3.9999990463256836,
  "summary_bg_k": 64.77703368567137,
  "summary_bg_mad": 2.0528342723846436,
  "summary_bg_mean": 13.265583992004395,
  "summary_bg_median": 3.336538553237915,
  "summary_bg_n": 101857.0,
  "summary_bg_p05": 1.336538553237915,
  "summary_bg_p95": 56.60769348144529,
  "summary_bg_stdv": 38.218082427978516,
  "summary_fg_k": 3.5770624798524038,
  "summary_fg_mad": 105.99180603027344,
  "summary_fg_mean": 746.0692138671875,
  "summary_fg_median": 778.0625,
  "summary_fg_n": 18022.0,
  "summary_fg_p05": 369.40867614746094,
  "summary_fg_p95": 944.3216766357423,
  "summary_fg_stdv": 169.90704345703125,
  "tsnr": 85.85719299316406
}