{
  "bids_meta": {
    "BodyPartExamined": "HEAD",
    "ConversionSoftware": "dcm2niix",
    "ConversionSoftwareVersion": "v1.0.20170411 GCC4.4.7",
    "EchoTime": 0.479,
    "FlipAngle": 120,
    "ImageType": [
      "ORIGINAL",
      "PRIMARY",
      "M",
      "ND",
      "NORM"
    ],
    "MagneticFieldStrength": 3,
    "Manufacturer": "Siemens",
    "ManufacturersModelName": "TrioTim",
    "PhaseEncodingDirection": "i-",
    "ProcedureStepDescription": "head_Dosenbach_MSC",
    "ProtocolName": "T2_.8x.8x.8_224Slices",
    "RepetitionTime": 3.2,
    "ScanningSequence": "SE",
    "SequenceName": "_spc3d1_282ns",
    "SequenceVariant": "SK_SP",
    "SeriesDescription": "T2_.8x.8x.8_224Slices",
    "modality": "T2w",
    "run_id": "02",
    "session_id": "struct02",
    "subject_id": "MSC06"
  },
  "cjv": 0.30540631099453425,
  "cnr": 3.4314388741586304,
  "efc": 0.6128388212882834,
  "fber": 815.908203125,
  "fwhm_avg": 2.268642070414846,
  "fwhm_x": 2.113208942951855,
  "fwhm_y": 2.5119843902439025,
  "fwhm_z": 2.1807328780487802,
  "icvs_csf": 0.30854176286292373,
  "icvs_gm": 0.07612087199299172,
  "icvs_wm": 0.6153373651440845,
  "inu_med": 1.2396314144134521,
  "inu_range": 0.38642988204956064,
  "provenance": {
    "md5sum": "3849e1db06b9d0e2d69bfafc7457074d",
    "settings": {
      "testing": false
    },
    "software": "mriqc",
    "version": "0.9.6",
    "warnings": {
      "large_rot_frame": true,
      "small_air_mask": false
    }
  },
  "qi_1": 0.0,
  "qi_2": 0.005838751004544194,
  "rpve_csf": 10.51447481421761,
  "rpve_gm": 58.64117007411909,
  "rpve_wm": 6.671620221776763,
  "size_x": 224,
  "size_y": 256,
  "size_z": 256,
  "snr_csf": 6.456038361840756,
  "snr_gm": 5.4608943901796865,
  "snr_total": 6.052741102568206,
  "snr_wm": 6.241290555684174,
  "snrd_csf": 56.31906770411427,
  "snrd_gm": 94.67783563991692,
  "snrd_total": 61.15250082495019,
  "snrd_wm": 32.46059913081938,
  "spacing_x": 0.7999966144561768,
  "spacing_y": 0.80078125,
  "spacing_z": 0.80078125,
  "summary_bg_k": 4.422363137250214,
  "summary_bg_mad": 20.18593978881836,
  "summary_bg_mean": 34.63323974609375,
  "summary_bg_median": 25.1416072845459,
  "summary_bg_n": 3540395.0,
  "summary_bg_p05": 0.0,
  "summary_bg_p95": 98.47251205444331,
  "summary_bg_stdv": 32.73595428466797,
  "summary_csf_k": 1.4123979897302466,
  "summary_csf_mad": 228.763427734375,
  "summary_csf_mean": 1766.222412109375,
  "summary_csf_median": 1735.2926025390625,
  "summary_csf_n": 72175.0,
  "summary_csf_p05": 1387.093212890625,
  "summary_csf_p95": 2273.998291015625,
  "summary_csf_stdv": 268.78411865234375,
  "summary_gm_k": 4.2580356445684915,
  "summary_gm_mad": 427.6851501464844,
  "summary_gm_mean": 2933.53125,
  "summary_gm_median": 2917.19580078125,
  "summary_gm_n": 24198.0,
  "summary_gm_p05": 2150.8992553710937,
  "summary_gm_p95": 3731.8553955078123,
  "summary_gm_stdv": 534.1864013671875,
  "summary_wm_k": 0.14441277239305217,
  "summary_wm_mad": 157.78665161132812,
  "summary_wm_mean": 1008.001953125,
  "summary_wm_median": 1000.169921875,
  "summary_wm_n": 606386.0,
  "summary_wm_p05": 758.3222351074219,
  "summary_wm_p95": 1283.5367736816406,
  "summary_wm_stdv": 160.2503662109375,
  "tpm_overlap_csf": 0.12558741867542267,
  "tpm_overlap_gm": 0.06718607246875763,
  "tpm_overlap_wm": 0.4716343283653259,
  "wm2max": 0.2765409677591339
}