{
  "aor": 0.0027747115384615384,
  "aqi": 0.003918838365384616,
  "bids_meta": {
    "BodyPartExamined": "HEAD",
    "CogAtlasID": "http://www.cognitiveatlas.org/term/id/trm_550b53d7dd674",
    "ConversionSoftware": "dcm2niix",
    "ConversionSoftwareVersion": "v1.0.20170411 GCC4.4.7",
    "EchoTime": 0.027,
    "EffectiveEchoSpacing": 0.000590001,
    "FlipAngle": 90,
    "ImageType": [
      "ORIGINAL",
      "PRIMARY",
      "M",
      "ND",
      "NORM",
      "MOSAIC"
    ],
    "Instructions": "In this next scan you'll be prompted to move your hands, feet, or tongue. You'll only move one of these at once. Instructions are presented on the screen. Let?s review them now. [Read on-screen instructions to participant.] Do you have any questions?",
    "MagneticFieldStrength": 3,
    "Manufacturer": "Siemens",
    "ManufacturersModelName": "TrioTim",
    "PhaseEncodingDirection": "j-",
    "ProcedureStepDescription": "head_Dosenbach_MSC",
    "ProtocolName": "Motor_104Frames_36Slices_TR2.2",
    "RepetitionTime": 2.2,
    "ScanningSequence": "EP",
    "SequenceName": "_epfid2d1_64",
    "SequenceVariant": "SK",
    "SeriesDescription": "Motor_104Frames_36Slices_TR2.2",
    "SliceTiming": [
      1.105,
      0,
      1.1675,
      0.0625,
      1.2275,
      0.1225,
      1.29,
      0.185,
      1.35,
      0.245,
      1.4125,
      0.3075,
      1.4725,
      0.37,
      1.535,
      0.43,
      1.595,
      0.4925,
      1.6575,
      0.5525,
      1.7175,
      0.615,
      1.78,
      0.675,
      1.84,
      0.7375,
      1.9025,
      0.7975,
      1.965,
      0.86,
      2.025,
      0.92,
      2.0875,
      0.9825,
      2.1475,
      1.0425
    ],
    "SoftwareVersion": "syngo MR B17",
    "TaskName": "motor",
    "modality": "bold",
    "run_id": "01",
    "session_id": "func06",
    "subject_id": "MSC06",
    "task_id": "motor"
  },
  "dummy_trs": 0,
  "dvars_nstd": 20.68729173805825,
  "dvars_std": 1.4066708273786412,
  "dvars_vstd": 1.0190147669902911,
  "efc": 0.3991577503283919,
  "fber": 36549.20703125,
  "fd_mean": 0.09481611937256972,
  "fd_num": 5,
  "fd_perc": 4.8076923076923075,
  "fwhm_avg": 2.4531611604548864,
  "fwhm_x": 2.2085275,
  "fwhm_y": 2.798875,
  "fwhm_z": 2.3520809813646597,
  "gcor": 0.0515583,
  "gsr_x": -0.013293363153934479,
  "gsr_y": 0.020651651546359062,
  "provenance": {
    "md5sum": "679def6d6238e779ff04719c724ed0a1",
    "settings": {
      "fd_thres": 0.2,
      "hmc_fsl": false
    },
    "software": "mriqc",
    "version": "0.9.6"
  },
  "size_t": 104,
  "size_x": 64,
  "size_y": 64,
  "size_z": 36,
  "snr": 5.020424570022497,
  "spacing_tr": 2.200000047683716,
  "spacing_x": 4.0,
  "spacing_y": 4.0,
  "spacing_z": 3.9999983310699463,
  "summary_bg_k": 60.24707630288016,
  "summary_bg_mad": 2.0956015586853027,
  "summary_bg_mean": 13.85575008392334,
  "summary_bg_median": 3.413461685180664,
  "summary_bg_n": 97995.0,
  "summary_bg_p05": 1.567307710647583,
  "summary_bg_p95": 65.90673294067386,
  "summary_bg_stdv": 33.326385498046875,
  "summary_fg_k": 4.288557688640568,
  "summary_fg_mad": 93.71758270263672,
  "summary_fg_mean": 662.6439208984375,
  "summary_fg_median": 677.8846435546875,
  "summary_fg_n": 20959.0,
  "summary_fg_p05": 402.1654022216797,
  "summary_fg_p95": 835.2558288574219,
  "summary_fg_stdv": 135.0221405029297,
  "tsnr": 90.86154174804688
}