{
  "bids_meta": {
    "BodyPartExamined": "HEAD",
    "ConversionSoftware": "dcm2niix",
    "ConversionSoftwareVersion": "v1.0.20170411 GCC4.4.7",
    "EchoTime": 0.00374,
    "FlipAngle": 8,
    "ImageType": [
      "ORIGINAL",
      "PRIMARY",
      "M",
      "ND",
      "NORM"
    ],
    "InversionTime": 1,
    "MagneticFieldStrength": 3,
    "Manufacturer": "Siemens",
    "ManufacturersModelName": "TrioTim",
    "PhaseEncodingDirection": "i-",
    "ProcedureStepDescription": "head_Dosenbach_MSC",
    "ProtocolName": "T1_.8x.8x.8_224Slices",
    "RepetitionTime": 2.4,
    "ScanningSequence": "GR_IR",
    "SequenceName": "_tfl3d1_ns",
    "SequenceVariant": "SP_MP_OSP",
    "SeriesDescription": "T1_.8x.8x.8_224Slices",
    "modality": "T1w",
    "run_id": "01",
    "session_id": "struct02",
    "subject_id": "MSC02"
  },
  "cjv": 0.7873198086500685,
  "cnr": 1.7142247210014916,
  "efc": 0.688010397647235,
  "fber": 264.676025390625,
  "fwhm_avg": 3.4260586339867007,
  "fwhm_x": 3.476980194643029,
  "fwhm_y": 3.530989268292683,
  "fwhm_z": 3.2702064390243906,
  "icvs_csf": 0.18562429614647652,
  "icvs_gm": 0.39573673026217787,
  "icvs_wm": 0.4186389735913456,
  "inu_med": 1.1189419031143188,
  "inu_range": 0.5732206940650938,
  "provenance": {
    "md5sum": "084c1b64b8508f265c9aa878e19f4178",
    "mriqc_pred": 1,
    "settings": {
      "testing": false
    },
    "software": "mriqc",
    "version": "0.9.6",
    "warnings": {
      "large_rot_frame": true,
      "small_air_mask": false
    }
  },
  "qi_1": 0.0,
  "qi_2": 0.0014253084723534733,
  "rpve_csf": 16.836333592309565,
  "rpve_gm": 8.15716285803774,
  "rpve_wm": 9.19832965661641,
  "size_x": 224,
  "size_y": 256,
  "size_z": 256,
  "snr_csf": 2.4388251427513983,
  "snr_gm": 7.917694161541294,
  "snr_total": 7.742588041404159,
  "snr_wm": 12.871244819919784,
  "snrd_csf": 8.9911152367415,
  "snrd_gm": 20.18453640033661,
  "snrd_total": 18.362351596527724,
  "snrd_wm": 25.91140315250506,
  "spacing_x": 0.8000016808509827,
  "spacing_y": 0.80078125,
  "spacing_z": 0.80078125,
  "summary_bg_k": 20.07153106667106,
  "summary_bg_mad": 25.285675048828125,
  "summary_bg_mean": 43.25712203979492,
  "summary_bg_median": 37.291412353515625,
  "summary_bg_n": 3146082.0,
  "summary_bg_p05": 8.05367693901062,
  "summary_bg_p95": 99.94542312622065,
  "summary_bg_stdv": 30.131437301635742,
  "summary_csf_k": 2.808803324660486,
  "summary_csf_mad": 126.57132720947266,
  "summary_csf_mean": 371.7948303222656,
  "summary_csf_median": 347.0215148925781,
  "summary_csf_n": 57845.0,
  "summary_csf_p05": 183.69409790039063,
  "summary_csf_p95": 633.4166137695311,
  "summary_csf_stdv": 142.28921508789062,
  "summary_gm_k": -0.008469516679627365,
  "summary_gm_mad": 98.624267578125,
  "summary_gm_mean": 782.2224731445312,
  "summary_gm_median": 779.0433349609375,
  "summary_gm_n": 43438.0,
  "summary_gm_p05": 626.4976287841796,
  "summary_gm_p95": 948.8458282470705,
  "summary_gm_stdv": 98.39157104492188,
  "summary_wm_k": 0.33482073199875817,
  "summary_wm_mad": 75.4005126953125,
  "summary_wm_mean": 1003.5514526367188,
  "summary_wm_median": 1000.0777587890625,
  "summary_wm_n": 601208.0,
  "summary_wm_p05": 882.2813720703125,
  "summary_wm_p95": 1136.7564880371094,
  "summary_wm_stdv": 77.69853973388672,
  "tpm_overlap_csf": 0.23482434451580048,
  "tpm_overlap_gm": 0.4779720902442932,
  "tpm_overlap_wm": 0.5504733324050903,
  "wm2max": 0.5423063717301889
}